{
  "aor": 0.0016473239436619717,
  "aqi": 0.009798029126760562,
  "bids_meta": {
    "AcquisitionMatrixPE": 88,
    "AcquisitionNumber": 1,
    "AcquisitionTime": "17:31:46.642500",
    "BandwidthPerPixelPhaseEncode": 43.706,
    "BaseResolution": 88,
    "BodyPartExamined": "BRAIN",
    "ConsistencyInfo": "N4_VE11C_LATEST_20160120",
    "ConversionSoftware": "dcm2niix",
    "ConversionSoftwareVersion": "v1.0.20171215 (OpenJPEG build) GCC7.3.0",
    "DerivedVendorReportedEchoSpacing": 0.000520003,
    "DeviceSerialNumber": "66108",
    "DwellTime": 2.5e-06,
    "EchoTime": 0.026,
    "EchoTrainLength": 43,
    "EffectiveEchoSpacing": 0.000260002,
    "FlipAngle": 70,
    "ImageOrientationPatientDICOM": [
      0.999138,
      -0.0133613,
      0.0392963,
      0.01744,
      0.994282,
      -0.105356
    ],
    "ImageType": [
      "ORIGINAL",
      "PRIMARY",
      "M",
      "ND",
      "NORM",
      "MOSAIC"
    ],
    "InPlanePhaseEncodingDirectionDICOM": "COL",
    "InstitutionAddress": "Huron_325_TORONTO_ONTARIO_CA_M5S_3G3",
    "InstitutionName": "University_of_Toronto",
    "InstitutionalDepartmentName": "Department",
    "MRAcquisitionType": "2D",
    "MagneticFieldStrength": 3,
    "Manufacturer": "Siemens",
    "ManufacturersModelName": "Prisma",
    "Modality": "MR",
    "MultibandAccelerationFactor": 2,
    "ParallelReductionFactorInPlane": 2,
    "PartialFourier": 1,
    "PatientPosition": "HFS",
    "PercentPhaseFOV": 100,
    "PhaseEncodingDirection": "j-",
    "PhaseEncodingSteps": 87,
    "PhaseResolution": 1,
    "PixelBandwidth": 2275,
    "ProcedureStepDescription": "Cunningham_Nathan",
    "ProtocolName": "ep2d_p2s2_run2",
    "PulseSequenceDetails": "%SiemensSeq%_ep2d_bold",
    "ReceiveCoilActiveElements": "HEA;HEP",
    "ReceiveCoilName": "Head_32",
    "ReconMatrixPE": 88,
    "RepetitionTime": 1.5,
    "SAR": 0.0696036,
    "ScanOptions": "FS",
    "ScanningSequence": "EP",
    "SequenceName": "_epfid2d1_88",
    "SequenceVariant": "SK",
    "SeriesDescription": "ep2d_p2s2_run2",
    "SeriesNumber": 7,
    "ShimSetting": [
      -1024,
      -7017,
      -6337,
      326,
      -52,
      27,
      -28,
      -56
    ],
    "SliceThickness": 2.5,
    "SliceTiming": [
      0.715,
      0,
      0.7675,
      0.055,
      0.8225,
      0.11,
      0.8775,
      0.165,
      0.9325,
      0.22,
      0.9875,
      0.275,
      1.0425,
      0.33,
      1.0975,
      0.385,
      1.1525,
      0.44,
      1.2075,
      0.495,
      1.2625,
      0.55,
      1.3175,
      0.605,
      1.3725,
      0.66,
      1.4275,
      0.715,
      0,
      0.7675,
      0.055,
      0.8225,
      0.11,
      0.8775,
      0.165,
      0.9325,
      0.22,
      0.9875,
      0.275,
      1.0425,
      0.33,
      1.0975,
      0.385,
      1.1525,
      0.44,
      1.2075,
      0.495,
      1.2625,
      0.55,
      1.3175,
      0.605,
      1.3725,
      0.66,
      1.4275
    ],
    "SoftwareVersions": "syngo_MR_E11",
    "SpacingBetweenSlices": 3,
    "StationName": "AWP66108",
    "TaskName": "roletrait",
    "TotalReadoutTime": 0.0226202,
    "TxRefAmp": 266.818,
    "dataset": "ds002294",
    "modality": "bold",
    "run_id": 2,
    "subject_id": "050",
    "task_id": "roletrait"
  },
  "dummy_trs": 0,
  "dvars_nstd": 34.77997278762714,
  "dvars_std": 1.328155984322035,
  "dvars_vstd": 1.0203849737570618,
  "efc": 0.483343512818476,
  "fber": 3403.843017578125,
  "fd_mean": 0.10251476651041748,
  "fd_num": 4,
  "fd_perc": 1.1267605633802817,
  "fwhm_avg": 1.6906962222222222,
  "fwhm_x": 1.659864,
  "fwhm_y": 1.870968,
  "fwhm_z": 1.5412566666666667,
  "gcor": 0.00678753,
  "gsr_x": -0.005519309546798468,
  "gsr_y": 0.015075301751494408,
  "provenance": {
    "md5sum": "bc9669a53affaeee751129cd90364dcf",
    "settings": {
      "fd_thres": 0.2,
      "testing": false
    },
    "software": "mriqc",
    "version": "22.0.6",
    "webapi_port": null,
    "webapi_url": "https://mriqc.nimh.nih.gov/api/v1"
  },
  "size_t": 355,
  "size_x": 88,
  "size_y": 88,
  "size_z": 54,
  "snr": 6.243976236820099,
  "spacing_tr": 1.5,
  "spacing_x": 2.5,
  "spacing_y": 2.5,
  "spacing_z": 3.0,
  "summary_bg_k": 22.072083882072377,
  "summary_bg_mad": 6.264516321627637,
  "summary_bg_mean": 23.69791603088379,
  "summary_bg_median": 7.805633544921875,
  "summary_bg_n": 290595.0,
  "summary_bg_p05": 2.7774646282196045,
  "summary_bg_p95": 99.23746261596676,
  "summary_bg_stdv": 43.73198699951172,
  "summary_fg_k": 1.8346129084205378,
  "summary_fg_mad": 71.14400310005632,
  "summary_fg_mean": 458.46234130859375,
  "summary_fg_median": 452.52392578125,
  "summary_fg_n": 65989.0,
  "summary_fg_p05": 361.012939453125,
  "summary_fg_p95": 579.5723510742187,
  "summary_fg_stdv": 72.47312927246094,
  "tsnr": 55.208874836564064
}