{
  "aor": 0.0014704507042253524,
  "aqi": 0.009056929718309861,
  "bids_meta": {
    "AcquisitionMatrixPE": 88,
    "AcquisitionNumber": 1,
    "AcquisitionTime": "17:41:41.645000",
    "BandwidthPerPixelPhaseEncode": 43.706,
    "BaseResolution": 88,
    "BodyPartExamined": "BRAIN",
    "ConsistencyInfo": "N4_VE11C_LATEST_20160120",
    "ConversionSoftware": "dcm2niix",
    "ConversionSoftwareVersion": "v1.0.20171215 (OpenJPEG build) GCC7.3.0",
    "DerivedVendorReportedEchoSpacing": 0.000520003,
    "DeviceSerialNumber": "66108",
    "DwellTime": 2.5e-06,
    "EchoTime": 0.026,
    "EchoTrainLength": 43,
    "EffectiveEchoSpacing": 0.000260002,
    "FlipAngle": 70,
    "ImageOrientationPatientDICOM": [
      0.999138,
      -0.0133613,
      0.0392963,
      0.01744,
      0.994282,
      -0.105356
    ],
    "ImageType": [
      "ORIGINAL",
      "PRIMARY",
      "M",
      "ND",
      "NORM",
      "MOSAIC"
    ],
    "InPlanePhaseEncodingDirectionDICOM": "COL",
    "InstitutionAddress": "Huron_325_TORONTO_ONTARIO_CA_M5S_3G3",
    "InstitutionName": "University_of_Toronto",
    "InstitutionalDepartmentName": "Department",
    "MRAcquisitionType": "2D",
    "MagneticFieldStrength": 3,
    "Manufacturer": "Siemens",
    "ManufacturersModelName": "Prisma",
    "Modality": "MR",
    "MultibandAccelerationFactor": 2,
    "ParallelReductionFactorInPlane": 2,
    "PartialFourier": 1,
    "PatientPosition": "HFS",
    "PercentPhaseFOV": 100,
    "PhaseEncodingDirection": "j-",
    "PhaseEncodingSteps": 87,
    "PhaseResolution": 1,
    "PixelBandwidth": 2275,
    "ProcedureStepDescription": "Cunningham_Nathan",
    "ProtocolName": "ep2d_p2s2_run3",
    "PulseSequenceDetails": "%SiemensSeq%_ep2d_bold",
    "ReceiveCoilActiveElements": "HEA;HEP",
    "ReceiveCoilName": "Head_32",
    "ReconMatrixPE": 88,
    "RepetitionTime": 1.5,
    "SAR": 0.0696036,
    "ScanOptions": "FS",
    "ScanningSequence": "EP",
    "SequenceName": "_epfid2d1_88",
    "SequenceVariant": "SK",
    "SeriesDescription": "ep2d_p2s2_run3",
    "SeriesNumber": 8,
    "ShimSetting": [
      -1024,
      -7017,
      -6337,
      326,
      -52,
      27,
      -28,
      -56
    ],
    "SliceThickness": 2.5,
    "SliceTiming": [
      0.7125,
      0,
      0.7675,
      0.055,
      0.8225,
      0.11,
      0.8775,
      0.165,
      0.9325,
      0.22,
      0.9875,
      0.275,
      1.0425,
      0.33,
      1.0975,
      0.3825,
      1.15,
      0.4375,
      1.205,
      0.4925,
      1.26,
      0.5475,
      1.315,
      0.6025,
      1.37,
      0.6575,
      1.425,
      0.7125,
      0,
      0.7675,
      0.055,
      0.8225,
      0.11,
      0.8775,
      0.165,
      0.9325,
      0.22,
      0.9875,
      0.275,
      1.0425,
      0.33,
      1.0975,
      0.3825,
      1.15,
      0.4375,
      1.205,
      0.4925,
      1.26,
      0.5475,
      1.315,
      0.6025,
      1.37,
      0.6575,
      1.425
    ],
    "SoftwareVersions": "syngo_MR_E11",
    "SpacingBetweenSlices": 3,
    "StationName": "AWP66108",
    "TaskName": "roletrait",
    "TotalReadoutTime": 0.0226202,
    "TxRefAmp": 266.818,
    "dataset": "ds002294",
    "modality": "bold",
    "run_id": 3,
    "subject_id": "050",
    "task_id": "roletrait"
  },
  "dummy_trs": 0,
  "dvars_nstd": 33.678119944689264,
  "dvars_std": 1.3132904755932204,
  "dvars_vstd": 1.0206096841807908,
  "efc": 0.4840395437222253,
  "fber": 3402.86279296875,
  "fd_mean": 0.10419781242957793,
  "fd_num": 7,
  "fd_perc": 1.971830985915493,
  "fwhm_avg": 1.6827908888888887,
  "fwhm_x": 1.6581839999999999,
  "fwhm_y": 1.857592,
  "fwhm_z": 1.5325966666666666,
  "gcor": 0.00642075,
  "gsr_x": -0.0056236619129776955,
  "gsr_y": 0.015857884660363197,
  "provenance": {
    "md5sum": "9d8d1898fee64e13ad01dbdf70603dcf",
    "settings": {
      "fd_thres": 0.2,
      "testing": false
    },
    "software": "mriqc",
    "version": "22.0.6",
    "webapi_port": null,
    "webapi_url": "https://mriqc.nimh.nih.gov/api/v1"
  },
  "size_t": 355,
  "size_x": 88,
  "size_y": 88,
  "size_z": 54,
  "snr": 6.221302363588666,
  "spacing_tr": 1.5,
  "spacing_x": 2.5,
  "spacing_y": 2.5,
  "spacing_z": 3.0,
  "summary_bg_k": 21.433372216826314,
  "summary_bg_mad": 6.322984727293648,
  "summary_bg_mean": 23.861488342285156,
  "summary_bg_median": 7.802816390991211,
  "summary_bg_n": 290683.0,
  "summary_bg_p05": 2.760563373565674,
  "summary_bg_p95": 100.56591110229482,
  "summary_bg_stdv": 43.57492446899414,
  "summary_fg_k": 1.9313240453914275,
  "summary_fg_mad": 71.14821092495626,
  "summary_fg_mean": 457.840087890625,
  "summary_fg_median": 451.8450622558594,
  "summary_fg_n": 66009.0,
  "summary_fg_p05": 360.4929504394531,
  "summary_fg_p95": 578.7120971679688,
  "summary_fg_stdv": 72.62814331054688,
  "tsnr": 56.42817707546055
}