{
  "bids_meta": {
    "AcquisitionMatrixPE": 192,
    "AcquisitionNumber": 1,
    "AcquisitionTime": "11:47:6.247500",
    "BaseResolution": 256,
    "BodyPartExamined": "BRAIN",
    "ConsistencyInfo": "N4_VE11C_LATEST_20160120",
    "ConversionSoftware": "dcm2niix",
    "ConversionSoftwareVersion": "v1.0.20171215 (OpenJPEG build) GCC7.3.0",
    "DeviceSerialNumber": "66108",
    "DwellTime": 7.5e-06,
    "EchoTime": 0.0024,
    "FlipAngle": 9,
    "ImageOrientationPatientDICOM": [
      0.998461,
      -0.0518017,
      0.0198138,
      0.0525019,
      0.997949,
      -0.0366215
    ],
    "ImageType": [
      "ORIGINAL",
      "PRIMARY",
      "M",
      "ND",
      "NORM",
      "FM3",
      "2",
      "FIL"
    ],
    "InPlanePhaseEncodingDirectionDICOM": "ROW",
    "InstitutionAddress": "Huron_325_TORONTO_ONTARIO_CA_M5S_3G3",
    "InstitutionName": "University_of_Toronto",
    "InstitutionalDepartmentName": "Department",
    "InversionTime": 1.1,
    "MRAcquisitionType": "3D",
    "MagneticFieldStrength": 3,
    "Manufacturer": "Siemens",
    "ManufacturersModelName": "Prisma",
    "Modality": "MR",
    "ParallelReductionFactorInPlane": 2,
    "PartialFourier": 1,
    "PatientPosition": "HFS",
    "PercentPhaseFOV": 75,
    "PhaseEncodingSteps": 191,
    "PhaseResolution": 1,
    "PixelBandwidth": 260,
    "ProcedureStepDescription": "Cunningham_Nathan",
    "ProtocolName": "t1_mprage_tra_p2_iso",
    "PulseSequenceDetails": "%SiemensSeq%_tfl",
    "ReceiveCoilActiveElements": "HEA;HEP",
    "ReceiveCoilName": "Head_32",
    "ReconMatrixPE": 256,
    "RepetitionTime": 2,
    "SAR": 0.0516515,
    "ScanOptions": "IR",
    "ScanningSequence": "GR_IR",
    "SequenceName": "_tfl3d1_16",
    "SequenceVariant": "SK_SP_MP",
    "SeriesDescription": "t1_mprage_tra_p2_iso",
    "SeriesNumber": 12,
    "ShimSetting": [
      -1026,
      -6983,
      -6652,
      -33,
      -35,
      26,
      -37,
      -58
    ],
    "SliceThickness": 1,
    "SoftwareVersions": "syngo_MR_E11",
    "StationName": "AWP66108",
    "TxRefAmp": 254.988,
    "dataset": "ds002294",
    "modality": "T1w",
    "subject_id": "037"
  },
  "cjv": 0.3354037926521496,
  "cnr": 3.888408340406536,
  "efc": 0.8457005915631234,
  "fber": -1.0,
  "fwhm_avg": 4.005328758463454,
  "fwhm_x": 3.83673,
  "fwhm_y": 4.27372,
  "fwhm_z": 3.905536275390362,
  "icvs_csf": 0.23326941730505138,
  "icvs_gm": 0.3823452675424808,
  "icvs_wm": 0.38438531515246777,
  "inu_med": 0.7279361486434937,
  "inu_range": 0.19361355006694803,
  "provenance": {
    "md5sum": "57bcd1d79e39ceec121549911ddc4a08",
    "settings": {
      "testing": false
    },
    "software": "mriqc",
    "version": "22.0.6",
    "warnings": {
      "large_rot_frame": true,
      "small_air_mask": true
    },
    "webapi_port": null,
    "webapi_url": "https://mriqc.nimh.nih.gov/api/v1"
  },
  "qi_1": -1.0,
  "qi_2": 0.0,
  "rpve_csf": 18.563048113403514,
  "rpve_gm": 10.714109895971518,
  "rpve_wm": 14.233608553597717,
  "size_x": 192,
  "size_y": 256,
  "size_z": 160,
  "snr_csf": 2.4713517972681234,
  "snr_gm": 7.554129156340941,
  "snr_total": 9.569930882020449,
  "snr_wm": 18.68431169245228,
  "snrd_csf": -1.0,
  "snrd_gm": -1.0,
  "snrd_total": -1.0,
  "snrd_wm": -1.0,
  "spacing_x": 1.0,
  "spacing_y": 1.0,
  "spacing_z": 1.0000009536743164,
  "summary_bg_k": 0.0,
  "summary_bg_mad": 0.0,
  "summary_bg_mean": 0.0,
  "summary_bg_median": 0.0,
  "summary_bg_n": 0.0,
  "summary_bg_p05": 0.0,
  "summary_bg_p95": 0.0,
  "summary_bg_stdv": 0.0,
  "summary_csf_k": 17.73309322969608,
  "summary_csf_mad": 83.58105233564127,
  "summary_csf_mean": 218.46770559050213,
  "summary_csf_median": 218.3064357507974,
  "summary_csf_n": 5501.0,
  "summary_csf_p05": 85.43709508515894,
  "summary_csf_p95": 351.17577641643584,
  "summary_csf_stdv": 88.32679857976908,
  "summary_gm_k": 0.4485984778148353,
  "summary_gm_mad": 79.09400369734553,
  "summary_gm_mean": 619.4652394763659,
  "summary_gm_median": 619.3082149168476,
  "summary_gm_n": 17264.0,
  "summary_gm_p05": 485.22617788799107,
  "summary_gm_p95": 752.1459200251848,
  "summary_gm_stdv": 81.98036668880647,
  "summary_wm_k": 0.8988984742163293,
  "summary_wm_mad": 48.5914535464222,
  "summary_wm_mean": 1000.8309843959931,
  "summary_wm_median": 999.999966295436,
  "summary_wm_n": 182708.0,
  "summary_wm_p05": 914.2254252657294,
  "summary_wm_p95": 1088.9095910537055,
  "summary_wm_stdv": 53.52068870102921,
  "tpm_overlap_csf": 0.12518870253773767,
  "tpm_overlap_gm": 0.40792822381450733,
  "tpm_overlap_wm": 0.48813959057189654,
  "wm2max": 0.8488360942615567
}