{
  "bids_meta": {
    "AcquisitionMatrixPE": 192,
    "AcquisitionNumber": 1,
    "AcquisitionTime": "10:47:58.252500",
    "BaseResolution": 256,
    "BodyPartExamined": "BRAIN",
    "ConsistencyInfo": "N4_VE11C_LATEST_20160120",
    "ConversionSoftware": "dcm2niix",
    "ConversionSoftwareVersion": "v1.0.20171215 (OpenJPEG build) GCC7.3.0",
    "DeviceSerialNumber": "66108",
    "DwellTime": 7.5e-06,
    "EchoTime": 0.0024,
    "FlipAngle": 9,
    "ImageOrientationPatientDICOM": [
      0.99963,
      -0.0179565,
      -0.0204342,
      0.016227,
      0.996511,
      -0.0818648
    ],
    "ImageType": [
      "ORIGINAL",
      "PRIMARY",
      "M",
      "ND",
      "NORM",
      "FM3",
      "2",
      "FIL"
    ],
    "InPlanePhaseEncodingDirectionDICOM": "ROW",
    "InstitutionAddress": "Huron_325_TORONTO_ONTARIO_CA_M5S_3G3",
    "InstitutionName": "University_of_Toronto",
    "InstitutionalDepartmentName": "Department",
    "InversionTime": 1.1,
    "MRAcquisitionType": "3D",
    "MagneticFieldStrength": 3,
    "Manufacturer": "Siemens",
    "ManufacturersModelName": "Prisma",
    "Modality": "MR",
    "ParallelReductionFactorInPlane": 2,
    "PartialFourier": 1,
    "PatientPosition": "HFS",
    "PercentPhaseFOV": 75,
    "PhaseEncodingSteps": 191,
    "PhaseResolution": 1,
    "PixelBandwidth": 260,
    "ProcedureStepDescription": "Cunningham_Nathan",
    "ProtocolName": "t1_mprage_tra_p2_iso",
    "PulseSequenceDetails": "%SiemensSeq%_tfl",
    "ReceiveCoilActiveElements": "HEA;HEP",
    "ReceiveCoilName": "Head_32",
    "ReconMatrixPE": 256,
    "RepetitionTime": 2,
    "SAR": 0.0594171,
    "ScanOptions": "IR",
    "ScanningSequence": "GR_IR",
    "SequenceName": "_tfl3d1_16",
    "SequenceVariant": "SK_SP_MP",
    "SeriesDescription": "t1_mprage_tra_p2_iso",
    "SeriesNumber": 12,
    "ShimSetting": [
      -1026,
      -6983,
      -6652,
      -33,
      -35,
      26,
      -37,
      -58
    ],
    "SliceThickness": 1,
    "SoftwareVersions": "syngo_MR_E11",
    "StationName": "AWP66108",
    "TxRefAmp": 254.958,
    "dataset": "ds002294",
    "modality": "T1w",
    "subject_id": "023"
  },
  "cjv": 0.33869378920548193,
  "cnr": 3.846622697957698,
  "efc": 0.847093943783554,
  "fber": -1.0,
  "fwhm_avg": 4.038956512085218,
  "fwhm_x": 3.93743,
  "fwhm_y": 4.28927,
  "fwhm_z": 3.8901695362556534,
  "icvs_csf": 0.23717742100428088,
  "icvs_gm": 0.37062842879985647,
  "icvs_wm": 0.3921941501958627,
  "inu_med": 0.6926827430725098,
  "inu_range": 0.20651978254318237,
  "provenance": {
    "md5sum": "2904a4ccf4fbe531583389560cb2c550",
    "settings": {
      "testing": false
    },
    "software": "mriqc",
    "version": "22.0.6",
    "warnings": {
      "large_rot_frame": true,
      "small_air_mask": true
    },
    "webapi_port": null,
    "webapi_url": "https://mriqc.nimh.nih.gov/api/v1"
  },
  "qi_1": -1.0,
  "qi_2": 0.0,
  "rpve_csf": 16.58473697240814,
  "rpve_gm": 9.709833386298634,
  "rpve_wm": 12.258249242990287,
  "size_x": 192,
  "size_y": 256,
  "size_z": 160,
  "snr_csf": 2.4437930698040766,
  "snr_gm": 7.913656926921473,
  "snr_total": 9.91940228737431,
  "snr_wm": 19.400756865397383,
  "snrd_csf": -1.0,
  "snrd_gm": -1.0,
  "snrd_total": -1.0,
  "snrd_wm": -1.0,
  "spacing_x": 1.0,
  "spacing_y": 1.0,
  "spacing_z": 1.0000001192092896,
  "summary_bg_k": 0.0,
  "summary_bg_mad": 0.0,
  "summary_bg_mean": 0.0,
  "summary_bg_median": 0.0,
  "summary_bg_n": 0.0,
  "summary_bg_p05": 0.0,
  "summary_bg_p95": 0.0,
  "summary_bg_stdv": 0.0,
  "summary_csf_k": 0.32474097847519134,
  "summary_csf_mad": 91.8926110548953,
  "summary_csf_mean": 226.3240588662239,
  "summary_csf_median": 224.71474685147405,
  "summary_csf_n": 8749.0,
  "summary_csf_p05": 82.0753497697413,
  "summary_csf_p95": 381.7179759986699,
  "summary_csf_stdv": 91.9480077714325,
  "summary_gm_k": 0.35767474758743134,
  "summary_gm_mad": 75.99732786443407,
  "summary_gm_mean": 631.6368585865698,
  "summary_gm_median": 633.6921415571123,
  "summary_gm_n": 13253.0,
  "summary_gm_p05": 496.7836379043758,
  "summary_gm_p95": 760.3918185230344,
  "summary_gm_stdv": 80.07274506081411,
  "summary_wm_k": 0.6499190996671946,
  "summary_wm_mad": 48.06886844344297,
  "summary_wm_mean": 999.7031795679292,
  "summary_wm_median": 999.9999991618097,
  "summary_wm_n": 205077.0,
  "summary_wm_p05": 913.7524211931974,
  "summary_wm_p95": 1082.3035512994975,
  "summary_wm_stdv": 51.54425510242813,
  "tpm_overlap_csf": 0.11350885573047036,
  "tpm_overlap_gm": 0.3884582446733451,
  "tpm_overlap_wm": 0.4783072624638488,
  "wm2max": 0.8565552862963991
}