{
  "aor": 0.00204856338028169,
  "aqi": 0.011292826563380282,
  "bids_meta": {
    "AcquisitionMatrixPE": 88,
    "AcquisitionNumber": 1,
    "AcquisitionTime": "10:38:5.525000",
    "BandwidthPerPixelPhaseEncode": 43.706,
    "BaseResolution": 88,
    "BodyPartExamined": "BRAIN",
    "ConsistencyInfo": "N4_VE11C_LATEST_20160120",
    "ConversionSoftware": "dcm2niix",
    "ConversionSoftwareVersion": "v1.0.20171215 (OpenJPEG build) GCC7.3.0",
    "DerivedVendorReportedEchoSpacing": 0.000520003,
    "DeviceSerialNumber": "66108",
    "DwellTime": 2.5e-06,
    "EchoTime": 0.026,
    "EchoTrainLength": 43,
    "EffectiveEchoSpacing": 0.000260002,
    "FlipAngle": 70,
    "ImageOrientationPatientDICOM": [
      0.999046,
      0.010796,
      0.0423089,
      -0.00523105,
      0.991566,
      -0.129498
    ],
    "ImageType": [
      "ORIGINAL",
      "PRIMARY",
      "M",
      "ND",
      "NORM",
      "MOSAIC"
    ],
    "InPlanePhaseEncodingDirectionDICOM": "COL",
    "InstitutionAddress": "Huron_325_TORONTO_ONTARIO_CA_M5S_3G3",
    "InstitutionName": "University_of_Toronto",
    "InstitutionalDepartmentName": "Department",
    "MRAcquisitionType": "2D",
    "MagneticFieldStrength": 3,
    "Manufacturer": "Siemens",
    "ManufacturersModelName": "Prisma",
    "Modality": "MR",
    "MultibandAccelerationFactor": 2,
    "ParallelReductionFactorInPlane": 2,
    "PartialFourier": 1,
    "PatientPosition": "HFS",
    "PercentPhaseFOV": 100,
    "PhaseEncodingDirection": "j-",
    "PhaseEncodingSteps": 87,
    "PhaseResolution": 1,
    "PixelBandwidth": 2275,
    "ProcedureStepDescription": "Cunningham_Nathan",
    "ProtocolName": "ep2d_p2s2_run4",
    "PulseSequenceDetails": "%SiemensSeq%_ep2d_bold",
    "ReceiveCoilActiveElements": "HEA;HEP",
    "ReceiveCoilName": "Head_32",
    "ReconMatrixPE": 88,
    "RepetitionTime": 1.5,
    "SAR": 0.0781465,
    "ScanOptions": "FS",
    "ScanningSequence": "EP",
    "SequenceName": "_epfid2d1_88",
    "SequenceVariant": "SK",
    "SeriesDescription": "ep2d_p2s2_run4",
    "SeriesNumber": 9,
    "ShimSetting": [
      -998,
      -7080,
      -6373,
      401,
      30,
      -87,
      133,
      90
    ],
    "SliceThickness": 2.5,
    "SliceTiming": [
      0.7125,
      0,
      0.7675,
      0.055,
      0.8225,
      0.11,
      0.8775,
      0.165,
      0.9325,
      0.22,
      0.9875,
      0.275,
      1.0425,
      0.33,
      1.0975,
      0.3825,
      1.15,
      0.4375,
      1.205,
      0.4925,
      1.26,
      0.5475,
      1.315,
      0.6025,
      1.37,
      0.6575,
      1.425,
      0.7125,
      0,
      0.7675,
      0.055,
      0.8225,
      0.11,
      0.8775,
      0.165,
      0.9325,
      0.22,
      0.9875,
      0.275,
      1.0425,
      0.33,
      1.0975,
      0.3825,
      1.15,
      0.4375,
      1.205,
      0.4925,
      1.26,
      0.5475,
      1.315,
      0.6025,
      1.37,
      0.6575,
      1.425
    ],
    "SoftwareVersions": "syngo_MR_E11",
    "SpacingBetweenSlices": 3,
    "StationName": "AWP66108",
    "TaskName": "roletrait",
    "TotalReadoutTime": 0.0226202,
    "TxRefAmp": 271.04,
    "dataset": "ds002294",
    "modality": "bold",
    "run_id": 4,
    "subject_id": "036",
    "task_id": "roletrait"
  },
  "dummy_trs": 0,
  "dvars_nstd": 32.087660061892656,
  "dvars_std": 1.2066122148022602,
  "dvars_vstd": 1.032003621779661,
  "efc": 0.5005832792273747,
  "fber": 3460.03662109375,
  "fd_mean": 0.11703720089577965,
  "fd_num": 29,
  "fd_perc": 8.169014084507042,
  "fwhm_avg": 1.7285146666666666,
  "fwhm_x": 1.7048159999999999,
  "fwhm_y": 1.905228,
  "fwhm_z": 1.5755,
  "gcor": 0.0186843,
  "gsr_x": 0.01831301674246788,
  "gsr_y": 0.017590142786502838,
  "provenance": {
    "md5sum": "2987852040582df5a91f8791a4ef29d8",
    "settings": {
      "fd_thres": 0.2,
      "testing": false
    },
    "software": "mriqc",
    "version": "22.0.6",
    "webapi_port": null,
    "webapi_url": "https://mriqc.nimh.nih.gov/api/v1"
  },
  "size_t": 355,
  "size_x": 88,
  "size_y": 88,
  "size_z": 54,
  "snr": 6.444823717962561,
  "spacing_tr": 1.5,
  "spacing_x": 2.5,
  "spacing_y": 2.5,
  "spacing_z": 3.0,
  "summary_bg_k": 16.11409976449675,
  "summary_bg_mad": 6.5443313752745,
  "summary_bg_mean": 28.35405731201172,
  "summary_bg_median": 8.104225158691406,
  "summary_bg_n": 284557.0,
  "summary_bg_p05": 2.8507041931152344,
  "summary_bg_p95": 138.78590393066406,
  "summary_bg_stdv": 53.7706184387207,
  "summary_fg_k": 2.434599632980757,
  "summary_fg_mad": 68.5337942992266,
  "summary_fg_mean": 484.2357177734375,
  "summary_fg_median": 479.152099609375,
  "summary_fg_n": 70219.0,
  "summary_fg_p05": 382.1301300048828,
  "summary_fg_p95": 605.2875732421875,
  "summary_fg_stdv": 74.34628295898438,
  "tsnr": 50.67190943635069
}