{
  "aor": 0.0011554084507042254,
  "aqi": 0.01233457214084507,
  "bids_meta": {
    "AcquisitionMatrixPE": 88,
    "AcquisitionNumber": 1,
    "AcquisitionTime": "10:08:41.540000",
    "BandwidthPerPixelPhaseEncode": 43.706,
    "BaseResolution": 88,
    "BodyPartExamined": "BRAIN",
    "ConsistencyInfo": "N4_VE11C_LATEST_20160120",
    "ConversionSoftware": "dcm2niix",
    "ConversionSoftwareVersion": "v1.0.20171215 (OpenJPEG build) GCC7.3.0",
    "DerivedVendorReportedEchoSpacing": 0.000520003,
    "DeviceSerialNumber": "66108",
    "DwellTime": 2.5e-06,
    "EchoTime": 0.026,
    "EchoTrainLength": 43,
    "EffectiveEchoSpacing": 0.000260002,
    "FlipAngle": 70,
    "ImageOrientationPatientDICOM": [
      0.999046,
      0.010796,
      0.0423089,
      -0.00523105,
      0.991566,
      -0.129498
    ],
    "ImageType": [
      "ORIGINAL",
      "PRIMARY",
      "M",
      "ND",
      "NORM",
      "MOSAIC"
    ],
    "InPlanePhaseEncodingDirectionDICOM": "COL",
    "InstitutionAddress": "Huron_325_TORONTO_ONTARIO_CA_M5S_3G3",
    "InstitutionName": "University_of_Toronto",
    "InstitutionalDepartmentName": "Department",
    "MRAcquisitionType": "2D",
    "MagneticFieldStrength": 3,
    "Manufacturer": "Siemens",
    "ManufacturersModelName": "Prisma",
    "Modality": "MR",
    "MultibandAccelerationFactor": 2,
    "ParallelReductionFactorInPlane": 2,
    "PartialFourier": 1,
    "PatientPosition": "HFS",
    "PercentPhaseFOV": 100,
    "PhaseEncodingDirection": "j-",
    "PhaseEncodingSteps": 87,
    "PhaseResolution": 1,
    "PixelBandwidth": 2275,
    "ProcedureStepDescription": "Cunningham_Nathan",
    "ProtocolName": "ep2d_p2s2_run1",
    "PulseSequenceDetails": "%SiemensSeq%_ep2d_bold",
    "ReceiveCoilActiveElements": "HEA;HEP",
    "ReceiveCoilName": "Head_32",
    "ReconMatrixPE": 88,
    "RepetitionTime": 1.5,
    "SAR": 0.0781465,
    "ScanOptions": "FS",
    "ScanningSequence": "EP",
    "SequenceName": "_epfid2d1_88",
    "SequenceVariant": "SK",
    "SeriesDescription": "ep2d_p2s2_run1",
    "SeriesNumber": 6,
    "ShimSetting": [
      -994,
      -7069,
      -6344,
      486,
      59,
      -48,
      179,
      104
    ],
    "SliceThickness": 2.5,
    "SliceTiming": [
      0.7125,
      0,
      0.7675,
      0.055,
      0.8225,
      0.11,
      0.8775,
      0.165,
      0.9325,
      0.22,
      0.9875,
      0.275,
      1.0425,
      0.33,
      1.0975,
      0.385,
      1.15,
      0.4375,
      1.205,
      0.4925,
      1.26,
      0.5475,
      1.315,
      0.6025,
      1.37,
      0.6575,
      1.425,
      0.7125,
      0,
      0.7675,
      0.055,
      0.8225,
      0.11,
      0.8775,
      0.165,
      0.9325,
      0.22,
      0.9875,
      0.275,
      1.0425,
      0.33,
      1.0975,
      0.385,
      1.15,
      0.4375,
      1.205,
      0.4925,
      1.26,
      0.5475,
      1.315,
      0.6025,
      1.37,
      0.6575,
      1.425
    ],
    "SoftwareVersions": "syngo_MR_E11",
    "SpacingBetweenSlices": 3,
    "StationName": "AWP66108",
    "TaskName": "roletrait",
    "TotalReadoutTime": 0.0226202,
    "TxRefAmp": 271.04,
    "dataset": "ds002294",
    "modality": "bold",
    "run_id": 1,
    "subject_id": "036",
    "task_id": "roletrait"
  },
  "dummy_trs": 0,
  "dvars_nstd": 32.61452701822037,
  "dvars_std": 1.207044835903955,
  "dvars_vstd": 1.008200644152542,
  "efc": 0.5007059589399494,
  "fber": 3448.1953125,
  "fd_mean": 0.10494591486301513,
  "fd_num": 24,
  "fd_perc": 6.76056338028169,
  "fwhm_avg": 1.7556224444444444,
  "fwhm_x": 1.727916,
  "fwhm_y": 1.9281279999999998,
  "fwhm_z": 1.6108233333333333,
  "gcor": 0.0134267,
  "gsr_x": 0.010806825011968613,
  "gsr_y": 0.015274487435817719,
  "provenance": {
    "md5sum": "7ea97d2ab1b16eee8ccd5fc2cb45fb37",
    "settings": {
      "fd_thres": 0.2,
      "testing": false
    },
    "software": "mriqc",
    "version": "22.0.6",
    "webapi_port": null,
    "webapi_url": "https://mriqc.nimh.nih.gov/api/v1"
  },
  "size_t": 355,
  "size_x": 88,
  "size_y": 88,
  "size_z": 54,
  "snr": 6.449713879848713,
  "spacing_tr": 1.5,
  "spacing_x": 2.5,
  "spacing_y": 2.5,
  "spacing_z": 3.0,
  "summary_bg_k": 18.04599899946727,
  "summary_bg_mad": 6.565212494252472,
  "summary_bg_mean": 27.433921813964844,
  "summary_bg_median": 8.132393836975098,
  "summary_bg_n": 282676.0,
  "summary_bg_p05": 2.8394365310668945,
  "summary_bg_p95": 132.23239517211914,
  "summary_bg_stdv": 52.43299102783203,
  "summary_fg_k": 2.254190040276068,
  "summary_fg_mad": 69.2897096820566,
  "summary_fg_mean": 488.10101318359375,
  "summary_fg_median": 482.7521057128906,
  "summary_fg_n": 70333.0,
  "summary_fg_p05": 384.2867492675781,
  "summary_fg_p95": 611.2343505859372,
  "summary_fg_stdv": 74.84807586669922,
  "tsnr": 49.027577228844166
}