{
  "aor": 0.0007750704225352112,
  "aqi": 0.020208954929577465,
  "bids_meta": {
    "AcquisitionMatrixPE": 88,
    "AcquisitionNumber": 1,
    "AcquisitionTime": "10:28:24.990000",
    "BandwidthPerPixelPhaseEncode": 43.706,
    "BaseResolution": 88,
    "BodyPartExamined": "BRAIN",
    "ConsistencyInfo": "N4_VE11C_LATEST_20160120",
    "ConversionSoftware": "dcm2niix",
    "ConversionSoftwareVersion": "v1.0.20171215 (OpenJPEG build) GCC7.3.0",
    "DerivedVendorReportedEchoSpacing": 0.000520003,
    "DeviceSerialNumber": "66108",
    "DwellTime": 2.5e-06,
    "EchoTime": 0.026,
    "EchoTrainLength": 43,
    "EffectiveEchoSpacing": 0.000260002,
    "FlipAngle": 70,
    "ImageOrientationPatientDICOM": [
      0.999046,
      0.010796,
      0.0423089,
      -0.00523105,
      0.991566,
      -0.129498
    ],
    "ImageType": [
      "ORIGINAL",
      "PRIMARY",
      "M",
      "ND",
      "NORM",
      "MOSAIC"
    ],
    "InPlanePhaseEncodingDirectionDICOM": "COL",
    "InstitutionAddress": "Huron_325_TORONTO_ONTARIO_CA_M5S_3G3",
    "InstitutionName": "University_of_Toronto",
    "InstitutionalDepartmentName": "Department",
    "MRAcquisitionType": "2D",
    "MagneticFieldStrength": 3,
    "Manufacturer": "Siemens",
    "ManufacturersModelName": "Prisma",
    "Modality": "MR",
    "MultibandAccelerationFactor": 2,
    "ParallelReductionFactorInPlane": 2,
    "PartialFourier": 1,
    "PatientPosition": "HFS",
    "PercentPhaseFOV": 100,
    "PhaseEncodingDirection": "j-",
    "PhaseEncodingSteps": 87,
    "PhaseResolution": 1,
    "PixelBandwidth": 2275,
    "ProcedureStepDescription": "Cunningham_Nathan",
    "ProtocolName": "ep2d_p2s2_run3",
    "PulseSequenceDetails": "%SiemensSeq%_ep2d_bold",
    "ReceiveCoilActiveElements": "HEA;HEP",
    "ReceiveCoilName": "Head_32",
    "ReconMatrixPE": 88,
    "RepetitionTime": 1.5,
    "SAR": 0.0781465,
    "ScanOptions": "FS",
    "ScanningSequence": "EP",
    "SequenceName": "_epfid2d1_88",
    "SequenceVariant": "SK",
    "SeriesDescription": "ep2d_p2s2_run3",
    "SeriesNumber": 8,
    "ShimSetting": [
      -998,
      -7080,
      -6373,
      401,
      30,
      -87,
      133,
      90
    ],
    "SliceThickness": 2.5,
    "SliceTiming": [
      0.7125,
      0,
      0.7675,
      0.055,
      0.8225,
      0.11,
      0.8775,
      0.165,
      0.93,
      0.2175,
      0.985,
      0.2725,
      1.04,
      0.3275,
      1.095,
      0.3825,
      1.15,
      0.4375,
      1.205,
      0.4925,
      1.26,
      0.5475,
      1.315,
      0.6025,
      1.37,
      0.6575,
      1.425,
      0.7125,
      0,
      0.7675,
      0.055,
      0.8225,
      0.11,
      0.8775,
      0.165,
      0.93,
      0.2175,
      0.985,
      0.2725,
      1.04,
      0.3275,
      1.095,
      0.3825,
      1.15,
      0.4375,
      1.205,
      0.4925,
      1.26,
      0.5475,
      1.315,
      0.6025,
      1.37,
      0.6575,
      1.425
    ],
    "SoftwareVersions": "syngo_MR_E11",
    "SpacingBetweenSlices": 3,
    "StationName": "AWP66108",
    "TaskName": "roletrait",
    "TotalReadoutTime": 0.0226202,
    "TxRefAmp": 271.04,
    "dataset": "ds002294",
    "modality": "bold",
    "run_id": 3,
    "subject_id": "036",
    "task_id": "roletrait"
  },
  "dummy_trs": 0,
  "dvars_nstd": 32.5711910766102,
  "dvars_std": 1.110574587796609,
  "dvars_vstd": 0.9582344998022602,
  "efc": 0.5010182292687236,
  "fber": 3432.013427734375,
  "fd_mean": 0.1342941658275865,
  "fd_num": 49,
  "fd_perc": 13.80281690140845,
  "fwhm_avg": 1.7486615555555556,
  "fwhm_x": 1.726772,
  "fwhm_y": 1.9306360000000002,
  "fwhm_z": 1.5885766666666665,
  "gcor": 0.0142688,
  "gsr_x": 0.017927613109350204,
  "gsr_y": 0.01806439831852913,
  "provenance": {
    "md5sum": "22603e043589faf0767519138379cb65",
    "settings": {
      "fd_thres": 0.2,
      "testing": false
    },
    "software": "mriqc",
    "version": "22.0.6",
    "webapi_port": null,
    "webapi_url": "https://mriqc.nimh.nih.gov/api/v1"
  },
  "size_t": 355,
  "size_x": 88,
  "size_y": 88,
  "size_z": 54,
  "snr": 6.486223183513577,
  "spacing_tr": 1.5,
  "spacing_x": 2.5,
  "spacing_y": 2.5,
  "spacing_z": 3.0,
  "summary_bg_k": 16.26552645118313,
  "summary_bg_mad": 6.684238725357974,
  "summary_bg_mean": 28.398456573486328,
  "summary_bg_median": 8.15633773803711,
  "summary_bg_n": 284582.0,
  "summary_bg_p05": 2.8197181224823,
  "summary_bg_p95": 137.92337188720717,
  "summary_bg_stdv": 53.396629333496094,
  "summary_fg_k": 2.3742671582010084,
  "summary_fg_mad": 67.9366451268683,
  "summary_fg_mean": 483.9144592285156,
  "summary_fg_median": 478.39715576171875,
  "summary_fg_n": 70201.0,
  "summary_fg_p05": 382.3380126953125,
  "summary_fg_p95": 604.9774169921875,
  "summary_fg_stdv": 73.75536346435547,
  "tsnr": 40.37171077635139
}