{
  "bids_meta": {
    "AcquisitionMatrixPE": 192,
    "AcquisitionNumber": 1,
    "AcquisitionTime": "11:43:43.010000",
    "BaseResolution": 256,
    "BodyPartExamined": "BRAIN",
    "ConsistencyInfo": "N4_VE11C_LATEST_20160120",
    "ConversionSoftware": "dcm2niix",
    "ConversionSoftwareVersion": "v1.0.20171215 (OpenJPEG build) GCC7.3.0",
    "DeviceSerialNumber": "66108",
    "DwellTime": 7.5e-06,
    "EchoTime": 0.0024,
    "FlipAngle": 9,
    "ImageOrientationPatientDICOM": [
      0.999229,
      0.0389815,
      -0.00466698,
      -0.0392598,
      0.992359,
      -0.116973
    ],
    "ImageType": [
      "ORIGINAL",
      "PRIMARY",
      "M",
      "ND",
      "NORM",
      "FM3",
      "2",
      "FIL"
    ],
    "InPlanePhaseEncodingDirectionDICOM": "ROW",
    "InstitutionAddress": "Huron_325_TORONTO_ONTARIO_CA_M5S_3G3",
    "InstitutionName": "University_of_Toronto",
    "InstitutionalDepartmentName": "Department",
    "InversionTime": 1.1,
    "MRAcquisitionType": "3D",
    "MagneticFieldStrength": 3,
    "Manufacturer": "Siemens",
    "ManufacturersModelName": "Prisma",
    "Modality": "MR",
    "ParallelReductionFactorInPlane": 2,
    "PartialFourier": 1,
    "PatientPosition": "HFS",
    "PercentPhaseFOV": 75,
    "PhaseEncodingSteps": 191,
    "PhaseResolution": 1,
    "PixelBandwidth": 260,
    "ProcedureStepDescription": "Cunningham_Nathan",
    "ProtocolName": "t1_mprage_tra_p2_iso",
    "PulseSequenceDetails": "%SiemensSeq%_tfl",
    "ReceiveCoilActiveElements": "HEA;HEP",
    "ReceiveCoilName": "Head_32",
    "ReconMatrixPE": 256,
    "RepetitionTime": 2,
    "SAR": 0.0549715,
    "ScanOptions": "IR",
    "ScanningSequence": "GR_IR",
    "SequenceName": "_tfl3d1_16",
    "SequenceVariant": "SK_SP_MP",
    "SeriesDescription": "t1_mprage_tra_p2_iso",
    "SeriesNumber": 12,
    "ShimSetting": [
      -1026,
      -6983,
      -6652,
      -33,
      -35,
      26,
      -37,
      -58
    ],
    "SliceThickness": 1,
    "SoftwareVersions": "syngo_MR_E11",
    "StationName": "AWP66108",
    "TxRefAmp": 246.232,
    "dataset": "ds002294",
    "modality": "T1w",
    "subject_id": "024"
  },
  "cjv": 0.37126530247222067,
  "cnr": 3.51673003783236,
  "efc": 0.833215386938601,
  "fber": 12766.320298707993,
  "fwhm_avg": 4.005662697149578,
  "fwhm_x": 3.81623,
  "fwhm_y": 4.32213,
  "fwhm_z": 3.8786280914487365,
  "icvs_csf": 0.2458902380189906,
  "icvs_gm": 0.3736289085888046,
  "icvs_wm": 0.38048085339220483,
  "inu_med": 0.7736247777938843,
  "inu_range": 0.1992388367652893,
  "provenance": {
    "md5sum": "83f5fa43907af0e0439d2c92871f0327",
    "settings": {
      "testing": false
    },
    "software": "mriqc",
    "version": "22.0.6",
    "warnings": {
      "large_rot_frame": true,
      "small_air_mask": true
    },
    "webapi_port": null,
    "webapi_url": "https://mriqc.nimh.nih.gov/api/v1"
  },
  "qi_1": -1.0,
  "qi_2": 0.0,
  "rpve_csf": 17.025940548937466,
  "rpve_gm": 10.180196637007715,
  "rpve_wm": 13.45574681403636,
  "size_x": 192,
  "size_y": 256,
  "size_z": 160,
  "snr_csf": 2.4981138943849945,
  "snr_gm": 7.311257874929769,
  "snr_total": 8.443519982304492,
  "snr_wm": 15.521188177598711,
  "snrd_csf": -1.0,
  "snrd_gm": -1.0,
  "snrd_total": -1.0,
  "snrd_wm": -1.0,
  "spacing_x": 1.0,
  "spacing_y": 1.0,
  "spacing_z": 0.9999979138374329,
  "summary_bg_k": 0.0,
  "summary_bg_mad": 0.0,
  "summary_bg_mean": 0.0,
  "summary_bg_median": 0.0,
  "summary_bg_n": 0.0,
  "summary_bg_p05": 0.0,
  "summary_bg_p95": 0.0,
  "summary_bg_stdv": 0.0,
  "summary_csf_k": -0.2574880746103436,
  "summary_csf_mad": 93.8065265458698,
  "summary_csf_mean": 222.94875153833874,
  "summary_csf_median": 221.88051833957434,
  "summary_csf_n": 5612.0,
  "summary_csf_p05": 76.56243532896042,
  "summary_csf_p95": 369.6395666338502,
  "summary_csf_stdv": 88.81130262228295,
  "summary_gm_k": 0.6117083948502202,
  "summary_gm_mad": 82.31187908843063,
  "summary_gm_mean": 621.9287876847728,
  "summary_gm_median": 623.9623416289687,
  "summary_gm_n": 10714.0,
  "summary_gm_p05": 478.74963949844243,
  "summary_gm_p95": 754.9238927002997,
  "summary_gm_stdv": 85.33869719871588,
  "summary_wm_k": 0.6596726295062649,
  "summary_wm_mad": 57.297868185903475,
  "summary_wm_mean": 1005.0605491091198,
  "summary_wm_median": 1000.0000331252813,
  "summary_wm_n": 177905.0,
  "summary_wm_p05": 907.2003397420049,
  "summary_wm_p95": 1124.2849527224898,
  "summary_wm_stdv": 64.42787827775726,
  "tpm_overlap_csf": 0.11127292969252003,
  "tpm_overlap_gm": 0.37779137889805586,
  "tpm_overlap_wm": 0.4668656031785924,
  "wm2max": 0.8288413547237077
}