{
  "aor": 0.0007927887323943661,
  "aqi": 0.008962046112676056,
  "bids_meta": {
    "AcquisitionMatrixPE": 88,
    "AcquisitionNumber": 1,
    "AcquisitionTime": "16:45:19.277500",
    "BandwidthPerPixelPhaseEncode": 43.706,
    "BaseResolution": 88,
    "BodyPartExamined": "BRAIN",
    "ConsistencyInfo": "N4_VE11C_LATEST_20160120",
    "ConversionSoftware": "dcm2niix",
    "ConversionSoftwareVersion": "v1.0.20171215 (OpenJPEG build) GCC7.3.0",
    "DerivedVendorReportedEchoSpacing": 0.000520003,
    "DeviceSerialNumber": "66108",
    "DwellTime": 2.5e-06,
    "EchoTime": 0.026,
    "EchoTrainLength": 43,
    "EffectiveEchoSpacing": 0.000260002,
    "FlipAngle": 70,
    "ImageOrientationPatientDICOM": [
      0.998482,
      0.0479628,
      -0.0270865,
      -0.0488339,
      0.998279,
      -0.0324706
    ],
    "ImageType": [
      "ORIGINAL",
      "PRIMARY",
      "M",
      "ND",
      "NORM",
      "MOSAIC"
    ],
    "InPlanePhaseEncodingDirectionDICOM": "COL",
    "InstitutionAddress": "Huron_325_TORONTO_ONTARIO_CA_M5S_3G3",
    "InstitutionName": "University_of_Toronto",
    "InstitutionalDepartmentName": "Department",
    "MRAcquisitionType": "2D",
    "MagneticFieldStrength": 3,
    "Manufacturer": "Siemens",
    "ManufacturersModelName": "Prisma",
    "Modality": "MR",
    "MultibandAccelerationFactor": 2,
    "ParallelReductionFactorInPlane": 2,
    "PartialFourier": 1,
    "PatientPosition": "HFS",
    "PercentPhaseFOV": 100,
    "PhaseEncodingDirection": "j-",
    "PhaseEncodingSteps": 87,
    "PhaseResolution": 1,
    "PixelBandwidth": 2275,
    "ProcedureStepDescription": "Cunningham_Nathan",
    "ProtocolName": "ep2d_p2s2_run3",
    "PulseSequenceDetails": "%SiemensSeq%_ep2d_bold",
    "ReceiveCoilActiveElements": "HEA;HEP",
    "ReceiveCoilName": "Head_32",
    "ReconMatrixPE": 88,
    "RepetitionTime": 1.5,
    "SAR": 0.0682183,
    "ScanOptions": "FS",
    "ScanningSequence": "EP",
    "SequenceName": "_epfid2d1_88",
    "SequenceVariant": "SK",
    "SeriesDescription": "ep2d_p2s2_run3",
    "SeriesNumber": 8,
    "ShimSetting": [
      -1024,
      -7028,
      -6418,
      399,
      -29,
      -84,
      28,
      -71
    ],
    "SliceThickness": 2.5,
    "SliceTiming": [
      0.7125,
      0,
      0.7675,
      0.055,
      0.8225,
      0.11,
      0.8775,
      0.165,
      0.9325,
      0.22,
      0.9875,
      0.275,
      1.04,
      0.3275,
      1.095,
      0.3825,
      1.15,
      0.4375,
      1.205,
      0.4925,
      1.26,
      0.5475,
      1.315,
      0.6025,
      1.37,
      0.6575,
      1.425,
      0.7125,
      0,
      0.7675,
      0.055,
      0.8225,
      0.11,
      0.8775,
      0.165,
      0.9325,
      0.22,
      0.9875,
      0.275,
      1.04,
      0.3275,
      1.095,
      0.3825,
      1.15,
      0.4375,
      1.205,
      0.4925,
      1.26,
      0.5475,
      1.315,
      0.6025,
      1.37,
      0.6575,
      1.425
    ],
    "SoftwareVersions": "syngo_MR_E11",
    "SpacingBetweenSlices": 3,
    "StationName": "AWP66108",
    "TaskName": "roletrait",
    "TotalReadoutTime": 0.0226202,
    "TxRefAmp": 234.57,
    "dataset": "ds002294",
    "modality": "bold",
    "run_id": 3,
    "subject_id": "031",
    "task_id": "roletrait"
  },
  "dummy_trs": 0,
  "dvars_nstd": 26.24897928293786,
  "dvars_std": 1.1865622001129936,
  "dvars_vstd": 1.003725186553672,
  "efc": 0.45143162029976297,
  "fber": 4175.638671875,
  "fd_mean": 0.10472307299357705,
  "fd_num": 7,
  "fd_perc": 1.971830985915493,
  "fwhm_avg": 1.5554628888888888,
  "fwhm_x": 1.52922,
  "fwhm_y": 1.678592,
  "fwhm_z": 1.4585766666666666,
  "gcor": 0.00971597,
  "gsr_x": -0.01664804480969906,
  "gsr_y": 0.01192866638302803,
  "provenance": {
    "md5sum": "a37c2e45b0af81cadcf3340c925205e1",
    "settings": {
      "fd_thres": 0.2,
      "testing": false
    },
    "software": "mriqc",
    "version": "22.0.6",
    "webapi_port": null,
    "webapi_url": "https://mriqc.nimh.nih.gov/api/v1"
  },
  "size_t": 355,
  "size_x": 88,
  "size_y": 88,
  "size_z": 54,
  "snr": 7.305181547334614,
  "spacing_tr": 1.5,
  "spacing_x": 2.5,
  "spacing_y": 2.5,
  "spacing_z": 3.0,
  "summary_bg_k": 21.872565505400466,
  "summary_bg_mad": 5.324839103145435,
  "summary_bg_mean": 22.896636962890625,
  "summary_bg_median": 7.456337928771973,
  "summary_bg_n": 304323.0,
  "summary_bg_p05": 2.7830984592437744,
  "summary_bg_p95": 104.98675918579033,
  "summary_bg_stdv": 45.28428649902344,
  "summary_fg_k": 3.0860510500777263,
  "summary_fg_mad": 64.29063271921946,
  "summary_fg_mean": 483.9521179199219,
  "summary_fg_median": 479.28729248046875,
  "summary_fg_n": 54979.0,
  "summary_fg_p05": 396.35182800292966,
  "summary_fg_p95": 588.4459106445312,
  "summary_fg_stdv": 65.60862731933594,
  "tsnr": 61.488915579160675
}