{
  "aor": 0.0007341971830985915,
  "aqi": 0.0094713318028169,
  "bids_meta": {
    "AcquisitionMatrixPE": 88,
    "AcquisitionNumber": 1,
    "AcquisitionTime": "16:26:1.105000",
    "BandwidthPerPixelPhaseEncode": 43.706,
    "BaseResolution": 88,
    "BodyPartExamined": "BRAIN",
    "ConsistencyInfo": "N4_VE11C_LATEST_20160120",
    "ConversionSoftware": "dcm2niix",
    "ConversionSoftwareVersion": "v1.0.20171215 (OpenJPEG build) GCC7.3.0",
    "DerivedVendorReportedEchoSpacing": 0.000520003,
    "DeviceSerialNumber": "66108",
    "DwellTime": 2.5e-06,
    "EchoTime": 0.026,
    "EchoTrainLength": 43,
    "EffectiveEchoSpacing": 0.000260002,
    "FlipAngle": 70,
    "ImageOrientationPatientDICOM": [
      0.998482,
      0.0479628,
      -0.0270865,
      -0.0488339,
      0.998279,
      -0.0324706
    ],
    "ImageType": [
      "ORIGINAL",
      "PRIMARY",
      "M",
      "ND",
      "NORM",
      "MOSAIC"
    ],
    "InPlanePhaseEncodingDirectionDICOM": "COL",
    "InstitutionAddress": "Huron_325_TORONTO_ONTARIO_CA_M5S_3G3",
    "InstitutionName": "University_of_Toronto",
    "InstitutionalDepartmentName": "Department",
    "MRAcquisitionType": "2D",
    "MagneticFieldStrength": 3,
    "Manufacturer": "Siemens",
    "ManufacturersModelName": "Prisma",
    "Modality": "MR",
    "MultibandAccelerationFactor": 2,
    "ParallelReductionFactorInPlane": 2,
    "PartialFourier": 1,
    "PatientPosition": "HFS",
    "PercentPhaseFOV": 100,
    "PhaseEncodingDirection": "j-",
    "PhaseEncodingSteps": 87,
    "PhaseResolution": 1,
    "PixelBandwidth": 2275,
    "ProcedureStepDescription": "Cunningham_Nathan",
    "ProtocolName": "ep2d_p2s2_run1",
    "PulseSequenceDetails": "%SiemensSeq%_ep2d_bold",
    "ReceiveCoilActiveElements": "HEA;HEP",
    "ReceiveCoilName": "Head_32",
    "ReconMatrixPE": 88,
    "RepetitionTime": 1.5,
    "SAR": 0.0682183,
    "ScanOptions": "FS",
    "ScanningSequence": "EP",
    "SequenceName": "_epfid2d1_88",
    "SequenceVariant": "SK",
    "SeriesDescription": "ep2d_p2s2_run1",
    "SeriesNumber": 6,
    "ShimSetting": [
      -1021,
      -7032,
      -6417,
      423,
      -11,
      -93,
      67,
      -54
    ],
    "SliceThickness": 2.5,
    "SliceTiming": [
      0.7125,
      0,
      0.765,
      0.0525,
      0.82,
      0.1075,
      0.875,
      0.1625,
      0.93,
      0.2175,
      0.985,
      0.2725,
      1.04,
      0.3275,
      1.095,
      0.3825,
      1.15,
      0.4375,
      1.205,
      0.4925,
      1.26,
      0.5475,
      1.315,
      0.6025,
      1.37,
      0.6575,
      1.425,
      0.7125,
      0,
      0.765,
      0.0525,
      0.82,
      0.1075,
      0.875,
      0.1625,
      0.93,
      0.2175,
      0.985,
      0.2725,
      1.04,
      0.3275,
      1.095,
      0.3825,
      1.15,
      0.4375,
      1.205,
      0.4925,
      1.26,
      0.5475,
      1.315,
      0.6025,
      1.37,
      0.6575,
      1.425
    ],
    "SoftwareVersions": "syngo_MR_E11",
    "SpacingBetweenSlices": 3,
    "StationName": "AWP66108",
    "TaskName": "roletrait",
    "TotalReadoutTime": 0.0226202,
    "TxRefAmp": 234.57,
    "dataset": "ds002294",
    "modality": "bold",
    "run_id": 1,
    "subject_id": "031",
    "task_id": "roletrait"
  },
  "dummy_trs": 0,
  "dvars_nstd": 27.524116025932216,
  "dvars_std": 1.2199915352824846,
  "dvars_vstd": 1.0071498055932215,
  "efc": 0.4516550747167945,
  "fber": 4215.73681640625,
  "fd_mean": 0.10969193059677748,
  "fd_num": 9,
  "fd_perc": 2.535211267605634,
  "fwhm_avg": 1.5647386666666667,
  "fwhm_x": 1.5350920000000001,
  "fwhm_y": 1.678804,
  "fwhm_z": 1.4803199999999999,
  "gcor": 0.0180617,
  "gsr_x": -0.016581935808062553,
  "gsr_y": 0.011867216788232327,
  "provenance": {
    "md5sum": "54088c9b5b0517f7659198fda912e53b",
    "settings": {
      "fd_thres": 0.2,
      "testing": false
    },
    "software": "mriqc",
    "version": "22.0.6",
    "webapi_port": null,
    "webapi_url": "https://mriqc.nimh.nih.gov/api/v1"
  },
  "size_t": 355,
  "size_x": 88,
  "size_y": 88,
  "size_z": 54,
  "snr": 7.290567732296374,
  "spacing_tr": 1.5,
  "spacing_x": 2.5,
  "spacing_y": 2.5,
  "spacing_z": 3.0,
  "summary_bg_k": 21.744079783776467,
  "summary_bg_mad": 5.383307508811447,
  "summary_bg_mean": 22.88055419921875,
  "summary_bg_median": 7.422534942626953,
  "summary_bg_n": 303976.0,
  "summary_bg_p05": 2.7774646282196045,
  "summary_bg_p95": 104.5908432006836,
  "summary_bg_stdv": 45.76981735229492,
  "summary_fg_k": 2.9887700408485838,
  "summary_fg_mad": 64.65404400520082,
  "summary_fg_mean": 484.1652526855469,
  "summary_fg_median": 479.4816589355469,
  "summary_fg_n": 55119.0,
  "summary_fg_p05": 396.43576965332034,
  "summary_fg_p95": 589.7892639160157,
  "summary_fg_stdv": 65.76679992675781,
  "tsnr": 59.05380943790078
}