{
  "aor": 0.0005052676056338029,
  "aqi": 0.01056933357746479,
  "bids_meta": {
    "AcquisitionMatrixPE": 88,
    "AcquisitionNumber": 1,
    "AcquisitionTime": "16:35:43.650000",
    "BandwidthPerPixelPhaseEncode": 43.706,
    "BaseResolution": 88,
    "BodyPartExamined": "BRAIN",
    "ConsistencyInfo": "N4_VE11C_LATEST_20160120",
    "ConversionSoftware": "dcm2niix",
    "ConversionSoftwareVersion": "v1.0.20171215 (OpenJPEG build) GCC7.3.0",
    "DerivedVendorReportedEchoSpacing": 0.000520003,
    "DeviceSerialNumber": "66108",
    "DwellTime": 2.5e-06,
    "EchoTime": 0.026,
    "EchoTrainLength": 43,
    "EffectiveEchoSpacing": 0.000260002,
    "FlipAngle": 70,
    "ImageOrientationPatientDICOM": [
      0.998482,
      0.0479628,
      -0.0270865,
      -0.0488339,
      0.998279,
      -0.0324706
    ],
    "ImageType": [
      "ORIGINAL",
      "PRIMARY",
      "M",
      "ND",
      "NORM",
      "MOSAIC"
    ],
    "InPlanePhaseEncodingDirectionDICOM": "COL",
    "InstitutionAddress": "Huron_325_TORONTO_ONTARIO_CA_M5S_3G3",
    "InstitutionName": "University_of_Toronto",
    "InstitutionalDepartmentName": "Department",
    "MRAcquisitionType": "2D",
    "MagneticFieldStrength": 3,
    "Manufacturer": "Siemens",
    "ManufacturersModelName": "Prisma",
    "Modality": "MR",
    "MultibandAccelerationFactor": 2,
    "ParallelReductionFactorInPlane": 2,
    "PartialFourier": 1,
    "PatientPosition": "HFS",
    "PercentPhaseFOV": 100,
    "PhaseEncodingDirection": "j-",
    "PhaseEncodingSteps": 87,
    "PhaseResolution": 1,
    "PixelBandwidth": 2275,
    "ProcedureStepDescription": "Cunningham_Nathan",
    "ProtocolName": "ep2d_p2s2_run2",
    "PulseSequenceDetails": "%SiemensSeq%_ep2d_bold",
    "ReceiveCoilActiveElements": "HEA;HEP",
    "ReceiveCoilName": "Head_32",
    "ReconMatrixPE": 88,
    "RepetitionTime": 1.5,
    "SAR": 0.0682183,
    "ScanOptions": "FS",
    "ScanningSequence": "EP",
    "SequenceName": "_epfid2d1_88",
    "SequenceVariant": "SK",
    "SeriesDescription": "ep2d_p2s2_run2",
    "SeriesNumber": 7,
    "ShimSetting": [
      -1024,
      -7028,
      -6418,
      399,
      -29,
      -84,
      28,
      -71
    ],
    "SliceThickness": 2.5,
    "SliceTiming": [
      0.7125,
      0,
      0.7675,
      0.055,
      0.8225,
      0.11,
      0.8775,
      0.165,
      0.9325,
      0.22,
      0.9875,
      0.275,
      1.0425,
      0.33,
      1.0975,
      0.385,
      1.15,
      0.4375,
      1.205,
      0.4925,
      1.26,
      0.5475,
      1.315,
      0.6025,
      1.37,
      0.6575,
      1.425,
      0.7125,
      0,
      0.7675,
      0.055,
      0.8225,
      0.11,
      0.8775,
      0.165,
      0.9325,
      0.22,
      0.9875,
      0.275,
      1.0425,
      0.33,
      1.0975,
      0.385,
      1.15,
      0.4375,
      1.205,
      0.4925,
      1.26,
      0.5475,
      1.315,
      0.6025,
      1.37,
      0.6575,
      1.425
    ],
    "SoftwareVersions": "syngo_MR_E11",
    "SpacingBetweenSlices": 3,
    "StationName": "AWP66108",
    "TaskName": "roletrait",
    "TotalReadoutTime": 0.0226202,
    "TxRefAmp": 234.57,
    "dataset": "ds002294",
    "modality": "bold",
    "run_id": 2,
    "subject_id": "031",
    "task_id": "roletrait"
  },
  "dummy_trs": 0,
  "dvars_nstd": 26.666107673446337,
  "dvars_std": 1.1903808105649714,
  "dvars_vstd": 0.9937886678248588,
  "efc": 0.4513344332331204,
  "fber": 4208.5791015625,
  "fd_mean": 0.10266290499506782,
  "fd_num": 9,
  "fd_perc": 2.535211267605634,
  "fwhm_avg": 1.5673793333333332,
  "fwhm_x": 1.540008,
  "fwhm_y": 1.6930399999999999,
  "fwhm_z": 1.4690899999999998,
  "gcor": 0.0100973,
  "gsr_x": -0.016517946496605873,
  "gsr_y": 0.011995134875178337,
  "provenance": {
    "md5sum": "d418066b651486d981c2f77984733e6f",
    "settings": {
      "fd_thres": 0.2,
      "testing": false
    },
    "software": "mriqc",
    "version": "22.0.6",
    "webapi_port": null,
    "webapi_url": "https://mriqc.nimh.nih.gov/api/v1"
  },
  "size_t": 355,
  "size_x": 88,
  "size_y": 88,
  "size_z": 54,
  "snr": 7.288554745024218,
  "spacing_tr": 1.5,
  "spacing_x": 2.5,
  "spacing_y": 2.5,
  "spacing_z": 3.0,
  "summary_bg_k": 21.9933166970918,
  "summary_bg_mad": 5.337367491748287,
  "summary_bg_mean": 22.886659622192383,
  "summary_bg_median": 7.436619281768799,
  "summary_bg_n": 304171.0,
  "summary_bg_p05": 2.7746477127075195,
  "summary_bg_p95": 104.25774383544922,
  "summary_bg_stdv": 45.51569366455078,
  "summary_fg_k": 3.2428163597278834,
  "summary_fg_mad": 64.34076465458642,
  "summary_fg_mean": 483.90411376953125,
  "summary_fg_median": 479.0478820800781,
  "summary_fg_n": 55041.0,
  "summary_fg_p05": 396.1492919921875,
  "summary_fg_p95": 588.5042114257812,
  "summary_fg_stdv": 65.72544860839844,
  "tsnr": 58.5653222752735
}