{
  "aor": 0.005224957746478873,
  "aqi": 0.020302082394366195,
  "bids_meta": {
    "AcquisitionMatrixPE": 88,
    "AcquisitionNumber": 1,
    "AcquisitionTime": "09:36:15.552500",
    "BandwidthPerPixelPhaseEncode": 43.706,
    "BaseResolution": 88,
    "BodyPartExamined": "BRAIN",
    "ConsistencyInfo": "N4_VE11C_LATEST_20160120",
    "ConversionSoftware": "dcm2niix",
    "ConversionSoftwareVersion": "v1.0.20171215 (OpenJPEG build) GCC7.3.0",
    "DerivedVendorReportedEchoSpacing": 0.000520003,
    "DeviceSerialNumber": "66108",
    "DwellTime": 2.5e-06,
    "EchoTime": 0.026,
    "EchoTrainLength": 43,
    "EffectiveEchoSpacing": 0.000260002,
    "FlipAngle": 70,
    "ImageOrientationPatientDICOM": [
      0.997622,
      0.0639122,
      -0.0257967,
      -0.068186,
      0.969783,
      -0.234248
    ],
    "ImageType": [
      "ORIGINAL",
      "PRIMARY",
      "M",
      "ND",
      "NORM",
      "MOSAIC"
    ],
    "InPlanePhaseEncodingDirectionDICOM": "COL",
    "InstitutionAddress": "Huron_325_TORONTO_ONTARIO_CA_M5S_3G3",
    "InstitutionName": "University_of_Toronto",
    "InstitutionalDepartmentName": "Department",
    "MRAcquisitionType": "2D",
    "MagneticFieldStrength": 3,
    "Manufacturer": "Siemens",
    "ManufacturersModelName": "Prisma",
    "Modality": "MR",
    "MultibandAccelerationFactor": 2,
    "ParallelReductionFactorInPlane": 2,
    "PartialFourier": 1,
    "PatientPosition": "HFS",
    "PercentPhaseFOV": 100,
    "PhaseEncodingDirection": "j-",
    "PhaseEncodingSteps": 87,
    "PhaseResolution": 1,
    "PixelBandwidth": 2275,
    "ProcedureStepDescription": "Cunningham_Nathan",
    "ProtocolName": "ep2d_p2s2_run4",
    "PulseSequenceDetails": "%SiemensSeq%_ep2d_bold",
    "ReceiveCoilActiveElements": "HEA;HEP",
    "ReceiveCoilName": "Head_32",
    "ReconMatrixPE": 88,
    "RepetitionTime": 1.5,
    "SAR": 0.0683847,
    "ScanOptions": "FS",
    "ScanningSequence": "EP",
    "SequenceName": "_epfid2d1_88",
    "SequenceVariant": "SK",
    "SeriesDescription": "ep2d_p2s2_run4",
    "SeriesNumber": 9,
    "ShimSetting": [
      -1034,
      -6956,
      -6420,
      411,
      -56,
      149,
      -11,
      -62
    ],
    "SliceThickness": 2.5,
    "SliceTiming": [
      0.7125,
      0,
      0.7675,
      0.055,
      0.8225,
      0.11,
      0.8775,
      0.165,
      0.9325,
      0.22,
      0.985,
      0.2725,
      1.04,
      0.3275,
      1.095,
      0.3825,
      1.15,
      0.4375,
      1.205,
      0.4925,
      1.26,
      0.5475,
      1.315,
      0.6025,
      1.37,
      0.6575,
      1.425,
      0.7125,
      0,
      0.7675,
      0.055,
      0.8225,
      0.11,
      0.8775,
      0.165,
      0.9325,
      0.22,
      0.985,
      0.2725,
      1.04,
      0.3275,
      1.095,
      0.3825,
      1.15,
      0.4375,
      1.205,
      0.4925,
      1.26,
      0.5475,
      1.315,
      0.6025,
      1.37,
      0.6575,
      1.425
    ],
    "SoftwareVersions": "syngo_MR_E11",
    "SpacingBetweenSlices": 3,
    "StationName": "AWP66108",
    "TaskName": "roletrait",
    "TotalReadoutTime": 0.0226202,
    "TxRefAmp": 243.77,
    "dataset": "ds002294",
    "modality": "bold",
    "run_id": 4,
    "subject_id": "022",
    "task_id": "roletrait"
  },
  "dummy_trs": 0,
  "dvars_nstd": 34.01825487274012,
  "dvars_std": 1.1514870176553669,
  "dvars_vstd": 1.0051293644067798,
  "efc": 0.49990081134463044,
  "fber": 3554.53955078125,
  "fd_mean": 0.1866814056256671,
  "fd_num": 57,
  "fd_perc": 16.056338028169016,
  "fwhm_avg": 1.7349333333333332,
  "fwhm_x": 1.674896,
  "fwhm_y": 1.941664,
  "fwhm_z": 1.5882399999999999,
  "gcor": 0.0152859,
  "gsr_x": -0.008454959839582443,
  "gsr_y": 0.025000451132655144,
  "provenance": {
    "md5sum": "564bba043de50d078972bc4006899e1c",
    "settings": {
      "fd_thres": 0.2,
      "testing": false
    },
    "software": "mriqc",
    "version": "22.0.6",
    "webapi_port": null,
    "webapi_url": "https://mriqc.nimh.nih.gov/api/v1"
  },
  "size_t": 355,
  "size_x": 88,
  "size_y": 88,
  "size_z": 54,
  "snr": 7.029778399785893,
  "spacing_tr": 1.5,
  "spacing_x": 2.5,
  "spacing_y": 2.5,
  "spacing_z": 3.0,
  "summary_bg_k": 10.360135576996313,
  "summary_bg_mad": 5.794677182166665,
  "summary_bg_mean": 27.35492515563965,
  "summary_bg_median": 7.052112579345703,
  "summary_bg_n": 290806.0,
  "summary_bg_p05": 2.4591548442840576,
  "summary_bg_p95": 144.32746124267578,
  "summary_bg_stdv": 49.44736099243164,
  "summary_fg_k": 2.2382110406630815,
  "summary_fg_mad": 59.901328403440445,
  "summary_fg_mean": 428.32025146484375,
  "summary_fg_median": 424.6732177734375,
  "summary_fg_n": 65677.0,
  "summary_fg_p05": 346.2309875488281,
  "summary_fg_p95": 524.7442138671875,
  "summary_fg_stdv": 60.410152435302734,
  "tsnr": 39.01877718488686
}