{
  "aor": 0.002540169014084507,
  "aqi": 0.02283452470422535,
  "bids_meta": {
    "AcquisitionMatrixPE": 88,
    "AcquisitionNumber": 1,
    "AcquisitionTime": "09:07:39.210000",
    "BandwidthPerPixelPhaseEncode": 43.706,
    "BaseResolution": 88,
    "BodyPartExamined": "BRAIN",
    "ConsistencyInfo": "N4_VE11C_LATEST_20160120",
    "ConversionSoftware": "dcm2niix",
    "ConversionSoftwareVersion": "v1.0.20171215 (OpenJPEG build) GCC7.3.0",
    "DerivedVendorReportedEchoSpacing": 0.000520003,
    "DeviceSerialNumber": "66108",
    "DwellTime": 2.5e-06,
    "EchoTime": 0.026,
    "EchoTrainLength": 43,
    "EffectiveEchoSpacing": 0.000260002,
    "FlipAngle": 70,
    "ImageOrientationPatientDICOM": [
      0.997622,
      0.0639122,
      -0.0257967,
      -0.068186,
      0.969783,
      -0.234248
    ],
    "ImageType": [
      "ORIGINAL",
      "PRIMARY",
      "M",
      "ND",
      "NORM",
      "MOSAIC"
    ],
    "InPlanePhaseEncodingDirectionDICOM": "COL",
    "InstitutionAddress": "Huron_325_TORONTO_ONTARIO_CA_M5S_3G3",
    "InstitutionName": "University_of_Toronto",
    "InstitutionalDepartmentName": "Department",
    "MRAcquisitionType": "2D",
    "MagneticFieldStrength": 3,
    "Manufacturer": "Siemens",
    "ManufacturersModelName": "Prisma",
    "Modality": "MR",
    "MultibandAccelerationFactor": 2,
    "ParallelReductionFactorInPlane": 2,
    "PartialFourier": 1,
    "PatientPosition": "HFS",
    "PercentPhaseFOV": 100,
    "PhaseEncodingDirection": "j-",
    "PhaseEncodingSteps": 87,
    "PhaseResolution": 1,
    "PixelBandwidth": 2275,
    "ProcedureStepDescription": "Cunningham_Nathan",
    "ProtocolName": "ep2d_p2s2_run1",
    "PulseSequenceDetails": "%SiemensSeq%_ep2d_bold",
    "ReceiveCoilActiveElements": "HEA;HEP",
    "ReceiveCoilName": "Head_32",
    "ReconMatrixPE": 88,
    "RepetitionTime": 1.5,
    "SAR": 0.0683847,
    "ScanOptions": "FS",
    "ScanningSequence": "EP",
    "SequenceName": "_epfid2d1_88",
    "SequenceVariant": "SK",
    "SeriesDescription": "ep2d_p2s2_run1",
    "SeriesNumber": 6,
    "ShimSetting": [
      -1033,
      -6942,
      -6417,
      470,
      -36,
      243,
      12,
      -53
    ],
    "SliceThickness": 2.5,
    "SliceTiming": [
      0.7125,
      0,
      0.765,
      0.0525,
      0.82,
      0.1075,
      0.875,
      0.1625,
      0.93,
      0.2175,
      0.985,
      0.2725,
      1.04,
      0.3275,
      1.095,
      0.3825,
      1.15,
      0.4375,
      1.205,
      0.4925,
      1.26,
      0.5475,
      1.315,
      0.6025,
      1.37,
      0.6575,
      1.425,
      0.7125,
      0,
      0.765,
      0.0525,
      0.82,
      0.1075,
      0.875,
      0.1625,
      0.93,
      0.2175,
      0.985,
      0.2725,
      1.04,
      0.3275,
      1.095,
      0.3825,
      1.15,
      0.4375,
      1.205,
      0.4925,
      1.26,
      0.5475,
      1.315,
      0.6025,
      1.37,
      0.6575,
      1.425
    ],
    "SoftwareVersions": "syngo_MR_E11",
    "SpacingBetweenSlices": 3,
    "StationName": "AWP66108",
    "TaskName": "roletrait",
    "TotalReadoutTime": 0.0226202,
    "TxRefAmp": 243.77,
    "dataset": "ds002294",
    "modality": "bold",
    "run_id": 1,
    "subject_id": "022",
    "task_id": "roletrait"
  },
  "dummy_trs": 0,
  "dvars_nstd": 29.542930576186425,
  "dvars_std": 1.0717033612994356,
  "dvars_vstd": 0.960443225903955,
  "efc": 0.4972503345301603,
  "fber": 3750.071044921875,
  "fd_mean": 0.1157313261758467,
  "fd_num": 19,
  "fd_perc": 5.352112676056338,
  "fwhm_avg": 1.7395411111111112,
  "fwhm_x": 1.70682,
  "fwhm_y": 1.9601199999999999,
  "fwhm_z": 1.5516833333333333,
  "gcor": 0.0051557,
  "gsr_x": -0.009427749551832676,
  "gsr_y": 0.023485397920012474,
  "provenance": {
    "md5sum": "a15ffc33d8e2d0f1c8a20fc09b127545",
    "settings": {
      "fd_thres": 0.2,
      "testing": false
    },
    "software": "mriqc",
    "version": "22.0.6",
    "webapi_port": null,
    "webapi_url": "https://mriqc.nimh.nih.gov/api/v1"
  },
  "size_t": 355,
  "size_x": 88,
  "size_y": 88,
  "size_z": 54,
  "snr": 6.871238106947379,
  "spacing_tr": 1.5,
  "spacing_x": 2.5,
  "spacing_y": 2.5,
  "spacing_z": 3.0,
  "summary_bg_k": 11.56985726383156,
  "summary_bg_mad": 5.834352474708528,
  "summary_bg_mean": 27.162912368774414,
  "summary_bg_median": 6.963379859924316,
  "summary_bg_n": 290790.0,
  "summary_bg_p05": 2.2760562896728516,
  "summary_bg_p95": 139.90886993408193,
  "summary_bg_stdv": 49.71522903442383,
  "summary_fg_k": 2.3548966971727117,
  "summary_fg_mad": 59.97231848159094,
  "summary_fg_mean": 429.9337158203125,
  "summary_fg_median": 425.6056213378906,
  "summary_fg_n": 65693.0,
  "summary_fg_p05": 346.08787231445314,
  "summary_fg_p95": 531.1971435546875,
  "summary_fg_stdv": 61.939693450927734,
  "tsnr": 38.18966960418038
}