{
  "bids_meta": {
    "AcquisitionMatrixPE": 192,
    "AcquisitionNumber": 1,
    "AcquisitionTime": "10:08:33.955000",
    "BaseResolution": 256,
    "BodyPartExamined": "BRAIN",
    "ConsistencyInfo": "N4_VE11C_LATEST_20160120",
    "ConversionSoftware": "dcm2niix",
    "ConversionSoftwareVersion": "v1.0.20171215 (OpenJPEG build) GCC7.3.0",
    "DeviceSerialNumber": "66108",
    "DwellTime": 7.5e-06,
    "EchoTime": 0.0024,
    "FlipAngle": 9,
    "ImageOrientationPatientDICOM": [
      0.988757,
      0.146089,
      0.0318985,
      -0.144244,
      0.988066,
      -0.054036
    ],
    "ImageType": [
      "ORIGINAL",
      "PRIMARY",
      "M",
      "ND",
      "NORM",
      "FM3",
      "2",
      "FIL"
    ],
    "InPlanePhaseEncodingDirectionDICOM": "ROW",
    "InstitutionAddress": "Huron_325_TORONTO_ONTARIO_CA_M5S_3G3",
    "InstitutionName": "University_of_Toronto",
    "InstitutionalDepartmentName": "Department",
    "InversionTime": 1.1,
    "MRAcquisitionType": "3D",
    "MagneticFieldStrength": 3,
    "Manufacturer": "Siemens",
    "ManufacturersModelName": "Prisma",
    "Modality": "MR",
    "ParallelReductionFactorInPlane": 2,
    "PartialFourier": 1,
    "PatientPosition": "HFS",
    "PercentPhaseFOV": 75,
    "PhaseEncodingSteps": 191,
    "PhaseResolution": 1,
    "PixelBandwidth": 260,
    "ProcedureStepDescription": "Cunningham_Nathan",
    "ProtocolName": "t1_mprage_tra_p2_iso",
    "PulseSequenceDetails": "%SiemensSeq%_tfl",
    "ReceiveCoilActiveElements": "HEA;HEP",
    "ReceiveCoilName": "Head_32",
    "ReconMatrixPE": 256,
    "RepetitionTime": 2,
    "SAR": 0.0618196,
    "ScanOptions": "IR",
    "ScanningSequence": "GR_IR",
    "SequenceName": "_tfl3d1_16",
    "SequenceVariant": "SK_SP_MP",
    "SeriesDescription": "t1_mprage_tra_p2_iso",
    "SeriesNumber": 12,
    "ShimSetting": [
      -1026,
      -6983,
      -6652,
      -33,
      -35,
      26,
      -37,
      -58
    ],
    "SliceThickness": 1,
    "SoftwareVersions": "syngo_MR_E11",
    "StationName": "AWP66108",
    "TxRefAmp": 237.275,
    "dataset": "ds002294",
    "modality": "T1w",
    "subject_id": "015"
  },
  "cjv": 0.368500892216908,
  "cnr": 3.5483339739795077,
  "efc": 0.8470717514178245,
  "fber": -1.0,
  "fwhm_avg": 3.6283571455562615,
  "fwhm_x": 3.47769,
  "fwhm_y": 3.81566,
  "fwhm_z": 3.5917214366687853,
  "icvs_csf": 0.22251368692358012,
  "icvs_gm": 0.3912697519496101,
  "icvs_wm": 0.3862165611268098,
  "inu_med": 0.720139741897583,
  "inu_range": 0.2069387584924698,
  "provenance": {
    "md5sum": "f642f2ba762862828a397f7119a055f7",
    "settings": {
      "testing": false
    },
    "software": "mriqc",
    "version": "22.0.6",
    "warnings": {
      "large_rot_frame": true,
      "small_air_mask": true
    },
    "webapi_port": null,
    "webapi_url": "https://mriqc.nimh.nih.gov/api/v1"
  },
  "qi_1": -1.0,
  "qi_2": 0.0,
  "rpve_csf": 18.13432889755115,
  "rpve_gm": 9.863333584970361,
  "rpve_wm": 12.85827313438254,
  "size_x": 192,
  "size_y": 256,
  "size_z": 160,
  "snr_csf": 2.3726644563695243,
  "snr_gm": 7.487662354510904,
  "snr_total": 9.212890104763465,
  "snr_wm": 17.778343503409967,
  "snrd_csf": -1.0,
  "snrd_gm": -1.0,
  "snrd_total": -1.0,
  "snrd_wm": -1.0,
  "spacing_x": 1.0,
  "spacing_y": 1.0,
  "spacing_z": 1.000002384185791,
  "summary_bg_k": 0.0,
  "summary_bg_mad": 0.0,
  "summary_bg_mean": 0.0,
  "summary_bg_median": 0.0,
  "summary_bg_n": 0.0,
  "summary_bg_p05": 0.0,
  "summary_bg_p95": 0.0,
  "summary_bg_stdv": 0.0,
  "summary_csf_k": 6.140782072750005,
  "summary_csf_mad": 98.1669763307633,
  "summary_csf_mean": 238.19427947411685,
  "summary_csf_median": 235.04126378986984,
  "summary_csf_n": 7686.0,
  "summary_csf_p05": 86.91556753311306,
  "summary_csf_p95": 402.3323461851105,
  "summary_csf_stdv": 99.05571453284637,
  "summary_gm_k": 0.35290385578090255,
  "summary_gm_mad": 81.8084891875012,
  "summary_gm_mean": 636.2813567062875,
  "summary_gm_median": 637.8067260459065,
  "summary_gm_n": 14225.0,
  "summary_gm_p05": 490.71617719866333,
  "summary_gm_p95": 771.9211174082011,
  "summary_gm_stdv": 85.17802712532408,
  "summary_wm_k": 0.9374074778555839,
  "summary_wm_mad": 51.660070291479364,
  "summary_wm_mean": 1002.2118393726298,
  "summary_wm_median": 1000.0000403579324,
  "summary_wm_n": 180350.0,
  "summary_wm_p05": 913.9615328684449,
  "summary_wm_p95": 1097.2681647763584,
  "summary_wm_stdv": 56.24805639373253,
  "tpm_overlap_csf": 0.11321490704139943,
  "tpm_overlap_gm": 0.3950330883079924,
  "tpm_overlap_wm": 0.446003993241548,
  "wm2max": 0.7931374076507045
}