{
  "aor": 0.0004029014084507042,
  "aqi": 0.013329308704225355,
  "bids_meta": {
    "AcquisitionMatrixPE": 88,
    "AcquisitionNumber": 1,
    "AcquisitionTime": "09:25:7.717500",
    "BandwidthPerPixelPhaseEncode": 43.706,
    "BaseResolution": 88,
    "BodyPartExamined": "BRAIN",
    "ConsistencyInfo": "N4_VE11C_LATEST_20160120",
    "ConversionSoftware": "dcm2niix",
    "ConversionSoftwareVersion": "v1.0.20171215 (OpenJPEG build) GCC7.3.0",
    "DerivedVendorReportedEchoSpacing": 0.000520003,
    "DeviceSerialNumber": "66108",
    "DwellTime": 2.5e-06,
    "EchoTime": 0.026,
    "EchoTrainLength": 43,
    "EffectiveEchoSpacing": 0.000260002,
    "FlipAngle": 70,
    "ImageOrientationPatientDICOM": [
      0.999853,
      0.0113141,
      -0.0128976,
      -0.0122161,
      0.997319,
      -0.0721475
    ],
    "ImageType": [
      "ORIGINAL",
      "PRIMARY",
      "M",
      "ND",
      "NORM",
      "MOSAIC"
    ],
    "InPlanePhaseEncodingDirectionDICOM": "COL",
    "InstitutionAddress": "Huron_325_TORONTO_ONTARIO_CA_M5S_3G3",
    "InstitutionName": "University_of_Toronto",
    "InstitutionalDepartmentName": "Department",
    "MRAcquisitionType": "2D",
    "MagneticFieldStrength": 3,
    "Manufacturer": "Siemens",
    "ManufacturersModelName": "Prisma",
    "Modality": "MR",
    "MultibandAccelerationFactor": 2,
    "ParallelReductionFactorInPlane": 2,
    "PartialFourier": 1,
    "PatientPosition": "HFS",
    "PercentPhaseFOV": 100,
    "PhaseEncodingDirection": "j-",
    "PhaseEncodingSteps": 87,
    "PhaseResolution": 1,
    "PixelBandwidth": 2275,
    "ProcedureStepDescription": "Cunningham_Nathan",
    "ProtocolName": "ep2d_p2s2_run3",
    "PulseSequenceDetails": "%SiemensSeq%_ep2d_bold",
    "ReceiveCoilActiveElements": "HEA;HEP",
    "ReceiveCoilName": "Head_32",
    "ReconMatrixPE": 88,
    "RepetitionTime": 1.5,
    "SAR": 0.0622297,
    "ScanOptions": "FS",
    "ScanningSequence": "EP",
    "SequenceName": "_epfid2d1_88",
    "SequenceVariant": "SK",
    "SeriesDescription": "ep2d_p2s2_run3",
    "SeriesNumber": 8,
    "ShimSetting": [
      -1026,
      -7004,
      -6415,
      273,
      -17,
      11,
      -38,
      -57
    ],
    "SliceThickness": 2.5,
    "SliceTiming": [
      0.7125,
      0,
      0.7675,
      0.055,
      0.8225,
      0.11,
      0.8775,
      0.165,
      0.9325,
      0.22,
      0.9875,
      0.275,
      1.0425,
      0.33,
      1.0975,
      0.385,
      1.1525,
      0.44,
      1.2075,
      0.495,
      1.2625,
      0.55,
      1.3175,
      0.605,
      1.37,
      0.6575,
      1.425,
      0.7125,
      0,
      0.7675,
      0.055,
      0.8225,
      0.11,
      0.8775,
      0.165,
      0.9325,
      0.22,
      0.9875,
      0.275,
      1.0425,
      0.33,
      1.0975,
      0.385,
      1.1525,
      0.44,
      1.2075,
      0.495,
      1.2625,
      0.55,
      1.3175,
      0.605,
      1.37,
      0.6575,
      1.425
    ],
    "SoftwareVersions": "syngo_MR_E11",
    "SpacingBetweenSlices": 3,
    "StationName": "AWP66108",
    "TaskName": "roletrait",
    "TotalReadoutTime": 0.0226202,
    "TxRefAmp": 233.473,
    "dataset": "ds002294",
    "modality": "bold",
    "run_id": 3,
    "subject_id": "042",
    "task_id": "roletrait"
  },
  "dummy_trs": 0,
  "dvars_nstd": 29.44665559135591,
  "dvars_std": 1.2203426620338973,
  "dvars_vstd": 0.9847249061864402,
  "efc": 0.4488650008732273,
  "fber": 4939.4638671875,
  "fd_mean": 0.06296742560151865,
  "fd_num": 0,
  "fd_perc": 0.0,
  "fwhm_avg": 1.6507226666666668,
  "fwhm_x": 1.617868,
  "fwhm_y": 1.81536,
  "fwhm_z": 1.51894,
  "gcor": 0.00569101,
  "gsr_x": -0.007973013445734978,
  "gsr_y": 0.013786640018224716,
  "provenance": {
    "md5sum": "edf3dd5f2ecbcb5358caf96f4dd16751",
    "settings": {
      "fd_thres": 0.2,
      "testing": false
    },
    "software": "mriqc",
    "version": "22.0.6",
    "webapi_port": null,
    "webapi_url": "https://mriqc.nimh.nih.gov/api/v1"
  },
  "size_t": 355,
  "size_x": 88,
  "size_y": 88,
  "size_z": 54,
  "snr": 7.554388515170337,
  "spacing_tr": 1.5,
  "spacing_x": 2.5,
  "spacing_y": 2.5,
  "spacing_z": 3.0,
  "summary_bg_k": 24.261539352460588,
  "summary_bg_mad": 4.9823789251650865,
  "summary_bg_mean": 19.633594512939453,
  "summary_bg_median": 6.270422458648682,
  "summary_bg_n": 304233.0,
  "summary_bg_p05": 2.197183132171631,
  "summary_bg_p95": 85.30478515624971,
  "summary_bg_stdv": 37.61427307128906,
  "summary_fg_k": 3.204151073767804,
  "summary_fg_mad": 55.4639281966009,
  "summary_fg_mean": 441.363037109375,
  "summary_fg_median": 438.4619445800781,
  "summary_fg_n": 54958.0,
  "summary_fg_p05": 361.6558898925781,
  "summary_fg_p95": 531.3533752441406,
  "summary_fg_stdv": 58.040164947509766,
  "tsnr": 56.73654232802801
}