{
  "aor": 0.004183267605633804,
  "aqi": 0.034367140563380284,
  "bids_meta": {
    "AcquisitionMatrixPE": 88,
    "AcquisitionNumber": 1,
    "AcquisitionTime": "09:34:53.487500",
    "BandwidthPerPixelPhaseEncode": 43.706,
    "BaseResolution": 88,
    "BodyPartExamined": "BRAIN",
    "ConsistencyInfo": "N4_VE11C_LATEST_20160120",
    "ConversionSoftware": "dcm2niix",
    "ConversionSoftwareVersion": "v1.0.20171215 (OpenJPEG build) GCC7.3.0",
    "DerivedVendorReportedEchoSpacing": 0.000520003,
    "DeviceSerialNumber": "66108",
    "DwellTime": 2.5e-06,
    "EchoTime": 0.026,
    "EchoTrainLength": 43,
    "EffectiveEchoSpacing": 0.000260002,
    "FlipAngle": 70,
    "ImageOrientationPatientDICOM": [
      0.999853,
      0.0113141,
      -0.0128976,
      -0.0122161,
      0.997319,
      -0.0721475
    ],
    "ImageType": [
      "ORIGINAL",
      "PRIMARY",
      "M",
      "ND",
      "NORM",
      "MOSAIC"
    ],
    "InPlanePhaseEncodingDirectionDICOM": "COL",
    "InstitutionAddress": "Huron_325_TORONTO_ONTARIO_CA_M5S_3G3",
    "InstitutionName": "University_of_Toronto",
    "InstitutionalDepartmentName": "Department",
    "MRAcquisitionType": "2D",
    "MagneticFieldStrength": 3,
    "Manufacturer": "Siemens",
    "ManufacturersModelName": "Prisma",
    "Modality": "MR",
    "MultibandAccelerationFactor": 2,
    "ParallelReductionFactorInPlane": 2,
    "PartialFourier": 1,
    "PatientPosition": "HFS",
    "PercentPhaseFOV": 100,
    "PhaseEncodingDirection": "j-",
    "PhaseEncodingSteps": 87,
    "PhaseResolution": 1,
    "PixelBandwidth": 2275,
    "ProcedureStepDescription": "Cunningham_Nathan",
    "ProtocolName": "ep2d_p2s2_run4",
    "PulseSequenceDetails": "%SiemensSeq%_ep2d_bold",
    "ReceiveCoilActiveElements": "HEA;HEP",
    "ReceiveCoilName": "Head_32",
    "ReconMatrixPE": 88,
    "RepetitionTime": 1.5,
    "SAR": 0.0622297,
    "ScanOptions": "FS",
    "ScanningSequence": "EP",
    "SequenceName": "_epfid2d1_88",
    "SequenceVariant": "SK",
    "SeriesDescription": "ep2d_p2s2_run4",
    "SeriesNumber": 9,
    "ShimSetting": [
      -1026,
      -7004,
      -6415,
      273,
      -17,
      11,
      -38,
      -57
    ],
    "SliceThickness": 2.5,
    "SliceTiming": [
      0.7125,
      0,
      0.7675,
      0.055,
      0.8225,
      0.11,
      0.8775,
      0.165,
      0.9325,
      0.22,
      0.9875,
      0.275,
      1.0425,
      0.33,
      1.0975,
      0.385,
      1.1525,
      0.4375,
      1.205,
      0.4925,
      1.26,
      0.5475,
      1.315,
      0.6025,
      1.37,
      0.6575,
      1.425,
      0.7125,
      0,
      0.7675,
      0.055,
      0.8225,
      0.11,
      0.8775,
      0.165,
      0.9325,
      0.22,
      0.9875,
      0.275,
      1.0425,
      0.33,
      1.0975,
      0.385,
      1.1525,
      0.4375,
      1.205,
      0.4925,
      1.26,
      0.5475,
      1.315,
      0.6025,
      1.37,
      0.6575,
      1.425
    ],
    "SoftwareVersions": "syngo_MR_E11",
    "SpacingBetweenSlices": 3,
    "StationName": "AWP66108",
    "TaskName": "roletrait",
    "TotalReadoutTime": 0.0226202,
    "TxRefAmp": 233.473,
    "dataset": "ds002294",
    "modality": "bold",
    "run_id": 4,
    "subject_id": "042",
    "task_id": "roletrait"
  },
  "dummy_trs": 0,
  "dvars_nstd": 31.73351063169491,
  "dvars_std": 1.1244888719209039,
  "dvars_vstd": 0.9797970235310729,
  "efc": 0.45063679810108015,
  "fber": 4779.974609375,
  "fd_mean": 0.18008962903276654,
  "fd_num": 91,
  "fd_perc": 25.633802816901408,
  "fwhm_avg": 1.6930355555555554,
  "fwhm_x": 1.6503,
  "fwhm_y": 1.86812,
  "fwhm_z": 1.5606866666666666,
  "gcor": 0.0173912,
  "gsr_x": -0.007420976180583239,
  "gsr_y": 0.013566933572292328,
  "provenance": {
    "md5sum": "e093b143a7ea63e71ed2d8221f1eed9a",
    "settings": {
      "fd_thres": 0.2,
      "testing": false
    },
    "software": "mriqc",
    "version": "22.0.6",
    "webapi_port": null,
    "webapi_url": "https://mriqc.nimh.nih.gov/api/v1"
  },
  "size_t": 355,
  "size_x": 88,
  "size_y": 88,
  "size_z": 54,
  "snr": 7.710215930968674,
  "spacing_tr": 1.5,
  "spacing_x": 2.5,
  "spacing_y": 2.5,
  "spacing_z": 3.0,
  "summary_bg_k": 23.035699493090423,
  "summary_bg_mad": 5.174490663353104,
  "summary_bg_mean": 20.151634216308594,
  "summary_bg_median": 6.414084434509277,
  "summary_bg_n": 304193.0,
  "summary_bg_p05": 2.2225351333618164,
  "summary_bg_p95": 87.96112213134737,
  "summary_bg_stdv": 38.38389205932617,
  "summary_fg_k": 2.878593978974373,
  "summary_fg_mad": 54.83540131920921,
  "summary_fg_mean": 442.6820068359375,
  "summary_fg_median": 439.5084228515625,
  "summary_fg_n": 54982.0,
  "summary_fg_p05": 364.1325256347656,
  "summary_fg_p95": 532.1535003662109,
  "summary_fg_stdv": 57.00286865234375,
  "tsnr": 37.921577977831475
}