{
  "aor": 0.0011901971830985917,
  "aqi": 0.014304480591549294,
  "bids_meta": {
    "AcquisitionMatrixPE": 88,
    "AcquisitionNumber": 1,
    "AcquisitionTime": "09:53:28.575000",
    "BandwidthPerPixelPhaseEncode": 43.706,
    "BaseResolution": 88,
    "BodyPartExamined": "BRAIN",
    "ConsistencyInfo": "N4_VE11C_LATEST_20160120",
    "ConversionSoftware": "dcm2niix",
    "ConversionSoftwareVersion": "v1.0.20171215 (OpenJPEG build) GCC7.3.0",
    "DerivedVendorReportedEchoSpacing": 0.000520003,
    "DeviceSerialNumber": "66108",
    "DwellTime": 2.5e-06,
    "EchoTime": 0.026,
    "EchoTrainLength": 43,
    "EffectiveEchoSpacing": 0.000260002,
    "FlipAngle": 70,
    "ImageOrientationPatientDICOM": [
      0.989146,
      0.146387,
      0.0127284,
      -0.142538,
      0.976955,
      -0.158877
    ],
    "ImageType": [
      "ORIGINAL",
      "PRIMARY",
      "M",
      "ND",
      "NORM",
      "MOSAIC"
    ],
    "InPlanePhaseEncodingDirectionDICOM": "COL",
    "InstitutionAddress": "Huron_325_TORONTO_ONTARIO_CA_M5S_3G3",
    "InstitutionName": "University_of_Toronto",
    "InstitutionalDepartmentName": "Department",
    "MRAcquisitionType": "2D",
    "MagneticFieldStrength": 3,
    "Manufacturer": "Siemens",
    "ManufacturersModelName": "Prisma",
    "Modality": "MR",
    "MultibandAccelerationFactor": 2,
    "ParallelReductionFactorInPlane": 2,
    "PartialFourier": 1,
    "PatientPosition": "HFS",
    "PercentPhaseFOV": 100,
    "PhaseEncodingDirection": "j-",
    "PhaseEncodingSteps": 87,
    "PhaseResolution": 1,
    "PixelBandwidth": 2275,
    "ProcedureStepDescription": "Cunningham_Nathan",
    "ProtocolName": "ep2d_p2s2_run2",
    "PulseSequenceDetails": "%SiemensSeq%_ep2d_bold",
    "ReceiveCoilActiveElements": "HEA;HEP",
    "ReceiveCoilName": "Head_32",
    "ReconMatrixPE": 88,
    "RepetitionTime": 1.5,
    "SAR": 0.0625499,
    "ScanOptions": "FS",
    "ScanningSequence": "EP",
    "SequenceName": "_epfid2d1_88",
    "SequenceVariant": "SK",
    "SeriesDescription": "ep2d_p2s2_run2",
    "SeriesNumber": 8,
    "ShimSetting": [
      -997,
      -7005,
      -6411,
      376,
      31,
      -155,
      -15,
      -68
    ],
    "SliceThickness": 2.5,
    "SliceTiming": [
      0.7125,
      0,
      0.7675,
      0.055,
      0.8225,
      0.11,
      0.8775,
      0.165,
      0.9325,
      0.22,
      0.985,
      0.2725,
      1.04,
      0.3275,
      1.095,
      0.3825,
      1.15,
      0.4375,
      1.205,
      0.4925,
      1.26,
      0.5475,
      1.315,
      0.6025,
      1.37,
      0.6575,
      1.425,
      0.7125,
      0,
      0.7675,
      0.055,
      0.8225,
      0.11,
      0.8775,
      0.165,
      0.9325,
      0.22,
      0.985,
      0.2725,
      1.04,
      0.3275,
      1.095,
      0.3825,
      1.15,
      0.4375,
      1.205,
      0.4925,
      1.26,
      0.5475,
      1.315,
      0.6025,
      1.37,
      0.6575,
      1.425
    ],
    "SoftwareVersions": "syngo_MR_E11",
    "SpacingBetweenSlices": 3,
    "StationName": "AWP66108",
    "TaskName": "roletrait",
    "TotalReadoutTime": 0.0226202,
    "TxRefAmp": 239.999,
    "dataset": "ds002294",
    "modality": "bold",
    "run_id": 2,
    "subject_id": "013",
    "task_id": "roletrait"
  },
  "dummy_trs": 0,
  "dvars_nstd": 29.41501205240113,
  "dvars_std": 1.2576715140395482,
  "dvars_vstd": 1.011590635169492,
  "efc": 0.4535548018589014,
  "fber": 5353.2744140625,
  "fd_mean": 0.11651576907297675,
  "fd_num": 29,
  "fd_perc": 8.169014084507042,
  "fwhm_avg": 1.5837762222222223,
  "fwhm_x": 1.547404,
  "fwhm_y": 1.739048,
  "fwhm_z": 1.4648766666666668,
  "gcor": 0.0265567,
  "gsr_x": -0.015382715500891209,
  "gsr_y": 0.016937820240855217,
  "provenance": {
    "md5sum": "d3e25e21fb6c49837008b72c319ab9ab",
    "settings": {
      "fd_thres": 0.2,
      "testing": false
    },
    "software": "mriqc",
    "version": "22.0.6",
    "webapi_port": null,
    "webapi_url": "https://mriqc.nimh.nih.gov/api/v1"
  },
  "size_t": 355,
  "size_x": 88,
  "size_y": 88,
  "size_z": 54,
  "snr": 7.676063401707356,
  "spacing_tr": 1.5,
  "spacing_x": 2.5,
  "spacing_y": 2.5,
  "spacing_z": 3.0,
  "summary_bg_k": 28.72132090423325,
  "summary_bg_mad": 4.652447489267503,
  "summary_bg_mean": 22.3572998046875,
  "summary_bg_median": 6.433802604675293,
  "summary_bg_n": 302202.0,
  "summary_bg_p05": 2.5436618328094482,
  "summary_bg_p95": 109.59675331115733,
  "summary_bg_stdv": 48.2011833190918,
  "summary_fg_k": 3.809318099143127,
  "summary_fg_mad": 55.95882269934791,
  "summary_fg_mean": 473.20025634765625,
  "summary_fg_median": 469.9295654296875,
  "summary_fg_n": 56271.0,
  "summary_fg_p05": 391.01829528808594,
  "summary_fg_p95": 568.9253234863281,
  "summary_fg_stdv": 61.219581604003906,
  "tsnr": 55.973734865896404
}