{
  "aor": 0.003622197183098591,
  "aqi": 0.022736106760563382,
  "bids_meta": {
    "AcquisitionMatrixPE": 88,
    "AcquisitionNumber": 1,
    "AcquisitionTime": "10:03:0.330000",
    "BandwidthPerPixelPhaseEncode": 43.706,
    "BaseResolution": 88,
    "BodyPartExamined": "BRAIN",
    "ConsistencyInfo": "N4_VE11C_LATEST_20160120",
    "ConversionSoftware": "dcm2niix",
    "ConversionSoftwareVersion": "v1.0.20171215 (OpenJPEG build) GCC7.3.0",
    "DerivedVendorReportedEchoSpacing": 0.000520003,
    "DeviceSerialNumber": "66108",
    "DwellTime": 2.5e-06,
    "EchoTime": 0.026,
    "EchoTrainLength": 43,
    "EffectiveEchoSpacing": 0.000260002,
    "FlipAngle": 70,
    "ImageOrientationPatientDICOM": [
      0.989146,
      0.146387,
      0.0127284,
      -0.142538,
      0.976955,
      -0.158877
    ],
    "ImageType": [
      "ORIGINAL",
      "PRIMARY",
      "M",
      "ND",
      "NORM",
      "MOSAIC"
    ],
    "InPlanePhaseEncodingDirectionDICOM": "COL",
    "InstitutionAddress": "Huron_325_TORONTO_ONTARIO_CA_M5S_3G3",
    "InstitutionName": "University_of_Toronto",
    "InstitutionalDepartmentName": "Department",
    "MRAcquisitionType": "2D",
    "MagneticFieldStrength": 3,
    "Manufacturer": "Siemens",
    "ManufacturersModelName": "Prisma",
    "Modality": "MR",
    "MultibandAccelerationFactor": 2,
    "ParallelReductionFactorInPlane": 2,
    "PartialFourier": 1,
    "PatientPosition": "HFS",
    "PercentPhaseFOV": 100,
    "PhaseEncodingDirection": "j-",
    "PhaseEncodingSteps": 87,
    "PhaseResolution": 1,
    "PixelBandwidth": 2275,
    "ProcedureStepDescription": "Cunningham_Nathan",
    "ProtocolName": "ep2d_p2s2_run3",
    "PulseSequenceDetails": "%SiemensSeq%_ep2d_bold",
    "ReceiveCoilActiveElements": "HEA;HEP",
    "ReceiveCoilName": "Head_32",
    "ReconMatrixPE": 88,
    "RepetitionTime": 1.5,
    "SAR": 0.0625499,
    "ScanOptions": "FS",
    "ScanningSequence": "EP",
    "SequenceName": "_epfid2d1_88",
    "SequenceVariant": "SK",
    "SeriesDescription": "ep2d_p2s2_run3",
    "SeriesNumber": 9,
    "ShimSetting": [
      -997,
      -7005,
      -6411,
      376,
      31,
      -155,
      -15,
      -68
    ],
    "SliceThickness": 2.5,
    "SliceTiming": [
      0.7125,
      0,
      0.765,
      0.0525,
      0.82,
      0.1075,
      0.875,
      0.1625,
      0.93,
      0.2175,
      0.985,
      0.2725,
      1.04,
      0.3275,
      1.095,
      0.3825,
      1.15,
      0.4375,
      1.205,
      0.4925,
      1.26,
      0.5475,
      1.315,
      0.6025,
      1.37,
      0.6575,
      1.425,
      0.7125,
      0,
      0.765,
      0.0525,
      0.82,
      0.1075,
      0.875,
      0.1625,
      0.93,
      0.2175,
      0.985,
      0.2725,
      1.04,
      0.3275,
      1.095,
      0.3825,
      1.15,
      0.4375,
      1.205,
      0.4925,
      1.26,
      0.5475,
      1.315,
      0.6025,
      1.37,
      0.6575,
      1.425
    ],
    "SoftwareVersions": "syngo_MR_E11",
    "SpacingBetweenSlices": 3,
    "StationName": "AWP66108",
    "TaskName": "roletrait",
    "TotalReadoutTime": 0.0226202,
    "TxRefAmp": 239.999,
    "dataset": "ds002294",
    "modality": "bold",
    "run_id": 3,
    "subject_id": "013",
    "task_id": "roletrait"
  },
  "dummy_trs": 0,
  "dvars_nstd": 33.24639544502825,
  "dvars_std": 1.2108829973728812,
  "dvars_vstd": 1.0155416178531067,
  "efc": 0.45383265419888863,
  "fber": 5343.978515625,
  "fd_mean": 0.24839108163241444,
  "fd_num": 141,
  "fd_perc": 39.71830985915493,
  "fwhm_avg": 1.6024653333333336,
  "fwhm_x": 1.560604,
  "fwhm_y": 1.7642320000000002,
  "fwhm_z": 1.48256,
  "gcor": 0.0405797,
  "gsr_x": -0.01546211913228035,
  "gsr_y": 0.017602376639842987,
  "provenance": {
    "md5sum": "34488bf09feb2708e84db776d5d9e78d",
    "settings": {
      "fd_thres": 0.2,
      "testing": false
    },
    "software": "mriqc",
    "version": "22.0.6",
    "webapi_port": null,
    "webapi_url": "https://mriqc.nimh.nih.gov/api/v1"
  },
  "size_t": 355,
  "size_x": 88,
  "size_y": 88,
  "size_z": 54,
  "snr": 7.670365984506249,
  "spacing_tr": 1.5,
  "spacing_x": 2.5,
  "spacing_y": 2.5,
  "spacing_z": 3.0,
  "summary_bg_k": 28.387432024274226,
  "summary_bg_mad": 4.827853766705281,
  "summary_bg_mean": 22.35869026184082,
  "summary_bg_median": 6.445070266723633,
  "summary_bg_n": 302061.0,
  "summary_bg_p05": 2.4197182655334473,
  "summary_bg_p95": 109.68731689453125,
  "summary_bg_stdv": 47.97702407836914,
  "summary_fg_k": 3.9729334982000104,
  "summary_fg_mad": 55.66649198237511,
  "summary_fg_mean": 472.75927734375,
  "summary_fg_median": 469.5098571777344,
  "summary_fg_n": 56457.0,
  "summary_fg_p05": 390.7177307128906,
  "summary_fg_p95": 567.8050659179686,
  "summary_fg_stdv": 61.2103385925293,
  "tsnr": 43.891449486487545
}