{
  "aor": 0.0025484507042253524,
  "aqi": 0.020371473971830985,
  "bids_meta": {
    "AcquisitionMatrixPE": 88,
    "AcquisitionNumber": 1,
    "AcquisitionTime": "09:43:45.520000",
    "BandwidthPerPixelPhaseEncode": 43.706,
    "BaseResolution": 88,
    "BodyPartExamined": "BRAIN",
    "ConsistencyInfo": "N4_VE11C_LATEST_20160120",
    "ConversionSoftware": "dcm2niix",
    "ConversionSoftwareVersion": "v1.0.20171215 (OpenJPEG build) GCC7.3.0",
    "DerivedVendorReportedEchoSpacing": 0.000520003,
    "DeviceSerialNumber": "66108",
    "DwellTime": 2.5e-06,
    "EchoTime": 0.026,
    "EchoTrainLength": 43,
    "EffectiveEchoSpacing": 0.000260002,
    "FlipAngle": 70,
    "ImageOrientationPatientDICOM": [
      0.989146,
      0.146387,
      0.0127284,
      -0.142538,
      0.976955,
      -0.158877
    ],
    "ImageType": [
      "ORIGINAL",
      "PRIMARY",
      "M",
      "ND",
      "NORM",
      "MOSAIC"
    ],
    "InPlanePhaseEncodingDirectionDICOM": "COL",
    "InstitutionAddress": "Huron_325_TORONTO_ONTARIO_CA_M5S_3G3",
    "InstitutionName": "University_of_Toronto",
    "InstitutionalDepartmentName": "Department",
    "MRAcquisitionType": "2D",
    "MagneticFieldStrength": 3,
    "Manufacturer": "Siemens",
    "ManufacturersModelName": "Prisma",
    "Modality": "MR",
    "MultibandAccelerationFactor": 2,
    "ParallelReductionFactorInPlane": 2,
    "PartialFourier": 1,
    "PatientPosition": "HFS",
    "PercentPhaseFOV": 100,
    "PhaseEncodingDirection": "j-",
    "PhaseEncodingSteps": 87,
    "PhaseResolution": 1,
    "PixelBandwidth": 2275,
    "ProcedureStepDescription": "Cunningham_Nathan",
    "ProtocolName": "ep2d_p2s2_run1",
    "PulseSequenceDetails": "%SiemensSeq%_ep2d_bold",
    "ReceiveCoilActiveElements": "HEA;HEP",
    "ReceiveCoilName": "Head_32",
    "ReconMatrixPE": 88,
    "RepetitionTime": 1.5,
    "SAR": 0.0625499,
    "ScanOptions": "FS",
    "ScanningSequence": "EP",
    "SequenceName": "_epfid2d1_88",
    "SequenceVariant": "SK",
    "SeriesDescription": "ep2d_p2s2_run1",
    "SeriesNumber": 7,
    "ShimSetting": [
      -998,
      -6999,
      -6388,
      438,
      59,
      -127,
      71,
      -82
    ],
    "SliceThickness": 2.5,
    "SliceTiming": [
      0.7125,
      0,
      0.7675,
      0.055,
      0.8225,
      0.11,
      0.8775,
      0.165,
      0.93,
      0.2175,
      0.985,
      0.2725,
      1.04,
      0.3275,
      1.095,
      0.3825,
      1.15,
      0.4375,
      1.205,
      0.4925,
      1.26,
      0.5475,
      1.315,
      0.6025,
      1.37,
      0.6575,
      1.425,
      0.7125,
      0,
      0.7675,
      0.055,
      0.8225,
      0.11,
      0.8775,
      0.165,
      0.93,
      0.2175,
      0.985,
      0.2725,
      1.04,
      0.3275,
      1.095,
      0.3825,
      1.15,
      0.4375,
      1.205,
      0.4925,
      1.26,
      0.5475,
      1.315,
      0.6025,
      1.37,
      0.6575,
      1.425
    ],
    "SoftwareVersions": "syngo_MR_E11",
    "SpacingBetweenSlices": 3,
    "StationName": "AWP66108",
    "TaskName": "roletrait",
    "TotalReadoutTime": 0.0226202,
    "TxRefAmp": 239.999,
    "dataset": "ds002294",
    "modality": "bold",
    "run_id": 1,
    "subject_id": "013",
    "task_id": "roletrait"
  },
  "dummy_trs": 0,
  "dvars_nstd": 28.472379183474594,
  "dvars_std": 1.2206942149152542,
  "dvars_vstd": 0.9981121822881363,
  "efc": 0.4542582997161503,
  "fber": 5537.8623046875,
  "fd_mean": 0.13354612355810458,
  "fd_num": 54,
  "fd_perc": 15.211267605633802,
  "fwhm_avg": 1.592454,
  "fwhm_x": 1.56334,
  "fwhm_y": 1.759092,
  "fwhm_z": 1.45493,
  "gcor": 0.00950961,
  "gsr_x": -0.01562778279185295,
  "gsr_y": 0.015503369271755219,
  "provenance": {
    "md5sum": "ba42562445d60e347b882e48d2a96fb5",
    "settings": {
      "fd_thres": 0.2,
      "testing": false
    },
    "software": "mriqc",
    "version": "22.0.6",
    "webapi_port": null,
    "webapi_url": "https://mriqc.nimh.nih.gov/api/v1"
  },
  "size_t": 355,
  "size_x": 88,
  "size_y": 88,
  "size_z": 54,
  "snr": 7.675765787271268,
  "spacing_tr": 1.5,
  "spacing_x": 2.5,
  "spacing_y": 2.5,
  "spacing_z": 3.0,
  "summary_bg_k": 25.675388176360105,
  "summary_bg_mad": 4.715092613600989,
  "summary_bg_mean": 22.539121627807617,
  "summary_bg_median": 6.3380279541015625,
  "summary_bg_n": 302018.0,
  "summary_bg_p05": 2.442253351211548,
  "summary_bg_p95": 112.60365829467754,
  "summary_bg_stdv": 48.52306365966797,
  "summary_fg_k": 3.6945725494671535,
  "summary_fg_mad": 56.66673268197543,
  "summary_fg_mean": 474.5375671386719,
  "summary_fg_median": 470.9985656738281,
  "summary_fg_n": 56432.0,
  "summary_fg_p05": 392.35139617919924,
  "summary_fg_p95": 570.1909667968749,
  "summary_fg_stdv": 61.36122512817383,
  "tsnr": 49.06525137927383
}