{
  "aor": 0.00461487323943662,
  "aqi": 0.028957330422535205,
  "bids_meta": {
    "AcquisitionMatrixPE": 88,
    "AcquisitionNumber": 1,
    "AcquisitionTime": "10:12:38.985000",
    "BandwidthPerPixelPhaseEncode": 43.706,
    "BaseResolution": 88,
    "BodyPartExamined": "BRAIN",
    "ConsistencyInfo": "N4_VE11C_LATEST_20160120",
    "ConversionSoftware": "dcm2niix",
    "ConversionSoftwareVersion": "v1.0.20171215 (OpenJPEG build) GCC7.3.0",
    "DerivedVendorReportedEchoSpacing": 0.000520003,
    "DeviceSerialNumber": "66108",
    "DwellTime": 2.5e-06,
    "EchoTime": 0.026,
    "EchoTrainLength": 43,
    "EffectiveEchoSpacing": 0.000260002,
    "FlipAngle": 70,
    "ImageOrientationPatientDICOM": [
      0.989146,
      0.146387,
      0.0127284,
      -0.142538,
      0.976955,
      -0.158877
    ],
    "ImageType": [
      "ORIGINAL",
      "PRIMARY",
      "M",
      "ND",
      "NORM",
      "MOSAIC"
    ],
    "InPlanePhaseEncodingDirectionDICOM": "COL",
    "InstitutionAddress": "Huron_325_TORONTO_ONTARIO_CA_M5S_3G3",
    "InstitutionName": "University_of_Toronto",
    "InstitutionalDepartmentName": "Department",
    "MRAcquisitionType": "2D",
    "MagneticFieldStrength": 3,
    "Manufacturer": "Siemens",
    "ManufacturersModelName": "Prisma",
    "Modality": "MR",
    "MultibandAccelerationFactor": 2,
    "ParallelReductionFactorInPlane": 2,
    "PartialFourier": 1,
    "PatientPosition": "HFS",
    "PercentPhaseFOV": 100,
    "PhaseEncodingDirection": "j-",
    "PhaseEncodingSteps": 87,
    "PhaseResolution": 1,
    "PixelBandwidth": 2275,
    "ProcedureStepDescription": "Cunningham_Nathan",
    "ProtocolName": "ep2d_p2s2_run4",
    "PulseSequenceDetails": "%SiemensSeq%_ep2d_bold",
    "ReceiveCoilActiveElements": "HEA;HEP",
    "ReceiveCoilName": "Head_32",
    "ReconMatrixPE": 88,
    "RepetitionTime": 1.5,
    "SAR": 0.0625499,
    "ScanOptions": "FS",
    "ScanningSequence": "EP",
    "SequenceName": "_epfid2d1_88",
    "SequenceVariant": "SK",
    "SeriesDescription": "ep2d_p2s2_run4",
    "SeriesNumber": 10,
    "ShimSetting": [
      -997,
      -7005,
      -6411,
      376,
      31,
      -155,
      -15,
      -68
    ],
    "SliceThickness": 2.5,
    "SliceTiming": [
      0.7125,
      0,
      0.7675,
      0.055,
      0.8225,
      0.11,
      0.8775,
      0.165,
      0.9325,
      0.22,
      0.9875,
      0.275,
      1.0425,
      0.33,
      1.0975,
      0.385,
      1.1525,
      0.44,
      1.2075,
      0.495,
      1.2625,
      0.55,
      1.3175,
      0.605,
      1.3725,
      0.66,
      1.4275,
      0.7125,
      0,
      0.7675,
      0.055,
      0.8225,
      0.11,
      0.8775,
      0.165,
      0.9325,
      0.22,
      0.9875,
      0.275,
      1.0425,
      0.33,
      1.0975,
      0.385,
      1.1525,
      0.44,
      1.2075,
      0.495,
      1.2625,
      0.55,
      1.3175,
      0.605,
      1.3725,
      0.66,
      1.4275
    ],
    "SoftwareVersions": "syngo_MR_E11",
    "SpacingBetweenSlices": 3,
    "StationName": "AWP66108",
    "TaskName": "roletrait",
    "TotalReadoutTime": 0.0226202,
    "TxRefAmp": 239.999,
    "dataset": "ds002294",
    "modality": "bold",
    "run_id": 4,
    "subject_id": "013",
    "task_id": "roletrait"
  },
  "dummy_trs": 0,
  "dvars_nstd": 30.96872046847458,
  "dvars_std": 1.231025977881355,
  "dvars_vstd": 1.0233129990112992,
  "efc": 0.45487581093700585,
  "fber": 5244.421875,
  "fd_mean": 0.18149564668463403,
  "fd_num": 113,
  "fd_perc": 31.830985915492956,
  "fwhm_avg": 1.6242824444444446,
  "fwhm_x": 1.5766360000000001,
  "fwhm_y": 1.7851279999999998,
  "fwhm_z": 1.5110833333333333,
  "gcor": 0.0238945,
  "gsr_x": -0.015374056063592434,
  "gsr_y": 0.01802755706012249,
  "provenance": {
    "md5sum": "442572c4fd7f6a4825fa0c6b33daa3b4",
    "settings": {
      "fd_thres": 0.2,
      "testing": false
    },
    "software": "mriqc",
    "version": "22.0.6",
    "webapi_port": null,
    "webapi_url": "https://mriqc.nimh.nih.gov/api/v1"
  },
  "size_t": 355,
  "size_x": 88,
  "size_y": 88,
  "size_z": 54,
  "snr": 7.763436785644408,
  "spacing_tr": 1.5,
  "spacing_x": 2.5,
  "spacing_y": 2.5,
  "spacing_z": 3.0,
  "summary_bg_k": 28.394432744716116,
  "summary_bg_mad": 4.781914103122035,
  "summary_bg_mean": 22.715965270996094,
  "summary_bg_median": 6.512675762176514,
  "summary_bg_n": 302154.0,
  "summary_bg_p05": 2.554929494857788,
  "summary_bg_p95": 111.14647674560547,
  "summary_bg_stdv": 48.86605453491211,
  "summary_fg_k": 3.773205075780518,
  "summary_fg_mad": 55.23005457393685,
  "summary_fg_mean": 472.7174072265625,
  "summary_fg_median": 469.468994140625,
  "summary_fg_n": 56432.0,
  "summary_fg_p05": 391.7367431640625,
  "summary_fg_p95": 566.4913757324218,
  "summary_fg_stdv": 60.47126388549805,
  "tsnr": 40.69647697987966
}