{
  "bids_meta": {
    "AcquisitionMatrixPE": 192,
    "AcquisitionNumber": 1,
    "AcquisitionTime": "17:06:10.092500",
    "BaseResolution": 256,
    "BodyPartExamined": "BRAIN",
    "ConsistencyInfo": "N4_VE11C_LATEST_20160120",
    "ConversionSoftware": "dcm2niix",
    "ConversionSoftwareVersion": "v1.0.20171215 (OpenJPEG build) GCC7.3.0",
    "DeviceSerialNumber": "66108",
    "DwellTime": 7.5e-06,
    "EchoTime": 0.0024,
    "FlipAngle": 9,
    "ImageOrientationPatientDICOM": [
      0.998482,
      0.0479628,
      -0.0270865,
      -0.0488339,
      0.998279,
      -0.0324706
    ],
    "ImageType": [
      "ORIGINAL",
      "PRIMARY",
      "M",
      "ND",
      "NORM",
      "FM3",
      "2",
      "FIL"
    ],
    "InPlanePhaseEncodingDirectionDICOM": "ROW",
    "InstitutionAddress": "Huron_325_TORONTO_ONTARIO_CA_M5S_3G3",
    "InstitutionName": "University_of_Toronto",
    "InstitutionalDepartmentName": "Department",
    "InversionTime": 1.1,
    "MRAcquisitionType": "3D",
    "MagneticFieldStrength": 3,
    "Manufacturer": "Siemens",
    "ManufacturersModelName": "Prisma",
    "Modality": "MR",
    "ParallelReductionFactorInPlane": 2,
    "PartialFourier": 1,
    "PatientPosition": "HFS",
    "PercentPhaseFOV": 75,
    "PhaseEncodingSteps": 191,
    "PhaseResolution": 1,
    "PixelBandwidth": 260,
    "ProcedureStepDescription": "Cunningham_Nathan",
    "ProtocolName": "t1_mprage_tra_p2_iso",
    "PulseSequenceDetails": "%SiemensSeq%_tfl",
    "ReceiveCoilActiveElements": "HEA;HEP",
    "ReceiveCoilName": "Head_32",
    "ReconMatrixPE": 256,
    "RepetitionTime": 2,
    "SAR": 0.058621,
    "ScanOptions": "IR",
    "ScanningSequence": "GR_IR",
    "SequenceName": "_tfl3d1_16",
    "SequenceVariant": "SK_SP_MP",
    "SeriesDescription": "t1_mprage_tra_p2_iso",
    "SeriesNumber": 12,
    "ShimSetting": [
      -1026,
      -6983,
      -6652,
      -33,
      -35,
      26,
      -37,
      -58
    ],
    "SliceThickness": 1,
    "SoftwareVersions": "syngo_MR_E11",
    "StationName": "AWP66108",
    "TxRefAmp": 234.57,
    "dataset": "ds002294",
    "modality": "T1w",
    "subject_id": "031"
  },
  "cjv": 0.31991808748344264,
  "cnr": 4.042017592246102,
  "efc": 0.8520275092366266,
  "fber": -1.0,
  "fwhm_avg": 3.927408133504677,
  "fwhm_x": 3.65905,
  "fwhm_y": 4.20885,
  "fwhm_z": 3.9143244005140296,
  "icvs_csf": 0.22144004419465815,
  "icvs_gm": 0.40291932812323195,
  "icvs_wm": 0.37564062768210993,
  "inu_med": 0.6662400960922241,
  "inu_range": 0.15692325830459564,
  "provenance": {
    "md5sum": "1ddc4479554a9935b6da0ecd2b0830d7",
    "settings": {
      "testing": false
    },
    "software": "mriqc",
    "version": "22.0.6",
    "warnings": {
      "large_rot_frame": true,
      "small_air_mask": true
    },
    "webapi_port": null,
    "webapi_url": "https://mriqc.nimh.nih.gov/api/v1"
  },
  "qi_1": -1.0,
  "qi_2": 0.0,
  "rpve_csf": 19.924519771406324,
  "rpve_gm": 10.825322623400558,
  "rpve_wm": 15.095407703406845,
  "size_x": 192,
  "size_y": 256,
  "size_z": 160,
  "snr_csf": 2.706040454318327,
  "snr_gm": 7.956723424213287,
  "snr_total": 10.371302742610363,
  "snr_wm": 20.451144349299472,
  "snrd_csf": -1.0,
  "snrd_gm": -1.0,
  "snrd_total": -1.0,
  "snrd_wm": -1.0,
  "spacing_x": 1.0,
  "spacing_y": 1.0,
  "spacing_z": 1.0000014305114746,
  "summary_bg_k": 0.0,
  "summary_bg_mad": 0.0,
  "summary_bg_mean": 0.0,
  "summary_bg_median": 0.0,
  "summary_bg_n": 0.0,
  "summary_bg_p05": 0.0,
  "summary_bg_p95": 0.0,
  "summary_bg_stdv": 0.0,
  "summary_csf_k": 0.12455059377928279,
  "summary_csf_mad": 83.7253702341171,
  "summary_csf_mean": 214.09541296424692,
  "summary_csf_median": 214.46543477475643,
  "summary_csf_n": 5225.0,
  "summary_csf_p05": 85.71029228493572,
  "summary_csf_p95": 340.98406621292236,
  "summary_csf_stdv": 79.24674978246334,
  "summary_gm_k": 0.41757667068459625,
  "summary_gm_mad": 73.83701321212449,
  "summary_gm_mean": 623.633217105084,
  "summary_gm_median": 625.7039043977857,
  "summary_gm_n": 20038.0,
  "summary_gm_p05": 491.0439733546227,
  "summary_gm_p95": 750.900598053634,
  "summary_gm_stdv": 78.6364258139105,
  "summary_wm_k": 0.6397480627571488,
  "summary_wm_mad": 45.90388491796271,
  "summary_wm_mean": 999.9449547190685,
  "summary_wm_median": 999.9900195468217,
  "summary_wm_n": 168136.0,
  "summary_wm_p05": 919.725232295692,
  "summary_wm_p95": 1079.1964578181505,
  "summary_wm_stdv": 48.89638587990335,
  "tpm_overlap_csf": 0.1345341516261007,
  "tpm_overlap_gm": 0.4279933549183848,
  "tpm_overlap_wm": 0.49704051905231555,
  "wm2max": 0.8684361126526082
}