{
  "aor": 0.00029909859154929574,
  "aqi": 0.012452811746478875,
  "bids_meta": {
    "AcquisitionMatrixPE": 88,
    "AcquisitionNumber": 1,
    "AcquisitionTime": "09:15:14.362500",
    "BandwidthPerPixelPhaseEncode": 43.706,
    "BaseResolution": 88,
    "BodyPartExamined": "BRAIN",
    "ConsistencyInfo": "N4_VE11C_LATEST_20160120",
    "ConversionSoftware": "dcm2niix",
    "ConversionSoftwareVersion": "v1.0.20171215 (OpenJPEG build) GCC7.3.0",
    "DerivedVendorReportedEchoSpacing": 0.000520003,
    "DeviceSerialNumber": "66108",
    "DwellTime": 2.5e-06,
    "EchoTime": 0.026,
    "EchoTrainLength": 43,
    "EffectiveEchoSpacing": 0.000260002,
    "FlipAngle": 70,
    "ImageOrientationPatientDICOM": [
      0.999853,
      0.0113141,
      -0.0128976,
      -0.0122161,
      0.997319,
      -0.0721475
    ],
    "ImageType": [
      "ORIGINAL",
      "PRIMARY",
      "M",
      "ND",
      "NORM",
      "MOSAIC"
    ],
    "InPlanePhaseEncodingDirectionDICOM": "COL",
    "InstitutionAddress": "Huron_325_TORONTO_ONTARIO_CA_M5S_3G3",
    "InstitutionName": "University_of_Toronto",
    "InstitutionalDepartmentName": "Department",
    "MRAcquisitionType": "2D",
    "MagneticFieldStrength": 3,
    "Manufacturer": "Siemens",
    "ManufacturersModelName": "Prisma",
    "Modality": "MR",
    "MultibandAccelerationFactor": 2,
    "ParallelReductionFactorInPlane": 2,
    "PartialFourier": 1,
    "PatientPosition": "HFS",
    "PercentPhaseFOV": 100,
    "PhaseEncodingDirection": "j-",
    "PhaseEncodingSteps": 87,
    "PhaseResolution": 1,
    "PixelBandwidth": 2275,
    "ProcedureStepDescription": "Cunningham_Nathan",
    "ProtocolName": "ep2d_p2s2_run2",
    "PulseSequenceDetails": "%SiemensSeq%_ep2d_bold",
    "ReceiveCoilActiveElements": "HEA;HEP",
    "ReceiveCoilName": "Head_32",
    "ReconMatrixPE": 88,
    "RepetitionTime": 1.5,
    "SAR": 0.0622297,
    "ScanOptions": "FS",
    "ScanningSequence": "EP",
    "SequenceName": "_epfid2d1_88",
    "SequenceVariant": "SK",
    "SeriesDescription": "ep2d_p2s2_run2",
    "SeriesNumber": 7,
    "ShimSetting": [
      -1026,
      -7004,
      -6415,
      273,
      -17,
      11,
      -38,
      -57
    ],
    "SliceThickness": 2.5,
    "SliceTiming": [
      0.7125,
      0,
      0.765,
      0.0525,
      0.82,
      0.1075,
      0.875,
      0.1625,
      0.93,
      0.2175,
      0.985,
      0.2725,
      1.04,
      0.3275,
      1.095,
      0.3825,
      1.15,
      0.4375,
      1.205,
      0.4925,
      1.26,
      0.5475,
      1.315,
      0.6025,
      1.37,
      0.6575,
      1.425,
      0.7125,
      0,
      0.765,
      0.0525,
      0.82,
      0.1075,
      0.875,
      0.1625,
      0.93,
      0.2175,
      0.985,
      0.2725,
      1.04,
      0.3275,
      1.095,
      0.3825,
      1.15,
      0.4375,
      1.205,
      0.4925,
      1.26,
      0.5475,
      1.315,
      0.6025,
      1.37,
      0.6575,
      1.425
    ],
    "SoftwareVersions": "syngo_MR_E11",
    "SpacingBetweenSlices": 3,
    "StationName": "AWP66108",
    "TaskName": "roletrait",
    "TotalReadoutTime": 0.0226202,
    "TxRefAmp": 233.473,
    "dataset": "ds002294",
    "modality": "bold",
    "run_id": 2,
    "subject_id": "042",
    "task_id": "roletrait"
  },
  "dummy_trs": 0,
  "dvars_nstd": 29.19383560864407,
  "dvars_std": 1.2163557817796615,
  "dvars_vstd": 0.981119173276836,
  "efc": 0.4483537187330177,
  "fber": 4926.8154296875,
  "fd_mean": 0.06821751815692298,
  "fd_num": 2,
  "fd_perc": 0.5633802816901409,
  "fwhm_avg": 1.6505191111111113,
  "fwhm_x": 1.61616,
  "fwhm_y": 1.8179839999999998,
  "fwhm_z": 1.5174133333333335,
  "gcor": 0.00697404,
  "gsr_x": -0.008004479110240936,
  "gsr_y": 0.013788837008178234,
  "provenance": {
    "md5sum": "a2599ce2b9dbde72bc79b643ab365427",
    "settings": {
      "fd_thres": 0.2,
      "testing": false
    },
    "software": "mriqc",
    "version": "22.0.6",
    "webapi_port": null,
    "webapi_url": "https://mriqc.nimh.nih.gov/api/v1"
  },
  "size_t": 355,
  "size_x": 88,
  "size_y": 88,
  "size_z": 54,
  "snr": 7.5807438437994294,
  "spacing_tr": 1.5,
  "spacing_x": 2.5,
  "spacing_y": 2.5,
  "spacing_z": 3.0,
  "summary_bg_k": 25.026855135144938,
  "summary_bg_mad": 5.024142223560772,
  "summary_bg_mean": 19.59092140197754,
  "summary_bg_median": 6.287323951721191,
  "summary_bg_n": 304167.0,
  "summary_bg_p05": 2.188732385635376,
  "summary_bg_p95": 84.03661346435547,
  "summary_bg_stdv": 37.766815185546875,
  "summary_fg_k": 3.050824182737653,
  "summary_fg_mad": 55.78551008344259,
  "summary_fg_mean": 442.0686950683594,
  "summary_fg_median": 439.0450439453125,
  "summary_fg_n": 54858.0,
  "summary_fg_p05": 362.3963134765625,
  "summary_fg_p95": 531.8637817382811,
  "summary_fg_stdv": 57.91529846191406,
  "tsnr": 58.966005966067314
}