{
  "aor": 0.000594225352112676,
  "aqi": 0.018874375211267606,
  "bids_meta": {
    "AcquisitionMatrixPE": 88,
    "AcquisitionNumber": 1,
    "AcquisitionTime": "09:05:3.247500",
    "BandwidthPerPixelPhaseEncode": 43.706,
    "BaseResolution": 88,
    "BodyPartExamined": "BRAIN",
    "ConsistencyInfo": "N4_VE11C_LATEST_20160120",
    "ConversionSoftware": "dcm2niix",
    "ConversionSoftwareVersion": "v1.0.20171215 (OpenJPEG build) GCC7.3.0",
    "DerivedVendorReportedEchoSpacing": 0.000520003,
    "DeviceSerialNumber": "66108",
    "DwellTime": 2.5e-06,
    "EchoTime": 0.026,
    "EchoTrainLength": 43,
    "EffectiveEchoSpacing": 0.000260002,
    "FlipAngle": 70,
    "ImageOrientationPatientDICOM": [
      0.999853,
      0.0113141,
      -0.0128976,
      -0.0122161,
      0.997319,
      -0.0721475
    ],
    "ImageType": [
      "ORIGINAL",
      "PRIMARY",
      "M",
      "ND",
      "NORM",
      "MOSAIC"
    ],
    "InPlanePhaseEncodingDirectionDICOM": "COL",
    "InstitutionAddress": "Huron_325_TORONTO_ONTARIO_CA_M5S_3G3",
    "InstitutionName": "University_of_Toronto",
    "InstitutionalDepartmentName": "Department",
    "MRAcquisitionType": "2D",
    "MagneticFieldStrength": 3,
    "Manufacturer": "Siemens",
    "ManufacturersModelName": "Prisma",
    "Modality": "MR",
    "MultibandAccelerationFactor": 2,
    "ParallelReductionFactorInPlane": 2,
    "PartialFourier": 1,
    "PatientPosition": "HFS",
    "PercentPhaseFOV": 100,
    "PhaseEncodingDirection": "j-",
    "PhaseEncodingSteps": 87,
    "PhaseResolution": 1,
    "PixelBandwidth": 2275,
    "ProcedureStepDescription": "Cunningham_Nathan",
    "ProtocolName": "ep2d_p2s2_run1",
    "PulseSequenceDetails": "%SiemensSeq%_ep2d_bold",
    "ReceiveCoilActiveElements": "HEA;HEP",
    "ReceiveCoilName": "Head_32",
    "ReconMatrixPE": 88,
    "RepetitionTime": 1.5,
    "SAR": 0.0622297,
    "ScanOptions": "FS",
    "ScanningSequence": "EP",
    "SequenceName": "_epfid2d1_88",
    "SequenceVariant": "SK",
    "SeriesDescription": "ep2d_p2s2_run1",
    "SeriesNumber": 6,
    "ShimSetting": [
      -1029,
      -6997,
      -6402,
      309,
      -15,
      65,
      -2,
      -55
    ],
    "SliceThickness": 2.5,
    "SliceTiming": [
      0.7125,
      0,
      0.7675,
      0.055,
      0.8225,
      0.11,
      0.8775,
      0.165,
      0.9325,
      0.22,
      0.985,
      0.2725,
      1.04,
      0.3275,
      1.095,
      0.3825,
      1.15,
      0.4375,
      1.205,
      0.4925,
      1.26,
      0.5475,
      1.315,
      0.6025,
      1.37,
      0.6575,
      1.425,
      0.7125,
      0,
      0.7675,
      0.055,
      0.8225,
      0.11,
      0.8775,
      0.165,
      0.9325,
      0.22,
      0.985,
      0.2725,
      1.04,
      0.3275,
      1.095,
      0.3825,
      1.15,
      0.4375,
      1.205,
      0.4925,
      1.26,
      0.5475,
      1.315,
      0.6025,
      1.37,
      0.6575,
      1.425
    ],
    "SoftwareVersions": "syngo_MR_E11",
    "SpacingBetweenSlices": 3,
    "StationName": "AWP66108",
    "TaskName": "roletrait",
    "TotalReadoutTime": 0.0226202,
    "TxRefAmp": 233.473,
    "dataset": "ds002294",
    "modality": "bold",
    "run_id": 1,
    "subject_id": "042",
    "task_id": "roletrait"
  },
  "dummy_trs": 0,
  "dvars_nstd": 29.355910936864397,
  "dvars_std": 1.179148082768363,
  "dvars_vstd": 0.9662768542655363,
  "efc": 0.44956619447529467,
  "fber": 4833.87548828125,
  "fd_mean": 0.10250574089419513,
  "fd_num": 13,
  "fd_perc": 3.6619718309859155,
  "fwhm_avg": 1.6571115555555556,
  "fwhm_x": 1.6192440000000001,
  "fwhm_y": 1.8248840000000002,
  "fwhm_z": 1.5272066666666666,
  "gcor": 0.012957,
  "gsr_x": -0.007828404195606709,
  "gsr_y": 0.012566089630126953,
  "provenance": {
    "md5sum": "6dfe4ade798db2dee186efe96a0bfc2d",
    "settings": {
      "fd_thres": 0.2,
      "testing": false
    },
    "software": "mriqc",
    "version": "22.0.6",
    "webapi_port": null,
    "webapi_url": "https://mriqc.nimh.nih.gov/api/v1"
  },
  "size_t": 355,
  "size_x": 88,
  "size_y": 88,
  "size_z": 54,
  "snr": 7.572807749734706,
  "spacing_tr": 1.5,
  "spacing_x": 2.5,
  "spacing_y": 2.5,
  "spacing_z": 3.0,
  "summary_bg_k": 22.929128561594457,
  "summary_bg_mad": 5.27889943956219,
  "summary_bg_mean": 19.932580947875977,
  "summary_bg_median": 6.377464771270752,
  "summary_bg_n": 304089.0,
  "summary_bg_p05": 2.1014084815979004,
  "summary_bg_p95": 86.66084289550774,
  "summary_bg_stdv": 38.419376373291016,
  "summary_fg_k": 3.1451899349969246,
  "summary_fg_mad": 56.09668552160702,
  "summary_fg_mean": 442.6160583496094,
  "summary_fg_median": 439.37744140625,
  "summary_fg_n": 54937.0,
  "summary_fg_p05": 363.3323669433594,
  "summary_fg_p95": 532.7582641601562,
  "summary_fg_stdv": 58.0198860168457,
  "tsnr": 50.09123255312443
}