{
  "bids_meta": {
    "AcquisitionMatrixPE": 192,
    "AcquisitionNumber": 1,
    "AcquisitionTime": "10:49:14.137500",
    "BaseResolution": 256,
    "BodyPartExamined": "BRAIN",
    "ConsistencyInfo": "N4_VE11C_LATEST_20160120",
    "ConversionSoftware": "dcm2niix",
    "ConversionSoftwareVersion": "v1.0.20171215 (OpenJPEG build) GCC7.3.0",
    "DeviceSerialNumber": "66108",
    "DwellTime": 7.5e-06,
    "EchoTime": 0.0024,
    "FlipAngle": 9,
    "ImageOrientationPatientDICOM": [
      0.999046,
      0.010796,
      0.042309,
      -0.00523104,
      0.991566,
      -0.129498
    ],
    "ImageType": [
      "ORIGINAL",
      "PRIMARY",
      "M",
      "ND",
      "NORM",
      "FM3",
      "2",
      "FIL"
    ],
    "InPlanePhaseEncodingDirectionDICOM": "ROW",
    "InstitutionAddress": "Huron_325_TORONTO_ONTARIO_CA_M5S_3G3",
    "InstitutionName": "University_of_Toronto",
    "InstitutionalDepartmentName": "Department",
    "InversionTime": 1.1,
    "MRAcquisitionType": "3D",
    "MagneticFieldStrength": 3,
    "Manufacturer": "Siemens",
    "ManufacturersModelName": "Prisma",
    "Modality": "MR",
    "ParallelReductionFactorInPlane": 2,
    "PartialFourier": 1,
    "PatientPosition": "HFS",
    "PercentPhaseFOV": 75,
    "PhaseEncodingSteps": 191,
    "PhaseResolution": 1,
    "PixelBandwidth": 260,
    "ProcedureStepDescription": "Cunningham_Nathan",
    "ProtocolName": "t1_mprage_tra_p2_iso",
    "PulseSequenceDetails": "%SiemensSeq%_tfl",
    "ReceiveCoilActiveElements": "HEA;HEP",
    "ReceiveCoilName": "Head_32",
    "ReconMatrixPE": 256,
    "RepetitionTime": 2,
    "SAR": 0.0671524,
    "ScanOptions": "IR",
    "ScanningSequence": "GR_IR",
    "SequenceName": "_tfl3d1_16",
    "SequenceVariant": "SK_SP_MP",
    "SeriesDescription": "t1_mprage_tra_p2_iso",
    "SeriesNumber": 12,
    "ShimSetting": [
      -1026,
      -6983,
      -6652,
      -33,
      -35,
      26,
      -37,
      -58
    ],
    "SliceThickness": 1,
    "SoftwareVersions": "syngo_MR_E11",
    "StationName": "AWP66108",
    "TxRefAmp": 271.04,
    "dataset": "ds002294",
    "modality": "T1w",
    "subject_id": "036"
  },
  "cjv": 0.39386301360300335,
  "cnr": 3.262359848174132,
  "efc": 0.8358008580879398,
  "fber": -1.0,
  "fwhm_avg": 3.947180227279704,
  "fwhm_x": 3.81137,
  "fwhm_y": 4.21705,
  "fwhm_z": 3.8131206818391115,
  "icvs_csf": 0.2441882610991784,
  "icvs_gm": 0.3692617799142436,
  "icvs_wm": 0.386549958986578,
  "inu_med": 0.8184150457382202,
  "inu_range": 0.24478143453598022,
  "provenance": {
    "md5sum": "70e419c6cc0be3f50c5932a357bf3309",
    "settings": {
      "testing": false
    },
    "software": "mriqc",
    "version": "22.0.6",
    "warnings": {
      "large_rot_frame": true,
      "small_air_mask": true
    },
    "webapi_port": null,
    "webapi_url": "https://mriqc.nimh.nih.gov/api/v1"
  },
  "qi_1": -1.0,
  "qi_2": 0.0,
  "rpve_csf": 16.636573291268743,
  "rpve_gm": 10.009923728593332,
  "rpve_wm": 12.668396165843367,
  "size_x": 192,
  "size_y": 256,
  "size_z": 160,
  "snr_csf": 2.3555892612791722,
  "snr_gm": 6.737200731262546,
  "snr_total": 7.5578462208547466,
  "snr_wm": 13.58074867002252,
  "snrd_csf": -1.0,
  "snrd_gm": -1.0,
  "snrd_total": -1.0,
  "snrd_wm": -1.0,
  "spacing_x": 1.0,
  "spacing_y": 1.0,
  "spacing_z": 0.9999998211860657,
  "summary_bg_k": 0.0,
  "summary_bg_mad": 0.0,
  "summary_bg_mean": 0.0,
  "summary_bg_median": 0.0,
  "summary_bg_n": 0.0,
  "summary_bg_p05": 0.0,
  "summary_bg_p95": 0.0,
  "summary_bg_stdv": 0.0,
  "summary_csf_k": 0.2810299018168294,
  "summary_csf_mad": 90.99137037792619,
  "summary_csf_mean": 219.13815246673948,
  "summary_csf_median": 214.30361135303974,
  "summary_csf_n": 6176.0,
  "summary_csf_p05": 80.63855138421059,
  "summary_csf_p95": 376.9926288872957,
  "summary_csf_stdv": 90.96928079254593,
  "summary_gm_k": 0.34261604876929885,
  "summary_gm_mad": 87.4800150831936,
  "summary_gm_mean": 616.9035490291466,
  "summary_gm_median": 616.7562516629696,
  "summary_gm_n": 11591.0,
  "summary_gm_p05": 464.7818453758955,
  "summary_gm_p95": 766.6924906671047,
  "summary_gm_stdv": 91.5409337982673,
  "summary_wm_k": 1.1420173730372678,
  "summary_wm_mad": 63.47449955862755,
  "summary_wm_mean": 1004.9462398197071,
  "summary_wm_median": 1000.0227921307087,
  "summary_wm_n": 192193.0,
  "summary_wm_p05": 893.1044078469276,
  "summary_wm_p95": 1134.277668106556,
  "summary_wm_stdv": 73.63512975715837,
  "tpm_overlap_csf": 0.11397884611881066,
  "tpm_overlap_gm": 0.38052442131340863,
  "tpm_overlap_wm": 0.4741184151241621,
  "wm2max": 0.7898021582733813
}