{
  "aor": 0.00029622535211267604,
  "aqi": 0.01108279061971831,
  "bids_meta": {
    "AcquisitionMatrixPE": 88,
    "AcquisitionNumber": 1,
    "AcquisitionTime": "15:30:7.977500",
    "BandwidthPerPixelPhaseEncode": 43.706,
    "BaseResolution": 88,
    "BodyPartExamined": "BRAIN",
    "ConsistencyInfo": "N4_VE11C_LATEST_20160120",
    "ConversionSoftware": "dcm2niix",
    "ConversionSoftwareVersion": "v1.0.20171215 (OpenJPEG build) GCC7.3.0",
    "DerivedVendorReportedEchoSpacing": 0.000520003,
    "DeviceSerialNumber": "66108",
    "DwellTime": 2.5e-06,
    "EchoTime": 0.026,
    "EchoTrainLength": 43,
    "EffectiveEchoSpacing": 0.000260002,
    "FlipAngle": 70,
    "ImageOrientationPatientDICOM": [
      0.998659,
      0.03629,
      -0.0369273,
      -0.0371428,
      0.999053,
      -0.0226745
    ],
    "ImageType": [
      "ORIGINAL",
      "PRIMARY",
      "M",
      "ND",
      "NORM",
      "MOSAIC"
    ],
    "InPlanePhaseEncodingDirectionDICOM": "COL",
    "InstitutionAddress": "Huron_325_TORONTO_ONTARIO_CA_M5S_3G3",
    "InstitutionName": "University_of_Toronto",
    "InstitutionalDepartmentName": "Department",
    "MRAcquisitionType": "2D",
    "MagneticFieldStrength": 3,
    "Manufacturer": "Siemens",
    "ManufacturersModelName": "Prisma",
    "Modality": "MR",
    "MultibandAccelerationFactor": 2,
    "ParallelReductionFactorInPlane": 2,
    "PartialFourier": 1,
    "PatientPosition": "HFS",
    "PercentPhaseFOV": 100,
    "PhaseEncodingDirection": "j-",
    "PhaseEncodingSteps": 87,
    "PhaseResolution": 1,
    "PixelBandwidth": 2275,
    "ProcedureStepDescription": "Cunningham_Nathan",
    "ProtocolName": "ep2d_p2s2_run2",
    "PulseSequenceDetails": "%SiemensSeq%_ep2d_bold",
    "ReceiveCoilActiveElements": "HEA;HEP",
    "ReceiveCoilName": "Head_32",
    "ReconMatrixPE": 88,
    "RepetitionTime": 1.5,
    "SAR": 0.0633222,
    "ScanOptions": "FS",
    "ScanningSequence": "EP",
    "SequenceName": "_epfid2d1_88",
    "SequenceVariant": "SK",
    "SeriesDescription": "ep2d_p2s2_run2",
    "SeriesNumber": 7,
    "ShimSetting": [
      -1025,
      -7050,
      -6387,
      296,
      -91,
      -134,
      -57,
      -8
    ],
    "SliceThickness": 2.5,
    "SliceTiming": [
      0.7125,
      0,
      0.7675,
      0.055,
      0.8225,
      0.11,
      0.8775,
      0.165,
      0.9325,
      0.22,
      0.9875,
      0.275,
      1.0425,
      0.33,
      1.095,
      0.3825,
      1.15,
      0.4375,
      1.205,
      0.4925,
      1.26,
      0.5475,
      1.315,
      0.6025,
      1.37,
      0.6575,
      1.425,
      0.7125,
      0,
      0.7675,
      0.055,
      0.8225,
      0.11,
      0.8775,
      0.165,
      0.9325,
      0.22,
      0.9875,
      0.275,
      1.0425,
      0.33,
      1.095,
      0.3825,
      1.15,
      0.4375,
      1.205,
      0.4925,
      1.26,
      0.5475,
      1.315,
      0.6025,
      1.37,
      0.6575,
      1.425
    ],
    "SoftwareVersions": "syngo_MR_E11",
    "SpacingBetweenSlices": 3,
    "StationName": "AWP66108",
    "TaskName": "roletrait",
    "TotalReadoutTime": 0.0226202,
    "TxRefAmp": 253.081,
    "dataset": "ds002294",
    "modality": "bold",
    "run_id": 2,
    "subject_id": "020",
    "task_id": "roletrait"
  },
  "dummy_trs": 0,
  "dvars_nstd": 37.10019945144065,
  "dvars_std": 1.3640005472598862,
  "dvars_vstd": 0.9960787557344625,
  "efc": 0.4363080060133097,
  "fber": 3775.866943359375,
  "fd_mean": 0.09932860134351573,
  "fd_num": 0,
  "fd_perc": 0.0,
  "fwhm_avg": 1.7215639570507506,
  "fwhm_x": 1.674248,
  "fwhm_y": 1.869164,
  "fwhm_z": 1.6212798711522522,
  "gcor": 0.00557455,
  "gsr_x": -0.014074786566197872,
  "gsr_y": 0.004994469229131937,
  "provenance": {
    "md5sum": "a5a0ec69438464ea5947e7949b0e84fb",
    "settings": {
      "fd_thres": 0.2,
      "testing": false
    },
    "software": "mriqc",
    "version": "22.0.6",
    "webapi_port": null,
    "webapi_url": "https://mriqc.nimh.nih.gov/api/v1"
  },
  "size_t": 355,
  "size_x": 88,
  "size_y": 88,
  "size_z": 54,
  "snr": 7.568468074008867,
  "spacing_tr": 1.5,
  "spacing_x": 2.5,
  "spacing_y": 2.5,
  "spacing_z": 3.000000238418579,
  "summary_bg_k": 22.698219161727263,
  "summary_bg_mad": 4.798619563872275,
  "summary_bg_mean": 19.276573181152344,
  "summary_bg_median": 6.1521124839782715,
  "summary_bg_n": 315950.0,
  "summary_bg_p05": 2.171830892562866,
  "summary_bg_p95": 93.51633644103984,
  "summary_bg_stdv": 38.121559143066406,
  "summary_fg_k": 2.931021817721774,
  "summary_fg_mad": 45.78525224531837,
  "summary_fg_mean": 382.0540466308594,
  "summary_fg_median": 379.03662109375,
  "summary_fg_n": 45711.0,
  "summary_fg_p05": 311.58168029785156,
  "summary_fg_p95": 461.78309631347656,
  "summary_fg_stdv": 50.080474853515625,
  "tsnr": 58.19732580520213
}