{
  "aor": 0.00032414084507042254,
  "aqi": 0.01018520985915493,
  "bids_meta": {
    "AcquisitionMatrixPE": 88,
    "AcquisitionNumber": 1,
    "AcquisitionTime": "15:39:52.750000",
    "BandwidthPerPixelPhaseEncode": 43.706,
    "BaseResolution": 88,
    "BodyPartExamined": "BRAIN",
    "ConsistencyInfo": "N4_VE11C_LATEST_20160120",
    "ConversionSoftware": "dcm2niix",
    "ConversionSoftwareVersion": "v1.0.20171215 (OpenJPEG build) GCC7.3.0",
    "DerivedVendorReportedEchoSpacing": 0.000520003,
    "DeviceSerialNumber": "66108",
    "DwellTime": 2.5e-06,
    "EchoTime": 0.026,
    "EchoTrainLength": 43,
    "EffectiveEchoSpacing": 0.000260002,
    "FlipAngle": 70,
    "ImageOrientationPatientDICOM": [
      0.998659,
      0.03629,
      -0.0369273,
      -0.0371428,
      0.999053,
      -0.0226745
    ],
    "ImageType": [
      "ORIGINAL",
      "PRIMARY",
      "M",
      "ND",
      "NORM",
      "MOSAIC"
    ],
    "InPlanePhaseEncodingDirectionDICOM": "COL",
    "InstitutionAddress": "Huron_325_TORONTO_ONTARIO_CA_M5S_3G3",
    "InstitutionName": "University_of_Toronto",
    "InstitutionalDepartmentName": "Department",
    "MRAcquisitionType": "2D",
    "MagneticFieldStrength": 3,
    "Manufacturer": "Siemens",
    "ManufacturersModelName": "Prisma",
    "Modality": "MR",
    "MultibandAccelerationFactor": 2,
    "ParallelReductionFactorInPlane": 2,
    "PartialFourier": 1,
    "PatientPosition": "HFS",
    "PercentPhaseFOV": 100,
    "PhaseEncodingDirection": "j-",
    "PhaseEncodingSteps": 87,
    "PhaseResolution": 1,
    "PixelBandwidth": 2275,
    "ProcedureStepDescription": "Cunningham_Nathan",
    "ProtocolName": "ep2d_p2s2_run3",
    "PulseSequenceDetails": "%SiemensSeq%_ep2d_bold",
    "ReceiveCoilActiveElements": "HEA;HEP",
    "ReceiveCoilName": "Head_32",
    "ReconMatrixPE": 88,
    "RepetitionTime": 1.5,
    "SAR": 0.0633222,
    "ScanOptions": "FS",
    "ScanningSequence": "EP",
    "SequenceName": "_epfid2d1_88",
    "SequenceVariant": "SK",
    "SeriesDescription": "ep2d_p2s2_run3",
    "SeriesNumber": 8,
    "ShimSetting": [
      -1025,
      -7050,
      -6387,
      296,
      -91,
      -134,
      -57,
      -8
    ],
    "SliceThickness": 2.5,
    "SliceTiming": [
      0.7125,
      0,
      0.7675,
      0.055,
      0.8225,
      0.11,
      0.8775,
      0.165,
      0.9325,
      0.22,
      0.9875,
      0.275,
      1.0425,
      0.33,
      1.0975,
      0.385,
      1.1525,
      0.44,
      1.2075,
      0.495,
      1.2625,
      0.55,
      1.3175,
      0.605,
      1.3725,
      0.66,
      1.425,
      0.7125,
      0,
      0.7675,
      0.055,
      0.8225,
      0.11,
      0.8775,
      0.165,
      0.9325,
      0.22,
      0.9875,
      0.275,
      1.0425,
      0.33,
      1.0975,
      0.385,
      1.1525,
      0.44,
      1.2075,
      0.495,
      1.2625,
      0.55,
      1.3175,
      0.605,
      1.3725,
      0.66,
      1.425
    ],
    "SoftwareVersions": "syngo_MR_E11",
    "SpacingBetweenSlices": 3,
    "StationName": "AWP66108",
    "TaskName": "roletrait",
    "TotalReadoutTime": 0.0226202,
    "TxRefAmp": 253.081,
    "dataset": "ds002294",
    "modality": "bold",
    "run_id": 3,
    "subject_id": "020",
    "task_id": "roletrait"
  },
  "dummy_trs": 0,
  "dvars_nstd": 36.617161896412426,
  "dvars_std": 1.3714570698870046,
  "dvars_vstd": 1.007211823220339,
  "efc": 0.4349645960747066,
  "fber": 3850.061767578125,
  "fd_mean": 0.09173200922827458,
  "fd_num": 1,
  "fd_perc": 0.28169014084507044,
  "fwhm_avg": 1.709587068573178,
  "fwhm_x": 1.6656600000000001,
  "fwhm_y": 1.857348,
  "fwhm_z": 1.605753205719534,
  "gcor": 0.00641813,
  "gsr_x": -0.013250703923404217,
  "gsr_y": 0.0060504102148115635,
  "provenance": {
    "md5sum": "d77bf8632fb627a65b99f972fadc7ba0",
    "settings": {
      "fd_thres": 0.2,
      "testing": false
    },
    "software": "mriqc",
    "version": "22.0.6",
    "webapi_port": null,
    "webapi_url": "https://mriqc.nimh.nih.gov/api/v1"
  },
  "size_t": 355,
  "size_x": 88,
  "size_y": 88,
  "size_z": 54,
  "snr": 7.5808947109474545,
  "spacing_tr": 1.5,
  "spacing_x": 2.5,
  "spacing_y": 2.5,
  "spacing_z": 3.000000238418579,
  "summary_bg_k": 24.00060303613694,
  "summary_bg_mad": 4.731797720871315,
  "summary_bg_mean": 19.036298751831055,
  "summary_bg_median": 6.101408004760742,
  "summary_bg_n": 316150.0,
  "summary_bg_p05": 2.1661970615386963,
  "summary_bg_p95": 91.15647850036618,
  "summary_bg_stdv": 37.80219650268555,
  "summary_fg_k": 3.144691798232997,
  "summary_fg_mad": 45.23814451746895,
  "summary_fg_mean": 382.1619567871094,
  "summary_fg_median": 379.42816162109375,
  "summary_fg_n": 45651.0,
  "summary_fg_p05": 311.72674560546875,
  "summary_fg_p95": 460.99012756347656,
  "summary_fg_stdv": 50.05002975463867,
  "tsnr": 61.036012194119394
}