{
  "aor": 0.0003805352112676056,
  "aqi": 0.010931901605633803,
  "bids_meta": {
    "AcquisitionMatrixPE": 88,
    "AcquisitionNumber": 1,
    "AcquisitionTime": "15:20:11.227500",
    "BandwidthPerPixelPhaseEncode": 43.706,
    "BaseResolution": 88,
    "BodyPartExamined": "BRAIN",
    "ConsistencyInfo": "N4_VE11C_LATEST_20160120",
    "ConversionSoftware": "dcm2niix",
    "ConversionSoftwareVersion": "v1.0.20171215 (OpenJPEG build) GCC7.3.0",
    "DerivedVendorReportedEchoSpacing": 0.000520003,
    "DeviceSerialNumber": "66108",
    "DwellTime": 2.5e-06,
    "EchoTime": 0.026,
    "EchoTrainLength": 43,
    "EffectiveEchoSpacing": 0.000260002,
    "FlipAngle": 70,
    "ImageOrientationPatientDICOM": [
      0.998659,
      0.03629,
      -0.0369273,
      -0.0371428,
      0.999053,
      -0.0226745
    ],
    "ImageType": [
      "ORIGINAL",
      "PRIMARY",
      "M",
      "ND",
      "NORM",
      "MOSAIC"
    ],
    "InPlanePhaseEncodingDirectionDICOM": "COL",
    "InstitutionAddress": "Huron_325_TORONTO_ONTARIO_CA_M5S_3G3",
    "InstitutionName": "University_of_Toronto",
    "InstitutionalDepartmentName": "Department",
    "MRAcquisitionType": "2D",
    "MagneticFieldStrength": 3,
    "Manufacturer": "Siemens",
    "ManufacturersModelName": "Prisma",
    "Modality": "MR",
    "MultibandAccelerationFactor": 2,
    "ParallelReductionFactorInPlane": 2,
    "PartialFourier": 1,
    "PatientPosition": "HFS",
    "PercentPhaseFOV": 100,
    "PhaseEncodingDirection": "j-",
    "PhaseEncodingSteps": 87,
    "PhaseResolution": 1,
    "PixelBandwidth": 2275,
    "ProcedureStepDescription": "Cunningham_Nathan",
    "ProtocolName": "ep2d_p2s2_run1",
    "PulseSequenceDetails": "%SiemensSeq%_ep2d_bold",
    "ReceiveCoilActiveElements": "HEA;HEP",
    "ReceiveCoilName": "Head_32",
    "ReconMatrixPE": 88,
    "RepetitionTime": 1.5,
    "SAR": 0.0633222,
    "ScanOptions": "FS",
    "ScanningSequence": "EP",
    "SequenceName": "_epfid2d1_88",
    "SequenceVariant": "SK",
    "SeriesDescription": "ep2d_p2s2_run1",
    "SeriesNumber": 6,
    "ShimSetting": [
      -1034,
      -7042,
      -6369,
      355,
      -77,
      -104,
      0,
      -26
    ],
    "SliceThickness": 2.5,
    "SliceTiming": [
      0.7125,
      0,
      0.7675,
      0.055,
      0.8225,
      0.11,
      0.8775,
      0.165,
      0.9325,
      0.22,
      0.9875,
      0.275,
      1.0425,
      0.33,
      1.0975,
      0.385,
      1.15,
      0.4375,
      1.205,
      0.4925,
      1.26,
      0.5475,
      1.315,
      0.6025,
      1.37,
      0.6575,
      1.425,
      0.7125,
      0,
      0.7675,
      0.055,
      0.8225,
      0.11,
      0.8775,
      0.165,
      0.9325,
      0.22,
      0.9875,
      0.275,
      1.0425,
      0.33,
      1.0975,
      0.385,
      1.15,
      0.4375,
      1.205,
      0.4925,
      1.26,
      0.5475,
      1.315,
      0.6025,
      1.37,
      0.6575,
      1.425
    ],
    "SoftwareVersions": "syngo_MR_E11",
    "SpacingBetweenSlices": 3,
    "StationName": "AWP66108",
    "TaskName": "roletrait",
    "TotalReadoutTime": 0.0226202,
    "TxRefAmp": 253.081,
    "dataset": "ds002294",
    "modality": "bold",
    "run_id": 1,
    "subject_id": "020",
    "task_id": "roletrait"
  },
  "dummy_trs": 0,
  "dvars_nstd": 36.452234171299416,
  "dvars_std": 1.350178986045198,
  "dvars_vstd": 1.0026393835875709,
  "efc": 0.43699117392294456,
  "fber": 3768.93798828125,
  "fd_mean": 0.1061374697566625,
  "fd_num": 1,
  "fd_perc": 0.28169014084507044,
  "fwhm_avg": 1.7175808460242343,
  "fwhm_x": 1.678772,
  "fwhm_y": 1.855884,
  "fwhm_z": 1.6180865380727023,
  "gcor": 0.0106938,
  "gsr_x": -0.014964761212468147,
  "gsr_y": 0.004410198424011469,
  "provenance": {
    "md5sum": "ecb0480bf7a10e7934a20dbf7fa23bf5",
    "settings": {
      "fd_thres": 0.2,
      "testing": false
    },
    "software": "mriqc",
    "version": "22.0.6",
    "webapi_port": null,
    "webapi_url": "https://mriqc.nimh.nih.gov/api/v1"
  },
  "size_t": 355,
  "size_x": 88,
  "size_y": 88,
  "size_z": 54,
  "snr": 7.54254651808868,
  "spacing_tr": 1.5,
  "spacing_x": 2.5,
  "spacing_y": 2.5,
  "spacing_z": 3.000000238418579,
  "summary_bg_k": 21.68468812904155,
  "summary_bg_mad": 4.819501389810075,
  "summary_bg_mean": 19.47852897644043,
  "summary_bg_median": 6.171830654144287,
  "summary_bg_n": 315838.0,
  "summary_bg_p05": 2.174647808074951,
  "summary_bg_p95": 95.07661514282148,
  "summary_bg_stdv": 38.85860061645508,
  "summary_fg_k": 3.0561336829188335,
  "summary_fg_mad": 46.040029256194984,
  "summary_fg_mean": 383.0774841308594,
  "summary_fg_median": 379.94927978515625,
  "summary_fg_n": 45835.0,
  "summary_fg_p05": 312.70591125488284,
  "summary_fg_p95": 463.3416717529297,
  "summary_fg_stdv": 50.37358856201172,
  "tsnr": 57.752599716652185
}