{
  "aor": 0.002228338028169014,
  "aqi": 0.021528320845070423,
  "bids_meta": {
    "AcquisitionMatrixPE": 88,
    "AcquisitionNumber": 1,
    "AcquisitionTime": "14:32:45.360000",
    "BandwidthPerPixelPhaseEncode": 43.706,
    "BaseResolution": 88,
    "BodyPartExamined": "BRAIN",
    "ConsistencyInfo": "N4_VE11C_LATEST_20160120",
    "ConversionSoftware": "dcm2niix",
    "ConversionSoftwareVersion": "v1.0.20171215 (OpenJPEG build) GCC7.3.0",
    "DerivedVendorReportedEchoSpacing": 0.000520003,
    "DeviceSerialNumber": "66108",
    "DwellTime": 2.5e-06,
    "EchoTime": 0.026,
    "EchoTrainLength": 43,
    "EffectiveEchoSpacing": 0.000260002,
    "FlipAngle": 70,
    "ImageOrientationPatientDICOM": [
      0.997958,
      0.0335769,
      0.0543269,
      -0.0296187,
      0.996958,
      -0.0720918
    ],
    "ImageType": [
      "ORIGINAL",
      "PRIMARY",
      "M",
      "ND",
      "NORM",
      "MOSAIC"
    ],
    "InPlanePhaseEncodingDirectionDICOM": "COL",
    "InstitutionAddress": "Huron_325_TORONTO_ONTARIO_CA_M5S_3G3",
    "InstitutionName": "University_of_Toronto",
    "InstitutionalDepartmentName": "Department",
    "MRAcquisitionType": "2D",
    "MagneticFieldStrength": 3,
    "Manufacturer": "Siemens",
    "ManufacturersModelName": "Prisma",
    "Modality": "MR",
    "MultibandAccelerationFactor": 2,
    "ParallelReductionFactorInPlane": 2,
    "PartialFourier": 1,
    "PatientPosition": "HFS",
    "PercentPhaseFOV": 100,
    "PhaseEncodingDirection": "j-",
    "PhaseEncodingSteps": 87,
    "PhaseResolution": 1,
    "PixelBandwidth": 2275,
    "ProcedureStepDescription": "Cunningham_Nathan",
    "ProtocolName": "ep2d_p2s2_run4",
    "PulseSequenceDetails": "%SiemensSeq%_ep2d_bold",
    "ReceiveCoilActiveElements": "HEA;HEP",
    "ReceiveCoilName": "Head_32",
    "ReconMatrixPE": 88,
    "RepetitionTime": 1.5,
    "SAR": 0.0594143,
    "ScanOptions": "FS",
    "ScanningSequence": "EP",
    "SequenceName": "_epfid2d1_88",
    "SequenceVariant": "SK",
    "SeriesDescription": "ep2d_p2s2_run4",
    "SeriesNumber": 10,
    "ShimSetting": [
      -1036,
      -6979,
      -6431,
      414,
      -3,
      19,
      -10,
      2
    ],
    "SliceThickness": 2.5,
    "SliceTiming": [
      0.7125,
      0,
      0.7675,
      0.055,
      0.8225,
      0.11,
      0.8775,
      0.165,
      0.9325,
      0.22,
      0.9875,
      0.275,
      1.0425,
      0.33,
      1.0975,
      0.385,
      1.15,
      0.4375,
      1.205,
      0.4925,
      1.26,
      0.5475,
      1.315,
      0.6025,
      1.37,
      0.6575,
      1.425,
      0.7125,
      0,
      0.7675,
      0.055,
      0.8225,
      0.11,
      0.8775,
      0.165,
      0.9325,
      0.22,
      0.9875,
      0.275,
      1.0425,
      0.33,
      1.0975,
      0.385,
      1.15,
      0.4375,
      1.205,
      0.4925,
      1.26,
      0.5475,
      1.315,
      0.6025,
      1.37,
      0.6575,
      1.425
    ],
    "SoftwareVersions": "syngo_MR_E11",
    "SpacingBetweenSlices": 3,
    "StationName": "AWP66108",
    "TaskName": "roletrait",
    "TotalReadoutTime": 0.0226202,
    "TxRefAmp": 245.115,
    "dataset": "ds002294",
    "modality": "bold",
    "run_id": 4,
    "subject_id": "012",
    "task_id": "roletrait"
  },
  "dummy_trs": 0,
  "dvars_nstd": 37.92601628460454,
  "dvars_std": 1.279826025,
  "dvars_vstd": 0.9892231070338987,
  "efc": 0.4915409735461391,
  "fber": 3376.731201171875,
  "fd_mean": 0.14820000941144837,
  "fd_num": 60,
  "fd_perc": 16.901408450704224,
  "fwhm_avg": 1.676604,
  "fwhm_x": 1.658228,
  "fwhm_y": 1.8510639999999998,
  "fwhm_z": 1.52052,
  "gcor": 0.00376939,
  "gsr_x": -0.006215968634933233,
  "gsr_y": 0.022551918402314186,
  "provenance": {
    "md5sum": "d786af6d7855346d92ca1a470ed6aa1d",
    "settings": {
      "fd_thres": 0.2,
      "testing": false
    },
    "software": "mriqc",
    "version": "22.0.6",
    "webapi_port": null,
    "webapi_url": "https://mriqc.nimh.nih.gov/api/v1"
  },
  "size_t": 355,
  "size_x": 88,
  "size_y": 88,
  "size_z": 54,
  "snr": 7.420673025083885,
  "spacing_tr": 1.5,
  "spacing_x": 2.5,
  "spacing_y": 2.5,
  "spacing_z": 3.0,
  "summary_bg_k": 12.962906724428986,
  "summary_bg_mad": 6.164283557126197,
  "summary_bg_mean": 27.44049644470215,
  "summary_bg_median": 7.425351619720459,
  "summary_bg_n": 295234.0,
  "summary_bg_p05": 2.484506845474243,
  "summary_bg_p95": 144.24886703491205,
  "summary_bg_stdv": 50.14914321899414,
  "summary_fg_k": 2.611447315806969,
  "summary_fg_mad": 53.15025793764391,
  "summary_fg_mean": 429.12371826171875,
  "summary_fg_median": 425.9028015136719,
  "summary_fg_n": 62044.0,
  "summary_fg_p05": 348.87815246582034,
  "summary_fg_p95": 522.6985473632812,
  "summary_fg_stdv": 57.39363098144531,
  "tsnr": 43.57957526715472
}