{
  "aor": 0.0009764788732394365,
  "aqi": 0.013144103211267605,
  "bids_meta": {
    "AcquisitionMatrixPE": 88,
    "AcquisitionNumber": 1,
    "AcquisitionTime": "14:12:53.985000",
    "BandwidthPerPixelPhaseEncode": 43.706,
    "BaseResolution": 88,
    "BodyPartExamined": "BRAIN",
    "ConsistencyInfo": "N4_VE11C_LATEST_20160120",
    "ConversionSoftware": "dcm2niix",
    "ConversionSoftwareVersion": "v1.0.20171215 (OpenJPEG build) GCC7.3.0",
    "DerivedVendorReportedEchoSpacing": 0.000520003,
    "DeviceSerialNumber": "66108",
    "DwellTime": 2.5e-06,
    "EchoTime": 0.026,
    "EchoTrainLength": 43,
    "EffectiveEchoSpacing": 0.000260002,
    "FlipAngle": 70,
    "ImageOrientationPatientDICOM": [
      0.997958,
      0.0335769,
      0.0543269,
      -0.0296187,
      0.996958,
      -0.0720918
    ],
    "ImageType": [
      "ORIGINAL",
      "PRIMARY",
      "M",
      "ND",
      "NORM",
      "MOSAIC"
    ],
    "InPlanePhaseEncodingDirectionDICOM": "COL",
    "InstitutionAddress": "Huron_325_TORONTO_ONTARIO_CA_M5S_3G3",
    "InstitutionName": "University_of_Toronto",
    "InstitutionalDepartmentName": "Department",
    "MRAcquisitionType": "2D",
    "MagneticFieldStrength": 3,
    "Manufacturer": "Siemens",
    "ManufacturersModelName": "Prisma",
    "Modality": "MR",
    "MultibandAccelerationFactor": 2,
    "ParallelReductionFactorInPlane": 2,
    "PartialFourier": 1,
    "PatientPosition": "HFS",
    "PercentPhaseFOV": 100,
    "PhaseEncodingDirection": "j-",
    "PhaseEncodingSteps": 87,
    "PhaseResolution": 1,
    "PixelBandwidth": 2275,
    "ProcedureStepDescription": "Cunningham_Nathan",
    "ProtocolName": "ep2d_p2s2_run2",
    "PulseSequenceDetails": "%SiemensSeq%_ep2d_bold",
    "ReceiveCoilActiveElements": "HEA;HEP",
    "ReceiveCoilName": "Head_32",
    "ReconMatrixPE": 88,
    "RepetitionTime": 1.5,
    "SAR": 0.0594143,
    "ScanOptions": "FS",
    "ScanningSequence": "EP",
    "SequenceName": "_epfid2d1_88",
    "SequenceVariant": "SK",
    "SeriesDescription": "ep2d_p2s2_run2",
    "SeriesNumber": 8,
    "ShimSetting": [
      -1036,
      -6979,
      -6431,
      414,
      -3,
      19,
      -10,
      2
    ],
    "SliceThickness": 2.5,
    "SliceTiming": [
      0.7125,
      0,
      0.7675,
      0.055,
      0.8225,
      0.11,
      0.875,
      0.1625,
      0.93,
      0.2175,
      0.985,
      0.2725,
      1.04,
      0.3275,
      1.095,
      0.3825,
      1.15,
      0.4375,
      1.205,
      0.4925,
      1.26,
      0.5475,
      1.315,
      0.6025,
      1.37,
      0.6575,
      1.425,
      0.7125,
      0,
      0.7675,
      0.055,
      0.8225,
      0.11,
      0.875,
      0.1625,
      0.93,
      0.2175,
      0.985,
      0.2725,
      1.04,
      0.3275,
      1.095,
      0.3825,
      1.15,
      0.4375,
      1.205,
      0.4925,
      1.26,
      0.5475,
      1.315,
      0.6025,
      1.37,
      0.6575,
      1.425
    ],
    "SoftwareVersions": "syngo_MR_E11",
    "SpacingBetweenSlices": 3,
    "StationName": "AWP66108",
    "TaskName": "roletrait",
    "TotalReadoutTime": 0.0226202,
    "TxRefAmp": 245.115,
    "dataset": "ds002294",
    "modality": "bold",
    "run_id": 2,
    "subject_id": "012",
    "task_id": "roletrait"
  },
  "dummy_trs": 0,
  "dvars_nstd": 37.522868506836154,
  "dvars_std": 1.3447184365819216,
  "dvars_vstd": 1.0140963584463285,
  "efc": 0.4894446263511397,
  "fber": 3419.654296875,
  "fd_mean": 0.12543463135495458,
  "fd_num": 18,
  "fd_perc": 5.070422535211268,
  "fwhm_avg": 1.6618624444444443,
  "fwhm_x": 1.6347840000000002,
  "fwhm_y": 1.8098400000000001,
  "fwhm_z": 1.5409633333333332,
  "gcor": 0.00519234,
  "gsr_x": -0.006373366806656122,
  "gsr_y": 0.021396461874246597,
  "provenance": {
    "md5sum": "523348e3e29c66e2c3836e4fb6624a24",
    "settings": {
      "fd_thres": 0.2,
      "testing": false
    },
    "software": "mriqc",
    "version": "22.0.6",
    "webapi_port": null,
    "webapi_url": "https://mriqc.nimh.nih.gov/api/v1"
  },
  "size_t": 355,
  "size_x": 88,
  "size_y": 88,
  "size_z": 54,
  "snr": 7.388405032367488,
  "spacing_tr": 1.5,
  "spacing_x": 2.5,
  "spacing_y": 2.5,
  "spacing_z": 3.0,
  "summary_bg_k": 13.925990270073317,
  "summary_bg_mad": 6.0034945578448795,
  "summary_bg_mean": 26.652427673339844,
  "summary_bg_median": 7.261971473693848,
  "summary_bg_n": 295212.0,
  "summary_bg_p05": 2.374647855758667,
  "summary_bg_p95": 141.88450622558594,
  "summary_bg_stdv": 49.72543716430664,
  "summary_fg_k": 3.019196807329969,
  "summary_fg_mad": 52.96230842544688,
  "summary_fg_mean": 429.0824279785156,
  "summary_fg_median": 426.2774658203125,
  "summary_fg_n": 61964.0,
  "summary_fg_p05": 348.7746276855469,
  "summary_fg_p95": 521.8253173828125,
  "summary_fg_stdv": 57.69499969482422,
  "tsnr": 53.35009438567795
}