{
  "aor": 0.0008259718309859155,
  "aqi": 0.013271782873239437,
  "bids_meta": {
    "AcquisitionMatrixPE": 88,
    "AcquisitionNumber": 1,
    "AcquisitionTime": "14:23:10.360000",
    "BandwidthPerPixelPhaseEncode": 43.706,
    "BaseResolution": 88,
    "BodyPartExamined": "BRAIN",
    "ConsistencyInfo": "N4_VE11C_LATEST_20160120",
    "ConversionSoftware": "dcm2niix",
    "ConversionSoftwareVersion": "v1.0.20171215 (OpenJPEG build) GCC7.3.0",
    "DerivedVendorReportedEchoSpacing": 0.000520003,
    "DeviceSerialNumber": "66108",
    "DwellTime": 2.5e-06,
    "EchoTime": 0.026,
    "EchoTrainLength": 43,
    "EffectiveEchoSpacing": 0.000260002,
    "FlipAngle": 70,
    "ImageOrientationPatientDICOM": [
      0.997958,
      0.0335769,
      0.0543269,
      -0.0296187,
      0.996958,
      -0.0720918
    ],
    "ImageType": [
      "ORIGINAL",
      "PRIMARY",
      "M",
      "ND",
      "NORM",
      "MOSAIC"
    ],
    "InPlanePhaseEncodingDirectionDICOM": "COL",
    "InstitutionAddress": "Huron_325_TORONTO_ONTARIO_CA_M5S_3G3",
    "InstitutionName": "University_of_Toronto",
    "InstitutionalDepartmentName": "Department",
    "MRAcquisitionType": "2D",
    "MagneticFieldStrength": 3,
    "Manufacturer": "Siemens",
    "ManufacturersModelName": "Prisma",
    "Modality": "MR",
    "MultibandAccelerationFactor": 2,
    "ParallelReductionFactorInPlane": 2,
    "PartialFourier": 1,
    "PatientPosition": "HFS",
    "PercentPhaseFOV": 100,
    "PhaseEncodingDirection": "j-",
    "PhaseEncodingSteps": 87,
    "PhaseResolution": 1,
    "PixelBandwidth": 2275,
    "ProcedureStepDescription": "Cunningham_Nathan",
    "ProtocolName": "ep2d_p2s2_run3",
    "PulseSequenceDetails": "%SiemensSeq%_ep2d_bold",
    "ReceiveCoilActiveElements": "HEA;HEP",
    "ReceiveCoilName": "Head_32",
    "ReconMatrixPE": 88,
    "RepetitionTime": 1.5,
    "SAR": 0.0594143,
    "ScanOptions": "FS",
    "ScanningSequence": "EP",
    "SequenceName": "_epfid2d1_88",
    "SequenceVariant": "SK",
    "SeriesDescription": "ep2d_p2s2_run3",
    "SeriesNumber": 9,
    "ShimSetting": [
      -1036,
      -6979,
      -6431,
      414,
      -3,
      19,
      -10,
      2
    ],
    "SliceThickness": 2.5,
    "SliceTiming": [
      0.7125,
      0,
      0.7675,
      0.055,
      0.8225,
      0.11,
      0.875,
      0.1625,
      0.93,
      0.2175,
      0.985,
      0.2725,
      1.04,
      0.3275,
      1.095,
      0.3825,
      1.15,
      0.4375,
      1.205,
      0.4925,
      1.26,
      0.5475,
      1.315,
      0.6025,
      1.37,
      0.6575,
      1.425,
      0.7125,
      0,
      0.7675,
      0.055,
      0.8225,
      0.11,
      0.875,
      0.1625,
      0.93,
      0.2175,
      0.985,
      0.2725,
      1.04,
      0.3275,
      1.095,
      0.3825,
      1.15,
      0.4375,
      1.205,
      0.4925,
      1.26,
      0.5475,
      1.315,
      0.6025,
      1.37,
      0.6575,
      1.425
    ],
    "SoftwareVersions": "syngo_MR_E11",
    "SpacingBetweenSlices": 3,
    "StationName": "AWP66108",
    "TaskName": "roletrait",
    "TotalReadoutTime": 0.0226202,
    "TxRefAmp": 245.115,
    "dataset": "ds002294",
    "modality": "bold",
    "run_id": 3,
    "subject_id": "012",
    "task_id": "roletrait"
  },
  "dummy_trs": 0,
  "dvars_nstd": 37.58919566096048,
  "dvars_std": 1.3208448718926553,
  "dvars_vstd": 1.0034567862429387,
  "efc": 0.49032817695820397,
  "fber": 3390.721435546875,
  "fd_mean": 0.13180129581512576,
  "fd_num": 34,
  "fd_perc": 9.577464788732394,
  "fwhm_avg": 1.6590313333333333,
  "fwhm_x": 1.6355720000000002,
  "fwhm_y": 1.812632,
  "fwhm_z": 1.5288899999999999,
  "gcor": 0.00762465,
  "gsr_x": -0.006514034699648619,
  "gsr_y": 0.022208794951438904,
  "provenance": {
    "md5sum": "2c34ed8e5d0ae2d7a9f70e3657cadaf2",
    "settings": {
      "fd_thres": 0.2,
      "testing": false
    },
    "software": "mriqc",
    "version": "22.0.6",
    "webapi_port": null,
    "webapi_url": "https://mriqc.nimh.nih.gov/api/v1"
  },
  "size_t": 355,
  "size_x": 88,
  "size_y": 88,
  "size_z": 54,
  "snr": 7.404260932844459,
  "spacing_tr": 1.5,
  "spacing_x": 2.5,
  "spacing_y": 2.5,
  "spacing_z": 3.0,
  "summary_bg_k": 13.762044627950573,
  "summary_bg_mad": 5.972172172418094,
  "summary_bg_mean": 26.815595626831055,
  "summary_bg_median": 7.284506797790527,
  "summary_bg_n": 295154.0,
  "summary_bg_p05": 2.4478871822357178,
  "summary_bg_p95": 141.76365356445274,
  "summary_bg_stdv": 49.638301849365234,
  "summary_fg_k": 2.988961324244097,
  "summary_fg_mad": 52.784810607356135,
  "summary_fg_mean": 428.4305725097656,
  "summary_fg_median": 425.6337890625,
  "summary_fg_n": 62011.0,
  "summary_fg_p05": 348.5647735595703,
  "summary_fg_p95": 521.5098571777344,
  "summary_fg_stdv": 57.48451614379883,
  "tsnr": 53.198629999766126
}