{
  "aor": 0.00045385915492957745,
  "aqi": 0.008823351830985916,
  "bids_meta": {
    "AcquisitionMatrixPE": 88,
    "AcquisitionNumber": 1,
    "AcquisitionTime": "10:04:53.857500",
    "BandwidthPerPixelPhaseEncode": 43.706,
    "BaseResolution": 88,
    "BodyPartExamined": "BRAIN",
    "ConsistencyInfo": "N4_VE11C_LATEST_20160120",
    "ConversionSoftware": "dcm2niix",
    "ConversionSoftwareVersion": "v1.0.20171215 (OpenJPEG build) GCC7.3.0",
    "DerivedVendorReportedEchoSpacing": 0.000520003,
    "DeviceSerialNumber": "66108",
    "DwellTime": 2.5e-06,
    "EchoTime": 0.026,
    "EchoTrainLength": 43,
    "EffectiveEchoSpacing": 0.000260002,
    "FlipAngle": 70,
    "ImageOrientationPatientDICOM": [
      0.996116,
      0.0283514,
      0.0833643,
      -0.0166916,
      0.990379,
      -0.137371
    ],
    "ImageType": [
      "ORIGINAL",
      "PRIMARY",
      "M",
      "ND",
      "NORM",
      "MOSAIC"
    ],
    "InPlanePhaseEncodingDirectionDICOM": "COL",
    "InstitutionAddress": "Huron_325_TORONTO_ONTARIO_CA_M5S_3G3",
    "InstitutionName": "University_of_Toronto",
    "InstitutionalDepartmentName": "Department",
    "MRAcquisitionType": "2D",
    "MagneticFieldStrength": 3,
    "Manufacturer": "Siemens",
    "ManufacturersModelName": "Prisma",
    "Modality": "MR",
    "MultibandAccelerationFactor": 2,
    "ParallelReductionFactorInPlane": 2,
    "PartialFourier": 1,
    "PatientPosition": "HFS",
    "PercentPhaseFOV": 100,
    "PhaseEncodingDirection": "j-",
    "PhaseEncodingSteps": 87,
    "PhaseResolution": 1,
    "PixelBandwidth": 2275,
    "ProcedureStepDescription": "Cunningham_Nathan",
    "ProtocolName": "ep2d_p2s2_run1",
    "PulseSequenceDetails": "%SiemensSeq%_ep2d_bold",
    "ReceiveCoilActiveElements": "HEA;HEP",
    "ReceiveCoilName": "Head_32",
    "ReconMatrixPE": 88,
    "RepetitionTime": 1.5,
    "SAR": 0.0678607,
    "ScanOptions": "FS",
    "ScanningSequence": "EP",
    "SequenceName": "_epfid2d1_88",
    "SequenceVariant": "SK",
    "SeriesDescription": "ep2d_p2s2_run1",
    "SeriesNumber": 6,
    "ShimSetting": [
      -1016,
      -7040,
      -6412,
      498,
      -29,
      -119,
      -19,
      -57
    ],
    "SliceThickness": 2.5,
    "SliceTiming": [
      0.7125,
      0,
      0.7675,
      0.055,
      0.8225,
      0.11,
      0.8775,
      0.165,
      0.9325,
      0.22,
      0.9875,
      0.275,
      1.0425,
      0.33,
      1.0975,
      0.385,
      1.1525,
      0.44,
      1.2075,
      0.495,
      1.2625,
      0.55,
      1.3175,
      0.605,
      1.3725,
      0.66,
      1.4275,
      0.7125,
      0,
      0.7675,
      0.055,
      0.8225,
      0.11,
      0.8775,
      0.165,
      0.9325,
      0.22,
      0.9875,
      0.275,
      1.0425,
      0.33,
      1.0975,
      0.385,
      1.1525,
      0.44,
      1.2075,
      0.495,
      1.2625,
      0.55,
      1.3175,
      0.605,
      1.3725,
      0.66,
      1.4275
    ],
    "SoftwareVersions": "syngo_MR_E11",
    "SpacingBetweenSlices": 3,
    "StationName": "AWP66108",
    "TaskName": "roletrait",
    "TotalReadoutTime": 0.0226202,
    "TxRefAmp": 249.645,
    "dataset": "ds002294",
    "modality": "bold",
    "run_id": 1,
    "subject_id": "007",
    "task_id": "roletrait"
  },
  "dummy_trs": 0,
  "dvars_nstd": 31.06676063980228,
  "dvars_std": 1.211572302090395,
  "dvars_vstd": 1.007501025536723,
  "efc": 0.4633635494819641,
  "fber": 3606.965087890625,
  "fd_mean": 0.10448801644812462,
  "fd_num": 24,
  "fd_perc": 6.76056338028169,
  "fwhm_avg": 1.6530775555555557,
  "fwhm_x": 1.66952,
  "fwhm_y": 1.773236,
  "fwhm_z": 1.5164766666666667,
  "gcor": 0.031193,
  "gsr_x": 0.0015504005132243037,
  "gsr_y": 0.004684815648943186,
  "provenance": {
    "md5sum": "b04841ae3e4672fc5ae19c959c7b65a9",
    "settings": {
      "fd_thres": 0.2,
      "testing": false
    },
    "software": "mriqc",
    "version": "22.0.6",
    "webapi_port": null,
    "webapi_url": "https://mriqc.nimh.nih.gov/api/v1"
  },
  "size_t": 355,
  "size_x": 88,
  "size_y": 88,
  "size_z": 54,
  "snr": 6.803321102603995,
  "spacing_tr": 1.5,
  "spacing_x": 2.5,
  "spacing_y": 2.5,
  "spacing_z": 3.0,
  "summary_bg_k": 18.495489187677254,
  "summary_bg_mad": 6.226929034939597,
  "summary_bg_mean": 23.615171432495117,
  "summary_bg_median": 7.554929256439209,
  "summary_bg_n": 301657.0,
  "summary_bg_p05": 2.5323941707611084,
  "summary_bg_p95": 107.19999694824219,
  "summary_bg_stdv": 45.47136306762695,
  "summary_fg_k": 1.5554372101600284,
  "summary_fg_mad": 68.90548549872072,
  "summary_fg_mean": 454.2259216308594,
  "summary_fg_median": 451.6985778808594,
  "summary_fg_n": 56712.0,
  "summary_fg_p05": 360.2973205566406,
  "summary_fg_p95": 559.7211303710938,
  "summary_fg_stdv": 66.39324951171875,
  "tsnr": 56.51484086527489
}