{
  "aor": 0.0004167514124293785,
  "aqi": 0.010639188531073446,
  "bids_meta": {
    "AcquisitionMatrixPE": 88,
    "AcquisitionNumber": 1,
    "AcquisitionTime": "10:14:15.870000",
    "BandwidthPerPixelPhaseEncode": 43.706,
    "BaseResolution": 88,
    "BodyPartExamined": "BRAIN",
    "ConsistencyInfo": "N4_VE11C_LATEST_20160120",
    "ConversionSoftware": "dcm2niix",
    "ConversionSoftwareVersion": "v1.0.20171215 (OpenJPEG build) GCC7.3.0",
    "DerivedVendorReportedEchoSpacing": 0.000520003,
    "DeviceSerialNumber": "66108",
    "DwellTime": 2.5e-06,
    "EchoTime": 0.026,
    "EchoTrainLength": 43,
    "EffectiveEchoSpacing": 0.000260002,
    "FlipAngle": 70,
    "ImageOrientationPatientDICOM": [
      0.996116,
      0.0283514,
      0.0833643,
      -0.0166916,
      0.990379,
      -0.137371
    ],
    "ImageType": [
      "ORIGINAL",
      "PRIMARY",
      "M",
      "ND",
      "NORM",
      "MOSAIC"
    ],
    "InPlanePhaseEncodingDirectionDICOM": "COL",
    "InstitutionAddress": "Huron_325_TORONTO_ONTARIO_CA_M5S_3G3",
    "InstitutionName": "University_of_Toronto",
    "InstitutionalDepartmentName": "Department",
    "MRAcquisitionType": "2D",
    "MagneticFieldStrength": 3,
    "Manufacturer": "Siemens",
    "ManufacturersModelName": "Prisma",
    "Modality": "MR",
    "MultibandAccelerationFactor": 2,
    "ParallelReductionFactorInPlane": 2,
    "PartialFourier": 1,
    "PatientPosition": "HFS",
    "PercentPhaseFOV": 100,
    "PhaseEncodingDirection": "j-",
    "PhaseEncodingSteps": 87,
    "PhaseResolution": 1,
    "PixelBandwidth": 2275,
    "ProcedureStepDescription": "Cunningham_Nathan",
    "ProtocolName": "ep2d_p2s2_run2",
    "PulseSequenceDetails": "%SiemensSeq%_ep2d_bold",
    "ReceiveCoilActiveElements": "HEA;HEP",
    "ReceiveCoilName": "Head_32",
    "ReconMatrixPE": 88,
    "RepetitionTime": 1.5,
    "SAR": 0.0678607,
    "ScanOptions": "FS",
    "ScanningSequence": "EP",
    "SequenceName": "_epfid2d1_88",
    "SequenceVariant": "SK",
    "SeriesDescription": "ep2d_p2s2_run2",
    "SeriesNumber": 7,
    "ShimSetting": [
      -1019,
      -7037,
      -6415,
      401,
      -59,
      -119,
      -67,
      -60
    ],
    "SliceThickness": 2.5,
    "SliceTiming": [
      0.7125,
      0,
      0.7675,
      0.055,
      0.8225,
      0.11,
      0.8775,
      0.165,
      0.9325,
      0.22,
      0.9875,
      0.275,
      1.0425,
      0.33,
      1.095,
      0.3825,
      1.15,
      0.4375,
      1.205,
      0.4925,
      1.26,
      0.5475,
      1.315,
      0.6025,
      1.37,
      0.6575,
      1.425,
      0.7125,
      0,
      0.7675,
      0.055,
      0.8225,
      0.11,
      0.8775,
      0.165,
      0.9325,
      0.22,
      0.9875,
      0.275,
      1.0425,
      0.33,
      1.095,
      0.3825,
      1.15,
      0.4375,
      1.205,
      0.4925,
      1.26,
      0.5475,
      1.315,
      0.6025,
      1.37,
      0.6575,
      1.425
    ],
    "SoftwareVersions": "syngo_MR_E11",
    "SpacingBetweenSlices": 3,
    "StationName": "AWP66108",
    "TaskName": "roletrait",
    "TotalReadoutTime": 0.0226202,
    "TxRefAmp": 249.645,
    "dataset": "ds002294",
    "modality": "bold",
    "run_id": 2,
    "subject_id": "007",
    "task_id": "roletrait"
  },
  "dummy_trs": 1,
  "dvars_nstd": 34.4350570970255,
  "dvars_std": 1.287354548526912,
  "dvars_vstd": 0.9908219866288946,
  "efc": 0.46450710174330573,
  "fber": 3599.225341796875,
  "fd_mean": 0.11226037382776498,
  "fd_num": 11,
  "fd_perc": 3.1073446327683616,
  "fwhm_avg": 1.6313242222222222,
  "fwhm_x": 1.640356,
  "fwhm_y": 1.7564199999999999,
  "fwhm_z": 1.4971966666666667,
  "gcor": 0.00515969,
  "gsr_x": 0.0018157655140385032,
  "gsr_y": 0.005550306756049395,
  "provenance": {
    "md5sum": "eca85243527a4196344e9a3a33e61716",
    "settings": {
      "fd_thres": 0.2,
      "testing": false
    },
    "software": "mriqc",
    "version": "22.0.6",
    "webapi_port": null,
    "webapi_url": "https://mriqc.nimh.nih.gov/api/v1"
  },
  "size_t": 354,
  "size_x": 88,
  "size_y": 88,
  "size_z": 54,
  "snr": 6.861470138054527,
  "spacing_tr": 1.5,
  "spacing_x": 2.5,
  "spacing_y": 2.5,
  "spacing_z": 3.0,
  "summary_bg_k": 18.478717884381805,
  "summary_bg_mad": 6.286400616602417,
  "summary_bg_mean": 23.868356704711914,
  "summary_bg_median": 7.539547920227051,
  "summary_bg_n": 301639.0,
  "summary_bg_p05": 2.451977491378784,
  "summary_bg_p95": 109.14491348266581,
  "summary_bg_stdv": 45.8873405456543,
  "summary_fg_k": 1.696534502501609,
  "summary_fg_mad": 68.02799564808298,
  "summary_fg_mean": 452.52410888671875,
  "summary_fg_median": 449.96044921875,
  "summary_fg_n": 56729.0,
  "summary_fg_p05": 360.0632690429687,
  "summary_fg_p95": 556.3926391601562,
  "summary_fg_stdv": 65.5772705078125,
  "tsnr": 53.33541916590184
}