{
  "aor": 0.00047278873239436626,
  "aqi": 0.009920284366197183,
  "bids_meta": {
    "AcquisitionMatrixPE": 88,
    "AcquisitionNumber": 1,
    "AcquisitionTime": "10:25:35.930000",
    "BandwidthPerPixelPhaseEncode": 43.706,
    "BaseResolution": 88,
    "BodyPartExamined": "BRAIN",
    "ConsistencyInfo": "N4_VE11C_LATEST_20160120",
    "ConversionSoftware": "dcm2niix",
    "ConversionSoftwareVersion": "v1.0.20171215 (OpenJPEG build) GCC7.3.0",
    "DerivedVendorReportedEchoSpacing": 0.000520003,
    "DeviceSerialNumber": "66108",
    "DwellTime": 2.5e-06,
    "EchoTime": 0.026,
    "EchoTrainLength": 43,
    "EffectiveEchoSpacing": 0.000260002,
    "FlipAngle": 70,
    "ImageOrientationPatientDICOM": [
      0.996116,
      0.0283514,
      0.0833643,
      -0.0166916,
      0.990379,
      -0.137371
    ],
    "ImageType": [
      "ORIGINAL",
      "PRIMARY",
      "M",
      "ND",
      "NORM",
      "MOSAIC"
    ],
    "InPlanePhaseEncodingDirectionDICOM": "COL",
    "InstitutionAddress": "Huron_325_TORONTO_ONTARIO_CA_M5S_3G3",
    "InstitutionName": "University_of_Toronto",
    "InstitutionalDepartmentName": "Department",
    "MRAcquisitionType": "2D",
    "MagneticFieldStrength": 3,
    "Manufacturer": "Siemens",
    "ManufacturersModelName": "Prisma",
    "Modality": "MR",
    "MultibandAccelerationFactor": 2,
    "ParallelReductionFactorInPlane": 2,
    "PartialFourier": 1,
    "PatientPosition": "HFS",
    "PercentPhaseFOV": 100,
    "PhaseEncodingDirection": "j-",
    "PhaseEncodingSteps": 87,
    "PhaseResolution": 1,
    "PixelBandwidth": 2275,
    "ProcedureStepDescription": "Cunningham_Nathan",
    "ProtocolName": "ep2d_p2s2_run3",
    "PulseSequenceDetails": "%SiemensSeq%_ep2d_bold",
    "ReceiveCoilActiveElements": "HEA;HEP",
    "ReceiveCoilName": "Head_32",
    "ReconMatrixPE": 88,
    "RepetitionTime": 1.5,
    "SAR": 0.0678607,
    "ScanOptions": "FS",
    "ScanningSequence": "EP",
    "SequenceName": "_epfid2d1_88",
    "SequenceVariant": "SK",
    "SeriesDescription": "ep2d_p2s2_run3",
    "SeriesNumber": 8,
    "ShimSetting": [
      -1019,
      -7037,
      -6415,
      401,
      -59,
      -119,
      -67,
      -60
    ],
    "SliceThickness": 2.5,
    "SliceTiming": [
      0.7125,
      0,
      0.7675,
      0.055,
      0.8225,
      0.11,
      0.8775,
      0.165,
      0.9325,
      0.22,
      0.9875,
      0.275,
      1.0425,
      0.33,
      1.0975,
      0.385,
      1.1525,
      0.44,
      1.2075,
      0.495,
      1.2625,
      0.55,
      1.315,
      0.6025,
      1.37,
      0.6575,
      1.425,
      0.7125,
      0,
      0.7675,
      0.055,
      0.8225,
      0.11,
      0.8775,
      0.165,
      0.9325,
      0.22,
      0.9875,
      0.275,
      1.0425,
      0.33,
      1.0975,
      0.385,
      1.1525,
      0.44,
      1.2075,
      0.495,
      1.2625,
      0.55,
      1.315,
      0.6025,
      1.37,
      0.6575,
      1.425
    ],
    "SoftwareVersions": "syngo_MR_E11",
    "SpacingBetweenSlices": 3,
    "StationName": "AWP66108",
    "TaskName": "roletrait",
    "TotalReadoutTime": 0.0226202,
    "TxRefAmp": 249.645,
    "dataset": "ds002294",
    "modality": "bold",
    "run_id": 3,
    "subject_id": "007",
    "task_id": "roletrait"
  },
  "dummy_trs": 0,
  "dvars_nstd": 34.79431910960451,
  "dvars_std": 1.319543389971751,
  "dvars_vstd": 1.0033191353107347,
  "efc": 0.4650831655386814,
  "fber": 3530.2138671875,
  "fd_mean": 0.0934551196267514,
  "fd_num": 1,
  "fd_perc": 0.28169014084507044,
  "fwhm_avg": 1.6371282222222223,
  "fwhm_x": 1.6420919999999999,
  "fwhm_y": 1.760056,
  "fwhm_z": 1.5092366666666666,
  "gcor": 0.0125427,
  "gsr_x": 0.00241874810308218,
  "gsr_y": 0.006070972885936499,
  "provenance": {
    "md5sum": "8cfb81a3c49fb65c23ba302a30455214",
    "settings": {
      "fd_thres": 0.2,
      "testing": false
    },
    "software": "mriqc",
    "version": "22.0.6",
    "webapi_port": null,
    "webapi_url": "https://mriqc.nimh.nih.gov/api/v1"
  },
  "size_t": 355,
  "size_x": 88,
  "size_y": 88,
  "size_z": 54,
  "snr": 6.858927326075534,
  "spacing_tr": 1.5,
  "spacing_x": 2.5,
  "spacing_y": 2.5,
  "spacing_z": 3.0,
  "summary_bg_k": 18.289446056788133,
  "summary_bg_mad": 6.289574159273083,
  "summary_bg_mean": 23.979177474975586,
  "summary_bg_median": 7.608450412750244,
  "summary_bg_n": 301797.0,
  "summary_bg_p05": 2.552112579345703,
  "summary_bg_p95": 109.81182708740238,
  "summary_bg_stdv": 45.63721466064453,
  "summary_fg_k": 1.5814771754256824,
  "summary_fg_mad": 68.1328745525781,
  "summary_fg_mean": 452.5033264160156,
  "summary_fg_median": 449.67041015625,
  "summary_fg_n": 56695.0,
  "summary_fg_p05": 359.7521057128906,
  "summary_fg_p95": 555.8103942871093,
  "summary_fg_stdv": 65.55929565429688,
  "tsnr": 54.965249146101996
}