{
  "aor": 0.0006106197183098593,
  "aqi": 0.0108929538028169,
  "bids_meta": {
    "AcquisitionMatrixPE": 88,
    "AcquisitionNumber": 1,
    "AcquisitionTime": "10:34:59.922500",
    "BandwidthPerPixelPhaseEncode": 43.706,
    "BaseResolution": 88,
    "BodyPartExamined": "BRAIN",
    "ConsistencyInfo": "N4_VE11C_LATEST_20160120",
    "ConversionSoftware": "dcm2niix",
    "ConversionSoftwareVersion": "v1.0.20171215 (OpenJPEG build) GCC7.3.0",
    "DerivedVendorReportedEchoSpacing": 0.000520003,
    "DeviceSerialNumber": "66108",
    "DwellTime": 2.5e-06,
    "EchoTime": 0.026,
    "EchoTrainLength": 43,
    "EffectiveEchoSpacing": 0.000260002,
    "FlipAngle": 70,
    "ImageOrientationPatientDICOM": [
      0.996116,
      0.0283514,
      0.0833643,
      -0.0166916,
      0.990379,
      -0.137371
    ],
    "ImageType": [
      "ORIGINAL",
      "PRIMARY",
      "M",
      "ND",
      "NORM",
      "MOSAIC"
    ],
    "InPlanePhaseEncodingDirectionDICOM": "COL",
    "InstitutionAddress": "Huron_325_TORONTO_ONTARIO_CA_M5S_3G3",
    "InstitutionName": "University_of_Toronto",
    "InstitutionalDepartmentName": "Department",
    "MRAcquisitionType": "2D",
    "MagneticFieldStrength": 3,
    "Manufacturer": "Siemens",
    "ManufacturersModelName": "Prisma",
    "Modality": "MR",
    "MultibandAccelerationFactor": 2,
    "ParallelReductionFactorInPlane": 2,
    "PartialFourier": 1,
    "PatientPosition": "HFS",
    "PercentPhaseFOV": 100,
    "PhaseEncodingDirection": "j-",
    "PhaseEncodingSteps": 87,
    "PhaseResolution": 1,
    "PixelBandwidth": 2275,
    "ProcedureStepDescription": "Cunningham_Nathan",
    "ProtocolName": "ep2d_p2s2_run4",
    "PulseSequenceDetails": "%SiemensSeq%_ep2d_bold",
    "ReceiveCoilActiveElements": "HEA;HEP",
    "ReceiveCoilName": "Head_32",
    "ReconMatrixPE": 88,
    "RepetitionTime": 1.5,
    "SAR": 0.0678607,
    "ScanOptions": "FS",
    "ScanningSequence": "EP",
    "SequenceName": "_epfid2d1_88",
    "SequenceVariant": "SK",
    "SeriesDescription": "ep2d_p2s2_run4",
    "SeriesNumber": 9,
    "ShimSetting": [
      -1019,
      -7037,
      -6415,
      401,
      -59,
      -119,
      -67,
      -60
    ],
    "SliceThickness": 2.5,
    "SliceTiming": [
      0.7125,
      0,
      0.765,
      0.0525,
      0.82,
      0.1075,
      0.875,
      0.1625,
      0.93,
      0.2175,
      0.985,
      0.2725,
      1.04,
      0.3275,
      1.095,
      0.3825,
      1.15,
      0.4375,
      1.205,
      0.4925,
      1.26,
      0.5475,
      1.315,
      0.6025,
      1.37,
      0.6575,
      1.425,
      0.7125,
      0,
      0.765,
      0.0525,
      0.82,
      0.1075,
      0.875,
      0.1625,
      0.93,
      0.2175,
      0.985,
      0.2725,
      1.04,
      0.3275,
      1.095,
      0.3825,
      1.15,
      0.4375,
      1.205,
      0.4925,
      1.26,
      0.5475,
      1.315,
      0.6025,
      1.37,
      0.6575,
      1.425
    ],
    "SoftwareVersions": "syngo_MR_E11",
    "SpacingBetweenSlices": 3,
    "StationName": "AWP66108",
    "TaskName": "roletrait",
    "TotalReadoutTime": 0.0226202,
    "TxRefAmp": 249.645,
    "dataset": "ds002294",
    "modality": "bold",
    "run_id": 4,
    "subject_id": "007",
    "task_id": "roletrait"
  },
  "dummy_trs": 0,
  "dvars_nstd": 32.672054748587534,
  "dvars_std": 1.2530944992937851,
  "dvars_vstd": 0.9941467177401122,
  "efc": 0.46604710256701426,
  "fber": 3556.138671875,
  "fd_mean": 0.10811372546382832,
  "fd_num": 9,
  "fd_perc": 2.535211267605634,
  "fwhm_avg": 1.6387184444444445,
  "fwhm_x": 1.632116,
  "fwhm_y": 1.777216,
  "fwhm_z": 1.5068233333333334,
  "gcor": 0.0119014,
  "gsr_x": 0.0031023237388581038,
  "gsr_y": 0.006100103259086609,
  "provenance": {
    "md5sum": "9596b8fc0829e229b798732ab31279c5",
    "settings": {
      "fd_thres": 0.2,
      "testing": false
    },
    "software": "mriqc",
    "version": "22.0.6",
    "webapi_port": null,
    "webapi_url": "https://mriqc.nimh.nih.gov/api/v1"
  },
  "size_t": 355,
  "size_x": 88,
  "size_y": 88,
  "size_z": 54,
  "snr": 6.880748823197522,
  "spacing_tr": 1.5,
  "spacing_x": 2.5,
  "spacing_y": 2.5,
  "spacing_z": 3.0,
  "summary_bg_k": 18.152982754580407,
  "summary_bg_mad": 6.348043271898923,
  "summary_bg_mean": 24.32842445373535,
  "summary_bg_median": 7.605633735656738,
  "summary_bg_n": 301655.0,
  "summary_bg_p05": 2.4732394218444824,
  "summary_bg_p95": 111.76985702514645,
  "summary_bg_stdv": 46.46800231933594,
  "summary_fg_k": 1.491486862134705,
  "summary_fg_mad": 67.99089439627713,
  "summary_fg_mean": 452.9814758300781,
  "summary_fg_median": 450.2577209472656,
  "summary_fg_n": 56716.0,
  "summary_fg_p05": 360.9619674682617,
  "summary_fg_p95": 556.6697235107422,
  "summary_fg_stdv": 65.43673706054688,
  "tsnr": 53.050940512213856
}