{
  "aor": 0.0003962994350282485,
  "aqi": 0.010524402881355931,
  "bids_meta": {
    "AcquisitionMatrixPE": 88,
    "AcquisitionNumber": 1,
    "AcquisitionTime": "12:15:6.592500",
    "BandwidthPerPixelPhaseEncode": 43.706,
    "BaseResolution": 88,
    "BodyPartExamined": "BRAIN",
    "ConsistencyInfo": "N4_VE11C_LATEST_20160120",
    "ConversionSoftware": "dcm2niix",
    "ConversionSoftwareVersion": "v1.0.20171215 (OpenJPEG build) GCC7.3.0",
    "DerivedVendorReportedEchoSpacing": 0.000520003,
    "DeviceSerialNumber": "66108",
    "DwellTime": 2.5e-06,
    "EchoTime": 0.026,
    "EchoTrainLength": 43,
    "EffectiveEchoSpacing": 0.000260002,
    "FlipAngle": 70,
    "ImageOrientationPatientDICOM": [
      0.998504,
      0.052327,
      0.0158399,
      -0.0472629,
      0.971802,
      -0.231015
    ],
    "ImageType": [
      "ORIGINAL",
      "PRIMARY",
      "M",
      "ND",
      "NORM",
      "MOSAIC"
    ],
    "InPlanePhaseEncodingDirectionDICOM": "COL",
    "InstitutionAddress": "Huron_325_TORONTO_ONTARIO_CA_M5S_3G3",
    "InstitutionName": "University_of_Toronto",
    "InstitutionalDepartmentName": "Department",
    "MRAcquisitionType": "2D",
    "MagneticFieldStrength": 3,
    "Manufacturer": "Siemens",
    "ManufacturersModelName": "Prisma",
    "Modality": "MR",
    "MultibandAccelerationFactor": 2,
    "ParallelReductionFactorInPlane": 2,
    "PartialFourier": 1,
    "PatientPosition": "HFS",
    "PercentPhaseFOV": 100,
    "PhaseEncodingDirection": "j-",
    "PhaseEncodingSteps": 87,
    "PhaseResolution": 1,
    "PixelBandwidth": 2275,
    "ProcedureStepDescription": "Cunningham_Nathan",
    "ProtocolName": "ep2d_p2s2_run4",
    "PulseSequenceDetails": "%SiemensSeq%_ep2d_bold",
    "ReceiveCoilActiveElements": "HEA;HEP",
    "ReceiveCoilName": "Head_32",
    "ReconMatrixPE": 88,
    "RepetitionTime": 1.5,
    "SAR": 0.0707489,
    "ScanOptions": "FS",
    "ScanningSequence": "EP",
    "SequenceName": "_epfid2d1_88",
    "SequenceVariant": "SK",
    "SeriesDescription": "ep2d_p2s2_run4",
    "SeriesNumber": 9,
    "ShimSetting": [
      -1010,
      -6996,
      -6326,
      354,
      -27,
      -6,
      181,
      -50
    ],
    "SliceThickness": 2.5,
    "SliceTiming": [
      0.7125,
      0,
      0.7675,
      0.055,
      0.8225,
      0.11,
      0.8775,
      0.165,
      0.9325,
      0.22,
      0.9875,
      0.275,
      1.0425,
      0.33,
      1.0975,
      0.385,
      1.1525,
      0.44,
      1.205,
      0.4925,
      1.26,
      0.5475,
      1.315,
      0.6025,
      1.37,
      0.6575,
      1.425,
      0.7125,
      0,
      0.7675,
      0.055,
      0.8225,
      0.11,
      0.8775,
      0.165,
      0.9325,
      0.22,
      0.9875,
      0.275,
      1.0425,
      0.33,
      1.0975,
      0.385,
      1.1525,
      0.44,
      1.205,
      0.4925,
      1.26,
      0.5475,
      1.315,
      0.6025,
      1.37,
      0.6575,
      1.425
    ],
    "SoftwareVersions": "syngo_MR_E11",
    "SpacingBetweenSlices": 3,
    "StationName": "AWP66108",
    "TaskName": "roletrait",
    "TotalReadoutTime": 0.0226202,
    "TxRefAmp": 298.961,
    "dataset": "ds002294",
    "modality": "bold",
    "run_id": 4,
    "subject_id": "008",
    "task_id": "roletrait"
  },
  "dummy_trs": 1,
  "dvars_nstd": 33.03434014269124,
  "dvars_std": 1.2771586897733722,
  "dvars_vstd": 1.012197076090651,
  "efc": 0.4529333821545734,
  "fber": 3895.02685546875,
  "fd_mean": 0.07867203371616875,
  "fd_num": 4,
  "fd_perc": 1.1299435028248588,
  "fwhm_avg": 1.6289255555555557,
  "fwhm_x": 1.575316,
  "fwhm_y": 1.831804,
  "fwhm_z": 1.4796566666666668,
  "gcor": 0.00566374,
  "gsr_x": -0.02531283348798752,
  "gsr_y": 0.01637042500078678,
  "provenance": {
    "md5sum": "fa52446676b2385fc02e8ba200d62e24",
    "settings": {
      "fd_thres": 0.2,
      "testing": false
    },
    "software": "mriqc",
    "version": "22.0.6",
    "webapi_port": null,
    "webapi_url": "https://mriqc.nimh.nih.gov/api/v1"
  },
  "size_t": 354,
  "size_x": 88,
  "size_y": 88,
  "size_z": 54,
  "snr": 6.76097437111308,
  "spacing_tr": 1.5,
  "spacing_x": 2.5,
  "spacing_y": 2.5,
  "spacing_z": 3.0,
  "summary_bg_k": 27.36284865243862,
  "summary_bg_mad": 4.632084571843909,
  "summary_bg_mean": 20.08594512939453,
  "summary_bg_median": 5.935028076171875,
  "summary_bg_n": 309085.0,
  "summary_bg_p05": 2.2175140380859375,
  "summary_bg_p95": 89.78983154296868,
  "summary_bg_stdv": 39.55522537231445,
  "summary_fg_k": 3.193115383358946,
  "summary_fg_mad": 49.231596574651,
  "summary_fg_mean": 370.8899841308594,
  "summary_fg_median": 368.2259826660156,
  "summary_fg_n": 50857.0,
  "summary_fg_p05": 297.159326171875,
  "summary_fg_p95": 455.6327819824219,
  "summary_fg_stdv": 54.462913513183594,
  "tsnr": 60.2689470956102
}