{
  "aor": 0.0005763943661971831,
  "aqi": 0.010388232676056338,
  "bids_meta": {
    "AcquisitionMatrixPE": 88,
    "AcquisitionNumber": 1,
    "AcquisitionTime": "11:56:11.465000",
    "BandwidthPerPixelPhaseEncode": 43.706,
    "BaseResolution": 88,
    "BodyPartExamined": "BRAIN",
    "ConsistencyInfo": "N4_VE11C_LATEST_20160120",
    "ConversionSoftware": "dcm2niix",
    "ConversionSoftwareVersion": "v1.0.20171215 (OpenJPEG build) GCC7.3.0",
    "DerivedVendorReportedEchoSpacing": 0.000520003,
    "DeviceSerialNumber": "66108",
    "DwellTime": 2.5e-06,
    "EchoTime": 0.026,
    "EchoTrainLength": 43,
    "EffectiveEchoSpacing": 0.000260002,
    "FlipAngle": 70,
    "ImageOrientationPatientDICOM": [
      0.998504,
      0.052327,
      0.0158399,
      -0.0472629,
      0.971802,
      -0.231015
    ],
    "ImageType": [
      "ORIGINAL",
      "PRIMARY",
      "M",
      "ND",
      "NORM",
      "MOSAIC"
    ],
    "InPlanePhaseEncodingDirectionDICOM": "COL",
    "InstitutionAddress": "Huron_325_TORONTO_ONTARIO_CA_M5S_3G3",
    "InstitutionName": "University_of_Toronto",
    "InstitutionalDepartmentName": "Department",
    "MRAcquisitionType": "2D",
    "MagneticFieldStrength": 3,
    "Manufacturer": "Siemens",
    "ManufacturersModelName": "Prisma",
    "Modality": "MR",
    "MultibandAccelerationFactor": 2,
    "ParallelReductionFactorInPlane": 2,
    "PartialFourier": 1,
    "PatientPosition": "HFS",
    "PercentPhaseFOV": 100,
    "PhaseEncodingDirection": "j-",
    "PhaseEncodingSteps": 87,
    "PhaseResolution": 1,
    "PixelBandwidth": 2275,
    "ProcedureStepDescription": "Cunningham_Nathan",
    "ProtocolName": "ep2d_p2s2_run2",
    "PulseSequenceDetails": "%SiemensSeq%_ep2d_bold",
    "ReceiveCoilActiveElements": "HEA;HEP",
    "ReceiveCoilName": "Head_32",
    "ReconMatrixPE": 88,
    "RepetitionTime": 1.5,
    "SAR": 0.0707489,
    "ScanOptions": "FS",
    "ScanningSequence": "EP",
    "SequenceName": "_epfid2d1_88",
    "SequenceVariant": "SK",
    "SeriesDescription": "ep2d_p2s2_run2",
    "SeriesNumber": 7,
    "ShimSetting": [
      -1010,
      -6996,
      -6326,
      354,
      -27,
      -6,
      181,
      -50
    ],
    "SliceThickness": 2.5,
    "SliceTiming": [
      0.7125,
      0,
      0.7675,
      0.055,
      0.8225,
      0.11,
      0.8775,
      0.165,
      0.9325,
      0.22,
      0.9875,
      0.275,
      1.0425,
      0.33,
      1.0975,
      0.385,
      1.1525,
      0.44,
      1.2075,
      0.495,
      1.2625,
      0.55,
      1.3175,
      0.605,
      1.3725,
      0.66,
      1.425,
      0.7125,
      0,
      0.7675,
      0.055,
      0.8225,
      0.11,
      0.8775,
      0.165,
      0.9325,
      0.22,
      0.9875,
      0.275,
      1.0425,
      0.33,
      1.0975,
      0.385,
      1.1525,
      0.44,
      1.2075,
      0.495,
      1.2625,
      0.55,
      1.3175,
      0.605,
      1.3725,
      0.66,
      1.425
    ],
    "SoftwareVersions": "syngo_MR_E11",
    "SpacingBetweenSlices": 3,
    "StationName": "AWP66108",
    "TaskName": "roletrait",
    "TotalReadoutTime": 0.0226202,
    "TxRefAmp": 298.961,
    "dataset": "ds002294",
    "modality": "bold",
    "run_id": 2,
    "subject_id": "008",
    "task_id": "roletrait"
  },
  "dummy_trs": 0,
  "dvars_nstd": 34.63074077483049,
  "dvars_std": 1.305701125084745,
  "dvars_vstd": 1.0120797787853109,
  "efc": 0.45161243141204316,
  "fber": 3988.76806640625,
  "fd_mean": 0.09600274766649655,
  "fd_num": 6,
  "fd_perc": 1.6901408450704225,
  "fwhm_avg": 1.6451764444444443,
  "fwhm_x": 1.598936,
  "fwhm_y": 1.8404800000000001,
  "fwhm_z": 1.4961133333333334,
  "gcor": 0.00771763,
  "gsr_x": -0.02552127279341221,
  "gsr_y": 0.01644825004041195,
  "provenance": {
    "md5sum": "bb507a8de2616e6dcffc52142e4f7b8b",
    "settings": {
      "fd_thres": 0.2,
      "testing": false
    },
    "software": "mriqc",
    "version": "22.0.6",
    "webapi_port": null,
    "webapi_url": "https://mriqc.nimh.nih.gov/api/v1"
  },
  "size_t": 355,
  "size_x": 88,
  "size_y": 88,
  "size_z": 54,
  "snr": 6.77216459952782,
  "spacing_tr": 1.5,
  "spacing_x": 2.5,
  "spacing_y": 2.5,
  "spacing_z": 3.0,
  "summary_bg_k": 26.546104530095146,
  "summary_bg_mad": 4.573096904183777,
  "summary_bg_mean": 19.817941665649414,
  "summary_bg_median": 5.88169002532959,
  "summary_bg_n": 309169.0,
  "summary_bg_p05": 2.197183132171631,
  "summary_bg_p95": 88.86985626220684,
  "summary_bg_stdv": 39.0427360534668,
  "summary_fg_k": 3.272877069827654,
  "summary_fg_mad": 49.65676787126041,
  "summary_fg_mean": 371.5821533203125,
  "summary_fg_median": 369.0168762207031,
  "summary_fg_n": 50817.0,
  "summary_fg_p05": 298.2354797363281,
  "summary_fg_p95": 456.1475830078125,
  "summary_fg_stdv": 54.48970413208008,
  "tsnr": 59.39602983696386
}