{
  "bids_meta": {
    "AcquisitionMatrixPE": 192,
    "AcquisitionNumber": 1,
    "AcquisitionTime": "16:16:57.420000",
    "BaseResolution": 256,
    "BodyPartExamined": "BRAIN",
    "ConsistencyInfo": "N4_VE11C_LATEST_20160120",
    "ConversionSoftware": "dcm2niix",
    "ConversionSoftwareVersion": "v1.0.20171215 (OpenJPEG build) GCC7.3.0",
    "DeviceSerialNumber": "66108",
    "DwellTime": 7.5e-06,
    "EchoTime": 0.0024,
    "FlipAngle": 9,
    "ImageOrientationPatientDICOM": [
      0.997493,
      -0.0244085,
      -0.0664165,
      0.0226363,
      0.999371,
      -0.027306
    ],
    "ImageType": [
      "ORIGINAL",
      "PRIMARY",
      "M",
      "ND",
      "NORM",
      "FM3",
      "2",
      "FIL"
    ],
    "InPlanePhaseEncodingDirectionDICOM": "ROW",
    "InstitutionAddress": "Huron_325_TORONTO_ONTARIO_CA_M5S_3G3",
    "InstitutionName": "University_of_Toronto",
    "InstitutionalDepartmentName": "Department",
    "InversionTime": 1.1,
    "MRAcquisitionType": "3D",
    "MagneticFieldStrength": 3,
    "Manufacturer": "Siemens",
    "ManufacturersModelName": "Prisma",
    "Modality": "MR",
    "ParallelReductionFactorInPlane": 2,
    "PartialFourier": 1,
    "PatientPosition": "HFS",
    "PercentPhaseFOV": 75,
    "PhaseEncodingSteps": 191,
    "PhaseResolution": 1,
    "PixelBandwidth": 260,
    "ProcedureStepDescription": "Cunningham_Nathan",
    "ProtocolName": "t1_mprage_tra_p2_iso",
    "PulseSequenceDetails": "%SiemensSeq%_tfl",
    "ReceiveCoilActiveElements": "HEA;HEP",
    "ReceiveCoilName": "Head_32",
    "ReconMatrixPE": 256,
    "RepetitionTime": 2,
    "SAR": 0.0590808,
    "ScanOptions": "IR",
    "ScanningSequence": "GR_IR",
    "SequenceName": "_tfl3d1_16",
    "SequenceVariant": "SK_SP_MP",
    "SeriesDescription": "t1_mprage_tra_p2_iso",
    "SeriesNumber": 12,
    "ShimSetting": [
      -1026,
      -6983,
      -6652,
      -33,
      -35,
      26,
      -37,
      -58
    ],
    "SliceThickness": 1,
    "SoftwareVersions": "syngo_MR_E11",
    "StationName": "AWP66108",
    "TxRefAmp": 229.72,
    "dataset": "ds002294",
    "modality": "T1w",
    "subject_id": "039"
  },
  "cjv": 0.34623694860641807,
  "cnr": 3.7357027476475064,
  "efc": 0.8429768275016424,
  "fber": -1.0,
  "fwhm_avg": 4.041598152889306,
  "fwhm_x": 3.83756,
  "fwhm_y": 4.35018,
  "fwhm_z": 3.9370544586679173,
  "icvs_csf": 0.24854312264902237,
  "icvs_gm": 0.3661600912642162,
  "icvs_wm": 0.38529678608676143,
  "inu_med": 0.7281734645366669,
  "inu_range": 0.19114945232868197,
  "provenance": {
    "md5sum": "a38f2ae227acfaca42806d408ac52723",
    "settings": {
      "testing": false
    },
    "software": "mriqc",
    "version": "22.0.6",
    "warnings": {
      "large_rot_frame": true,
      "small_air_mask": true
    },
    "webapi_port": null,
    "webapi_url": "https://mriqc.nimh.nih.gov/api/v1"
  },
  "qi_1": -1.0,
  "qi_2": 0.0,
  "rpve_csf": 18.921921202630145,
  "rpve_gm": 11.571312621691016,
  "rpve_wm": 14.717626587949034,
  "size_x": 192,
  "size_y": 256,
  "size_z": 160,
  "snr_csf": 2.768702936297917,
  "snr_gm": 7.72866701158036,
  "snr_total": 9.354757966285844,
  "snr_wm": 17.566903950979256,
  "snrd_csf": -1.0,
  "snrd_gm": -1.0,
  "snrd_total": -1.0,
  "snrd_wm": -1.0,
  "spacing_x": 1.0,
  "spacing_y": 1.0,
  "spacing_z": 0.9999988675117493,
  "summary_bg_k": 0.0,
  "summary_bg_mad": 0.0,
  "summary_bg_mean": 0.0,
  "summary_bg_median": 0.0,
  "summary_bg_n": 0.0,
  "summary_bg_p05": 0.0,
  "summary_bg_p95": 0.0,
  "summary_bg_stdv": 0.0,
  "summary_csf_k": 0.4269968185703803,
  "summary_csf_mad": 80.46117328444399,
  "summary_csf_mean": 221.7709989779237,
  "summary_csf_median": 221.3322901679203,
  "summary_csf_n": 7658.0,
  "summary_csf_p05": 94.23391520353034,
  "summary_csf_p95": 349.6724773176014,
  "summary_csf_stdv": 79.93556684759687,
  "summary_gm_k": 0.5054838921704632,
  "summary_gm_mad": 75.76112022218054,
  "summary_gm_mean": 628.5554505730836,
  "summary_gm_median": 628.9888938516378,
  "summary_gm_n": 19366.0,
  "summary_gm_p05": 493.407776478678,
  "summary_gm_p95": 761.7095393692143,
  "summary_gm_stdv": 81.38177685551618,
  "summary_wm_k": 0.7661693725792356,
  "summary_wm_mad": 52.69662141994726,
  "summary_wm_mean": 1000.1458449736217,
  "summary_wm_median": 999.999966353178,
  "summary_wm_n": 172959.0,
  "summary_wm_p05": 907.1422267835587,
  "summary_wm_p95": 1092.1439001020044,
  "summary_wm_stdv": 56.925060800757976,
  "tpm_overlap_csf": 0.11528426785544835,
  "tpm_overlap_gm": 0.38376382268632603,
  "tpm_overlap_wm": 0.46889343706445374,
  "wm2max": 0.8532225128076524
}