{
  "aor": 0.0010649014084507043,
  "aqi": 0.020735209295774645,
  "bids_meta": {
    "AcquisitionMatrixPE": 88,
    "AcquisitionNumber": 1,
    "AcquisitionTime": "09:10:53.115000",
    "BandwidthPerPixelPhaseEncode": 43.706,
    "BaseResolution": 88,
    "BodyPartExamined": "BRAIN",
    "ConsistencyInfo": "N4_VE11C_LATEST_20160120",
    "ConversionSoftware": "dcm2niix",
    "ConversionSoftwareVersion": "v1.0.20171215 (OpenJPEG build) GCC7.3.0",
    "DerivedVendorReportedEchoSpacing": 0.000520003,
    "DeviceSerialNumber": "66108",
    "DwellTime": 2.5e-06,
    "EchoTime": 0.026,
    "EchoTrainLength": 43,
    "EffectiveEchoSpacing": 0.000260002,
    "FlipAngle": 70,
    "ImageOrientationPatientDICOM": [
      0.998317,
      0.0540524,
      -0.0209888,
      -0.056339,
      0.989831,
      -0.130617
    ],
    "ImageType": [
      "ORIGINAL",
      "PRIMARY",
      "M",
      "ND",
      "NORM",
      "MOSAIC"
    ],
    "InPlanePhaseEncodingDirectionDICOM": "COL",
    "InstitutionAddress": "Huron_325_TORONTO_ONTARIO_CA_M5S_3G3",
    "InstitutionName": "University_of_Toronto",
    "InstitutionalDepartmentName": "Department",
    "MRAcquisitionType": "2D",
    "MagneticFieldStrength": 3,
    "Manufacturer": "Siemens",
    "ManufacturersModelName": "Prisma",
    "Modality": "MR",
    "MultibandAccelerationFactor": 2,
    "ParallelReductionFactorInPlane": 2,
    "PartialFourier": 1,
    "PatientPosition": "HFS",
    "PercentPhaseFOV": 100,
    "PhaseEncodingDirection": "j-",
    "PhaseEncodingSteps": 87,
    "PhaseResolution": 1,
    "PixelBandwidth": 2275,
    "ProcedureStepDescription": "Cunningham_Nathan",
    "ProtocolName": "ep2d_p2s2_run1",
    "PulseSequenceDetails": "%SiemensSeq%_ep2d_bold",
    "ReceiveCoilActiveElements": "HEA;HEP",
    "ReceiveCoilName": "Head_32",
    "ReconMatrixPE": 88,
    "RepetitionTime": 1.5,
    "SAR": 0.0696843,
    "ScanOptions": "FS",
    "ScanningSequence": "EP",
    "SequenceName": "_epfid2d1_88",
    "SequenceVariant": "SK",
    "SeriesDescription": "ep2d_p2s2_run1",
    "SeriesNumber": 6,
    "ShimSetting": [
      -1017,
      -6971,
      -6405,
      465,
      22,
      51,
      100,
      -36
    ],
    "SliceThickness": 2.5,
    "SliceTiming": [
      0.7125,
      0,
      0.7675,
      0.0525,
      0.82,
      0.1075,
      0.875,
      0.1625,
      0.93,
      0.2175,
      0.985,
      0.2725,
      1.04,
      0.3275,
      1.095,
      0.3825,
      1.15,
      0.4375,
      1.205,
      0.4925,
      1.26,
      0.5475,
      1.315,
      0.6025,
      1.37,
      0.6575,
      1.425,
      0.7125,
      0,
      0.7675,
      0.0525,
      0.82,
      0.1075,
      0.875,
      0.1625,
      0.93,
      0.2175,
      0.985,
      0.2725,
      1.04,
      0.3275,
      1.095,
      0.3825,
      1.15,
      0.4375,
      1.205,
      0.4925,
      1.26,
      0.5475,
      1.315,
      0.6025,
      1.37,
      0.6575,
      1.425
    ],
    "SoftwareVersions": "syngo_MR_E11",
    "SpacingBetweenSlices": 3,
    "StationName": "AWP66108",
    "TaskName": "roletrait",
    "TotalReadoutTime": 0.0226202,
    "TxRefAmp": 267.544,
    "dataset": "ds002294",
    "modality": "bold",
    "run_id": 1,
    "subject_id": "005",
    "task_id": "roletrait"
  },
  "dummy_trs": 0,
  "dvars_nstd": 36.29620245463278,
  "dvars_std": 1.2469841919491538,
  "dvars_vstd": 0.9633671808757062,
  "efc": 0.5157731043905622,
  "fber": 4000.780517578125,
  "fd_mean": 0.18245487118942483,
  "fd_num": 97,
  "fd_perc": 27.323943661971832,
  "fwhm_avg": 1.6460226666666669,
  "fwhm_x": 1.6052320000000002,
  "fwhm_y": 1.8466159999999998,
  "fwhm_z": 1.48622,
  "gcor": 0.00726284,
  "gsr_x": -0.01697826199233532,
  "gsr_y": 0.03718584030866623,
  "provenance": {
    "md5sum": "10e37e482558d37130db4ae41bfb090c",
    "settings": {
      "fd_thres": 0.2,
      "testing": false
    },
    "software": "mriqc",
    "version": "22.0.6",
    "webapi_port": null,
    "webapi_url": "https://mriqc.nimh.nih.gov/api/v1"
  },
  "size_t": 355,
  "size_x": 88,
  "size_y": 88,
  "size_z": 54,
  "snr": 7.395634496705578,
  "spacing_tr": 1.5,
  "spacing_x": 2.5,
  "spacing_y": 2.5,
  "spacing_z": 3.0,
  "summary_bg_k": 11.977411290713786,
  "summary_bg_mad": 6.782382777045763,
  "summary_bg_mean": 32.25376892089844,
  "summary_bg_median": 7.811267375946045,
  "summary_bg_n": 281196.0,
  "summary_bg_p05": 2.3492956161499023,
  "summary_bg_p95": 168.42464447021484,
  "summary_bg_stdv": 59.0919303894043,
  "summary_fg_k": 3.2267732049580324,
  "summary_fg_mad": 61.59065698719117,
  "summary_fg_mean": 496.2286376953125,
  "summary_fg_median": 493.0859069824219,
  "summary_fg_n": 72608.0,
  "summary_fg_p05": 405.14280395507814,
  "summary_fg_p95": 602.5592620849608,
  "summary_fg_stdv": 66.67210388183594,
  "tsnr": 44.85970302158967
}