{
  "aor": 0.002271723163841808,
  "aqi": 0.019590153672316386,
  "bids_meta": {
    "AcquisitionMatrixPE": 88,
    "AcquisitionNumber": 1,
    "AcquisitionTime": "09:20:22.850000",
    "BandwidthPerPixelPhaseEncode": 43.706,
    "BaseResolution": 88,
    "BodyPartExamined": "BRAIN",
    "ConsistencyInfo": "N4_VE11C_LATEST_20160120",
    "ConversionSoftware": "dcm2niix",
    "ConversionSoftwareVersion": "v1.0.20171215 (OpenJPEG build) GCC7.3.0",
    "DerivedVendorReportedEchoSpacing": 0.000520003,
    "DeviceSerialNumber": "66108",
    "DwellTime": 2.5e-06,
    "EchoTime": 0.026,
    "EchoTrainLength": 43,
    "EffectiveEchoSpacing": 0.000260002,
    "FlipAngle": 70,
    "ImageOrientationPatientDICOM": [
      0.998317,
      0.0540524,
      -0.0209888,
      -0.056339,
      0.989831,
      -0.130617
    ],
    "ImageType": [
      "ORIGINAL",
      "PRIMARY",
      "M",
      "ND",
      "NORM",
      "MOSAIC"
    ],
    "InPlanePhaseEncodingDirectionDICOM": "COL",
    "InstitutionAddress": "Huron_325_TORONTO_ONTARIO_CA_M5S_3G3",
    "InstitutionName": "University_of_Toronto",
    "InstitutionalDepartmentName": "Department",
    "MRAcquisitionType": "2D",
    "MagneticFieldStrength": 3,
    "Manufacturer": "Siemens",
    "ManufacturersModelName": "Prisma",
    "Modality": "MR",
    "MultibandAccelerationFactor": 2,
    "ParallelReductionFactorInPlane": 2,
    "PartialFourier": 1,
    "PatientPosition": "HFS",
    "PercentPhaseFOV": 100,
    "PhaseEncodingDirection": "j-",
    "PhaseEncodingSteps": 87,
    "PhaseResolution": 1,
    "PixelBandwidth": 2275,
    "ProcedureStepDescription": "Cunningham_Nathan",
    "ProtocolName": "ep2d_p2s2_run2",
    "PulseSequenceDetails": "%SiemensSeq%_ep2d_bold",
    "ReceiveCoilActiveElements": "HEA;HEP",
    "ReceiveCoilName": "Head_32",
    "ReconMatrixPE": 88,
    "RepetitionTime": 1.5,
    "SAR": 0.0696843,
    "ScanOptions": "FS",
    "ScanningSequence": "EP",
    "SequenceName": "_epfid2d1_88",
    "SequenceVariant": "SK",
    "SeriesDescription": "ep2d_p2s2_run2",
    "SeriesNumber": 7,
    "ShimSetting": [
      -1019,
      -6984,
      -6417,
      400,
      5,
      0,
      74,
      -40
    ],
    "SliceThickness": 2.5,
    "SliceTiming": [
      0.7125,
      0,
      0.7675,
      0.055,
      0.8225,
      0.11,
      0.8775,
      0.165,
      0.9325,
      0.22,
      0.9875,
      0.275,
      1.0425,
      0.33,
      1.0975,
      0.385,
      1.1525,
      0.44,
      1.2075,
      0.495,
      1.2625,
      0.55,
      1.3175,
      0.605,
      1.3725,
      0.66,
      1.4275,
      0.7125,
      0,
      0.7675,
      0.055,
      0.8225,
      0.11,
      0.8775,
      0.165,
      0.9325,
      0.22,
      0.9875,
      0.275,
      1.0425,
      0.33,
      1.0975,
      0.385,
      1.1525,
      0.44,
      1.2075,
      0.495,
      1.2625,
      0.55,
      1.3175,
      0.605,
      1.3725,
      0.66,
      1.4275
    ],
    "SoftwareVersions": "syngo_MR_E11",
    "SpacingBetweenSlices": 3,
    "StationName": "AWP66108",
    "TaskName": "roletrait",
    "TotalReadoutTime": 0.0226202,
    "TxRefAmp": 267.544,
    "dataset": "ds002294",
    "modality": "bold",
    "run_id": 2,
    "subject_id": "005",
    "task_id": "roletrait"
  },
  "dummy_trs": 1,
  "dvars_nstd": 36.08793454793198,
  "dvars_std": 1.256544797620395,
  "dvars_vstd": 0.99830519592068,
  "efc": 0.5162859324234885,
  "fber": 4136.46826171875,
  "fd_mean": 0.16996668335501064,
  "fd_num": 85,
  "fd_perc": 24.01129943502825,
  "fwhm_avg": 1.653332,
  "fwhm_x": 1.6063680000000002,
  "fwhm_y": 1.845028,
  "fwhm_z": 1.5086000000000002,
  "gcor": 0.00985017,
  "gsr_x": -0.01564568653702736,
  "gsr_y": 0.03945748507976532,
  "provenance": {
    "md5sum": "11eb876371bc830dda569a195dd7d41f",
    "settings": {
      "fd_thres": 0.2,
      "testing": false
    },
    "software": "mriqc",
    "version": "22.0.6",
    "webapi_port": null,
    "webapi_url": "https://mriqc.nimh.nih.gov/api/v1"
  },
  "size_t": 354,
  "size_x": 88,
  "size_y": 88,
  "size_z": 54,
  "snr": 7.3996116117312845,
  "spacing_tr": 1.5,
  "spacing_x": 2.5,
  "spacing_y": 2.5,
  "spacing_z": 3.0,
  "summary_bg_k": 12.0504952730345,
  "summary_bg_mad": 6.470678886409434,
  "summary_bg_mean": 32.2080078125,
  "summary_bg_median": 7.629943370819092,
  "summary_bg_n": 280934.0,
  "summary_bg_p05": 2.435028314590454,
  "summary_bg_p95": 169.75155029296855,
  "summary_bg_stdv": 59.281681060791016,
  "summary_fg_k": 3.260147987919839,
  "summary_fg_mad": 61.10291126223113,
  "summary_fg_mean": 494.4366760253906,
  "summary_fg_median": 491.8841857910156,
  "summary_fg_n": 72970.0,
  "summary_fg_p05": 404.01228790283204,
  "summary_fg_p95": 599.1412353515625,
  "summary_fg_stdv": 66.47386932373047,
  "tsnr": 45.84854419482872
}