{
  "bids_meta": {
    "AcquisitionMatrixPE": 192,
    "AcquisitionNumber": 1,
    "AcquisitionTime": "09:47:36.337500",
    "BaseResolution": 256,
    "BodyPartExamined": "BRAIN",
    "ConsistencyInfo": "N4_VE11C_LATEST_20160120",
    "ConversionSoftware": "dcm2niix",
    "ConversionSoftwareVersion": "v1.0.20171215 (OpenJPEG build) GCC7.3.0",
    "DeviceSerialNumber": "66108",
    "DwellTime": 7.5e-06,
    "EchoTime": 0.0024,
    "FlipAngle": 9,
    "ImageOrientationPatientDICOM": [
      0.997622,
      0.0639123,
      -0.0257967,
      -0.068186,
      0.969783,
      -0.234248
    ],
    "ImageType": [
      "ORIGINAL",
      "PRIMARY",
      "M",
      "ND",
      "NORM",
      "FM3",
      "2",
      "FIL"
    ],
    "InPlanePhaseEncodingDirectionDICOM": "ROW",
    "InstitutionAddress": "Huron_325_TORONTO_ONTARIO_CA_M5S_3G3",
    "InstitutionName": "University_of_Toronto",
    "InstitutionalDepartmentName": "Department",
    "InversionTime": 1.1,
    "MRAcquisitionType": "3D",
    "MagneticFieldStrength": 3,
    "Manufacturer": "Siemens",
    "ManufacturersModelName": "Prisma",
    "Modality": "MR",
    "ParallelReductionFactorInPlane": 2,
    "PartialFourier": 1,
    "PatientPosition": "HFS",
    "PercentPhaseFOV": 75,
    "PhaseEncodingSteps": 191,
    "PhaseResolution": 1,
    "PixelBandwidth": 260,
    "ProcedureStepDescription": "Cunningham_Nathan",
    "ProtocolName": "t1_mprage_tra_p2_iso",
    "PulseSequenceDetails": "%SiemensSeq%_tfl",
    "ReceiveCoilActiveElements": "HEA;HEP",
    "ReceiveCoilName": "Head_32",
    "ReconMatrixPE": 256,
    "RepetitionTime": 2,
    "SAR": 0.058764,
    "ScanOptions": "IR",
    "ScanningSequence": "GR_IR",
    "SequenceName": "_tfl3d1_16",
    "SequenceVariant": "SK_SP_MP",
    "SeriesDescription": "t1_mprage_tra_p2_iso",
    "SeriesNumber": 12,
    "ShimSetting": [
      -1026,
      -6983,
      -6652,
      -33,
      -35,
      26,
      -37,
      -58
    ],
    "SliceThickness": 1,
    "SoftwareVersions": "syngo_MR_E11",
    "StationName": "AWP66108",
    "TxRefAmp": 243.77,
    "dataset": "ds002294",
    "modality": "T1w",
    "subject_id": "022"
  },
  "cjv": 0.4729224942795806,
  "cnr": 2.7584172160066083,
  "efc": 0.8182392105364366,
  "fber": 82.93941180427578,
  "fwhm_avg": 3.4822970076639472,
  "fwhm_x": 3.32504,
  "fwhm_y": 3.68926,
  "fwhm_z": 3.4325910229918426,
  "icvs_csf": 0.24443951634003175,
  "icvs_gm": 0.3398577458328955,
  "icvs_wm": 0.41570273782707273,
  "inu_med": 0.8371667861938477,
  "inu_range": 0.18782049417495728,
  "provenance": {
    "md5sum": "2ad20a0047142ed138fb65bc9a73c552",
    "settings": {
      "testing": false
    },
    "software": "mriqc",
    "version": "22.0.6",
    "warnings": {
      "large_rot_frame": true,
      "small_air_mask": true
    },
    "webapi_port": null,
    "webapi_url": "https://mriqc.nimh.nih.gov/api/v1"
  },
  "qi_1": -1.0,
  "qi_2": 0.0,
  "rpve_csf": 17.628734564404667,
  "rpve_gm": 10.900839977321603,
  "rpve_wm": 12.214454012312293,
  "size_x": 192,
  "size_y": 256,
  "size_z": 160,
  "snr_csf": 2.098802192278467,
  "snr_gm": 5.6663356267665375,
  "snr_total": 5.911020149100753,
  "snr_wm": 9.967922628257254,
  "snrd_csf": -1.0,
  "snrd_gm": -1.0,
  "snrd_total": -1.0,
  "snrd_wm": -1.0,
  "spacing_x": 1.0,
  "spacing_y": 1.0,
  "spacing_z": 0.9999997019767761,
  "summary_bg_k": 0.0,
  "summary_bg_mad": 0.0,
  "summary_bg_mean": 0.0,
  "summary_bg_median": 0.0,
  "summary_bg_n": 0.0,
  "summary_bg_p05": 0.0,
  "summary_bg_p95": 0.0,
  "summary_bg_stdv": 0.0,
  "summary_csf_k": -0.0063949228976500905,
  "summary_csf_mad": 95.55787537050455,
  "summary_csf_mean": 201.70917494464683,
  "summary_csf_median": 197.43435242492706,
  "summary_csf_n": 2246.0,
  "summary_csf_p05": 52.84275769768283,
  "summary_csf_p95": 364.10293889651075,
  "summary_csf_stdv": 94.04907037906295,
  "summary_gm_k": 0.3378908893843513,
  "summary_gm_mad": 100.00879754827797,
  "summary_gm_mean": 596.9741225282926,
  "summary_gm_median": 598.2726204190403,
  "summary_gm_n": 5025.0,
  "summary_gm_p05": 419.57830858044326,
  "summary_gm_p95": 768.33935473077,
  "summary_gm_stdv": 105.57318296100792,
  "summary_wm_k": 0.8032189381299912,
  "summary_wm_mad": 89.97710371683482,
  "summary_wm_mean": 1008.9227704302281,
  "summary_wm_median": 999.9999722857028,
  "summary_wm_n": 191903.0,
  "summary_wm_p05": 860.28679231368,
  "summary_wm_p95": 1194.2336227694525,
  "summary_wm_stdv": 100.32154181901363,
  "tpm_overlap_csf": 0.10854947385244976,
  "tpm_overlap_gm": 0.3477425041402689,
  "tpm_overlap_wm": 0.4552229732762007,
  "wm2max": 0.7162019119446925
}