{
  "aor": 0.0002778591549295775,
  "aqi": 0.012048616507042254,
  "bids_meta": {
    "AcquisitionMatrixPE": 88,
    "AcquisitionNumber": 1,
    "AcquisitionTime": "18:15:47.670000",
    "BandwidthPerPixelPhaseEncode": 43.706,
    "BaseResolution": 88,
    "BodyPartExamined": "BRAIN",
    "ConsistencyInfo": "N4_VE11C_LATEST_20160120",
    "ConversionSoftware": "dcm2niix",
    "ConversionSoftwareVersion": "v1.0.20171215 (OpenJPEG build) GCC7.3.0",
    "DerivedVendorReportedEchoSpacing": 0.000520003,
    "DeviceSerialNumber": "66108",
    "DwellTime": 2.5e-06,
    "EchoTime": 0.026,
    "EchoTrainLength": 43,
    "EffectiveEchoSpacing": 0.000260002,
    "FlipAngle": 70,
    "ImageOrientationPatientDICOM": [
      0.998221,
      0.0121537,
      0.058375,
      0.000696927,
      0.976561,
      -0.215239
    ],
    "ImageType": [
      "ORIGINAL",
      "PRIMARY",
      "M",
      "ND",
      "NORM",
      "MOSAIC"
    ],
    "InPlanePhaseEncodingDirectionDICOM": "COL",
    "InstitutionAddress": "Huron_325_TORONTO_ONTARIO_CA_M5S_3G3",
    "InstitutionName": "University_of_Toronto",
    "InstitutionalDepartmentName": "Department",
    "MRAcquisitionType": "2D",
    "MagneticFieldStrength": 3,
    "Manufacturer": "Siemens",
    "ManufacturersModelName": "Prisma",
    "Modality": "MR",
    "MultibandAccelerationFactor": 2,
    "ParallelReductionFactorInPlane": 2,
    "PartialFourier": 1,
    "PatientPosition": "HFS",
    "PercentPhaseFOV": 100,
    "PhaseEncodingDirection": "j-",
    "PhaseEncodingSteps": 87,
    "PhaseResolution": 1,
    "PixelBandwidth": 2275,
    "ProcedureStepDescription": "Cunningham_Nathan",
    "ProtocolName": "ep2d_p2s2_run1",
    "PulseSequenceDetails": "%SiemensSeq%_ep2d_bold",
    "ReceiveCoilActiveElements": "HEA;HEP",
    "ReceiveCoilName": "Head_32",
    "ReconMatrixPE": 88,
    "RepetitionTime": 1.5,
    "SAR": 0.0619837,
    "ScanOptions": "FS",
    "ScanningSequence": "EP",
    "SequenceName": "_epfid2d1_88",
    "SequenceVariant": "SK",
    "SeriesDescription": "ep2d_p2s2_run1",
    "SeriesNumber": 6,
    "ShimSetting": [
      -1024,
      -6986,
      -6392,
      393,
      -27,
      -134,
      -126,
      -88
    ],
    "SliceThickness": 2.5,
    "SliceTiming": [
      0.7125,
      0,
      0.7675,
      0.055,
      0.8225,
      0.11,
      0.8775,
      0.165,
      0.9325,
      0.22,
      0.9875,
      0.275,
      1.0425,
      0.33,
      1.095,
      0.3825,
      1.15,
      0.4375,
      1.205,
      0.4925,
      1.26,
      0.5475,
      1.315,
      0.6025,
      1.37,
      0.6575,
      1.425,
      0.7125,
      0,
      0.7675,
      0.055,
      0.8225,
      0.11,
      0.8775,
      0.165,
      0.9325,
      0.22,
      0.9875,
      0.275,
      1.0425,
      0.33,
      1.095,
      0.3825,
      1.15,
      0.4375,
      1.205,
      0.4925,
      1.26,
      0.5475,
      1.315,
      0.6025,
      1.37,
      0.6575,
      1.425
    ],
    "SoftwareVersions": "syngo_MR_E11",
    "SpacingBetweenSlices": 3,
    "StationName": "AWP66108",
    "TaskName": "roletrait",
    "TotalReadoutTime": 0.0226202,
    "TxRefAmp": 238.506,
    "dataset": "ds002294",
    "modality": "bold",
    "run_id": 1,
    "subject_id": "040",
    "task_id": "roletrait"
  },
  "dummy_trs": 0,
  "dvars_nstd": 34.90024730971749,
  "dvars_std": 1.3364879894915263,
  "dvars_vstd": 0.9833765817796624,
  "efc": 0.45626664769744596,
  "fber": 3619.193115234375,
  "fd_mean": 0.10778987140848982,
  "fd_num": 3,
  "fd_perc": 0.8450704225352113,
  "fwhm_avg": 1.5540539999999998,
  "fwhm_x": 1.542176,
  "fwhm_y": 1.6836559999999998,
  "fwhm_z": 1.4363299999999999,
  "gcor": 0.0139884,
  "gsr_x": -0.006877425126731396,
  "gsr_y": 0.008504929021000862,
  "provenance": {
    "md5sum": "6a30853d734a9398c6f467fe6168f2ef",
    "settings": {
      "fd_thres": 0.2,
      "testing": false
    },
    "software": "mriqc",
    "version": "22.0.6",
    "webapi_port": null,
    "webapi_url": "https://mriqc.nimh.nih.gov/api/v1"
  },
  "size_t": 355,
  "size_x": 88,
  "size_y": 88,
  "size_z": 54,
  "snr": 7.350277901697202,
  "spacing_tr": 1.5,
  "spacing_x": 2.5,
  "spacing_y": 2.5,
  "spacing_z": 3.0,
  "summary_bg_k": 23.322823534817715,
  "summary_bg_mad": 6.101638786272625,
  "summary_bg_mean": 24.91493797302246,
  "summary_bg_median": 8.264788627624512,
  "summary_bg_n": 303807.0,
  "summary_bg_p05": 2.7360562086105378,
  "summary_bg_p95": 114.41915054321302,
  "summary_bg_stdv": 50.667457580566406,
  "summary_fg_k": 3.9345452423669105,
  "summary_fg_mad": 60.91407946416799,
  "summary_fg_mean": 498.9713439941406,
  "summary_fg_median": 495.3197021484375,
  "summary_fg_n": 55746.0,
  "summary_fg_p05": 409.9549255371094,
  "summary_fg_p95": 605.0380249023438,
  "summary_fg_stdv": 67.38728332519531,
  "tsnr": 57.26086040842347
}