{
  "aor": 0.00400625352112676,
  "aqi": 0.02316559323943662,
  "bids_meta": {
    "AcquisitionMatrixPE": 88,
    "AcquisitionNumber": 1,
    "AcquisitionTime": "09:39:21.417500",
    "BandwidthPerPixelPhaseEncode": 43.706,
    "BaseResolution": 88,
    "BodyPartExamined": "BRAIN",
    "ConsistencyInfo": "N4_VE11C_LATEST_20160120",
    "ConversionSoftware": "dcm2niix",
    "ConversionSoftwareVersion": "v1.0.20171215 (OpenJPEG build) GCC7.3.0",
    "DerivedVendorReportedEchoSpacing": 0.000520003,
    "DeviceSerialNumber": "66108",
    "DwellTime": 2.5e-06,
    "EchoTime": 0.026,
    "EchoTrainLength": 43,
    "EffectiveEchoSpacing": 0.000260002,
    "FlipAngle": 70,
    "ImageOrientationPatientDICOM": [
      0.998317,
      0.0540524,
      -0.0209888,
      -0.056339,
      0.989831,
      -0.130617
    ],
    "ImageType": [
      "ORIGINAL",
      "PRIMARY",
      "M",
      "ND",
      "NORM",
      "MOSAIC"
    ],
    "InPlanePhaseEncodingDirectionDICOM": "COL",
    "InstitutionAddress": "Huron_325_TORONTO_ONTARIO_CA_M5S_3G3",
    "InstitutionName": "University_of_Toronto",
    "InstitutionalDepartmentName": "Department",
    "MRAcquisitionType": "2D",
    "MagneticFieldStrength": 3,
    "Manufacturer": "Siemens",
    "ManufacturersModelName": "Prisma",
    "Modality": "MR",
    "MultibandAccelerationFactor": 2,
    "ParallelReductionFactorInPlane": 2,
    "PartialFourier": 1,
    "PatientPosition": "HFS",
    "PercentPhaseFOV": 100,
    "PhaseEncodingDirection": "j-",
    "PhaseEncodingSteps": 87,
    "PhaseResolution": 1,
    "PixelBandwidth": 2275,
    "ProcedureStepDescription": "Cunningham_Nathan",
    "ProtocolName": "ep2d_p2s2_run4",
    "PulseSequenceDetails": "%SiemensSeq%_ep2d_bold",
    "ReceiveCoilActiveElements": "HEA;HEP",
    "ReceiveCoilName": "Head_32",
    "ReconMatrixPE": 88,
    "RepetitionTime": 1.5,
    "SAR": 0.0696843,
    "ScanOptions": "FS",
    "ScanningSequence": "EP",
    "SequenceName": "_epfid2d1_88",
    "SequenceVariant": "SK",
    "SeriesDescription": "ep2d_p2s2_run4",
    "SeriesNumber": 9,
    "ShimSetting": [
      -1019,
      -6984,
      -6417,
      400,
      5,
      0,
      74,
      -40
    ],
    "SliceThickness": 2.5,
    "SliceTiming": [
      0.7125,
      0,
      0.7675,
      0.055,
      0.8225,
      0.11,
      0.8775,
      0.165,
      0.9325,
      0.22,
      0.9875,
      0.275,
      1.0425,
      0.33,
      1.095,
      0.3825,
      1.15,
      0.4375,
      1.205,
      0.4925,
      1.26,
      0.5475,
      1.315,
      0.6025,
      1.37,
      0.6575,
      1.425,
      0.7125,
      0,
      0.7675,
      0.055,
      0.8225,
      0.11,
      0.8775,
      0.165,
      0.9325,
      0.22,
      0.9875,
      0.275,
      1.0425,
      0.33,
      1.095,
      0.3825,
      1.15,
      0.4375,
      1.205,
      0.4925,
      1.26,
      0.5475,
      1.315,
      0.6025,
      1.37,
      0.6575,
      1.425
    ],
    "SoftwareVersions": "syngo_MR_E11",
    "SpacingBetweenSlices": 3,
    "StationName": "AWP66108",
    "TaskName": "roletrait",
    "TotalReadoutTime": 0.0226202,
    "TxRefAmp": 267.544,
    "dataset": "ds002294",
    "modality": "bold",
    "run_id": 4,
    "subject_id": "005",
    "task_id": "roletrait"
  },
  "dummy_trs": 0,
  "dvars_nstd": 36.10647750039544,
  "dvars_std": 1.2238821580225985,
  "dvars_vstd": 0.9854187917514126,
  "efc": 0.5181206445681326,
  "fber": 4108.435546875,
  "fd_mean": 0.18618455125743022,
  "fd_num": 104,
  "fd_perc": 29.295774647887324,
  "fwhm_avg": 1.6507873333333334,
  "fwhm_x": 1.598044,
  "fwhm_y": 1.846228,
  "fwhm_z": 1.50809,
  "gcor": 0.0149937,
  "gsr_x": -0.014223174192011356,
  "gsr_y": 0.04104190319776535,
  "provenance": {
    "md5sum": "92f2c653eb737ff82d601f3dfd258e8b",
    "settings": {
      "fd_thres": 0.2,
      "testing": false
    },
    "software": "mriqc",
    "version": "22.0.6",
    "webapi_port": null,
    "webapi_url": "https://mriqc.nimh.nih.gov/api/v1"
  },
  "size_t": 355,
  "size_x": 88,
  "size_y": 88,
  "size_z": 54,
  "snr": 7.500097480724338,
  "spacing_tr": 1.5,
  "spacing_x": 2.5,
  "spacing_y": 2.5,
  "spacing_z": 3.0,
  "summary_bg_k": 11.278598233515675,
  "summary_bg_mad": 6.6153292299831055,
  "summary_bg_mean": 32.946163177490234,
  "summary_bg_median": 7.647887229919434,
  "summary_bg_n": 281065.0,
  "summary_bg_p05": 2.3492956161499023,
  "summary_bg_p95": 173.99717712402344,
  "summary_bg_stdv": 60.43716049194336,
  "summary_fg_k": 3.4735165368293712,
  "summary_fg_mad": 60.22288766756762,
  "summary_fg_mean": 493.665771484375,
  "summary_fg_median": 491.0337829589844,
  "summary_fg_n": 72973.0,
  "summary_fg_p05": 404.22703247070314,
  "summary_fg_p95": 596.717724609375,
  "summary_fg_stdv": 65.4698715209961,
  "tsnr": 43.29744166042656
}