{
  "aor": 0.003661183098591549,
  "aqi": 0.023059956056338028,
  "bids_meta": {
    "AcquisitionMatrixPE": 88,
    "AcquisitionNumber": 1,
    "AcquisitionTime": "09:29:57.880000",
    "BandwidthPerPixelPhaseEncode": 43.706,
    "BaseResolution": 88,
    "BodyPartExamined": "BRAIN",
    "ConsistencyInfo": "N4_VE11C_LATEST_20160120",
    "ConversionSoftware": "dcm2niix",
    "ConversionSoftwareVersion": "v1.0.20171215 (OpenJPEG build) GCC7.3.0",
    "DerivedVendorReportedEchoSpacing": 0.000520003,
    "DeviceSerialNumber": "66108",
    "DwellTime": 2.5e-06,
    "EchoTime": 0.026,
    "EchoTrainLength": 43,
    "EffectiveEchoSpacing": 0.000260002,
    "FlipAngle": 70,
    "ImageOrientationPatientDICOM": [
      0.998317,
      0.0540524,
      -0.0209888,
      -0.056339,
      0.989831,
      -0.130617
    ],
    "ImageType": [
      "ORIGINAL",
      "PRIMARY",
      "M",
      "ND",
      "NORM",
      "MOSAIC"
    ],
    "InPlanePhaseEncodingDirectionDICOM": "COL",
    "InstitutionAddress": "Huron_325_TORONTO_ONTARIO_CA_M5S_3G3",
    "InstitutionName": "University_of_Toronto",
    "InstitutionalDepartmentName": "Department",
    "MRAcquisitionType": "2D",
    "MagneticFieldStrength": 3,
    "Manufacturer": "Siemens",
    "ManufacturersModelName": "Prisma",
    "Modality": "MR",
    "MultibandAccelerationFactor": 2,
    "ParallelReductionFactorInPlane": 2,
    "PartialFourier": 1,
    "PatientPosition": "HFS",
    "PercentPhaseFOV": 100,
    "PhaseEncodingDirection": "j-",
    "PhaseEncodingSteps": 87,
    "PhaseResolution": 1,
    "PixelBandwidth": 2275,
    "ProcedureStepDescription": "Cunningham_Nathan",
    "ProtocolName": "ep2d_p2s2_run3",
    "PulseSequenceDetails": "%SiemensSeq%_ep2d_bold",
    "ReceiveCoilActiveElements": "HEA;HEP",
    "ReceiveCoilName": "Head_32",
    "ReconMatrixPE": 88,
    "RepetitionTime": 1.5,
    "SAR": 0.0696843,
    "ScanOptions": "FS",
    "ScanningSequence": "EP",
    "SequenceName": "_epfid2d1_88",
    "SequenceVariant": "SK",
    "SeriesDescription": "ep2d_p2s2_run3",
    "SeriesNumber": 8,
    "ShimSetting": [
      -1019,
      -6984,
      -6417,
      400,
      5,
      0,
      74,
      -40
    ],
    "SliceThickness": 2.5,
    "SliceTiming": [
      0.7125,
      0,
      0.7675,
      0.055,
      0.8225,
      0.11,
      0.8775,
      0.165,
      0.9325,
      0.22,
      0.985,
      0.2725,
      1.04,
      0.3275,
      1.095,
      0.3825,
      1.15,
      0.4375,
      1.205,
      0.4925,
      1.26,
      0.5475,
      1.315,
      0.6025,
      1.37,
      0.6575,
      1.425,
      0.7125,
      0,
      0.7675,
      0.055,
      0.8225,
      0.11,
      0.8775,
      0.165,
      0.9325,
      0.22,
      0.985,
      0.2725,
      1.04,
      0.3275,
      1.095,
      0.3825,
      1.15,
      0.4375,
      1.205,
      0.4925,
      1.26,
      0.5475,
      1.315,
      0.6025,
      1.37,
      0.6575,
      1.425
    ],
    "SoftwareVersions": "syngo_MR_E11",
    "SpacingBetweenSlices": 3,
    "StationName": "AWP66108",
    "TaskName": "roletrait",
    "TotalReadoutTime": 0.0226202,
    "TxRefAmp": 267.544,
    "dataset": "ds002294",
    "modality": "bold",
    "run_id": 3,
    "subject_id": "005",
    "task_id": "roletrait"
  },
  "dummy_trs": 0,
  "dvars_nstd": 35.73588769977401,
  "dvars_std": 1.2513110824011302,
  "dvars_vstd": 1.0062755124576266,
  "efc": 0.518159787738431,
  "fber": 4128.7314453125,
  "fd_mean": 0.18170056162134163,
  "fd_num": 101,
  "fd_perc": 28.450704225352112,
  "fwhm_avg": 1.6463813333333333,
  "fwhm_x": 1.609328,
  "fwhm_y": 1.8518160000000001,
  "fwhm_z": 1.478,
  "gcor": 0.00925514,
  "gsr_x": -0.015315249562263489,
  "gsr_y": 0.03945649415254593,
  "provenance": {
    "md5sum": "d177ef11e73cb0d6bcdeb6cdcdfebb2e",
    "settings": {
      "fd_thres": 0.2,
      "testing": false
    },
    "software": "mriqc",
    "version": "22.0.6",
    "webapi_port": null,
    "webapi_url": "https://mriqc.nimh.nih.gov/api/v1"
  },
  "size_t": 355,
  "size_x": 88,
  "size_y": 88,
  "size_z": 54,
  "snr": 7.410984402097762,
  "spacing_tr": 1.5,
  "spacing_x": 2.5,
  "spacing_y": 2.5,
  "spacing_z": 3.0,
  "summary_bg_k": 11.20690674969821,
  "summary_bg_mad": 6.648739798003672,
  "summary_bg_mean": 32.99213790893555,
  "summary_bg_median": 7.681689739227295,
  "summary_bg_n": 280960.0,
  "summary_bg_p05": 2.3380281925201416,
  "summary_bg_p95": 172.78365936279283,
  "summary_bg_stdv": 60.0880126953125,
  "summary_fg_k": 3.239936730608644,
  "summary_fg_mad": 60.845148053038436,
  "summary_fg_mean": 493.09625244140625,
  "summary_fg_median": 490.09857177734375,
  "summary_fg_n": 73103.0,
  "summary_fg_p05": 402.45380249023435,
  "summary_fg_p95": 598.696856689453,
  "summary_fg_stdv": 66.13092041015625,
  "tsnr": 42.27823145920411
}