{
  "bids_meta": {
    "AcquisitionMatrixPE": 192,
    "AcquisitionNumber": 1,
    "AcquisitionTime": "12:26:14.415000",
    "BaseResolution": 256,
    "BodyPartExamined": "BRAIN",
    "ConsistencyInfo": "N4_VE11C_LATEST_20160120",
    "ConversionSoftware": "dcm2niix",
    "ConversionSoftwareVersion": "v1.0.20171215 (OpenJPEG build) GCC7.3.0",
    "DeviceSerialNumber": "66108",
    "DwellTime": 7.5e-06,
    "EchoTime": 0.0024,
    "FlipAngle": 9,
    "ImageOrientationPatientDICOM": [
      0.998504,
      0.052327,
      0.0158399,
      -0.0472629,
      0.971802,
      -0.231015
    ],
    "ImageType": [
      "ORIGINAL",
      "PRIMARY",
      "M",
      "ND",
      "NORM",
      "FM3",
      "2",
      "FIL"
    ],
    "InPlanePhaseEncodingDirectionDICOM": "ROW",
    "InstitutionAddress": "Huron_325_TORONTO_ONTARIO_CA_M5S_3G3",
    "InstitutionName": "University_of_Toronto",
    "InstitutionalDepartmentName": "Department",
    "InversionTime": 1.1,
    "MRAcquisitionType": "3D",
    "MagneticFieldStrength": 3,
    "Manufacturer": "Siemens",
    "ManufacturersModelName": "Prisma",
    "Modality": "MR",
    "ParallelReductionFactorInPlane": 2,
    "PartialFourier": 1,
    "PatientPosition": "HFS",
    "PercentPhaseFOV": 75,
    "PhaseEncodingSteps": 191,
    "PhaseResolution": 1,
    "PixelBandwidth": 260,
    "ProcedureStepDescription": "Cunningham_Nathan",
    "ProtocolName": "t1_mprage_tra_p2_iso",
    "PulseSequenceDetails": "%SiemensSeq%_tfl",
    "ReceiveCoilActiveElements": "HEA;HEP",
    "ReceiveCoilName": "Head_32",
    "ReconMatrixPE": 256,
    "RepetitionTime": 2,
    "SAR": 0.0607956,
    "ScanOptions": "IR",
    "ScanningSequence": "GR_IR",
    "SequenceName": "_tfl3d1_16",
    "SequenceVariant": "SK_SP_MP",
    "SeriesDescription": "t1_mprage_tra_p2_iso",
    "SeriesNumber": 12,
    "ShimSetting": [
      -1026,
      -6983,
      -6652,
      -33,
      -35,
      26,
      -37,
      -58
    ],
    "SliceThickness": 1,
    "SoftwareVersions": "syngo_MR_E11",
    "StationName": "AWP66108",
    "TxRefAmp": 298.961,
    "dataset": "ds002294",
    "modality": "T1w",
    "subject_id": "008"
  },
  "cjv": 0.36330292412328646,
  "cnr": 3.6376494367165177,
  "efc": 0.8473589631649914,
  "fber": -1.0,
  "fwhm_avg": 3.90709497382697,
  "fwhm_x": 3.65779,
  "fwhm_y": 4.31037,
  "fwhm_z": 3.7531249214809104,
  "icvs_csf": 0.22899076042637248,
  "icvs_gm": 0.3927352751062505,
  "icvs_wm": 0.378273964467377,
  "inu_med": 0.6894744038581848,
  "inu_range": 0.15937000513076782,
  "provenance": {
    "md5sum": "842f54bb41d3811f3915759887ce461d",
    "settings": {
      "testing": false
    },
    "software": "mriqc",
    "version": "22.0.6",
    "warnings": {
      "large_rot_frame": true,
      "small_air_mask": true
    },
    "webapi_port": null,
    "webapi_url": "https://mriqc.nimh.nih.gov/api/v1"
  },
  "qi_1": -1.0,
  "qi_2": 0.0,
  "rpve_csf": 22.154150568448344,
  "rpve_gm": 12.29127550898822,
  "rpve_wm": 16.348063481294417,
  "size_x": 192,
  "size_y": 256,
  "size_z": 160,
  "snr_csf": 2.740871571219363,
  "snr_gm": 7.610885723568629,
  "snr_total": 9.38941545428489,
  "snr_wm": 17.81648906806668,
  "snrd_csf": -1.0,
  "snrd_gm": -1.0,
  "snrd_total": -1.0,
  "snrd_wm": -1.0,
  "spacing_x": 1.0,
  "spacing_y": 1.0,
  "spacing_z": 0.9999986886978149,
  "summary_bg_k": 0.0,
  "summary_bg_mad": 0.0,
  "summary_bg_mean": 0.0,
  "summary_bg_median": 0.0,
  "summary_bg_n": 0.0,
  "summary_bg_p05": 0.0,
  "summary_bg_p95": 0.0,
  "summary_bg_stdv": 0.0,
  "summary_csf_k": 0.5552632347736313,
  "summary_csf_mad": 79.71785375241082,
  "summary_csf_mean": 216.5069993213535,
  "summary_csf_median": 218.95656272768974,
  "summary_csf_n": 5983.0,
  "summary_csf_p05": 86.89939652569592,
  "summary_csf_p95": 342.78062257822603,
  "summary_csf_stdv": 79.87906694965395,
  "summary_gm_k": 0.39218037849252374,
  "summary_gm_mad": 79.22336330620224,
  "summary_gm_mean": 632.7768226673479,
  "summary_gm_median": 634.4424073165283,
  "summary_gm_n": 18790.0,
  "summary_gm_p05": 492.5511968228966,
  "summary_gm_p95": 768.0873724478296,
  "summary_gm_stdv": 83.35764688713842,
  "summary_wm_k": 0.27706338079662274,
  "summary_wm_mad": 53.584782898237044,
  "summary_wm_mean": 1000.6015436285926,
  "summary_wm_median": 1000.0000105891377,
  "summary_wm_n": 150758.0,
  "summary_wm_p05": 908.6939919553697,
  "summary_wm_p95": 1094.863669089973,
  "summary_wm_stdv": 56.12759563287707,
  "tpm_overlap_csf": 0.11673759230697792,
  "tpm_overlap_gm": 0.39345137308263506,
  "tpm_overlap_wm": 0.4465919827807574,
  "wm2max": 0.8648346754738386
}