{
  "aor": 0.0004669295774647888,
  "aqi": 0.01149130476056338,
  "bids_meta": {
    "AcquisitionMatrixPE": 88,
    "AcquisitionNumber": 1,
    "AcquisitionTime": "09:32:33.942500",
    "BandwidthPerPixelPhaseEncode": 43.706,
    "BaseResolution": 88,
    "BodyPartExamined": "BRAIN",
    "ConsistencyInfo": "N4_VE11C_LATEST_20160120",
    "ConversionSoftware": "dcm2niix",
    "ConversionSoftwareVersion": "v1.0.20171215 (OpenJPEG build) GCC7.3.0",
    "DerivedVendorReportedEchoSpacing": 0.000520003,
    "DeviceSerialNumber": "66108",
    "DwellTime": 2.5e-06,
    "EchoTime": 0.026,
    "EchoTrainLength": 43,
    "EffectiveEchoSpacing": 0.000260002,
    "FlipAngle": 70,
    "ImageOrientationPatientDICOM": [
      0.986817,
      0.16063,
      -0.0197367,
      -0.161598,
      0.984642,
      -0.0660797
    ],
    "ImageType": [
      "ORIGINAL",
      "PRIMARY",
      "M",
      "ND",
      "NORM",
      "MOSAIC"
    ],
    "InPlanePhaseEncodingDirectionDICOM": "COL",
    "InstitutionAddress": "Huron_325_TORONTO_ONTARIO_CA_M5S_3G3",
    "InstitutionName": "University_of_Toronto",
    "InstitutionalDepartmentName": "Department",
    "MRAcquisitionType": "2D",
    "MagneticFieldStrength": 3,
    "Manufacturer": "Siemens",
    "ManufacturersModelName": "Prisma",
    "Modality": "MR",
    "MultibandAccelerationFactor": 2,
    "ParallelReductionFactorInPlane": 2,
    "PartialFourier": 1,
    "PatientPosition": "HFS",
    "PercentPhaseFOV": 100,
    "PhaseEncodingDirection": "j-",
    "PhaseEncodingSteps": 87,
    "PhaseResolution": 1,
    "PixelBandwidth": 2275,
    "ProcedureStepDescription": "Cunningham_Nathan",
    "ProtocolName": "ep2d_p2s2_run3",
    "PulseSequenceDetails": "%SiemensSeq%_ep2d_bold",
    "ReceiveCoilActiveElements": "HEA;HEP",
    "ReceiveCoilName": "Head_32",
    "ReconMatrixPE": 88,
    "RepetitionTime": 1.5,
    "SAR": 0.0569329,
    "ScanOptions": "FS",
    "ScanningSequence": "EP",
    "SequenceName": "_epfid2d1_88",
    "SequenceVariant": "SK",
    "SeriesDescription": "ep2d_p2s2_run3",
    "SeriesNumber": 8,
    "ShimSetting": [
      -1038,
      -7011,
      -6389,
      353,
      -48,
      94,
      -5,
      -19
    ],
    "SliceThickness": 2.5,
    "SliceTiming": [
      0.7125,
      0,
      0.7675,
      0.055,
      0.8225,
      0.11,
      0.8775,
      0.165,
      0.9325,
      0.22,
      0.9875,
      0.2725,
      1.04,
      0.3275,
      1.095,
      0.3825,
      1.15,
      0.4375,
      1.205,
      0.4925,
      1.26,
      0.5475,
      1.315,
      0.6025,
      1.37,
      0.6575,
      1.425,
      0.7125,
      0,
      0.7675,
      0.055,
      0.8225,
      0.11,
      0.8775,
      0.165,
      0.9325,
      0.22,
      0.9875,
      0.2725,
      1.04,
      0.3275,
      1.095,
      0.3825,
      1.15,
      0.4375,
      1.205,
      0.4925,
      1.26,
      0.5475,
      1.315,
      0.6025,
      1.37,
      0.6575,
      1.425
    ],
    "SoftwareVersions": "syngo_MR_E11",
    "SpacingBetweenSlices": 3,
    "StationName": "AWP66108",
    "TaskName": "roletrait",
    "TotalReadoutTime": 0.0226202,
    "TxRefAmp": 220.095,
    "dataset": "ds002294",
    "modality": "bold",
    "run_id": 3,
    "subject_id": "004",
    "task_id": "roletrait"
  },
  "dummy_trs": 0,
  "dvars_nstd": 31.057088383079105,
  "dvars_std": 1.2579928963559315,
  "dvars_vstd": 0.989815366553673,
  "efc": 0.4548856696490482,
  "fber": 5242.56982421875,
  "fd_mean": 0.10006451680328443,
  "fd_num": 4,
  "fd_perc": 1.1267605633802817,
  "fwhm_avg": 1.6317675555555553,
  "fwhm_x": 1.523272,
  "fwhm_y": 1.8303239999999998,
  "fwhm_z": 1.5417066666666666,
  "gcor": 0.0111155,
  "gsr_x": -0.01507188193500042,
  "gsr_y": 0.019373133778572083,
  "provenance": {
    "md5sum": "e1cac9d5be92e88617ac7831271bf292",
    "settings": {
      "fd_thres": 0.2,
      "testing": false
    },
    "software": "mriqc",
    "version": "22.0.6",
    "webapi_port": null,
    "webapi_url": "https://mriqc.nimh.nih.gov/api/v1"
  },
  "size_t": 355,
  "size_x": 88,
  "size_y": 88,
  "size_z": 54,
  "snr": 6.810398542803094,
  "spacing_tr": 1.5,
  "spacing_x": 2.5,
  "spacing_y": 2.5,
  "spacing_z": 3.0,
  "summary_bg_k": 24.278625364988663,
  "summary_bg_mad": 4.343398232787634,
  "summary_bg_mean": 20.547454833984375,
  "summary_bg_median": 6.318309783935547,
  "summary_bg_n": 299608.0,
  "summary_bg_p05": 2.628168821334839,
  "summary_bg_p95": 95.32746047973583,
  "summary_bg_stdv": 42.151641845703125,
  "summary_fg_k": 2.6437151516160915,
  "summary_fg_mad": 64.48695263578733,
  "summary_fg_mean": 460.90924072265625,
  "summary_fg_median": 456.5351867675781,
  "summary_fg_n": 58703.0,
  "summary_fg_p05": 370.71351928710936,
  "summary_fg_p95": 566.4813964843748,
  "summary_fg_stdv": 67.0344467163086,
  "tsnr": 55.99868616135791
}