{
  "aor": 0.0008446197183098591,
  "aqi": 0.024591750140845067,
  "bids_meta": {
    "AcquisitionMatrixPE": 88,
    "AcquisitionNumber": 1,
    "AcquisitionTime": "09:22:59.327500",
    "BandwidthPerPixelPhaseEncode": 43.706,
    "BaseResolution": 88,
    "BodyPartExamined": "BRAIN",
    "ConsistencyInfo": "N4_VE11C_LATEST_20160120",
    "ConversionSoftware": "dcm2niix",
    "ConversionSoftwareVersion": "v1.0.20171215 (OpenJPEG build) GCC7.3.0",
    "DerivedVendorReportedEchoSpacing": 0.000520003,
    "DeviceSerialNumber": "66108",
    "DwellTime": 2.5e-06,
    "EchoTime": 0.026,
    "EchoTrainLength": 43,
    "EffectiveEchoSpacing": 0.000260002,
    "FlipAngle": 70,
    "ImageOrientationPatientDICOM": [
      0.986817,
      0.16063,
      -0.0197367,
      -0.161598,
      0.984642,
      -0.0660797
    ],
    "ImageType": [
      "ORIGINAL",
      "PRIMARY",
      "M",
      "ND",
      "NORM",
      "MOSAIC"
    ],
    "InPlanePhaseEncodingDirectionDICOM": "COL",
    "InstitutionAddress": "Huron_325_TORONTO_ONTARIO_CA_M5S_3G3",
    "InstitutionName": "University_of_Toronto",
    "InstitutionalDepartmentName": "Department",
    "MRAcquisitionType": "2D",
    "MagneticFieldStrength": 3,
    "Manufacturer": "Siemens",
    "ManufacturersModelName": "Prisma",
    "Modality": "MR",
    "MultibandAccelerationFactor": 2,
    "ParallelReductionFactorInPlane": 2,
    "PartialFourier": 1,
    "PatientPosition": "HFS",
    "PercentPhaseFOV": 100,
    "PhaseEncodingDirection": "j-",
    "PhaseEncodingSteps": 87,
    "PhaseResolution": 1,
    "PixelBandwidth": 2275,
    "ProcedureStepDescription": "Cunningham_Nathan",
    "ProtocolName": "ep2d_p2s2_run2",
    "PulseSequenceDetails": "%SiemensSeq%_ep2d_bold",
    "ReceiveCoilActiveElements": "HEA;HEP",
    "ReceiveCoilName": "Head_32",
    "ReconMatrixPE": 88,
    "RepetitionTime": 1.5,
    "SAR": 0.0569329,
    "ScanOptions": "FS",
    "ScanningSequence": "EP",
    "SequenceName": "_epfid2d1_88",
    "SequenceVariant": "SK",
    "SeriesDescription": "ep2d_p2s2_run2",
    "SeriesNumber": 7,
    "ShimSetting": [
      -1038,
      -7011,
      -6389,
      353,
      -48,
      94,
      -5,
      -19
    ],
    "SliceThickness": 2.5,
    "SliceTiming": [
      0.7125,
      0,
      0.7675,
      0.055,
      0.8225,
      0.11,
      0.8775,
      0.165,
      0.93,
      0.2175,
      0.985,
      0.2725,
      1.04,
      0.3275,
      1.095,
      0.3825,
      1.15,
      0.4375,
      1.205,
      0.4925,
      1.26,
      0.5475,
      1.315,
      0.6025,
      1.37,
      0.6575,
      1.425,
      0.7125,
      0,
      0.7675,
      0.055,
      0.8225,
      0.11,
      0.8775,
      0.165,
      0.93,
      0.2175,
      0.985,
      0.2725,
      1.04,
      0.3275,
      1.095,
      0.3825,
      1.15,
      0.4375,
      1.205,
      0.4925,
      1.26,
      0.5475,
      1.315,
      0.6025,
      1.37,
      0.6575,
      1.425
    ],
    "SoftwareVersions": "syngo_MR_E11",
    "SpacingBetweenSlices": 3,
    "StationName": "AWP66108",
    "TaskName": "roletrait",
    "TotalReadoutTime": 0.0226202,
    "TxRefAmp": 220.095,
    "dataset": "ds002294",
    "modality": "bold",
    "run_id": 2,
    "subject_id": "004",
    "task_id": "roletrait"
  },
  "dummy_trs": 0,
  "dvars_nstd": 30.9897859596893,
  "dvars_std": 1.1713751368926553,
  "dvars_vstd": 0.948757858728813,
  "efc": 0.45206251953490095,
  "fber": 5601.9794921875,
  "fd_mean": 0.12172190247567996,
  "fd_num": 29,
  "fd_perc": 8.169014084507042,
  "fwhm_avg": 1.641253111111111,
  "fwhm_x": 1.543252,
  "fwhm_y": 1.8460239999999999,
  "fwhm_z": 1.5344833333333332,
  "gcor": 0.0105179,
  "gsr_x": -0.014390216208994389,
  "gsr_y": 0.02044745162129402,
  "provenance": {
    "md5sum": "0eb8624128def3b208021b56d1ff3098",
    "settings": {
      "fd_thres": 0.2,
      "testing": false
    },
    "software": "mriqc",
    "version": "22.0.6",
    "webapi_port": null,
    "webapi_url": "https://mriqc.nimh.nih.gov/api/v1"
  },
  "size_t": 355,
  "size_x": 88,
  "size_y": 88,
  "size_z": 54,
  "snr": 6.867330516975952,
  "spacing_tr": 1.5,
  "spacing_x": 2.5,
  "spacing_y": 2.5,
  "spacing_z": 3.0,
  "summary_bg_k": 25.880275224106548,
  "summary_bg_mad": 4.2640469407440795,
  "summary_bg_mean": 20.10218620300293,
  "summary_bg_median": 6.197182655334473,
  "summary_bg_n": 299898.0,
  "summary_bg_p05": 2.5830984115600586,
  "summary_bg_p95": 91.48774223327626,
  "summary_bg_stdv": 41.61542510986328,
  "summary_fg_k": 2.585438158654804,
  "summary_fg_mad": 64.14238607099762,
  "summary_fg_mean": 464.20074462890625,
  "summary_fg_median": 459.560546875,
  "summary_fg_n": 58382.0,
  "summary_fg_p05": 374.1992858886719,
  "summary_fg_p95": 571.4998535156249,
  "summary_fg_stdv": 66.91925048828125,
  "tsnr": 41.231912177754566
}