{
  "aor": 0.013045859154929578,
  "aqi": 0.017346502507042255,
  "bids_meta": {
    "AcquisitionMatrixPE": 88,
    "AcquisitionNumber": 1,
    "AcquisitionTime": "09:41:56.370000",
    "BandwidthPerPixelPhaseEncode": 43.706,
    "BaseResolution": 88,
    "BodyPartExamined": "BRAIN",
    "ConsistencyInfo": "N4_VE11C_LATEST_20160120",
    "ConversionSoftware": "dcm2niix",
    "ConversionSoftwareVersion": "v1.0.20171215 (OpenJPEG build) GCC7.3.0",
    "DerivedVendorReportedEchoSpacing": 0.000520003,
    "DeviceSerialNumber": "66108",
    "DwellTime": 2.5e-06,
    "EchoTime": 0.026,
    "EchoTrainLength": 43,
    "EffectiveEchoSpacing": 0.000260002,
    "FlipAngle": 70,
    "ImageOrientationPatientDICOM": [
      0.986817,
      0.16063,
      -0.0197367,
      -0.161598,
      0.984642,
      -0.0660797
    ],
    "ImageType": [
      "ORIGINAL",
      "PRIMARY",
      "M",
      "ND",
      "NORM",
      "MOSAIC"
    ],
    "InPlanePhaseEncodingDirectionDICOM": "COL",
    "InstitutionAddress": "Huron_325_TORONTO_ONTARIO_CA_M5S_3G3",
    "InstitutionName": "University_of_Toronto",
    "InstitutionalDepartmentName": "Department",
    "MRAcquisitionType": "2D",
    "MagneticFieldStrength": 3,
    "Manufacturer": "Siemens",
    "ManufacturersModelName": "Prisma",
    "Modality": "MR",
    "MultibandAccelerationFactor": 2,
    "ParallelReductionFactorInPlane": 2,
    "PartialFourier": 1,
    "PatientPosition": "HFS",
    "PercentPhaseFOV": 100,
    "PhaseEncodingDirection": "j-",
    "PhaseEncodingSteps": 87,
    "PhaseResolution": 1,
    "PixelBandwidth": 2275,
    "ProcedureStepDescription": "Cunningham_Nathan",
    "ProtocolName": "ep2d_p2s2_run4",
    "PulseSequenceDetails": "%SiemensSeq%_ep2d_bold",
    "ReceiveCoilActiveElements": "HEA;HEP",
    "ReceiveCoilName": "Head_32",
    "ReconMatrixPE": 88,
    "RepetitionTime": 1.5,
    "SAR": 0.0569329,
    "ScanOptions": "FS",
    "ScanningSequence": "EP",
    "SequenceName": "_epfid2d1_88",
    "SequenceVariant": "SK",
    "SeriesDescription": "ep2d_p2s2_run4",
    "SeriesNumber": 9,
    "ShimSetting": [
      -1038,
      -7011,
      -6389,
      353,
      -48,
      94,
      -5,
      -19
    ],
    "SliceThickness": 2.5,
    "SliceTiming": [
      0.7125,
      0,
      0.7675,
      0.055,
      0.8225,
      0.11,
      0.875,
      0.1625,
      0.93,
      0.2175,
      0.985,
      0.2725,
      1.04,
      0.3275,
      1.095,
      0.3825,
      1.15,
      0.4375,
      1.205,
      0.4925,
      1.26,
      0.5475,
      1.315,
      0.6025,
      1.37,
      0.6575,
      1.425,
      0.7125,
      0,
      0.7675,
      0.055,
      0.8225,
      0.11,
      0.875,
      0.1625,
      0.93,
      0.2175,
      0.985,
      0.2725,
      1.04,
      0.3275,
      1.095,
      0.3825,
      1.15,
      0.4375,
      1.205,
      0.4925,
      1.26,
      0.5475,
      1.315,
      0.6025,
      1.37,
      0.6575,
      1.425
    ],
    "SoftwareVersions": "syngo_MR_E11",
    "SpacingBetweenSlices": 3,
    "StationName": "AWP66108",
    "TaskName": "roletrait",
    "TotalReadoutTime": 0.0226202,
    "TxRefAmp": 220.095,
    "dataset": "ds002294",
    "modality": "bold",
    "run_id": 4,
    "subject_id": "004",
    "task_id": "roletrait"
  },
  "dummy_trs": 0,
  "dvars_nstd": 31.300454150508454,
  "dvars_std": 1.3641119695480233,
  "dvars_vstd": 1.167513168954802,
  "efc": 0.4562735896307776,
  "fber": 5027.00390625,
  "fd_mean": 0.11347027631710961,
  "fd_num": 38,
  "fd_perc": 10.704225352112676,
  "fwhm_avg": 1.648839777777778,
  "fwhm_x": 1.5352320000000002,
  "fwhm_y": 1.8602640000000001,
  "fwhm_z": 1.5510233333333332,
  "gcor": 0.021634,
  "gsr_x": -0.014907562173902988,
  "gsr_y": 0.018864426761865616,
  "provenance": {
    "md5sum": "d14dd88815c8e5a188575f142831e727",
    "settings": {
      "fd_thres": 0.2,
      "testing": false
    },
    "software": "mriqc",
    "version": "22.0.6",
    "webapi_port": null,
    "webapi_url": "https://mriqc.nimh.nih.gov/api/v1"
  },
  "size_t": 355,
  "size_x": 88,
  "size_y": 88,
  "size_z": 54,
  "snr": 6.842022278095388,
  "spacing_tr": 1.5,
  "spacing_x": 2.5,
  "spacing_y": 2.5,
  "spacing_z": 3.0,
  "summary_bg_k": 23.68689596223886,
  "summary_bg_mad": 4.426924476099091,
  "summary_bg_mean": 20.945058822631836,
  "summary_bg_median": 6.453520774841309,
  "summary_bg_n": 299595.0,
  "summary_bg_p05": 2.681689977645874,
  "summary_bg_p95": 96.81689453125,
  "summary_bg_stdv": 42.76850509643555,
  "summary_fg_k": 2.81085903570204,
  "summary_fg_mad": 64.23217562491072,
  "summary_fg_mean": 460.53887939453125,
  "summary_fg_median": 456.4408264160156,
  "summary_fg_n": 58686.0,
  "summary_fg_p05": 371.0063171386719,
  "summary_fg_p95": 565.4091339111328,
  "summary_fg_stdv": 66.71082305908203,
  "tsnr": 47.44930567918345
}