{
  "aor": 0.002177605633802817,
  "aqi": 0.009799516422535211,
  "bids_meta": {
    "AcquisitionMatrixPE": 88,
    "AcquisitionNumber": 1,
    "AcquisitionTime": "14:29:21.747500",
    "BandwidthPerPixelPhaseEncode": 43.706,
    "BaseResolution": 88,
    "BodyPartExamined": "BRAIN",
    "ConsistencyInfo": "N4_VE11C_LATEST_20160120",
    "ConversionSoftware": "dcm2niix",
    "ConversionSoftwareVersion": "v1.0.20171215 (OpenJPEG build) GCC7.3.0",
    "DerivedVendorReportedEchoSpacing": 0.000520003,
    "DeviceSerialNumber": "66108",
    "DwellTime": 2.5e-06,
    "EchoTime": 0.026,
    "EchoTrainLength": 43,
    "EffectiveEchoSpacing": 0.000260002,
    "FlipAngle": 70,
    "ImageOrientationPatientDICOM": [
      0.999498,
      0.0258488,
      0.0183163,
      -0.0239036,
      0.994755,
      -0.0994518
    ],
    "ImageType": [
      "ORIGINAL",
      "PRIMARY",
      "M",
      "ND",
      "NORM",
      "MOSAIC"
    ],
    "InPlanePhaseEncodingDirectionDICOM": "COL",
    "InstitutionAddress": "Huron_325_TORONTO_ONTARIO_CA_M5S_3G3",
    "InstitutionName": "University_of_Toronto",
    "InstitutionalDepartmentName": "Department",
    "MRAcquisitionType": "2D",
    "MagneticFieldStrength": 3,
    "Manufacturer": "Siemens",
    "ManufacturersModelName": "Prisma",
    "Modality": "MR",
    "MultibandAccelerationFactor": 2,
    "ParallelReductionFactorInPlane": 2,
    "PartialFourier": 1,
    "PatientPosition": "HFS",
    "PercentPhaseFOV": 100,
    "PhaseEncodingDirection": "j-",
    "PhaseEncodingSteps": 87,
    "PhaseResolution": 1,
    "PixelBandwidth": 2275,
    "ProcedureStepDescription": "Cunningham_Nathan",
    "ProtocolName": "ep2d_p2s2_run2",
    "PulseSequenceDetails": "%SiemensSeq%_ep2d_bold",
    "ReceiveCoilActiveElements": "HEA;HEP",
    "ReceiveCoilName": "Head_32",
    "ReconMatrixPE": 88,
    "RepetitionTime": 1.5,
    "SAR": 0.0743031,
    "ScanOptions": "FS",
    "ScanningSequence": "EP",
    "SequenceName": "_epfid2d1_88",
    "SequenceVariant": "SK",
    "SeriesDescription": "ep2d_p2s2_run2",
    "SeriesNumber": 7,
    "ShimSetting": [
      -1034,
      -7015,
      -6431,
      276,
      -40,
      -155,
      -96,
      -61
    ],
    "SliceThickness": 2.5,
    "SliceTiming": [
      0.7125,
      0,
      0.7675,
      0.055,
      0.8225,
      0.11,
      0.8775,
      0.165,
      0.93,
      0.2175,
      0.985,
      0.2725,
      1.04,
      0.3275,
      1.095,
      0.3825,
      1.15,
      0.4375,
      1.205,
      0.4925,
      1.26,
      0.5475,
      1.315,
      0.6025,
      1.37,
      0.6575,
      1.425,
      0.7125,
      0,
      0.7675,
      0.055,
      0.8225,
      0.11,
      0.8775,
      0.165,
      0.93,
      0.2175,
      0.985,
      0.2725,
      1.04,
      0.3275,
      1.095,
      0.3825,
      1.15,
      0.4375,
      1.205,
      0.4925,
      1.26,
      0.5475,
      1.315,
      0.6025,
      1.37,
      0.6575,
      1.425
    ],
    "SoftwareVersions": "syngo_MR_E11",
    "SpacingBetweenSlices": 3,
    "StationName": "AWP66108",
    "TaskName": "roletrait",
    "TotalReadoutTime": 0.0226202,
    "TxRefAmp": 259.218,
    "dataset": "ds002294",
    "modality": "bold",
    "run_id": 2,
    "subject_id": "029",
    "task_id": "roletrait"
  },
  "dummy_trs": 0,
  "dvars_nstd": 29.835797293672314,
  "dvars_std": 1.2032279486158202,
  "dvars_vstd": 1.0296020987005639,
  "efc": 0.5237328768210854,
  "fber": 2882.12939453125,
  "fd_mean": 0.056905091306405635,
  "fd_num": 7,
  "fd_perc": 1.971830985915493,
  "fwhm_avg": 1.64726,
  "fwhm_x": 1.622436,
  "fwhm_y": 1.789964,
  "fwhm_z": 1.52938,
  "gcor": 0.0114448,
  "gsr_x": 0.007395103573799133,
  "gsr_y": 0.020523617044091225,
  "provenance": {
    "md5sum": "13142de0ca117380aa7ee170ee6df417",
    "settings": {
      "fd_thres": 0.2,
      "testing": false
    },
    "software": "mriqc",
    "version": "22.0.6",
    "webapi_port": null,
    "webapi_url": "https://mriqc.nimh.nih.gov/api/v1"
  },
  "size_t": 355,
  "size_x": 88,
  "size_y": 88,
  "size_z": 54,
  "snr": 6.585130436962231,
  "spacing_tr": 1.5,
  "spacing_x": 2.5,
  "spacing_y": 2.5,
  "spacing_z": 3.0,
  "summary_bg_k": 15.175125615627756,
  "summary_bg_mad": 8.344335227155177,
  "summary_bg_mean": 32.23932647705078,
  "summary_bg_median": 9.078872680664062,
  "summary_bg_n": 277359.0,
  "summary_bg_p05": 2.3887321949005127,
  "summary_bg_p95": 154.36421813964824,
  "summary_bg_stdv": 58.27747344970703,
  "summary_fg_k": 2.3693149479873004,
  "summary_fg_mad": 72.01271533746194,
  "summary_fg_mean": 494.7464599609375,
  "summary_fg_median": 489.65350341796875,
  "summary_fg_n": 76608.0,
  "summary_fg_p05": 397.3860458374023,
  "summary_fg_p95": 615.0159027099609,
  "summary_fg_stdv": 74.35696411132812,
  "tsnr": 54.88420505798422
}