{
  "aor": 0.003646619718309859,
  "aqi": 0.015478046478873238,
  "bids_meta": {
    "AcquisitionMatrixPE": 88,
    "AcquisitionNumber": 1,
    "AcquisitionTime": "09:33:0.945000",
    "BandwidthPerPixelPhaseEncode": 43.706,
    "BaseResolution": 88,
    "BodyPartExamined": "BRAIN",
    "ConsistencyInfo": "N4_VE11C_LATEST_20160120",
    "ConversionSoftware": "dcm2niix",
    "ConversionSoftwareVersion": "v1.0.20171215 (OpenJPEG build) GCC7.3.0",
    "DerivedVendorReportedEchoSpacing": 0.000520003,
    "DeviceSerialNumber": "66108",
    "DwellTime": 2.5e-06,
    "EchoTime": 0.026,
    "EchoTrainLength": 43,
    "EffectiveEchoSpacing": 0.000260002,
    "FlipAngle": 70,
    "ImageOrientationPatientDICOM": [
      0.998714,
      0.0506479,
      0.00236105,
      -0.0505927,
      0.998531,
      -0.0194106
    ],
    "ImageType": [
      "ORIGINAL",
      "PRIMARY",
      "M",
      "ND",
      "NORM",
      "MOSAIC"
    ],
    "InPlanePhaseEncodingDirectionDICOM": "COL",
    "InstitutionAddress": "Huron_325_TORONTO_ONTARIO_CA_M5S_3G3",
    "InstitutionName": "University_of_Toronto",
    "InstitutionalDepartmentName": "Department",
    "MRAcquisitionType": "2D",
    "MagneticFieldStrength": 3,
    "Manufacturer": "Siemens",
    "ManufacturersModelName": "Prisma",
    "Modality": "MR",
    "MultibandAccelerationFactor": 2,
    "ParallelReductionFactorInPlane": 2,
    "PartialFourier": 1,
    "PatientPosition": "HFS",
    "PercentPhaseFOV": 100,
    "PhaseEncodingDirection": "j-",
    "PhaseEncodingSteps": 87,
    "PhaseResolution": 1,
    "PixelBandwidth": 2275,
    "ProcedureStepDescription": "Cunningham_Nathan",
    "ProtocolName": "ep2d_p2s2_run3",
    "PulseSequenceDetails": "%SiemensSeq%_ep2d_bold",
    "ReceiveCoilActiveElements": "HEA;HEP",
    "ReceiveCoilName": "Head_32",
    "ReconMatrixPE": 88,
    "RepetitionTime": 1.5,
    "SAR": 0.054529,
    "ScanOptions": "FS",
    "ScanningSequence": "EP",
    "SequenceName": "_epfid2d1_88",
    "SequenceVariant": "SK",
    "SeriesDescription": "ep2d_p2s2_run3",
    "SeriesNumber": 8,
    "ShimSetting": [
      -1016,
      -7010,
      -6410,
      324,
      3,
      -5,
      45,
      5
    ],
    "SliceThickness": 2.5,
    "SliceTiming": [
      0.7125,
      0,
      0.7675,
      0.055,
      0.8225,
      0.11,
      0.8775,
      0.165,
      0.9325,
      0.22,
      0.9875,
      0.275,
      1.0425,
      0.33,
      1.0975,
      0.385,
      1.1525,
      0.44,
      1.2075,
      0.495,
      1.2625,
      0.55,
      1.3175,
      0.605,
      1.3725,
      0.66,
      1.425,
      0.7125,
      0,
      0.7675,
      0.055,
      0.8225,
      0.11,
      0.8775,
      0.165,
      0.9325,
      0.22,
      0.9875,
      0.275,
      1.0425,
      0.33,
      1.0975,
      0.385,
      1.1525,
      0.44,
      1.2075,
      0.495,
      1.2625,
      0.55,
      1.3175,
      0.605,
      1.3725,
      0.66,
      1.425
    ],
    "SoftwareVersions": "syngo_MR_E11",
    "SpacingBetweenSlices": 3,
    "StationName": "AWP66108",
    "TaskName": "roletrait",
    "TotalReadoutTime": 0.0226202,
    "TxRefAmp": 238.387,
    "dataset": "ds002294",
    "modality": "bold",
    "run_id": 3,
    "subject_id": "041",
    "task_id": "roletrait"
  },
  "dummy_trs": 0,
  "dvars_nstd": 41.04099210101694,
  "dvars_std": 1.5010111597175142,
  "dvars_vstd": 1.0431665833898298,
  "efc": 0.4673558611745335,
  "fber": 3889.5009765625,
  "fd_mean": 0.13305555927439927,
  "fd_num": 31,
  "fd_perc": 8.732394366197184,
  "fwhm_avg": 1.6591360000000002,
  "fwhm_x": 1.6167639999999999,
  "fwhm_y": 1.847304,
  "fwhm_z": 1.5133400000000001,
  "gcor": 0.00978822,
  "gsr_x": -0.014237427152693272,
  "gsr_y": 0.006257826462388039,
  "provenance": {
    "md5sum": "9a9519f6469f48a16289b82bb34f7ff1",
    "settings": {
      "fd_thres": 0.2,
      "testing": false
    },
    "software": "mriqc",
    "version": "22.0.6",
    "webapi_port": null,
    "webapi_url": "https://mriqc.nimh.nih.gov/api/v1"
  },
  "size_t": 355,
  "size_x": 88,
  "size_y": 88,
  "size_z": 54,
  "snr": 7.625810163918678,
  "spacing_tr": 1.5,
  "spacing_x": 2.5,
  "spacing_y": 2.5,
  "spacing_z": 3.0,
  "summary_bg_k": 17.10083992351083,
  "summary_bg_mad": 5.746649159249682,
  "summary_bg_mean": 24.198684692382812,
  "summary_bg_median": 7.292957305908203,
  "summary_bg_n": 300572.0,
  "summary_bg_p05": 2.5999999046325684,
  "summary_bg_p95": 123.38408012390147,
  "summary_bg_stdv": 46.43855285644531,
  "summary_fg_k": 3.8818630973120225,
  "summary_fg_mad": 53.549073771842444,
  "summary_fg_mean": 458.1365051269531,
  "summary_fg_median": 455.5859069824219,
  "summary_fg_n": 57014.0,
  "summary_fg_p05": 375.5914016723633,
  "summary_fg_p95": 549.0585632324219,
  "summary_fg_stdv": 59.74209976196289,
  "tsnr": 53.599928540876135
}