{
  "aor": 0.00036892957746478876,
  "aqi": 0.012490889239436618,
  "bids_meta": {
    "AcquisitionMatrixPE": 88,
    "AcquisitionNumber": 1,
    "AcquisitionTime": "09:23:8.380000",
    "BandwidthPerPixelPhaseEncode": 43.706,
    "BaseResolution": 88,
    "BodyPartExamined": "BRAIN",
    "ConsistencyInfo": "N4_VE11C_LATEST_20160120",
    "ConversionSoftware": "dcm2niix",
    "ConversionSoftwareVersion": "v1.0.20171215 (OpenJPEG build) GCC7.3.0",
    "DerivedVendorReportedEchoSpacing": 0.000520003,
    "DeviceSerialNumber": "66108",
    "DwellTime": 2.5e-06,
    "EchoTime": 0.026,
    "EchoTrainLength": 43,
    "EffectiveEchoSpacing": 0.000260002,
    "FlipAngle": 70,
    "ImageOrientationPatientDICOM": [
      0.998714,
      0.0506479,
      0.00236105,
      -0.0505927,
      0.998531,
      -0.0194106
    ],
    "ImageType": [
      "ORIGINAL",
      "PRIMARY",
      "M",
      "ND",
      "NORM",
      "MOSAIC"
    ],
    "InPlanePhaseEncodingDirectionDICOM": "COL",
    "InstitutionAddress": "Huron_325_TORONTO_ONTARIO_CA_M5S_3G3",
    "InstitutionName": "University_of_Toronto",
    "InstitutionalDepartmentName": "Department",
    "MRAcquisitionType": "2D",
    "MagneticFieldStrength": 3,
    "Manufacturer": "Siemens",
    "ManufacturersModelName": "Prisma",
    "Modality": "MR",
    "MultibandAccelerationFactor": 2,
    "ParallelReductionFactorInPlane": 2,
    "PartialFourier": 1,
    "PatientPosition": "HFS",
    "PercentPhaseFOV": 100,
    "PhaseEncodingDirection": "j-",
    "PhaseEncodingSteps": 87,
    "PhaseResolution": 1,
    "PixelBandwidth": 2275,
    "ProcedureStepDescription": "Cunningham_Nathan",
    "ProtocolName": "ep2d_p2s2_run2",
    "PulseSequenceDetails": "%SiemensSeq%_ep2d_bold",
    "ReceiveCoilActiveElements": "HEA;HEP",
    "ReceiveCoilName": "Head_32",
    "ReconMatrixPE": 88,
    "RepetitionTime": 1.5,
    "SAR": 0.054529,
    "ScanOptions": "FS",
    "ScanningSequence": "EP",
    "SequenceName": "_epfid2d1_88",
    "SequenceVariant": "SK",
    "SeriesDescription": "ep2d_p2s2_run2",
    "SeriesNumber": 7,
    "ShimSetting": [
      -1016,
      -7010,
      -6410,
      324,
      3,
      -5,
      45,
      5
    ],
    "SliceThickness": 2.5,
    "SliceTiming": [
      0.7125,
      0,
      0.7675,
      0.055,
      0.8225,
      0.11,
      0.8775,
      0.165,
      0.9325,
      0.22,
      0.9875,
      0.275,
      1.0425,
      0.33,
      1.0975,
      0.385,
      1.1525,
      0.44,
      1.2075,
      0.495,
      1.26,
      0.5475,
      1.315,
      0.6025,
      1.37,
      0.6575,
      1.425,
      0.7125,
      0,
      0.7675,
      0.055,
      0.8225,
      0.11,
      0.8775,
      0.165,
      0.9325,
      0.22,
      0.9875,
      0.275,
      1.0425,
      0.33,
      1.0975,
      0.385,
      1.1525,
      0.44,
      1.2075,
      0.495,
      1.26,
      0.5475,
      1.315,
      0.6025,
      1.37,
      0.6575,
      1.425
    ],
    "SoftwareVersions": "syngo_MR_E11",
    "SpacingBetweenSlices": 3,
    "StationName": "AWP66108",
    "TaskName": "roletrait",
    "TotalReadoutTime": 0.0226202,
    "TxRefAmp": 238.387,
    "dataset": "ds002294",
    "modality": "bold",
    "run_id": 2,
    "subject_id": "041",
    "task_id": "roletrait"
  },
  "dummy_trs": 0,
  "dvars_nstd": 40.912431156553644,
  "dvars_std": 1.4598391345197748,
  "dvars_vstd": 0.9984924278531079,
  "efc": 0.4671616620479709,
  "fber": 3881.163818359375,
  "fd_mean": 0.1277220886421378,
  "fd_num": 13,
  "fd_perc": 3.6619718309859155,
  "fwhm_avg": 1.655395333333333,
  "fwhm_x": 1.618908,
  "fwhm_y": 1.838428,
  "fwhm_z": 1.50885,
  "gcor": 0.00634186,
  "gsr_x": -0.014531104825437069,
  "gsr_y": 0.005663905292749405,
  "provenance": {
    "md5sum": "bba86856b464cfd64420dd7d02177c6f",
    "settings": {
      "fd_thres": 0.2,
      "testing": false
    },
    "software": "mriqc",
    "version": "22.0.6",
    "webapi_port": null,
    "webapi_url": "https://mriqc.nimh.nih.gov/api/v1"
  },
  "size_t": 355,
  "size_x": 88,
  "size_y": 88,
  "size_z": 54,
  "snr": 7.592460821038675,
  "spacing_tr": 1.5,
  "spacing_x": 2.5,
  "spacing_y": 2.5,
  "spacing_z": 3.0,
  "summary_bg_k": 17.694242982764848,
  "summary_bg_mad": 5.780060080750162,
  "summary_bg_mean": 24.216129302978516,
  "summary_bg_median": 7.292957305908203,
  "summary_bg_n": 300558.0,
  "summary_bg_p05": 2.5830984115600586,
  "summary_bg_p95": 123.23985557556142,
  "summary_bg_stdv": 46.85047912597656,
  "summary_fg_k": 3.776965440531952,
  "summary_fg_mad": 53.78294739450649,
  "summary_fg_mean": 457.744384765625,
  "summary_fg_median": 455.30279541015625,
  "summary_fg_n": 56974.0,
  "summary_fg_p05": 374.61968994140625,
  "summary_fg_p95": 549.1840881347656,
  "summary_fg_stdv": 59.96722412109375,
  "tsnr": 59.382319091586396
}