{
  "aor": 0.001175492957746479,
  "aqi": 0.014008307549295773,
  "bids_meta": {
    "AcquisitionMatrixPE": 88,
    "AcquisitionNumber": 1,
    "AcquisitionTime": "09:12:8.267500",
    "BandwidthPerPixelPhaseEncode": 43.706,
    "BaseResolution": 88,
    "BodyPartExamined": "BRAIN",
    "ConsistencyInfo": "N4_VE11C_LATEST_20160120",
    "ConversionSoftware": "dcm2niix",
    "ConversionSoftwareVersion": "v1.0.20171215 (OpenJPEG build) GCC7.3.0",
    "DerivedVendorReportedEchoSpacing": 0.000520003,
    "DeviceSerialNumber": "66108",
    "DwellTime": 2.5e-06,
    "EchoTime": 0.026,
    "EchoTrainLength": 43,
    "EffectiveEchoSpacing": 0.000260002,
    "FlipAngle": 70,
    "ImageOrientationPatientDICOM": [
      0.998714,
      0.0506479,
      0.00236105,
      -0.0505927,
      0.998531,
      -0.0194106
    ],
    "ImageType": [
      "ORIGINAL",
      "PRIMARY",
      "M",
      "ND",
      "NORM",
      "MOSAIC"
    ],
    "InPlanePhaseEncodingDirectionDICOM": "COL",
    "InstitutionAddress": "Huron_325_TORONTO_ONTARIO_CA_M5S_3G3",
    "InstitutionName": "University_of_Toronto",
    "InstitutionalDepartmentName": "Department",
    "MRAcquisitionType": "2D",
    "MagneticFieldStrength": 3,
    "Manufacturer": "Siemens",
    "ManufacturersModelName": "Prisma",
    "Modality": "MR",
    "MultibandAccelerationFactor": 2,
    "ParallelReductionFactorInPlane": 2,
    "PartialFourier": 1,
    "PatientPosition": "HFS",
    "PercentPhaseFOV": 100,
    "PhaseEncodingDirection": "j-",
    "PhaseEncodingSteps": 87,
    "PhaseResolution": 1,
    "PixelBandwidth": 2275,
    "ProcedureStepDescription": "Cunningham_Nathan",
    "ProtocolName": "ep2d_p2s2_run1",
    "PulseSequenceDetails": "%SiemensSeq%_ep2d_bold",
    "ReceiveCoilActiveElements": "HEA;HEP",
    "ReceiveCoilName": "Head_32",
    "ReconMatrixPE": 88,
    "RepetitionTime": 1.5,
    "SAR": 0.054529,
    "ScanOptions": "FS",
    "ScanningSequence": "EP",
    "SequenceName": "_epfid2d1_88",
    "SequenceVariant": "SK",
    "SeriesDescription": "ep2d_p2s2_run1",
    "SeriesNumber": 6,
    "ShimSetting": [
      -1022,
      -6992,
      -6393,
      350,
      6,
      49,
      68,
      -25
    ],
    "SliceThickness": 2.5,
    "SliceTiming": [
      0.7125,
      0,
      0.7675,
      0.055,
      0.8225,
      0.11,
      0.8775,
      0.165,
      0.9325,
      0.22,
      0.9875,
      0.275,
      1.0425,
      0.33,
      1.0975,
      0.385,
      1.1525,
      0.44,
      1.2075,
      0.4925,
      1.26,
      0.5475,
      1.315,
      0.6025,
      1.37,
      0.6575,
      1.425,
      0.7125,
      0,
      0.7675,
      0.055,
      0.8225,
      0.11,
      0.8775,
      0.165,
      0.9325,
      0.22,
      0.9875,
      0.275,
      1.0425,
      0.33,
      1.0975,
      0.385,
      1.1525,
      0.44,
      1.2075,
      0.4925,
      1.26,
      0.5475,
      1.315,
      0.6025,
      1.37,
      0.6575,
      1.425
    ],
    "SoftwareVersions": "syngo_MR_E11",
    "SpacingBetweenSlices": 3,
    "StationName": "AWP66108",
    "TaskName": "roletrait",
    "TotalReadoutTime": 0.0226202,
    "TxRefAmp": 238.387,
    "dataset": "ds002294",
    "modality": "bold",
    "run_id": 1,
    "subject_id": "041",
    "task_id": "roletrait"
  },
  "dummy_trs": 0,
  "dvars_nstd": 42.12671634409604,
  "dvars_std": 1.509166558022599,
  "dvars_vstd": 1.0079272142090396,
  "efc": 0.4653591803080809,
  "fber": 4043.119384765625,
  "fd_mean": 0.127050514732995,
  "fd_num": 31,
  "fd_perc": 8.732394366197184,
  "fwhm_avg": 1.6524044444444443,
  "fwhm_x": 1.614468,
  "fwhm_y": 1.841852,
  "fwhm_z": 1.5008933333333332,
  "gcor": 0.00808796,
  "gsr_x": -0.013952101580798626,
  "gsr_y": 0.0075729419477283955,
  "provenance": {
    "md5sum": "9b69b35c1bdd9292bb1ac6531323d6fc",
    "settings": {
      "fd_thres": 0.2,
      "testing": false
    },
    "software": "mriqc",
    "version": "22.0.6",
    "webapi_port": null,
    "webapi_url": "https://mriqc.nimh.nih.gov/api/v1"
  },
  "size_t": 355,
  "size_x": 88,
  "size_y": 88,
  "size_z": 54,
  "snr": 7.4893697371010175,
  "spacing_tr": 1.5,
  "spacing_x": 2.5,
  "spacing_y": 2.5,
  "spacing_z": 3.0,
  "summary_bg_k": 17.700221709549133,
  "summary_bg_mad": 5.780060080750162,
  "summary_bg_mean": 24.16034507751465,
  "summary_bg_median": 7.225351810455322,
  "summary_bg_n": 300824.0,
  "summary_bg_p05": 2.509859085083008,
  "summary_bg_p95": 122.14647674560547,
  "summary_bg_stdv": 47.24748992919922,
  "summary_fg_k": 4.130338112502643,
  "summary_fg_mad": 54.480383060313216,
  "summary_fg_mean": 462.25372314453125,
  "summary_fg_median": 459.65631103515625,
  "summary_fg_n": 56847.0,
  "summary_fg_p05": 378.983935546875,
  "summary_fg_p95": 556.4588684082031,
  "summary_fg_stdv": 61.373958587646484,
  "tsnr": 56.09672014717944
}