{
  "aor": 0.0007940112994350283,
  "aqi": 0.009113350395480224,
  "bids_meta": {
    "AcquisitionMatrixPE": 88,
    "AcquisitionNumber": 1,
    "AcquisitionTime": "15:57:20.225000",
    "BandwidthPerPixelPhaseEncode": 43.706,
    "BaseResolution": 88,
    "BodyPartExamined": "BRAIN",
    "ConsistencyInfo": "N4_VE11C_LATEST_20160120",
    "ConversionSoftware": "dcm2niix",
    "ConversionSoftwareVersion": "v1.0.20171215 (OpenJPEG build) GCC7.3.0",
    "DerivedVendorReportedEchoSpacing": 0.000520003,
    "DeviceSerialNumber": "66108",
    "DwellTime": 2.5e-06,
    "EchoTime": 0.026,
    "EchoTrainLength": 43,
    "EffectiveEchoSpacing": 0.000260002,
    "FlipAngle": 70,
    "ImageOrientationPatientDICOM": [
      0.999582,
      -0.0152449,
      0.0245685,
      0.0191929,
      0.985351,
      -0.169456
    ],
    "ImageType": [
      "ORIGINAL",
      "PRIMARY",
      "M",
      "ND",
      "NORM",
      "MOSAIC"
    ],
    "InPlanePhaseEncodingDirectionDICOM": "COL",
    "InstitutionAddress": "Huron_325_TORONTO_ONTARIO_CA_M5S_3G3",
    "InstitutionName": "University_of_Toronto",
    "InstitutionalDepartmentName": "Department",
    "MRAcquisitionType": "2D",
    "MagneticFieldStrength": 3,
    "Manufacturer": "Siemens",
    "ManufacturersModelName": "Prisma",
    "Modality": "MR",
    "MultibandAccelerationFactor": 2,
    "ParallelReductionFactorInPlane": 2,
    "PartialFourier": 1,
    "PatientPosition": "HFS",
    "PercentPhaseFOV": 100,
    "PhaseEncodingDirection": "j-",
    "PhaseEncodingSteps": 87,
    "PhaseResolution": 1,
    "PixelBandwidth": 2275,
    "ProcedureStepDescription": "Cunningham_Nathan",
    "ProtocolName": "ep2d_p2s2_run3",
    "PulseSequenceDetails": "%SiemensSeq%_ep2d_bold",
    "ReceiveCoilActiveElements": "HEA;HEP",
    "ReceiveCoilName": "Head_32",
    "ReconMatrixPE": 88,
    "RepetitionTime": 1.5,
    "SAR": 0.0742687,
    "ScanOptions": "FS",
    "ScanningSequence": "EP",
    "SequenceName": "_epfid2d1_88",
    "SequenceVariant": "SK",
    "SeriesDescription": "ep2d_p2s2_run3",
    "SeriesNumber": 8,
    "ShimSetting": [
      -1020,
      -7045,
      -6388,
      421,
      -17,
      -277,
      -75,
      -29
    ],
    "SliceThickness": 2.5,
    "SliceTiming": [
      0.7125,
      0,
      0.7675,
      0.055,
      0.8225,
      0.11,
      0.8775,
      0.165,
      0.9325,
      0.22,
      0.9875,
      0.275,
      1.0425,
      0.33,
      1.0975,
      0.385,
      1.1525,
      0.44,
      1.205,
      0.4925,
      1.26,
      0.5475,
      1.315,
      0.6025,
      1.37,
      0.6575,
      1.425,
      0.7125,
      0,
      0.7675,
      0.055,
      0.8225,
      0.11,
      0.8775,
      0.165,
      0.9325,
      0.22,
      0.9875,
      0.275,
      1.0425,
      0.33,
      1.0975,
      0.385,
      1.1525,
      0.44,
      1.205,
      0.4925,
      1.26,
      0.5475,
      1.315,
      0.6025,
      1.37,
      0.6575,
      1.425
    ],
    "SoftwareVersions": "syngo_MR_E11",
    "SpacingBetweenSlices": 3,
    "StationName": "AWP66108",
    "TaskName": "roletrait",
    "TotalReadoutTime": 0.0226202,
    "TxRefAmp": 233.581,
    "dataset": "ds002294",
    "modality": "bold",
    "run_id": 3,
    "subject_id": "045",
    "task_id": "roletrait"
  },
  "dummy_trs": 1,
  "dvars_nstd": 25.460423196742223,
  "dvars_std": 1.1532881708215306,
  "dvars_vstd": 1.0085455874787537,
  "efc": 0.4434443426459974,
  "fber": 5294.53271484375,
  "fd_mean": 0.11326291256578436,
  "fd_num": 16,
  "fd_perc": 4.519774011299435,
  "fwhm_avg": 1.6838397777777778,
  "fwhm_x": 1.66954,
  "fwhm_y": 1.835316,
  "fwhm_z": 1.5466633333333333,
  "gcor": 0.0096081,
  "gsr_x": -0.006099000573158264,
  "gsr_y": 0.013188978657126427,
  "provenance": {
    "md5sum": "d3d81780c4db5dba1abcbfa85fc82b7a",
    "settings": {
      "fd_thres": 0.2,
      "testing": false
    },
    "software": "mriqc",
    "version": "22.0.6",
    "webapi_port": null,
    "webapi_url": "https://mriqc.nimh.nih.gov/api/v1"
  },
  "size_t": 354,
  "size_x": 88,
  "size_y": 88,
  "size_z": 54,
  "snr": 7.46423535199992,
  "spacing_tr": 1.5,
  "spacing_x": 2.5,
  "spacing_y": 2.5,
  "spacing_z": 3.0,
  "summary_bg_k": 36.15837056730752,
  "summary_bg_mad": 4.745164563830907,
  "summary_bg_mean": 21.866209030151367,
  "summary_bg_median": 6.5536723136901855,
  "summary_bg_n": 307134.0,
  "summary_bg_p05": 2.6581921577453613,
  "summary_bg_p95": 100.77047882080045,
  "summary_bg_stdv": 46.10649490356445,
  "summary_fg_k": 2.7341006909662893,
  "summary_fg_mad": 59.81081492266284,
  "summary_fg_mean": 478.6526184082031,
  "summary_fg_median": 475.6044921875,
  "summary_fg_n": 53116.0,
  "summary_fg_p05": 389.98799896240234,
  "summary_fg_p95": 578.0896606445312,
  "summary_fg_stdv": 63.71717834472656,
  "tsnr": 62.520136951934546
}