{
  "aor": 0.0003816763005780347,
  "aqi": 0.008238466098265895,
  "bids_meta": {
    "AcquisitionMatrixPE": 88,
    "AcquisitionNumber": 1,
    "AcquisitionTime": "16:07:20.242500",
    "BandwidthPerPixelPhaseEncode": 43.706,
    "BaseResolution": 88,
    "BodyPartExamined": "BRAIN",
    "ConsistencyInfo": "N4_VE11C_LATEST_20160120",
    "ConversionSoftware": "dcm2niix",
    "ConversionSoftwareVersion": "v1.0.20171215 (OpenJPEG build) GCC7.3.0",
    "DerivedVendorReportedEchoSpacing": 0.000520003,
    "DeviceSerialNumber": "66108",
    "DwellTime": 2.5e-06,
    "EchoTime": 0.026,
    "EchoTrainLength": 43,
    "EffectiveEchoSpacing": 0.000260002,
    "FlipAngle": 70,
    "ImageOrientationPatientDICOM": [
      0.999582,
      -0.0152449,
      0.0245685,
      0.0191929,
      0.985351,
      -0.169456
    ],
    "ImageType": [
      "ORIGINAL",
      "PRIMARY",
      "M",
      "ND",
      "NORM",
      "MOSAIC"
    ],
    "InPlanePhaseEncodingDirectionDICOM": "COL",
    "InstitutionAddress": "Huron_325_TORONTO_ONTARIO_CA_M5S_3G3",
    "InstitutionName": "University_of_Toronto",
    "InstitutionalDepartmentName": "Department",
    "MRAcquisitionType": "2D",
    "MagneticFieldStrength": 3,
    "Manufacturer": "Siemens",
    "ManufacturersModelName": "Prisma",
    "Modality": "MR",
    "MultibandAccelerationFactor": 2,
    "ParallelReductionFactorInPlane": 2,
    "PartialFourier": 1,
    "PatientPosition": "HFS",
    "PercentPhaseFOV": 100,
    "PhaseEncodingDirection": "j-",
    "PhaseEncodingSteps": 87,
    "PhaseResolution": 1,
    "PixelBandwidth": 2275,
    "ProcedureStepDescription": "Cunningham_Nathan",
    "ProtocolName": "ep2d_p2s2_run4",
    "PulseSequenceDetails": "%SiemensSeq%_ep2d_bold",
    "ReceiveCoilActiveElements": "HEA;HEP",
    "ReceiveCoilName": "Head_32",
    "ReconMatrixPE": 88,
    "RepetitionTime": 1.5,
    "SAR": 0.0742687,
    "ScanOptions": "FS",
    "ScanningSequence": "EP",
    "SequenceName": "_epfid2d1_88",
    "SequenceVariant": "SK",
    "SeriesDescription": "ep2d_p2s2_run4",
    "SeriesNumber": 9,
    "ShimSetting": [
      -1020,
      -7045,
      -6388,
      421,
      -17,
      -277,
      -75,
      -29
    ],
    "SliceThickness": 2.5,
    "SliceTiming": [
      0.7125,
      0,
      0.7675,
      0.055,
      0.8225,
      0.11,
      0.8775,
      0.165,
      0.9325,
      0.22,
      0.9875,
      0.275,
      1.0425,
      0.33,
      1.095,
      0.3825,
      1.15,
      0.4375,
      1.205,
      0.4925,
      1.26,
      0.5475,
      1.315,
      0.6025,
      1.37,
      0.6575,
      1.425,
      0.7125,
      0,
      0.7675,
      0.055,
      0.8225,
      0.11,
      0.8775,
      0.165,
      0.9325,
      0.22,
      0.9875,
      0.275,
      1.0425,
      0.33,
      1.095,
      0.3825,
      1.15,
      0.4375,
      1.205,
      0.4925,
      1.26,
      0.5475,
      1.315,
      0.6025,
      1.37,
      0.6575,
      1.425
    ],
    "SoftwareVersions": "syngo_MR_E11",
    "SpacingBetweenSlices": 3,
    "StationName": "AWP66108",
    "TaskName": "roletrait",
    "TotalReadoutTime": 0.0226202,
    "TxRefAmp": 233.581,
    "dataset": "ds002294",
    "modality": "bold",
    "run_id": 4,
    "subject_id": "045",
    "task_id": "roletrait"
  },
  "dummy_trs": 9,
  "dvars_nstd": 25.58691322744927,
  "dvars_std": 1.166718071681159,
  "dvars_vstd": 1.01089611515942,
  "efc": 0.4440240815825486,
  "fber": 5226.12353515625,
  "fd_mean": 0.10525031043397794,
  "fd_num": 7,
  "fd_perc": 2.023121387283237,
  "fwhm_avg": 1.679283111111111,
  "fwhm_x": 1.6477879999999998,
  "fwhm_y": 1.844808,
  "fwhm_z": 1.5452533333333334,
  "gcor": 0.00762003,
  "gsr_x": -0.0059180911630392075,
  "gsr_y": 0.013492207042872906,
  "provenance": {
    "md5sum": "bb4a0916a52afe40194b5221c8f6b2a8",
    "settings": {
      "fd_thres": 0.2,
      "testing": false
    },
    "software": "mriqc",
    "version": "22.0.6",
    "webapi_port": null,
    "webapi_url": "https://mriqc.nimh.nih.gov/api/v1"
  },
  "size_t": 346,
  "size_x": 88,
  "size_y": 88,
  "size_z": 54,
  "snr": 7.496957566648851,
  "spacing_tr": 1.5,
  "spacing_x": 2.5,
  "spacing_y": 2.5,
  "spacing_z": 3.0,
  "summary_bg_k": 36.17751624522159,
  "summary_bg_mad": 4.769180696168884,
  "summary_bg_mean": 22.017765045166016,
  "summary_bg_median": 6.598265647888184,
  "summary_bg_n": 307118.0,
  "summary_bg_p05": 2.6849710941314697,
  "summary_bg_p95": 101.63915901184072,
  "summary_bg_stdv": 46.346553802490234,
  "summary_fg_k": 2.6190598162074084,
  "summary_fg_mad": 59.77970869020366,
  "summary_fg_mean": 478.8866882324219,
  "summary_fg_median": 475.9436340332031,
  "summary_fg_n": 53080.0,
  "summary_fg_p05": 390.4017333984375,
  "summary_fg_p95": 577.8700775146484,
  "summary_fg_stdv": 63.48430633544922,
  "tsnr": 65.67646276555024
}