{
  "aor": 0.000346225352112676,
  "aqi": 0.012311286169014087,
  "bids_meta": {
    "AcquisitionMatrixPE": 88,
    "AcquisitionNumber": 1,
    "AcquisitionTime": "15:47:23.252500",
    "BandwidthPerPixelPhaseEncode": 43.706,
    "BaseResolution": 88,
    "BodyPartExamined": "BRAIN",
    "ConsistencyInfo": "N4_VE11C_LATEST_20160120",
    "ConversionSoftware": "dcm2niix",
    "ConversionSoftwareVersion": "v1.0.20171215 (OpenJPEG build) GCC7.3.0",
    "DerivedVendorReportedEchoSpacing": 0.000520003,
    "DeviceSerialNumber": "66108",
    "DwellTime": 2.5e-06,
    "EchoTime": 0.026,
    "EchoTrainLength": 43,
    "EffectiveEchoSpacing": 0.000260002,
    "FlipAngle": 70,
    "ImageOrientationPatientDICOM": [
      0.999582,
      -0.0152449,
      0.0245685,
      0.0191929,
      0.985351,
      -0.169456
    ],
    "ImageType": [
      "ORIGINAL",
      "PRIMARY",
      "M",
      "ND",
      "NORM",
      "MOSAIC"
    ],
    "InPlanePhaseEncodingDirectionDICOM": "COL",
    "InstitutionAddress": "Huron_325_TORONTO_ONTARIO_CA_M5S_3G3",
    "InstitutionName": "University_of_Toronto",
    "InstitutionalDepartmentName": "Department",
    "MRAcquisitionType": "2D",
    "MagneticFieldStrength": 3,
    "Manufacturer": "Siemens",
    "ManufacturersModelName": "Prisma",
    "Modality": "MR",
    "MultibandAccelerationFactor": 2,
    "ParallelReductionFactorInPlane": 2,
    "PartialFourier": 1,
    "PatientPosition": "HFS",
    "PercentPhaseFOV": 100,
    "PhaseEncodingDirection": "j-",
    "PhaseEncodingSteps": 87,
    "PhaseResolution": 1,
    "PixelBandwidth": 2275,
    "ProcedureStepDescription": "Cunningham_Nathan",
    "ProtocolName": "ep2d_p2s2_run2",
    "PulseSequenceDetails": "%SiemensSeq%_ep2d_bold",
    "ReceiveCoilActiveElements": "HEA;HEP",
    "ReceiveCoilName": "Head_32",
    "ReconMatrixPE": 88,
    "RepetitionTime": 1.5,
    "SAR": 0.0742687,
    "ScanOptions": "FS",
    "ScanningSequence": "EP",
    "SequenceName": "_epfid2d1_88",
    "SequenceVariant": "SK",
    "SeriesDescription": "ep2d_p2s2_run2",
    "SeriesNumber": 7,
    "ShimSetting": [
      -1020,
      -7045,
      -6388,
      421,
      -17,
      -277,
      -75,
      -29
    ],
    "SliceThickness": 2.5,
    "SliceTiming": [
      0.7125,
      0,
      0.7675,
      0.055,
      0.8225,
      0.11,
      0.8775,
      0.165,
      0.9325,
      0.22,
      0.9875,
      0.275,
      1.0425,
      0.33,
      1.0975,
      0.385,
      1.1525,
      0.44,
      1.2075,
      0.495,
      1.2625,
      0.55,
      1.3175,
      0.605,
      1.3725,
      0.6575,
      1.425,
      0.7125,
      0,
      0.7675,
      0.055,
      0.8225,
      0.11,
      0.8775,
      0.165,
      0.9325,
      0.22,
      0.9875,
      0.275,
      1.0425,
      0.33,
      1.0975,
      0.385,
      1.1525,
      0.44,
      1.2075,
      0.495,
      1.2625,
      0.55,
      1.3175,
      0.605,
      1.3725,
      0.6575,
      1.425
    ],
    "SoftwareVersions": "syngo_MR_E11",
    "SpacingBetweenSlices": 3,
    "StationName": "AWP66108",
    "TaskName": "roletrait",
    "TotalReadoutTime": 0.0226202,
    "TxRefAmp": 233.581,
    "dataset": "ds002294",
    "modality": "bold",
    "run_id": 2,
    "subject_id": "045",
    "task_id": "roletrait"
  },
  "dummy_trs": 0,
  "dvars_nstd": 26.0020877114407,
  "dvars_std": 1.1223547864689258,
  "dvars_vstd": 0.979690826779661,
  "efc": 0.44424412336848856,
  "fber": 5227.21533203125,
  "fd_mean": 0.11457084776746197,
  "fd_num": 11,
  "fd_perc": 3.0985915492957745,
  "fwhm_avg": 1.6910166666666664,
  "fwhm_x": 1.6696280000000001,
  "fwhm_y": 1.8377919999999999,
  "fwhm_z": 1.5656299999999999,
  "gcor": 0.00432275,
  "gsr_x": -0.006232054904103279,
  "gsr_y": 0.013637605123221874,
  "provenance": {
    "md5sum": "3603f4acb5d8ce430896ac5c9bbc5243",
    "settings": {
      "fd_thres": 0.2,
      "testing": false
    },
    "software": "mriqc",
    "version": "22.0.6",
    "webapi_port": null,
    "webapi_url": "https://mriqc.nimh.nih.gov/api/v1"
  },
  "size_t": 355,
  "size_x": 88,
  "size_y": 88,
  "size_z": 54,
  "snr": 7.458116860686662,
  "spacing_tr": 1.5,
  "spacing_x": 2.5,
  "spacing_y": 2.5,
  "spacing_z": 3.0,
  "summary_bg_k": 35.851629037674456,
  "summary_bg_mad": 4.8278541201851946,
  "summary_bg_mean": 22.171911239624023,
  "summary_bg_median": 6.616901397705078,
  "summary_bg_n": 307164.0,
  "summary_bg_p05": 2.678873062133789,
  "summary_bg_p95": 102.1460544586181,
  "summary_bg_stdv": 46.898399353027344,
  "summary_fg_k": 2.612017919624675,
  "summary_fg_mad": 60.00365094119528,
  "summary_fg_mean": 479.12060546875,
  "summary_fg_median": 476.08306884765625,
  "summary_fg_n": 53076.0,
  "summary_fg_p05": 390.6570358276367,
  "summary_fg_p95": 578.8457336425781,
  "summary_fg_stdv": 63.8336181640625,
  "tsnr": 57.38342788210139
}