{
  "aor": 0.002119098591549296,
  "aqi": 0.015574950816901408,
  "bids_meta": {
    "AcquisitionMatrixPE": 88,
    "AcquisitionNumber": 1,
    "AcquisitionTime": "17:21:18.615000",
    "BandwidthPerPixelPhaseEncode": 43.706,
    "BaseResolution": 88,
    "BodyPartExamined": "BRAIN",
    "ConsistencyInfo": "N4_VE11C_LATEST_20160120",
    "ConversionSoftware": "dcm2niix",
    "ConversionSoftwareVersion": "v1.0.20171215 (OpenJPEG build) GCC7.3.0",
    "DerivedVendorReportedEchoSpacing": 0.000520003,
    "DeviceSerialNumber": "66108",
    "DwellTime": 2.5e-06,
    "EchoTime": 0.026,
    "EchoTrainLength": 43,
    "EffectiveEchoSpacing": 0.000260002,
    "FlipAngle": 70,
    "ImageOrientationPatientDICOM": [
      0.999138,
      -0.0133613,
      0.0392963,
      0.01744,
      0.994282,
      -0.105356
    ],
    "ImageType": [
      "ORIGINAL",
      "PRIMARY",
      "M",
      "ND",
      "NORM",
      "MOSAIC"
    ],
    "InPlanePhaseEncodingDirectionDICOM": "COL",
    "InstitutionAddress": "Huron_325_TORONTO_ONTARIO_CA_M5S_3G3",
    "InstitutionName": "University_of_Toronto",
    "InstitutionalDepartmentName": "Department",
    "MRAcquisitionType": "2D",
    "MagneticFieldStrength": 3,
    "Manufacturer": "Siemens",
    "ManufacturersModelName": "Prisma",
    "Modality": "MR",
    "MultibandAccelerationFactor": 2,
    "ParallelReductionFactorInPlane": 2,
    "PartialFourier": 1,
    "PatientPosition": "HFS",
    "PercentPhaseFOV": 100,
    "PhaseEncodingDirection": "j-",
    "PhaseEncodingSteps": 87,
    "PhaseResolution": 1,
    "PixelBandwidth": 2275,
    "ProcedureStepDescription": "Cunningham_Nathan",
    "ProtocolName": "ep2d_p2s2_run1",
    "PulseSequenceDetails": "%SiemensSeq%_ep2d_bold",
    "ReceiveCoilActiveElements": "HEA;HEP",
    "ReceiveCoilName": "Head_32",
    "ReconMatrixPE": 88,
    "RepetitionTime": 1.5,
    "SAR": 0.0696036,
    "ScanOptions": "FS",
    "ScanningSequence": "EP",
    "SequenceName": "_epfid2d1_88",
    "SequenceVariant": "SK",
    "SeriesDescription": "ep2d_p2s2_run1",
    "SeriesNumber": 6,
    "ShimSetting": [
      -1029,
      -7017,
      -6323,
      347,
      -40,
      47,
      -35,
      -66
    ],
    "SliceThickness": 2.5,
    "SliceTiming": [
      0.7125,
      0,
      0.7675,
      0.055,
      0.8225,
      0.11,
      0.875,
      0.1625,
      0.93,
      0.2175,
      0.985,
      0.2725,
      1.04,
      0.3275,
      1.095,
      0.3825,
      1.15,
      0.4375,
      1.205,
      0.4925,
      1.26,
      0.5475,
      1.315,
      0.6025,
      1.37,
      0.6575,
      1.425,
      0.7125,
      0,
      0.7675,
      0.055,
      0.8225,
      0.11,
      0.875,
      0.1625,
      0.93,
      0.2175,
      0.985,
      0.2725,
      1.04,
      0.3275,
      1.095,
      0.3825,
      1.15,
      0.4375,
      1.205,
      0.4925,
      1.26,
      0.5475,
      1.315,
      0.6025,
      1.37,
      0.6575,
      1.425
    ],
    "SoftwareVersions": "syngo_MR_E11",
    "SpacingBetweenSlices": 3,
    "StationName": "AWP66108",
    "TaskName": "roletrait",
    "TotalReadoutTime": 0.0226202,
    "TxRefAmp": 266.818,
    "dataset": "ds002294",
    "modality": "bold",
    "run_id": 1,
    "subject_id": "050",
    "task_id": "roletrait"
  },
  "dummy_trs": 0,
  "dvars_nstd": 33.31996017406779,
  "dvars_std": 1.2559791195480219,
  "dvars_vstd": 0.9898007268079096,
  "efc": 0.4834648508128437,
  "fber": 3457.79443359375,
  "fd_mean": 0.09571671965325254,
  "fd_num": 8,
  "fd_perc": 2.2535211267605635,
  "fwhm_avg": 1.7079442222222223,
  "fwhm_x": 1.680256,
  "fwhm_y": 1.89668,
  "fwhm_z": 1.5468966666666668,
  "gcor": 0.00471265,
  "gsr_x": -0.006067492067813873,
  "gsr_y": 0.01441238820552826,
  "provenance": {
    "md5sum": "8bb877e69ea7d3033872135287946808",
    "settings": {
      "fd_thres": 0.2,
      "testing": false
    },
    "software": "mriqc",
    "version": "22.0.6",
    "webapi_port": null,
    "webapi_url": "https://mriqc.nimh.nih.gov/api/v1"
  },
  "size_t": 355,
  "size_x": 88,
  "size_y": 88,
  "size_z": 54,
  "snr": 6.220250091335913,
  "spacing_tr": 1.5,
  "spacing_x": 2.5,
  "spacing_y": 2.5,
  "spacing_z": 3.0,
  "summary_bg_k": 21.73818695752906,
  "summary_bg_mad": 6.268692686815196,
  "summary_bg_mean": 23.75305938720703,
  "summary_bg_median": 7.76338005065918,
  "summary_bg_n": 290380.0,
  "summary_bg_p05": 2.760563373565674,
  "summary_bg_p95": 98.43126602172845,
  "summary_bg_stdv": 44.24528884887695,
  "summary_fg_k": 1.8412604043551477,
  "summary_fg_mad": 71.82684711500036,
  "summary_fg_mean": 459.66192626953125,
  "summary_fg_median": 453.2957458496094,
  "summary_fg_n": 66266.0,
  "summary_fg_p05": 361.98377990722656,
  "summary_fg_p95": 582.3845062255859,
  "summary_fg_stdv": 72.87364959716797,
  "tsnr": 45.85794477676973
}