{
  "aor": 0.0021776553672316385,
  "aqi": 0.009727080480225988,
  "bids_meta": {
    "AcquisitionMatrixPE": 88,
    "AcquisitionNumber": 1,
    "AcquisitionTime": "17:51:37.687500",
    "BandwidthPerPixelPhaseEncode": 43.706,
    "BaseResolution": 88,
    "BodyPartExamined": "BRAIN",
    "ConsistencyInfo": "N4_VE11C_LATEST_20160120",
    "ConversionSoftware": "dcm2niix",
    "ConversionSoftwareVersion": "v1.0.20171215 (OpenJPEG build) GCC7.3.0",
    "DerivedVendorReportedEchoSpacing": 0.000520003,
    "DeviceSerialNumber": "66108",
    "DwellTime": 2.5e-06,
    "EchoTime": 0.026,
    "EchoTrainLength": 43,
    "EffectiveEchoSpacing": 0.000260002,
    "FlipAngle": 70,
    "ImageOrientationPatientDICOM": [
      0.999138,
      -0.0133613,
      0.0392963,
      0.01744,
      0.994282,
      -0.105356
    ],
    "ImageType": [
      "ORIGINAL",
      "PRIMARY",
      "M",
      "ND",
      "NORM",
      "MOSAIC"
    ],
    "InPlanePhaseEncodingDirectionDICOM": "COL",
    "InstitutionAddress": "Huron_325_TORONTO_ONTARIO_CA_M5S_3G3",
    "InstitutionName": "University_of_Toronto",
    "InstitutionalDepartmentName": "Department",
    "MRAcquisitionType": "2D",
    "MagneticFieldStrength": 3,
    "Manufacturer": "Siemens",
    "ManufacturersModelName": "Prisma",
    "Modality": "MR",
    "MultibandAccelerationFactor": 2,
    "ParallelReductionFactorInPlane": 2,
    "PartialFourier": 1,
    "PatientPosition": "HFS",
    "PercentPhaseFOV": 100,
    "PhaseEncodingDirection": "j-",
    "PhaseEncodingSteps": 87,
    "PhaseResolution": 1,
    "PixelBandwidth": 2275,
    "ProcedureStepDescription": "Cunningham_Nathan",
    "ProtocolName": "ep2d_p2s2_run4",
    "PulseSequenceDetails": "%SiemensSeq%_ep2d_bold",
    "ReceiveCoilActiveElements": "HEA;HEP",
    "ReceiveCoilName": "Head_32",
    "ReconMatrixPE": 88,
    "RepetitionTime": 1.5,
    "SAR": 0.0696036,
    "ScanOptions": "FS",
    "ScanningSequence": "EP",
    "SequenceName": "_epfid2d1_88",
    "SequenceVariant": "SK",
    "SeriesDescription": "ep2d_p2s2_run4",
    "SeriesNumber": 9,
    "ShimSetting": [
      -1024,
      -7017,
      -6337,
      326,
      -52,
      27,
      -28,
      -56
    ],
    "SliceThickness": 2.5,
    "SliceTiming": [
      0.7125,
      0,
      0.7675,
      0.055,
      0.8225,
      0.11,
      0.8775,
      0.165,
      0.9325,
      0.22,
      0.9875,
      0.275,
      1.0425,
      0.33,
      1.0975,
      0.385,
      1.1525,
      0.4375,
      1.205,
      0.4925,
      1.26,
      0.5475,
      1.315,
      0.6025,
      1.37,
      0.6575,
      1.425,
      0.7125,
      0,
      0.7675,
      0.055,
      0.8225,
      0.11,
      0.8775,
      0.165,
      0.9325,
      0.22,
      0.9875,
      0.275,
      1.0425,
      0.33,
      1.0975,
      0.385,
      1.1525,
      0.4375,
      1.205,
      0.4925,
      1.26,
      0.5475,
      1.315,
      0.6025,
      1.37,
      0.6575,
      1.425
    ],
    "SoftwareVersions": "syngo_MR_E11",
    "SpacingBetweenSlices": 3,
    "StationName": "AWP66108",
    "TaskName": "roletrait",
    "TotalReadoutTime": 0.0226202,
    "TxRefAmp": 266.818,
    "dataset": "ds002294",
    "modality": "bold",
    "run_id": 4,
    "subject_id": "050",
    "task_id": "roletrait"
  },
  "dummy_trs": 1,
  "dvars_nstd": 33.88908654787537,
  "dvars_std": 1.3092918356373937,
  "dvars_vstd": 1.026116941784702,
  "efc": 0.4843089374039513,
  "fber": 3299.737548828125,
  "fd_mean": 0.11851734933975208,
  "fd_num": 13,
  "fd_perc": 3.672316384180791,
  "fwhm_avg": 1.6844713333333334,
  "fwhm_x": 1.651716,
  "fwhm_y": 1.852688,
  "fwhm_z": 1.54901,
  "gcor": 0.00891262,
  "gsr_x": -0.004871292971074581,
  "gsr_y": 0.01601916365325451,
  "provenance": {
    "md5sum": "d11833b46a825b7e27c6c5fc44b400a9",
    "settings": {
      "fd_thres": 0.2,
      "testing": false
    },
    "software": "mriqc",
    "version": "22.0.6",
    "webapi_port": null,
    "webapi_url": "https://mriqc.nimh.nih.gov/api/v1"
  },
  "size_t": 354,
  "size_x": 88,
  "size_y": 88,
  "size_z": 54,
  "snr": 6.219119242569758,
  "spacing_tr": 1.5,
  "spacing_x": 2.5,
  "spacing_y": 2.5,
  "spacing_z": 3.0,
  "summary_bg_k": 21.969479709519167,
  "summary_bg_mad": 6.3492231878528855,
  "summary_bg_mean": 23.858919143676758,
  "summary_bg_median": 7.903954982757568,
  "summary_bg_n": 290699.0,
  "summary_bg_p05": 2.8333332538604736,
  "summary_bg_p95": 100.49152374267578,
  "summary_bg_stdv": 43.51035690307617,
  "summary_fg_k": 2.052687328103376,
  "summary_fg_mad": 70.64974203331575,
  "summary_fg_mean": 457.5718688964844,
  "summary_fg_median": 451.7372741699219,
  "summary_fg_n": 66023.0,
  "summary_fg_p05": 360.2977325439453,
  "summary_fg_p95": 578.2245971679687,
  "summary_fg_stdv": 72.63630676269531,
  "tsnr": 54.49949766509235
}