{
  "aor": 0.0004917464788732394,
  "aqi": 0.00882289771830986,
  "bids_meta": {
    "AcquisitionMatrixPE": 88,
    "AcquisitionNumber": 1,
    "AcquisitionTime": "10:22:8.520000",
    "BandwidthPerPixelPhaseEncode": 43.706,
    "BaseResolution": 88,
    "BodyPartExamined": "BRAIN",
    "ConsistencyInfo": "N4_VE11C_LATEST_20160120",
    "ConversionSoftware": "dcm2niix",
    "ConversionSoftwareVersion": "v1.0.20171215 (OpenJPEG build) GCC7.3.0",
    "DerivedVendorReportedEchoSpacing": 0.000520003,
    "DeviceSerialNumber": "66108",
    "DwellTime": 2.5e-06,
    "EchoTime": 0.026,
    "EchoTrainLength": 43,
    "EffectiveEchoSpacing": 0.000260002,
    "FlipAngle": 70,
    "ImageOrientationPatientDICOM": [
      0.993791,
      0.0999942,
      0.0487902,
      -0.104452,
      0.98954,
      0.099504
    ],
    "ImageType": [
      "ORIGINAL",
      "PRIMARY",
      "M",
      "ND",
      "NORM",
      "MOSAIC"
    ],
    "InPlanePhaseEncodingDirectionDICOM": "COL",
    "InstitutionAddress": "Huron_325_TORONTO_ONTARIO_CA_M5S_3G3",
    "InstitutionName": "University_of_Toronto",
    "InstitutionalDepartmentName": "Department",
    "MRAcquisitionType": "2D",
    "MagneticFieldStrength": 3,
    "Manufacturer": "Siemens",
    "ManufacturersModelName": "Prisma",
    "Modality": "MR",
    "MultibandAccelerationFactor": 2,
    "ParallelReductionFactorInPlane": 2,
    "PartialFourier": 1,
    "PatientPosition": "HFS",
    "PercentPhaseFOV": 100,
    "PhaseEncodingDirection": "j-",
    "PhaseEncodingSteps": 87,
    "PhaseResolution": 1,
    "PixelBandwidth": 2275,
    "ProcedureStepDescription": "Cunningham_Nathan",
    "ProtocolName": "ep2d_p2s2_run4",
    "PulseSequenceDetails": "%SiemensSeq%_ep2d_bold",
    "ReceiveCoilActiveElements": "HEA;HEP",
    "ReceiveCoilName": "Head_32",
    "ReconMatrixPE": 88,
    "RepetitionTime": 1.5,
    "SAR": 0.0715646,
    "ScanOptions": "FS",
    "ScanningSequence": "EP",
    "SequenceName": "_epfid2d1_88",
    "SequenceVariant": "SK",
    "SeriesDescription": "ep2d_p2s2_run4",
    "SeriesNumber": 9,
    "ShimSetting": [
      -1026,
      -7062,
      -6315,
      446,
      -89,
      -137,
      11,
      -26
    ],
    "SliceThickness": 2.5,
    "SliceTiming": [
      0.7125,
      0,
      0.7675,
      0.055,
      0.8225,
      0.11,
      0.875,
      0.1625,
      0.93,
      0.2175,
      0.985,
      0.2725,
      1.04,
      0.3275,
      1.095,
      0.3825,
      1.15,
      0.4375,
      1.205,
      0.4925,
      1.26,
      0.5475,
      1.315,
      0.6025,
      1.37,
      0.6575,
      1.425,
      0.7125,
      0,
      0.7675,
      0.055,
      0.8225,
      0.11,
      0.875,
      0.1625,
      0.93,
      0.2175,
      0.985,
      0.2725,
      1.04,
      0.3275,
      1.095,
      0.3825,
      1.15,
      0.4375,
      1.205,
      0.4925,
      1.26,
      0.5475,
      1.315,
      0.6025,
      1.37,
      0.6575,
      1.425
    ],
    "SoftwareVersions": "syngo_MR_E11",
    "SpacingBetweenSlices": 3,
    "StationName": "AWP66108",
    "TaskName": "roletrait",
    "TotalReadoutTime": 0.0226202,
    "TxRefAmp": 243.402,
    "dataset": "ds002294",
    "modality": "bold",
    "run_id": 4,
    "subject_id": "017",
    "task_id": "roletrait"
  },
  "dummy_trs": 0,
  "dvars_nstd": 27.960352563531067,
  "dvars_std": 1.2335617133898304,
  "dvars_vstd": 1.0049717648870056,
  "efc": 0.4803012834553633,
  "fber": 4155.755859375,
  "fd_mean": 0.13207867836829837,
  "fd_num": 41,
  "fd_perc": 11.549295774647888,
  "fwhm_avg": 1.6760775555555556,
  "fwhm_x": 1.657784,
  "fwhm_y": 1.8076720000000002,
  "fwhm_z": 1.5627766666666665,
  "gcor": 0.0104366,
  "gsr_x": -0.01208834070712328,
  "gsr_y": 0.009751999750733376,
  "provenance": {
    "md5sum": "395e96a3a31686ab5e3bcd720e267130",
    "settings": {
      "fd_thres": 0.2,
      "testing": false
    },
    "software": "mriqc",
    "version": "22.0.6",
    "webapi_port": null,
    "webapi_url": "https://mriqc.nimh.nih.gov/api/v1"
  },
  "size_t": 355,
  "size_x": 88,
  "size_y": 88,
  "size_z": 54,
  "snr": 6.643225198060627,
  "spacing_tr": 1.5,
  "spacing_x": 2.5,
  "spacing_y": 2.5,
  "spacing_z": 3.0,
  "summary_bg_k": 15.970479339647273,
  "summary_bg_mad": 6.243635202649665,
  "summary_bg_mean": 28.320646286010742,
  "summary_bg_median": 7.819717884063721,
  "summary_bg_n": 294300.0,
  "summary_bg_p05": 2.681549131870272,
  "summary_bg_p95": 143.71267700195312,
  "summary_bg_stdv": 55.015750885009766,
  "summary_fg_k": 1.6993937281349245,
  "summary_fg_mad": 75.87581531360412,
  "summary_fg_mean": 508.7625427246094,
  "summary_fg_median": 502.6816711425781,
  "summary_fg_n": 63040.0,
  "summary_fg_p05": 407.7570175170898,
  "summary_fg_p95": 637.0820892333984,
  "summary_fg_stdv": 75.66771697998047,
  "tsnr": 60.447623778134584
}