{
  "aor": 0.0004964788732394367,
  "aqi": 0.009269614225352113,
  "bids_meta": {
    "AcquisitionMatrixPE": 88,
    "AcquisitionNumber": 1,
    "AcquisitionTime": "11:13:28.720000",
    "BandwidthPerPixelPhaseEncode": 43.706,
    "BaseResolution": 88,
    "BodyPartExamined": "BRAIN",
    "ConsistencyInfo": "N4_VE11C_LATEST_20160120",
    "ConversionSoftware": "dcm2niix",
    "ConversionSoftwareVersion": "v1.0.20171215 (OpenJPEG build) GCC7.3.0",
    "DerivedVendorReportedEchoSpacing": 0.000520003,
    "DeviceSerialNumber": "66108",
    "DwellTime": 2.5e-06,
    "EchoTime": 0.026,
    "EchoTrainLength": 43,
    "EffectiveEchoSpacing": 0.000260002,
    "FlipAngle": 70,
    "ImageOrientationPatientDICOM": [
      0.999743,
      -0.0211567,
      -0.00814953,
      0.019196,
      0.981155,
      -0.192269
    ],
    "ImageType": [
      "ORIGINAL",
      "PRIMARY",
      "M",
      "ND",
      "NORM",
      "MOSAIC"
    ],
    "InPlanePhaseEncodingDirectionDICOM": "COL",
    "InstitutionAddress": "Huron_325_TORONTO_ONTARIO_CA_M5S_3G3",
    "InstitutionName": "University_of_Toronto",
    "InstitutionalDepartmentName": "Department",
    "MRAcquisitionType": "2D",
    "MagneticFieldStrength": 3,
    "Manufacturer": "Siemens",
    "ManufacturersModelName": "Prisma",
    "Modality": "MR",
    "MultibandAccelerationFactor": 2,
    "ParallelReductionFactorInPlane": 2,
    "PartialFourier": 1,
    "PatientPosition": "HFS",
    "PercentPhaseFOV": 100,
    "PhaseEncodingDirection": "j-",
    "PhaseEncodingSteps": 87,
    "PhaseResolution": 1,
    "PixelBandwidth": 2275,
    "ProcedureStepDescription": "Cunningham_Nathan",
    "ProtocolName": "ep2d_p2s2_run2",
    "PulseSequenceDetails": "%SiemensSeq%_ep2d_bold",
    "ReceiveCoilActiveElements": "HEA;HEP",
    "ReceiveCoilName": "Head_32",
    "ReconMatrixPE": 88,
    "RepetitionTime": 1.5,
    "SAR": 0.0519102,
    "ScanOptions": "FS",
    "ScanningSequence": "EP",
    "SequenceName": "_epfid2d1_88",
    "SequenceVariant": "SK",
    "SeriesDescription": "ep2d_p2s2_run2",
    "SeriesNumber": 7,
    "ShimSetting": [
      -1023,
      -6992,
      -6500,
      446,
      -70,
      3,
      -52,
      -14
    ],
    "SliceThickness": 2.5,
    "SliceTiming": [
      0.7125,
      0,
      0.7675,
      0.055,
      0.8225,
      0.11,
      0.8775,
      0.165,
      0.9325,
      0.22,
      0.9875,
      0.275,
      1.04,
      0.3275,
      1.095,
      0.3825,
      1.15,
      0.4375,
      1.205,
      0.4925,
      1.26,
      0.5475,
      1.315,
      0.6025,
      1.37,
      0.6575,
      1.425,
      0.7125,
      0,
      0.7675,
      0.055,
      0.8225,
      0.11,
      0.8775,
      0.165,
      0.9325,
      0.22,
      0.9875,
      0.275,
      1.04,
      0.3275,
      1.095,
      0.3825,
      1.15,
      0.4375,
      1.205,
      0.4925,
      1.26,
      0.5475,
      1.315,
      0.6025,
      1.37,
      0.6575,
      1.425
    ],
    "SoftwareVersions": "syngo_MR_E11",
    "SpacingBetweenSlices": 3,
    "StationName": "AWP66108",
    "TaskName": "roletrait",
    "TotalReadoutTime": 0.0226202,
    "TxRefAmp": 231.124,
    "dataset": "ds002294",
    "modality": "bold",
    "run_id": 2,
    "subject_id": "010",
    "task_id": "roletrait"
  },
  "dummy_trs": 0,
  "dvars_nstd": 25.244068910819227,
  "dvars_std": 1.151212432711864,
  "dvars_vstd": 1.0038029270056494,
  "efc": 0.44712140889550755,
  "fber": 5343.45751953125,
  "fd_mean": 0.11108640651300354,
  "fd_num": 6,
  "fd_perc": 1.6901408450704225,
  "fwhm_avg": 1.6844542222222223,
  "fwhm_x": 1.644372,
  "fwhm_y": 1.829164,
  "fwhm_z": 1.5798266666666667,
  "gcor": 0.00822603,
  "gsr_x": -0.007199446205049753,
  "gsr_y": 0.0139930946752429,
  "provenance": {
    "md5sum": "e0daba46ed86c66a777a76062040272e",
    "settings": {
      "fd_thres": 0.2,
      "testing": false
    },
    "software": "mriqc",
    "version": "22.0.6",
    "webapi_port": null,
    "webapi_url": "https://mriqc.nimh.nih.gov/api/v1"
  },
  "size_t": 355,
  "size_x": 88,
  "size_y": 88,
  "size_z": 54,
  "snr": 7.387388731892858,
  "spacing_tr": 1.5,
  "spacing_x": 2.5,
  "spacing_y": 2.5,
  "spacing_z": 3.0,
  "summary_bg_k": 25.48311818993985,
  "summary_bg_mad": 4.422749171351274,
  "summary_bg_mean": 22.2153263092041,
  "summary_bg_median": 6.346478462219238,
  "summary_bg_n": 305847.0,
  "summary_bg_p05": 2.695774555206299,
  "summary_bg_p95": 103.37013702392585,
  "summary_bg_stdv": 46.83509063720703,
  "summary_fg_k": 2.3139488231471548,
  "summary_fg_mad": 59.76762816065224,
  "summary_fg_mean": 463.6150207519531,
  "summary_fg_median": 459.31549072265625,
  "summary_fg_n": 53509.0,
  "summary_fg_p05": 376.7210998535156,
  "summary_fg_p95": 562.1650512695312,
  "summary_fg_stdv": 62.17504119873047,
  "tsnr": 62.50695886288304
}