{
  "aor": 0.0006295774647887323,
  "aqi": 0.009214910985915493,
  "bids_meta": {
    "AcquisitionMatrixPE": 88,
    "AcquisitionNumber": 1,
    "AcquisitionTime": "11:32:21.865000",
    "BandwidthPerPixelPhaseEncode": 43.706,
    "BaseResolution": 88,
    "BodyPartExamined": "BRAIN",
    "ConsistencyInfo": "N4_VE11C_LATEST_20160120",
    "ConversionSoftware": "dcm2niix",
    "ConversionSoftwareVersion": "v1.0.20171215 (OpenJPEG build) GCC7.3.0",
    "DerivedVendorReportedEchoSpacing": 0.000520003,
    "DeviceSerialNumber": "66108",
    "DwellTime": 2.5e-06,
    "EchoTime": 0.026,
    "EchoTrainLength": 43,
    "EffectiveEchoSpacing": 0.000260002,
    "FlipAngle": 70,
    "ImageOrientationPatientDICOM": [
      0.999743,
      -0.0211567,
      -0.00814953,
      0.019196,
      0.981155,
      -0.192269
    ],
    "ImageType": [
      "ORIGINAL",
      "PRIMARY",
      "M",
      "ND",
      "NORM",
      "MOSAIC"
    ],
    "InPlanePhaseEncodingDirectionDICOM": "COL",
    "InstitutionAddress": "Huron_325_TORONTO_ONTARIO_CA_M5S_3G3",
    "InstitutionName": "University_of_Toronto",
    "InstitutionalDepartmentName": "Department",
    "MRAcquisitionType": "2D",
    "MagneticFieldStrength": 3,
    "Manufacturer": "Siemens",
    "ManufacturersModelName": "Prisma",
    "Modality": "MR",
    "MultibandAccelerationFactor": 2,
    "ParallelReductionFactorInPlane": 2,
    "PartialFourier": 1,
    "PatientPosition": "HFS",
    "PercentPhaseFOV": 100,
    "PhaseEncodingDirection": "j-",
    "PhaseEncodingSteps": 87,
    "PhaseResolution": 1,
    "PixelBandwidth": 2275,
    "ProcedureStepDescription": "Cunningham_Nathan",
    "ProtocolName": "ep2d_p2s2_run4",
    "PulseSequenceDetails": "%SiemensSeq%_ep2d_bold",
    "ReceiveCoilActiveElements": "HEA;HEP",
    "ReceiveCoilName": "Head_32",
    "ReconMatrixPE": 88,
    "RepetitionTime": 1.5,
    "SAR": 0.0519102,
    "ScanOptions": "FS",
    "ScanningSequence": "EP",
    "SequenceName": "_epfid2d1_88",
    "SequenceVariant": "SK",
    "SeriesDescription": "ep2d_p2s2_run4",
    "SeriesNumber": 9,
    "ShimSetting": [
      -1023,
      -6992,
      -6500,
      446,
      -70,
      3,
      -52,
      -14
    ],
    "SliceThickness": 2.5,
    "SliceTiming": [
      0.7125,
      0,
      0.7675,
      0.055,
      0.8225,
      0.11,
      0.8775,
      0.165,
      0.9325,
      0.22,
      0.9875,
      0.275,
      1.0425,
      0.33,
      1.0975,
      0.385,
      1.1525,
      0.44,
      1.2075,
      0.495,
      1.26,
      0.5475,
      1.315,
      0.6025,
      1.37,
      0.6575,
      1.425,
      0.7125,
      0,
      0.7675,
      0.055,
      0.8225,
      0.11,
      0.8775,
      0.165,
      0.9325,
      0.22,
      0.9875,
      0.275,
      1.0425,
      0.33,
      1.0975,
      0.385,
      1.1525,
      0.44,
      1.2075,
      0.495,
      1.26,
      0.5475,
      1.315,
      0.6025,
      1.37,
      0.6575,
      1.425
    ],
    "SoftwareVersions": "syngo_MR_E11",
    "SpacingBetweenSlices": 3,
    "StationName": "AWP66108",
    "TaskName": "roletrait",
    "TotalReadoutTime": 0.0226202,
    "TxRefAmp": 231.124,
    "dataset": "ds002294",
    "modality": "bold",
    "run_id": 4,
    "subject_id": "010",
    "task_id": "roletrait"
  },
  "dummy_trs": 0,
  "dvars_nstd": 25.72969050361584,
  "dvars_std": 1.173406342429379,
  "dvars_vstd": 1.0115594848870055,
  "efc": 0.44839251188987084,
  "fber": 5175.75146484375,
  "fd_mean": 0.09461929380962657,
  "fd_num": 1,
  "fd_perc": 0.28169014084507044,
  "fwhm_avg": 1.6903084444444445,
  "fwhm_x": 1.6474240000000002,
  "fwhm_y": 1.8360679999999998,
  "fwhm_z": 1.5874333333333333,
  "gcor": 0.0173032,
  "gsr_x": -0.007383928168565035,
  "gsr_y": 0.013998214155435562,
  "provenance": {
    "md5sum": "6fd76053a785e2707949f39878fb9d03",
    "settings": {
      "fd_thres": 0.2,
      "testing": false
    },
    "software": "mriqc",
    "version": "22.0.6",
    "webapi_port": null,
    "webapi_url": "https://mriqc.nimh.nih.gov/api/v1"
  },
  "size_t": 355,
  "size_x": 88,
  "size_y": 88,
  "size_z": 54,
  "snr": 7.35980662297534,
  "spacing_tr": 1.5,
  "spacing_x": 2.5,
  "spacing_y": 2.5,
  "spacing_z": 3.0,
  "summary_bg_k": 25.176795583061818,
  "summary_bg_mad": 4.510451779850292,
  "summary_bg_mean": 22.621347427368164,
  "summary_bg_median": 6.445070266723633,
  "summary_bg_n": 305721.0,
  "summary_bg_p05": 2.7239434719085693,
  "summary_bg_p95": 106.2676010131836,
  "summary_bg_stdv": 47.3999137878418,
  "summary_fg_k": 2.395975307936679,
  "summary_fg_mad": 59.41475905963523,
  "summary_fg_mean": 464.33428955078125,
  "summary_fg_median": 459.7464599609375,
  "summary_fg_n": 53580.0,
  "summary_fg_p05": 377.28928527832034,
  "summary_fg_p95": 563.7015563964843,
  "summary_fg_stdv": 62.466609954833984,
  "tsnr": 63.78943160432391
}