{
  "aor": 0.0023504225352112677,
  "aqi": 0.013856660901408451,
  "bids_meta": {
    "AcquisitionMatrixPE": 88,
    "AcquisitionNumber": 1,
    "AcquisitionTime": "11:03:43.412500",
    "BandwidthPerPixelPhaseEncode": 43.706,
    "BaseResolution": 88,
    "BodyPartExamined": "BRAIN",
    "ConsistencyInfo": "N4_VE11C_LATEST_20160120",
    "ConversionSoftware": "dcm2niix",
    "ConversionSoftwareVersion": "v1.0.20171215 (OpenJPEG build) GCC7.3.0",
    "DerivedVendorReportedEchoSpacing": 0.000520003,
    "DeviceSerialNumber": "66108",
    "DwellTime": 2.5e-06,
    "EchoTime": 0.026,
    "EchoTrainLength": 43,
    "EffectiveEchoSpacing": 0.000260002,
    "FlipAngle": 70,
    "ImageOrientationPatientDICOM": [
      0.999743,
      -0.0211567,
      -0.00814953,
      0.019196,
      0.981155,
      -0.192269
    ],
    "ImageType": [
      "ORIGINAL",
      "PRIMARY",
      "M",
      "ND",
      "NORM",
      "MOSAIC"
    ],
    "InPlanePhaseEncodingDirectionDICOM": "COL",
    "InstitutionAddress": "Huron_325_TORONTO_ONTARIO_CA_M5S_3G3",
    "InstitutionName": "University_of_Toronto",
    "InstitutionalDepartmentName": "Department",
    "MRAcquisitionType": "2D",
    "MagneticFieldStrength": 3,
    "Manufacturer": "Siemens",
    "ManufacturersModelName": "Prisma",
    "Modality": "MR",
    "MultibandAccelerationFactor": 2,
    "ParallelReductionFactorInPlane": 2,
    "PartialFourier": 1,
    "PatientPosition": "HFS",
    "PercentPhaseFOV": 100,
    "PhaseEncodingDirection": "j-",
    "PhaseEncodingSteps": 87,
    "PhaseResolution": 1,
    "PixelBandwidth": 2275,
    "ProcedureStepDescription": "Cunningham_Nathan",
    "ProtocolName": "ep2d_p2s2_run1",
    "PulseSequenceDetails": "%SiemensSeq%_ep2d_bold",
    "ReceiveCoilActiveElements": "HEA;HEP",
    "ReceiveCoilName": "Head_32",
    "ReconMatrixPE": 88,
    "RepetitionTime": 1.5,
    "SAR": 0.0519102,
    "ScanOptions": "FS",
    "ScanningSequence": "EP",
    "SequenceName": "_epfid2d1_88",
    "SequenceVariant": "SK",
    "SeriesDescription": "ep2d_p2s2_run1",
    "SeriesNumber": 6,
    "ShimSetting": [
      -1029,
      -7002,
      -6500,
      496,
      -83,
      52,
      -47,
      -17
    ],
    "SliceThickness": 2.5,
    "SliceTiming": [
      0.7125,
      0,
      0.7675,
      0.055,
      0.8225,
      0.11,
      0.8775,
      0.165,
      0.9325,
      0.22,
      0.9875,
      0.275,
      1.0425,
      0.33,
      1.0975,
      0.385,
      1.1525,
      0.44,
      1.2075,
      0.495,
      1.26,
      0.5475,
      1.315,
      0.6025,
      1.37,
      0.6575,
      1.425,
      0.7125,
      0,
      0.7675,
      0.055,
      0.8225,
      0.11,
      0.8775,
      0.165,
      0.9325,
      0.22,
      0.9875,
      0.275,
      1.0425,
      0.33,
      1.0975,
      0.385,
      1.1525,
      0.44,
      1.2075,
      0.495,
      1.26,
      0.5475,
      1.315,
      0.6025,
      1.37,
      0.6575,
      1.425
    ],
    "SoftwareVersions": "syngo_MR_E11",
    "SpacingBetweenSlices": 3,
    "StationName": "AWP66108",
    "TaskName": "roletrait",
    "TotalReadoutTime": 0.0226202,
    "TxRefAmp": 231.124,
    "dataset": "ds002294",
    "modality": "bold",
    "run_id": 1,
    "subject_id": "010",
    "task_id": "roletrait"
  },
  "dummy_trs": 0,
  "dvars_nstd": 28.222445450141237,
  "dvars_std": 1.2074246363559322,
  "dvars_vstd": 1.0062236170056489,
  "efc": 0.44776607532616036,
  "fber": 5223.54833984375,
  "fd_mean": 0.11356528545978614,
  "fd_num": 7,
  "fd_perc": 1.971830985915493,
  "fwhm_avg": 1.7217733333333334,
  "fwhm_x": 1.683252,
  "fwhm_y": 1.872068,
  "fwhm_z": 1.61,
  "gcor": 0.00952517,
  "gsr_x": -0.0070077283307909966,
  "gsr_y": 0.01385367289185524,
  "provenance": {
    "md5sum": "7f088c15bfccb4247472e2917e33c89a",
    "settings": {
      "fd_thres": 0.2,
      "testing": false
    },
    "software": "mriqc",
    "version": "22.0.6",
    "webapi_port": null,
    "webapi_url": "https://mriqc.nimh.nih.gov/api/v1"
  },
  "size_t": 355,
  "size_x": 88,
  "size_y": 88,
  "size_z": 54,
  "snr": 7.393259908279874,
  "spacing_tr": 1.5,
  "spacing_x": 2.5,
  "spacing_y": 2.5,
  "spacing_z": 3.0,
  "summary_bg_k": 25.895857148971018,
  "summary_bg_mad": 4.502099049475172,
  "summary_bg_mean": 21.8470516204834,
  "summary_bg_median": 6.380281448364258,
  "summary_bg_n": 304980.0,
  "summary_bg_p05": 2.6647887229919434,
  "summary_bg_p95": 99.91548919677734,
  "summary_bg_stdv": 45.944305419921875,
  "summary_fg_k": 2.451529416487605,
  "summary_fg_mad": 59.64234356766389,
  "summary_fg_mean": 462.11114501953125,
  "summary_fg_median": 457.7802734375,
  "summary_fg_n": 53594.0,
  "summary_fg_p05": 375.5050537109375,
  "summary_fg_p95": 560.4163299560547,
  "summary_fg_stdv": 61.91801834106445,
  "tsnr": 52.7307332935743
}