{
  "aor": 0.0007785915492957747,
  "aqi": 0.01673246208450704,
  "bids_meta": {
    "AcquisitionMatrixPE": 88,
    "AcquisitionNumber": 1,
    "AcquisitionTime": "10:07:14.602500",
    "BandwidthPerPixelPhaseEncode": 43.706,
    "BaseResolution": 88,
    "BodyPartExamined": "BRAIN",
    "ConsistencyInfo": "N4_VE11C_LATEST_20160120",
    "ConversionSoftware": "dcm2niix",
    "ConversionSoftwareVersion": "v1.0.20171215 (OpenJPEG build) GCC7.3.0",
    "DerivedVendorReportedEchoSpacing": 0.000520003,
    "DeviceSerialNumber": "66108",
    "DwellTime": 2.5e-06,
    "EchoTime": 0.026,
    "EchoTrainLength": 43,
    "EffectiveEchoSpacing": 0.000260002,
    "FlipAngle": 70,
    "ImageOrientationPatientDICOM": [
      0.99963,
      -0.0179564,
      -0.0204342,
      0.0162269,
      0.996511,
      -0.0818648
    ],
    "ImageType": [
      "ORIGINAL",
      "PRIMARY",
      "M",
      "ND",
      "NORM",
      "MOSAIC"
    ],
    "InPlanePhaseEncodingDirectionDICOM": "COL",
    "InstitutionAddress": "Huron_325_TORONTO_ONTARIO_CA_M5S_3G3",
    "InstitutionName": "University_of_Toronto",
    "InstitutionalDepartmentName": "Department",
    "MRAcquisitionType": "2D",
    "MagneticFieldStrength": 3,
    "Manufacturer": "Siemens",
    "ManufacturersModelName": "Prisma",
    "Modality": "MR",
    "MultibandAccelerationFactor": 2,
    "ParallelReductionFactorInPlane": 2,
    "PartialFourier": 1,
    "PatientPosition": "HFS",
    "PercentPhaseFOV": 100,
    "PhaseEncodingDirection": "j-",
    "PhaseEncodingSteps": 87,
    "PhaseResolution": 1,
    "PixelBandwidth": 2275,
    "ProcedureStepDescription": "Cunningham_Nathan",
    "ProtocolName": "ep2d_p2s2_run1",
    "PulseSequenceDetails": "%SiemensSeq%_ep2d_bold",
    "ReceiveCoilActiveElements": "HEA;HEP",
    "ReceiveCoilName": "Head_32",
    "ReconMatrixPE": 88,
    "RepetitionTime": 1.5,
    "SAR": 0.0691448,
    "ScanOptions": "FS",
    "ScanningSequence": "EP",
    "SequenceName": "_epfid2d1_88",
    "SequenceVariant": "SK",
    "SeriesDescription": "ep2d_p2s2_run1",
    "SeriesNumber": 6,
    "ShimSetting": [
      -1027,
      -7007,
      -6344,
      345,
      52,
      36,
      -21,
      -40
    ],
    "SliceThickness": 2.5,
    "SliceTiming": [
      0.7125,
      0,
      0.7675,
      0.055,
      0.8225,
      0.1075,
      0.875,
      0.1625,
      0.93,
      0.2175,
      0.985,
      0.2725,
      1.04,
      0.3275,
      1.095,
      0.3825,
      1.15,
      0.4375,
      1.205,
      0.4925,
      1.26,
      0.5475,
      1.315,
      0.6025,
      1.37,
      0.6575,
      1.425,
      0.7125,
      0,
      0.7675,
      0.055,
      0.8225,
      0.1075,
      0.875,
      0.1625,
      0.93,
      0.2175,
      0.985,
      0.2725,
      1.04,
      0.3275,
      1.095,
      0.3825,
      1.15,
      0.4375,
      1.205,
      0.4925,
      1.26,
      0.5475,
      1.315,
      0.6025,
      1.37,
      0.6575,
      1.425
    ],
    "SoftwareVersions": "syngo_MR_E11",
    "SpacingBetweenSlices": 3,
    "StationName": "AWP66108",
    "TaskName": "roletrait",
    "TotalReadoutTime": 0.0226202,
    "TxRefAmp": 254.958,
    "dataset": "ds002294",
    "modality": "bold",
    "run_id": 1,
    "subject_id": "023",
    "task_id": "roletrait"
  },
  "dummy_trs": 0,
  "dvars_nstd": 34.26292363415251,
  "dvars_std": 1.2808189626553672,
  "dvars_vstd": 0.9691399777401128,
  "efc": 0.4851498447062642,
  "fber": 4288.9404296875,
  "fd_mean": 0.16378713370538386,
  "fd_num": 110,
  "fd_perc": 30.985915492957748,
  "fwhm_avg": 1.7533871111111112,
  "fwhm_x": 1.7390560000000002,
  "fwhm_y": 1.923272,
  "fwhm_z": 1.5978333333333332,
  "gcor": 0.00460329,
  "gsr_x": -0.006366428919136524,
  "gsr_y": 0.013596853241324425,
  "provenance": {
    "md5sum": "827c91e8b81373b9d0610860edf127e6",
    "settings": {
      "fd_thres": 0.2,
      "testing": false
    },
    "software": "mriqc",
    "version": "22.0.6",
    "webapi_port": null,
    "webapi_url": "https://mriqc.nimh.nih.gov/api/v1"
  },
  "size_t": 355,
  "size_x": 88,
  "size_y": 88,
  "size_z": 54,
  "snr": 6.410901372029344,
  "spacing_tr": 1.5,
  "spacing_x": 2.5,
  "spacing_y": 2.5,
  "spacing_z": 3.0,
  "summary_bg_k": 18.513718020909987,
  "summary_bg_mad": 7.229251377755284,
  "summary_bg_mean": 30.042421340942383,
  "summary_bg_median": 8.546478271484375,
  "summary_bg_n": 289971.0,
  "summary_bg_p05": 2.557746410369873,
  "summary_bg_p95": 147.5267562866211,
  "summary_bg_stdv": 58.827911376953125,
  "summary_fg_k": 2.6794075721465136,
  "summary_fg_mad": 82.04851346009045,
  "summary_fg_mean": 562.2095947265625,
  "summary_fg_median": 557.7548828125,
  "summary_fg_n": 65427.0,
  "summary_fg_p05": 440.97068786621094,
  "summary_fg_p95": 698.7382995605468,
  "summary_fg_stdv": 87.0003433227539,
  "tsnr": 47.14117873366922
}