{
  "aor": 0.0010909014084507043,
  "aqi": 0.020897588450704222,
  "bids_meta": {
    "AcquisitionMatrixPE": 88,
    "AcquisitionNumber": 1,
    "AcquisitionTime": "17:47:36.515000",
    "BandwidthPerPixelPhaseEncode": 43.706,
    "BaseResolution": 88,
    "BodyPartExamined": "BRAIN",
    "ConsistencyInfo": "N4_VE11C_LATEST_20160120",
    "ConversionSoftware": "dcm2niix",
    "ConversionSoftwareVersion": "v1.0.20171215 (OpenJPEG build) GCC7.3.0",
    "DerivedVendorReportedEchoSpacing": 0.000520003,
    "DeviceSerialNumber": "66108",
    "DwellTime": 2.5e-06,
    "EchoTime": 0.026,
    "EchoTrainLength": 43,
    "EffectiveEchoSpacing": 0.000260002,
    "FlipAngle": 70,
    "ImageOrientationPatientDICOM": [
      0.999899,
      0.00377155,
      0.0137238,
      0.00174511,
      0.924486,
      -0.381211
    ],
    "ImageType": [
      "ORIGINAL",
      "PRIMARY",
      "M",
      "ND",
      "NORM",
      "MOSAIC"
    ],
    "InPlanePhaseEncodingDirectionDICOM": "COL",
    "InstitutionAddress": "Huron_325_TORONTO_ONTARIO_CA_M5S_3G3",
    "InstitutionName": "University_of_Toronto",
    "InstitutionalDepartmentName": "Department",
    "MRAcquisitionType": "2D",
    "MagneticFieldStrength": 3,
    "Manufacturer": "Siemens",
    "ManufacturersModelName": "Prisma",
    "Modality": "MR",
    "MultibandAccelerationFactor": 2,
    "ParallelReductionFactorInPlane": 2,
    "PartialFourier": 1,
    "PatientPosition": "HFS",
    "PercentPhaseFOV": 100,
    "PhaseEncodingDirection": "j-",
    "PhaseEncodingSteps": 87,
    "PhaseResolution": 1,
    "PixelBandwidth": 2275,
    "ProcedureStepDescription": "Cunningham_Nathan",
    "ProtocolName": "ep2d_p2s2_run4",
    "PulseSequenceDetails": "%SiemensSeq%_ep2d_bold",
    "ReceiveCoilActiveElements": "HEA;HEP",
    "ReceiveCoilName": "Head_32",
    "ReconMatrixPE": 88,
    "RepetitionTime": 1.5,
    "SAR": 0.0586226,
    "ScanOptions": "FS",
    "ScanningSequence": "EP",
    "SequenceName": "_epfid2d1_88",
    "SequenceVariant": "SK",
    "SeriesDescription": "ep2d_p2s2_run4",
    "SeriesNumber": 9,
    "ShimSetting": [
      -1021,
      -6908,
      -6442,
      291,
      -54,
      121,
      -122,
      -46
    ],
    "SliceThickness": 2.5,
    "SliceTiming": [
      0.7125,
      0,
      0.7675,
      0.055,
      0.8225,
      0.11,
      0.8775,
      0.165,
      0.9325,
      0.22,
      0.9875,
      0.275,
      1.0425,
      0.33,
      1.0975,
      0.385,
      1.1525,
      0.44,
      1.2075,
      0.495,
      1.26,
      0.5475,
      1.315,
      0.6025,
      1.37,
      0.6575,
      1.425,
      0.7125,
      0,
      0.7675,
      0.055,
      0.8225,
      0.11,
      0.8775,
      0.165,
      0.9325,
      0.22,
      0.9875,
      0.275,
      1.0425,
      0.33,
      1.0975,
      0.385,
      1.1525,
      0.44,
      1.2075,
      0.495,
      1.26,
      0.5475,
      1.315,
      0.6025,
      1.37,
      0.6575,
      1.425
    ],
    "SoftwareVersions": "syngo_MR_E11",
    "SpacingBetweenSlices": 3,
    "StationName": "AWP66108",
    "TaskName": "roletrait",
    "TotalReadoutTime": 0.0226202,
    "TxRefAmp": 252.863,
    "dataset": "ds002294",
    "modality": "bold",
    "run_id": 4,
    "subject_id": "046",
    "task_id": "roletrait"
  },
  "dummy_trs": 0,
  "dvars_nstd": 41.75503343912431,
  "dvars_std": 1.4057001596892655,
  "dvars_vstd": 0.9803509431355925,
  "efc": 0.5002867011680643,
  "fber": 3854.177001953125,
  "fd_mean": 0.10362880843851034,
  "fd_num": 15,
  "fd_perc": 4.225352112676056,
  "fwhm_avg": 1.6353402222222222,
  "fwhm_x": 1.565236,
  "fwhm_y": 1.8205680000000002,
  "fwhm_z": 1.5202166666666665,
  "gcor": 0.0153103,
  "gsr_x": -0.014792285859584808,
  "gsr_y": 0.039125680923461914,
  "provenance": {
    "md5sum": "d389553a0576dc2343b254cd53a2760e",
    "settings": {
      "fd_thres": 0.2,
      "testing": false
    },
    "software": "mriqc",
    "version": "22.0.6",
    "webapi_port": null,
    "webapi_url": "https://mriqc.nimh.nih.gov/api/v1"
  },
  "size_t": 355,
  "size_x": 88,
  "size_y": 88,
  "size_z": 54,
  "snr": 7.2963374073852485,
  "spacing_tr": 1.5,
  "spacing_x": 2.5,
  "spacing_y": 2.5,
  "spacing_z": 3.0,
  "summary_bg_k": 18.67958594815311,
  "summary_bg_mad": 4.984466577538995,
  "summary_bg_mean": 25.47212791442871,
  "summary_bg_median": 6.452112197875977,
  "summary_bg_n": 289002.0,
  "summary_bg_p05": 2.236619710922241,
  "summary_bg_p95": 126.73239135742188,
  "summary_bg_stdv": 49.67586898803711,
  "summary_fg_k": 3.1701830988436823,
  "summary_fg_mad": 52.34631453189694,
  "summary_fg_mean": 403.9744873046875,
  "summary_fg_median": 401.10137939453125,
  "summary_fg_n": 66868.0,
  "summary_fg_p05": 330.1502746582031,
  "summary_fg_p95": 490.407453918457,
  "summary_fg_stdv": 54.972564697265625,
  "tsnr": 44.96479374868795
}