{
  "aor": 0.005666056338028169,
  "aqi": 0.03374558140845071,
  "bids_meta": {
    "AcquisitionMatrixPE": 88,
    "AcquisitionNumber": 1,
    "AcquisitionTime": "17:27:55.587500",
    "BandwidthPerPixelPhaseEncode": 43.706,
    "BaseResolution": 88,
    "BodyPartExamined": "BRAIN",
    "ConsistencyInfo": "N4_VE11C_LATEST_20160120",
    "ConversionSoftware": "dcm2niix",
    "ConversionSoftwareVersion": "v1.0.20171215 (OpenJPEG build) GCC7.3.0",
    "DerivedVendorReportedEchoSpacing": 0.000520003,
    "DeviceSerialNumber": "66108",
    "DwellTime": 2.5e-06,
    "EchoTime": 0.026,
    "EchoTrainLength": 43,
    "EffectiveEchoSpacing": 0.000260002,
    "FlipAngle": 70,
    "ImageOrientationPatientDICOM": [
      0.999899,
      0.00377155,
      0.0137238,
      0.00174511,
      0.924486,
      -0.381211
    ],
    "ImageType": [
      "ORIGINAL",
      "PRIMARY",
      "M",
      "ND",
      "NORM",
      "MOSAIC"
    ],
    "InPlanePhaseEncodingDirectionDICOM": "COL",
    "InstitutionAddress": "Huron_325_TORONTO_ONTARIO_CA_M5S_3G3",
    "InstitutionName": "University_of_Toronto",
    "InstitutionalDepartmentName": "Department",
    "MRAcquisitionType": "2D",
    "MagneticFieldStrength": 3,
    "Manufacturer": "Siemens",
    "ManufacturersModelName": "Prisma",
    "Modality": "MR",
    "MultibandAccelerationFactor": 2,
    "ParallelReductionFactorInPlane": 2,
    "PartialFourier": 1,
    "PatientPosition": "HFS",
    "PercentPhaseFOV": 100,
    "PhaseEncodingDirection": "j-",
    "PhaseEncodingSteps": 87,
    "PhaseResolution": 1,
    "PixelBandwidth": 2275,
    "ProcedureStepDescription": "Cunningham_Nathan",
    "ProtocolName": "ep2d_p2s2_run2",
    "PulseSequenceDetails": "%SiemensSeq%_ep2d_bold",
    "ReceiveCoilActiveElements": "HEA;HEP",
    "ReceiveCoilName": "Head_32",
    "ReconMatrixPE": 88,
    "RepetitionTime": 1.5,
    "SAR": 0.0586226,
    "ScanOptions": "FS",
    "ScanningSequence": "EP",
    "SequenceName": "_epfid2d1_88",
    "SequenceVariant": "SK",
    "SeriesDescription": "ep2d_p2s2_run2",
    "SeriesNumber": 7,
    "ShimSetting": [
      -1021,
      -6908,
      -6442,
      291,
      -54,
      121,
      -122,
      -46
    ],
    "SliceThickness": 2.5,
    "SliceTiming": [
      0.7125,
      0,
      0.7675,
      0.055,
      0.8225,
      0.11,
      0.8775,
      0.165,
      0.9325,
      0.22,
      0.9875,
      0.275,
      1.04,
      0.3275,
      1.095,
      0.3825,
      1.15,
      0.4375,
      1.205,
      0.4925,
      1.26,
      0.5475,
      1.315,
      0.6025,
      1.37,
      0.6575,
      1.425,
      0.7125,
      0,
      0.7675,
      0.055,
      0.8225,
      0.11,
      0.8775,
      0.165,
      0.9325,
      0.22,
      0.9875,
      0.275,
      1.04,
      0.3275,
      1.095,
      0.3825,
      1.15,
      0.4375,
      1.205,
      0.4925,
      1.26,
      0.5475,
      1.315,
      0.6025,
      1.37,
      0.6575,
      1.425
    ],
    "SoftwareVersions": "syngo_MR_E11",
    "SpacingBetweenSlices": 3,
    "StationName": "AWP66108",
    "TaskName": "roletrait",
    "TotalReadoutTime": 0.0226202,
    "TxRefAmp": 252.863,
    "dataset": "ds002294",
    "modality": "bold",
    "run_id": 2,
    "subject_id": "046",
    "task_id": "roletrait"
  },
  "dummy_trs": 0,
  "dvars_nstd": 49.34222307579093,
  "dvars_std": 1.2910904505367233,
  "dvars_vstd": 1.0074081900847454,
  "efc": 0.5020369434012446,
  "fber": 3687.206298828125,
  "fd_mean": 0.37777678305618384,
  "fd_num": 165,
  "fd_perc": 46.478873239436616,
  "fwhm_avg": 1.6515933333333332,
  "fwhm_x": 1.569388,
  "fwhm_y": 1.849472,
  "fwhm_z": 1.53592,
  "gcor": 0.0238281,
  "gsr_x": -0.017086489126086235,
  "gsr_y": 0.03556430712342262,
  "provenance": {
    "md5sum": "1aa26e46e72aa218a9688b943b3f2dbd",
    "settings": {
      "fd_thres": 0.2,
      "testing": false
    },
    "software": "mriqc",
    "version": "22.0.6",
    "webapi_port": null,
    "webapi_url": "https://mriqc.nimh.nih.gov/api/v1"
  },
  "size_t": 355,
  "size_x": 88,
  "size_y": 88,
  "size_z": 54,
  "snr": 7.279072556137457,
  "spacing_tr": 1.5,
  "spacing_x": 2.5,
  "spacing_y": 2.5,
  "spacing_z": 3.0,
  "summary_bg_k": 18.571353510651818,
  "summary_bg_mad": 4.982378218205258,
  "summary_bg_mean": 25.72222328186035,
  "summary_bg_median": 6.526760101318359,
  "summary_bg_n": 288872.0,
  "summary_bg_p05": 2.380281686782837,
  "summary_bg_p95": 128.90928802490248,
  "summary_bg_stdv": 49.94154357910156,
  "summary_fg_k": 3.6979895527962485,
  "summary_fg_mad": 51.14977653844327,
  "summary_fg_mean": 402.2310791015625,
  "summary_fg_median": 399.50140380859375,
  "summary_fg_n": 66896.0,
  "summary_fg_p05": 329.5168991088867,
  "summary_fg_p95": 488.39857482910156,
  "summary_fg_stdv": 54.883148193359375,
  "tsnr": 34.17858825123403
}