{
  "aor": 0.0006458591549295775,
  "aqi": 0.01296814028169014,
  "bids_meta": {
    "AcquisitionMatrixPE": 88,
    "AcquisitionNumber": 1,
    "AcquisitionTime": "09:18:45.677500",
    "BandwidthPerPixelPhaseEncode": 43.706,
    "BaseResolution": 88,
    "BodyPartExamined": "BRAIN",
    "ConsistencyInfo": "N4_VE11C_LATEST_20160120",
    "ConversionSoftware": "dcm2niix",
    "ConversionSoftwareVersion": "v1.0.20171215 (OpenJPEG build) GCC7.3.0",
    "DerivedVendorReportedEchoSpacing": 0.000520003,
    "DeviceSerialNumber": "66108",
    "DwellTime": 2.5e-06,
    "EchoTime": 0.026,
    "EchoTrainLength": 43,
    "EffectiveEchoSpacing": 0.000260002,
    "FlipAngle": 70,
    "ImageOrientationPatientDICOM": [
      0.997884,
      0.0548464,
      -0.0349315,
      -0.0575376,
      0.995021,
      -0.0813739
    ],
    "ImageType": [
      "ORIGINAL",
      "PRIMARY",
      "M",
      "ND",
      "NORM",
      "MOSAIC"
    ],
    "InPlanePhaseEncodingDirectionDICOM": "COL",
    "InstitutionAddress": "Huron_325_TORONTO_ONTARIO_CA_M5S_3G3",
    "InstitutionName": "University_of_Toronto",
    "InstitutionalDepartmentName": "Department",
    "MRAcquisitionType": "2D",
    "MagneticFieldStrength": 3,
    "Manufacturer": "Siemens",
    "ManufacturersModelName": "Prisma",
    "Modality": "MR",
    "MultibandAccelerationFactor": 2,
    "ParallelReductionFactorInPlane": 2,
    "PartialFourier": 1,
    "PatientPosition": "HFS",
    "PercentPhaseFOV": 100,
    "PhaseEncodingDirection": "j-",
    "PhaseEncodingSteps": 87,
    "PhaseResolution": 1,
    "PixelBandwidth": 2275,
    "ProcedureStepDescription": "Cunningham_Nathan",
    "ProtocolName": "ep2d_p2s2_run1",
    "PulseSequenceDetails": "%SiemensSeq%_ep2d_bold",
    "ReceiveCoilActiveElements": "HEA;HEP",
    "ReceiveCoilName": "Head_32",
    "ReconMatrixPE": 88,
    "RepetitionTime": 1.5,
    "SAR": 0.0629,
    "ScanOptions": "FS",
    "ScanningSequence": "EP",
    "SequenceName": "_epfid2d1_88",
    "SequenceVariant": "SK",
    "SeriesDescription": "ep2d_p2s2_run1",
    "SeriesNumber": 6,
    "ShimSetting": [
      -1032,
      -7001,
      -6368,
      337,
      38,
      29,
      23,
      -47
    ],
    "SliceThickness": 2.5,
    "SliceTiming": [
      0.7125,
      0,
      0.7675,
      0.055,
      0.8225,
      0.11,
      0.8775,
      0.165,
      0.9325,
      0.22,
      0.9875,
      0.275,
      1.04,
      0.3275,
      1.095,
      0.3825,
      1.15,
      0.4375,
      1.205,
      0.4925,
      1.26,
      0.5475,
      1.315,
      0.6025,
      1.37,
      0.6575,
      1.425,
      0.7125,
      0,
      0.7675,
      0.055,
      0.8225,
      0.11,
      0.8775,
      0.165,
      0.9325,
      0.22,
      0.9875,
      0.275,
      1.04,
      0.3275,
      1.095,
      0.3825,
      1.15,
      0.4375,
      1.205,
      0.4925,
      1.26,
      0.5475,
      1.315,
      0.6025,
      1.37,
      0.6575,
      1.425
    ],
    "SoftwareVersions": "syngo_MR_E11",
    "SpacingBetweenSlices": 3,
    "StationName": "AWP66108",
    "TaskName": "roletrait",
    "TotalReadoutTime": 0.0226202,
    "TxRefAmp": 263.891,
    "dataset": "ds002294",
    "modality": "bold",
    "run_id": 1,
    "subject_id": "032",
    "task_id": "roletrait"
  },
  "dummy_trs": 0,
  "dvars_nstd": 31.84878158573445,
  "dvars_std": 1.2443641929943499,
  "dvars_vstd": 0.9824869361581924,
  "efc": 0.4964016685964768,
  "fber": 3410.790283203125,
  "fd_mean": 0.12422647971405225,
  "fd_num": 20,
  "fd_perc": 5.633802816901408,
  "fwhm_avg": 1.7148353333333335,
  "fwhm_x": 1.6929120000000002,
  "fwhm_y": 1.8750440000000002,
  "fwhm_z": 1.5765500000000001,
  "gcor": 0.0122501,
  "gsr_x": -0.0008912020130082965,
  "gsr_y": 0.005417513661086559,
  "provenance": {
    "md5sum": "19d3570b56eb1725a9ed1966010832fd",
    "settings": {
      "fd_thres": 0.2,
      "testing": false
    },
    "software": "mriqc",
    "version": "22.0.6",
    "webapi_port": null,
    "webapi_url": "https://mriqc.nimh.nih.gov/api/v1"
  },
  "size_t": 355,
  "size_x": 88,
  "size_y": 88,
  "size_z": 54,
  "snr": 6.708156156419612,
  "spacing_tr": 1.5,
  "spacing_x": 2.5,
  "spacing_y": 2.5,
  "spacing_z": 3.0,
  "summary_bg_k": 16.913371120260045,
  "summary_bg_mad": 6.9995527063591405,
  "summary_bg_mean": 27.853546142578125,
  "summary_bg_median": 8.273239135742188,
  "summary_bg_n": 287075.0,
  "summary_bg_p05": 2.687323808670044,
  "summary_bg_p95": 136.26703491210918,
  "summary_bg_stdv": 52.607975006103516,
  "summary_fg_k": 3.132921899884308,
  "summary_fg_mad": 65.777442762625,
  "summary_fg_mean": 490.8475036621094,
  "summary_fg_median": 487.1492919921875,
  "summary_fg_n": 67893.0,
  "summary_fg_p05": 390.21857299804685,
  "summary_fg_p95": 604.9075927734373,
  "summary_fg_stdv": 72.61991119384766,
  "tsnr": 50.74095486290753
}