{
  "aor": 0.00028580281690140843,
  "aqi": 0.010776014591549296,
  "bids_meta": {
    "AcquisitionMatrixPE": 88,
    "AcquisitionNumber": 1,
    "AcquisitionTime": "09:38:27.192500",
    "BandwidthPerPixelPhaseEncode": 43.706,
    "BaseResolution": 88,
    "BodyPartExamined": "BRAIN",
    "ConsistencyInfo": "N4_VE11C_LATEST_20160120",
    "ConversionSoftware": "dcm2niix",
    "ConversionSoftwareVersion": "v1.0.20171215 (OpenJPEG build) GCC7.3.0",
    "DerivedVendorReportedEchoSpacing": 0.000520003,
    "DeviceSerialNumber": "66108",
    "DwellTime": 2.5e-06,
    "EchoTime": 0.026,
    "EchoTrainLength": 43,
    "EffectiveEchoSpacing": 0.000260002,
    "FlipAngle": 70,
    "ImageOrientationPatientDICOM": [
      0.997884,
      0.0548464,
      -0.0349315,
      -0.0575376,
      0.995021,
      -0.0813739
    ],
    "ImageType": [
      "ORIGINAL",
      "PRIMARY",
      "M",
      "ND",
      "NORM",
      "MOSAIC"
    ],
    "InPlanePhaseEncodingDirectionDICOM": "COL",
    "InstitutionAddress": "Huron_325_TORONTO_ONTARIO_CA_M5S_3G3",
    "InstitutionName": "University_of_Toronto",
    "InstitutionalDepartmentName": "Department",
    "MRAcquisitionType": "2D",
    "MagneticFieldStrength": 3,
    "Manufacturer": "Siemens",
    "ManufacturersModelName": "Prisma",
    "Modality": "MR",
    "MultibandAccelerationFactor": 2,
    "ParallelReductionFactorInPlane": 2,
    "PartialFourier": 1,
    "PatientPosition": "HFS",
    "PercentPhaseFOV": 100,
    "PhaseEncodingDirection": "j-",
    "PhaseEncodingSteps": 87,
    "PhaseResolution": 1,
    "PixelBandwidth": 2275,
    "ProcedureStepDescription": "Cunningham_Nathan",
    "ProtocolName": "ep2d_p2s2_run3",
    "PulseSequenceDetails": "%SiemensSeq%_ep2d_bold",
    "ReceiveCoilActiveElements": "HEA;HEP",
    "ReceiveCoilName": "Head_32",
    "ReconMatrixPE": 88,
    "RepetitionTime": 1.5,
    "SAR": 0.0629,
    "ScanOptions": "FS",
    "ScanningSequence": "EP",
    "SequenceName": "_epfid2d1_88",
    "SequenceVariant": "SK",
    "SeriesDescription": "ep2d_p2s2_run3",
    "SeriesNumber": 8,
    "ShimSetting": [
      -1027,
      -7007,
      -6389,
      285,
      45,
      27,
      14,
      -52
    ],
    "SliceThickness": 2.5,
    "SliceTiming": [
      0.7125,
      0,
      0.7675,
      0.055,
      0.8225,
      0.11,
      0.8775,
      0.165,
      0.9325,
      0.22,
      0.9875,
      0.275,
      1.0425,
      0.33,
      1.095,
      0.3825,
      1.15,
      0.4375,
      1.205,
      0.4925,
      1.26,
      0.5475,
      1.315,
      0.6025,
      1.37,
      0.6575,
      1.425,
      0.7125,
      0,
      0.7675,
      0.055,
      0.8225,
      0.11,
      0.8775,
      0.165,
      0.9325,
      0.22,
      0.9875,
      0.275,
      1.0425,
      0.33,
      1.095,
      0.3825,
      1.15,
      0.4375,
      1.205,
      0.4925,
      1.26,
      0.5475,
      1.315,
      0.6025,
      1.37,
      0.6575,
      1.425
    ],
    "SoftwareVersions": "syngo_MR_E11",
    "SpacingBetweenSlices": 3,
    "StationName": "AWP66108",
    "TaskName": "roletrait",
    "TotalReadoutTime": 0.0226202,
    "TxRefAmp": 263.891,
    "dataset": "ds002294",
    "modality": "bold",
    "run_id": 3,
    "subject_id": "032",
    "task_id": "roletrait"
  },
  "dummy_trs": 0,
  "dvars_nstd": 33.70781335443501,
  "dvars_std": 1.2915677818644065,
  "dvars_vstd": 0.9845977237570631,
  "efc": 0.49736373888643476,
  "fber": 3359.96044921875,
  "fd_mean": 0.11824020418418636,
  "fd_num": 22,
  "fd_perc": 6.197183098591549,
  "fwhm_avg": 1.7100097777777779,
  "fwhm_x": 1.689704,
  "fwhm_y": 1.868832,
  "fwhm_z": 1.5714933333333334,
  "gcor": 0.0100768,
  "gsr_x": 0.0008275255677290261,
  "gsr_y": 0.005770114250481129,
  "provenance": {
    "md5sum": "1ac2267a6c8c25fee339000d4490b7a4",
    "settings": {
      "fd_thres": 0.2,
      "testing": false
    },
    "software": "mriqc",
    "version": "22.0.6",
    "webapi_port": null,
    "webapi_url": "https://mriqc.nimh.nih.gov/api/v1"
  },
  "size_t": 355,
  "size_x": 88,
  "size_y": 88,
  "size_z": 54,
  "snr": 6.740347957987267,
  "spacing_tr": 1.5,
  "spacing_x": 2.5,
  "spacing_y": 2.5,
  "spacing_z": 3.0,
  "summary_bg_k": 16.723326151182366,
  "summary_bg_mad": 6.87426175073234,
  "summary_bg_mean": 27.64736557006836,
  "summary_bg_median": 8.247886657714844,
  "summary_bg_n": 286964.0,
  "summary_bg_p05": 2.740844964981079,
  "summary_bg_p95": 135.36168365478488,
  "summary_bg_stdv": 51.39864730834961,
  "summary_fg_k": 3.0794299393195317,
  "summary_fg_mad": 64.16118554676022,
  "summary_fg_mean": 485.09173583984375,
  "summary_fg_median": 482.0140686035156,
  "summary_fg_n": 68009.0,
  "summary_fg_p05": 384.89801025390625,
  "summary_fg_p95": 597.1667358398437,
  "summary_fg_stdv": 71.51122283935547,
  "tsnr": 55.672498524421826
}