{
  "aor": 0.0004187605633802817,
  "aqi": 0.009101497492957746,
  "bids_meta": {
    "AcquisitionMatrixPE": 88,
    "AcquisitionNumber": 1,
    "AcquisitionTime": "09:48:57.152500",
    "BandwidthPerPixelPhaseEncode": 43.706,
    "BaseResolution": 88,
    "BodyPartExamined": "BRAIN",
    "ConsistencyInfo": "N4_VE11C_LATEST_20160120",
    "ConversionSoftware": "dcm2niix",
    "ConversionSoftwareVersion": "v1.0.20171215 (OpenJPEG build) GCC7.3.0",
    "DerivedVendorReportedEchoSpacing": 0.000520003,
    "DeviceSerialNumber": "66108",
    "DwellTime": 2.5e-06,
    "EchoTime": 0.026,
    "EchoTrainLength": 43,
    "EffectiveEchoSpacing": 0.000260002,
    "FlipAngle": 70,
    "ImageOrientationPatientDICOM": [
      0.997884,
      0.0548464,
      -0.0349315,
      -0.0575376,
      0.995021,
      -0.0813739
    ],
    "ImageType": [
      "ORIGINAL",
      "PRIMARY",
      "M",
      "ND",
      "NORM",
      "MOSAIC"
    ],
    "InPlanePhaseEncodingDirectionDICOM": "COL",
    "InstitutionAddress": "Huron_325_TORONTO_ONTARIO_CA_M5S_3G3",
    "InstitutionName": "University_of_Toronto",
    "InstitutionalDepartmentName": "Department",
    "MRAcquisitionType": "2D",
    "MagneticFieldStrength": 3,
    "Manufacturer": "Siemens",
    "ManufacturersModelName": "Prisma",
    "Modality": "MR",
    "MultibandAccelerationFactor": 2,
    "ParallelReductionFactorInPlane": 2,
    "PartialFourier": 1,
    "PatientPosition": "HFS",
    "PercentPhaseFOV": 100,
    "PhaseEncodingDirection": "j-",
    "PhaseEncodingSteps": 87,
    "PhaseResolution": 1,
    "PixelBandwidth": 2275,
    "ProcedureStepDescription": "Cunningham_Nathan",
    "ProtocolName": "ep2d_p2s2_run4",
    "PulseSequenceDetails": "%SiemensSeq%_ep2d_bold",
    "ReceiveCoilActiveElements": "HEA;HEP",
    "ReceiveCoilName": "Head_32",
    "ReconMatrixPE": 88,
    "RepetitionTime": 1.5,
    "SAR": 0.0629,
    "ScanOptions": "FS",
    "ScanningSequence": "EP",
    "SequenceName": "_epfid2d1_88",
    "SequenceVariant": "SK",
    "SeriesDescription": "ep2d_p2s2_run4",
    "SeriesNumber": 9,
    "ShimSetting": [
      -1027,
      -7007,
      -6389,
      285,
      45,
      27,
      14,
      -52
    ],
    "SliceThickness": 2.5,
    "SliceTiming": [
      0.7125,
      0,
      0.7675,
      0.055,
      0.8225,
      0.11,
      0.875,
      0.1625,
      0.93,
      0.2175,
      0.985,
      0.2725,
      1.04,
      0.3275,
      1.095,
      0.3825,
      1.15,
      0.4375,
      1.205,
      0.4925,
      1.26,
      0.5475,
      1.315,
      0.6025,
      1.37,
      0.6575,
      1.425,
      0.7125,
      0,
      0.7675,
      0.055,
      0.8225,
      0.11,
      0.875,
      0.1625,
      0.93,
      0.2175,
      0.985,
      0.2725,
      1.04,
      0.3275,
      1.095,
      0.3825,
      1.15,
      0.4375,
      1.205,
      0.4925,
      1.26,
      0.5475,
      1.315,
      0.6025,
      1.37,
      0.6575,
      1.425
    ],
    "SoftwareVersions": "syngo_MR_E11",
    "SpacingBetweenSlices": 3,
    "StationName": "AWP66108",
    "TaskName": "roletrait",
    "TotalReadoutTime": 0.0226202,
    "TxRefAmp": 263.891,
    "dataset": "ds002294",
    "modality": "bold",
    "run_id": 4,
    "subject_id": "032",
    "task_id": "roletrait"
  },
  "dummy_trs": 0,
  "dvars_nstd": 33.51466049579095,
  "dvars_std": 1.3131776238983064,
  "dvars_vstd": 1.0055713365254237,
  "efc": 0.49816416130024227,
  "fber": 3292.346923828125,
  "fd_mean": 0.1175945108851975,
  "fd_num": 14,
  "fd_perc": 3.943661971830986,
  "fwhm_avg": 1.6999077777777778,
  "fwhm_x": 1.6818760000000001,
  "fwhm_y": 1.8594439999999999,
  "fwhm_z": 1.5584033333333334,
  "gcor": 0.0104611,
  "gsr_x": 0.0011893361806869507,
  "gsr_y": 0.006091052666306496,
  "provenance": {
    "md5sum": "00ca96b68560c7183b057be3e6a86ba8",
    "settings": {
      "fd_thres": 0.2,
      "testing": false
    },
    "software": "mriqc",
    "version": "22.0.6",
    "webapi_port": null,
    "webapi_url": "https://mriqc.nimh.nih.gov/api/v1"
  },
  "size_t": 355,
  "size_x": 88,
  "size_y": 88,
  "size_z": 54,
  "snr": 6.737109186206299,
  "spacing_tr": 1.5,
  "spacing_x": 2.5,
  "spacing_y": 2.5,
  "spacing_z": 3.0,
  "summary_bg_k": 16.42702640955363,
  "summary_bg_mad": 6.966142845298403,
  "summary_bg_mean": 27.914918899536133,
  "summary_bg_median": 8.321126937866211,
  "summary_bg_n": 287006.0,
  "summary_bg_p05": 2.749295711517334,
  "summary_bg_p95": 137.2112579345703,
  "summary_bg_stdv": 51.694419860839844,
  "summary_fg_k": 3.1250572013642106,
  "summary_fg_mad": 64.13403828934129,
  "summary_fg_mean": 484.3876953125,
  "summary_fg_median": 481.3478698730469,
  "summary_fg_n": 67966.0,
  "summary_fg_p05": 384.1499938964844,
  "summary_fg_p95": 595.8668975830078,
  "summary_fg_stdv": 71.44671630859375,
  "tsnr": 59.733680076897144
}