{
  "aor": 0.00034346478873239437,
  "aqi": 0.011661274253521127,
  "bids_meta": {
    "AcquisitionMatrixPE": 88,
    "AcquisitionNumber": 1,
    "AcquisitionTime": "09:48:42.145000",
    "BandwidthPerPixelPhaseEncode": 43.706,
    "BaseResolution": 88,
    "BodyPartExamined": "BRAIN",
    "ConsistencyInfo": "N4_VE11C_LATEST_20160120",
    "ConversionSoftware": "dcm2niix",
    "ConversionSoftwareVersion": "v1.0.20171215 (OpenJPEG build) GCC7.3.0",
    "DerivedVendorReportedEchoSpacing": 0.000520003,
    "DeviceSerialNumber": "66108",
    "DwellTime": 2.5e-06,
    "EchoTime": 0.026,
    "EchoTrainLength": 43,
    "EffectiveEchoSpacing": 0.000260002,
    "FlipAngle": 70,
    "ImageOrientationPatientDICOM": [
      0.990975,
      0.130774,
      -0.0294452,
      -0.133985,
      0.97303,
      -0.187776
    ],
    "ImageType": [
      "ORIGINAL",
      "PRIMARY",
      "M",
      "ND",
      "NORM",
      "MOSAIC"
    ],
    "InPlanePhaseEncodingDirectionDICOM": "COL",
    "InstitutionAddress": "Huron_325_TORONTO_ONTARIO_CA_M5S_3G3",
    "InstitutionName": "University_of_Toronto",
    "InstitutionalDepartmentName": "Department",
    "MRAcquisitionType": "2D",
    "MagneticFieldStrength": 3,
    "Manufacturer": "Siemens",
    "ManufacturersModelName": "Prisma",
    "Modality": "MR",
    "MultibandAccelerationFactor": 2,
    "ParallelReductionFactorInPlane": 2,
    "PartialFourier": 1,
    "PatientPosition": "HFS",
    "PercentPhaseFOV": 100,
    "PhaseEncodingDirection": "j-",
    "PhaseEncodingSteps": 87,
    "PhaseResolution": 1,
    "PixelBandwidth": 2275,
    "ProcedureStepDescription": "Cunningham_Nathan",
    "ProtocolName": "ep2d_p2s2_run3",
    "PulseSequenceDetails": "%SiemensSeq%_ep2d_bold",
    "ReceiveCoilActiveElements": "HEA;HEP",
    "ReceiveCoilName": "Head_32",
    "ReconMatrixPE": 88,
    "RepetitionTime": 1.5,
    "SAR": 0.0659274,
    "ScanOptions": "FS",
    "ScanningSequence": "EP",
    "SequenceName": "_epfid2d1_88",
    "SequenceVariant": "SK",
    "SeriesDescription": "ep2d_p2s2_run3",
    "SeriesNumber": 9,
    "ShimSetting": [
      -1031,
      -6997,
      -6429,
      331,
      -45,
      -42,
      16,
      -30
    ],
    "SliceThickness": 2.5,
    "SliceTiming": [
      0.7125,
      0,
      0.7675,
      0.055,
      0.8225,
      0.11,
      0.8775,
      0.165,
      0.9325,
      0.22,
      0.9875,
      0.275,
      1.0425,
      0.33,
      1.095,
      0.3825,
      1.15,
      0.4375,
      1.205,
      0.4925,
      1.26,
      0.5475,
      1.315,
      0.6025,
      1.37,
      0.6575,
      1.425,
      0.7125,
      0,
      0.7675,
      0.055,
      0.8225,
      0.11,
      0.8775,
      0.165,
      0.9325,
      0.22,
      0.9875,
      0.275,
      1.0425,
      0.33,
      1.095,
      0.3825,
      1.15,
      0.4375,
      1.205,
      0.4925,
      1.26,
      0.5475,
      1.315,
      0.6025,
      1.37,
      0.6575,
      1.425
    ],
    "SoftwareVersions": "syngo_MR_E11",
    "SpacingBetweenSlices": 3,
    "StationName": "AWP66108",
    "TaskName": "roletrait",
    "TotalReadoutTime": 0.0226202,
    "TxRefAmp": 252.55,
    "dataset": "ds002294",
    "modality": "bold",
    "run_id": 3,
    "subject_id": "021",
    "task_id": "roletrait"
  },
  "dummy_trs": 0,
  "dvars_nstd": 32.87207135225987,
  "dvars_std": 1.2993358682768361,
  "dvars_vstd": 0.9955705538418071,
  "efc": 0.49783736541348844,
  "fber": 4298.9169921875,
  "fd_mean": 0.09135530479767691,
  "fd_num": 7,
  "fd_perc": 1.971830985915493,
  "fwhm_avg": 1.6228255555555557,
  "fwhm_x": 1.5515599999999998,
  "fwhm_y": 1.7954,
  "fwhm_z": 1.5215166666666666,
  "gcor": 0.00580556,
  "gsr_x": -0.008349232375621796,
  "gsr_y": 0.030584100633859634,
  "provenance": {
    "md5sum": "38763f4e9b6aa97d175a3d78e2c21231",
    "settings": {
      "fd_thres": 0.2,
      "testing": false
    },
    "software": "mriqc",
    "version": "22.0.6",
    "webapi_port": null,
    "webapi_url": "https://mriqc.nimh.nih.gov/api/v1"
  },
  "size_t": 355,
  "size_x": 88,
  "size_y": 88,
  "size_z": 54,
  "snr": 7.461857288195,
  "spacing_tr": 1.5,
  "spacing_x": 2.5,
  "spacing_y": 2.5,
  "spacing_z": 3.0,
  "summary_bg_k": 20.253982602394743,
  "summary_bg_mad": 5.542008678978899,
  "summary_bg_mean": 28.071434020996094,
  "summary_bg_median": 7.171830654144287,
  "summary_bg_n": 287609.0,
  "summary_bg_p05": 2.566197156906128,
  "summary_bg_p95": 146.2625335693358,
  "summary_bg_stdv": 54.92229461669922,
  "summary_fg_k": 3.4262269145774065,
  "summary_fg_mad": 56.792017274963776,
  "summary_fg_mean": 474.53082275390625,
  "summary_fg_median": 470.55633544921875,
  "summary_fg_n": 68490.0,
  "summary_fg_p05": 390.24731597900393,
  "summary_fg_p95": 575.1698211669922,
  "summary_fg_stdv": 63.06109619140625,
  "tsnr": 59.04678405553568
}