{
  "aor": 0.00027833802816901404,
  "aqi": 0.011761196422535211,
  "bids_meta": {
    "AcquisitionMatrixPE": 88,
    "AcquisitionNumber": 1,
    "AcquisitionTime": "15:49:36.555000",
    "BandwidthPerPixelPhaseEncode": 43.706,
    "BaseResolution": 88,
    "BodyPartExamined": "BRAIN",
    "ConsistencyInfo": "N4_VE11C_LATEST_20160120",
    "ConversionSoftware": "dcm2niix",
    "ConversionSoftwareVersion": "v1.0.20171215 (OpenJPEG build) GCC7.3.0",
    "DerivedVendorReportedEchoSpacing": 0.000520003,
    "DeviceSerialNumber": "66108",
    "DwellTime": 2.5e-06,
    "EchoTime": 0.026,
    "EchoTrainLength": 43,
    "EffectiveEchoSpacing": 0.000260002,
    "FlipAngle": 70,
    "ImageOrientationPatientDICOM": [
      0.998659,
      0.03629,
      -0.0369273,
      -0.0371428,
      0.999053,
      -0.0226745
    ],
    "ImageType": [
      "ORIGINAL",
      "PRIMARY",
      "M",
      "ND",
      "NORM",
      "MOSAIC"
    ],
    "InPlanePhaseEncodingDirectionDICOM": "COL",
    "InstitutionAddress": "Huron_325_TORONTO_ONTARIO_CA_M5S_3G3",
    "InstitutionName": "University_of_Toronto",
    "InstitutionalDepartmentName": "Department",
    "MRAcquisitionType": "2D",
    "MagneticFieldStrength": 3,
    "Manufacturer": "Siemens",
    "ManufacturersModelName": "Prisma",
    "Modality": "MR",
    "MultibandAccelerationFactor": 2,
    "ParallelReductionFactorInPlane": 2,
    "PartialFourier": 1,
    "PatientPosition": "HFS",
    "PercentPhaseFOV": 100,
    "PhaseEncodingDirection": "j-",
    "PhaseEncodingSteps": 87,
    "PhaseResolution": 1,
    "PixelBandwidth": 2275,
    "ProcedureStepDescription": "Cunningham_Nathan",
    "ProtocolName": "ep2d_p2s2_run4",
    "PulseSequenceDetails": "%SiemensSeq%_ep2d_bold",
    "ReceiveCoilActiveElements": "HEA;HEP",
    "ReceiveCoilName": "Head_32",
    "ReconMatrixPE": 88,
    "RepetitionTime": 1.5,
    "SAR": 0.0633222,
    "ScanOptions": "FS",
    "ScanningSequence": "EP",
    "SequenceName": "_epfid2d1_88",
    "SequenceVariant": "SK",
    "SeriesDescription": "ep2d_p2s2_run4",
    "SeriesNumber": 9,
    "ShimSetting": [
      -1025,
      -7050,
      -6387,
      296,
      -91,
      -134,
      -57,
      -8
    ],
    "SliceThickness": 2.5,
    "SliceTiming": [
      0.7125,
      0,
      0.7675,
      0.055,
      0.8225,
      0.11,
      0.8775,
      0.165,
      0.9325,
      0.22,
      0.9875,
      0.275,
      1.0425,
      0.33,
      1.0975,
      0.385,
      1.15,
      0.4375,
      1.205,
      0.4925,
      1.26,
      0.5475,
      1.315,
      0.6025,
      1.37,
      0.6575,
      1.425,
      0.7125,
      0,
      0.7675,
      0.055,
      0.8225,
      0.11,
      0.8775,
      0.165,
      0.9325,
      0.22,
      0.9875,
      0.275,
      1.0425,
      0.33,
      1.0975,
      0.385,
      1.15,
      0.4375,
      1.205,
      0.4925,
      1.26,
      0.5475,
      1.315,
      0.6025,
      1.37,
      0.6575,
      1.425
    ],
    "SoftwareVersions": "syngo_MR_E11",
    "SpacingBetweenSlices": 3,
    "StationName": "AWP66108",
    "TaskName": "roletrait",
    "TotalReadoutTime": 0.0226202,
    "TxRefAmp": 253.081,
    "dataset": "ds002294",
    "modality": "bold",
    "run_id": 4,
    "subject_id": "020",
    "task_id": "roletrait"
  },
  "dummy_trs": 0,
  "dvars_nstd": 36.41666057305083,
  "dvars_std": 1.3598301880225991,
  "dvars_vstd": 0.9987096318079088,
  "efc": 0.43478267658651637,
  "fber": 3862.975830078125,
  "fd_mean": 0.08753276114885002,
  "fd_num": 1,
  "fd_perc": 0.28169014084507044,
  "fwhm_avg": 1.7093861797438052,
  "fwhm_x": 1.67302,
  "fwhm_y": 1.851632,
  "fwhm_z": 1.6035065392314165,
  "gcor": 0.00541881,
  "gsr_x": -0.012821688316762447,
  "gsr_y": 0.0062000686302781105,
  "provenance": {
    "md5sum": "564c28a1f09d700224a587779f837a5e",
    "settings": {
      "fd_thres": 0.2,
      "testing": false
    },
    "software": "mriqc",
    "version": "22.0.6",
    "webapi_port": null,
    "webapi_url": "https://mriqc.nimh.nih.gov/api/v1"
  },
  "size_t": 355,
  "size_x": 88,
  "size_y": 88,
  "size_z": 54,
  "snr": 7.642058285048105,
  "spacing_tr": 1.5,
  "spacing_x": 2.5,
  "spacing_y": 2.5,
  "spacing_z": 3.000000238418579,
  "summary_bg_k": 24.0314473914751,
  "summary_bg_mad": 4.723445343976109,
  "summary_bg_mean": 19.014564514160156,
  "summary_bg_median": 6.098591327667236,
  "summary_bg_n": 316283.0,
  "summary_bg_p05": 2.1661970615386963,
  "summary_bg_p95": 91.09014129638672,
  "summary_bg_stdv": 37.738739013671875,
  "summary_fg_k": 3.074782387319866,
  "summary_fg_mad": 44.86020944876847,
  "summary_fg_mean": 381.9015197753906,
  "summary_fg_median": 379.35211181640625,
  "summary_fg_n": 45572.0,
  "summary_fg_p05": 311.9677307128906,
  "summary_fg_p95": 460.3013916015625,
  "summary_fg_stdv": 49.63949966430664,
  "tsnr": 57.391501264530234
}