{
  "aor": 0.0002951988636363636,
  "aqi": 0.01014597252840909,
  "bids_meta": {
    "AcquisitionMatrixPE": 88,
    "AcquisitionNumber": 1,
    "AcquisitionTime": "11:32:31.745000",
    "BandwidthPerPixelPhaseEncode": 43.706,
    "BaseResolution": 88,
    "BodyPartExamined": "BRAIN",
    "ConsistencyInfo": "N4_VE11C_LATEST_20160120",
    "ConversionSoftware": "dcm2niix",
    "ConversionSoftwareVersion": "v1.0.20171215 (OpenJPEG build) GCC7.3.0",
    "DerivedVendorReportedEchoSpacing": 0.000520003,
    "DeviceSerialNumber": "66108",
    "DwellTime": 2.5e-06,
    "EchoTime": 0.026,
    "EchoTrainLength": 43,
    "EffectiveEchoSpacing": 0.000260002,
    "FlipAngle": 70,
    "ImageOrientationPatientDICOM": [
      0.999229,
      0.0389815,
      -0.00466698,
      -0.0392598,
      0.992359,
      -0.116973
    ],
    "ImageType": [
      "ORIGINAL",
      "PRIMARY",
      "M",
      "ND",
      "NORM",
      "MOSAIC"
    ],
    "InPlanePhaseEncodingDirectionDICOM": "COL",
    "InstitutionAddress": "Huron_325_TORONTO_ONTARIO_CA_M5S_3G3",
    "InstitutionName": "University_of_Toronto",
    "InstitutionalDepartmentName": "Department",
    "MRAcquisitionType": "2D",
    "MagneticFieldStrength": 3,
    "Manufacturer": "Siemens",
    "ManufacturersModelName": "Prisma",
    "Modality": "MR",
    "MultibandAccelerationFactor": 2,
    "ParallelReductionFactorInPlane": 2,
    "PartialFourier": 1,
    "PatientPosition": "HFS",
    "PercentPhaseFOV": 100,
    "PhaseEncodingDirection": "j-",
    "PhaseEncodingSteps": 87,
    "PhaseResolution": 1,
    "PixelBandwidth": 2275,
    "ProcedureStepDescription": "Cunningham_Nathan",
    "ProtocolName": "ep2d_p2s2_run4",
    "PulseSequenceDetails": "%SiemensSeq%_ep2d_bold",
    "ReceiveCoilActiveElements": "HEA;HEP",
    "ReceiveCoilName": "Head_32",
    "ReconMatrixPE": 88,
    "RepetitionTime": 1.5,
    "SAR": 0.0639713,
    "ScanOptions": "FS",
    "ScanningSequence": "EP",
    "SequenceName": "_epfid2d1_88",
    "SequenceVariant": "SK",
    "SeriesDescription": "ep2d_p2s2_run4",
    "SeriesNumber": 9,
    "ShimSetting": [
      -1019,
      -6961,
      -6340,
      386,
      -25,
      83,
      26,
      -49
    ],
    "SliceThickness": 2.5,
    "SliceTiming": [
      0.7125,
      0,
      0.7675,
      0.055,
      0.8225,
      0.11,
      0.8775,
      0.165,
      0.9325,
      0.22,
      0.985,
      0.2725,
      1.04,
      0.3275,
      1.095,
      0.3825,
      1.15,
      0.4375,
      1.205,
      0.4925,
      1.26,
      0.5475,
      1.315,
      0.6025,
      1.37,
      0.6575,
      1.425,
      0.7125,
      0,
      0.7675,
      0.055,
      0.8225,
      0.11,
      0.8775,
      0.165,
      0.9325,
      0.22,
      0.985,
      0.2725,
      1.04,
      0.3275,
      1.095,
      0.3825,
      1.15,
      0.4375,
      1.205,
      0.4925,
      1.26,
      0.5475,
      1.315,
      0.6025,
      1.37,
      0.6575,
      1.425
    ],
    "SoftwareVersions": "syngo_MR_E11",
    "SpacingBetweenSlices": 3,
    "StationName": "AWP66108",
    "TaskName": "roletrait",
    "TotalReadoutTime": 0.0226202,
    "TxRefAmp": 246.232,
    "dataset": "ds002294",
    "modality": "bold",
    "run_id": 4,
    "subject_id": "024",
    "task_id": "roletrait"
  },
  "dummy_trs": 3,
  "dvars_nstd": 43.08252689965809,
  "dvars_std": 1.3965760873504285,
  "dvars_vstd": 0.9917261681766381,
  "efc": 0.47750479269863244,
  "fber": 5252.142578125,
  "fd_mean": 0.197557565474833,
  "fd_num": 176,
  "fd_perc": 50.0,
  "fwhm_avg": 1.5787362222222223,
  "fwhm_x": 1.52944,
  "fwhm_y": 1.7435120000000002,
  "fwhm_z": 1.4632566666666669,
  "gcor": 0.0107498,
  "gsr_x": -0.01160266064107418,
  "gsr_y": 0.0262462105602026,
  "provenance": {
    "md5sum": "c6174b6e630fb9971ea7f79f4e54e5b8",
    "settings": {
      "fd_thres": 0.2,
      "testing": false
    },
    "software": "mriqc",
    "version": "22.0.6",
    "webapi_port": null,
    "webapi_url": "https://mriqc.nimh.nih.gov/api/v1"
  },
  "size_t": 352,
  "size_x": 88,
  "size_y": 88,
  "size_z": 54,
  "snr": 6.661959321108805,
  "spacing_tr": 1.5,
  "spacing_x": 2.5,
  "spacing_y": 2.5,
  "spacing_z": 3.0,
  "summary_bg_k": 27.771587160051144,
  "summary_bg_mad": 5.424976074590098,
  "summary_bg_mean": 25.040048599243164,
  "summary_bg_median": 7.34375,
  "summary_bg_n": 288305.0,
  "summary_bg_p05": 2.7755682468414307,
  "summary_bg_p95": 116.71761779785133,
  "summary_bg_stdv": 52.051700592041016,
  "summary_fg_k": 2.2553544895651667,
  "summary_fg_mad": 77.97561042952901,
  "summary_fg_mean": 535.7112426757812,
  "summary_fg_median": 532.5184936523438,
  "summary_fg_n": 67572.0,
  "summary_fg_p05": 427.44063873291014,
  "summary_fg_p95": 665.0812622070312,
  "summary_fg_stdv": 79.93362426757812,
  "tsnr": 60.42674254090525
}