{
  "aor": 0.0006563943661971831,
  "aqi": 0.011493931436619718,
  "bids_meta": {
    "AcquisitionMatrixPE": 88,
    "AcquisitionNumber": 1,
    "AcquisitionTime": "11:04:8.830000",
    "BandwidthPerPixelPhaseEncode": 43.706,
    "BaseResolution": 88,
    "BodyPartExamined": "BRAIN",
    "ConsistencyInfo": "N4_VE11C_LATEST_20160120",
    "ConversionSoftware": "dcm2niix",
    "ConversionSoftwareVersion": "v1.0.20171215 (OpenJPEG build) GCC7.3.0",
    "DerivedVendorReportedEchoSpacing": 0.000520003,
    "DeviceSerialNumber": "66108",
    "DwellTime": 2.5e-06,
    "EchoTime": 0.026,
    "EchoTrainLength": 43,
    "EffectiveEchoSpacing": 0.000260002,
    "FlipAngle": 70,
    "ImageOrientationPatientDICOM": [
      0.999229,
      0.0389815,
      -0.00466698,
      -0.0392598,
      0.992359,
      -0.116973
    ],
    "ImageType": [
      "ORIGINAL",
      "PRIMARY",
      "M",
      "ND",
      "NORM",
      "MOSAIC"
    ],
    "InPlanePhaseEncodingDirectionDICOM": "COL",
    "InstitutionAddress": "Huron_325_TORONTO_ONTARIO_CA_M5S_3G3",
    "InstitutionName": "University_of_Toronto",
    "InstitutionalDepartmentName": "Department",
    "MRAcquisitionType": "2D",
    "MagneticFieldStrength": 3,
    "Manufacturer": "Siemens",
    "ManufacturersModelName": "Prisma",
    "Modality": "MR",
    "MultibandAccelerationFactor": 2,
    "ParallelReductionFactorInPlane": 2,
    "PartialFourier": 1,
    "PatientPosition": "HFS",
    "PercentPhaseFOV": 100,
    "PhaseEncodingDirection": "j-",
    "PhaseEncodingSteps": 87,
    "PhaseResolution": 1,
    "PixelBandwidth": 2275,
    "ProcedureStepDescription": "Cunningham_Nathan",
    "ProtocolName": "ep2d_p2s2_run1",
    "PulseSequenceDetails": "%SiemensSeq%_ep2d_bold",
    "ReceiveCoilActiveElements": "HEA;HEP",
    "ReceiveCoilName": "Head_32",
    "ReconMatrixPE": 88,
    "RepetitionTime": 1.5,
    "SAR": 0.0639713,
    "ScanOptions": "FS",
    "ScanningSequence": "EP",
    "SequenceName": "_epfid2d1_88",
    "SequenceVariant": "SK",
    "SeriesDescription": "ep2d_p2s2_run1",
    "SeriesNumber": 6,
    "ShimSetting": [
      -1018,
      -6944,
      -6324,
      440,
      -4,
      161,
      57,
      -61
    ],
    "SliceThickness": 2.5,
    "SliceTiming": [
      0.7125,
      0,
      0.7675,
      0.055,
      0.8225,
      0.11,
      0.8775,
      0.165,
      0.9325,
      0.22,
      0.9875,
      0.275,
      1.0425,
      0.33,
      1.0975,
      0.385,
      1.1525,
      0.44,
      1.2075,
      0.495,
      1.2625,
      0.55,
      1.3175,
      0.605,
      1.37,
      0.6575,
      1.425,
      0.7125,
      0,
      0.7675,
      0.055,
      0.8225,
      0.11,
      0.8775,
      0.165,
      0.9325,
      0.22,
      0.9875,
      0.275,
      1.0425,
      0.33,
      1.0975,
      0.385,
      1.1525,
      0.44,
      1.2075,
      0.495,
      1.2625,
      0.55,
      1.3175,
      0.605,
      1.37,
      0.6575,
      1.425
    ],
    "SoftwareVersions": "syngo_MR_E11",
    "SpacingBetweenSlices": 3,
    "StationName": "AWP66108",
    "TaskName": "roletrait",
    "TotalReadoutTime": 0.0226202,
    "TxRefAmp": 246.232,
    "dataset": "ds002294",
    "modality": "bold",
    "run_id": 1,
    "subject_id": "024",
    "task_id": "roletrait"
  },
  "dummy_trs": 0,
  "dvars_nstd": 42.11485494192088,
  "dvars_std": 1.3731765982485886,
  "dvars_vstd": 1.0011505998870065,
  "efc": 0.47440011510332236,
  "fber": 5562.29150390625,
  "fd_mean": 0.20676478312582772,
  "fd_num": 193,
  "fd_perc": 54.36619718309859,
  "fwhm_avg": 1.5912326666666665,
  "fwhm_x": 1.536864,
  "fwhm_y": 1.7565439999999999,
  "fwhm_z": 1.48029,
  "gcor": 0.0135606,
  "gsr_x": -0.011286837048828602,
  "gsr_y": 0.02503674291074276,
  "provenance": {
    "md5sum": "820093a4904090a2b42f368ec813ae05",
    "settings": {
      "fd_thres": 0.2,
      "testing": false
    },
    "software": "mriqc",
    "version": "22.0.6",
    "webapi_port": null,
    "webapi_url": "https://mriqc.nimh.nih.gov/api/v1"
  },
  "size_t": 355,
  "size_x": 88,
  "size_y": 88,
  "size_z": 54,
  "snr": 6.671191933597618,
  "spacing_tr": 1.5,
  "spacing_x": 2.5,
  "spacing_y": 2.5,
  "spacing_z": 3.0,
  "summary_bg_k": 28.413942824652555,
  "summary_bg_mad": 5.308133288915281,
  "summary_bg_mean": 24.052818298339844,
  "summary_bg_median": 7.166196823120117,
  "summary_bg_n": 288342.0,
  "summary_bg_p05": 2.7042253017425537,
  "summary_bg_p95": 107.57070388793971,
  "summary_bg_stdv": 51.08081817626953,
  "summary_fg_k": 2.0883290702911674,
  "summary_fg_mad": 77.97027146890329,
  "summary_fg_mean": 538.8138427734375,
  "summary_fg_median": 535.4675903320312,
  "summary_fg_n": 67496.0,
  "summary_fg_p05": 428.4696960449219,
  "summary_fg_p95": 669.7591247558594,
  "summary_fg_stdv": 80.26506042480469,
  "tsnr": 56.5494986763224
}