{
  "aor": 0.0002906760563380282,
  "aqi": 0.01010481304225352,
  "bids_meta": {
    "AcquisitionMatrixPE": 88,
    "AcquisitionNumber": 1,
    "AcquisitionTime": "11:13:38.790000",
    "BandwidthPerPixelPhaseEncode": 43.706,
    "BaseResolution": 88,
    "BodyPartExamined": "BRAIN",
    "ConsistencyInfo": "N4_VE11C_LATEST_20160120",
    "ConversionSoftware": "dcm2niix",
    "ConversionSoftwareVersion": "v1.0.20171215 (OpenJPEG build) GCC7.3.0",
    "DerivedVendorReportedEchoSpacing": 0.000520003,
    "DeviceSerialNumber": "66108",
    "DwellTime": 2.5e-06,
    "EchoTime": 0.026,
    "EchoTrainLength": 43,
    "EffectiveEchoSpacing": 0.000260002,
    "FlipAngle": 70,
    "ImageOrientationPatientDICOM": [
      0.999229,
      0.0389815,
      -0.00466698,
      -0.0392598,
      0.992359,
      -0.116973
    ],
    "ImageType": [
      "ORIGINAL",
      "PRIMARY",
      "M",
      "ND",
      "NORM",
      "MOSAIC"
    ],
    "InPlanePhaseEncodingDirectionDICOM": "COL",
    "InstitutionAddress": "Huron_325_TORONTO_ONTARIO_CA_M5S_3G3",
    "InstitutionName": "University_of_Toronto",
    "InstitutionalDepartmentName": "Department",
    "MRAcquisitionType": "2D",
    "MagneticFieldStrength": 3,
    "Manufacturer": "Siemens",
    "ManufacturersModelName": "Prisma",
    "Modality": "MR",
    "MultibandAccelerationFactor": 2,
    "ParallelReductionFactorInPlane": 2,
    "PartialFourier": 1,
    "PatientPosition": "HFS",
    "PercentPhaseFOV": 100,
    "PhaseEncodingDirection": "j-",
    "PhaseEncodingSteps": 87,
    "PhaseResolution": 1,
    "PixelBandwidth": 2275,
    "ProcedureStepDescription": "Cunningham_Nathan",
    "ProtocolName": "ep2d_p2s2_run2",
    "PulseSequenceDetails": "%SiemensSeq%_ep2d_bold",
    "ReceiveCoilActiveElements": "HEA;HEP",
    "ReceiveCoilName": "Head_32",
    "ReconMatrixPE": 88,
    "RepetitionTime": 1.5,
    "SAR": 0.0639713,
    "ScanOptions": "FS",
    "ScanningSequence": "EP",
    "SequenceName": "_epfid2d1_88",
    "SequenceVariant": "SK",
    "SeriesDescription": "ep2d_p2s2_run2",
    "SeriesNumber": 7,
    "ShimSetting": [
      -1019,
      -6961,
      -6340,
      386,
      -25,
      83,
      26,
      -49
    ],
    "SliceThickness": 2.5,
    "SliceTiming": [
      0.7125,
      0,
      0.765,
      0.0525,
      0.82,
      0.1075,
      0.875,
      0.1625,
      0.93,
      0.2175,
      0.985,
      0.2725,
      1.04,
      0.3275,
      1.095,
      0.3825,
      1.15,
      0.4375,
      1.205,
      0.4925,
      1.26,
      0.5475,
      1.315,
      0.6025,
      1.37,
      0.6575,
      1.425,
      0.7125,
      0,
      0.765,
      0.0525,
      0.82,
      0.1075,
      0.875,
      0.1625,
      0.93,
      0.2175,
      0.985,
      0.2725,
      1.04,
      0.3275,
      1.095,
      0.3825,
      1.15,
      0.4375,
      1.205,
      0.4925,
      1.26,
      0.5475,
      1.315,
      0.6025,
      1.37,
      0.6575,
      1.425
    ],
    "SoftwareVersions": "syngo_MR_E11",
    "SpacingBetweenSlices": 3,
    "StationName": "AWP66108",
    "TaskName": "roletrait",
    "TotalReadoutTime": 0.0226202,
    "TxRefAmp": 246.232,
    "dataset": "ds002294",
    "modality": "bold",
    "run_id": 2,
    "subject_id": "024",
    "task_id": "roletrait"
  },
  "dummy_trs": 0,
  "dvars_nstd": 42.82934511042374,
  "dvars_std": 1.3897741506497185,
  "dvars_vstd": 0.9949677250847462,
  "efc": 0.4758415288066071,
  "fber": 5406.1259765625,
  "fd_mean": 0.2001466252903298,
  "fd_num": 176,
  "fd_perc": 49.57746478873239,
  "fwhm_avg": 1.5808293333333332,
  "fwhm_x": 1.5245039999999999,
  "fwhm_y": 1.742624,
  "fwhm_z": 1.47536,
  "gcor": 0.0112912,
  "gsr_x": -0.011351529508829117,
  "gsr_y": 0.025323474779725075,
  "provenance": {
    "md5sum": "f73fd1f9712c149a91d7328b3fd7f4db",
    "settings": {
      "fd_thres": 0.2,
      "testing": false
    },
    "software": "mriqc",
    "version": "22.0.6",
    "webapi_port": null,
    "webapi_url": "https://mriqc.nimh.nih.gov/api/v1"
  },
  "size_t": 355,
  "size_x": 88,
  "size_y": 88,
  "size_z": 54,
  "snr": 6.682524784572262,
  "spacing_tr": 1.5,
  "spacing_x": 2.5,
  "spacing_y": 2.5,
  "spacing_z": 3.0,
  "summary_bg_k": 28.27966128312916,
  "summary_bg_mad": 5.3164860192904015,
  "summary_bg_mean": 24.403160095214844,
  "summary_bg_median": 7.230985641479492,
  "summary_bg_n": 288240.0,
  "summary_bg_p05": 2.749295711517334,
  "summary_bg_p95": 112.16633186340329,
  "summary_bg_stdv": 51.316490173339844,
  "summary_fg_k": 2.291394728132519,
  "summary_fg_mad": 77.7885658259126,
  "summary_fg_mean": 535.8713989257812,
  "summary_fg_median": 532.7098388671875,
  "summary_fg_n": 67657.0,
  "summary_fg_p05": 427.4636535644531,
  "summary_fg_p95": 665.588134765625,
  "summary_fg_stdv": 79.71626281738281,
  "tsnr": 61.187706258147955
}