{
  "aor": 0.0005940509915014164,
  "aqi": 0.01119031640226629,
  "bids_meta": {
    "AcquisitionMatrixPE": 88,
    "AcquisitionNumber": 1,
    "AcquisitionTime": "11:23:3.720000",
    "BandwidthPerPixelPhaseEncode": 43.706,
    "BaseResolution": 88,
    "BodyPartExamined": "BRAIN",
    "ConsistencyInfo": "N4_VE11C_LATEST_20160120",
    "ConversionSoftware": "dcm2niix",
    "ConversionSoftwareVersion": "v1.0.20171215 (OpenJPEG build) GCC7.3.0",
    "DerivedVendorReportedEchoSpacing": 0.000520003,
    "DeviceSerialNumber": "66108",
    "DwellTime": 2.5e-06,
    "EchoTime": 0.026,
    "EchoTrainLength": 43,
    "EffectiveEchoSpacing": 0.000260002,
    "FlipAngle": 70,
    "ImageOrientationPatientDICOM": [
      0.999229,
      0.0389815,
      -0.00466698,
      -0.0392598,
      0.992359,
      -0.116973
    ],
    "ImageType": [
      "ORIGINAL",
      "PRIMARY",
      "M",
      "ND",
      "NORM",
      "MOSAIC"
    ],
    "InPlanePhaseEncodingDirectionDICOM": "COL",
    "InstitutionAddress": "Huron_325_TORONTO_ONTARIO_CA_M5S_3G3",
    "InstitutionName": "University_of_Toronto",
    "InstitutionalDepartmentName": "Department",
    "MRAcquisitionType": "2D",
    "MagneticFieldStrength": 3,
    "Manufacturer": "Siemens",
    "ManufacturersModelName": "Prisma",
    "Modality": "MR",
    "MultibandAccelerationFactor": 2,
    "ParallelReductionFactorInPlane": 2,
    "PartialFourier": 1,
    "PatientPosition": "HFS",
    "PercentPhaseFOV": 100,
    "PhaseEncodingDirection": "j-",
    "PhaseEncodingSteps": 87,
    "PhaseResolution": 1,
    "PixelBandwidth": 2275,
    "ProcedureStepDescription": "Cunningham_Nathan",
    "ProtocolName": "ep2d_p2s2_run3",
    "PulseSequenceDetails": "%SiemensSeq%_ep2d_bold",
    "ReceiveCoilActiveElements": "HEA;HEP",
    "ReceiveCoilName": "Head_32",
    "ReconMatrixPE": 88,
    "RepetitionTime": 1.5,
    "SAR": 0.0639713,
    "ScanOptions": "FS",
    "ScanningSequence": "EP",
    "SequenceName": "_epfid2d1_88",
    "SequenceVariant": "SK",
    "SeriesDescription": "ep2d_p2s2_run3",
    "SeriesNumber": 8,
    "ShimSetting": [
      -1019,
      -6961,
      -6340,
      386,
      -25,
      83,
      26,
      -49
    ],
    "SliceThickness": 2.5,
    "SliceTiming": [
      0.7125,
      0,
      0.7675,
      0.055,
      0.8225,
      0.11,
      0.8775,
      0.165,
      0.93,
      0.2175,
      0.985,
      0.2725,
      1.04,
      0.3275,
      1.095,
      0.3825,
      1.15,
      0.4375,
      1.205,
      0.4925,
      1.26,
      0.5475,
      1.315,
      0.6025,
      1.37,
      0.6575,
      1.425,
      0.7125,
      0,
      0.7675,
      0.055,
      0.8225,
      0.11,
      0.8775,
      0.165,
      0.93,
      0.2175,
      0.985,
      0.2725,
      1.04,
      0.3275,
      1.095,
      0.3825,
      1.15,
      0.4375,
      1.205,
      0.4925,
      1.26,
      0.5475,
      1.315,
      0.6025,
      1.37,
      0.6575,
      1.425
    ],
    "SoftwareVersions": "syngo_MR_E11",
    "SpacingBetweenSlices": 3,
    "StationName": "AWP66108",
    "TaskName": "roletrait",
    "TotalReadoutTime": 0.0226202,
    "TxRefAmp": 246.232,
    "dataset": "ds002294",
    "modality": "bold",
    "run_id": 3,
    "subject_id": "024",
    "task_id": "roletrait"
  },
  "dummy_trs": 2,
  "dvars_nstd": 43.306887951789754,
  "dvars_std": 1.3968120390624994,
  "dvars_vstd": 1.0020560820170452,
  "efc": 0.47695480490493103,
  "fber": 5439.84814453125,
  "fd_mean": 0.24308458688266663,
  "fd_num": 218,
  "fd_perc": 61.756373937677054,
  "fwhm_avg": 1.5741357777777776,
  "fwhm_x": 1.534116,
  "fwhm_y": 1.744108,
  "fwhm_z": 1.4441833333333334,
  "gcor": 0.00957254,
  "gsr_x": -0.011556711979210377,
  "gsr_y": 0.025740668177604675,
  "provenance": {
    "md5sum": "8149006f7dbca2f212981e6ae9c72851",
    "settings": {
      "fd_thres": 0.2,
      "testing": false
    },
    "software": "mriqc",
    "version": "22.0.6",
    "webapi_port": null,
    "webapi_url": "https://mriqc.nimh.nih.gov/api/v1"
  },
  "size_t": 353,
  "size_x": 88,
  "size_y": 88,
  "size_z": 54,
  "snr": 6.652367738921581,
  "spacing_tr": 1.5,
  "spacing_x": 2.5,
  "spacing_y": 2.5,
  "spacing_z": 3.0,
  "summary_bg_k": 27.111044256544766,
  "summary_bg_mad": 5.418007218079498,
  "summary_bg_mean": 24.923696517944336,
  "summary_bg_median": 7.252124786376953,
  "summary_bg_n": 288240.0,
  "summary_bg_p05": 2.6515579223632812,
  "summary_bg_p95": 115.51331520080554,
  "summary_bg_stdv": 51.84962844848633,
  "summary_fg_k": 2.290268652541047,
  "summary_fg_mad": 77.9814923353031,
  "summary_fg_mean": 535.8911743164062,
  "summary_fg_median": 532.44189453125,
  "summary_fg_n": 67649.0,
  "summary_fg_p05": 427.4277648925781,
  "summary_fg_p95": 665.5829711914063,
  "summary_fg_stdv": 80.03736114501953,
  "tsnr": 57.460516578750685
}