{
  "bids_meta": {
    "AcquisitionMatrixPE": 192,
    "AcquisitionNumber": 1,
    "AcquisitionTime": "11:07:8.232500",
    "BaseResolution": 256,
    "BodyPartExamined": "BRAIN",
    "ConsistencyInfo": "N4_VE11C_LATEST_20160120",
    "ConversionSoftware": "dcm2niix",
    "ConversionSoftwareVersion": "v1.0.20171215 (OpenJPEG build) GCC7.3.0",
    "DeviceSerialNumber": "66108",
    "DwellTime": 7.5e-06,
    "EchoTime": 0.0024,
    "FlipAngle": 9,
    "ImageOrientationPatientDICOM": [
      0.996044,
      0.0717942,
      0.0523626,
      -0.0679035,
      0.995044,
      -0.072638
    ],
    "ImageType": [
      "ORIGINAL",
      "PRIMARY",
      "M",
      "ND",
      "NORM",
      "FM3",
      "2",
      "FIL"
    ],
    "InPlanePhaseEncodingDirectionDICOM": "ROW",
    "InstitutionAddress": "Huron_325_TORONTO_ONTARIO_CA_M5S_3G3",
    "InstitutionName": "University_of_Toronto",
    "InstitutionalDepartmentName": "Department",
    "InversionTime": 1.1,
    "MRAcquisitionType": "3D",
    "MagneticFieldStrength": 3,
    "Manufacturer": "Siemens",
    "ManufacturersModelName": "Prisma",
    "Modality": "MR",
    "ParallelReductionFactorInPlane": 2,
    "PartialFourier": 1,
    "PatientPosition": "HFS",
    "PercentPhaseFOV": 75,
    "PhaseEncodingSteps": 191,
    "PhaseResolution": 1,
    "PixelBandwidth": 260,
    "ProcedureStepDescription": "Cunningham_Nathan",
    "ProtocolName": "t1_mprage_tra_p2_iso",
    "PulseSequenceDetails": "%SiemensSeq%_tfl",
    "ReceiveCoilActiveElements": "HEA;HEP",
    "ReceiveCoilName": "Head_32",
    "ReconMatrixPE": 256,
    "RepetitionTime": 2,
    "SAR": 0.0604031,
    "ScanOptions": "IR",
    "ScanningSequence": "GR_IR",
    "SequenceName": "_tfl3d1_16",
    "SequenceVariant": "SK_SP_MP",
    "SeriesDescription": "t1_mprage_tra_p2_iso",
    "SeriesNumber": 12,
    "ShimSetting": [
      -1026,
      -6983,
      -6652,
      -33,
      -35,
      26,
      -37,
      -58
    ],
    "SliceThickness": 1,
    "SoftwareVersions": "syngo_MR_E11",
    "StationName": "AWP66108",
    "TxRefAmp": 240.453,
    "dataset": "ds002294",
    "modality": "T1w",
    "subject_id": "043"
  },
  "cjv": 0.33277959297814746,
  "cnr": 3.8316234446583044,
  "efc": 0.8483341256525583,
  "fber": -1.0,
  "fwhm_avg": 3.666044515610743,
  "fwhm_x": 3.41571,
  "fwhm_y": 3.95034,
  "fwhm_z": 3.63208354683223,
  "icvs_csf": 0.24142341657722952,
  "icvs_gm": 0.3693849263603024,
  "icvs_wm": 0.3891916570624681,
  "inu_med": 0.6619598269462585,
  "inu_range": 0.13377773761749268,
  "provenance": {
    "md5sum": "daf34fe6eff34d49f98b5d024b250491",
    "settings": {
      "testing": false
    },
    "software": "mriqc",
    "version": "22.0.6",
    "warnings": {
      "large_rot_frame": true,
      "small_air_mask": true
    },
    "webapi_port": null,
    "webapi_url": "https://mriqc.nimh.nih.gov/api/v1"
  },
  "qi_1": -1.0,
  "qi_2": 0.0,
  "rpve_csf": 20.778685812334384,
  "rpve_gm": 12.43679543740179,
  "rpve_wm": 16.00138895148503,
  "size_x": 192,
  "size_y": 256,
  "size_z": 160,
  "snr_csf": 2.6689608419447675,
  "snr_gm": 7.352041963720873,
  "snr_total": 10.127917638914543,
  "snr_wm": 20.36275011107799,
  "snrd_csf": -1.0,
  "snrd_gm": -1.0,
  "snrd_total": -1.0,
  "snrd_wm": -1.0,
  "spacing_x": 1.0,
  "spacing_y": 1.0,
  "spacing_z": 1.000004529953003,
  "summary_bg_k": 0.0,
  "summary_bg_mad": 0.0,
  "summary_bg_mean": 0.0,
  "summary_bg_median": 0.0,
  "summary_bg_n": 0.0,
  "summary_bg_p05": 0.0,
  "summary_bg_p95": 0.0,
  "summary_bg_stdv": 0.0,
  "summary_csf_k": 0.06938539282919987,
  "summary_csf_mad": 82.90773997562562,
  "summary_csf_mean": 226.27152260139738,
  "summary_csf_median": 224.41141406819224,
  "summary_csf_n": 6203.0,
  "summary_csf_p05": 92.09394304696471,
  "summary_csf_p95": 366.62057766057546,
  "summary_csf_stdv": 84.07516546163251,
  "summary_gm_k": 0.41127628360399804,
  "summary_gm_mad": 79.16379498702851,
  "summary_gm_mean": 622.6346368677896,
  "summary_gm_median": 624.198255055584,
  "summary_gm_n": 15746.0,
  "summary_gm_p05": 476.98947554221377,
  "summary_gm_p95": 759.5921173598617,
  "summary_gm_stdv": 84.89864951389539,
  "summary_wm_k": 0.4123908232417315,
  "summary_wm_mad": 45.89535605793561,
  "summary_wm_mean": 999.3264873473729,
  "summary_wm_median": 999.9999979622662,
  "summary_wm_n": 165806.0,
  "summary_wm_p05": 917.0987422261387,
  "summary_wm_p95": 1080.2127719279379,
  "summary_wm_stdv": 49.109131965494136,
  "tpm_overlap_csf": 0.12314994502745544,
  "tpm_overlap_gm": 0.4025923112599256,
  "tpm_overlap_wm": 0.4843201437585307,
  "wm2max": 0.8816388724286802
}