{
  "aor": 0.00047498591549295774,
  "aqi": 0.014139971746478873,
  "bids_meta": {
    "AcquisitionMatrixPE": 88,
    "AcquisitionNumber": 1,
    "AcquisitionTime": "14:22:15.215000",
    "BandwidthPerPixelPhaseEncode": 43.706,
    "BaseResolution": 88,
    "BodyPartExamined": "BRAIN",
    "ConsistencyInfo": "N4_VE11C_LATEST_20160120",
    "ConversionSoftware": "dcm2niix",
    "ConversionSoftwareVersion": "v1.0.20171215 (OpenJPEG build) GCC7.3.0",
    "DerivedVendorReportedEchoSpacing": 0.000520003,
    "DeviceSerialNumber": "66108",
    "DwellTime": 2.5e-06,
    "EchoTime": 0.026,
    "EchoTrainLength": 43,
    "EffectiveEchoSpacing": 0.000260002,
    "FlipAngle": 70,
    "ImageOrientationPatientDICOM": [
      0.986978,
      0.154947,
      -0.0431973,
      -0.159856,
      0.97471,
      -0.156163
    ],
    "ImageType": [
      "ORIGINAL",
      "PRIMARY",
      "M",
      "ND",
      "NORM",
      "MOSAIC"
    ],
    "InPlanePhaseEncodingDirectionDICOM": "COL",
    "InstitutionAddress": "Huron_325_TORONTO_ONTARIO_CA_M5S_3G3",
    "InstitutionName": "University_of_Toronto",
    "InstitutionalDepartmentName": "Department",
    "MRAcquisitionType": "2D",
    "MagneticFieldStrength": 3,
    "Manufacturer": "Siemens",
    "ManufacturersModelName": "Prisma",
    "Modality": "MR",
    "MultibandAccelerationFactor": 2,
    "ParallelReductionFactorInPlane": 2,
    "PartialFourier": 1,
    "PatientPosition": "HFS",
    "PercentPhaseFOV": 100,
    "PhaseEncodingDirection": "j-",
    "PhaseEncodingSteps": 87,
    "PhaseResolution": 1,
    "PixelBandwidth": 2275,
    "ProcedureStepDescription": "Cunningham_Nathan",
    "ProtocolName": "ep2d_p2s2_run1",
    "PulseSequenceDetails": "%SiemensSeq%_ep2d_bold",
    "ReceiveCoilActiveElements": "HEA;HEP",
    "ReceiveCoilName": "Head_32",
    "ReconMatrixPE": 88,
    "RepetitionTime": 1.5,
    "SAR": 0.0564459,
    "ScanOptions": "FS",
    "ScanningSequence": "EP",
    "SequenceName": "_epfid2d1_88",
    "SequenceVariant": "SK",
    "SeriesDescription": "ep2d_p2s2_run1",
    "SeriesNumber": 6,
    "ShimSetting": [
      -1032,
      -6983,
      -6432,
      433,
      -41,
      129,
      -83,
      -20
    ],
    "SliceThickness": 2.5,
    "SliceTiming": [
      0.7125,
      0,
      0.7675,
      0.055,
      0.8225,
      0.11,
      0.8775,
      0.165,
      0.9325,
      0.22,
      0.9875,
      0.275,
      1.0425,
      0.33,
      1.0975,
      0.385,
      1.1525,
      0.4375,
      1.205,
      0.4925,
      1.26,
      0.5475,
      1.315,
      0.6025,
      1.37,
      0.6575,
      1.425,
      0.7125,
      0,
      0.7675,
      0.055,
      0.8225,
      0.11,
      0.8775,
      0.165,
      0.9325,
      0.22,
      0.9875,
      0.275,
      1.0425,
      0.33,
      1.0975,
      0.385,
      1.1525,
      0.4375,
      1.205,
      0.4925,
      1.26,
      0.5475,
      1.315,
      0.6025,
      1.37,
      0.6575,
      1.425
    ],
    "SoftwareVersions": "syngo_MR_E11",
    "SpacingBetweenSlices": 3,
    "StationName": "AWP66108",
    "TaskName": "roletrait",
    "TotalReadoutTime": 0.0226202,
    "TxRefAmp": 239.693,
    "dataset": "ds002294",
    "modality": "bold",
    "run_id": 1,
    "subject_id": "019",
    "task_id": "roletrait"
  },
  "dummy_trs": 0,
  "dvars_nstd": 34.486045535706225,
  "dvars_std": 1.2693882112429378,
  "dvars_vstd": 0.9724017855932204,
  "efc": 0.47798935714585145,
  "fber": 3391.115478515625,
  "fd_mean": 0.1175543175541289,
  "fd_num": 24,
  "fd_perc": 6.76056338028169,
  "fwhm_avg": 1.7255237777777779,
  "fwhm_x": 1.7095680000000002,
  "fwhm_y": 1.8511199999999999,
  "fwhm_z": 1.6158833333333333,
  "gcor": 0.017001,
  "gsr_x": -0.0009986360091716051,
  "gsr_y": 0.014894352294504642,
  "provenance": {
    "md5sum": "2d787b729f3958503af46a1beb744da2",
    "settings": {
      "fd_thres": 0.2,
      "testing": false
    },
    "software": "mriqc",
    "version": "22.0.6",
    "webapi_port": null,
    "webapi_url": "https://mriqc.nimh.nih.gov/api/v1"
  },
  "size_t": 355,
  "size_x": 88,
  "size_y": 88,
  "size_z": 54,
  "snr": 6.7178922421640985,
  "spacing_tr": 1.5,
  "spacing_x": 2.5,
  "spacing_y": 2.5,
  "spacing_z": 3.0,
  "summary_bg_k": 26.446471270010097,
  "summary_bg_mad": 6.231105400127157,
  "summary_bg_mean": 24.134443283081055,
  "summary_bg_median": 7.8422532081604,
  "summary_bg_n": 293507.0,
  "summary_bg_p05": 2.557746410369873,
  "summary_bg_p95": 111.8771789550782,
  "summary_bg_stdv": 48.597511291503906,
  "summary_fg_k": 2.5112342680488053,
  "summary_fg_mad": 63.69760088090303,
  "summary_fg_mean": 459.5604248046875,
  "summary_fg_median": 454.7802734375,
  "summary_fg_n": 63326.0,
  "summary_fg_p05": 369.00140380859375,
  "summary_fg_p95": 572.2746276855469,
  "summary_fg_stdv": 67.69633483886719,
  "tsnr": 49.32173527544364
}