{
  "aor": 0.0005647025495750708,
  "aqi": 0.012138797903682719,
  "bids_meta": {
    "AcquisitionMatrixPE": 88,
    "AcquisitionNumber": 1,
    "AcquisitionTime": "14:41:45.012500",
    "BandwidthPerPixelPhaseEncode": 43.706,
    "BaseResolution": 88,
    "BodyPartExamined": "BRAIN",
    "ConsistencyInfo": "N4_VE11C_LATEST_20160120",
    "ConversionSoftware": "dcm2niix",
    "ConversionSoftwareVersion": "v1.0.20171215 (OpenJPEG build) GCC7.3.0",
    "DerivedVendorReportedEchoSpacing": 0.000520003,
    "DeviceSerialNumber": "66108",
    "DwellTime": 2.5e-06,
    "EchoTime": 0.026,
    "EchoTrainLength": 43,
    "EffectiveEchoSpacing": 0.000260002,
    "FlipAngle": 70,
    "ImageOrientationPatientDICOM": [
      0.986978,
      0.154947,
      -0.0431973,
      -0.159856,
      0.97471,
      -0.156163
    ],
    "ImageType": [
      "ORIGINAL",
      "PRIMARY",
      "M",
      "ND",
      "NORM",
      "MOSAIC"
    ],
    "InPlanePhaseEncodingDirectionDICOM": "COL",
    "InstitutionAddress": "Huron_325_TORONTO_ONTARIO_CA_M5S_3G3",
    "InstitutionName": "University_of_Toronto",
    "InstitutionalDepartmentName": "Department",
    "MRAcquisitionType": "2D",
    "MagneticFieldStrength": 3,
    "Manufacturer": "Siemens",
    "ManufacturersModelName": "Prisma",
    "Modality": "MR",
    "MultibandAccelerationFactor": 2,
    "ParallelReductionFactorInPlane": 2,
    "PartialFourier": 1,
    "PatientPosition": "HFS",
    "PercentPhaseFOV": 100,
    "PhaseEncodingDirection": "j-",
    "PhaseEncodingSteps": 87,
    "PhaseResolution": 1,
    "PixelBandwidth": 2275,
    "ProcedureStepDescription": "Cunningham_Nathan",
    "ProtocolName": "ep2d_p2s2_run3",
    "PulseSequenceDetails": "%SiemensSeq%_ep2d_bold",
    "ReceiveCoilActiveElements": "HEA;HEP",
    "ReceiveCoilName": "Head_32",
    "ReconMatrixPE": 88,
    "RepetitionTime": 1.5,
    "SAR": 0.0564459,
    "ScanOptions": "FS",
    "ScanningSequence": "EP",
    "SequenceName": "_epfid2d1_88",
    "SequenceVariant": "SK",
    "SeriesDescription": "ep2d_p2s2_run3",
    "SeriesNumber": 8,
    "ShimSetting": [
      -1030,
      -6991,
      -6439,
      375,
      -66,
      59,
      -93,
      -16
    ],
    "SliceThickness": 2.5,
    "SliceTiming": [
      0.7125,
      0,
      0.7675,
      0.055,
      0.8225,
      0.11,
      0.8775,
      0.165,
      0.9325,
      0.22,
      0.9875,
      0.275,
      1.0425,
      0.33,
      1.0975,
      0.385,
      1.1525,
      0.44,
      1.2075,
      0.495,
      1.2625,
      0.55,
      1.3175,
      0.605,
      1.3725,
      0.66,
      1.425,
      0.7125,
      0,
      0.7675,
      0.055,
      0.8225,
      0.11,
      0.8775,
      0.165,
      0.9325,
      0.22,
      0.9875,
      0.275,
      1.0425,
      0.33,
      1.0975,
      0.385,
      1.1525,
      0.44,
      1.2075,
      0.495,
      1.2625,
      0.55,
      1.3175,
      0.605,
      1.3725,
      0.66,
      1.425
    ],
    "SoftwareVersions": "syngo_MR_E11",
    "SpacingBetweenSlices": 3,
    "StationName": "AWP66108",
    "TaskName": "roletrait",
    "TotalReadoutTime": 0.0226202,
    "TxRefAmp": 239.693,
    "dataset": "ds002294",
    "modality": "bold",
    "run_id": 3,
    "subject_id": "019",
    "task_id": "roletrait"
  },
  "dummy_trs": 2,
  "dvars_nstd": 36.32763991576707,
  "dvars_std": 1.3528439169886364,
  "dvars_vstd": 0.9903733884375,
  "efc": 0.48007027458147095,
  "fber": 3348.161865234375,
  "fd_mean": 0.0925723154713073,
  "fd_num": 7,
  "fd_perc": 1.9830028328611897,
  "fwhm_avg": 1.7129657777777778,
  "fwhm_x": 1.699256,
  "fwhm_y": 1.830828,
  "fwhm_z": 1.6088133333333332,
  "gcor": 0.00700321,
  "gsr_x": -0.0004255922685842961,
  "gsr_y": 0.013476076535880566,
  "provenance": {
    "md5sum": "78af689691a3a5e6f497b143fbbf0d22",
    "settings": {
      "fd_thres": 0.2,
      "testing": false
    },
    "software": "mriqc",
    "version": "22.0.6",
    "webapi_port": null,
    "webapi_url": "https://mriqc.nimh.nih.gov/api/v1"
  },
  "size_t": 353,
  "size_x": 88,
  "size_y": 88,
  "size_z": 54,
  "snr": 6.795078752466067,
  "spacing_tr": 1.5,
  "spacing_x": 2.5,
  "spacing_y": 2.5,
  "spacing_z": 3.0,
  "summary_bg_k": 23.96663232340001,
  "summary_bg_mad": 6.085808895270128,
  "summary_bg_mean": 24.571163177490234,
  "summary_bg_median": 7.838526725769043,
  "summary_bg_n": 293527.0,
  "summary_bg_p05": 2.702549457550049,
  "summary_bg_p95": 117.5864028930664,
  "summary_bg_stdv": 48.35844039916992,
  "summary_fg_k": 2.5043565141943303,
  "summary_fg_mad": 62.55069712309697,
  "summary_fg_mean": 455.9495544433594,
  "summary_fg_median": 451.61895751953125,
  "summary_fg_n": 63326.0,
  "summary_fg_p05": 366.80169677734375,
  "summary_fg_p95": 565.3307189941406,
  "summary_fg_stdv": 66.46212768554688,
  "tsnr": 52.84580687060952
}