{
  "aor": 0.002902957746478873,
  "aqi": 0.012456044450704225,
  "bids_meta": {
    "AcquisitionMatrixPE": 88,
    "AcquisitionNumber": 1,
    "AcquisitionTime": "14:32:6.605000",
    "BandwidthPerPixelPhaseEncode": 43.706,
    "BaseResolution": 88,
    "BodyPartExamined": "BRAIN",
    "ConsistencyInfo": "N4_VE11C_LATEST_20160120",
    "ConversionSoftware": "dcm2niix",
    "ConversionSoftwareVersion": "v1.0.20171215 (OpenJPEG build) GCC7.3.0",
    "DerivedVendorReportedEchoSpacing": 0.000520003,
    "DeviceSerialNumber": "66108",
    "DwellTime": 2.5e-06,
    "EchoTime": 0.026,
    "EchoTrainLength": 43,
    "EffectiveEchoSpacing": 0.000260002,
    "FlipAngle": 70,
    "ImageOrientationPatientDICOM": [
      0.986978,
      0.154947,
      -0.0431973,
      -0.159856,
      0.97471,
      -0.156163
    ],
    "ImageType": [
      "ORIGINAL",
      "PRIMARY",
      "M",
      "ND",
      "NORM",
      "MOSAIC"
    ],
    "InPlanePhaseEncodingDirectionDICOM": "COL",
    "InstitutionAddress": "Huron_325_TORONTO_ONTARIO_CA_M5S_3G3",
    "InstitutionName": "University_of_Toronto",
    "InstitutionalDepartmentName": "Department",
    "MRAcquisitionType": "2D",
    "MagneticFieldStrength": 3,
    "Manufacturer": "Siemens",
    "ManufacturersModelName": "Prisma",
    "Modality": "MR",
    "MultibandAccelerationFactor": 2,
    "ParallelReductionFactorInPlane": 2,
    "PartialFourier": 1,
    "PatientPosition": "HFS",
    "PercentPhaseFOV": 100,
    "PhaseEncodingDirection": "j-",
    "PhaseEncodingSteps": 87,
    "PhaseResolution": 1,
    "PixelBandwidth": 2275,
    "ProcedureStepDescription": "Cunningham_Nathan",
    "ProtocolName": "ep2d_p2s2_run2",
    "PulseSequenceDetails": "%SiemensSeq%_ep2d_bold",
    "ReceiveCoilActiveElements": "HEA;HEP",
    "ReceiveCoilName": "Head_32",
    "ReconMatrixPE": 88,
    "RepetitionTime": 1.5,
    "SAR": 0.0564459,
    "ScanOptions": "FS",
    "ScanningSequence": "EP",
    "SequenceName": "_epfid2d1_88",
    "SequenceVariant": "SK",
    "SeriesDescription": "ep2d_p2s2_run2",
    "SeriesNumber": 7,
    "ShimSetting": [
      -1030,
      -6991,
      -6439,
      375,
      -66,
      59,
      -93,
      -16
    ],
    "SliceThickness": 2.5,
    "SliceTiming": [
      0.7125,
      0,
      0.7675,
      0.055,
      0.82,
      0.1075,
      0.875,
      0.1625,
      0.93,
      0.2175,
      0.985,
      0.2725,
      1.04,
      0.3275,
      1.095,
      0.3825,
      1.15,
      0.4375,
      1.205,
      0.4925,
      1.26,
      0.5475,
      1.315,
      0.6025,
      1.37,
      0.6575,
      1.425,
      0.7125,
      0,
      0.7675,
      0.055,
      0.82,
      0.1075,
      0.875,
      0.1625,
      0.93,
      0.2175,
      0.985,
      0.2725,
      1.04,
      0.3275,
      1.095,
      0.3825,
      1.15,
      0.4375,
      1.205,
      0.4925,
      1.26,
      0.5475,
      1.315,
      0.6025,
      1.37,
      0.6575,
      1.425
    ],
    "SoftwareVersions": "syngo_MR_E11",
    "SpacingBetweenSlices": 3,
    "StationName": "AWP66108",
    "TaskName": "roletrait",
    "TotalReadoutTime": 0.0226202,
    "TxRefAmp": 239.693,
    "dataset": "ds002294",
    "modality": "bold",
    "run_id": 2,
    "subject_id": "019",
    "task_id": "roletrait"
  },
  "dummy_trs": 0,
  "dvars_nstd": 36.891397007514115,
  "dvars_std": 1.3747964287853103,
  "dvars_vstd": 1.0332075025141239,
  "efc": 0.4797861803350426,
  "fber": 3379.7822265625,
  "fd_mean": 0.12303649299647872,
  "fd_num": 34,
  "fd_perc": 9.577464788732394,
  "fwhm_avg": 1.7074824444444445,
  "fwhm_x": 1.698452,
  "fwhm_y": 1.838212,
  "fwhm_z": 1.5857833333333333,
  "gcor": 0.00951307,
  "gsr_x": -0.0005235219723545015,
  "gsr_y": 0.01448001991957426,
  "provenance": {
    "md5sum": "30b57d2bf0b73108fd4b963d1496d090",
    "settings": {
      "fd_thres": 0.2,
      "testing": false
    },
    "software": "mriqc",
    "version": "22.0.6",
    "webapi_port": null,
    "webapi_url": "https://mriqc.nimh.nih.gov/api/v1"
  },
  "size_t": 355,
  "size_x": 88,
  "size_y": 88,
  "size_z": 54,
  "snr": 6.746220376268906,
  "spacing_tr": 1.5,
  "spacing_x": 2.5,
  "spacing_y": 2.5,
  "spacing_z": 3.0,
  "summary_bg_k": 25.16972487156587,
  "summary_bg_mad": 6.151755168523345,
  "summary_bg_mean": 24.31782341003418,
  "summary_bg_median": 7.794365882873535,
  "summary_bg_n": 293085.0,
  "summary_bg_p05": 2.492957592010498,
  "summary_bg_p95": 114.85295257568356,
  "summary_bg_stdv": 48.39712905883789,
  "summary_fg_k": 2.6329582296527168,
  "summary_fg_mad": 62.791334937401224,
  "summary_fg_mean": 455.44525146484375,
  "summary_fg_median": 450.6337890625,
  "summary_fg_n": 63629.0,
  "summary_fg_p05": 366.2726623535156,
  "summary_fg_p95": 566.4890014648437,
  "summary_fg_stdv": 66.79743957519531,
  "tsnr": 52.17073206650093
}