{
  "aor": 0.0006597746478873239,
  "aqi": 0.012188600112676057,
  "bids_meta": {
    "AcquisitionMatrixPE": 88,
    "AcquisitionNumber": 1,
    "AcquisitionTime": "17:18:16.225000",
    "BandwidthPerPixelPhaseEncode": 43.706,
    "BaseResolution": 88,
    "BodyPartExamined": "BRAIN",
    "ConsistencyInfo": "N4_VE11C_LATEST_20160120",
    "ConversionSoftware": "dcm2niix",
    "ConversionSoftwareVersion": "v1.0.20171215 (OpenJPEG build) GCC7.3.0",
    "DerivedVendorReportedEchoSpacing": 0.000520003,
    "DeviceSerialNumber": "66108",
    "DwellTime": 2.5e-06,
    "EchoTime": 0.026,
    "EchoTrainLength": 43,
    "EffectiveEchoSpacing": 0.000260002,
    "FlipAngle": 70,
    "ImageOrientationPatientDICOM": [
      0.999899,
      0.00377155,
      0.0137238,
      0.00174511,
      0.924486,
      -0.381211
    ],
    "ImageType": [
      "ORIGINAL",
      "PRIMARY",
      "M",
      "ND",
      "NORM",
      "MOSAIC"
    ],
    "InPlanePhaseEncodingDirectionDICOM": "COL",
    "InstitutionAddress": "Huron_325_TORONTO_ONTARIO_CA_M5S_3G3",
    "InstitutionName": "University_of_Toronto",
    "InstitutionalDepartmentName": "Department",
    "MRAcquisitionType": "2D",
    "MagneticFieldStrength": 3,
    "Manufacturer": "Siemens",
    "ManufacturersModelName": "Prisma",
    "Modality": "MR",
    "MultibandAccelerationFactor": 2,
    "ParallelReductionFactorInPlane": 2,
    "PartialFourier": 1,
    "PatientPosition": "HFS",
    "PercentPhaseFOV": 100,
    "PhaseEncodingDirection": "j-",
    "PhaseEncodingSteps": 87,
    "PhaseResolution": 1,
    "PixelBandwidth": 2275,
    "ProcedureStepDescription": "Cunningham_Nathan",
    "ProtocolName": "ep2d_p2s2_run1",
    "PulseSequenceDetails": "%SiemensSeq%_ep2d_bold",
    "ReceiveCoilActiveElements": "HEA;HEP",
    "ReceiveCoilName": "Head_32",
    "ReconMatrixPE": 88,
    "RepetitionTime": 1.5,
    "SAR": 0.0586226,
    "ScanOptions": "FS",
    "ScanningSequence": "EP",
    "SequenceName": "_epfid2d1_88",
    "SequenceVariant": "SK",
    "SeriesDescription": "ep2d_p2s2_run1",
    "SeriesNumber": 6,
    "ShimSetting": [
      -1021,
      -6896,
      -6438,
      303,
      -70,
      201,
      -161,
      -49
    ],
    "SliceThickness": 2.5,
    "SliceTiming": [
      0.7125,
      0,
      0.7675,
      0.055,
      0.8225,
      0.11,
      0.8775,
      0.165,
      0.9325,
      0.22,
      0.9875,
      0.275,
      1.0425,
      0.33,
      1.0975,
      0.385,
      1.1525,
      0.44,
      1.2075,
      0.495,
      1.2625,
      0.55,
      1.3175,
      0.605,
      1.37,
      0.6575,
      1.425,
      0.7125,
      0,
      0.7675,
      0.055,
      0.8225,
      0.11,
      0.8775,
      0.165,
      0.9325,
      0.22,
      0.9875,
      0.275,
      1.0425,
      0.33,
      1.0975,
      0.385,
      1.1525,
      0.44,
      1.2075,
      0.495,
      1.2625,
      0.55,
      1.3175,
      0.605,
      1.37,
      0.6575,
      1.425
    ],
    "SoftwareVersions": "syngo_MR_E11",
    "SpacingBetweenSlices": 3,
    "StationName": "AWP66108",
    "TaskName": "roletrait",
    "TotalReadoutTime": 0.0226202,
    "TxRefAmp": 252.863,
    "dataset": "ds002294",
    "modality": "bold",
    "run_id": 1,
    "subject_id": "046",
    "task_id": "roletrait"
  },
  "dummy_trs": 0,
  "dvars_nstd": 43.131607626892674,
  "dvars_std": 1.5073661066101696,
  "dvars_vstd": 1.0145409166101698,
  "efc": 0.4996410430326499,
  "fber": 3714.230712890625,
  "fd_mean": 0.09464841915005077,
  "fd_num": 1,
  "fd_perc": 0.28169014084507044,
  "fwhm_avg": 1.6087573333333334,
  "fwhm_x": 1.535608,
  "fwhm_y": 1.794324,
  "fwhm_z": 1.49634,
  "gcor": 0.00638873,
  "gsr_x": -0.017997121438384056,
  "gsr_y": 0.036176230758428574,
  "provenance": {
    "md5sum": "c3dd9fb137e226eedfd498bc5150af41",
    "settings": {
      "fd_thres": 0.2,
      "testing": false
    },
    "software": "mriqc",
    "version": "22.0.6",
    "webapi_port": null,
    "webapi_url": "https://mriqc.nimh.nih.gov/api/v1"
  },
  "size_t": 355,
  "size_x": 88,
  "size_y": 88,
  "size_z": 54,
  "snr": 7.116898175227147,
  "spacing_tr": 1.5,
  "spacing_x": 2.5,
  "spacing_y": 2.5,
  "spacing_z": 3.0,
  "summary_bg_k": 20.39938717581603,
  "summary_bg_mad": 4.982378571685172,
  "summary_bg_mean": 25.35008430480957,
  "summary_bg_median": 6.5239434242248535,
  "summary_bg_n": 289004.0,
  "summary_bg_p05": 2.3549294471740723,
  "summary_bg_p95": 126.90661354064935,
  "summary_bg_stdv": 49.95848846435547,
  "summary_fg_k": 3.645194962406338,
  "summary_fg_mad": 53.0646083404872,
  "summary_fg_mean": 404.7887268066406,
  "summary_fg_median": 402.1492919921875,
  "summary_fg_n": 66860.0,
  "summary_fg_p05": 330.64196014404297,
  "summary_fg_p95": 492.9811004638671,
  "summary_fg_stdv": 56.505836486816406,
  "tsnr": 58.719223788008094
}