{
  "aor": 0.005028084507042253,
  "aqi": 0.0470688138028169,
  "bids_meta": {
    "AcquisitionMatrixPE": 88,
    "AcquisitionNumber": 1,
    "AcquisitionTime": "17:37:42.467500",
    "BandwidthPerPixelPhaseEncode": 43.706,
    "BaseResolution": 88,
    "BodyPartExamined": "BRAIN",
    "ConsistencyInfo": "N4_VE11C_LATEST_20160120",
    "ConversionSoftware": "dcm2niix",
    "ConversionSoftwareVersion": "v1.0.20171215 (OpenJPEG build) GCC7.3.0",
    "DerivedVendorReportedEchoSpacing": 0.000520003,
    "DeviceSerialNumber": "66108",
    "DwellTime": 2.5e-06,
    "EchoTime": 0.026,
    "EchoTrainLength": 43,
    "EffectiveEchoSpacing": 0.000260002,
    "FlipAngle": 70,
    "ImageOrientationPatientDICOM": [
      0.999899,
      0.00377155,
      0.0137238,
      0.00174511,
      0.924486,
      -0.381211
    ],
    "ImageType": [
      "ORIGINAL",
      "PRIMARY",
      "M",
      "ND",
      "NORM",
      "MOSAIC"
    ],
    "InPlanePhaseEncodingDirectionDICOM": "COL",
    "InstitutionAddress": "Huron_325_TORONTO_ONTARIO_CA_M5S_3G3",
    "InstitutionName": "University_of_Toronto",
    "InstitutionalDepartmentName": "Department",
    "MRAcquisitionType": "2D",
    "MagneticFieldStrength": 3,
    "Manufacturer": "Siemens",
    "ManufacturersModelName": "Prisma",
    "Modality": "MR",
    "MultibandAccelerationFactor": 2,
    "ParallelReductionFactorInPlane": 2,
    "PartialFourier": 1,
    "PatientPosition": "HFS",
    "PercentPhaseFOV": 100,
    "PhaseEncodingDirection": "j-",
    "PhaseEncodingSteps": 87,
    "PhaseResolution": 1,
    "PixelBandwidth": 2275,
    "ProcedureStepDescription": "Cunningham_Nathan",
    "ProtocolName": "ep2d_p2s2_run3",
    "PulseSequenceDetails": "%SiemensSeq%_ep2d_bold",
    "ReceiveCoilActiveElements": "HEA;HEP",
    "ReceiveCoilName": "Head_32",
    "ReconMatrixPE": 88,
    "RepetitionTime": 1.5,
    "SAR": 0.0586226,
    "ScanOptions": "FS",
    "ScanningSequence": "EP",
    "SequenceName": "_epfid2d1_88",
    "SequenceVariant": "SK",
    "SeriesDescription": "ep2d_p2s2_run3",
    "SeriesNumber": 8,
    "ShimSetting": [
      -1021,
      -6908,
      -6442,
      291,
      -54,
      121,
      -122,
      -46
    ],
    "SliceThickness": 2.5,
    "SliceTiming": [
      0.7125,
      0,
      0.7675,
      0.055,
      0.8225,
      0.11,
      0.8775,
      0.165,
      0.9325,
      0.22,
      0.9875,
      0.275,
      1.0425,
      0.33,
      1.095,
      0.3825,
      1.15,
      0.4375,
      1.205,
      0.4925,
      1.26,
      0.5475,
      1.315,
      0.6025,
      1.37,
      0.6575,
      1.425,
      0.7125,
      0,
      0.7675,
      0.055,
      0.8225,
      0.11,
      0.8775,
      0.165,
      0.9325,
      0.22,
      0.9875,
      0.275,
      1.0425,
      0.33,
      1.095,
      0.3825,
      1.15,
      0.4375,
      1.205,
      0.4925,
      1.26,
      0.5475,
      1.315,
      0.6025,
      1.37,
      0.6575,
      1.425
    ],
    "SoftwareVersions": "syngo_MR_E11",
    "SpacingBetweenSlices": 3,
    "StationName": "AWP66108",
    "TaskName": "roletrait",
    "TotalReadoutTime": 0.0226202,
    "TxRefAmp": 252.863,
    "dataset": "ds002294",
    "modality": "bold",
    "run_id": 3,
    "subject_id": "046",
    "task_id": "roletrait"
  },
  "dummy_trs": 0,
  "dvars_nstd": 53.59953680971751,
  "dvars_std": 1.134318906158191,
  "dvars_vstd": 0.9539283803672322,
  "efc": 0.5017643995985109,
  "fber": 3709.289306640625,
  "fd_mean": 0.5761930367360454,
  "fd_num": 212,
  "fd_perc": 59.71830985915493,
  "fwhm_avg": 1.6729180000000001,
  "fwhm_x": 1.5969,
  "fwhm_y": 1.873644,
  "fwhm_z": 1.54821,
  "gcor": 0.037783,
  "gsr_x": -0.015439902432262897,
  "gsr_y": 0.03691219538450241,
  "provenance": {
    "md5sum": "7dedacfef0b6cdad0045f45ec94d9b84",
    "settings": {
      "fd_thres": 0.2,
      "testing": false
    },
    "software": "mriqc",
    "version": "22.0.6",
    "webapi_port": null,
    "webapi_url": "https://mriqc.nimh.nih.gov/api/v1"
  },
  "size_t": 355,
  "size_x": 88,
  "size_y": 88,
  "size_z": 54,
  "snr": 7.354213466888627,
  "spacing_tr": 1.5,
  "spacing_x": 2.5,
  "spacing_y": 2.5,
  "spacing_z": 3.0,
  "summary_bg_k": 17.853906169602347,
  "summary_bg_mad": 5.019965504893298,
  "summary_bg_mean": 25.714750289916992,
  "summary_bg_median": 6.538027763366699,
  "summary_bg_n": 289004.0,
  "summary_bg_p05": 2.369014024734497,
  "summary_bg_p95": 128.0067619323728,
  "summary_bg_stdv": 49.59541320800781,
  "summary_fg_k": 3.6787881298615126,
  "summary_fg_mad": 51.049512667709365,
  "summary_fg_mean": 402.822021484375,
  "summary_fg_median": 399.9788513183594,
  "summary_fg_n": 66852.0,
  "summary_fg_p05": 330.4806930541992,
  "summary_fg_p95": 487.942788696289,
  "summary_fg_stdv": 54.387306213378906,
  "tsnr": 27.534450410166755
}