{
  "aor": 0.000742676056338028,
  "aqi": 0.008418558591549295,
  "bids_meta": {
    "AcquisitionMatrixPE": 88,
    "AcquisitionNumber": 1,
    "AcquisitionTime": "16:54:56.062500",
    "BandwidthPerPixelPhaseEncode": 43.706,
    "BaseResolution": 88,
    "BodyPartExamined": "BRAIN",
    "ConsistencyInfo": "N4_VE11C_LATEST_20160120",
    "ConversionSoftware": "dcm2niix",
    "ConversionSoftwareVersion": "v1.0.20171215 (OpenJPEG build) GCC7.3.0",
    "DerivedVendorReportedEchoSpacing": 0.000520003,
    "DeviceSerialNumber": "66108",
    "DwellTime": 2.5e-06,
    "EchoTime": 0.026,
    "EchoTrainLength": 43,
    "EffectiveEchoSpacing": 0.000260002,
    "FlipAngle": 70,
    "ImageOrientationPatientDICOM": [
      0.998482,
      0.0479628,
      -0.0270865,
      -0.0488339,
      0.998279,
      -0.0324706
    ],
    "ImageType": [
      "ORIGINAL",
      "PRIMARY",
      "M",
      "ND",
      "NORM",
      "MOSAIC"
    ],
    "InPlanePhaseEncodingDirectionDICOM": "COL",
    "InstitutionAddress": "Huron_325_TORONTO_ONTARIO_CA_M5S_3G3",
    "InstitutionName": "University_of_Toronto",
    "InstitutionalDepartmentName": "Department",
    "MRAcquisitionType": "2D",
    "MagneticFieldStrength": 3,
    "Manufacturer": "Siemens",
    "ManufacturersModelName": "Prisma",
    "Modality": "MR",
    "MultibandAccelerationFactor": 2,
    "ParallelReductionFactorInPlane": 2,
    "PartialFourier": 1,
    "PatientPosition": "HFS",
    "PercentPhaseFOV": 100,
    "PhaseEncodingDirection": "j-",
    "PhaseEncodingSteps": 87,
    "PhaseResolution": 1,
    "PixelBandwidth": 2275,
    "ProcedureStepDescription": "Cunningham_Nathan",
    "ProtocolName": "ep2d_p2s2_run4",
    "PulseSequenceDetails": "%SiemensSeq%_ep2d_bold",
    "ReceiveCoilActiveElements": "HEA;HEP",
    "ReceiveCoilName": "Head_32",
    "ReconMatrixPE": 88,
    "RepetitionTime": 1.5,
    "SAR": 0.0682183,
    "ScanOptions": "FS",
    "ScanningSequence": "EP",
    "SequenceName": "_epfid2d1_88",
    "SequenceVariant": "SK",
    "SeriesDescription": "ep2d_p2s2_run4",
    "SeriesNumber": 9,
    "ShimSetting": [
      -1024,
      -7028,
      -6418,
      399,
      -29,
      -84,
      28,
      -71
    ],
    "SliceThickness": 2.5,
    "SliceTiming": [
      0.7125,
      0,
      0.7675,
      0.055,
      0.8225,
      0.11,
      0.8775,
      0.165,
      0.9325,
      0.22,
      0.9875,
      0.275,
      1.0425,
      0.33,
      1.0975,
      0.385,
      1.15,
      0.4375,
      1.205,
      0.4925,
      1.26,
      0.5475,
      1.315,
      0.6025,
      1.37,
      0.6575,
      1.425,
      0.7125,
      0,
      0.7675,
      0.055,
      0.8225,
      0.11,
      0.8775,
      0.165,
      0.9325,
      0.22,
      0.9875,
      0.275,
      1.0425,
      0.33,
      1.0975,
      0.385,
      1.15,
      0.4375,
      1.205,
      0.4925,
      1.26,
      0.5475,
      1.315,
      0.6025,
      1.37,
      0.6575,
      1.425
    ],
    "SoftwareVersions": "syngo_MR_E11",
    "SpacingBetweenSlices": 3,
    "StationName": "AWP66108",
    "TaskName": "roletrait",
    "TotalReadoutTime": 0.0226202,
    "TxRefAmp": 234.57,
    "dataset": "ds002294",
    "modality": "bold",
    "run_id": 4,
    "subject_id": "031",
    "task_id": "roletrait"
  },
  "dummy_trs": 0,
  "dvars_nstd": 25.953757038333343,
  "dvars_std": 1.1932052405367233,
  "dvars_vstd": 1.00987002059322,
  "efc": 0.4522240215721159,
  "fber": 4127.478515625,
  "fd_mean": 0.09533845352235279,
  "fd_num": 5,
  "fd_perc": 1.408450704225352,
  "fwhm_avg": 1.550944,
  "fwhm_x": 1.531704,
  "fwhm_y": 1.6699680000000001,
  "fwhm_z": 1.45116,
  "gcor": 0.0103933,
  "gsr_x": -0.01652001217007637,
  "gsr_y": 0.011688263155519962,
  "provenance": {
    "md5sum": "0ab8de0aa27ecf832b76c0a5769ac015",
    "settings": {
      "fd_thres": 0.2,
      "testing": false
    },
    "software": "mriqc",
    "version": "22.0.6",
    "webapi_port": null,
    "webapi_url": "https://mriqc.nimh.nih.gov/api/v1"
  },
  "size_t": 355,
  "size_x": 88,
  "size_y": 88,
  "size_z": 54,
  "snr": 7.298080904029657,
  "spacing_tr": 1.5,
  "spacing_x": 2.5,
  "spacing_y": 2.5,
  "spacing_z": 3.0,
  "summary_bg_k": 21.77586044599323,
  "summary_bg_mad": 5.370778766728681,
  "summary_bg_mean": 23.14287567138672,
  "summary_bg_median": 7.509859085083008,
  "summary_bg_n": 304293.0,
  "summary_bg_p05": 2.811267614364624,
  "summary_bg_p95": 106.56788482665976,
  "summary_bg_stdv": 45.66054153442383,
  "summary_fg_k": 3.0735308898091516,
  "summary_fg_mad": 64.44098327989128,
  "summary_fg_mean": 484.196533203125,
  "summary_fg_median": 479.4873046875,
  "summary_fg_n": 55011.0,
  "summary_fg_p05": 396.84083557128906,
  "summary_fg_p95": 589.1281433105469,
  "summary_fg_stdv": 65.69986724853516,
  "tsnr": 62.88883734343108
}