{
  "bids_meta": {
    "AcquisitionMatrixPE": 192,
    "AcquisitionNumber": 1,
    "AcquisitionTime": "18:07:30.220000",
    "BaseResolution": 256,
    "BodyPartExamined": "BRAIN",
    "ConsistencyInfo": "N4_VE11C_LATEST_20160120",
    "ConversionSoftware": "dcm2niix",
    "ConversionSoftwareVersion": "v1.0.20171215 (OpenJPEG build) GCC7.3.0",
    "DeviceSerialNumber": "66108",
    "DwellTime": 7.5e-06,
    "EchoTime": 0.0024,
    "FlipAngle": 9,
    "ImageOrientationPatientDICOM": [
      0.999911,
      -0.0100185,
      0.00883602,
      0.0104714,
      0.99855,
      -0.0527961
    ],
    "ImageType": [
      "ORIGINAL",
      "PRIMARY",
      "M",
      "ND",
      "NORM",
      "FM3",
      "2",
      "FIL"
    ],
    "InPlanePhaseEncodingDirectionDICOM": "ROW",
    "InstitutionAddress": "Huron_325_TORONTO_ONTARIO_CA_M5S_3G3",
    "InstitutionName": "University_of_Toronto",
    "InstitutionalDepartmentName": "Department",
    "InversionTime": 1.1,
    "MRAcquisitionType": "3D",
    "MagneticFieldStrength": 3,
    "Manufacturer": "Siemens",
    "ManufacturersModelName": "Prisma",
    "Modality": "MR",
    "ParallelReductionFactorInPlane": 2,
    "PartialFourier": 1,
    "PatientPosition": "HFS",
    "PercentPhaseFOV": 75,
    "PhaseEncodingSteps": 191,
    "PhaseResolution": 1,
    "PixelBandwidth": 260,
    "ProcedureStepDescription": "Cunningham_Nathan",
    "ProtocolName": "t1_mprage_tra_p2_iso",
    "PulseSequenceDetails": "%SiemensSeq%_tfl",
    "ReceiveCoilActiveElements": "HEA;HEP",
    "ReceiveCoilName": "Head_32",
    "ReconMatrixPE": 256,
    "RepetitionTime": 2,
    "SAR": 0.0578298,
    "ScanOptions": "IR",
    "ScanningSequence": "GR_IR",
    "SequenceName": "_tfl3d1_16",
    "SequenceVariant": "SK_SP_MP",
    "SeriesDescription": "t1_mprage_tra_p2_iso",
    "SeriesNumber": 12,
    "ShimSetting": [
      -1026,
      -6983,
      -6652,
      -33,
      -35,
      26,
      -37,
      -58
    ],
    "SliceThickness": 1,
    "SoftwareVersions": "syngo_MR_E11",
    "StationName": "AWP66108",
    "TxRefAmp": 254.349,
    "dataset": "ds002294",
    "modality": "T1w",
    "subject_id": "048"
  },
  "cjv": 0.37630188143659327,
  "cnr": 3.4961563146664556,
  "efc": 0.8402028468653052,
  "fber": -1.0,
  "fwhm_avg": 4.27868392164394,
  "fwhm_x": 4.08931,
  "fwhm_y": 4.51665,
  "fwhm_z": 4.230091764931819,
  "icvs_csf": 0.24046364996442193,
  "icvs_gm": 0.3703541787616704,
  "icvs_wm": 0.38918217127390764,
  "inu_med": 0.7975890636444092,
  "inu_range": 0.19313425123691563,
  "provenance": {
    "md5sum": "9ebfdaf4a11fac669eaf376c6443cab0",
    "settings": {
      "testing": false
    },
    "software": "mriqc",
    "version": "22.0.6",
    "warnings": {
      "large_rot_frame": true,
      "small_air_mask": true
    },
    "webapi_port": null,
    "webapi_url": "https://mriqc.nimh.nih.gov/api/v1"
  },
  "qi_1": -1.0,
  "qi_2": 0.0,
  "rpve_csf": 19.104857278922253,
  "rpve_gm": 11.251544725636325,
  "rpve_wm": 14.25822051880973,
  "size_x": 192,
  "size_y": 256,
  "size_z": 160,
  "snr_csf": 2.5616285035739548,
  "snr_gm": 7.592621714993067,
  "snr_total": 8.49958239536164,
  "snr_wm": 15.344496967517896,
  "snrd_csf": -1.0,
  "snrd_gm": -1.0,
  "snrd_total": -1.0,
  "snrd_wm": -1.0,
  "spacing_x": 1.0,
  "spacing_y": 1.0,
  "spacing_z": 0.9999995827674866,
  "summary_bg_k": 0.0,
  "summary_bg_mad": 0.0,
  "summary_bg_mean": 0.0,
  "summary_bg_median": 0.0,
  "summary_bg_n": 0.0,
  "summary_bg_p05": 0.0,
  "summary_bg_p95": 0.0,
  "summary_bg_stdv": 0.0,
  "summary_csf_k": 0.38514171310096135,
  "summary_csf_mad": 85.61558878787781,
  "summary_csf_mean": 226.6582193884335,
  "summary_csf_median": 225.37983213365078,
  "summary_csf_n": 5519.0,
  "summary_csf_p05": 89.81971396654849,
  "summary_csf_p95": 372.9167585805058,
  "summary_csf_stdv": 87.975056631104,
  "summary_gm_k": 0.4364273035341921,
  "summary_gm_mad": 80.15677147417655,
  "summary_gm_mean": 629.6182609688439,
  "summary_gm_median": 630.8349972367287,
  "summary_gm_n": 10537.0,
  "summary_gm_p05": 489.8641549050808,
  "summary_gm_p95": 762.2286250323057,
  "summary_gm_stdv": 83.08132367529353,
  "summary_wm_k": 0.6669248739903444,
  "summary_wm_mad": 58.76071740553138,
  "summary_wm_mean": 1003.718534450723,
  "summary_wm_median": 1000.0000100433826,
  "summary_wm_n": 166956.0,
  "summary_wm_p05": 902.1753021329641,
  "summary_wm_p95": 1119.1967609971762,
  "summary_wm_stdv": 65.16974895656035,
  "tpm_overlap_csf": 0.10785408578182497,
  "tpm_overlap_gm": 0.3778332791529145,
  "tpm_overlap_wm": 0.4688433880626725,
  "wm2max": 0.8271287302004026
}