{
  "bids_meta": {
    "AcquisitionMatrixPE": 192,
    "AcquisitionNumber": 1,
    "AcquisitionTime": "14:43:48.247500",
    "BaseResolution": 256,
    "BodyPartExamined": "BRAIN",
    "ConsistencyInfo": "N4_VE11C_LATEST_20160120",
    "ConversionSoftware": "dcm2niix",
    "ConversionSoftwareVersion": "v1.0.20171215 (OpenJPEG build) GCC7.3.0",
    "DeviceSerialNumber": "66108",
    "DwellTime": 7.5e-06,
    "EchoTime": 0.0024,
    "FlipAngle": 9,
    "ImageOrientationPatientDICOM": [
      0.997958,
      0.0335769,
      0.0543269,
      -0.0296187,
      0.996958,
      -0.0720918
    ],
    "ImageType": [
      "ORIGINAL",
      "PRIMARY",
      "M",
      "ND",
      "NORM",
      "FM3",
      "2",
      "FIL"
    ],
    "InPlanePhaseEncodingDirectionDICOM": "ROW",
    "InstitutionAddress": "Huron_325_TORONTO_ONTARIO_CA_M5S_3G3",
    "InstitutionName": "University_of_Toronto",
    "InstitutionalDepartmentName": "Department",
    "InversionTime": 1.1,
    "MRAcquisitionType": "3D",
    "MagneticFieldStrength": 3,
    "Manufacturer": "Siemens",
    "ManufacturersModelName": "Prisma",
    "Modality": "MR",
    "ParallelReductionFactorInPlane": 2,
    "PartialFourier": 1,
    "PatientPosition": "HFS",
    "PercentPhaseFOV": 75,
    "PhaseEncodingSteps": 191,
    "PhaseResolution": 1,
    "PixelBandwidth": 260,
    "ProcedureStepDescription": "Cunningham_Nathan",
    "ProtocolName": "t1_mprage_tra_p2_iso",
    "PulseSequenceDetails": "%SiemensSeq%_tfl",
    "ReceiveCoilActiveElements": "HEA;HEP",
    "ReceiveCoilName": "Head_32",
    "ReconMatrixPE": 256,
    "RepetitionTime": 2,
    "SAR": 0.0510556,
    "ScanOptions": "IR",
    "ScanningSequence": "GR_IR",
    "SequenceName": "_tfl3d1_16",
    "SequenceVariant": "SK_SP_MP",
    "SeriesDescription": "t1_mprage_tra_p2_iso",
    "SeriesNumber": 13,
    "ShimSetting": [
      -1026,
      -6983,
      -6652,
      -33,
      -35,
      26,
      -37,
      -58
    ],
    "SliceThickness": 1,
    "SoftwareVersions": "syngo_MR_E11",
    "StationName": "AWP66108",
    "TxRefAmp": 245.115,
    "dataset": "ds002294",
    "modality": "T1w",
    "subject_id": "012"
  },
  "cjv": 0.36537803754328596,
  "cnr": 3.5231885487403707,
  "efc": 0.8443542193119659,
  "fber": -1.0,
  "fwhm_avg": 3.764109707121919,
  "fwhm_x": 3.62435,
  "fwhm_y": 3.98272,
  "fwhm_z": 3.685259121365757,
  "icvs_csf": 0.21784465861052504,
  "icvs_gm": 0.40286050291761827,
  "icvs_wm": 0.3792948384718567,
  "inu_med": 0.7775187492370605,
  "inu_range": 0.18757012486457814,
  "provenance": {
    "md5sum": "6290d2cbd4117eb27cafeb122e0494d3",
    "settings": {
      "testing": false
    },
    "software": "mriqc",
    "version": "22.0.6",
    "warnings": {
      "large_rot_frame": true,
      "small_air_mask": true
    },
    "webapi_port": null,
    "webapi_url": "https://mriqc.nimh.nih.gov/api/v1"
  },
  "qi_1": -1.0,
  "qi_2": 0.0,
  "rpve_csf": 18.900518013859056,
  "rpve_gm": 9.966125226766453,
  "rpve_wm": 13.635113228993617,
  "size_x": 192,
  "size_y": 256,
  "size_z": 160,
  "snr_csf": 2.425781760220158,
  "snr_gm": 7.200053402503577,
  "snr_total": 8.624966053889436,
  "snr_wm": 16.249062998944574,
  "snrd_csf": -1.0,
  "snrd_gm": -1.0,
  "snrd_total": -1.0,
  "snrd_wm": -1.0,
  "spacing_x": 1.0,
  "spacing_y": 1.0,
  "spacing_z": 1.000000238418579,
  "summary_bg_k": 0.0,
  "summary_bg_mad": 0.0,
  "summary_bg_mean": 0.0,
  "summary_bg_median": 0.0,
  "summary_bg_n": 0.0,
  "summary_bg_p05": 0.0,
  "summary_bg_p95": 0.0,
  "summary_bg_stdv": 0.0,
  "summary_csf_k": 0.42977978124376026,
  "summary_csf_mad": 93.45889699753731,
  "summary_csf_mean": 234.28710400576483,
  "summary_csf_median": 226.56150718219578,
  "summary_csf_n": 5367.0,
  "summary_csf_p05": 96.75089100934565,
  "summary_csf_p95": 396.415303976275,
  "summary_csf_stdv": 93.38861517138174,
  "summary_gm_k": 0.24656788504943394,
  "summary_gm_mad": 84.3950636502007,
  "summary_gm_mean": 621.3279575736253,
  "summary_gm_median": 625.0908722076565,
  "summary_gm_n": 12055.0,
  "summary_gm_p05": 473.58173863310367,
  "summary_gm_p95": 756.1669324059039,
  "summary_gm_stdv": 86.81393180083364,
  "summary_wm_k": 1.5366980017365002,
  "summary_wm_mad": 52.59241762204583,
  "summary_wm_mean": 1004.2661795843231,
  "summary_wm_median": 1000.0107283471152,
  "summary_wm_n": 171312.0,
  "summary_wm_p05": 912.2098612133414,
  "summary_wm_p95": 1113.8900027610362,
  "summary_wm_stdv": 61.542490771630796,
  "tpm_overlap_csf": 0.11886991108839676,
  "tpm_overlap_gm": 0.41877265563306837,
  "tpm_overlap_wm": 0.48552816087362016,
  "wm2max": 0.7855892478964981
}