{
  "aor": 0.0003259154929577465,
  "aqi": 0.011360376112676058,
  "bids_meta": {
    "AcquisitionMatrixPE": 88,
    "AcquisitionNumber": 1,
    "AcquisitionTime": "09:20:57.305000",
    "BandwidthPerPixelPhaseEncode": 43.706,
    "BaseResolution": 88,
    "BodyPartExamined": "BRAIN",
    "ConsistencyInfo": "N4_VE11C_LATEST_20160120",
    "ConversionSoftware": "dcm2niix",
    "ConversionSoftwareVersion": "v1.0.20171215 (OpenJPEG build) GCC7.3.0",
    "DerivedVendorReportedEchoSpacing": 0.000520003,
    "DeviceSerialNumber": "66108",
    "DwellTime": 2.5e-06,
    "EchoTime": 0.026,
    "EchoTrainLength": 43,
    "EffectiveEchoSpacing": 0.000260002,
    "FlipAngle": 70,
    "ImageOrientationPatientDICOM": [
      0.996637,
      0.0819439,
      -0.000373114,
      -0.0819384,
      0.996493,
      -0.0169841
    ],
    "ImageType": [
      "ORIGINAL",
      "PRIMARY",
      "M",
      "ND",
      "NORM",
      "MOSAIC"
    ],
    "InPlanePhaseEncodingDirectionDICOM": "COL",
    "InstitutionAddress": "Huron_325_TORONTO_ONTARIO_CA_M5S_3G3",
    "InstitutionName": "University_of_Toronto",
    "InstitutionalDepartmentName": "Department",
    "MRAcquisitionType": "2D",
    "MagneticFieldStrength": 3,
    "Manufacturer": "Siemens",
    "ManufacturersModelName": "Prisma",
    "Modality": "MR",
    "MultibandAccelerationFactor": 2,
    "ParallelReductionFactorInPlane": 2,
    "PartialFourier": 1,
    "PatientPosition": "HFS",
    "PercentPhaseFOV": 100,
    "PhaseEncodingDirection": "j-",
    "PhaseEncodingSteps": 87,
    "PhaseResolution": 1,
    "PixelBandwidth": 2275,
    "ProcedureStepDescription": "Cunningham_Nathan",
    "ProtocolName": "ep2d_p2s2_run2",
    "PulseSequenceDetails": "%SiemensSeq%_ep2d_bold",
    "ReceiveCoilActiveElements": "HEA;HEP",
    "ReceiveCoilName": "Head_32",
    "ReconMatrixPE": 88,
    "RepetitionTime": 1.5,
    "SAR": 0.0773257,
    "ScanOptions": "FS",
    "ScanningSequence": "EP",
    "SequenceName": "_epfid2d1_88",
    "SequenceVariant": "SK",
    "SeriesDescription": "ep2d_p2s2_run2",
    "SeriesNumber": 7,
    "ShimSetting": [
      -1055,
      -7048,
      -6367,
      320,
      -76,
      -186,
      -19,
      -20
    ],
    "SliceThickness": 2.5,
    "SliceTiming": [
      0.7125,
      0,
      0.765,
      0.0525,
      0.82,
      0.1075,
      0.875,
      0.1625,
      0.93,
      0.2175,
      0.985,
      0.2725,
      1.04,
      0.3275,
      1.095,
      0.3825,
      1.15,
      0.4375,
      1.205,
      0.4925,
      1.26,
      0.5475,
      1.315,
      0.6025,
      1.37,
      0.6575,
      1.425,
      0.7125,
      0,
      0.765,
      0.0525,
      0.82,
      0.1075,
      0.875,
      0.1625,
      0.93,
      0.2175,
      0.985,
      0.2725,
      1.04,
      0.3275,
      1.095,
      0.3825,
      1.15,
      0.4375,
      1.205,
      0.4925,
      1.26,
      0.5475,
      1.315,
      0.6025,
      1.37,
      0.6575,
      1.425
    ],
    "SoftwareVersions": "syngo_MR_E11",
    "SpacingBetweenSlices": 3,
    "StationName": "AWP66108",
    "TaskName": "roletrait",
    "TotalReadoutTime": 0.0226202,
    "TxRefAmp": 265.597,
    "dataset": "ds002294",
    "modality": "bold",
    "run_id": 2,
    "subject_id": "035",
    "task_id": "roletrait"
  },
  "dummy_trs": 0,
  "dvars_nstd": 33.39827515988697,
  "dvars_std": 1.2727928223728815,
  "dvars_vstd": 0.9964360868361581,
  "efc": 0.5059860867688948,
  "fber": 3003.42138671875,
  "fd_mean": 0.10311532878823308,
  "fd_num": 12,
  "fd_perc": 3.380281690140845,
  "fwhm_avg": 1.6611824444444443,
  "fwhm_x": 1.622136,
  "fwhm_y": 1.845648,
  "fwhm_z": 1.5157633333333334,
  "gcor": 0.00694222,
  "gsr_x": -0.004647995810955763,
  "gsr_y": 0.012725792825222015,
  "provenance": {
    "md5sum": "4e868eff42bd1c659ffa8fc42cf83f62",
    "settings": {
      "fd_thres": 0.2,
      "testing": false
    },
    "software": "mriqc",
    "version": "22.0.6",
    "webapi_port": null,
    "webapi_url": "https://mriqc.nimh.nih.gov/api/v1"
  },
  "size_t": 355,
  "size_x": 88,
  "size_y": 88,
  "size_z": 54,
  "snr": 7.1559357199470695,
  "spacing_tr": 1.5,
  "spacing_x": 2.5,
  "spacing_y": 2.5,
  "spacing_z": 3.0,
  "summary_bg_k": 12.497906409077332,
  "summary_bg_mad": 6.719738006192192,
  "summary_bg_mean": 29.039613723754883,
  "summary_bg_median": 7.890140533447266,
  "summary_bg_n": 289969.0,
  "summary_bg_p05": 2.6394364833831787,
  "summary_bg_p95": 145.04788208007812,
  "summary_bg_stdv": 51.597206115722656,
  "summary_fg_k": 2.8589079313829657,
  "summary_fg_mad": 58.70684907700771,
  "summary_fg_mean": 436.83209228515625,
  "summary_fg_median": 433.6309814453125,
  "summary_fg_n": 66459.0,
  "summary_fg_p05": 354.3095642089844,
  "summary_fg_p95": 532.2737609863282,
  "summary_fg_stdv": 60.596927642822266,
  "tsnr": 55.54759732610546
}