{
  "aor": 0.00047599999999999997,
  "aqi": 0.01141836352112676,
  "bids_meta": {
    "AcquisitionMatrixPE": 88,
    "AcquisitionNumber": 1,
    "AcquisitionTime": "09:11:6.237500",
    "BandwidthPerPixelPhaseEncode": 43.706,
    "BaseResolution": 88,
    "BodyPartExamined": "BRAIN",
    "ConsistencyInfo": "N4_VE11C_LATEST_20160120",
    "ConversionSoftware": "dcm2niix",
    "ConversionSoftwareVersion": "v1.0.20171215 (OpenJPEG build) GCC7.3.0",
    "DerivedVendorReportedEchoSpacing": 0.000520003,
    "DeviceSerialNumber": "66108",
    "DwellTime": 2.5e-06,
    "EchoTime": 0.026,
    "EchoTrainLength": 43,
    "EffectiveEchoSpacing": 0.000260002,
    "FlipAngle": 70,
    "ImageOrientationPatientDICOM": [
      0.996637,
      0.0819439,
      -0.000373114,
      -0.0819384,
      0.996493,
      -0.0169841
    ],
    "ImageType": [
      "ORIGINAL",
      "PRIMARY",
      "M",
      "ND",
      "NORM",
      "MOSAIC"
    ],
    "InPlanePhaseEncodingDirectionDICOM": "COL",
    "InstitutionAddress": "Huron_325_TORONTO_ONTARIO_CA_M5S_3G3",
    "InstitutionName": "University_of_Toronto",
    "InstitutionalDepartmentName": "Department",
    "MRAcquisitionType": "2D",
    "MagneticFieldStrength": 3,
    "Manufacturer": "Siemens",
    "ManufacturersModelName": "Prisma",
    "Modality": "MR",
    "MultibandAccelerationFactor": 2,
    "ParallelReductionFactorInPlane": 2,
    "PartialFourier": 1,
    "PatientPosition": "HFS",
    "PercentPhaseFOV": 100,
    "PhaseEncodingDirection": "j-",
    "PhaseEncodingSteps": 87,
    "PhaseResolution": 1,
    "PixelBandwidth": 2275,
    "ProcedureStepDescription": "Cunningham_Nathan",
    "ProtocolName": "ep2d_p2s2_run1",
    "PulseSequenceDetails": "%SiemensSeq%_ep2d_bold",
    "ReceiveCoilActiveElements": "HEA;HEP",
    "ReceiveCoilName": "Head_32",
    "ReconMatrixPE": 88,
    "RepetitionTime": 1.5,
    "SAR": 0.0773257,
    "ScanOptions": "FS",
    "ScanningSequence": "EP",
    "SequenceName": "_epfid2d1_88",
    "SequenceVariant": "SK",
    "SeriesDescription": "ep2d_p2s2_run1",
    "SeriesNumber": 6,
    "ShimSetting": [
      -1053,
      -7039,
      -6346,
      372,
      -63,
      -196,
      -8,
      -7
    ],
    "SliceThickness": 2.5,
    "SliceTiming": [
      0.7125,
      0,
      0.7675,
      0.055,
      0.8225,
      0.11,
      0.8775,
      0.165,
      0.9325,
      0.22,
      0.9875,
      0.275,
      1.0425,
      0.33,
      1.0975,
      0.385,
      1.15,
      0.4375,
      1.205,
      0.4925,
      1.26,
      0.5475,
      1.315,
      0.6025,
      1.37,
      0.6575,
      1.425,
      0.7125,
      0,
      0.7675,
      0.055,
      0.8225,
      0.11,
      0.8775,
      0.165,
      0.9325,
      0.22,
      0.9875,
      0.275,
      1.0425,
      0.33,
      1.0975,
      0.385,
      1.15,
      0.4375,
      1.205,
      0.4925,
      1.26,
      0.5475,
      1.315,
      0.6025,
      1.37,
      0.6575,
      1.425
    ],
    "SoftwareVersions": "syngo_MR_E11",
    "SpacingBetweenSlices": 3,
    "StationName": "AWP66108",
    "TaskName": "roletrait",
    "TotalReadoutTime": 0.0226202,
    "TxRefAmp": 265.597,
    "dataset": "ds002294",
    "modality": "bold",
    "run_id": 1,
    "subject_id": "035",
    "task_id": "roletrait"
  },
  "dummy_trs": 0,
  "dvars_nstd": 33.14476282045196,
  "dvars_std": 1.2777569610169501,
  "dvars_vstd": 1.001776277033898,
  "efc": 0.5048486014072715,
  "fber": 3027.222412109375,
  "fd_mean": 0.09449013924314514,
  "fd_num": 6,
  "fd_perc": 1.6901408450704225,
  "fwhm_avg": 1.6668344444444445,
  "fwhm_x": 1.6327159999999998,
  "fwhm_y": 1.8492640000000002,
  "fwhm_z": 1.5185233333333334,
  "gcor": 0.0129624,
  "gsr_x": -0.005357387941330671,
  "gsr_y": 0.011057810857892036,
  "provenance": {
    "md5sum": "217b60bfbcfd50baaaa7a17bbbc8ba3c",
    "settings": {
      "fd_thres": 0.2,
      "testing": false
    },
    "software": "mriqc",
    "version": "22.0.6",
    "webapi_port": null,
    "webapi_url": "https://mriqc.nimh.nih.gov/api/v1"
  },
  "size_t": 355,
  "size_x": 88,
  "size_y": 88,
  "size_z": 54,
  "snr": 7.087552905386692,
  "spacing_tr": 1.5,
  "spacing_x": 2.5,
  "spacing_y": 2.5,
  "spacing_z": 3.0,
  "summary_bg_k": 12.447887549456452,
  "summary_bg_mad": 6.794911872608443,
  "summary_bg_mean": 29.131643295288086,
  "summary_bg_median": 7.921126365661621,
  "summary_bg_n": 290180.0,
  "summary_bg_p05": 2.616901397705078,
  "summary_bg_p95": 145.58604812622067,
  "summary_bg_stdv": 52.297393798828125,
  "summary_fg_k": 2.708933546613169,
  "summary_fg_mad": 59.65073659474925,
  "summary_fg_mean": 439.7696838378906,
  "summary_fg_median": 436.45489501953125,
  "summary_fg_n": 66270.0,
  "summary_fg_p05": 355.6816711425781,
  "summary_fg_p95": 537.4619750976562,
  "summary_fg_stdv": 61.580013275146484,
  "tsnr": 55.65167986834422
}