{
  "aor": 0.0011701977401129945,
  "aqi": 0.013372005254237289,
  "bids_meta": {
    "AcquisitionMatrixPE": 88,
    "AcquisitionNumber": 1,
    "AcquisitionTime": "09:22:41.072500",
    "BandwidthPerPixelPhaseEncode": 43.706,
    "BaseResolution": 88,
    "BodyPartExamined": "BRAIN",
    "ConsistencyInfo": "N4_VE11C_LATEST_20160120",
    "ConversionSoftware": "dcm2niix",
    "ConversionSoftwareVersion": "v1.0.20171215 (OpenJPEG build) GCC7.3.0",
    "DerivedVendorReportedEchoSpacing": 0.000520003,
    "DeviceSerialNumber": "66108",
    "DwellTime": 2.5e-06,
    "EchoTime": 0.026,
    "EchoTrainLength": 43,
    "EffectiveEchoSpacing": 0.000260002,
    "FlipAngle": 70,
    "ImageOrientationPatientDICOM": [
      0.999343,
      0.027608,
      -0.023477,
      -0.0331517,
      0.958114,
      -0.284463
    ],
    "ImageType": [
      "ORIGINAL",
      "PRIMARY",
      "M",
      "ND",
      "NORM",
      "MOSAIC"
    ],
    "InPlanePhaseEncodingDirectionDICOM": "COL",
    "InstitutionAddress": "Huron_325_TORONTO_ONTARIO_CA_M5S_3G3",
    "InstitutionName": "University_of_Toronto",
    "InstitutionalDepartmentName": "Department",
    "MRAcquisitionType": "2D",
    "MagneticFieldStrength": 3,
    "Manufacturer": "Siemens",
    "ManufacturersModelName": "Prisma",
    "Modality": "MR",
    "MultibandAccelerationFactor": 2,
    "ParallelReductionFactorInPlane": 2,
    "PartialFourier": 1,
    "PatientPosition": "HFS",
    "PercentPhaseFOV": 100,
    "PhaseEncodingDirection": "j-",
    "PhaseEncodingSteps": 87,
    "PhaseResolution": 1,
    "PixelBandwidth": 2275,
    "ProcedureStepDescription": "Cunningham_Nathan",
    "ProtocolName": "ep2d_p2s2_run2",
    "PulseSequenceDetails": "%SiemensSeq%_ep2d_bold",
    "ReceiveCoilActiveElements": "HEA;HEP",
    "ReceiveCoilName": "Head_32",
    "ReconMatrixPE": 88,
    "RepetitionTime": 1.5,
    "SAR": 0.0640688,
    "ScanOptions": "FS",
    "ScanningSequence": "EP",
    "SequenceName": "_epfid2d1_88",
    "SequenceVariant": "SK",
    "SeriesDescription": "ep2d_p2s2_run2",
    "SeriesNumber": 7,
    "ShimSetting": [
      -1031,
      -6924,
      -6423,
      361,
      -36,
      5,
      -188,
      -22
    ],
    "SliceThickness": 2.5,
    "SliceTiming": [
      0.7125,
      0,
      0.7675,
      0.055,
      0.8225,
      0.11,
      0.8775,
      0.165,
      0.9325,
      0.22,
      0.9875,
      0.275,
      1.0425,
      0.33,
      1.095,
      0.3825,
      1.15,
      0.4375,
      1.205,
      0.4925,
      1.26,
      0.5475,
      1.315,
      0.6025,
      1.37,
      0.6575,
      1.425,
      0.7125,
      0,
      0.7675,
      0.055,
      0.8225,
      0.11,
      0.8775,
      0.165,
      0.9325,
      0.22,
      0.9875,
      0.275,
      1.0425,
      0.33,
      1.095,
      0.3825,
      1.15,
      0.4375,
      1.205,
      0.4925,
      1.26,
      0.5475,
      1.315,
      0.6025,
      1.37,
      0.6575,
      1.425
    ],
    "SoftwareVersions": "syngo_MR_E11",
    "SpacingBetweenSlices": 3,
    "StationName": "AWP66108",
    "TaskName": "roletrait",
    "TotalReadoutTime": 0.0226202,
    "TxRefAmp": 256.966,
    "dataset": "ds002294",
    "modality": "bold",
    "run_id": 2,
    "subject_id": "027",
    "task_id": "roletrait"
  },
  "dummy_trs": 1,
  "dvars_nstd": 39.04373430461756,
  "dvars_std": 1.3167656754390933,
  "dvars_vstd": 1.0101555005382417,
  "efc": 0.5192650135275132,
  "fber": 4155.5029296875,
  "fd_mean": 0.15998932059985252,
  "fd_num": 47,
  "fd_perc": 13.27683615819209,
  "fwhm_avg": 1.647262666666667,
  "fwhm_x": 1.5916000000000001,
  "fwhm_y": 1.8249680000000001,
  "fwhm_z": 1.52522,
  "gcor": 0.00446252,
  "gsr_x": 0.0008061848930083215,
  "gsr_y": 0.03038548119366169,
  "provenance": {
    "md5sum": "0a9bfc707bd213181c264f84a2f59052",
    "settings": {
      "fd_thres": 0.2,
      "testing": false
    },
    "software": "mriqc",
    "version": "22.0.6",
    "webapi_port": null,
    "webapi_url": "https://mriqc.nimh.nih.gov/api/v1"
  },
  "size_t": 354,
  "size_x": 88,
  "size_y": 88,
  "size_z": 54,
  "snr": 6.2685967920266545,
  "spacing_tr": 1.5,
  "spacing_x": 2.5,
  "spacing_y": 2.5,
  "spacing_z": 3.0,
  "summary_bg_k": 18.595706289134117,
  "summary_bg_mad": 5.084404186311987,
  "summary_bg_mean": 26.210025787353516,
  "summary_bg_median": 6.646892547607422,
  "summary_bg_n": 274481.0,
  "summary_bg_p05": 2.48305082321167,
  "summary_bg_p95": 131.3474578857422,
  "summary_bg_stdv": 50.954139709472656,
  "summary_fg_k": 2.397871093384217,
  "summary_fg_mad": 63.99271419176127,
  "summary_fg_mean": 436.7146911621094,
  "summary_fg_median": 431.1934814453125,
  "summary_fg_n": 77908.0,
  "summary_fg_p05": 347.0744384765625,
  "summary_fg_p95": 550.6158447265625,
  "summary_fg_stdv": 68.78584289550781,
  "tsnr": 48.25485843513161
}