{
  "aor": 0.000395042492917847,
  "aqi": 0.009633875892351275,
  "bids_meta": {
    "AcquisitionMatrixPE": 88,
    "AcquisitionNumber": 1,
    "AcquisitionTime": "09:42:39.650000",
    "BandwidthPerPixelPhaseEncode": 43.706,
    "BaseResolution": 88,
    "BodyPartExamined": "BRAIN",
    "ConsistencyInfo": "N4_VE11C_LATEST_20160120",
    "ConversionSoftware": "dcm2niix",
    "ConversionSoftwareVersion": "v1.0.20171215 (OpenJPEG build) GCC7.3.0",
    "DerivedVendorReportedEchoSpacing": 0.000520003,
    "DeviceSerialNumber": "66108",
    "DwellTime": 2.5e-06,
    "EchoTime": 0.026,
    "EchoTrainLength": 43,
    "EffectiveEchoSpacing": 0.000260002,
    "FlipAngle": 70,
    "ImageOrientationPatientDICOM": [
      0.999343,
      0.027608,
      -0.023477,
      -0.0331517,
      0.958114,
      -0.284463
    ],
    "ImageType": [
      "ORIGINAL",
      "PRIMARY",
      "M",
      "ND",
      "NORM",
      "MOSAIC"
    ],
    "InPlanePhaseEncodingDirectionDICOM": "COL",
    "InstitutionAddress": "Huron_325_TORONTO_ONTARIO_CA_M5S_3G3",
    "InstitutionName": "University_of_Toronto",
    "InstitutionalDepartmentName": "Department",
    "MRAcquisitionType": "2D",
    "MagneticFieldStrength": 3,
    "Manufacturer": "Siemens",
    "ManufacturersModelName": "Prisma",
    "Modality": "MR",
    "MultibandAccelerationFactor": 2,
    "ParallelReductionFactorInPlane": 2,
    "PartialFourier": 1,
    "PatientPosition": "HFS",
    "PercentPhaseFOV": 100,
    "PhaseEncodingDirection": "j-",
    "PhaseEncodingSteps": 87,
    "PhaseResolution": 1,
    "PixelBandwidth": 2275,
    "ProcedureStepDescription": "Cunningham_Nathan",
    "ProtocolName": "ep2d_p2s2_run4",
    "PulseSequenceDetails": "%SiemensSeq%_ep2d_bold",
    "ReceiveCoilActiveElements": "HEA;HEP",
    "ReceiveCoilName": "Head_32",
    "ReconMatrixPE": 88,
    "RepetitionTime": 1.5,
    "SAR": 0.0640688,
    "ScanOptions": "FS",
    "ScanningSequence": "EP",
    "SequenceName": "_epfid2d1_88",
    "SequenceVariant": "SK",
    "SeriesDescription": "ep2d_p2s2_run4",
    "SeriesNumber": 9,
    "ShimSetting": [
      -1031,
      -6924,
      -6423,
      361,
      -36,
      5,
      -188,
      -22
    ],
    "SliceThickness": 2.5,
    "SliceTiming": [
      0.7125,
      0,
      0.7675,
      0.055,
      0.8225,
      0.11,
      0.8775,
      0.165,
      0.9325,
      0.22,
      0.9875,
      0.275,
      1.0425,
      0.33,
      1.0975,
      0.385,
      1.1525,
      0.44,
      1.2075,
      0.495,
      1.2625,
      0.55,
      1.3175,
      0.605,
      1.3725,
      0.66,
      1.4275,
      0.7125,
      0,
      0.7675,
      0.055,
      0.8225,
      0.11,
      0.8775,
      0.165,
      0.9325,
      0.22,
      0.9875,
      0.275,
      1.0425,
      0.33,
      1.0975,
      0.385,
      1.1525,
      0.44,
      1.2075,
      0.495,
      1.2625,
      0.55,
      1.3175,
      0.605,
      1.3725,
      0.66,
      1.4275
    ],
    "SoftwareVersions": "syngo_MR_E11",
    "SpacingBetweenSlices": 3,
    "StationName": "AWP66108",
    "TaskName": "roletrait",
    "TotalReadoutTime": 0.0226202,
    "TxRefAmp": 256.966,
    "dataset": "ds002294",
    "modality": "bold",
    "run_id": 4,
    "subject_id": "027",
    "task_id": "roletrait"
  },
  "dummy_trs": 2,
  "dvars_nstd": 37.063204619147754,
  "dvars_std": 1.2392354723011363,
  "dvars_vstd": 1.0042268821022724,
  "efc": 0.5206059733719992,
  "fber": 3963.758056640625,
  "fd_mean": 0.15624687317928165,
  "fd_num": 29,
  "fd_perc": 8.215297450424929,
  "fwhm_avg": 1.6067539999999998,
  "fwhm_x": 1.552932,
  "fwhm_y": 1.7686800000000003,
  "fwhm_z": 1.4986499999999998,
  "gcor": 0.00499338,
  "gsr_x": 0.0062642889097332954,
  "gsr_y": 0.030793005600571632,
  "provenance": {
    "md5sum": "dced14cb7aacf6c2a847f52247dd9e83",
    "settings": {
      "fd_thres": 0.2,
      "testing": false
    },
    "software": "mriqc",
    "version": "22.0.6",
    "webapi_port": null,
    "webapi_url": "https://mriqc.nimh.nih.gov/api/v1"
  },
  "size_t": 353,
  "size_x": 88,
  "size_y": 88,
  "size_z": 54,
  "snr": 6.354040074607061,
  "spacing_tr": 1.5,
  "spacing_x": 2.5,
  "spacing_y": 2.5,
  "spacing_z": 3.0,
  "summary_bg_k": 15.935307038198026,
  "summary_bg_mad": 5.170207547231422,
  "summary_bg_mean": 27.473041534423828,
  "summary_bg_median": 6.79036808013916,
  "summary_bg_n": 275960.0,
  "summary_bg_p05": 2.6005666255950928,
  "summary_bg_p95": 140.72534637451167,
  "summary_bg_stdv": 53.47956848144531,
  "summary_fg_k": 2.3838013268272897,
  "summary_fg_mad": 63.575483467946896,
  "summary_fg_mean": 435.8708801269531,
  "summary_fg_median": 430.73370361328125,
  "summary_fg_n": 77631.0,
  "summary_fg_p05": 347.48724365234375,
  "summary_fg_p95": 547.0679931640625,
  "summary_fg_stdv": 67.78851318359375,
  "tsnr": 54.96018231078051
}