{
  "aor": 0.0006823661971830985,
  "aqi": 0.014236186394366197,
  "bids_meta": {
    "AcquisitionMatrixPE": 88,
    "AcquisitionNumber": 1,
    "AcquisitionTime": "09:12:51.365000",
    "BandwidthPerPixelPhaseEncode": 43.706,
    "BaseResolution": 88,
    "BodyPartExamined": "BRAIN",
    "ConsistencyInfo": "N4_VE11C_LATEST_20160120",
    "ConversionSoftware": "dcm2niix",
    "ConversionSoftwareVersion": "v1.0.20171215 (OpenJPEG build) GCC7.3.0",
    "DerivedVendorReportedEchoSpacing": 0.000520003,
    "DeviceSerialNumber": "66108",
    "DwellTime": 2.5e-06,
    "EchoTime": 0.026,
    "EchoTrainLength": 43,
    "EffectiveEchoSpacing": 0.000260002,
    "FlipAngle": 70,
    "ImageOrientationPatientDICOM": [
      0.999343,
      0.027608,
      -0.023477,
      -0.0331517,
      0.958114,
      -0.284463
    ],
    "ImageType": [
      "ORIGINAL",
      "PRIMARY",
      "M",
      "ND",
      "NORM",
      "MOSAIC"
    ],
    "InPlanePhaseEncodingDirectionDICOM": "COL",
    "InstitutionAddress": "Huron_325_TORONTO_ONTARIO_CA_M5S_3G3",
    "InstitutionName": "University_of_Toronto",
    "InstitutionalDepartmentName": "Department",
    "MRAcquisitionType": "2D",
    "MagneticFieldStrength": 3,
    "Manufacturer": "Siemens",
    "ManufacturersModelName": "Prisma",
    "Modality": "MR",
    "MultibandAccelerationFactor": 2,
    "ParallelReductionFactorInPlane": 2,
    "PartialFourier": 1,
    "PatientPosition": "HFS",
    "PercentPhaseFOV": 100,
    "PhaseEncodingDirection": "j-",
    "PhaseEncodingSteps": 87,
    "PhaseResolution": 1,
    "PixelBandwidth": 2275,
    "ProcedureStepDescription": "Cunningham_Nathan",
    "ProtocolName": "ep2d_p2s2_run1",
    "PulseSequenceDetails": "%SiemensSeq%_ep2d_bold",
    "ReceiveCoilActiveElements": "HEA;HEP",
    "ReceiveCoilName": "Head_32",
    "ReconMatrixPE": 88,
    "RepetitionTime": 1.5,
    "SAR": 0.0640688,
    "ScanOptions": "FS",
    "ScanningSequence": "EP",
    "SequenceName": "_epfid2d1_88",
    "SequenceVariant": "SK",
    "SeriesDescription": "ep2d_p2s2_run1",
    "SeriesNumber": 6,
    "ShimSetting": [
      -1033,
      -6924,
      -6419,
      376,
      -70,
      78,
      -217,
      -21
    ],
    "SliceThickness": 2.5,
    "SliceTiming": [
      0.7125,
      0,
      0.7675,
      0.055,
      0.8225,
      0.11,
      0.8775,
      0.165,
      0.9325,
      0.22,
      0.9875,
      0.275,
      1.0425,
      0.33,
      1.0975,
      0.385,
      1.1525,
      0.44,
      1.2075,
      0.495,
      1.2625,
      0.55,
      1.3175,
      0.605,
      1.37,
      0.6575,
      1.425,
      0.7125,
      0,
      0.7675,
      0.055,
      0.8225,
      0.11,
      0.8775,
      0.165,
      0.9325,
      0.22,
      0.9875,
      0.275,
      1.0425,
      0.33,
      1.0975,
      0.385,
      1.1525,
      0.44,
      1.2075,
      0.495,
      1.2625,
      0.55,
      1.3175,
      0.605,
      1.37,
      0.6575,
      1.425
    ],
    "SoftwareVersions": "syngo_MR_E11",
    "SpacingBetweenSlices": 3,
    "StationName": "AWP66108",
    "TaskName": "roletrait",
    "TotalReadoutTime": 0.0226202,
    "TxRefAmp": 256.966,
    "dataset": "ds002294",
    "modality": "bold",
    "run_id": 1,
    "subject_id": "027",
    "task_id": "roletrait"
  },
  "dummy_trs": 0,
  "dvars_nstd": 38.52689051262712,
  "dvars_std": 1.2916666473163831,
  "dvars_vstd": 0.9817981598587568,
  "efc": 0.5199737324186543,
  "fber": 3856.470947265625,
  "fd_mean": 0.14062929178747025,
  "fd_num": 16,
  "fd_perc": 4.507042253521127,
  "fwhm_avg": 1.6634108888888888,
  "fwhm_x": 1.591764,
  "fwhm_y": 1.837972,
  "fwhm_z": 1.5604966666666666,
  "gcor": 0.00884435,
  "gsr_x": -0.0009851610520854592,
  "gsr_y": 0.029216833412647247,
  "provenance": {
    "md5sum": "6b345887ec14737220da18ddc3af38a8",
    "settings": {
      "fd_thres": 0.2,
      "testing": false
    },
    "software": "mriqc",
    "version": "22.0.6",
    "webapi_port": null,
    "webapi_url": "https://mriqc.nimh.nih.gov/api/v1"
  },
  "size_t": 355,
  "size_x": 88,
  "size_y": 88,
  "size_z": 54,
  "snr": 6.293863700083426,
  "spacing_tr": 1.5,
  "spacing_x": 2.5,
  "spacing_y": 2.5,
  "spacing_z": 3.0,
  "summary_bg_k": 18.868307277998497,
  "summary_bg_mad": 5.245488164581795,
  "summary_bg_mean": 26.060043334960938,
  "summary_bg_median": 6.8366193771362305,
  "summary_bg_n": 274195.0,
  "summary_bg_p05": 2.6084506511688232,
  "summary_bg_p95": 129.33605194091794,
  "summary_bg_stdv": 50.734214782714844,
  "summary_fg_k": 2.42460258130124,
  "summary_fg_mad": 63.532658669368544,
  "summary_fg_mean": 435.1685485839844,
  "summary_fg_median": 430.2042236328125,
  "summary_fg_n": 78070.0,
  "summary_fg_p05": 346.3377319335938,
  "summary_fg_p95": 548.0747863769532,
  "summary_fg_stdv": 68.35252380371094,
  "tsnr": 47.4924289167393
}