{
  "aor": 0.0020007887323943664,
  "aqi": 0.009646689830985915,
  "bids_meta": {
    "AcquisitionMatrixPE": 88,
    "AcquisitionNumber": 1,
    "AcquisitionTime": "12:56:30.572500",
    "BandwidthPerPixelPhaseEncode": 43.706,
    "BaseResolution": 88,
    "BodyPartExamined": "BRAIN",
    "ConsistencyInfo": "N4_VE11C_LATEST_20160120",
    "ConversionSoftware": "dcm2niix",
    "ConversionSoftwareVersion": "v1.0.20171215 (OpenJPEG build) GCC7.3.0",
    "DerivedVendorReportedEchoSpacing": 0.000520003,
    "DeviceSerialNumber": "66108",
    "DwellTime": 2.5e-06,
    "EchoTime": 0.026,
    "EchoTrainLength": 43,
    "EffectiveEchoSpacing": 0.000260002,
    "FlipAngle": 70,
    "ImageOrientationPatientDICOM": [
      0.99184,
      0.117872,
      -0.0485799,
      -0.110201,
      0.984254,
      0.138202
    ],
    "ImageType": [
      "ORIGINAL",
      "PRIMARY",
      "M",
      "ND",
      "NORM",
      "MOSAIC"
    ],
    "InPlanePhaseEncodingDirectionDICOM": "COL",
    "InstitutionAddress": "Huron_325_TORONTO_ONTARIO_CA_M5S_3G3",
    "InstitutionName": "University_of_Toronto",
    "InstitutionalDepartmentName": "Department",
    "MRAcquisitionType": "2D",
    "MagneticFieldStrength": 3,
    "Manufacturer": "Siemens",
    "ManufacturersModelName": "Prisma",
    "Modality": "MR",
    "MultibandAccelerationFactor": 2,
    "ParallelReductionFactorInPlane": 2,
    "PartialFourier": 1,
    "PatientPosition": "HFS",
    "PercentPhaseFOV": 100,
    "PhaseEncodingDirection": "j-",
    "PhaseEncodingSteps": 87,
    "PhaseResolution": 1,
    "PixelBandwidth": 2275,
    "ProcedureStepDescription": "Cunningham_Nathan",
    "ProtocolName": "ep2d_p2s2_run4",
    "PulseSequenceDetails": "%SiemensSeq%_ep2d_bold",
    "ReceiveCoilActiveElements": "HEA;HEP",
    "ReceiveCoilName": "Head_32",
    "ReconMatrixPE": 88,
    "RepetitionTime": 1.5,
    "SAR": 0.0680808,
    "ScanOptions": "FS",
    "ScanningSequence": "EP",
    "SequenceName": "_epfid2d1_88",
    "SequenceVariant": "SK",
    "SeriesDescription": "ep2d_p2s2_run4",
    "SeriesNumber": 9,
    "ShimSetting": [
      -1047,
      -7061,
      -6385,
      368,
      -50,
      -138,
      -105,
      21
    ],
    "SliceThickness": 2.5,
    "SliceTiming": [
      0.7125,
      0,
      0.7675,
      0.055,
      0.8225,
      0.11,
      0.8775,
      0.165,
      0.93,
      0.2175,
      0.985,
      0.2725,
      1.04,
      0.3275,
      1.095,
      0.3825,
      1.15,
      0.4375,
      1.205,
      0.4925,
      1.26,
      0.5475,
      1.315,
      0.6025,
      1.37,
      0.6575,
      1.425,
      0.7125,
      0,
      0.7675,
      0.055,
      0.8225,
      0.11,
      0.8775,
      0.165,
      0.93,
      0.2175,
      0.985,
      0.2725,
      1.04,
      0.3275,
      1.095,
      0.3825,
      1.15,
      0.4375,
      1.205,
      0.4925,
      1.26,
      0.5475,
      1.315,
      0.6025,
      1.37,
      0.6575,
      1.425
    ],
    "SoftwareVersions": "syngo_MR_E11",
    "SpacingBetweenSlices": 3,
    "StationName": "AWP66108",
    "TaskName": "roletrait",
    "TotalReadoutTime": 0.0226202,
    "TxRefAmp": 244.932,
    "dataset": "ds002294",
    "modality": "bold",
    "run_id": 4,
    "subject_id": "034",
    "task_id": "roletrait"
  },
  "dummy_trs": 0,
  "dvars_nstd": 35.55828520110172,
  "dvars_std": 1.356344352711865,
  "dvars_vstd": 1.025161663361582,
  "efc": 0.4882285046354743,
  "fber": 3662.4453125,
  "fd_mean": 0.1253747847649913,
  "fd_num": 25,
  "fd_perc": 7.042253521126761,
  "fwhm_avg": 1.8148828888888888,
  "fwhm_x": 1.756396,
  "fwhm_y": 1.9788160000000001,
  "fwhm_z": 1.7094366666666667,
  "gcor": 0.0110203,
  "gsr_x": 0.0026569149922579527,
  "gsr_y": 0.012468000873923302,
  "provenance": {
    "md5sum": "3db2b0cfe17703eb45930fd3ea0f4720",
    "settings": {
      "fd_thres": 0.2,
      "testing": false
    },
    "software": "mriqc",
    "version": "22.0.6",
    "webapi_port": null,
    "webapi_url": "https://mriqc.nimh.nih.gov/api/v1"
  },
  "size_t": 355,
  "size_x": 88,
  "size_y": 88,
  "size_z": 54,
  "snr": 5.996614984835563,
  "spacing_tr": 1.5,
  "spacing_x": 2.5,
  "spacing_y": 2.5,
  "spacing_z": 3.0,
  "summary_bg_k": 22.793920707507034,
  "summary_bg_mad": 7.058021112025152,
  "summary_bg_mean": 25.082788467407227,
  "summary_bg_median": 8.219717979431152,
  "summary_bg_n": 286272.0,
  "summary_bg_p05": 2.732394218444824,
  "summary_bg_p95": 106.32619209289564,
  "summary_bg_stdv": 46.665863037109375,
  "summary_fg_k": 1.7475847324252616,
  "summary_fg_mad": 81.74360451384688,
  "summary_fg_mean": 507.6076354980469,
  "summary_fg_median": 501.3492736816406,
  "summary_fg_n": 69933.0,
  "summary_fg_p05": 395.4670166015625,
  "summary_fg_p95": 649.0157470703124,
  "summary_fg_stdv": 83.60478210449219,
  "tsnr": 54.24864065484144
}