{
  "aor": 0.0005546478873239437,
  "aqi": 0.01229979552112676,
  "bids_meta": {
    "AcquisitionMatrixPE": 88,
    "AcquisitionNumber": 1,
    "AcquisitionTime": "12:46:34.730000",
    "BandwidthPerPixelPhaseEncode": 43.706,
    "BaseResolution": 88,
    "BodyPartExamined": "BRAIN",
    "ConsistencyInfo": "N4_VE11C_LATEST_20160120",
    "ConversionSoftware": "dcm2niix",
    "ConversionSoftwareVersion": "v1.0.20171215 (OpenJPEG build) GCC7.3.0",
    "DerivedVendorReportedEchoSpacing": 0.000520003,
    "DeviceSerialNumber": "66108",
    "DwellTime": 2.5e-06,
    "EchoTime": 0.026,
    "EchoTrainLength": 43,
    "EffectiveEchoSpacing": 0.000260002,
    "FlipAngle": 70,
    "ImageOrientationPatientDICOM": [
      0.99184,
      0.117872,
      -0.0485799,
      -0.110201,
      0.984254,
      0.138202
    ],
    "ImageType": [
      "ORIGINAL",
      "PRIMARY",
      "M",
      "ND",
      "NORM",
      "MOSAIC"
    ],
    "InPlanePhaseEncodingDirectionDICOM": "COL",
    "InstitutionAddress": "Huron_325_TORONTO_ONTARIO_CA_M5S_3G3",
    "InstitutionName": "University_of_Toronto",
    "InstitutionalDepartmentName": "Department",
    "MRAcquisitionType": "2D",
    "MagneticFieldStrength": 3,
    "Manufacturer": "Siemens",
    "ManufacturersModelName": "Prisma",
    "Modality": "MR",
    "MultibandAccelerationFactor": 2,
    "ParallelReductionFactorInPlane": 2,
    "PartialFourier": 1,
    "PatientPosition": "HFS",
    "PercentPhaseFOV": 100,
    "PhaseEncodingDirection": "j-",
    "PhaseEncodingSteps": 87,
    "PhaseResolution": 1,
    "PixelBandwidth": 2275,
    "ProcedureStepDescription": "Cunningham_Nathan",
    "ProtocolName": "ep2d_p2s2_run3",
    "PulseSequenceDetails": "%SiemensSeq%_ep2d_bold",
    "ReceiveCoilActiveElements": "HEA;HEP",
    "ReceiveCoilName": "Head_32",
    "ReconMatrixPE": 88,
    "RepetitionTime": 1.5,
    "SAR": 0.0680808,
    "ScanOptions": "FS",
    "ScanningSequence": "EP",
    "SequenceName": "_epfid2d1_88",
    "SequenceVariant": "SK",
    "SeriesDescription": "ep2d_p2s2_run3",
    "SeriesNumber": 8,
    "ShimSetting": [
      -1047,
      -7061,
      -6385,
      368,
      -50,
      -138,
      -105,
      21
    ],
    "SliceThickness": 2.5,
    "SliceTiming": [
      0.7125,
      0,
      0.7675,
      0.055,
      0.82,
      0.1075,
      0.875,
      0.1625,
      0.93,
      0.2175,
      0.985,
      0.2725,
      1.04,
      0.3275,
      1.095,
      0.3825,
      1.15,
      0.4375,
      1.205,
      0.4925,
      1.26,
      0.5475,
      1.315,
      0.6025,
      1.37,
      0.6575,
      1.425,
      0.7125,
      0,
      0.7675,
      0.055,
      0.82,
      0.1075,
      0.875,
      0.1625,
      0.93,
      0.2175,
      0.985,
      0.2725,
      1.04,
      0.3275,
      1.095,
      0.3825,
      1.15,
      0.4375,
      1.205,
      0.4925,
      1.26,
      0.5475,
      1.315,
      0.6025,
      1.37,
      0.6575,
      1.425
    ],
    "SoftwareVersions": "syngo_MR_E11",
    "SpacingBetweenSlices": 3,
    "StationName": "AWP66108",
    "TaskName": "roletrait",
    "TotalReadoutTime": 0.0226202,
    "TxRefAmp": 244.932,
    "dataset": "ds002294",
    "modality": "bold",
    "run_id": 3,
    "subject_id": "034",
    "task_id": "roletrait"
  },
  "dummy_trs": 0,
  "dvars_nstd": 36.762792684237304,
  "dvars_std": 1.3241727912146894,
  "dvars_vstd": 0.9757013562994357,
  "efc": 0.48777103706247826,
  "fber": 3716.492431640625,
  "fd_mean": 0.11927784994107576,
  "fd_num": 26,
  "fd_perc": 7.323943661971831,
  "fwhm_avg": 1.8255426666666665,
  "fwhm_x": 1.7627,
  "fwhm_y": 1.995608,
  "fwhm_z": 1.71832,
  "gcor": 0.00771728,
  "gsr_x": 0.00203388137742877,
  "gsr_y": 0.012856721878051758,
  "provenance": {
    "md5sum": "032238844fb933797ca41dadb77551b7",
    "settings": {
      "fd_thres": 0.2,
      "testing": false
    },
    "software": "mriqc",
    "version": "22.0.6",
    "webapi_port": null,
    "webapi_url": "https://mriqc.nimh.nih.gov/api/v1"
  },
  "size_t": 355,
  "size_x": 88,
  "size_y": 88,
  "size_z": 54,
  "snr": 6.02972821112398,
  "spacing_tr": 1.5,
  "spacing_x": 2.5,
  "spacing_y": 2.5,
  "spacing_z": 3.0,
  "summary_bg_k": 23.20284480319324,
  "summary_bg_mad": 7.041316358234741,
  "summary_bg_mean": 24.771913528442383,
  "summary_bg_median": 8.146478652954102,
  "summary_bg_n": 286228.0,
  "summary_bg_p05": 2.695774555206299,
  "summary_bg_p95": 104.3716854095456,
  "summary_bg_stdv": 45.85199737548828,
  "summary_fg_k": 1.6526460318225764,
  "summary_fg_mad": 81.10460331963439,
  "summary_fg_mean": 506.82098388671875,
  "summary_fg_median": 500.4873046875,
  "summary_fg_n": 69939.0,
  "summary_fg_p05": 395.17661437988284,
  "summary_fg_p95": 647.7813964843749,
  "summary_fg_stdv": 83.00270080566406,
  "tsnr": 50.065206775441766
}