{
  "aor": 0.006706410256410257,
  "aqi": 0.01719604128205128,
  "bids_meta": {
    "AcquisitionMatrixPE": 88,
    "AcquisitionNumber": 1,
    "AcquisitionTime": "12:27:1.222500",
    "BandwidthPerPixelPhaseEncode": 43.706,
    "BaseResolution": 88,
    "BodyPartExamined": "BRAIN",
    "ConsistencyInfo": "N4_VE11C_LATEST_20160120",
    "ConversionSoftware": "dcm2niix",
    "ConversionSoftwareVersion": "v1.0.20171215 (OpenJPEG build) GCC7.3.0",
    "DerivedVendorReportedEchoSpacing": 0.000520003,
    "DeviceSerialNumber": "66108",
    "DwellTime": 2.5e-06,
    "EchoTime": 0.026,
    "EchoTrainLength": 43,
    "EffectiveEchoSpacing": 0.000260002,
    "FlipAngle": 70,
    "ImageOrientationPatientDICOM": [
      0.99184,
      0.117872,
      -0.0485799,
      -0.110201,
      0.984254,
      0.138202
    ],
    "ImageType": [
      "ORIGINAL",
      "PRIMARY",
      "M",
      "ND",
      "NORM",
      "MOSAIC"
    ],
    "InPlanePhaseEncodingDirectionDICOM": "COL",
    "InstitutionAddress": "Huron_325_TORONTO_ONTARIO_CA_M5S_3G3",
    "InstitutionName": "University_of_Toronto",
    "InstitutionalDepartmentName": "Department",
    "MRAcquisitionType": "2D",
    "MagneticFieldStrength": 3,
    "Manufacturer": "Siemens",
    "ManufacturersModelName": "Prisma",
    "Modality": "MR",
    "MultibandAccelerationFactor": 2,
    "ParallelReductionFactorInPlane": 2,
    "PartialFourier": 1,
    "PatientPosition": "HFS",
    "PercentPhaseFOV": 100,
    "PhaseEncodingDirection": "j-",
    "PhaseEncodingSteps": 87,
    "PhaseResolution": 1,
    "PixelBandwidth": 2275,
    "ProcedureStepDescription": "Cunningham_Nathan",
    "ProtocolName": "ep2d_p2s2_run1",
    "PulseSequenceDetails": "%SiemensSeq%_ep2d_bold",
    "ReceiveCoilActiveElements": "HEA;HEP",
    "ReceiveCoilName": "Head_32",
    "ReconMatrixPE": 88,
    "RepetitionTime": 1.5,
    "SAR": 0.0680808,
    "ScanOptions": "FS",
    "ScanningSequence": "EP",
    "SequenceName": "_epfid2d1_88",
    "SequenceVariant": "SK",
    "SeriesDescription": "ep2d_p2s2_run1",
    "SeriesNumber": 6,
    "ShimSetting": [
      -1058,
      -7066,
      -6369,
      405,
      -42,
      -142,
      -31,
      25
    ],
    "SliceThickness": 2.5,
    "SliceTiming": [
      0.7125,
      0,
      0.7675,
      0.055,
      0.8225,
      0.11,
      0.8775,
      0.165,
      0.9325,
      0.22,
      0.9875,
      0.275,
      1.0425,
      0.33,
      1.095,
      0.3825,
      1.15,
      0.4375,
      1.205,
      0.4925,
      1.26,
      0.5475,
      1.315,
      0.6025,
      1.37,
      0.6575,
      1.425,
      0.7125,
      0,
      0.7675,
      0.055,
      0.8225,
      0.11,
      0.8775,
      0.165,
      0.9325,
      0.22,
      0.9875,
      0.275,
      1.0425,
      0.33,
      1.095,
      0.3825,
      1.15,
      0.4375,
      1.205,
      0.4925,
      1.26,
      0.5475,
      1.315,
      0.6025,
      1.37,
      0.6575,
      1.425
    ],
    "SoftwareVersions": "syngo_MR_E11",
    "SpacingBetweenSlices": 3,
    "StationName": "AWP66108",
    "TaskName": "roletrait",
    "TotalReadoutTime": 0.0226202,
    "TxRefAmp": 244.932,
    "dataset": "ds002294",
    "modality": "bold",
    "run_id": 1,
    "subject_id": "034",
    "task_id": "roletrait"
  },
  "dummy_trs": 4,
  "dvars_nstd": 40.654558263542846,
  "dvars_std": 1.2859318424857136,
  "dvars_vstd": 1.0143166978000002,
  "efc": 0.48831702886934597,
  "fber": 3611.96044921875,
  "fd_mean": 0.2748070760920423,
  "fd_num": 97,
  "fd_perc": 27.635327635327634,
  "fwhm_avg": 1.8355742222222222,
  "fwhm_x": 1.769068,
  "fwhm_y": 2.007228,
  "fwhm_z": 1.7304266666666666,
  "gcor": 0.0150356,
  "gsr_x": 0.0013064115773886442,
  "gsr_y": 0.012345676310360432,
  "provenance": {
    "md5sum": "a7408c9b11901c5a82a75439605261ba",
    "settings": {
      "fd_thres": 0.2,
      "testing": false
    },
    "software": "mriqc",
    "version": "22.0.6",
    "webapi_port": null,
    "webapi_url": "https://mriqc.nimh.nih.gov/api/v1"
  },
  "size_t": 351,
  "size_x": 88,
  "size_y": 88,
  "size_z": 54,
  "snr": 6.035378006659944,
  "spacing_tr": 1.5,
  "spacing_x": 2.5,
  "spacing_y": 2.5,
  "spacing_z": 3.0,
  "summary_bg_k": 21.41142044159194,
  "summary_bg_mad": 7.2356051792149865,
  "summary_bg_mean": 24.394508361816406,
  "summary_bg_median": 8.284900665283203,
  "summary_bg_n": 285769.0,
  "summary_bg_p05": 2.669515609741211,
  "summary_bg_p95": 102.06267547607422,
  "summary_bg_stdv": 44.15922164916992,
  "summary_fg_k": 1.7365578556262538,
  "summary_fg_mad": 81.58748516097353,
  "summary_fg_mean": 506.18402099609375,
  "summary_fg_median": 499.97576904296875,
  "summary_fg_n": 70270.0,
  "summary_fg_p05": 394.9401550292969,
  "summary_fg_p95": 646.8488769531251,
  "summary_fg_stdv": 82.84024810791016,
  "tsnr": 40.700609188643284
}