{
  "aor": 0.000444056338028169,
  "aqi": 0.00912499932394366,
  "bids_meta": {
    "AcquisitionMatrixPE": 88,
    "AcquisitionNumber": 1,
    "AcquisitionTime": "10:12:13.982500",
    "BandwidthPerPixelPhaseEncode": 43.706,
    "BaseResolution": 88,
    "BodyPartExamined": "BRAIN",
    "ConsistencyInfo": "N4_VE11C_LATEST_20160120",
    "ConversionSoftware": "dcm2niix",
    "ConversionSoftwareVersion": "v1.0.20171215 (OpenJPEG build) GCC7.3.0",
    "DerivedVendorReportedEchoSpacing": 0.000520003,
    "DeviceSerialNumber": "66108",
    "DwellTime": 2.5e-06,
    "EchoTime": 0.026,
    "EchoTrainLength": 43,
    "EffectiveEchoSpacing": 0.000260002,
    "FlipAngle": 70,
    "ImageOrientationPatientDICOM": [
      0.993791,
      0.0999942,
      0.0487902,
      -0.104452,
      0.98954,
      0.099504
    ],
    "ImageType": [
      "ORIGINAL",
      "PRIMARY",
      "M",
      "ND",
      "NORM",
      "MOSAIC"
    ],
    "InPlanePhaseEncodingDirectionDICOM": "COL",
    "InstitutionAddress": "Huron_325_TORONTO_ONTARIO_CA_M5S_3G3",
    "InstitutionName": "University_of_Toronto",
    "InstitutionalDepartmentName": "Department",
    "MRAcquisitionType": "2D",
    "MagneticFieldStrength": 3,
    "Manufacturer": "Siemens",
    "ManufacturersModelName": "Prisma",
    "Modality": "MR",
    "MultibandAccelerationFactor": 2,
    "ParallelReductionFactorInPlane": 2,
    "PartialFourier": 1,
    "PatientPosition": "HFS",
    "PercentPhaseFOV": 100,
    "PhaseEncodingDirection": "j-",
    "PhaseEncodingSteps": 87,
    "PhaseResolution": 1,
    "PixelBandwidth": 2275,
    "ProcedureStepDescription": "Cunningham_Nathan",
    "ProtocolName": "ep2d_p2s2_run3",
    "PulseSequenceDetails": "%SiemensSeq%_ep2d_bold",
    "ReceiveCoilActiveElements": "HEA;HEP",
    "ReceiveCoilName": "Head_32",
    "ReconMatrixPE": 88,
    "RepetitionTime": 1.5,
    "SAR": 0.0715646,
    "ScanOptions": "FS",
    "ScanningSequence": "EP",
    "SequenceName": "_epfid2d1_88",
    "SequenceVariant": "SK",
    "SeriesDescription": "ep2d_p2s2_run3",
    "SeriesNumber": 8,
    "ShimSetting": [
      -1026,
      -7062,
      -6315,
      446,
      -89,
      -137,
      11,
      -26
    ],
    "SliceThickness": 2.5,
    "SliceTiming": [
      0.7125,
      0,
      0.7675,
      0.055,
      0.8225,
      0.11,
      0.8775,
      0.165,
      0.9325,
      0.22,
      0.9875,
      0.275,
      1.0425,
      0.33,
      1.0975,
      0.385,
      1.1525,
      0.44,
      1.205,
      0.4925,
      1.26,
      0.5475,
      1.315,
      0.6025,
      1.37,
      0.6575,
      1.425,
      0.7125,
      0,
      0.7675,
      0.055,
      0.8225,
      0.11,
      0.8775,
      0.165,
      0.9325,
      0.22,
      0.9875,
      0.275,
      1.0425,
      0.33,
      1.0975,
      0.385,
      1.1525,
      0.44,
      1.205,
      0.4925,
      1.26,
      0.5475,
      1.315,
      0.6025,
      1.37,
      0.6575,
      1.425
    ],
    "SoftwareVersions": "syngo_MR_E11",
    "SpacingBetweenSlices": 3,
    "StationName": "AWP66108",
    "TaskName": "roletrait",
    "TotalReadoutTime": 0.0226202,
    "TxRefAmp": 243.402,
    "dataset": "ds002294",
    "modality": "bold",
    "run_id": 3,
    "subject_id": "017",
    "task_id": "roletrait"
  },
  "dummy_trs": 0,
  "dvars_nstd": 27.031698173050863,
  "dvars_std": 1.2009228963559326,
  "dvars_vstd": 0.9943775177683614,
  "efc": 0.479578418187475,
  "fber": 4199.78759765625,
  "fd_mean": 0.13593354322778659,
  "fd_num": 45,
  "fd_perc": 12.67605633802817,
  "fwhm_avg": 1.6795097777777779,
  "fwhm_x": 1.6601880000000002,
  "fwhm_y": 1.8120280000000002,
  "fwhm_z": 1.5663133333333334,
  "gcor": 0.00889792,
  "gsr_x": -0.011983494274318218,
  "gsr_y": 0.010127305053174496,
  "provenance": {
    "md5sum": "a4fa141b6046970cd7ae3ace1779ca53",
    "settings": {
      "fd_thres": 0.2,
      "testing": false
    },
    "software": "mriqc",
    "version": "22.0.6",
    "webapi_port": null,
    "webapi_url": "https://mriqc.nimh.nih.gov/api/v1"
  },
  "size_t": 355,
  "size_x": 88,
  "size_y": 88,
  "size_z": 54,
  "snr": 6.655812891303118,
  "spacing_tr": 1.5,
  "spacing_x": 2.5,
  "spacing_y": 2.5,
  "spacing_z": 3.0,
  "summary_bg_k": 16.12342284174458,
  "summary_bg_mad": 6.247810507397483,
  "summary_bg_mean": 28.085180282592773,
  "summary_bg_median": 7.777464389801025,
  "summary_bg_n": 294345.0,
  "summary_bg_p05": 2.6394364833831787,
  "summary_bg_p95": 142.3594360351562,
  "summary_bg_stdv": 54.900753021240234,
  "summary_fg_k": 1.743230083278382,
  "summary_fg_mad": 75.61895701299206,
  "summary_fg_mean": 508.4511413574219,
  "summary_fg_median": 502.322509765625,
  "summary_fg_n": 63004.0,
  "summary_fg_p05": 406.9746398925781,
  "summary_fg_p95": 635.9771789550781,
  "summary_fg_stdv": 75.47064971923828,
  "tsnr": 60.11041524494067
}