{
  "aor": 0.0004326478873239437,
  "aqi": 0.009823641549295775,
  "bids_meta": {
    "AcquisitionMatrixPE": 88,
    "AcquisitionNumber": 1,
    "AcquisitionTime": "10:02:34.880000",
    "BandwidthPerPixelPhaseEncode": 43.706,
    "BaseResolution": 88,
    "BodyPartExamined": "BRAIN",
    "ConsistencyInfo": "N4_VE11C_LATEST_20160120",
    "ConversionSoftware": "dcm2niix",
    "ConversionSoftwareVersion": "v1.0.20171215 (OpenJPEG build) GCC7.3.0",
    "DerivedVendorReportedEchoSpacing": 0.000520003,
    "DeviceSerialNumber": "66108",
    "DwellTime": 2.5e-06,
    "EchoTime": 0.026,
    "EchoTrainLength": 43,
    "EffectiveEchoSpacing": 0.000260002,
    "FlipAngle": 70,
    "ImageOrientationPatientDICOM": [
      0.993791,
      0.0999942,
      0.0487902,
      -0.104452,
      0.98954,
      0.099504
    ],
    "ImageType": [
      "ORIGINAL",
      "PRIMARY",
      "M",
      "ND",
      "NORM",
      "MOSAIC"
    ],
    "InPlanePhaseEncodingDirectionDICOM": "COL",
    "InstitutionAddress": "Huron_325_TORONTO_ONTARIO_CA_M5S_3G3",
    "InstitutionName": "University_of_Toronto",
    "InstitutionalDepartmentName": "Department",
    "MRAcquisitionType": "2D",
    "MagneticFieldStrength": 3,
    "Manufacturer": "Siemens",
    "ManufacturersModelName": "Prisma",
    "Modality": "MR",
    "MultibandAccelerationFactor": 2,
    "ParallelReductionFactorInPlane": 2,
    "PartialFourier": 1,
    "PatientPosition": "HFS",
    "PercentPhaseFOV": 100,
    "PhaseEncodingDirection": "j-",
    "PhaseEncodingSteps": 87,
    "PhaseResolution": 1,
    "PixelBandwidth": 2275,
    "ProcedureStepDescription": "Cunningham_Nathan",
    "ProtocolName": "ep2d_p2s2_run2",
    "PulseSequenceDetails": "%SiemensSeq%_ep2d_bold",
    "ReceiveCoilActiveElements": "HEA;HEP",
    "ReceiveCoilName": "Head_32",
    "ReconMatrixPE": 88,
    "RepetitionTime": 1.5,
    "SAR": 0.0715646,
    "ScanOptions": "FS",
    "ScanningSequence": "EP",
    "SequenceName": "_epfid2d1_88",
    "SequenceVariant": "SK",
    "SeriesDescription": "ep2d_p2s2_run2",
    "SeriesNumber": 7,
    "ShimSetting": [
      -1026,
      -7062,
      -6315,
      446,
      -89,
      -137,
      11,
      -26
    ],
    "SliceThickness": 2.5,
    "SliceTiming": [
      0.7125,
      0,
      0.7675,
      0.055,
      0.8225,
      0.11,
      0.8775,
      0.165,
      0.9325,
      0.22,
      0.9875,
      0.275,
      1.0425,
      0.33,
      1.0975,
      0.385,
      1.1525,
      0.44,
      1.2075,
      0.495,
      1.2625,
      0.55,
      1.3175,
      0.605,
      1.3725,
      0.6575,
      1.425,
      0.7125,
      0,
      0.7675,
      0.055,
      0.8225,
      0.11,
      0.8775,
      0.165,
      0.9325,
      0.22,
      0.9875,
      0.275,
      1.0425,
      0.33,
      1.0975,
      0.385,
      1.1525,
      0.44,
      1.2075,
      0.495,
      1.2625,
      0.55,
      1.3175,
      0.605,
      1.3725,
      0.6575,
      1.425
    ],
    "SoftwareVersions": "syngo_MR_E11",
    "SpacingBetweenSlices": 3,
    "StationName": "AWP66108",
    "TaskName": "roletrait",
    "TotalReadoutTime": 0.0226202,
    "TxRefAmp": 243.402,
    "dataset": "ds002294",
    "modality": "bold",
    "run_id": 2,
    "subject_id": "017",
    "task_id": "roletrait"
  },
  "dummy_trs": 0,
  "dvars_nstd": 29.896334987627128,
  "dvars_std": 1.249765358983051,
  "dvars_vstd": 0.9895493989548025,
  "efc": 0.4794880272152285,
  "fber": 4253.11474609375,
  "fd_mean": 0.14471372667351795,
  "fd_num": 76,
  "fd_perc": 21.408450704225352,
  "fwhm_avg": 1.6828355555555554,
  "fwhm_x": 1.668704,
  "fwhm_y": 1.813796,
  "fwhm_z": 1.5660066666666665,
  "gcor": 0.0085146,
  "gsr_x": -0.012518278323113918,
  "gsr_y": 0.010097187012434006,
  "provenance": {
    "md5sum": "1ed1bff873597bf7311dea48d9897a73",
    "settings": {
      "fd_thres": 0.2,
      "testing": false
    },
    "software": "mriqc",
    "version": "22.0.6",
    "webapi_port": null,
    "webapi_url": "https://mriqc.nimh.nih.gov/api/v1"
  },
  "size_t": 355,
  "size_x": 88,
  "size_y": 88,
  "size_z": 54,
  "snr": 6.646079263733589,
  "spacing_tr": 1.5,
  "spacing_x": 2.5,
  "spacing_y": 2.5,
  "spacing_z": 3.0,
  "summary_bg_k": 15.894379005413118,
  "summary_bg_mad": 6.281221428897963,
  "summary_bg_mean": 28.214523315429688,
  "summary_bg_median": 7.760562896728516,
  "summary_bg_n": 294354.0,
  "summary_bg_p05": 2.5971829891204834,
  "summary_bg_p95": 142.99745864868126,
  "summary_bg_stdv": 55.3995361328125,
  "summary_fg_k": 1.7858148536525178,
  "summary_fg_mad": 75.80274394571819,
  "summary_fg_mean": 509.547119140625,
  "summary_fg_median": 503.72393798828125,
  "summary_fg_n": 63038.0,
  "summary_fg_p05": 407.72674560546875,
  "summary_fg_p95": 637.6230682373046,
  "summary_fg_stdv": 75.79204559326172,
  "tsnr": 58.99693590402603
}