{
  "aor": 0.00042523943661971824,
  "aqi": 0.013677929239436622,
  "bids_meta": {
    "AcquisitionMatrixPE": 88,
    "AcquisitionNumber": 1,
    "AcquisitionTime": "09:52:42.962500",
    "BandwidthPerPixelPhaseEncode": 43.706,
    "BaseResolution": 88,
    "BodyPartExamined": "BRAIN",
    "ConsistencyInfo": "N4_VE11C_LATEST_20160120",
    "ConversionSoftware": "dcm2niix",
    "ConversionSoftwareVersion": "v1.0.20171215 (OpenJPEG build) GCC7.3.0",
    "DerivedVendorReportedEchoSpacing": 0.000520003,
    "DeviceSerialNumber": "66108",
    "DwellTime": 2.5e-06,
    "EchoTime": 0.026,
    "EchoTrainLength": 43,
    "EffectiveEchoSpacing": 0.000260002,
    "FlipAngle": 70,
    "ImageOrientationPatientDICOM": [
      0.993791,
      0.0999942,
      0.0487902,
      -0.104452,
      0.98954,
      0.099504
    ],
    "ImageType": [
      "ORIGINAL",
      "PRIMARY",
      "M",
      "ND",
      "NORM",
      "MOSAIC"
    ],
    "InPlanePhaseEncodingDirectionDICOM": "COL",
    "InstitutionAddress": "Huron_325_TORONTO_ONTARIO_CA_M5S_3G3",
    "InstitutionName": "University_of_Toronto",
    "InstitutionalDepartmentName": "Department",
    "MRAcquisitionType": "2D",
    "MagneticFieldStrength": 3,
    "Manufacturer": "Siemens",
    "ManufacturersModelName": "Prisma",
    "Modality": "MR",
    "MultibandAccelerationFactor": 2,
    "ParallelReductionFactorInPlane": 2,
    "PartialFourier": 1,
    "PatientPosition": "HFS",
    "PercentPhaseFOV": 100,
    "PhaseEncodingDirection": "j-",
    "PhaseEncodingSteps": 87,
    "PhaseResolution": 1,
    "PixelBandwidth": 2275,
    "ProcedureStepDescription": "Cunningham_Nathan",
    "ProtocolName": "ep2d_p2s2_run1",
    "PulseSequenceDetails": "%SiemensSeq%_ep2d_bold",
    "ReceiveCoilActiveElements": "HEA;HEP",
    "ReceiveCoilName": "Head_32",
    "ReconMatrixPE": 88,
    "RepetitionTime": 1.5,
    "SAR": 0.0715646,
    "ScanOptions": "FS",
    "ScanningSequence": "EP",
    "SequenceName": "_epfid2d1_88",
    "SequenceVariant": "SK",
    "SeriesDescription": "ep2d_p2s2_run1",
    "SeriesNumber": 6,
    "ShimSetting": [
      -1024,
      -7051,
      -6286,
      503,
      -57,
      -112,
      26,
      -36
    ],
    "SliceThickness": 2.5,
    "SliceTiming": [
      0.7125,
      0,
      0.7675,
      0.055,
      0.8225,
      0.11,
      0.8775,
      0.165,
      0.9325,
      0.22,
      0.985,
      0.2725,
      1.04,
      0.3275,
      1.095,
      0.3825,
      1.15,
      0.4375,
      1.205,
      0.4925,
      1.26,
      0.5475,
      1.315,
      0.6025,
      1.37,
      0.6575,
      1.425,
      0.7125,
      0,
      0.7675,
      0.055,
      0.8225,
      0.11,
      0.8775,
      0.165,
      0.9325,
      0.22,
      0.985,
      0.2725,
      1.04,
      0.3275,
      1.095,
      0.3825,
      1.15,
      0.4375,
      1.205,
      0.4925,
      1.26,
      0.5475,
      1.315,
      0.6025,
      1.37,
      0.6575,
      1.425
    ],
    "SoftwareVersions": "syngo_MR_E11",
    "SpacingBetweenSlices": 3,
    "StationName": "AWP66108",
    "TaskName": "roletrait",
    "TotalReadoutTime": 0.0226202,
    "TxRefAmp": 243.402,
    "dataset": "ds002294",
    "modality": "bold",
    "run_id": 1,
    "subject_id": "017",
    "task_id": "roletrait"
  },
  "dummy_trs": 0,
  "dvars_nstd": 38.57255178110168,
  "dvars_std": 1.3828840375141234,
  "dvars_vstd": 0.958355658757063,
  "efc": 0.47986274577620014,
  "fber": 4170.2021484375,
  "fd_mean": 0.16078009038067925,
  "fd_num": 106,
  "fd_perc": 29.859154929577464,
  "fwhm_avg": 1.6880973333333331,
  "fwhm_x": 1.6746759999999998,
  "fwhm_y": 1.819176,
  "fwhm_z": 1.5704399999999998,
  "gcor": 0.00807819,
  "gsr_x": -0.013177936896681786,
  "gsr_y": 0.010115179233253002,
  "provenance": {
    "md5sum": "0b767c04f1e8949abe99ddab8e18a370",
    "settings": {
      "fd_thres": 0.2,
      "testing": false
    },
    "software": "mriqc",
    "version": "22.0.6",
    "webapi_port": null,
    "webapi_url": "https://mriqc.nimh.nih.gov/api/v1"
  },
  "size_t": 355,
  "size_x": 88,
  "size_y": 88,
  "size_z": 54,
  "snr": 6.63954440983332,
  "spacing_tr": 1.5,
  "spacing_x": 2.5,
  "spacing_y": 2.5,
  "spacing_z": 3.0,
  "summary_bg_k": 15.606427299896268,
  "summary_bg_mad": 6.4816862509410145,
  "summary_bg_mean": 28.525341033935547,
  "summary_bg_median": 7.87605619430542,
  "summary_bg_n": 294407.0,
  "summary_bg_p05": 2.554929494857788,
  "summary_bg_p95": 144.7974563598634,
  "summary_bg_stdv": 56.082401275634766,
  "summary_fg_k": 1.7151713050107116,
  "summary_fg_mad": 76.754933999687,
  "summary_fg_mean": 512.1168823242188,
  "summary_fg_median": 506.2802734375,
  "summary_fg_n": 62972.0,
  "summary_fg_p05": 409.8478698730469,
  "summary_fg_p95": 641.2519348144531,
  "summary_fg_stdv": 76.25165557861328,
  "tsnr": 49.85677890945226
}