{
  "aor": 0.0002815211267605634,
  "aqi": 0.01029136076056338,
  "bids_meta": {
    "AcquisitionMatrixPE": 88,
    "AcquisitionNumber": 1,
    "AcquisitionTime": "14:51:35.892500",
    "BandwidthPerPixelPhaseEncode": 43.706,
    "BaseResolution": 88,
    "BodyPartExamined": "BRAIN",
    "ConsistencyInfo": "N4_VE11C_LATEST_20160120",
    "ConversionSoftware": "dcm2niix",
    "ConversionSoftwareVersion": "v1.0.20171215 (OpenJPEG build) GCC7.3.0",
    "DerivedVendorReportedEchoSpacing": 0.000520003,
    "DeviceSerialNumber": "66108",
    "DwellTime": 2.5e-06,
    "EchoTime": 0.026,
    "EchoTrainLength": 43,
    "EffectiveEchoSpacing": 0.000260002,
    "FlipAngle": 70,
    "ImageOrientationPatientDICOM": [
      0.986978,
      0.154947,
      -0.0431973,
      -0.159856,
      0.97471,
      -0.156163
    ],
    "ImageType": [
      "ORIGINAL",
      "PRIMARY",
      "M",
      "ND",
      "NORM",
      "MOSAIC"
    ],
    "InPlanePhaseEncodingDirectionDICOM": "COL",
    "InstitutionAddress": "Huron_325_TORONTO_ONTARIO_CA_M5S_3G3",
    "InstitutionName": "University_of_Toronto",
    "InstitutionalDepartmentName": "Department",
    "MRAcquisitionType": "2D",
    "MagneticFieldStrength": 3,
    "Manufacturer": "Siemens",
    "ManufacturersModelName": "Prisma",
    "Modality": "MR",
    "MultibandAccelerationFactor": 2,
    "ParallelReductionFactorInPlane": 2,
    "PartialFourier": 1,
    "PatientPosition": "HFS",
    "PercentPhaseFOV": 100,
    "PhaseEncodingDirection": "j-",
    "PhaseEncodingSteps": 87,
    "PhaseResolution": 1,
    "PixelBandwidth": 2275,
    "ProcedureStepDescription": "Cunningham_Nathan",
    "ProtocolName": "ep2d_p2s2_run4",
    "PulseSequenceDetails": "%SiemensSeq%_ep2d_bold",
    "ReceiveCoilActiveElements": "HEA;HEP",
    "ReceiveCoilName": "Head_32",
    "ReconMatrixPE": 88,
    "RepetitionTime": 1.5,
    "SAR": 0.0564459,
    "ScanOptions": "FS",
    "ScanningSequence": "EP",
    "SequenceName": "_epfid2d1_88",
    "SequenceVariant": "SK",
    "SeriesDescription": "ep2d_p2s2_run4",
    "SeriesNumber": 9,
    "ShimSetting": [
      -1030,
      -6991,
      -6439,
      375,
      -66,
      59,
      -93,
      -16
    ],
    "SliceThickness": 2.5,
    "SliceTiming": [
      0.7125,
      0,
      0.7675,
      0.055,
      0.8225,
      0.11,
      0.8775,
      0.165,
      0.9325,
      0.22,
      0.9875,
      0.275,
      1.0425,
      0.33,
      1.0975,
      0.385,
      1.15,
      0.4375,
      1.205,
      0.4925,
      1.26,
      0.5475,
      1.315,
      0.6025,
      1.37,
      0.6575,
      1.425,
      0.7125,
      0,
      0.7675,
      0.055,
      0.8225,
      0.11,
      0.8775,
      0.165,
      0.9325,
      0.22,
      0.9875,
      0.275,
      1.0425,
      0.33,
      1.0975,
      0.385,
      1.15,
      0.4375,
      1.205,
      0.4925,
      1.26,
      0.5475,
      1.315,
      0.6025,
      1.37,
      0.6575,
      1.425
    ],
    "SoftwareVersions": "syngo_MR_E11",
    "SpacingBetweenSlices": 3,
    "StationName": "AWP66108",
    "TaskName": "roletrait",
    "TotalReadoutTime": 0.0226202,
    "TxRefAmp": 239.693,
    "dataset": "ds002294",
    "modality": "bold",
    "run_id": 4,
    "subject_id": "019",
    "task_id": "roletrait"
  },
  "dummy_trs": 0,
  "dvars_nstd": 35.9779906622599,
  "dvars_std": 1.3365313268079106,
  "dvars_vstd": 0.9916366161581913,
  "efc": 0.4808654759613862,
  "fber": 3290.770263671875,
  "fd_mean": 0.1043608265237442,
  "fd_num": 9,
  "fd_perc": 2.535211267605634,
  "fwhm_avg": 1.7064448888888888,
  "fwhm_x": 1.6894719999999999,
  "fwhm_y": 1.822636,
  "fwhm_z": 1.6072266666666666,
  "gcor": 0.005316,
  "gsr_x": 0.00032215952523984015,
  "gsr_y": 0.013675488531589508,
  "provenance": {
    "md5sum": "fb357fc688c1e075f26f068f16405077",
    "settings": {
      "fd_thres": 0.2,
      "testing": false
    },
    "software": "mriqc",
    "version": "22.0.6",
    "webapi_port": null,
    "webapi_url": "https://mriqc.nimh.nih.gov/api/v1"
  },
  "size_t": 355,
  "size_x": 88,
  "size_y": 88,
  "size_z": 54,
  "snr": 6.780257916718007,
  "spacing_tr": 1.5,
  "spacing_x": 2.5,
  "spacing_y": 2.5,
  "spacing_z": 3.0,
  "summary_bg_k": 23.43478187671818,
  "summary_bg_mad": 6.122520612210425,
  "summary_bg_mean": 24.846115112304688,
  "summary_bg_median": 7.9014081954956055,
  "summary_bg_n": 293501.0,
  "summary_bg_p05": 2.740844964981079,
  "summary_bg_p95": 119.48450469970703,
  "summary_bg_stdv": 48.90293502807617,
  "summary_fg_k": 2.565595876337322,
  "summary_fg_mad": 62.72867001819254,
  "summary_fg_mean": 456.3608703613281,
  "summary_fg_median": 452.20562744140625,
  "summary_fg_n": 63337.0,
  "summary_fg_p05": 366.8056213378906,
  "summary_fg_p95": 566.6653564453125,
  "summary_fg_stdv": 66.69393157958984,
  "tsnr": 56.60539924330078
}