{
  "aor": 0.0010320000000000001,
  "aqi": 0.015631727971830985,
  "bids_meta": {
    "AcquisitionMatrixPE": 88,
    "AcquisitionNumber": 1,
    "AcquisitionTime": "15:13:54.495000",
    "BandwidthPerPixelPhaseEncode": 43.706,
    "BaseResolution": 88,
    "BodyPartExamined": "BRAIN",
    "ConsistencyInfo": "N4_VE11C_LATEST_20160120",
    "ConversionSoftware": "dcm2niix",
    "ConversionSoftwareVersion": "v1.0.20171215 (OpenJPEG build) GCC7.3.0",
    "DerivedVendorReportedEchoSpacing": 0.000520003,
    "DeviceSerialNumber": "66108",
    "DwellTime": 2.5e-06,
    "EchoTime": 0.026,
    "EchoTrainLength": 43,
    "EffectiveEchoSpacing": 0.000260002,
    "FlipAngle": 70,
    "ImageOrientationPatientDICOM": [
      0.999548,
      0.00605358,
      0.0294527,
      -0.00174451,
      0.989549,
      -0.144184
    ],
    "ImageType": [
      "ORIGINAL",
      "PRIMARY",
      "M",
      "ND",
      "NORM",
      "MOSAIC"
    ],
    "InPlanePhaseEncodingDirectionDICOM": "COL",
    "InstitutionAddress": "Huron_325_TORONTO_ONTARIO_CA_M5S_3G3",
    "InstitutionName": "University_of_Toronto",
    "InstitutionalDepartmentName": "Department",
    "MRAcquisitionType": "2D",
    "MagneticFieldStrength": 3,
    "Manufacturer": "Siemens",
    "ManufacturersModelName": "Prisma",
    "Modality": "MR",
    "MultibandAccelerationFactor": 2,
    "ParallelReductionFactorInPlane": 2,
    "PartialFourier": 1,
    "PatientPosition": "HFS",
    "PercentPhaseFOV": 100,
    "PhaseEncodingDirection": "j-",
    "PhaseEncodingSteps": 87,
    "PhaseResolution": 1,
    "PixelBandwidth": 2275,
    "ProcedureStepDescription": "Cunningham_Nathan",
    "ProtocolName": "ep2d_p2s2_run1",
    "PulseSequenceDetails": "%SiemensSeq%_ep2d_bold",
    "ReceiveCoilActiveElements": "HEA;HEP",
    "ReceiveCoilName": "Head_32",
    "ReconMatrixPE": 88,
    "RepetitionTime": 1.5,
    "SAR": 0.0537589,
    "ScanOptions": "FS",
    "ScanningSequence": "EP",
    "SequenceName": "_epfid2d1_88",
    "SequenceVariant": "SK",
    "SeriesDescription": "ep2d_p2s2_run1",
    "SeriesNumber": 6,
    "ShimSetting": [
      -1039,
      -7036,
      -6368,
      347,
      -69,
      -209,
      -137,
      18
    ],
    "SliceThickness": 2.5,
    "SliceTiming": [
      0.7125,
      0,
      0.7675,
      0.055,
      0.8225,
      0.11,
      0.8775,
      0.165,
      0.9325,
      0.22,
      0.9875,
      0.275,
      1.0425,
      0.33,
      1.095,
      0.3825,
      1.15,
      0.4375,
      1.205,
      0.4925,
      1.26,
      0.5475,
      1.315,
      0.6025,
      1.37,
      0.6575,
      1.425,
      0.7125,
      0,
      0.7675,
      0.055,
      0.8225,
      0.11,
      0.8775,
      0.165,
      0.9325,
      0.22,
      0.9875,
      0.275,
      1.0425,
      0.33,
      1.095,
      0.3825,
      1.15,
      0.4375,
      1.205,
      0.4925,
      1.26,
      0.5475,
      1.315,
      0.6025,
      1.37,
      0.6575,
      1.425
    ],
    "SoftwareVersions": "syngo_MR_E11",
    "SpacingBetweenSlices": 3,
    "StationName": "AWP66108",
    "TaskName": "roletrait",
    "TotalReadoutTime": 0.0226202,
    "TxRefAmp": 234.196,
    "dataset": "ds002294",
    "modality": "bold",
    "run_id": 1,
    "subject_id": "018",
    "task_id": "roletrait"
  },
  "dummy_trs": 0,
  "dvars_nstd": 34.17849564398305,
  "dvars_std": 1.2587424084745749,
  "dvars_vstd": 0.9766700062429376,
  "efc": 0.4613496887889051,
  "fber": 3945.79443359375,
  "fd_mean": 0.15773272237427938,
  "fd_num": 106,
  "fd_perc": 29.859154929577464,
  "fwhm_avg": 1.7341066666666667,
  "fwhm_x": 1.7504439999999999,
  "fwhm_y": 1.8577359999999998,
  "fwhm_z": 1.5941400000000001,
  "gcor": 0.00550679,
  "gsr_x": -0.014291564002633095,
  "gsr_y": 0.0037851636298000813,
  "provenance": {
    "md5sum": "e4dbe91f3efb079dd6509be19935859f",
    "settings": {
      "fd_thres": 0.2,
      "testing": false
    },
    "software": "mriqc",
    "version": "22.0.6",
    "webapi_port": null,
    "webapi_url": "https://mriqc.nimh.nih.gov/api/v1"
  },
  "size_t": 355,
  "size_x": 88,
  "size_y": 88,
  "size_z": 54,
  "snr": 6.694545545579439,
  "spacing_tr": 1.5,
  "spacing_x": 2.5,
  "spacing_y": 2.5,
  "spacing_z": 3.0,
  "summary_bg_k": 19.210833118000497,
  "summary_bg_mad": 6.013935470813779,
  "summary_bg_mean": 25.504350662231445,
  "summary_bg_median": 8.050704002380371,
  "summary_bg_n": 301121.0,
  "summary_bg_p05": 2.7802815437316895,
  "summary_bg_p95": 124.0676040649414,
  "summary_bg_stdv": 50.7868537902832,
  "summary_fg_k": 1.7774973491170218,
  "summary_fg_mad": 75.6168757232566,
  "summary_fg_mean": 508.6238098144531,
  "summary_fg_median": 504.6676025390625,
  "summary_fg_n": 56949.0,
  "summary_fg_p05": 404.0292907714844,
  "summary_fg_p95": 631.0861572265625,
  "summary_fg_stdv": 75.38423156738281,
  "tsnr": 46.71377438073978
}