{
  "aor": 0.0013374084507042252,
  "aqi": 0.009893234,
  "bids_meta": {
    "AcquisitionMatrixPE": 88,
    "AcquisitionNumber": 1,
    "AcquisitionTime": "15:23:35.292500",
    "BandwidthPerPixelPhaseEncode": 43.706,
    "BaseResolution": 88,
    "BodyPartExamined": "BRAIN",
    "ConsistencyInfo": "N4_VE11C_LATEST_20160120",
    "ConversionSoftware": "dcm2niix",
    "ConversionSoftwareVersion": "v1.0.20171215 (OpenJPEG build) GCC7.3.0",
    "DerivedVendorReportedEchoSpacing": 0.000520003,
    "DeviceSerialNumber": "66108",
    "DwellTime": 2.5e-06,
    "EchoTime": 0.026,
    "EchoTrainLength": 43,
    "EffectiveEchoSpacing": 0.000260002,
    "FlipAngle": 70,
    "ImageOrientationPatientDICOM": [
      0.999548,
      0.00605358,
      0.0294527,
      -0.00174451,
      0.989549,
      -0.144184
    ],
    "ImageType": [
      "ORIGINAL",
      "PRIMARY",
      "M",
      "ND",
      "NORM",
      "MOSAIC"
    ],
    "InPlanePhaseEncodingDirectionDICOM": "COL",
    "InstitutionAddress": "Huron_325_TORONTO_ONTARIO_CA_M5S_3G3",
    "InstitutionName": "University_of_Toronto",
    "InstitutionalDepartmentName": "Department",
    "MRAcquisitionType": "2D",
    "MagneticFieldStrength": 3,
    "Manufacturer": "Siemens",
    "ManufacturersModelName": "Prisma",
    "Modality": "MR",
    "MultibandAccelerationFactor": 2,
    "ParallelReductionFactorInPlane": 2,
    "PartialFourier": 1,
    "PatientPosition": "HFS",
    "PercentPhaseFOV": 100,
    "PhaseEncodingDirection": "j-",
    "PhaseEncodingSteps": 87,
    "PhaseResolution": 1,
    "PixelBandwidth": 2275,
    "ProcedureStepDescription": "Cunningham_Nathan",
    "ProtocolName": "ep2d_p2s2_run2",
    "PulseSequenceDetails": "%SiemensSeq%_ep2d_bold",
    "ReceiveCoilActiveElements": "HEA;HEP",
    "ReceiveCoilName": "Head_32",
    "ReconMatrixPE": 88,
    "RepetitionTime": 1.5,
    "SAR": 0.0537589,
    "ScanOptions": "FS",
    "ScanningSequence": "EP",
    "SequenceName": "_epfid2d1_88",
    "SequenceVariant": "SK",
    "SeriesDescription": "ep2d_p2s2_run2",
    "SeriesNumber": 7,
    "ShimSetting": [
      -1031,
      -7036,
      -6380,
      336,
      -66,
      -243,
      -127,
      22
    ],
    "SliceThickness": 2.5,
    "SliceTiming": [
      0.7125,
      0,
      0.7675,
      0.055,
      0.8225,
      0.11,
      0.8775,
      0.165,
      0.9325,
      0.22,
      0.9875,
      0.275,
      1.0425,
      0.33,
      1.0975,
      0.385,
      1.1525,
      0.44,
      1.205,
      0.4925,
      1.26,
      0.5475,
      1.315,
      0.6025,
      1.37,
      0.6575,
      1.425,
      0.7125,
      0,
      0.7675,
      0.055,
      0.8225,
      0.11,
      0.8775,
      0.165,
      0.9325,
      0.22,
      0.9875,
      0.275,
      1.0425,
      0.33,
      1.0975,
      0.385,
      1.1525,
      0.44,
      1.205,
      0.4925,
      1.26,
      0.5475,
      1.315,
      0.6025,
      1.37,
      0.6575,
      1.425
    ],
    "SoftwareVersions": "syngo_MR_E11",
    "SpacingBetweenSlices": 3,
    "StationName": "AWP66108",
    "TaskName": "roletrait",
    "TotalReadoutTime": 0.0226202,
    "TxRefAmp": 234.196,
    "dataset": "ds002294",
    "modality": "bold",
    "run_id": 2,
    "subject_id": "018",
    "task_id": "roletrait"
  },
  "dummy_trs": 0,
  "dvars_nstd": 35.68504710132768,
  "dvars_std": 1.3417080969774011,
  "dvars_vstd": 1.0042347126553666,
  "efc": 0.460575400712346,
  "fber": 3969.62548828125,
  "fd_mean": 0.15955704087590358,
  "fd_num": 90,
  "fd_perc": 25.35211267605634,
  "fwhm_avg": 1.7120684444444443,
  "fwhm_x": 1.7216200000000002,
  "fwhm_y": 1.8346319999999998,
  "fwhm_z": 1.5799533333333333,
  "gcor": 0.0133685,
  "gsr_x": -0.014567366801202297,
  "gsr_y": 0.002341458573937416,
  "provenance": {
    "md5sum": "0d68285121e5672539330e1480757526",
    "settings": {
      "fd_thres": 0.2,
      "testing": false
    },
    "software": "mriqc",
    "version": "22.0.6",
    "webapi_port": null,
    "webapi_url": "https://mriqc.nimh.nih.gov/api/v1"
  },
  "size_t": 355,
  "size_x": 88,
  "size_y": 88,
  "size_z": 54,
  "snr": 6.683541954309862,
  "spacing_tr": 1.5,
  "spacing_x": 2.5,
  "spacing_y": 2.5,
  "spacing_z": 3.0,
  "summary_bg_k": 19.324107516190253,
  "summary_bg_mad": 5.763355680439664,
  "summary_bg_mean": 25.578510284423828,
  "summary_bg_median": 8.01126766204834,
  "summary_bg_n": 301512.0,
  "summary_bg_p05": 2.8957746028900146,
  "summary_bg_p95": 126.82379951477054,
  "summary_bg_stdv": 51.541954040527344,
  "summary_fg_k": 2.1026688388463786,
  "summary_fg_mad": 75.18251960455379,
  "summary_fg_mean": 508.99285888671875,
  "summary_fg_median": 505.3126525878906,
  "summary_fg_n": 56643.0,
  "summary_fg_p05": 405.17462158203125,
  "summary_fg_p95": 629.4557312011717,
  "summary_fg_stdv": 75.60485076904297,
  "tsnr": 56.642228552140296
}