{
  "bids_meta": {
    "AcquisitionMatrixPE": 192,
    "AcquisitionNumber": 1,
    "AcquisitionTime": "13:07:44.187500",
    "BaseResolution": 256,
    "BodyPartExamined": "BRAIN",
    "ConsistencyInfo": "N4_VE11C_LATEST_20160120",
    "ConversionSoftware": "dcm2niix",
    "ConversionSoftwareVersion": "v1.0.20171215 (OpenJPEG build) GCC7.3.0",
    "DeviceSerialNumber": "66108",
    "DwellTime": 7.5e-06,
    "EchoTime": 0.0024,
    "FlipAngle": 9,
    "ImageOrientationPatientDICOM": [
      0.99184,
      0.117872,
      -0.0485799,
      -0.110201,
      0.984254,
      0.138202
    ],
    "ImageType": [
      "ORIGINAL",
      "PRIMARY",
      "M",
      "ND",
      "NORM",
      "FM3",
      "2",
      "FIL"
    ],
    "InPlanePhaseEncodingDirectionDICOM": "ROW",
    "InstitutionAddress": "Huron_325_TORONTO_ONTARIO_CA_M5S_3G3",
    "InstitutionName": "University_of_Toronto",
    "InstitutionalDepartmentName": "Department",
    "InversionTime": 1.1,
    "MRAcquisitionType": "3D",
    "MagneticFieldStrength": 3,
    "Manufacturer": "Siemens",
    "ManufacturersModelName": "Prisma",
    "Modality": "MR",
    "ParallelReductionFactorInPlane": 2,
    "PartialFourier": 1,
    "PatientPosition": "HFS",
    "PercentPhaseFOV": 75,
    "PhaseEncodingSteps": 191,
    "PhaseResolution": 1,
    "PixelBandwidth": 260,
    "ProcedureStepDescription": "Cunningham_Nathan",
    "ProtocolName": "t1_mprage_tra_p2_iso",
    "PulseSequenceDetails": "%SiemensSeq%_tfl",
    "ReceiveCoilActiveElements": "HEA;HEP",
    "ReceiveCoilName": "Head_32",
    "ReconMatrixPE": 256,
    "RepetitionTime": 2,
    "SAR": 0.0585028,
    "ScanOptions": "IR",
    "ScanningSequence": "GR_IR",
    "SequenceName": "_tfl3d1_16",
    "SequenceVariant": "SK_SP_MP",
    "SeriesDescription": "t1_mprage_tra_p2_iso",
    "SeriesNumber": 12,
    "ShimSetting": [
      -1026,
      -6983,
      -6652,
      -33,
      -35,
      26,
      -37,
      -58
    ],
    "SliceThickness": 1,
    "SoftwareVersions": "syngo_MR_E11",
    "StationName": "AWP66108",
    "TxRefAmp": 244.932,
    "dataset": "ds002294",
    "modality": "T1w",
    "subject_id": "034"
  },
  "cjv": 0.404769272016403,
  "cnr": 3.1427362237344645,
  "efc": 0.84137919663089,
  "fber": 8.358406741087022,
  "fwhm_avg": 4.165187953393892,
  "fwhm_x": 4.01083,
  "fwhm_y": 4.43704,
  "fwhm_z": 4.047693860181675,
  "icvs_csf": 0.22943044468434576,
  "icvs_gm": 0.37437682221824264,
  "icvs_wm": 0.3961927330974116,
  "inu_med": 0.7669437527656555,
  "inu_range": 0.15061033070087426,
  "provenance": {
    "md5sum": "eb2edc4a15a922a855724f84fa5af60c",
    "settings": {
      "testing": false
    },
    "software": "mriqc",
    "version": "22.0.6",
    "warnings": {
      "large_rot_frame": true,
      "small_air_mask": true
    },
    "webapi_port": null,
    "webapi_url": "https://mriqc.nimh.nih.gov/api/v1"
  },
  "qi_1": -1.0,
  "qi_2": 0.0,
  "rpve_csf": 17.20696759879456,
  "rpve_gm": 9.866770742181846,
  "rpve_wm": 12.367597911641488,
  "size_x": 192,
  "size_y": 256,
  "size_z": 160,
  "snr_csf": 2.371794578846633,
  "snr_gm": 6.7205331716389445,
  "snr_total": 7.28939109512734,
  "snr_wm": 12.775845534896446,
  "snrd_csf": -1.0,
  "snrd_gm": -1.0,
  "snrd_total": -1.0,
  "snrd_wm": -1.0,
  "spacing_x": 1.0,
  "spacing_y": 1.0,
  "spacing_z": 0.9999990463256836,
  "summary_bg_k": 0.0,
  "summary_bg_mad": 0.0,
  "summary_bg_mean": 0.0,
  "summary_bg_median": 0.0,
  "summary_bg_n": 0.0,
  "summary_bg_p05": 0.0,
  "summary_bg_p95": 0.0,
  "summary_bg_stdv": 0.0,
  "summary_csf_k": 0.5526981597158942,
  "summary_csf_mad": 84.26592675302092,
  "summary_csf_mean": 216.15889049181715,
  "summary_csf_median": 210.35160769335926,
  "summary_csf_n": 5208.0,
  "summary_csf_p05": 79.92188342083246,
  "summary_csf_p95": 378.67163649071006,
  "summary_csf_stdv": 88.68028182242546,
  "summary_gm_k": 0.308394584786182,
  "summary_gm_mad": 89.10950986778558,
  "summary_gm_mean": 616.5004823490348,
  "summary_gm_median": 619.8403986766934,
  "summary_gm_n": 12173.0,
  "summary_gm_p05": 457.89196394979956,
  "summary_gm_p95": 761.1861242942512,
  "summary_gm_stdv": 92.22704846236371,
  "summary_wm_k": 0.8706566730633383,
  "summary_wm_mad": 64.76739985512219,
  "summary_wm_mean": 1010.5359482174975,
  "summary_wm_median": 999.9999620653689,
  "summary_wm_n": 200368.0,
  "summary_wm_p05": 899.5832206755877,
  "summary_wm_p95": 1168.184915162623,
  "summary_wm_stdv": 78.27250759430906,
  "tpm_overlap_csf": 0.11137174297454015,
  "tpm_overlap_gm": 0.3784180683399418,
  "tpm_overlap_wm": 0.46008737977881137,
  "wm2max": 0.7968593551832321
}