{
  "aor": 0.0012218591549295775,
  "aqi": 0.015056632056338027,
  "bids_meta": {
    "AcquisitionMatrixPE": 88,
    "AcquisitionNumber": 1,
    "AcquisitionTime": "12:28:50.817500",
    "BandwidthPerPixelPhaseEncode": 43.706,
    "BaseResolution": 88,
    "BodyPartExamined": "BRAIN",
    "ConsistencyInfo": "N4_VE11C_LATEST_20160120",
    "ConversionSoftware": "dcm2niix",
    "ConversionSoftwareVersion": "v1.0.20171215 (OpenJPEG build) GCC7.3.0",
    "DerivedVendorReportedEchoSpacing": 0.000520003,
    "DeviceSerialNumber": "66108",
    "DwellTime": 2.5e-06,
    "EchoTime": 0.026,
    "EchoTrainLength": 43,
    "EffectiveEchoSpacing": 0.000260002,
    "FlipAngle": 70,
    "ImageOrientationPatientDICOM": [
      0.998991,
      0.0345078,
      0.0287412,
      -0.0313946,
      0.994237,
      -0.102502
    ],
    "ImageType": [
      "ORIGINAL",
      "PRIMARY",
      "M",
      "ND",
      "NORM",
      "MOSAIC"
    ],
    "InPlanePhaseEncodingDirectionDICOM": "COL",
    "InstitutionAddress": "Huron_325_TORONTO_ONTARIO_CA_M5S_3G3",
    "InstitutionName": "University_of_Toronto",
    "InstitutionalDepartmentName": "Department",
    "MRAcquisitionType": "2D",
    "MagneticFieldStrength": 3,
    "Manufacturer": "Siemens",
    "ManufacturersModelName": "Prisma",
    "Modality": "MR",
    "MultibandAccelerationFactor": 2,
    "ParallelReductionFactorInPlane": 2,
    "PartialFourier": 1,
    "PatientPosition": "HFS",
    "PercentPhaseFOV": 100,
    "PhaseEncodingDirection": "j-",
    "PhaseEncodingSteps": 87,
    "PhaseResolution": 1,
    "PixelBandwidth": 2275,
    "ProcedureStepDescription": "Cunningham_Nathan",
    "ProtocolName": "ep2d_p2s2_run2",
    "PulseSequenceDetails": "%SiemensSeq%_ep2d_bold",
    "ReceiveCoilActiveElements": "HEA;HEP",
    "ReceiveCoilName": "Head_32",
    "ReconMatrixPE": 88,
    "RepetitionTime": 1.5,
    "SAR": 0.060238,
    "ScanOptions": "FS",
    "ScanningSequence": "EP",
    "SequenceName": "_epfid2d1_88",
    "SequenceVariant": "SK",
    "SeriesDescription": "ep2d_p2s2_run2",
    "SeriesNumber": 7,
    "ShimSetting": [
      -1030,
      -6990,
      -6380,
      426,
      -54,
      85,
      -38,
      -47
    ],
    "SliceThickness": 2.5,
    "SliceTiming": [
      0.7125,
      0,
      0.7675,
      0.055,
      0.8225,
      0.11,
      0.8775,
      0.165,
      0.9325,
      0.22,
      0.9875,
      0.275,
      1.0425,
      0.33,
      1.0975,
      0.385,
      1.1525,
      0.44,
      1.2075,
      0.495,
      1.2625,
      0.55,
      1.315,
      0.6025,
      1.37,
      0.6575,
      1.425,
      0.7125,
      0,
      0.7675,
      0.055,
      0.8225,
      0.11,
      0.8775,
      0.165,
      0.9325,
      0.22,
      0.9875,
      0.275,
      1.0425,
      0.33,
      1.0975,
      0.385,
      1.1525,
      0.44,
      1.2075,
      0.495,
      1.2625,
      0.55,
      1.315,
      0.6025,
      1.37,
      0.6575,
      1.425
    ],
    "SoftwareVersions": "syngo_MR_E11",
    "SpacingBetweenSlices": 3,
    "StationName": "AWP66108",
    "TaskName": "roletrait",
    "TotalReadoutTime": 0.0226202,
    "TxRefAmp": 261.108,
    "dataset": "ds002294",
    "modality": "bold",
    "run_id": 2,
    "subject_id": "016",
    "task_id": "roletrait"
  },
  "dummy_trs": 0,
  "dvars_nstd": 28.969040369463293,
  "dvars_std": 1.1395637321751413,
  "dvars_vstd": 0.994771352909605,
  "efc": 0.4918159091074156,
  "fber": 3043.771728515625,
  "fd_mean": 0.11696984383933447,
  "fd_num": 36,
  "fd_perc": 10.140845070422536,
  "fwhm_avg": 1.730492,
  "fwhm_x": 1.684284,
  "fwhm_y": 1.9311319999999998,
  "fwhm_z": 1.57606,
  "gcor": 0.0188072,
  "gsr_x": -0.008734258823096752,
  "gsr_y": 0.021552372723817825,
  "provenance": {
    "md5sum": "152bed0ac8eef946034bda6974939066",
    "settings": {
      "fd_thres": 0.2,
      "testing": false
    },
    "software": "mriqc",
    "version": "22.0.6",
    "webapi_port": null,
    "webapi_url": "https://mriqc.nimh.nih.gov/api/v1"
  },
  "size_t": 355,
  "size_x": 88,
  "size_y": 88,
  "size_z": 54,
  "snr": 6.758568253149505,
  "spacing_tr": 1.5,
  "spacing_x": 2.5,
  "spacing_y": 2.5,
  "spacing_z": 3.0,
  "summary_bg_k": 14.55388864690023,
  "summary_bg_mad": 7.7178846907801475,
  "summary_bg_mean": 29.225505828857422,
  "summary_bg_median": 8.681690216064453,
  "summary_bg_n": 293602.0,
  "summary_bg_p05": 2.8591549396514893,
  "summary_bg_p95": 134.67844161987315,
  "summary_bg_stdv": 50.697872161865234,
  "summary_fg_k": 2.6214366342097346,
  "summary_fg_mad": 66.75881611831917,
  "summary_fg_mean": 482.54180908203125,
  "summary_fg_median": 478.09576416015625,
  "summary_fg_n": 62273.0,
  "summary_fg_p05": 385.5351928710937,
  "summary_fg_p95": 595.4185791015624,
  "summary_fg_stdv": 70.73863983154297,
  "tsnr": 45.94133796461392
}