{
  "bids_meta": {
    "AcquisitionMatrixPE": 192,
    "AcquisitionNumber": 1,
    "AcquisitionTime": "19:43:14.545000",
    "BaseResolution": 256,
    "BodyPartExamined": "BRAIN",
    "ConsistencyInfo": "N4_VE11C_LATEST_20160120",
    "ConversionSoftware": "dcm2niix",
    "ConversionSoftwareVersion": "v1.0.20171215 (OpenJPEG build) GCC7.3.0",
    "DeviceSerialNumber": "66108",
    "DwellTime": 7.5e-06,
    "EchoTime": 0.0024,
    "FlipAngle": 9,
    "ImageOrientationPatientDICOM": [
      0.999867,
      -0.00699517,
      -0.0147006,
      0.00698051,
      0.999975,
      -0.00104831
    ],
    "ImageType": [
      "ORIGINAL",
      "PRIMARY",
      "M",
      "ND",
      "NORM",
      "FM3",
      "2",
      "FIL"
    ],
    "InPlanePhaseEncodingDirectionDICOM": "ROW",
    "InstitutionAddress": "Huron_325_TORONTO_ONTARIO_CA_M5S_3G3",
    "InstitutionName": "University_of_Toronto",
    "InstitutionalDepartmentName": "Department",
    "InversionTime": 1.1,
    "MRAcquisitionType": "3D",
    "MagneticFieldStrength": 3,
    "Manufacturer": "Siemens",
    "ManufacturersModelName": "Prisma",
    "Modality": "MR",
    "ParallelReductionFactorInPlane": 2,
    "PartialFourier": 1,
    "PatientPosition": "HFS",
    "PercentPhaseFOV": 75,
    "PhaseEncodingSteps": 191,
    "PhaseResolution": 1,
    "PixelBandwidth": 260,
    "ProcedureStepDescription": "Cunningham_Nathan",
    "ProtocolName": "t1_mprage_tra_p2_iso",
    "PulseSequenceDetails": "%SiemensSeq%_tfl",
    "ReceiveCoilActiveElements": "HEA;HEP",
    "ReceiveCoilName": "Head_32",
    "ReconMatrixPE": 256,
    "RepetitionTime": 2,
    "SAR": 0.0586231,
    "ScanOptions": "IR",
    "ScanningSequence": "GR_IR",
    "SequenceName": "_tfl3d1_16",
    "SequenceVariant": "SK_SP_MP",
    "SeriesDescription": "t1_mprage_tra_p2_iso",
    "SeriesNumber": 12,
    "ShimSetting": [
      -1026,
      -6983,
      -6652,
      -33,
      -35,
      26,
      -37,
      -58
    ],
    "SliceThickness": 1,
    "SoftwareVersions": "syngo_MR_E11",
    "StationName": "AWP66108",
    "TxRefAmp": 248.264,
    "dataset": "ds002294",
    "modality": "T1w",
    "subject_id": "049"
  },
  "cjv": 0.32744636354842627,
  "cnr": 4.089670490534233,
  "efc": 0.8452297280924511,
  "fber": -1.0,
  "fwhm_avg": 4.074797613213755,
  "fwhm_x": 3.85426,
  "fwhm_y": 4.36577,
  "fwhm_z": 4.004362839641262,
  "icvs_csf": 0.22885230750702318,
  "icvs_gm": 0.38925914192732536,
  "icvs_wm": 0.3818885505656514,
  "inu_med": 0.7308717966079712,
  "inu_range": 0.12745019793510437,
  "provenance": {
    "md5sum": "f5197dde6d3c49d866e7cbc8ab1b3094",
    "settings": {
      "testing": false
    },
    "software": "mriqc",
    "version": "22.0.6",
    "warnings": {
      "large_rot_frame": true,
      "small_air_mask": true
    },
    "webapi_port": null,
    "webapi_url": "https://mriqc.nimh.nih.gov/api/v1"
  },
  "qi_1": -1.0,
  "qi_2": 0.0,
  "rpve_csf": 19.51305973890549,
  "rpve_gm": 10.933895346862048,
  "rpve_wm": 14.502766564070539,
  "size_x": 192,
  "size_y": 256,
  "size_z": 160,
  "snr_csf": 2.386889367217725,
  "snr_gm": 8.433865369166531,
  "snr_total": 10.271910110637434,
  "snr_wm": 19.99497559552804,
  "snrd_csf": -1.0,
  "snrd_gm": -1.0,
  "snrd_total": -1.0,
  "snrd_wm": -1.0,
  "spacing_x": 1.0,
  "spacing_y": 1.0,
  "spacing_z": 1.0000017881393433,
  "summary_bg_k": 0.0,
  "summary_bg_mad": 0.0,
  "summary_bg_mean": 0.0,
  "summary_bg_median": 0.0,
  "summary_bg_n": 0.0,
  "summary_bg_p05": 0.0,
  "summary_bg_p95": 0.0,
  "summary_bg_stdv": 0.0,
  "summary_csf_k": 0.236096019081514,
  "summary_csf_mad": 91.01472352554615,
  "summary_csf_mean": 222.75878990681935,
  "summary_csf_median": 216.51317624375224,
  "summary_csf_n": 6692.0,
  "summary_csf_p05": 84.309690579772,
  "summary_csf_p95": 383.08403110317886,
  "summary_csf_stdv": 90.70256946016976,
  "summary_gm_k": 0.25259633420326155,
  "summary_gm_mad": 74.82419331492598,
  "summary_gm_mean": 630.4837048696339,
  "summary_gm_median": 631.6882225871086,
  "summary_gm_n": 11791.0,
  "summary_gm_p05": 507.25779354572296,
  "summary_gm_p95": 752.3119110614061,
  "summary_gm_stdv": 74.89584045859327,
  "summary_wm_k": 0.4291027543041377,
  "summary_wm_mad": 45.77815408143661,
  "summary_wm_mean": 1002.4973912805556,
  "summary_wm_median": 999.9999854341149,
  "summary_wm_n": 174972.0,
  "summary_wm_p05": 923.8459481298923,
  "summary_wm_p95": 1091.0820212904362,
  "summary_wm_stdv": 50.01242052296649,
  "tpm_overlap_csf": 0.12057881015633817,
  "tpm_overlap_gm": 0.4050642741256095,
  "tpm_overlap_wm": 0.4820667258624874,
  "wm2max": 0.870656176765986
}