{
  "aor": 0.003348,
  "aqi": 0.014549241098591549,
  "bids_meta": {
    "AcquisitionMatrixPE": 88,
    "AcquisitionNumber": 1,
    "AcquisitionTime": "09:47:40.937500",
    "BandwidthPerPixelPhaseEncode": 43.706,
    "BaseResolution": 88,
    "BodyPartExamined": "BRAIN",
    "ConsistencyInfo": "N4_VE11C_LATEST_20160120",
    "ConversionSoftware": "dcm2niix",
    "ConversionSoftwareVersion": "v1.0.20171215 (OpenJPEG build) GCC7.3.0",
    "DerivedVendorReportedEchoSpacing": 0.000520003,
    "DeviceSerialNumber": "66108",
    "DwellTime": 2.5e-06,
    "EchoTime": 0.026,
    "EchoTrainLength": 43,
    "EffectiveEchoSpacing": 0.000260002,
    "FlipAngle": 70,
    "ImageOrientationPatientDICOM": [
      0.988757,
      0.146089,
      0.0318984,
      -0.144244,
      0.988066,
      -0.054036
    ],
    "ImageType": [
      "ORIGINAL",
      "PRIMARY",
      "M",
      "ND",
      "NORM",
      "MOSAIC"
    ],
    "InPlanePhaseEncodingDirectionDICOM": "COL",
    "InstitutionAddress": "Huron_325_TORONTO_ONTARIO_CA_M5S_3G3",
    "InstitutionName": "University_of_Toronto",
    "InstitutionalDepartmentName": "Department",
    "MRAcquisitionType": "2D",
    "MagneticFieldStrength": 3,
    "Manufacturer": "Siemens",
    "ManufacturersModelName": "Prisma",
    "Modality": "MR",
    "MultibandAccelerationFactor": 2,
    "ParallelReductionFactorInPlane": 2,
    "PartialFourier": 1,
    "PatientPosition": "HFS",
    "PercentPhaseFOV": 100,
    "PhaseEncodingDirection": "j-",
    "PhaseEncodingSteps": 87,
    "PhaseResolution": 1,
    "PixelBandwidth": 2275,
    "ProcedureStepDescription": "Cunningham_Nathan",
    "ProtocolName": "ep2d_p2s2_run3",
    "PulseSequenceDetails": "%SiemensSeq%_ep2d_bold",
    "ReceiveCoilActiveElements": "HEA;HEP",
    "ReceiveCoilName": "Head_32",
    "ReconMatrixPE": 88,
    "RepetitionTime": 1.5,
    "SAR": 0.0719405,
    "ScanOptions": "FS",
    "ScanningSequence": "EP",
    "SequenceName": "_epfid2d1_88",
    "SequenceVariant": "SK",
    "SeriesDescription": "ep2d_p2s2_run3",
    "SeriesNumber": 8,
    "ShimSetting": [
      -1013,
      -7010,
      -6474,
      135,
      33,
      -88,
      -54,
      -60
    ],
    "SliceThickness": 2.5,
    "SliceTiming": [
      0.7125,
      0,
      0.7675,
      0.055,
      0.8225,
      0.11,
      0.875,
      0.1625,
      0.93,
      0.2175,
      0.985,
      0.2725,
      1.04,
      0.3275,
      1.095,
      0.3825,
      1.15,
      0.4375,
      1.205,
      0.4925,
      1.26,
      0.5475,
      1.315,
      0.6025,
      1.37,
      0.6575,
      1.425,
      0.7125,
      0,
      0.7675,
      0.055,
      0.8225,
      0.11,
      0.875,
      0.1625,
      0.93,
      0.2175,
      0.985,
      0.2725,
      1.04,
      0.3275,
      1.095,
      0.3825,
      1.15,
      0.4375,
      1.205,
      0.4925,
      1.26,
      0.5475,
      1.315,
      0.6025,
      1.37,
      0.6575,
      1.425
    ],
    "SoftwareVersions": "syngo_MR_E11",
    "SpacingBetweenSlices": 3,
    "StationName": "AWP66108",
    "TaskName": "roletrait",
    "TotalReadoutTime": 0.0226202,
    "TxRefAmp": 237.275,
    "dataset": "ds002294",
    "modality": "bold",
    "run_id": 3,
    "subject_id": "015",
    "task_id": "roletrait"
  },
  "dummy_trs": 0,
  "dvars_nstd": 30.972451236836182,
  "dvars_std": 1.2661071029661009,
  "dvars_vstd": 1.033464803135593,
  "efc": 0.48595642152315144,
  "fber": 3736.49951171875,
  "fd_mean": 0.13632980612567505,
  "fd_num": 49,
  "fd_perc": 13.80281690140845,
  "fwhm_avg": 1.6169275555555556,
  "fwhm_x": 1.583304,
  "fwhm_y": 1.7690519999999998,
  "fwhm_z": 1.4984266666666668,
  "gcor": 0.0116297,
  "gsr_x": -0.01645330712199211,
  "gsr_y": 0.0185658298432827,
  "provenance": {
    "md5sum": "b8d451809d77f24ab7a43833ff9a22ea",
    "settings": {
      "fd_thres": 0.2,
      "testing": false
    },
    "software": "mriqc",
    "version": "22.0.6",
    "webapi_port": null,
    "webapi_url": "https://mriqc.nimh.nih.gov/api/v1"
  },
  "size_t": 355,
  "size_x": 88,
  "size_y": 88,
  "size_z": 54,
  "snr": 7.524611047654238,
  "spacing_tr": 1.5,
  "spacing_x": 2.5,
  "spacing_y": 2.5,
  "spacing_z": 3.0,
  "summary_bg_k": 21.469808299774055,
  "summary_bg_mad": 6.719737299232363,
  "summary_bg_mean": 30.18829345703125,
  "summary_bg_median": 8.72957706451416,
  "summary_bg_n": 292757.0,
  "summary_bg_p05": 3.0338027477264404,
  "summary_bg_p95": 155.94140319824223,
  "summary_bg_stdv": 58.66989517211914,
  "summary_fg_k": 3.7905564500971405,
  "summary_fg_mad": 63.0084677513236,
  "summary_fg_mean": 536.4957885742188,
  "summary_fg_median": 532.5098266601562,
  "summary_fg_n": 64151.0,
  "summary_fg_p05": 440.2830810546875,
  "summary_fg_p95": 648.7605285644531,
  "summary_fg_stdv": 70.7685317993164,
  "tsnr": 55.33818093314767
}