{
  "aor": 0.0013702549575070823,
  "aqi": 0.013598188866855525,
  "bids_meta": {
    "AcquisitionMatrixPE": 88,
    "AcquisitionNumber": 1,
    "AcquisitionTime": "09:57:15.272500",
    "BandwidthPerPixelPhaseEncode": 43.706,
    "BaseResolution": 88,
    "BodyPartExamined": "BRAIN",
    "ConsistencyInfo": "N4_VE11C_LATEST_20160120",
    "ConversionSoftware": "dcm2niix",
    "ConversionSoftwareVersion": "v1.0.20171215 (OpenJPEG build) GCC7.3.0",
    "DerivedVendorReportedEchoSpacing": 0.000520003,
    "DeviceSerialNumber": "66108",
    "DwellTime": 2.5e-06,
    "EchoTime": 0.026,
    "EchoTrainLength": 43,
    "EffectiveEchoSpacing": 0.000260002,
    "FlipAngle": 70,
    "ImageOrientationPatientDICOM": [
      0.988757,
      0.146089,
      0.0318984,
      -0.144244,
      0.988066,
      -0.054036
    ],
    "ImageType": [
      "ORIGINAL",
      "PRIMARY",
      "M",
      "ND",
      "NORM",
      "MOSAIC"
    ],
    "InPlanePhaseEncodingDirectionDICOM": "COL",
    "InstitutionAddress": "Huron_325_TORONTO_ONTARIO_CA_M5S_3G3",
    "InstitutionName": "University_of_Toronto",
    "InstitutionalDepartmentName": "Department",
    "MRAcquisitionType": "2D",
    "MagneticFieldStrength": 3,
    "Manufacturer": "Siemens",
    "ManufacturersModelName": "Prisma",
    "Modality": "MR",
    "MultibandAccelerationFactor": 2,
    "ParallelReductionFactorInPlane": 2,
    "PartialFourier": 1,
    "PatientPosition": "HFS",
    "PercentPhaseFOV": 100,
    "PhaseEncodingDirection": "j-",
    "PhaseEncodingSteps": 87,
    "PhaseResolution": 1,
    "PixelBandwidth": 2275,
    "ProcedureStepDescription": "Cunningham_Nathan",
    "ProtocolName": "ep2d_p2s2_run4",
    "PulseSequenceDetails": "%SiemensSeq%_ep2d_bold",
    "ReceiveCoilActiveElements": "HEA;HEP",
    "ReceiveCoilName": "Head_32",
    "ReconMatrixPE": 88,
    "RepetitionTime": 1.5,
    "SAR": 0.0719405,
    "ScanOptions": "FS",
    "ScanningSequence": "EP",
    "SequenceName": "_epfid2d1_88",
    "SequenceVariant": "SK",
    "SeriesDescription": "ep2d_p2s2_run4",
    "SeriesNumber": 9,
    "ShimSetting": [
      -1013,
      -7010,
      -6474,
      135,
      33,
      -88,
      -54,
      -60
    ],
    "SliceThickness": 2.5,
    "SliceTiming": [
      0.7125,
      0,
      0.7675,
      0.055,
      0.8225,
      0.11,
      0.8775,
      0.165,
      0.9325,
      0.22,
      0.9875,
      0.275,
      1.0425,
      0.33,
      1.0975,
      0.385,
      1.1525,
      0.44,
      1.2075,
      0.495,
      1.2625,
      0.55,
      1.315,
      0.6025,
      1.37,
      0.6575,
      1.425,
      0.7125,
      0,
      0.7675,
      0.055,
      0.8225,
      0.11,
      0.8775,
      0.165,
      0.9325,
      0.22,
      0.9875,
      0.275,
      1.0425,
      0.33,
      1.0975,
      0.385,
      1.1525,
      0.44,
      1.2075,
      0.495,
      1.2625,
      0.55,
      1.315,
      0.6025,
      1.37,
      0.6575,
      1.425
    ],
    "SoftwareVersions": "syngo_MR_E11",
    "SpacingBetweenSlices": 3,
    "StationName": "AWP66108",
    "TaskName": "roletrait",
    "TotalReadoutTime": 0.0226202,
    "TxRefAmp": 237.275,
    "dataset": "ds002294",
    "modality": "bold",
    "run_id": 4,
    "subject_id": "015",
    "task_id": "roletrait"
  },
  "dummy_trs": 2,
  "dvars_nstd": 30.114201350767033,
  "dvars_std": 1.2616294737500016,
  "dvars_vstd": 1.016935117869319,
  "efc": 0.4870699309637722,
  "fber": 3591.463623046875,
  "fd_mean": 0.09702632738335869,
  "fd_num": 23,
  "fd_perc": 6.515580736543909,
  "fwhm_avg": 1.6171446666666665,
  "fwhm_x": 1.585708,
  "fwhm_y": 1.767156,
  "fwhm_z": 1.49857,
  "gcor": 0.0108288,
  "gsr_x": -0.01631557196378708,
  "gsr_y": 0.018832990899682045,
  "provenance": {
    "md5sum": "0fc2bd91d24141ccc92072ef9627c913",
    "settings": {
      "fd_thres": 0.2,
      "testing": false
    },
    "software": "mriqc",
    "version": "22.0.6",
    "webapi_port": null,
    "webapi_url": "https://mriqc.nimh.nih.gov/api/v1"
  },
  "size_t": 353,
  "size_x": 88,
  "size_y": 88,
  "size_z": 54,
  "snr": 7.522863639732366,
  "spacing_tr": 1.5,
  "spacing_x": 2.5,
  "spacing_y": 2.5,
  "spacing_z": 3.0,
  "summary_bg_k": 21.06217474594801,
  "summary_bg_mad": 6.93000977497783,
  "summary_bg_mean": 30.700620651245117,
  "summary_bg_median": 8.91218090057373,
  "summary_bg_n": 292840.0,
  "summary_bg_p05": 3.0424928665161133,
  "summary_bg_p95": 159.40792846679688,
  "summary_bg_stdv": 59.44384765625,
  "summary_fg_k": 3.9643263968134335,
  "summary_fg_mad": 62.727086428176435,
  "summary_fg_mean": 536.5120849609375,
  "summary_fg_median": 532.8385009765625,
  "summary_fg_n": 64088.0,
  "summary_fg_p05": 440.5657073974609,
  "summary_fg_p95": 648.4096221923827,
  "summary_fg_stdv": 70.82865905761719,
  "tsnr": 57.7565576301422
}