{
  "bids_meta": {
    "AcquisitionMatrixPE": 192,
    "AcquisitionNumber": 1,
    "AcquisitionTime": "17:59:27.537500",
    "BaseResolution": 256,
    "BodyPartExamined": "BRAIN",
    "ConsistencyInfo": "N4_VE11C_LATEST_20160120",
    "ConversionSoftware": "dcm2niix",
    "ConversionSoftwareVersion": "v1.0.20171215 (OpenJPEG build) GCC7.3.0",
    "DeviceSerialNumber": "66108",
    "DwellTime": 7.5e-06,
    "EchoTime": 0.0024,
    "FlipAngle": 9,
    "ImageOrientationPatientDICOM": [
      0.999859,
      0.0140506,
      0.00923315,
      -0.0092492,
      0.918285,
      -0.395811
    ],
    "ImageType": [
      "ORIGINAL",
      "PRIMARY",
      "M",
      "ND",
      "NORM",
      "FM3",
      "2",
      "FIL"
    ],
    "InPlanePhaseEncodingDirectionDICOM": "ROW",
    "InstitutionAddress": "Huron_325_TORONTO_ONTARIO_CA_M5S_3G3",
    "InstitutionName": "University_of_Toronto",
    "InstitutionalDepartmentName": "Department",
    "InversionTime": 1.1,
    "MRAcquisitionType": "3D",
    "MagneticFieldStrength": 3,
    "Manufacturer": "Siemens",
    "ManufacturersModelName": "Prisma",
    "Modality": "MR",
    "ParallelReductionFactorInPlane": 2,
    "PartialFourier": 1,
    "PatientPosition": "HFS",
    "PercentPhaseFOV": 75,
    "PhaseEncodingSteps": 191,
    "PhaseResolution": 1,
    "PixelBandwidth": 260,
    "ProcedureStepDescription": "Cunningham_Nathan",
    "ProtocolName": "t1_mprage_tra_p2_iso",
    "PulseSequenceDetails": "%SiemensSeq%_tfl",
    "ReceiveCoilActiveElements": "HEA;HEP",
    "ReceiveCoilName": "Head_32",
    "ReconMatrixPE": 256,
    "RepetitionTime": 2,
    "SAR": 0.0503752,
    "ScanOptions": "IR",
    "ScanningSequence": "GR_IR",
    "SequenceName": "_tfl3d1_16",
    "SequenceVariant": "SK_SP_MP",
    "SeriesDescription": "t1_mprage_tra_p2_iso",
    "SeriesNumber": 12,
    "ShimSetting": [
      -1026,
      -6983,
      -6652,
      -33,
      -35,
      26,
      -37,
      -58
    ],
    "SliceThickness": 1,
    "SoftwareVersions": "syngo_MR_E11",
    "StationName": "AWP66108",
    "TxRefAmp": 252.863,
    "dataset": "ds002294",
    "modality": "T1w",
    "subject_id": "046"
  },
  "cjv": 0.3758567160876322,
  "cnr": 3.4405602683671512,
  "efc": 0.826569569925729,
  "fber": 25.53297092485616,
  "fwhm_avg": 3.435977474707919,
  "fwhm_x": 3.14941,
  "fwhm_y": 3.81373,
  "fwhm_z": 3.3447924241237574,
  "icvs_csf": 0.2252025452442862,
  "icvs_gm": 0.37940573624889473,
  "icvs_wm": 0.39539171850681903,
  "inu_med": 0.8615983724594116,
  "inu_range": 0.259925401210785,
  "provenance": {
    "md5sum": "72ead1e536713a2c291c4e92bfae1568",
    "settings": {
      "testing": false
    },
    "software": "mriqc",
    "version": "22.0.6",
    "warnings": {
      "large_rot_frame": true,
      "small_air_mask": true
    },
    "webapi_port": null,
    "webapi_url": "https://mriqc.nimh.nih.gov/api/v1"
  },
  "qi_1": -1.0,
  "qi_2": 0.0,
  "rpve_csf": 17.03877755532994,
  "rpve_gm": 9.664904992595195,
  "rpve_wm": 12.276358421290558,
  "size_x": 192,
  "size_y": 256,
  "size_z": 160,
  "snr_csf": 0.8930117873358117,
  "snr_gm": 6.291885344310627,
  "snr_total": 7.30204173859538,
  "snr_wm": 14.721228084139701,
  "snrd_csf": -1.0,
  "snrd_gm": -1.0,
  "snrd_total": -1.0,
  "snrd_wm": -1.0,
  "spacing_x": 1.0,
  "spacing_y": 1.0,
  "spacing_z": 1.0000022649765015,
  "summary_bg_k": 0.0,
  "summary_bg_mad": 0.0,
  "summary_bg_mean": 0.0,
  "summary_bg_median": 0.0,
  "summary_bg_n": 0.0,
  "summary_bg_p05": 0.0,
  "summary_bg_p95": 0.0,
  "summary_bg_stdv": 0.0,
  "summary_csf_k": 30.498474164774308,
  "summary_csf_mad": 92.4392324468523,
  "summary_csf_mean": 252.14276035307068,
  "summary_csf_median": 218.5735646635294,
  "summary_csf_n": 5555.0,
  "summary_csf_p05": 79.40916158258915,
  "summary_csf_p95": 398.5320593230427,
  "summary_csf_stdv": 244.73796795213556,
  "summary_gm_k": 0.272614794389372,
  "summary_gm_mad": 90.67460686416642,
  "summary_gm_mean": 594.1804674441398,
  "summary_gm_median": 598.0712296441197,
  "summary_gm_n": 11277.0,
  "summary_gm_p05": 429.9020351842046,
  "summary_gm_p95": 745.1887562870978,
  "summary_gm_stdv": 95.05016048885761,
  "summary_wm_k": 1.3372951555887367,
  "summary_wm_mad": 60.40449109963183,
  "summary_wm_mean": 1002.1367885575218,
  "summary_wm_median": 1000.030517578125,
  "summary_wm_n": 197389.0,
  "summary_wm_p05": 895.0468450784683,
  "summary_wm_p95": 1116.3365570828319,
  "summary_wm_stdv": 67.93101626526669,
  "tpm_overlap_csf": 0.12058291454296195,
  "tpm_overlap_gm": 0.3934169386105401,
  "tpm_overlap_wm": 0.4676079732630027,
  "wm2max": 0.5393316333392054
}