{
  "bids_meta": {
    "AcquisitionMatrixPE": 192,
    "AcquisitionNumber": 1,
    "AcquisitionTime": "09:50:41.527500",
    "BaseResolution": 256,
    "BodyPartExamined": "BRAIN",
    "ConsistencyInfo": "N4_VE11C_LATEST_20160120",
    "ConversionSoftware": "dcm2niix",
    "ConversionSoftwareVersion": "v1.0.20171215 (OpenJPEG build) GCC7.3.0",
    "DeviceSerialNumber": "66108",
    "DwellTime": 7.5e-06,
    "EchoTime": 0.0024,
    "FlipAngle": 9,
    "ImageOrientationPatientDICOM": [
      0.998317,
      0.0540524,
      -0.0209888,
      -0.056339,
      0.989831,
      -0.130617
    ],
    "ImageType": [
      "ORIGINAL",
      "PRIMARY",
      "M",
      "ND",
      "NORM",
      "FM3",
      "2",
      "FIL"
    ],
    "InPlanePhaseEncodingDirectionDICOM": "ROW",
    "InstitutionAddress": "Huron_325_TORONTO_ONTARIO_CA_M5S_3G3",
    "InstitutionName": "University_of_Toronto",
    "InstitutionalDepartmentName": "Department",
    "InversionTime": 1.1,
    "MRAcquisitionType": "3D",
    "MagneticFieldStrength": 3,
    "Manufacturer": "Siemens",
    "ManufacturersModelName": "Prisma",
    "Modality": "MR",
    "ParallelReductionFactorInPlane": 2,
    "PartialFourier": 1,
    "PatientPosition": "HFS",
    "PercentPhaseFOV": 75,
    "PhaseEncodingSteps": 191,
    "PhaseResolution": 1,
    "PixelBandwidth": 260,
    "ProcedureStepDescription": "Cunningham_Nathan",
    "ProtocolName": "t1_mprage_tra_p2_iso",
    "PulseSequenceDetails": "%SiemensSeq%_tfl",
    "ReceiveCoilActiveElements": "HEA;HEP",
    "ReceiveCoilName": "Head_32",
    "ReconMatrixPE": 256,
    "RepetitionTime": 2,
    "SAR": 0.0598808,
    "ScanOptions": "IR",
    "ScanningSequence": "GR_IR",
    "SequenceName": "_tfl3d1_16",
    "SequenceVariant": "SK_SP_MP",
    "SeriesDescription": "t1_mprage_tra_p2_iso",
    "SeriesNumber": 12,
    "ShimSetting": [
      -1026,
      -6983,
      -6652,
      -33,
      -35,
      26,
      -37,
      -58
    ],
    "SliceThickness": 1,
    "SoftwareVersions": "syngo_MR_E11",
    "StationName": "AWP66108",
    "TxRefAmp": 267.544,
    "dataset": "ds002294",
    "modality": "T1w",
    "subject_id": "005"
  },
  "cjv": 0.3824014764296934,
  "cnr": 3.523073418934909,
  "efc": 0.8329409876312842,
  "fber": -1.0,
  "fwhm_avg": 3.752914694060672,
  "fwhm_x": 3.56682,
  "fwhm_y": 4.11223,
  "fwhm_z": 3.579694082182016,
  "icvs_csf": 0.24934026291069508,
  "icvs_gm": 0.365950707297987,
  "icvs_wm": 0.38470902979131794,
  "inu_med": 0.7575372755527496,
  "inu_range": 0.23360683023929596,
  "provenance": {
    "md5sum": "44bebcbdb4fefdd29eed17417a7fc1a8",
    "settings": {
      "testing": false
    },
    "software": "mriqc",
    "version": "22.0.6",
    "warnings": {
      "large_rot_frame": true,
      "small_air_mask": true
    },
    "webapi_port": null,
    "webapi_url": "https://mriqc.nimh.nih.gov/api/v1"
  },
  "qi_1": -1.0,
  "qi_2": 0.0,
  "rpve_csf": 15.436378022257653,
  "rpve_gm": 9.496078169960782,
  "rpve_wm": 12.033941044358837,
  "size_x": 192,
  "size_y": 256,
  "size_z": 160,
  "snr_csf": 2.2663959581060373,
  "snr_gm": 6.693277626317441,
  "snr_total": 7.907548125794636,
  "snr_wm": 14.762970792960427,
  "snrd_csf": -1.0,
  "snrd_gm": -1.0,
  "snrd_total": -1.0,
  "snrd_wm": -1.0,
  "spacing_x": 1.0,
  "spacing_y": 1.0,
  "spacing_z": 0.9999960660934448,
  "summary_bg_k": 0.0,
  "summary_bg_mad": 0.0,
  "summary_bg_mean": 0.0,
  "summary_bg_median": 0.0,
  "summary_bg_n": 0.0,
  "summary_bg_p05": 0.0,
  "summary_bg_p95": 0.0,
  "summary_bg_stdv": 0.0,
  "summary_csf_k": 0.47047926346113833,
  "summary_csf_mad": 88.65186433278674,
  "summary_csf_mean": 209.5185318408548,
  "summary_csf_median": 205.94623269047588,
  "summary_csf_n": 7684.0,
  "summary_csf_p05": 72.8263998515904,
  "summary_csf_p95": 363.90926483357316,
  "summary_csf_stdv": 90.86357153952733,
  "summary_gm_k": 0.39627655324156086,
  "summary_gm_mad": 87.074662891729,
  "summary_gm_mean": 601.0442864046607,
  "summary_gm_median": 602.9343298729509,
  "summary_gm_n": 15407.0,
  "summary_gm_p05": 450.2847881024703,
  "summary_gm_p95": 747.5942437838762,
  "summary_gm_stdv": 90.0776564666823,
  "summary_wm_k": 0.482824332957251,
  "summary_wm_mad": 64.76383417343315,
  "summary_wm_mean": 1000.9601867871354,
  "summary_wm_median": 999.9999962579459,
  "summary_wm_n": 200436.0,
  "summary_wm_p05": 890.4057944118977,
  "summary_wm_p95": 1112.1484411298297,
  "summary_wm_stdv": 67.73687462484362,
  "tpm_overlap_csf": 0.1106378264770855,
  "tpm_overlap_gm": 0.37688714199757384,
  "tpm_overlap_wm": 0.4540386092799152,
  "wm2max": 0.8179600541056129
}