{
  "aor": 0.0033169295774647884,
  "aqi": 0.008685764957746478,
  "bids_meta": {
    "AcquisitionMatrixPE": 88,
    "AcquisitionNumber": 1,
    "AcquisitionTime": "17:23:41.275000",
    "BandwidthPerPixelPhaseEncode": 43.706,
    "BaseResolution": 88,
    "BodyPartExamined": "BRAIN",
    "ConsistencyInfo": "N4_VE11C_LATEST_20160120",
    "ConversionSoftware": "dcm2niix",
    "ConversionSoftwareVersion": "v1.0.20171215 (OpenJPEG build) GCC7.3.0",
    "DerivedVendorReportedEchoSpacing": 0.000520003,
    "DeviceSerialNumber": "66108",
    "DwellTime": 2.5e-06,
    "EchoTime": 0.026,
    "EchoTrainLength": 43,
    "EffectiveEchoSpacing": 0.000260002,
    "FlipAngle": 70,
    "ImageOrientationPatientDICOM": [
      0.999659,
      -0.0173704,
      0.0194838,
      0.0174491,
      0.99984,
      -0.00387824
    ],
    "ImageType": [
      "ORIGINAL",
      "PRIMARY",
      "M",
      "ND",
      "NORM",
      "MOSAIC"
    ],
    "InPlanePhaseEncodingDirectionDICOM": "COL",
    "InstitutionAddress": "Huron_325_TORONTO_ONTARIO_CA_M5S_3G3",
    "InstitutionName": "University_of_Toronto",
    "InstitutionalDepartmentName": "Department",
    "MRAcquisitionType": "2D",
    "MagneticFieldStrength": 3,
    "Manufacturer": "Siemens",
    "ManufacturersModelName": "Prisma",
    "Modality": "MR",
    "MultibandAccelerationFactor": 2,
    "ParallelReductionFactorInPlane": 2,
    "PartialFourier": 1,
    "PatientPosition": "HFS",
    "PercentPhaseFOV": 100,
    "PhaseEncodingDirection": "j-",
    "PhaseEncodingSteps": 87,
    "PhaseResolution": 1,
    "PixelBandwidth": 2275,
    "ProcedureStepDescription": "Cunningham_Nathan",
    "ProtocolName": "ep2d_p2s2_run1",
    "PulseSequenceDetails": "%SiemensSeq%_ep2d_bold",
    "ReceiveCoilActiveElements": "HEA;HEP",
    "ReceiveCoilName": "Head_32",
    "ReconMatrixPE": 88,
    "RepetitionTime": 1.5,
    "SAR": 0.0672976,
    "ScanOptions": "FS",
    "ScanningSequence": "EP",
    "SequenceName": "_epfid2d1_88",
    "SequenceVariant": "SK",
    "SeriesDescription": "ep2d_p2s2_run1",
    "SeriesNumber": 6,
    "ShimSetting": [
      -1048,
      -7024,
      -6324,
      462,
      -58,
      8,
      132,
      -37
    ],
    "SliceThickness": 2.5,
    "SliceTiming": [
      0.7125,
      0,
      0.7675,
      0.055,
      0.8225,
      0.11,
      0.8775,
      0.165,
      0.9325,
      0.22,
      0.9875,
      0.275,
      1.0425,
      0.33,
      1.0975,
      0.385,
      1.1525,
      0.44,
      1.2075,
      0.495,
      1.2625,
      0.55,
      1.3175,
      0.605,
      1.37,
      0.6575,
      1.425,
      0.7125,
      0,
      0.7675,
      0.055,
      0.8225,
      0.11,
      0.8775,
      0.165,
      0.9325,
      0.22,
      0.9875,
      0.275,
      1.0425,
      0.33,
      1.0975,
      0.385,
      1.1525,
      0.44,
      1.2075,
      0.495,
      1.2625,
      0.55,
      1.3175,
      0.605,
      1.37,
      0.6575,
      1.425
    ],
    "SoftwareVersions": "syngo_MR_E11",
    "SpacingBetweenSlices": 3,
    "StationName": "AWP66108",
    "TaskName": "roletrait",
    "TotalReadoutTime": 0.0226202,
    "TxRefAmp": 254.349,
    "dataset": "ds002294",
    "modality": "bold",
    "run_id": 1,
    "subject_id": "048",
    "task_id": "roletrait"
  },
  "dummy_trs": 0,
  "dvars_nstd": 28.231514203361588,
  "dvars_std": 1.2982874472881358,
  "dvars_vstd": 1.0469393046610167,
  "efc": 0.4593635083258112,
  "fber": 3964.49072265625,
  "fd_mean": 0.09803022704406743,
  "fd_num": 23,
  "fd_perc": 6.47887323943662,
  "fwhm_avg": 1.6698788888888887,
  "fwhm_x": 1.63204,
  "fwhm_y": 1.8093,
  "fwhm_z": 1.5682966666666667,
  "gcor": 0.014155,
  "gsr_x": -0.010133312083780766,
  "gsr_y": 0.00860295258462429,
  "provenance": {
    "md5sum": "59406184d69f712bfd1a39c5ab2cc61d",
    "settings": {
      "fd_thres": 0.2,
      "testing": false
    },
    "software": "mriqc",
    "version": "22.0.6",
    "webapi_port": null,
    "webapi_url": "https://mriqc.nimh.nih.gov/api/v1"
  },
  "size_t": 355,
  "size_x": 88,
  "size_y": 88,
  "size_z": 54,
  "snr": 6.379832436951332,
  "spacing_tr": 1.5,
  "spacing_x": 2.5,
  "spacing_y": 2.5,
  "spacing_z": 3.0,
  "summary_bg_k": 28.89269398415587,
  "summary_bg_mad": 6.23945919094202,
  "summary_bg_mean": 22.688175201416016,
  "summary_bg_median": 8.109858512878418,
  "summary_bg_n": 297029.0,
  "summary_bg_p05": 2.7943661212921143,
  "summary_bg_p95": 94.39605255126946,
  "summary_bg_stdv": 45.97412872314453,
  "summary_fg_k": 1.808515505628252,
  "summary_fg_mad": 79.51967856337396,
  "summary_fg_mean": 512.4639892578125,
  "summary_fg_median": 507.65069580078125,
  "summary_fg_n": 60876.0,
  "summary_fg_p05": 403.23309326171875,
  "summary_fg_p95": 642.7408142089844,
  "summary_fg_stdv": 79.57051086425781,
  "tsnr": 60.358992002904415
}