{
  "aor": 0.0008942209631728044,
  "aqi": 0.007927901558073654,
  "bids_meta": {
    "AcquisitionMatrixPE": 88,
    "AcquisitionNumber": 1,
    "AcquisitionTime": "17:33:37.855000",
    "BandwidthPerPixelPhaseEncode": 43.706,
    "BaseResolution": 88,
    "BodyPartExamined": "BRAIN",
    "ConsistencyInfo": "N4_VE11C_LATEST_20160120",
    "ConversionSoftware": "dcm2niix",
    "ConversionSoftwareVersion": "v1.0.20171215 (OpenJPEG build) GCC7.3.0",
    "DerivedVendorReportedEchoSpacing": 0.000520003,
    "DeviceSerialNumber": "66108",
    "DwellTime": 2.5e-06,
    "EchoTime": 0.026,
    "EchoTrainLength": 43,
    "EffectiveEchoSpacing": 0.000260002,
    "FlipAngle": 70,
    "ImageOrientationPatientDICOM": [
      0.999659,
      -0.0173704,
      0.0194838,
      0.0174491,
      0.99984,
      -0.00387824
    ],
    "ImageType": [
      "ORIGINAL",
      "PRIMARY",
      "M",
      "ND",
      "NORM",
      "MOSAIC"
    ],
    "InPlanePhaseEncodingDirectionDICOM": "COL",
    "InstitutionAddress": "Huron_325_TORONTO_ONTARIO_CA_M5S_3G3",
    "InstitutionName": "University_of_Toronto",
    "InstitutionalDepartmentName": "Department",
    "MRAcquisitionType": "2D",
    "MagneticFieldStrength": 3,
    "Manufacturer": "Siemens",
    "ManufacturersModelName": "Prisma",
    "Modality": "MR",
    "MultibandAccelerationFactor": 2,
    "ParallelReductionFactorInPlane": 2,
    "PartialFourier": 1,
    "PatientPosition": "HFS",
    "PercentPhaseFOV": 100,
    "PhaseEncodingDirection": "j-",
    "PhaseEncodingSteps": 87,
    "PhaseResolution": 1,
    "PixelBandwidth": 2275,
    "ProcedureStepDescription": "Cunningham_Nathan",
    "ProtocolName": "ep2d_p2s2_run2",
    "PulseSequenceDetails": "%SiemensSeq%_ep2d_bold",
    "ReceiveCoilActiveElements": "HEA;HEP",
    "ReceiveCoilName": "Head_32",
    "ReconMatrixPE": 88,
    "RepetitionTime": 1.5,
    "SAR": 0.0672976,
    "ScanOptions": "FS",
    "ScanningSequence": "EP",
    "SequenceName": "_epfid2d1_88",
    "SequenceVariant": "SK",
    "SeriesDescription": "ep2d_p2s2_run2",
    "SeriesNumber": 7,
    "ShimSetting": [
      -1041,
      -7024,
      -6343,
      410,
      -54,
      -5,
      64,
      -42
    ],
    "SliceThickness": 2.5,
    "SliceTiming": [
      0.7125,
      0,
      0.7675,
      0.055,
      0.8225,
      0.11,
      0.8775,
      0.165,
      0.9325,
      0.22,
      0.9875,
      0.275,
      1.0425,
      0.33,
      1.0975,
      0.385,
      1.1525,
      0.44,
      1.2075,
      0.495,
      1.2625,
      0.55,
      1.3175,
      0.605,
      1.3725,
      0.66,
      1.425,
      0.7125,
      0,
      0.7675,
      0.055,
      0.8225,
      0.11,
      0.8775,
      0.165,
      0.9325,
      0.22,
      0.9875,
      0.275,
      1.0425,
      0.33,
      1.0975,
      0.385,
      1.1525,
      0.44,
      1.2075,
      0.495,
      1.2625,
      0.55,
      1.3175,
      0.605,
      1.3725,
      0.66,
      1.425
    ],
    "SoftwareVersions": "syngo_MR_E11",
    "SpacingBetweenSlices": 3,
    "StationName": "AWP66108",
    "TaskName": "roletrait",
    "TotalReadoutTime": 0.0226202,
    "TxRefAmp": 254.349,
    "dataset": "ds002294",
    "modality": "bold",
    "run_id": 2,
    "subject_id": "048",
    "task_id": "roletrait"
  },
  "dummy_trs": 2,
  "dvars_nstd": 29.85006736088068,
  "dvars_std": 1.3213848985227277,
  "dvars_vstd": 1.0114028304261362,
  "efc": 0.4592795342667283,
  "fber": 3956.18359375,
  "fd_mean": 0.08703251523722298,
  "fd_num": 19,
  "fd_perc": 5.38243626062323,
  "fwhm_avg": 1.6640415555555557,
  "fwhm_x": 1.627992,
  "fwhm_y": 1.799136,
  "fwhm_z": 1.5649966666666666,
  "gcor": 0.0105589,
  "gsr_x": -0.010190177708864212,
  "gsr_y": 0.008491585962474346,
  "provenance": {
    "md5sum": "250c78a3e40ef1d29a6ba03b30ad8715",
    "settings": {
      "fd_thres": 0.2,
      "testing": false
    },
    "software": "mriqc",
    "version": "22.0.6",
    "webapi_port": null,
    "webapi_url": "https://mriqc.nimh.nih.gov/api/v1"
  },
  "size_t": 353,
  "size_x": 88,
  "size_y": 88,
  "size_z": 54,
  "snr": 6.427309188906105,
  "spacing_tr": 1.5,
  "spacing_x": 2.5,
  "spacing_y": 2.5,
  "spacing_z": 3.0,
  "summary_bg_k": 28.28695399870101,
  "summary_bg_mad": 6.140409523713772,
  "summary_bg_mean": 22.572996139526367,
  "summary_bg_median": 8.101983070373535,
  "summary_bg_n": 297025.0,
  "summary_bg_p05": 2.841359853744507,
  "summary_bg_p95": 94.54900665283184,
  "summary_bg_stdv": 45.54767990112305,
  "summary_fg_k": 1.8919817201191487,
  "summary_fg_mad": 78.54011502484104,
  "summary_fg_mean": 510.9302673339844,
  "summary_fg_median": 506.42352294921875,
  "summary_fg_n": 60936.0,
  "summary_fg_p05": 402.9128875732422,
  "summary_fg_p95": 638.6572418212891,
  "summary_fg_stdv": 78.79181671142578,
  "tsnr": 61.92750922869891
}