{
  "aor": 0.000439180790960452,
  "aqi": 0.007486881016949153,
  "bids_meta": {
    "AcquisitionMatrixPE": 88,
    "AcquisitionNumber": 1,
    "AcquisitionTime": "17:43:33.475000",
    "BandwidthPerPixelPhaseEncode": 43.706,
    "BaseResolution": 88,
    "BodyPartExamined": "BRAIN",
    "ConsistencyInfo": "N4_VE11C_LATEST_20160120",
    "ConversionSoftware": "dcm2niix",
    "ConversionSoftwareVersion": "v1.0.20171215 (OpenJPEG build) GCC7.3.0",
    "DerivedVendorReportedEchoSpacing": 0.000520003,
    "DeviceSerialNumber": "66108",
    "DwellTime": 2.5e-06,
    "EchoTime": 0.026,
    "EchoTrainLength": 43,
    "EffectiveEchoSpacing": 0.000260002,
    "FlipAngle": 70,
    "ImageOrientationPatientDICOM": [
      0.999659,
      -0.0173704,
      0.0194838,
      0.0174491,
      0.99984,
      -0.00387824
    ],
    "ImageType": [
      "ORIGINAL",
      "PRIMARY",
      "M",
      "ND",
      "NORM",
      "MOSAIC"
    ],
    "InPlanePhaseEncodingDirectionDICOM": "COL",
    "InstitutionAddress": "Huron_325_TORONTO_ONTARIO_CA_M5S_3G3",
    "InstitutionName": "University_of_Toronto",
    "InstitutionalDepartmentName": "Department",
    "MRAcquisitionType": "2D",
    "MagneticFieldStrength": 3,
    "Manufacturer": "Siemens",
    "ManufacturersModelName": "Prisma",
    "Modality": "MR",
    "MultibandAccelerationFactor": 2,
    "ParallelReductionFactorInPlane": 2,
    "PartialFourier": 1,
    "PatientPosition": "HFS",
    "PercentPhaseFOV": 100,
    "PhaseEncodingDirection": "j-",
    "PhaseEncodingSteps": 87,
    "PhaseResolution": 1,
    "PixelBandwidth": 2275,
    "ProcedureStepDescription": "Cunningham_Nathan",
    "ProtocolName": "ep2d_p2s2_run3",
    "PulseSequenceDetails": "%SiemensSeq%_ep2d_bold",
    "ReceiveCoilActiveElements": "HEA;HEP",
    "ReceiveCoilName": "Head_32",
    "ReconMatrixPE": 88,
    "RepetitionTime": 1.5,
    "SAR": 0.0672976,
    "ScanOptions": "FS",
    "ScanningSequence": "EP",
    "SequenceName": "_epfid2d1_88",
    "SequenceVariant": "SK",
    "SeriesDescription": "ep2d_p2s2_run3",
    "SeriesNumber": 8,
    "ShimSetting": [
      -1041,
      -7024,
      -6343,
      410,
      -54,
      -5,
      64,
      -42
    ],
    "SliceThickness": 2.5,
    "SliceTiming": [
      0.7125,
      0,
      0.7675,
      0.055,
      0.8225,
      0.11,
      0.8775,
      0.165,
      0.9325,
      0.22,
      0.9875,
      0.275,
      1.0425,
      0.33,
      1.0975,
      0.385,
      1.1525,
      0.44,
      1.205,
      0.4925,
      1.26,
      0.5475,
      1.315,
      0.6025,
      1.37,
      0.6575,
      1.425,
      0.7125,
      0,
      0.7675,
      0.055,
      0.8225,
      0.11,
      0.8775,
      0.165,
      0.9325,
      0.22,
      0.9875,
      0.275,
      1.0425,
      0.33,
      1.0975,
      0.385,
      1.1525,
      0.44,
      1.205,
      0.4925,
      1.26,
      0.5475,
      1.315,
      0.6025,
      1.37,
      0.6575,
      1.425
    ],
    "SoftwareVersions": "syngo_MR_E11",
    "SpacingBetweenSlices": 3,
    "StationName": "AWP66108",
    "TaskName": "roletrait",
    "TotalReadoutTime": 0.0226202,
    "TxRefAmp": 254.349,
    "dataset": "ds002294",
    "modality": "bold",
    "run_id": 3,
    "subject_id": "048",
    "task_id": "roletrait"
  },
  "dummy_trs": 1,
  "dvars_nstd": 30.881319602549596,
  "dvars_std": 1.3366436132294608,
  "dvars_vstd": 1.004372345297451,
  "efc": 0.4597270847921078,
  "fber": 3909.381103515625,
  "fd_mean": 0.09622212407583286,
  "fd_num": 28,
  "fd_perc": 7.909604519774011,
  "fwhm_avg": 1.6702802222222222,
  "fwhm_x": 1.6367920000000002,
  "fwhm_y": 1.8019120000000002,
  "fwhm_z": 1.5721366666666665,
  "gcor": 0.0129639,
  "gsr_x": -0.010158938355743885,
  "gsr_y": 0.008597883395850658,
  "provenance": {
    "md5sum": "7e0dc463dcf0f4b0feb48f8958773080",
    "settings": {
      "fd_thres": 0.2,
      "testing": false
    },
    "software": "mriqc",
    "version": "22.0.6",
    "webapi_port": null,
    "webapi_url": "https://mriqc.nimh.nih.gov/api/v1"
  },
  "size_t": 354,
  "size_x": 88,
  "size_y": 88,
  "size_z": 54,
  "snr": 6.419735925343645,
  "spacing_tr": 1.5,
  "spacing_x": 2.5,
  "spacing_y": 2.5,
  "spacing_z": 3.0,
  "summary_bg_k": 28.137425088957833,
  "summary_bg_mad": 6.169132594590686,
  "summary_bg_mean": 22.697650909423828,
  "summary_bg_median": 8.152542114257812,
  "summary_bg_n": 296967.0,
  "summary_bg_p05": 2.8559322357177734,
  "summary_bg_p95": 95.6028266906739,
  "summary_bg_stdv": 45.64216613769531,
  "summary_fg_k": 1.8556379205616516,
  "summary_fg_mad": 78.78104693443402,
  "summary_fg_mean": 511.13934326171875,
  "summary_fg_median": 506.52117919921875,
  "summary_fg_n": 61000.0,
  "summary_fg_p05": 403.14901275634764,
  "summary_fg_p95": 639.2480468749998,
  "summary_fg_stdv": 78.89997863769531,
  "tsnr": 63.51294149644673
}