{
  "aor": 0.0007094929577464788,
  "aqi": 0.009660363154929578,
  "bids_meta": {
    "AcquisitionMatrixPE": 88,
    "AcquisitionNumber": 1,
    "AcquisitionTime": "17:55:51.352500",
    "BandwidthPerPixelPhaseEncode": 43.706,
    "BaseResolution": 88,
    "BodyPartExamined": "BRAIN",
    "ConsistencyInfo": "N4_VE11C_LATEST_20160120",
    "ConversionSoftware": "dcm2niix",
    "ConversionSoftwareVersion": "v1.0.20171215 (OpenJPEG build) GCC7.3.0",
    "DerivedVendorReportedEchoSpacing": 0.000520003,
    "DeviceSerialNumber": "66108",
    "DwellTime": 2.5e-06,
    "EchoTime": 0.026,
    "EchoTrainLength": 43,
    "EffectiveEchoSpacing": 0.000260002,
    "FlipAngle": 70,
    "ImageOrientationPatientDICOM": [
      0.999659,
      -0.0173704,
      0.0194838,
      0.0174491,
      0.99984,
      -0.00387824
    ],
    "ImageType": [
      "ORIGINAL",
      "PRIMARY",
      "M",
      "ND",
      "NORM",
      "MOSAIC"
    ],
    "InPlanePhaseEncodingDirectionDICOM": "COL",
    "InstitutionAddress": "Huron_325_TORONTO_ONTARIO_CA_M5S_3G3",
    "InstitutionName": "University_of_Toronto",
    "InstitutionalDepartmentName": "Department",
    "MRAcquisitionType": "2D",
    "MagneticFieldStrength": 3,
    "Manufacturer": "Siemens",
    "ManufacturersModelName": "Prisma",
    "Modality": "MR",
    "MultibandAccelerationFactor": 2,
    "ParallelReductionFactorInPlane": 2,
    "PartialFourier": 1,
    "PatientPosition": "HFS",
    "PercentPhaseFOV": 100,
    "PhaseEncodingDirection": "j-",
    "PhaseEncodingSteps": 87,
    "PhaseResolution": 1,
    "PixelBandwidth": 2275,
    "ProcedureStepDescription": "Cunningham_Nathan",
    "ProtocolName": "ep2d_p2s2_run4",
    "PulseSequenceDetails": "%SiemensSeq%_ep2d_bold",
    "ReceiveCoilActiveElements": "HEA;HEP",
    "ReceiveCoilName": "Head_32",
    "ReconMatrixPE": 88,
    "RepetitionTime": 1.5,
    "SAR": 0.0672976,
    "ScanOptions": "FS",
    "ScanningSequence": "EP",
    "SequenceName": "_epfid2d1_88",
    "SequenceVariant": "SK",
    "SeriesDescription": "ep2d_p2s2_run4",
    "SeriesNumber": 9,
    "ShimSetting": [
      -1041,
      -7024,
      -6343,
      410,
      -54,
      -5,
      64,
      -42
    ],
    "SliceThickness": 2.5,
    "SliceTiming": [
      0.715,
      0,
      0.7675,
      0.055,
      0.8225,
      0.11,
      0.8775,
      0.165,
      0.9325,
      0.22,
      0.9875,
      0.275,
      1.0425,
      0.33,
      1.0975,
      0.385,
      1.1525,
      0.44,
      1.2075,
      0.495,
      1.2625,
      0.55,
      1.3175,
      0.605,
      1.3725,
      0.66,
      1.4275,
      0.715,
      0,
      0.7675,
      0.055,
      0.8225,
      0.11,
      0.8775,
      0.165,
      0.9325,
      0.22,
      0.9875,
      0.275,
      1.0425,
      0.33,
      1.0975,
      0.385,
      1.1525,
      0.44,
      1.2075,
      0.495,
      1.2625,
      0.55,
      1.3175,
      0.605,
      1.3725,
      0.66,
      1.4275
    ],
    "SoftwareVersions": "syngo_MR_E11",
    "SpacingBetweenSlices": 3,
    "StationName": "AWP66108",
    "TaskName": "roletrait",
    "TotalReadoutTime": 0.0226202,
    "TxRefAmp": 254.349,
    "dataset": "ds002294",
    "modality": "bold",
    "run_id": 4,
    "subject_id": "048",
    "task_id": "roletrait"
  },
  "dummy_trs": 0,
  "dvars_nstd": 30.503375360451994,
  "dvars_std": 1.2930675663276845,
  "dvars_vstd": 0.9896135062429373,
  "efc": 0.4604088234801743,
  "fber": 3858.966064453125,
  "fd_mean": 0.09548901222838707,
  "fd_num": 14,
  "fd_perc": 3.943661971830986,
  "fwhm_avg": 1.6694775555555557,
  "fwhm_x": 1.638288,
  "fwhm_y": 1.8024280000000001,
  "fwhm_z": 1.5677166666666666,
  "gcor": 0.00999983,
  "gsr_x": -0.010152941569685936,
  "gsr_y": 0.009212100878357887,
  "provenance": {
    "md5sum": "3c9ff9a24c56afbd09a7a10250235d7c",
    "settings": {
      "fd_thres": 0.2,
      "testing": false
    },
    "software": "mriqc",
    "version": "22.0.6",
    "webapi_port": null,
    "webapi_url": "https://mriqc.nimh.nih.gov/api/v1"
  },
  "size_t": 355,
  "size_x": 88,
  "size_y": 88,
  "size_z": 54,
  "snr": 6.445900166156488,
  "spacing_tr": 1.5,
  "spacing_x": 2.5,
  "spacing_y": 2.5,
  "spacing_z": 3.0,
  "summary_bg_k": 28.755747893380047,
  "summary_bg_mad": 6.314632703878357,
  "summary_bg_mean": 22.970836639404297,
  "summary_bg_median": 8.222535133361816,
  "summary_bg_n": 297070.0,
  "summary_bg_p05": 2.867605447769165,
  "summary_bg_p95": 96.9085884094238,
  "summary_bg_stdv": 46.096534729003906,
  "summary_fg_k": 1.8899908960089196,
  "summary_fg_mad": 78.32314056992028,
  "summary_fg_mean": 511.942138671875,
  "summary_fg_median": 507.2732238769531,
  "summary_fg_n": 60944.0,
  "summary_fg_p05": 404.0084228515625,
  "summary_fg_p95": 640.4249237060546,
  "summary_fg_stdv": 78.6963882446289,
  "tsnr": 57.76732630375773
}