{
  "bids_meta": {
    "AcquisitionMatrixPE": 192,
    "AcquisitionNumber": 1,
    "AcquisitionTime": "16:03:18.227500",
    "BaseResolution": 256,
    "BodyPartExamined": "BRAIN",
    "ConsistencyInfo": "N4_VE11C_LATEST_20160120",
    "ConversionSoftware": "dcm2niix",
    "ConversionSoftwareVersion": "v1.0.20171215 (OpenJPEG build) GCC7.3.0",
    "DeviceSerialNumber": "66108",
    "DwellTime": 7.5e-06,
    "EchoTime": 0.0024,
    "FlipAngle": 9,
    "ImageOrientationPatientDICOM": [
      0.999617,
      -0.0267747,
      -0.00705289,
      0.0261759,
      0.996879,
      -0.0744758
    ],
    "ImageType": [
      "ORIGINAL",
      "PRIMARY",
      "M",
      "ND",
      "NORM",
      "FM3",
      "2",
      "FIL"
    ],
    "InPlanePhaseEncodingDirectionDICOM": "ROW",
    "InstitutionAddress": "Huron_325_TORONTO_ONTARIO_CA_M5S_3G3",
    "InstitutionName": "University_of_Toronto",
    "InstitutionalDepartmentName": "Department",
    "InversionTime": 1.1,
    "MRAcquisitionType": "3D",
    "MagneticFieldStrength": 3,
    "Manufacturer": "Siemens",
    "ManufacturersModelName": "Prisma",
    "Modality": "MR",
    "ParallelReductionFactorInPlane": 2,
    "PartialFourier": 1,
    "PatientPosition": "HFS",
    "PercentPhaseFOV": 75,
    "PhaseEncodingSteps": 191,
    "PhaseResolution": 1,
    "PixelBandwidth": 260,
    "ProcedureStepDescription": "Cunningham_Nathan",
    "ProtocolName": "t1_mprage_tra_p2_iso",
    "PulseSequenceDetails": "%SiemensSeq%_tfl",
    "ReceiveCoilActiveElements": "HEA;HEP",
    "ReceiveCoilName": "Head_32",
    "ReconMatrixPE": 256,
    "RepetitionTime": 2,
    "SAR": 0.061708,
    "ScanOptions": "IR",
    "ScanningSequence": "GR_IR",
    "SequenceName": "_tfl3d1_16",
    "SequenceVariant": "SK_SP_MP",
    "SeriesDescription": "t1_mprage_tra_p2_iso",
    "SeriesNumber": 12,
    "ShimSetting": [
      -1026,
      -6983,
      -6652,
      -33,
      -35,
      26,
      -37,
      -58
    ],
    "SliceThickness": 1,
    "SoftwareVersions": "syngo_MR_E11",
    "StationName": "AWP66108",
    "TxRefAmp": 243.25,
    "dataset": "ds002294",
    "modality": "T1w",
    "subject_id": "030"
  },
  "cjv": 0.3270860267306899,
  "cnr": 3.9814904563270086,
  "efc": 0.8506451307829082,
  "fber": -1.0,
  "fwhm_avg": 4.0203904005200535,
  "fwhm_x": 3.85231,
  "fwhm_y": 4.3243,
  "fwhm_z": 3.88456120156016,
  "icvs_csf": 0.21496254765474615,
  "icvs_gm": 0.4152882926616054,
  "icvs_wm": 0.36974915968364847,
  "inu_med": 0.719940721988678,
  "inu_range": 0.170587995648384,
  "provenance": {
    "md5sum": "d0b7c4e1bee9dda730330e595d3a61ec",
    "settings": {
      "testing": false
    },
    "software": "mriqc",
    "version": "22.0.6",
    "warnings": {
      "large_rot_frame": true,
      "small_air_mask": true
    },
    "webapi_port": null,
    "webapi_url": "https://mriqc.nimh.nih.gov/api/v1"
  },
  "qi_1": -1.0,
  "qi_2": 0.0,
  "rpve_csf": 19.98183321691252,
  "rpve_gm": 10.421427462102029,
  "rpve_wm": 14.787608572409098,
  "size_x": 192,
  "size_y": 256,
  "size_z": 160,
  "snr_csf": 2.490266428872823,
  "snr_gm": 7.79460800518642,
  "snr_total": 9.773941805522576,
  "snr_wm": 19.036950982508483,
  "snrd_csf": -1.0,
  "snrd_gm": -1.0,
  "snrd_total": -1.0,
  "snrd_wm": -1.0,
  "spacing_x": 1.0,
  "spacing_y": 1.0,
  "spacing_z": 1.0000022649765015,
  "summary_bg_k": 0.0,
  "summary_bg_mad": 0.0,
  "summary_bg_mean": 0.0,
  "summary_bg_median": 0.0,
  "summary_bg_n": 0.0,
  "summary_bg_p05": 0.0,
  "summary_bg_p95": 0.0,
  "summary_bg_stdv": 0.0,
  "summary_csf_k": 19.056510727212657,
  "summary_csf_mad": 84.74137812622011,
  "summary_csf_mean": 210.56652846027308,
  "summary_csf_median": 209.87602051347494,
  "summary_csf_n": 5470.0,
  "summary_csf_p05": 89.44556828029454,
  "summary_csf_p95": 342.4288564994932,
  "summary_csf_stdv": 84.27083661559588,
  "summary_gm_k": 0.44788743637905215,
  "summary_gm_mad": 76.5585969172508,
  "summary_gm_mean": 618.6496286659669,
  "summary_gm_median": 620.3457671776414,
  "summary_gm_n": 17687.0,
  "summary_gm_p05": 485.5706161223352,
  "summary_gm_p95": 745.7821774855256,
  "summary_gm_stdv": 79.5842754048898,
  "summary_wm_k": 0.9415817350700806,
  "summary_wm_mad": 47.624406543868766,
  "summary_wm_mean": 1001.4902288113539,
  "summary_wm_median": 1000.01042207703,
  "summary_wm_n": 162392.0,
  "summary_wm_p05": 918.0481809750199,
  "summary_wm_p95": 1089.6870024129748,
  "summary_wm_stdv": 52.52980605925913,
  "tpm_overlap_csf": 0.12003689999475957,
  "tpm_overlap_gm": 0.4205346177022256,
  "tpm_overlap_wm": 0.4675807246730491,
  "wm2max": 0.8505118268991599
}