{
  "bids_meta": {
    "AcquisitionMatrixPE": 192,
    "AcquisitionNumber": 1,
    "AcquisitionTime": "13:56:16.620000",
    "BaseResolution": 256,
    "BodyPartExamined": "BRAIN",
    "ConsistencyInfo": "N4_VE11C_LATEST_20160120",
    "ConversionSoftware": "dcm2niix",
    "ConversionSoftwareVersion": "v1.0.20171215 (OpenJPEG build) GCC7.3.0",
    "DeviceSerialNumber": "66108",
    "DwellTime": 7.5e-06,
    "EchoTime": 0.0024,
    "FlipAngle": 9,
    "ImageOrientationPatientDICOM": [
      0.997617,
      0.0570338,
      0.0388216,
      -0.0543783,
      0.996315,
      -0.0663274
    ],
    "ImageType": [
      "ORIGINAL",
      "PRIMARY",
      "M",
      "ND",
      "NORM",
      "FM3",
      "2",
      "FIL"
    ],
    "InPlanePhaseEncodingDirectionDICOM": "ROW",
    "InstitutionAddress": "Huron_325_TORONTO_ONTARIO_CA_M5S_3G3",
    "InstitutionName": "University_of_Toronto",
    "InstitutionalDepartmentName": "Department",
    "InversionTime": 1.1,
    "MRAcquisitionType": "3D",
    "MagneticFieldStrength": 3,
    "Manufacturer": "Siemens",
    "ManufacturersModelName": "Prisma",
    "Modality": "MR",
    "ParallelReductionFactorInPlane": 2,
    "PartialFourier": 1,
    "PatientPosition": "HFS",
    "PercentPhaseFOV": 75,
    "PhaseEncodingSteps": 191,
    "PhaseResolution": 1,
    "PixelBandwidth": 260,
    "ProcedureStepDescription": "Cunningham_Nathan",
    "ProtocolName": "t1_mprage_tra_p2_iso",
    "PulseSequenceDetails": "%SiemensSeq%_tfl",
    "ReceiveCoilActiveElements": "HEA;HEP",
    "ReceiveCoilName": "Head_32",
    "ReconMatrixPE": 256,
    "RepetitionTime": 2,
    "SAR": 0.0516232,
    "ScanOptions": "IR",
    "ScanningSequence": "GR_IR",
    "SequenceName": "_tfl3d1_16",
    "SequenceVariant": "SK_SP_MP",
    "SeriesDescription": "t1_mprage_tra_p2_iso",
    "SeriesNumber": 12,
    "ShimSetting": [
      -1026,
      -6983,
      -6652,
      -33,
      -35,
      26,
      -37,
      -58
    ],
    "SliceThickness": 1,
    "SoftwareVersions": "syngo_MR_E11",
    "StationName": "AWP66108",
    "TxRefAmp": 244.5,
    "dataset": "ds002294",
    "modality": "T1w",
    "subject_id": "028"
  },
  "cjv": 0.35070622603679513,
  "cnr": 3.6449301453214504,
  "efc": 0.8302170147975748,
  "fber": 206.6281282937607,
  "fwhm_avg": 3.8661386794478303,
  "fwhm_x": 3.62594,
  "fwhm_y": 4.22038,
  "fwhm_z": 3.7520960383434914,
  "icvs_csf": 0.25487535852210824,
  "icvs_gm": 0.36021543532357747,
  "icvs_wm": 0.3849092061543143,
  "inu_med": 0.7413755059242249,
  "inu_range": 0.20998899638652802,
  "provenance": {
    "md5sum": "7dbd11c5ea426b0db9a11cec58f9a6ba",
    "settings": {
      "testing": false
    },
    "software": "mriqc",
    "version": "22.0.6",
    "warnings": {
      "large_rot_frame": true,
      "small_air_mask": true
    },
    "webapi_port": null,
    "webapi_url": "https://mriqc.nimh.nih.gov/api/v1"
  },
  "qi_1": -1.0,
  "qi_2": 0.0,
  "rpve_csf": 16.274327985433487,
  "rpve_gm": 10.25129755424835,
  "rpve_wm": 13.140288836648889,
  "size_x": 192,
  "size_y": 256,
  "size_z": 160,
  "snr_csf": 2.3335258346628813,
  "snr_gm": 6.443746240306981,
  "snr_total": 8.517591081649607,
  "snr_wm": 16.77550116997896,
  "snrd_csf": -1.0,
  "snrd_gm": -1.0,
  "snrd_total": -1.0,
  "snrd_wm": -1.0,
  "spacing_x": 1.0,
  "spacing_y": 1.0,
  "spacing_z": 0.9999983906745911,
  "summary_bg_k": 0.0,
  "summary_bg_mad": 0.0,
  "summary_bg_mean": 0.0,
  "summary_bg_median": 0.0,
  "summary_bg_n": 0.0,
  "summary_bg_p05": 0.0,
  "summary_bg_p95": 0.0,
  "summary_bg_stdv": 0.0,
  "summary_csf_k": 0.30122532712350525,
  "summary_csf_mad": 84.95221511491185,
  "summary_csf_mean": 203.16938499336086,
  "summary_csf_median": 197.80843728035688,
  "summary_csf_n": 5531.0,
  "summary_csf_p05": 71.3131940625608,
  "summary_csf_p95": 350.5413478575647,
  "summary_csf_stdv": 84.76038779476691,
  "summary_gm_k": 0.6526054547910194,
  "summary_gm_mad": 85.51856321567794,
  "summary_gm_mean": 594.2296389757338,
  "summary_gm_median": 597.9874353669584,
  "summary_gm_n": 10758.0,
  "summary_gm_p05": 432.9738994516432,
  "summary_gm_p95": 739.5988055784254,
  "summary_gm_stdv": 92.7968948085738,
  "summary_wm_k": 0.7976415830388137,
  "summary_wm_mad": 55.469751126460544,
  "summary_wm_mean": 1001.1801624120136,
  "summary_wm_median": 1000.0000142008066,
  "summary_wm_n": 188055.0,
  "summary_wm_p05": 905.2213522419333,
  "summary_wm_p95": 1098.2493825741112,
  "summary_wm_stdv": 59.6105800517112,
  "tpm_overlap_csf": 0.11881241092436164,
  "tpm_overlap_gm": 0.3817318809471836,
  "tpm_overlap_wm": 0.4693850032810569,
  "wm2max": 0.8335995953042329
}