{
  "bids_meta": {
    "AcquisitionMatrixPE": 192,
    "AcquisitionNumber": 1,
    "AcquisitionTime": "09:53:47.950000",
    "BaseResolution": 256,
    "BodyPartExamined": "BRAIN",
    "ConsistencyInfo": "N4_VE11C_LATEST_20160120",
    "ConversionSoftware": "dcm2niix",
    "ConversionSoftwareVersion": "v1.0.20171215 (OpenJPEG build) GCC7.3.0",
    "DeviceSerialNumber": "66108",
    "DwellTime": 7.5e-06,
    "EchoTime": 0.0024,
    "FlipAngle": 9,
    "ImageOrientationPatientDICOM": [
      0.999087,
      0.0342961,
      -0.0254623,
      -0.0401275,
      0.957897,
      -0.284292
    ],
    "ImageType": [
      "ORIGINAL",
      "PRIMARY",
      "M",
      "ND",
      "NORM",
      "FM3",
      "2",
      "FIL"
    ],
    "InPlanePhaseEncodingDirectionDICOM": "ROW",
    "InstitutionAddress": "Huron_325_TORONTO_ONTARIO_CA_M5S_3G3",
    "InstitutionName": "University_of_Toronto",
    "InstitutionalDepartmentName": "Department",
    "InversionTime": 1.1,
    "MRAcquisitionType": "3D",
    "MagneticFieldStrength": 3,
    "Manufacturer": "Siemens",
    "ManufacturersModelName": "Prisma",
    "Modality": "MR",
    "ParallelReductionFactorInPlane": 2,
    "PartialFourier": 1,
    "PatientPosition": "HFS",
    "PercentPhaseFOV": 75,
    "PhaseEncodingSteps": 191,
    "PhaseResolution": 1,
    "PixelBandwidth": 260,
    "ProcedureStepDescription": "Cunningham_Nathan",
    "ProtocolName": "t1_mprage_tra_p2_iso",
    "PulseSequenceDetails": "%SiemensSeq%_tfl",
    "ReceiveCoilActiveElements": "HEA;HEP",
    "ReceiveCoilName": "Head_32",
    "ReconMatrixPE": 256,
    "RepetitionTime": 2,
    "SAR": 0.0550553,
    "ScanOptions": "IR",
    "ScanningSequence": "GR_IR",
    "SequenceName": "_tfl3d1_16",
    "SequenceVariant": "SK_SP_MP",
    "SeriesDescription": "t1_mprage_tra_p2_iso",
    "SeriesNumber": 12,
    "ShimSetting": [
      -1026,
      -6983,
      -6652,
      -33,
      -35,
      26,
      -37,
      -58
    ],
    "SliceThickness": 1,
    "SoftwareVersions": "syngo_MR_E11",
    "StationName": "AWP66108",
    "TxRefAmp": 256.966,
    "dataset": "ds002294",
    "modality": "T1w",
    "subject_id": "027"
  },
  "cjv": 0.3929427462069844,
  "cnr": 3.4521035459724585,
  "efc": 0.8309901134986948,
  "fber": -1.0,
  "fwhm_avg": 3.8546869674166757,
  "fwhm_x": 3.65914,
  "fwhm_y": 4.12061,
  "fwhm_z": 3.784310902250028,
  "icvs_csf": 0.2379828194904453,
  "icvs_gm": 0.36046661439459393,
  "icvs_wm": 0.40155056611496076,
  "inu_med": 0.7628681063652039,
  "inu_range": 0.23034294247627263,
  "provenance": {
    "md5sum": "152a2511622db347ebea4dfeb5505037",
    "settings": {
      "testing": false
    },
    "software": "mriqc",
    "version": "22.0.6",
    "warnings": {
      "large_rot_frame": true,
      "small_air_mask": true
    },
    "webapi_port": null,
    "webapi_url": "https://mriqc.nimh.nih.gov/api/v1"
  },
  "qi_1": -1.0,
  "qi_2": 0.0,
  "rpve_csf": 16.150095962105883,
  "rpve_gm": 9.60531961763454,
  "rpve_wm": 11.799210309137852,
  "size_x": 192,
  "size_y": 256,
  "size_z": 160,
  "snr_csf": 2.343749518585966,
  "snr_gm": 6.775113545313305,
  "snr_total": 8.319512015329224,
  "snr_wm": 15.839672982088402,
  "snrd_csf": -1.0,
  "snrd_gm": -1.0,
  "snrd_total": -1.0,
  "snrd_wm": -1.0,
  "spacing_x": 1.0,
  "spacing_y": 1.0,
  "spacing_z": 0.9999997615814209,
  "summary_bg_k": 0.0,
  "summary_bg_mad": 0.0,
  "summary_bg_mean": 0.0,
  "summary_bg_median": 0.0,
  "summary_bg_n": 0.0,
  "summary_bg_p05": 0.0,
  "summary_bg_p95": 0.0,
  "summary_bg_stdv": 0.0,
  "summary_csf_k": 1.155485863575489,
  "summary_csf_mad": 83.33649545914989,
  "summary_csf_mean": 205.0226742520826,
  "summary_csf_median": 201.9341376144439,
  "summary_csf_n": 4545.0,
  "summary_csf_p05": 74.24094738289715,
  "summary_csf_p95": 348.1676479000598,
  "summary_csf_stdv": 86.14910416602285,
  "summary_gm_k": 0.19640164803999083,
  "summary_gm_mad": 91.14519070296,
  "summary_gm_mean": 615.9571942936418,
  "summary_gm_median": 617.3541520033032,
  "summary_gm_n": 8089.0,
  "summary_gm_p05": 466.69911397024987,
  "summary_gm_p95": 759.750360430032,
  "summary_gm_stdv": 91.11522435628058,
  "summary_wm_k": 0.510303559873936,
  "summary_wm_mad": 59.221407206206905,
  "summary_wm_mean": 1001.7306009673708,
  "summary_wm_median": 1000.0221090037376,
  "summary_wm_n": 212441.0,
  "summary_wm_p05": 900.0619446635246,
  "summary_wm_p95": 1108.081768617034,
  "summary_wm_stdv": 63.13386371581758,
  "tpm_overlap_csf": 0.1019536470263911,
  "tpm_overlap_gm": 0.3499866000222032,
  "tpm_overlap_wm": 0.45121227811096115,
  "wm2max": 0.8249931538110452
}