{
  "bids_meta": {
    "AcquisitionMatrixPE": 192,
    "AcquisitionNumber": 1,
    "AcquisitionTime": "10:33:16.225000",
    "BaseResolution": 256,
    "BodyPartExamined": "BRAIN",
    "ConsistencyInfo": "N4_VE11C_LATEST_20160120",
    "ConversionSoftware": "dcm2niix",
    "ConversionSoftwareVersion": "v1.0.20171215 (OpenJPEG build) GCC7.3.0",
    "DeviceSerialNumber": "66108",
    "DwellTime": 7.5e-06,
    "EchoTime": 0.0024,
    "FlipAngle": 9,
    "ImageOrientationPatientDICOM": [
      0.993791,
      0.0999943,
      0.0487902,
      -0.104452,
      0.98954,
      0.099504
    ],
    "ImageType": [
      "ORIGINAL",
      "PRIMARY",
      "M",
      "ND",
      "NORM",
      "FM3",
      "2",
      "FIL"
    ],
    "InPlanePhaseEncodingDirectionDICOM": "ROW",
    "InstitutionAddress": "Huron_325_TORONTO_ONTARIO_CA_M5S_3G3",
    "InstitutionName": "University_of_Toronto",
    "InstitutionalDepartmentName": "Department",
    "InversionTime": 1.1,
    "MRAcquisitionType": "3D",
    "MagneticFieldStrength": 3,
    "Manufacturer": "Siemens",
    "ManufacturersModelName": "Prisma",
    "Modality": "MR",
    "ParallelReductionFactorInPlane": 2,
    "PartialFourier": 1,
    "PatientPosition": "HFS",
    "PercentPhaseFOV": 75,
    "PhaseEncodingSteps": 191,
    "PhaseResolution": 1,
    "PixelBandwidth": 260,
    "ProcedureStepDescription": "Cunningham_Nathan",
    "ProtocolName": "t1_mprage_tra_p2_iso",
    "PulseSequenceDetails": "%SiemensSeq%_tfl",
    "ReceiveCoilActiveElements": "HEA;HEP",
    "ReceiveCoilName": "Head_32",
    "ReconMatrixPE": 256,
    "RepetitionTime": 2,
    "SAR": 0.0614965,
    "ScanOptions": "IR",
    "ScanningSequence": "GR_IR",
    "SequenceName": "_tfl3d1_16",
    "SequenceVariant": "SK_SP_MP",
    "SeriesDescription": "t1_mprage_tra_p2_iso",
    "SeriesNumber": 12,
    "ShimSetting": [
      -1026,
      -6983,
      -6652,
      -33,
      -35,
      26,
      -37,
      -58
    ],
    "SliceThickness": 1,
    "SoftwareVersions": "syngo_MR_E11",
    "StationName": "AWP66108",
    "TxRefAmp": 243.402,
    "dataset": "ds002294",
    "modality": "T1w",
    "subject_id": "017"
  },
  "cjv": 0.33470674111811866,
  "cnr": 3.8454633929376323,
  "efc": 0.8519671435550162,
  "fber": -1.0,
  "fwhm_avg": 4.133407572998571,
  "fwhm_x": 3.88331,
  "fwhm_y": 4.44508,
  "fwhm_z": 4.071832718995716,
  "icvs_csf": 0.2221891668862646,
  "icvs_gm": 0.3867236268614661,
  "icvs_wm": 0.3910872062522693,
  "inu_med": 0.6587004661560059,
  "inu_range": 0.16137843132019047,
  "provenance": {
    "md5sum": "8124e1afcfe09e3c6a922aa5bc08e32e",
    "settings": {
      "testing": false
    },
    "software": "mriqc",
    "version": "22.0.6",
    "warnings": {
      "large_rot_frame": true,
      "small_air_mask": true
    },
    "webapi_port": null,
    "webapi_url": "https://mriqc.nimh.nih.gov/api/v1"
  },
  "qi_1": -1.0,
  "qi_2": 0.0,
  "rpve_csf": 19.00959010545451,
  "rpve_gm": 10.477517370070784,
  "rpve_wm": 13.532193469686637,
  "size_x": 192,
  "size_y": 256,
  "size_z": 160,
  "snr_csf": 2.366044169053244,
  "snr_gm": 8.51346226399873,
  "snr_total": 10.245224794824638,
  "snr_wm": 19.85616795142194,
  "snrd_csf": -1.0,
  "snrd_gm": -1.0,
  "snrd_total": -1.0,
  "snrd_wm": -1.0,
  "spacing_x": 1.0,
  "spacing_y": 1.0,
  "spacing_z": 1.0000017881393433,
  "summary_bg_k": 0.0,
  "summary_bg_mad": 0.0,
  "summary_bg_mean": 0.0,
  "summary_bg_median": 0.0,
  "summary_bg_n": 0.0,
  "summary_bg_p05": 0.0,
  "summary_bg_p95": 0.0,
  "summary_bg_stdv": 0.0,
  "summary_csf_k": 0.24870373681875968,
  "summary_csf_mad": 94.22111618927318,
  "summary_csf_mean": 228.17003834135718,
  "summary_csf_median": 224.21017202362418,
  "summary_csf_n": 8603.0,
  "summary_csf_p05": 87.00844281725585,
  "summary_csf_p95": 393.4586954511702,
  "summary_csf_stdv": 94.75610964828036,
  "summary_gm_k": 0.521812899153911,
  "summary_gm_mad": 71.89611286289762,
  "summary_gm_mean": 649.3819822856792,
  "summary_gm_median": 648.7684658076614,
  "summary_gm_n": 18973.0,
  "summary_gm_p05": 525.5034692656249,
  "summary_gm_p95": 775.9396334275602,
  "summary_gm_stdv": 76.20300041446872,
  "summary_wm_k": 0.9323856516380649,
  "summary_wm_mad": 45.670235299386555,
  "summary_wm_mean": 1001.8947686612235,
  "summary_wm_median": 1000.0202743895352,
  "summary_wm_n": 195437.0,
  "summary_wm_p05": 921.8563743755221,
  "summary_wm_p95": 1087.0894348919392,
  "summary_wm_stdv": 50.36307702532233,
  "tpm_overlap_csf": 0.12394234963972862,
  "tpm_overlap_gm": 0.3964570187283074,
  "tpm_overlap_wm": 0.47996599431967374,
  "wm2max": 0.8589183499196201
}