{
  "aor": 0.0010907323943661973,
  "aqi": 0.012599367042253522,
  "bids_meta": {
    "AcquisitionMatrixPE": 88,
    "AcquisitionNumber": 1,
    "AcquisitionTime": "09:37:55.672500",
    "BandwidthPerPixelPhaseEncode": 43.706,
    "BaseResolution": 88,
    "BodyPartExamined": "BRAIN",
    "ConsistencyInfo": "N4_VE11C_LATEST_20160120",
    "ConversionSoftware": "dcm2niix",
    "ConversionSoftwareVersion": "v1.0.20171215 (OpenJPEG build) GCC7.3.0",
    "DerivedVendorReportedEchoSpacing": 0.000520003,
    "DeviceSerialNumber": "66108",
    "DwellTime": 2.5e-06,
    "EchoTime": 0.026,
    "EchoTrainLength": 43,
    "EffectiveEchoSpacing": 0.000260002,
    "FlipAngle": 70,
    "ImageOrientationPatientDICOM": [
      0.988757,
      0.146089,
      0.0318984,
      -0.144244,
      0.988066,
      -0.054036
    ],
    "ImageType": [
      "ORIGINAL",
      "PRIMARY",
      "M",
      "ND",
      "NORM",
      "MOSAIC"
    ],
    "InPlanePhaseEncodingDirectionDICOM": "COL",
    "InstitutionAddress": "Huron_325_TORONTO_ONTARIO_CA_M5S_3G3",
    "InstitutionName": "University_of_Toronto",
    "InstitutionalDepartmentName": "Department",
    "MRAcquisitionType": "2D",
    "MagneticFieldStrength": 3,
    "Manufacturer": "Siemens",
    "ManufacturersModelName": "Prisma",
    "Modality": "MR",
    "MultibandAccelerationFactor": 2,
    "ParallelReductionFactorInPlane": 2,
    "PartialFourier": 1,
    "PatientPosition": "HFS",
    "PercentPhaseFOV": 100,
    "PhaseEncodingDirection": "j-",
    "PhaseEncodingSteps": 87,
    "PhaseResolution": 1,
    "PixelBandwidth": 2275,
    "ProcedureStepDescription": "Cunningham_Nathan",
    "ProtocolName": "ep2d_p2s2_run2",
    "PulseSequenceDetails": "%SiemensSeq%_ep2d_bold",
    "ReceiveCoilActiveElements": "HEA;HEP",
    "ReceiveCoilName": "Head_32",
    "ReconMatrixPE": 88,
    "RepetitionTime": 1.5,
    "SAR": 0.0719405,
    "ScanOptions": "FS",
    "ScanningSequence": "EP",
    "SequenceName": "_epfid2d1_88",
    "SequenceVariant": "SK",
    "SeriesDescription": "ep2d_p2s2_run2",
    "SeriesNumber": 7,
    "ShimSetting": [
      -1013,
      -7010,
      -6474,
      135,
      33,
      -88,
      -54,
      -60
    ],
    "SliceThickness": 2.5,
    "SliceTiming": [
      0.7125,
      0,
      0.7675,
      0.055,
      0.82,
      0.1075,
      0.875,
      0.1625,
      0.93,
      0.2175,
      0.985,
      0.2725,
      1.04,
      0.3275,
      1.095,
      0.3825,
      1.15,
      0.4375,
      1.205,
      0.4925,
      1.26,
      0.5475,
      1.315,
      0.6025,
      1.37,
      0.6575,
      1.425,
      0.7125,
      0,
      0.7675,
      0.055,
      0.82,
      0.1075,
      0.875,
      0.1625,
      0.93,
      0.2175,
      0.985,
      0.2725,
      1.04,
      0.3275,
      1.095,
      0.3825,
      1.15,
      0.4375,
      1.205,
      0.4925,
      1.26,
      0.5475,
      1.315,
      0.6025,
      1.37,
      0.6575,
      1.425
    ],
    "SoftwareVersions": "syngo_MR_E11",
    "SpacingBetweenSlices": 3,
    "StationName": "AWP66108",
    "TaskName": "roletrait",
    "TotalReadoutTime": 0.0226202,
    "TxRefAmp": 237.275,
    "dataset": "ds002294",
    "modality": "bold",
    "run_id": 2,
    "subject_id": "015",
    "task_id": "roletrait"
  },
  "dummy_trs": 0,
  "dvars_nstd": 30.732521622881332,
  "dvars_std": 1.249310789858757,
  "dvars_vstd": 1.0045009224293788,
  "efc": 0.48523676471184496,
  "fber": 3726.196044921875,
  "fd_mean": 0.1128579472614862,
  "fd_num": 29,
  "fd_perc": 8.169014084507042,
  "fwhm_avg": 1.6159815555555557,
  "fwhm_x": 1.5821239999999999,
  "fwhm_y": 1.7657440000000002,
  "fwhm_z": 1.5000766666666667,
  "gcor": 0.0126461,
  "gsr_x": -0.017018811777234077,
  "gsr_y": 0.018928879871964455,
  "provenance": {
    "md5sum": "7ec2dd24a06e80f77df8c8858ee15068",
    "settings": {
      "fd_thres": 0.2,
      "testing": false
    },
    "software": "mriqc",
    "version": "22.0.6",
    "webapi_port": null,
    "webapi_url": "https://mriqc.nimh.nih.gov/api/v1"
  },
  "size_t": 355,
  "size_x": 88,
  "size_y": 88,
  "size_z": 54,
  "snr": 7.497593226040588,
  "spacing_tr": 1.5,
  "spacing_x": 2.5,
  "spacing_y": 2.5,
  "spacing_z": 3.0,
  "summary_bg_k": 21.314990175629653,
  "summary_bg_mad": 6.7531489276926715,
  "summary_bg_mean": 29.97183609008789,
  "summary_bg_median": 8.735211372375488,
  "summary_bg_n": 292793.0,
  "summary_bg_p05": 3.008450508117676,
  "summary_bg_p95": 153.8968963623036,
  "summary_bg_stdv": 58.472129821777344,
  "summary_fg_k": 3.9126413694518956,
  "summary_fg_mad": 62.7286247727635,
  "summary_fg_mean": 535.941162109375,
  "summary_fg_median": 532.3690185546875,
  "summary_fg_n": 64169.0,
  "summary_fg_p05": 439.5870300292969,
  "summary_fg_p95": 647.6410888671875,
  "summary_fg_stdv": 71.00476837158203,
  "tsnr": 59.1650055795908
}