{
  "aor": 0.003387718309859155,
  "aqi": 0.018476572676056336,
  "bids_meta": {
    "AcquisitionMatrixPE": 88,
    "AcquisitionNumber": 1,
    "AcquisitionTime": "09:28:6.382500",
    "BandwidthPerPixelPhaseEncode": 43.706,
    "BaseResolution": 88,
    "BodyPartExamined": "BRAIN",
    "ConsistencyInfo": "N4_VE11C_LATEST_20160120",
    "ConversionSoftware": "dcm2niix",
    "ConversionSoftwareVersion": "v1.0.20171215 (OpenJPEG build) GCC7.3.0",
    "DerivedVendorReportedEchoSpacing": 0.000520003,
    "DeviceSerialNumber": "66108",
    "DwellTime": 2.5e-06,
    "EchoTime": 0.026,
    "EchoTrainLength": 43,
    "EffectiveEchoSpacing": 0.000260002,
    "FlipAngle": 70,
    "ImageOrientationPatientDICOM": [
      0.988757,
      0.146089,
      0.0318984,
      -0.144244,
      0.988066,
      -0.054036
    ],
    "ImageType": [
      "ORIGINAL",
      "PRIMARY",
      "M",
      "ND",
      "NORM",
      "MOSAIC"
    ],
    "InPlanePhaseEncodingDirectionDICOM": "COL",
    "InstitutionAddress": "Huron_325_TORONTO_ONTARIO_CA_M5S_3G3",
    "InstitutionName": "University_of_Toronto",
    "InstitutionalDepartmentName": "Department",
    "MRAcquisitionType": "2D",
    "MagneticFieldStrength": 3,
    "Manufacturer": "Siemens",
    "ManufacturersModelName": "Prisma",
    "Modality": "MR",
    "MultibandAccelerationFactor": 2,
    "ParallelReductionFactorInPlane": 2,
    "PartialFourier": 1,
    "PatientPosition": "HFS",
    "PercentPhaseFOV": 100,
    "PhaseEncodingDirection": "j-",
    "PhaseEncodingSteps": 87,
    "PhaseResolution": 1,
    "PixelBandwidth": 2275,
    "ProcedureStepDescription": "Cunningham_Nathan",
    "ProtocolName": "ep2d_p2s2_run1",
    "PulseSequenceDetails": "%SiemensSeq%_ep2d_bold",
    "ReceiveCoilActiveElements": "HEA;HEP",
    "ReceiveCoilName": "Head_32",
    "ReconMatrixPE": 88,
    "RepetitionTime": 1.5,
    "SAR": 0.0719405,
    "ScanOptions": "FS",
    "ScanningSequence": "EP",
    "SequenceName": "_epfid2d1_88",
    "SequenceVariant": "SK",
    "SeriesDescription": "ep2d_p2s2_run1",
    "SeriesNumber": 6,
    "ShimSetting": [
      -1018,
      -7004,
      -6449,
      200,
      62,
      -38,
      -20,
      -81
    ],
    "SliceThickness": 2.5,
    "SliceTiming": [
      0.7125,
      0,
      0.7675,
      0.055,
      0.8225,
      0.11,
      0.8775,
      0.165,
      0.9325,
      0.22,
      0.9875,
      0.275,
      1.0425,
      0.33,
      1.095,
      0.3825,
      1.15,
      0.4375,
      1.205,
      0.4925,
      1.26,
      0.5475,
      1.315,
      0.6025,
      1.37,
      0.6575,
      1.425,
      0.7125,
      0,
      0.7675,
      0.055,
      0.8225,
      0.11,
      0.8775,
      0.165,
      0.9325,
      0.22,
      0.9875,
      0.275,
      1.0425,
      0.33,
      1.095,
      0.3825,
      1.15,
      0.4375,
      1.205,
      0.4925,
      1.26,
      0.5475,
      1.315,
      0.6025,
      1.37,
      0.6575,
      1.425
    ],
    "SoftwareVersions": "syngo_MR_E11",
    "SpacingBetweenSlices": 3,
    "StationName": "AWP66108",
    "TaskName": "roletrait",
    "TotalReadoutTime": 0.0226202,
    "TxRefAmp": 237.275,
    "dataset": "ds002294",
    "modality": "bold",
    "run_id": 1,
    "subject_id": "015",
    "task_id": "roletrait"
  },
  "dummy_trs": 0,
  "dvars_nstd": 30.929274715480254,
  "dvars_std": 1.2219297777683615,
  "dvars_vstd": 1.0010113073446327,
  "efc": 0.48495617059986956,
  "fber": 3691.207763671875,
  "fd_mean": 0.13956274184185263,
  "fd_num": 48,
  "fd_perc": 13.52112676056338,
  "fwhm_avg": 1.6212535555555556,
  "fwhm_x": 1.588768,
  "fwhm_y": 1.771436,
  "fwhm_z": 1.5035566666666667,
  "gcor": 0.0141745,
  "gsr_x": -0.01727597415447235,
  "gsr_y": 0.016819892451167107,
  "provenance": {
    "md5sum": "4adae21c65092c55bc4704a9123797e6",
    "settings": {
      "fd_thres": 0.2,
      "testing": false
    },
    "software": "mriqc",
    "version": "22.0.6",
    "webapi_port": null,
    "webapi_url": "https://mriqc.nimh.nih.gov/api/v1"
  },
  "size_t": 355,
  "size_x": 88,
  "size_y": 88,
  "size_z": 54,
  "snr": 7.4877034971361605,
  "spacing_tr": 1.5,
  "spacing_x": 2.5,
  "spacing_y": 2.5,
  "spacing_z": 3.0,
  "summary_bg_k": 20.710376374184474,
  "summary_bg_mad": 6.999553413318969,
  "summary_bg_mean": 30.036787033081055,
  "summary_bg_median": 8.819718360900879,
  "summary_bg_n": 292789.0,
  "summary_bg_p05": 2.8253519535064697,
  "summary_bg_p95": 152.5216888427733,
  "summary_bg_stdv": 58.85147476196289,
  "summary_fg_k": 3.7399702250453615,
  "summary_fg_mad": 63.98160643893403,
  "summary_fg_mean": 538.768798828125,
  "summary_fg_median": 535.0,
  "summary_fg_n": 64007.0,
  "summary_fg_p05": 441.9329437255859,
  "summary_fg_p95": 651.8056030273438,
  "summary_fg_stdv": 71.44992065429688,
  "tsnr": 49.297972339205444
}