{
  "bids_meta": {
    "AcquisitionMatrixPE": 192,
    "AcquisitionNumber": 1,
    "AcquisitionTime": "13:42:10.567500",
    "BaseResolution": 256,
    "BodyPartExamined": "BRAIN",
    "ConsistencyInfo": "N4_VE11C_LATEST_20160120",
    "ConversionSoftware": "dcm2niix",
    "ConversionSoftwareVersion": "v1.0.20171215 (OpenJPEG build) GCC7.3.0",
    "DeviceSerialNumber": "66108",
    "DwellTime": 7.5e-06,
    "EchoTime": 0.0024,
    "FlipAngle": 9,
    "ImageOrientationPatientDICOM": [
      0.997845,
      0.0639094,
      0.0148567,
      -0.0622546,
      0.993692,
      -0.0932811
    ],
    "ImageType": [
      "ORIGINAL",
      "PRIMARY",
      "M",
      "ND",
      "NORM",
      "FM3",
      "2",
      "FIL"
    ],
    "InPlanePhaseEncodingDirectionDICOM": "ROW",
    "InstitutionAddress": "Huron_325_TORONTO_ONTARIO_CA_M5S_3G3",
    "InstitutionName": "University_of_Toronto",
    "InstitutionalDepartmentName": "Department",
    "InversionTime": 1.1,
    "MRAcquisitionType": "3D",
    "MagneticFieldStrength": 3,
    "Manufacturer": "Siemens",
    "ManufacturersModelName": "Prisma",
    "Modality": "MR",
    "ParallelReductionFactorInPlane": 2,
    "PartialFourier": 1,
    "PatientPosition": "HFS",
    "PercentPhaseFOV": 75,
    "PhaseEncodingSteps": 191,
    "PhaseResolution": 1,
    "PixelBandwidth": 260,
    "ProcedureStepDescription": "Cunningham_Nathan",
    "ProtocolName": "t1_mprage_tra_p2_iso",
    "PulseSequenceDetails": "%SiemensSeq%_tfl",
    "ReceiveCoilActiveElements": "HEA;HEP",
    "ReceiveCoilName": "Head_32",
    "ReconMatrixPE": 256,
    "RepetitionTime": 2,
    "SAR": 0.0585005,
    "ScanOptions": "IR",
    "ScanningSequence": "GR_IR",
    "SequenceName": "_tfl3d1_16",
    "SequenceVariant": "SK_SP_MP",
    "SeriesDescription": "t1_mprage_tra_p2_iso",
    "SeriesNumber": 12,
    "ShimSetting": [
      -1026,
      -6983,
      -6652,
      -33,
      -35,
      26,
      -37,
      -58
    ],
    "SliceThickness": 1,
    "SoftwareVersions": "syngo_MR_E11",
    "StationName": "AWP66108",
    "TxRefAmp": 262.46,
    "dataset": "ds002294",
    "modality": "T1w",
    "subject_id": "009"
  },
  "cjv": 0.38494188754380965,
  "cnr": 3.3151379870043196,
  "efc": 0.8260386473127204,
  "fber": -1.0,
  "fwhm_avg": 3.75557400045987,
  "fwhm_x": 3.42198,
  "fwhm_y": 4.1139,
  "fwhm_z": 3.73084200137961,
  "icvs_csf": 0.27430331515249434,
  "icvs_gm": 0.3132705217977536,
  "icvs_wm": 0.41242616304975205,
  "inu_med": 0.762324333190918,
  "inu_range": 0.23755772113800044,
  "provenance": {
    "md5sum": "1c26ca635e1e3d62bc3c8f033c8b07f4",
    "settings": {
      "testing": false
    },
    "software": "mriqc",
    "version": "22.0.6",
    "warnings": {
      "large_rot_frame": true,
      "small_air_mask": true
    },
    "webapi_port": null,
    "webapi_url": "https://mriqc.nimh.nih.gov/api/v1"
  },
  "qi_1": -1.0,
  "qi_2": 0.0,
  "rpve_csf": 16.902626067763325,
  "rpve_gm": 12.261789184444165,
  "rpve_wm": 13.290675044057927,
  "size_x": 192,
  "size_y": 256,
  "size_z": 160,
  "snr_csf": 2.475542619549106,
  "snr_gm": 6.4584188475135935,
  "snr_total": 7.985608733848911,
  "snr_wm": 15.022864734484035,
  "snrd_csf": -1.0,
  "snrd_gm": -1.0,
  "snrd_total": -1.0,
  "snrd_wm": -1.0,
  "spacing_x": 1.0,
  "spacing_y": 1.0,
  "spacing_z": 0.999999463558197,
  "summary_bg_k": 0.0,
  "summary_bg_mad": 0.0,
  "summary_bg_mean": 0.0,
  "summary_bg_median": 0.0,
  "summary_bg_n": 0.0,
  "summary_bg_p05": 0.0,
  "summary_bg_p95": 0.0,
  "summary_bg_stdv": 0.0,
  "summary_csf_k": 0.35806943404703606,
  "summary_csf_mad": 86.0395895053738,
  "summary_csf_mean": 216.16335406018175,
  "summary_csf_median": 216.14378973841667,
  "summary_csf_n": 8311.0,
  "summary_csf_p05": 79.12247096467763,
  "summary_csf_p95": 365.0217564823106,
  "summary_csf_stdv": 87.30642896784569,
  "summary_gm_k": 0.6770191126520086,
  "summary_gm_mad": 86.9003164492521,
  "summary_gm_mean": 613.0873616661813,
  "summary_gm_median": 614.8933555595577,
  "summary_gm_n": 9919.0,
  "summary_gm_p05": 447.88208595961333,
  "summary_gm_p95": 765.2048379337416,
  "summary_gm_stdv": 95.20323372674939,
  "summary_wm_k": 0.9499994370329476,
  "summary_wm_mad": 61.34334719255777,
  "summary_wm_mean": 1002.4416557524992,
  "summary_wm_median": 999.9999610986561,
  "summary_wm_n": 204683.0,
  "summary_wm_p05": 897.175358645618,
  "summary_wm_p95": 1114.2569623477757,
  "summary_wm_stdv": 66.56503509603868,
  "tpm_overlap_csf": 0.11301605801279037,
  "tpm_overlap_gm": 0.3424094704048144,
  "tpm_overlap_wm": 0.46303349512486575,
  "wm2max": 0.8112366299359086
}