{
  "aor": 0.00044051136363636373,
  "aqi": 0.012841764659090909,
  "bids_meta": {
    "AcquisitionMatrixPE": 88,
    "AcquisitionNumber": 1,
    "AcquisitionTime": "16:50:5.337500",
    "BandwidthPerPixelPhaseEncode": 43.706,
    "BaseResolution": 88,
    "BodyPartExamined": "BRAIN",
    "ConsistencyInfo": "N4_VE11C_LATEST_20160120",
    "ConversionSoftware": "dcm2niix",
    "ConversionSoftwareVersion": "v1.0.20171215 (OpenJPEG build) GCC7.3.0",
    "DerivedVendorReportedEchoSpacing": 0.000520003,
    "DeviceSerialNumber": "66108",
    "DwellTime": 2.5e-06,
    "EchoTime": 0.026,
    "EchoTrainLength": 43,
    "EffectiveEchoSpacing": 0.000260002,
    "FlipAngle": 70,
    "ImageOrientationPatientDICOM": [
      0.999951,
      0.00255925,
      -0.00959227,
      -0.00296689,
      0.999082,
      -0.0427267
    ],
    "ImageType": [
      "ORIGINAL",
      "PRIMARY",
      "M",
      "ND",
      "NORM",
      "MOSAIC"
    ],
    "InPlanePhaseEncodingDirectionDICOM": "COL",
    "InstitutionAddress": "Huron_325_TORONTO_ONTARIO_CA_M5S_3G3",
    "InstitutionName": "University_of_Toronto",
    "InstitutionalDepartmentName": "Department",
    "MRAcquisitionType": "2D",
    "MagneticFieldStrength": 3,
    "Manufacturer": "Siemens",
    "ManufacturersModelName": "Prisma",
    "Modality": "MR",
    "MultibandAccelerationFactor": 2,
    "ParallelReductionFactorInPlane": 2,
    "PartialFourier": 1,
    "PatientPosition": "HFS",
    "PercentPhaseFOV": 100,
    "PhaseEncodingDirection": "j-",
    "PhaseEncodingSteps": 87,
    "PhaseResolution": 1,
    "PixelBandwidth": 2275,
    "ProcedureStepDescription": "Cunningham_Nathan",
    "ProtocolName": "ep2d_p2s2_run3",
    "PulseSequenceDetails": "%SiemensSeq%_ep2d_bold",
    "ReceiveCoilActiveElements": "HEA;HEP",
    "ReceiveCoilName": "Head_32",
    "ReconMatrixPE": 88,
    "RepetitionTime": 1.5,
    "SAR": 0.0661699,
    "ScanOptions": "FS",
    "ScanningSequence": "EP",
    "SequenceName": "_epfid2d1_88",
    "SequenceVariant": "SK",
    "SeriesDescription": "ep2d_p2s2_run3",
    "SeriesNumber": 8,
    "ShimSetting": [
      -1013,
      -7044,
      -6403,
      485,
      16,
      -132,
      73,
      -38
    ],
    "SliceThickness": 2.5,
    "SliceTiming": [
      0.7125,
      0,
      0.7675,
      0.055,
      0.8225,
      0.11,
      0.8775,
      0.165,
      0.9325,
      0.22,
      0.9875,
      0.275,
      1.0425,
      0.33,
      1.0975,
      0.3825,
      1.15,
      0.4375,
      1.205,
      0.4925,
      1.26,
      0.5475,
      1.315,
      0.6025,
      1.37,
      0.6575,
      1.425,
      0.7125,
      0,
      0.7675,
      0.055,
      0.8225,
      0.11,
      0.8775,
      0.165,
      0.9325,
      0.22,
      0.9875,
      0.275,
      1.0425,
      0.33,
      1.0975,
      0.3825,
      1.15,
      0.4375,
      1.205,
      0.4925,
      1.26,
      0.5475,
      1.315,
      0.6025,
      1.37,
      0.6575,
      1.425
    ],
    "SoftwareVersions": "syngo_MR_E11",
    "SpacingBetweenSlices": 3,
    "StationName": "AWP66108",
    "TaskName": "roletrait",
    "TotalReadoutTime": 0.0226202,
    "TxRefAmp": 241.292,
    "dataset": "ds002294",
    "modality": "bold",
    "run_id": 3,
    "subject_id": "002",
    "task_id": "roletrait"
  },
  "dummy_trs": 0,
  "dvars_nstd": 35.63629148227922,
  "dvars_std": 1.351280513646723,
  "dvars_vstd": 0.9807725275498571,
  "efc": 0.4498347422911946,
  "fber": 4924.74072265625,
  "fd_mean": 0.12799674064602645,
  "fd_num": 27,
  "fd_perc": 7.670454545454546,
  "fwhm_avg": 1.6979,
  "fwhm_x": 1.64406,
  "fwhm_y": 1.90572,
  "fwhm_z": 1.54392,
  "gcor": 0.0064816,
  "gsr_x": -0.012231593951582909,
  "gsr_y": 0.015417284332215786,
  "provenance": {
    "md5sum": "06328769e3d303f315e4e54aab27b7bb",
    "settings": {
      "fd_thres": 0.2,
      "testing": false
    },
    "software": "mriqc",
    "version": "22.0.6",
    "webapi_port": null,
    "webapi_url": "https://mriqc.nimh.nih.gov/api/v1"
  },
  "size_t": 352,
  "size_x": 88,
  "size_y": 88,
  "size_z": 54,
  "snr": 7.278887054365322,
  "spacing_tr": 1.5,
  "spacing_x": 2.5,
  "spacing_y": 2.5,
  "spacing_z": 3.0,
  "summary_bg_k": 25.595364889922987,
  "summary_bg_mad": 4.443594942337815,
  "summary_bg_mean": 20.499624252319336,
  "summary_bg_median": 6.40056848526001,
  "summary_bg_n": 303971.0,
  "summary_bg_p05": 2.7556819915771484,
  "summary_bg_p95": 91.828125,
  "summary_bg_stdv": 41.224769592285156,
  "summary_fg_k": 2.9085168024319277,
  "summary_fg_mad": 60.26863079631851,
  "summary_fg_mean": 448.9241943359375,
  "summary_fg_median": 446.9659118652344,
  "summary_fg_n": 55095.0,
  "summary_fg_p05": 363.9556945800781,
  "summary_fg_p95": 541.9133850097655,
  "summary_fg_stdv": 61.40524673461914,
  "tsnr": 55.620427132816985
}