{
  "aor": 0.001186846590909091,
  "aqi": 0.010342351931818181,
  "bids_meta": {
    "AcquisitionMatrixPE": 88,
    "AcquisitionNumber": 1,
    "AcquisitionTime": "16:59:52.690000",
    "BandwidthPerPixelPhaseEncode": 43.706,
    "BaseResolution": 88,
    "BodyPartExamined": "BRAIN",
    "ConsistencyInfo": "N4_VE11C_LATEST_20160120",
    "ConversionSoftware": "dcm2niix",
    "ConversionSoftwareVersion": "v1.0.20171215 (OpenJPEG build) GCC7.3.0",
    "DerivedVendorReportedEchoSpacing": 0.000520003,
    "DeviceSerialNumber": "66108",
    "DwellTime": 2.5e-06,
    "EchoTime": 0.026,
    "EchoTrainLength": 43,
    "EffectiveEchoSpacing": 0.000260002,
    "FlipAngle": 70,
    "ImageOrientationPatientDICOM": [
      0.999951,
      0.00255925,
      -0.00959227,
      -0.00296689,
      0.999082,
      -0.0427267
    ],
    "ImageType": [
      "ORIGINAL",
      "PRIMARY",
      "M",
      "ND",
      "NORM",
      "MOSAIC"
    ],
    "InPlanePhaseEncodingDirectionDICOM": "COL",
    "InstitutionAddress": "Huron_325_TORONTO_ONTARIO_CA_M5S_3G3",
    "InstitutionName": "University_of_Toronto",
    "InstitutionalDepartmentName": "Department",
    "MRAcquisitionType": "2D",
    "MagneticFieldStrength": 3,
    "Manufacturer": "Siemens",
    "ManufacturersModelName": "Prisma",
    "Modality": "MR",
    "MultibandAccelerationFactor": 2,
    "ParallelReductionFactorInPlane": 2,
    "PartialFourier": 1,
    "PatientPosition": "HFS",
    "PercentPhaseFOV": 100,
    "PhaseEncodingDirection": "j-",
    "PhaseEncodingSteps": 87,
    "PhaseResolution": 1,
    "PixelBandwidth": 2275,
    "ProcedureStepDescription": "Cunningham_Nathan",
    "ProtocolName": "ep2d_p2s2_run4",
    "PulseSequenceDetails": "%SiemensSeq%_ep2d_bold",
    "ReceiveCoilActiveElements": "HEA;HEP",
    "ReceiveCoilName": "Head_32",
    "ReconMatrixPE": 88,
    "RepetitionTime": 1.5,
    "SAR": 0.0661699,
    "ScanOptions": "FS",
    "ScanningSequence": "EP",
    "SequenceName": "_epfid2d1_88",
    "SequenceVariant": "SK",
    "SeriesDescription": "ep2d_p2s2_run4",
    "SeriesNumber": 9,
    "ShimSetting": [
      -1013,
      -7044,
      -6403,
      485,
      16,
      -132,
      73,
      -38
    ],
    "SliceThickness": 2.5,
    "SliceTiming": [
      0.7125,
      0,
      0.7675,
      0.055,
      0.8225,
      0.11,
      0.8775,
      0.165,
      0.9325,
      0.22,
      0.9875,
      0.275,
      1.0425,
      0.33,
      1.0975,
      0.385,
      1.1525,
      0.44,
      1.2075,
      0.495,
      1.2625,
      0.55,
      1.3175,
      0.605,
      1.37,
      0.6575,
      1.425,
      0.7125,
      0,
      0.7675,
      0.055,
      0.8225,
      0.11,
      0.8775,
      0.165,
      0.9325,
      0.22,
      0.9875,
      0.275,
      1.0425,
      0.33,
      1.0975,
      0.385,
      1.1525,
      0.44,
      1.2075,
      0.495,
      1.2625,
      0.55,
      1.3175,
      0.605,
      1.37,
      0.6575,
      1.425
    ],
    "SoftwareVersions": "syngo_MR_E11",
    "SpacingBetweenSlices": 3,
    "StationName": "AWP66108",
    "TaskName": "roletrait",
    "TotalReadoutTime": 0.0226202,
    "TxRefAmp": 241.292,
    "dataset": "ds002294",
    "modality": "bold",
    "run_id": 4,
    "subject_id": "002",
    "task_id": "roletrait"
  },
  "dummy_trs": 0,
  "dvars_nstd": 35.58902511715098,
  "dvars_std": 1.3781116654700847,
  "dvars_vstd": 1.0118262407692307,
  "efc": 0.4503669377347604,
  "fber": 4878.26904296875,
  "fd_mean": 0.1333976476790161,
  "fd_num": 37,
  "fd_perc": 10.511363636363637,
  "fwhm_avg": 1.6921326666666667,
  "fwhm_x": 1.647108,
  "fwhm_y": 1.89926,
  "fwhm_z": 1.53003,
  "gcor": 0.0110128,
  "gsr_x": -0.01225990243256092,
  "gsr_y": 0.015562190674245358,
  "provenance": {
    "md5sum": "814e14245d44a72084de33831a8d9ae1",
    "settings": {
      "fd_thres": 0.2,
      "testing": false
    },
    "software": "mriqc",
    "version": "22.0.6",
    "webapi_port": null,
    "webapi_url": "https://mriqc.nimh.nih.gov/api/v1"
  },
  "size_t": 352,
  "size_x": 88,
  "size_y": 88,
  "size_z": 54,
  "snr": 7.275562679692082,
  "spacing_tr": 1.5,
  "spacing_x": 2.5,
  "spacing_y": 2.5,
  "spacing_z": 3.0,
  "summary_bg_k": 25.427023395378807,
  "summary_bg_mad": 4.409899469506316,
  "summary_bg_mean": 20.615907669067383,
  "summary_bg_median": 6.4289774894714355,
  "summary_bg_n": 303932.0,
  "summary_bg_p05": 2.778409242630005,
  "summary_bg_p95": 92.37031288146983,
  "summary_bg_stdv": 41.338478088378906,
  "summary_fg_k": 3.0419064219644456,
  "summary_fg_mad": 59.93168808632061,
  "summary_fg_mean": 449.0730895996094,
  "summary_fg_median": 447.0170593261719,
  "summary_fg_n": 55107.0,
  "summary_fg_p05": 364.3491516113281,
  "summary_fg_p95": 541.9573974609375,
  "summary_fg_stdv": 61.44033432006836,
  "tsnr": 59.52660385565832
}