{
  "aor": 0.0009716901408450705,
  "aqi": 0.010755854957746478,
  "bids_meta": {
    "AcquisitionMatrixPE": 88,
    "AcquisitionNumber": 1,
    "AcquisitionTime": "09:28:43.575000",
    "BandwidthPerPixelPhaseEncode": 43.706,
    "BaseResolution": 88,
    "BodyPartExamined": "BRAIN",
    "ConsistencyInfo": "N4_VE11C_LATEST_20160120",
    "ConversionSoftware": "dcm2niix",
    "ConversionSoftwareVersion": "v1.0.20171215 (OpenJPEG build) GCC7.3.0",
    "DerivedVendorReportedEchoSpacing": 0.000520003,
    "DeviceSerialNumber": "66108",
    "DwellTime": 2.5e-06,
    "EchoTime": 0.026,
    "EchoTrainLength": 43,
    "EffectiveEchoSpacing": 0.000260002,
    "FlipAngle": 70,
    "ImageOrientationPatientDICOM": [
      0.997884,
      0.0548464,
      -0.0349315,
      -0.0575376,
      0.995021,
      -0.0813739
    ],
    "ImageType": [
      "ORIGINAL",
      "PRIMARY",
      "M",
      "ND",
      "NORM",
      "MOSAIC"
    ],
    "InPlanePhaseEncodingDirectionDICOM": "COL",
    "InstitutionAddress": "Huron_325_TORONTO_ONTARIO_CA_M5S_3G3",
    "InstitutionName": "University_of_Toronto",
    "InstitutionalDepartmentName": "Department",
    "MRAcquisitionType": "2D",
    "MagneticFieldStrength": 3,
    "Manufacturer": "Siemens",
    "ManufacturersModelName": "Prisma",
    "Modality": "MR",
    "MultibandAccelerationFactor": 2,
    "ParallelReductionFactorInPlane": 2,
    "PartialFourier": 1,
    "PatientPosition": "HFS",
    "PercentPhaseFOV": 100,
    "PhaseEncodingDirection": "j-",
    "PhaseEncodingSteps": 87,
    "PhaseResolution": 1,
    "PixelBandwidth": 2275,
    "ProcedureStepDescription": "Cunningham_Nathan",
    "ProtocolName": "ep2d_p2s2_run2",
    "PulseSequenceDetails": "%SiemensSeq%_ep2d_bold",
    "ReceiveCoilActiveElements": "HEA;HEP",
    "ReceiveCoilName": "Head_32",
    "ReconMatrixPE": 88,
    "RepetitionTime": 1.5,
    "SAR": 0.0629,
    "ScanOptions": "FS",
    "ScanningSequence": "EP",
    "SequenceName": "_epfid2d1_88",
    "SequenceVariant": "SK",
    "SeriesDescription": "ep2d_p2s2_run2",
    "SeriesNumber": 7,
    "ShimSetting": [
      -1027,
      -7007,
      -6389,
      285,
      45,
      27,
      14,
      -52
    ],
    "SliceThickness": 2.5,
    "SliceTiming": [
      0.7125,
      0,
      0.7675,
      0.055,
      0.8225,
      0.11,
      0.875,
      0.1625,
      0.93,
      0.2175,
      0.985,
      0.2725,
      1.04,
      0.3275,
      1.095,
      0.3825,
      1.15,
      0.4375,
      1.205,
      0.4925,
      1.26,
      0.5475,
      1.315,
      0.6025,
      1.37,
      0.6575,
      1.425,
      0.7125,
      0,
      0.7675,
      0.055,
      0.8225,
      0.11,
      0.875,
      0.1625,
      0.93,
      0.2175,
      0.985,
      0.2725,
      1.04,
      0.3275,
      1.095,
      0.3825,
      1.15,
      0.4375,
      1.205,
      0.4925,
      1.26,
      0.5475,
      1.315,
      0.6025,
      1.37,
      0.6575,
      1.425
    ],
    "SoftwareVersions": "syngo_MR_E11",
    "SpacingBetweenSlices": 3,
    "StationName": "AWP66108",
    "TaskName": "roletrait",
    "TotalReadoutTime": 0.0226202,
    "TxRefAmp": 263.891,
    "dataset": "ds002294",
    "modality": "bold",
    "run_id": 2,
    "subject_id": "032",
    "task_id": "roletrait"
  },
  "dummy_trs": 0,
  "dvars_nstd": 33.47610564138421,
  "dvars_std": 1.3116839196045207,
  "dvars_vstd": 1.0061886193785305,
  "efc": 0.49668558783618244,
  "fber": 3422.511962890625,
  "fd_mean": 0.12161912102458254,
  "fd_num": 22,
  "fd_perc": 6.197183098591549,
  "fwhm_avg": 1.6997251111111111,
  "fwhm_x": 1.6817,
  "fwhm_y": 1.860792,
  "fwhm_z": 1.5566833333333332,
  "gcor": 0.00846685,
  "gsr_x": -0.0004325702611822635,
  "gsr_y": 0.0067324345000088215,
  "provenance": {
    "md5sum": "c6ca675fd4a32d8a90c0d33d677ae557",
    "settings": {
      "fd_thres": 0.2,
      "testing": false
    },
    "software": "mriqc",
    "version": "22.0.6",
    "webapi_port": null,
    "webapi_url": "https://mriqc.nimh.nih.gov/api/v1"
  },
  "size_t": 355,
  "size_x": 88,
  "size_y": 88,
  "size_z": 54,
  "snr": 6.746042295852127,
  "spacing_tr": 1.5,
  "spacing_x": 2.5,
  "spacing_y": 2.5,
  "spacing_z": 3.0,
  "summary_bg_k": 16.55152106973242,
  "summary_bg_mad": 7.020434532296941,
  "summary_bg_mean": 27.67218017578125,
  "summary_bg_median": 8.199999809265137,
  "summary_bg_n": 287334.0,
  "summary_bg_p05": 2.611267566680908,
  "summary_bg_p95": 135.76168289184545,
  "summary_bg_stdv": 51.45869827270508,
  "summary_fg_k": 3.1056703459296537,
  "summary_fg_mad": 64.17788111007286,
  "summary_fg_mean": 485.6344909667969,
  "summary_fg_median": 482.2647705078125,
  "summary_fg_n": 67897.0,
  "summary_fg_p05": 385.6811096191406,
  "summary_fg_p95": 598.0828002929687,
  "summary_fg_stdv": 71.48802185058594,
  "tsnr": 55.22427324205637
}