{
  "bids_meta": {
    "AcquisitionMatrixPE": 192,
    "AcquisitionNumber": 1,
    "AcquisitionTime": "10:46:13.365000",
    "BaseResolution": 256,
    "BodyPartExamined": "BRAIN",
    "ConsistencyInfo": "N4_VE11C_LATEST_20160120",
    "ConversionSoftware": "dcm2niix",
    "ConversionSoftwareVersion": "v1.0.20171215 (OpenJPEG build) GCC7.3.0",
    "DeviceSerialNumber": "66108",
    "DwellTime": 7.5e-06,
    "EchoTime": 0.0024,
    "FlipAngle": 9,
    "ImageOrientationPatientDICOM": [
      0.996116,
      0.0283514,
      0.0833643,
      -0.0166916,
      0.990379,
      -0.137371
    ],
    "ImageType": [
      "ORIGINAL",
      "PRIMARY",
      "M",
      "ND",
      "NORM",
      "FM3",
      "2",
      "FIL"
    ],
    "InPlanePhaseEncodingDirectionDICOM": "ROW",
    "InstitutionAddress": "Huron_325_TORONTO_ONTARIO_CA_M5S_3G3",
    "InstitutionName": "University_of_Toronto",
    "InstitutionalDepartmentName": "Department",
    "InversionTime": 1.1,
    "MRAcquisitionType": "3D",
    "MagneticFieldStrength": 3,
    "Manufacturer": "Siemens",
    "ManufacturersModelName": "Prisma",
    "Modality": "MR",
    "ParallelReductionFactorInPlane": 2,
    "PartialFourier": 1,
    "PatientPosition": "HFS",
    "PercentPhaseFOV": 75,
    "PhaseEncodingSteps": 191,
    "PhaseResolution": 1,
    "PixelBandwidth": 260,
    "ProcedureStepDescription": "Cunningham_Nathan",
    "ProtocolName": "t1_mprage_tra_p2_iso",
    "PulseSequenceDetails": "%SiemensSeq%_tfl",
    "ReceiveCoilActiveElements": "HEA;HEP",
    "ReceiveCoilName": "Head_32",
    "ReconMatrixPE": 256,
    "RepetitionTime": 2,
    "SAR": 0.0583137,
    "ScanOptions": "IR",
    "ScanningSequence": "GR_IR",
    "SequenceName": "_tfl3d1_16",
    "SequenceVariant": "SK_SP_MP",
    "SeriesDescription": "t1_mprage_tra_p2_iso",
    "SeriesNumber": 12,
    "ShimSetting": [
      -1026,
      -6983,
      -6652,
      -33,
      -35,
      26,
      -37,
      -58
    ],
    "SliceThickness": 1,
    "SoftwareVersions": "syngo_MR_E11",
    "StationName": "AWP66108",
    "TxRefAmp": 249.645,
    "dataset": "ds002294",
    "modality": "T1w",
    "subject_id": "007"
  },
  "cjv": 0.3647434873699599,
  "cnr": 3.5882448335001644,
  "efc": 0.8421757054817524,
  "fber": -1.0,
  "fwhm_avg": 3.7147403021884347,
  "fwhm_x": 3.55446,
  "fwhm_y": 3.95732,
  "fwhm_z": 3.632440906565304,
  "icvs_csf": 0.2498595433114905,
  "icvs_gm": 0.35883617197303697,
  "icvs_wm": 0.3913042847154725,
  "inu_med": 0.7077232599258423,
  "inu_range": 0.19255195260047908,
  "provenance": {
    "md5sum": "5dfab293e74f3c3c7ab06aa03e42c6eb",
    "settings": {
      "testing": false
    },
    "software": "mriqc",
    "version": "22.0.6",
    "warnings": {
      "large_rot_frame": true,
      "small_air_mask": true
    },
    "webapi_port": null,
    "webapi_url": "https://mriqc.nimh.nih.gov/api/v1"
  },
  "qi_1": -1.0,
  "qi_2": 0.0,
  "rpve_csf": 18.324521490795046,
  "rpve_gm": 11.459596259550825,
  "rpve_wm": 14.396002736891415,
  "size_x": 192,
  "size_y": 256,
  "size_z": 160,
  "snr_csf": 2.5000805859021535,
  "snr_gm": 6.910499478579483,
  "snr_total": 8.972843079164086,
  "snr_wm": 17.50794917301062,
  "snrd_csf": -1.0,
  "snrd_gm": -1.0,
  "snrd_total": -1.0,
  "snrd_wm": -1.0,
  "spacing_x": 1.0,
  "spacing_y": 1.0,
  "spacing_z": 1.0000025033950806,
  "summary_bg_k": 0.0,
  "summary_bg_mad": 0.0,
  "summary_bg_mean": 0.0,
  "summary_bg_median": 0.0,
  "summary_bg_n": 0.0,
  "summary_bg_p05": 0.0,
  "summary_bg_p95": 0.0,
  "summary_bg_stdv": 0.0,
  "summary_csf_k": 0.33350852365488937,
  "summary_csf_mad": 86.4039666393207,
  "summary_csf_mean": 218.70225370936734,
  "summary_csf_median": 215.13389860466123,
  "summary_csf_n": 5431.0,
  "summary_csf_p05": 85.82827732060105,
  "summary_csf_p95": 361.29357017576694,
  "summary_csf_stdv": 86.04286309895818,
  "summary_gm_k": 0.2843838402390326,
  "summary_gm_mad": 85.73283756318436,
  "summary_gm_mean": 616.672039717429,
  "summary_gm_median": 618.8836741568521,
  "summary_gm_n": 13678.0,
  "summary_gm_p05": 463.5442825043574,
  "summary_gm_p95": 761.9757190860807,
  "summary_gm_stdv": 89.55373664910792,
  "summary_wm_k": 0.6832644055205987,
  "summary_wm_mad": 53.284527114638884,
  "summary_wm_mean": 1000.5603843355741,
  "summary_wm_median": 1000.0210199672729,
  "summary_wm_n": 175243.0,
  "summary_wm_p05": 907.086881345138,
  "summary_wm_p95": 1094.134205205366,
  "summary_wm_stdv": 57.11795007171915,
  "tpm_overlap_csf": 0.11935554423240823,
  "tpm_overlap_gm": 0.39434800998314773,
  "tpm_overlap_wm": 0.4942467298448183,
  "wm2max": 0.8461511054103646
}