{
  "bids_meta": {
    "AcquisitionMatrixPE": 192,
    "AcquisitionNumber": 1,
    "AcquisitionTime": "10:23:44.967500",
    "BaseResolution": 256,
    "BodyPartExamined": "BRAIN",
    "ConsistencyInfo": "N4_VE11C_LATEST_20160120",
    "ConversionSoftware": "dcm2niix",
    "ConversionSoftwareVersion": "v1.0.20171215 (OpenJPEG build) GCC7.3.0",
    "DeviceSerialNumber": "66108",
    "DwellTime": 7.5e-06,
    "EchoTime": 0.0024,
    "FlipAngle": 9,
    "ImageOrientationPatientDICOM": [
      0.988878,
      0.147432,
      0.0196211,
      -0.142499,
      0.976947,
      -0.158958
    ],
    "ImageType": [
      "ORIGINAL",
      "PRIMARY",
      "M",
      "ND",
      "NORM",
      "FM3",
      "2",
      "FIL"
    ],
    "InPlanePhaseEncodingDirectionDICOM": "ROW",
    "InstitutionAddress": "Huron_325_TORONTO_ONTARIO_CA_M5S_3G3",
    "InstitutionName": "University_of_Toronto",
    "InstitutionalDepartmentName": "Department",
    "InversionTime": 1.1,
    "MRAcquisitionType": "3D",
    "MagneticFieldStrength": 3,
    "Manufacturer": "Siemens",
    "ManufacturersModelName": "Prisma",
    "Modality": "MR",
    "ParallelReductionFactorInPlane": 2,
    "PartialFourier": 1,
    "PatientPosition": "HFS",
    "PercentPhaseFOV": 75,
    "PhaseEncodingSteps": 191,
    "PhaseResolution": 1,
    "PixelBandwidth": 260,
    "ProcedureStepDescription": "Cunningham_Nathan",
    "ProtocolName": "t1_mprage_tra_p2_iso",
    "PulseSequenceDetails": "%SiemensSeq%_tfl",
    "ReceiveCoilActiveElements": "HEA;HEP",
    "ReceiveCoilName": "Head_32",
    "ReconMatrixPE": 256,
    "RepetitionTime": 2,
    "SAR": 0.05375,
    "ScanOptions": "IR",
    "ScanningSequence": "GR_IR",
    "SequenceName": "_tfl3d1_16",
    "SequenceVariant": "SK_SP_MP",
    "SeriesDescription": "t1_mprage_tra_p2_iso",
    "SeriesNumber": 13,
    "ShimSetting": [
      -1026,
      -6983,
      -6652,
      -33,
      -35,
      26,
      -37,
      -58
    ],
    "SliceThickness": 1,
    "SoftwareVersions": "syngo_MR_E11",
    "StationName": "AWP66108",
    "TxRefAmp": 239.999,
    "dataset": "ds002294",
    "modality": "T1w",
    "subject_id": "013"
  },
  "cjv": 0.3691330078164883,
  "cnr": 3.52625721748584,
  "efc": 0.8322837600119538,
  "fber": -1.0,
  "fwhm_avg": 3.4862436020986878,
  "fwhm_x": 3.33271,
  "fwhm_y": 3.74417,
  "fwhm_z": 3.381850806296064,
  "icvs_csf": 0.2535809428335304,
  "icvs_gm": 0.36486244039859667,
  "icvs_wm": 0.381556616767873,
  "inu_med": 0.7923756539821625,
  "inu_range": 0.19407716393470764,
  "provenance": {
    "md5sum": "14196cd52a2235119e5774c274f9a029",
    "settings": {
      "testing": false
    },
    "software": "mriqc",
    "version": "22.0.6",
    "warnings": {
      "large_rot_frame": true,
      "small_air_mask": true
    },
    "webapi_port": null,
    "webapi_url": "https://mriqc.nimh.nih.gov/api/v1"
  },
  "qi_1": -1.0,
  "qi_2": 0.0,
  "rpve_csf": 19.14494197156496,
  "rpve_gm": 11.789061212406072,
  "rpve_wm": 15.145143636727067,
  "size_x": 192,
  "size_y": 256,
  "size_z": 160,
  "snr_csf": 2.453677803420233,
  "snr_gm": 6.874450734283425,
  "snr_total": 8.283990629209898,
  "snr_wm": 15.523843349926032,
  "snrd_csf": -1.0,
  "snrd_gm": -1.0,
  "snrd_total": -1.0,
  "snrd_wm": -1.0,
  "spacing_x": 1.0,
  "spacing_y": 1.0,
  "spacing_z": 0.9999997615814209,
  "summary_bg_k": 0.0,
  "summary_bg_mad": 0.0,
  "summary_bg_mean": 0.0,
  "summary_bg_median": 0.0,
  "summary_bg_n": 0.0,
  "summary_bg_p05": 0.0,
  "summary_bg_p95": 0.0,
  "summary_bg_stdv": 0.0,
  "summary_csf_k": 0.5164647658601416,
  "summary_csf_mad": 82.60880296207182,
  "summary_csf_mean": 204.73471039339327,
  "summary_csf_median": 203.07976550608873,
  "summary_csf_n": 5687.0,
  "summary_csf_p05": 71.88324533179403,
  "summary_csf_p95": 342.41105757355683,
  "summary_csf_stdv": 82.75818027217325,
  "summary_gm_k": 0.5229079296265695,
  "summary_gm_mad": 83.91248307040321,
  "summary_gm_mean": 612.203513382864,
  "summary_gm_median": 612.3705295696855,
  "summary_gm_n": 10290.0,
  "summary_gm_p05": 463.16620232947173,
  "summary_gm_p95": 756.686058357358,
  "summary_gm_stdv": 89.07486530949326,
  "summary_wm_k": 0.7039140774408765,
  "summary_wm_mad": 59.174358087919806,
  "summary_wm_mean": 1002.2512510464601,
  "summary_wm_median": 1000.000023894012,
  "summary_wm_n": 151214.0,
  "summary_wm_p05": 900.808565929532,
  "summary_wm_p95": 1113.9897750467062,
  "summary_wm_stdv": 64.41682608972528,
  "tpm_overlap_csf": 0.11670883669288477,
  "tpm_overlap_gm": 0.3821512077843086,
  "tpm_overlap_wm": 0.47120905026235327,
  "wm2max": 0.8249208286892061
}