{
  "bids_meta": {
    "AcquisitionMatrixPE": 192,
    "AcquisitionNumber": 1,
    "AcquisitionTime": "09:54:7.952500",
    "BaseResolution": 256,
    "BodyPartExamined": "BRAIN",
    "ConsistencyInfo": "N4_VE11C_LATEST_20160120",
    "ConversionSoftware": "dcm2niix",
    "ConversionSoftwareVersion": "v1.0.20171215 (OpenJPEG build) GCC7.3.0",
    "DeviceSerialNumber": "66108",
    "DwellTime": 7.5e-06,
    "EchoTime": 0.0024,
    "FlipAngle": 9,
    "ImageOrientationPatientDICOM": [
      0.998714,
      0.0506478,
      0.00236105,
      -0.0505927,
      0.998531,
      -0.0194106
    ],
    "ImageType": [
      "ORIGINAL",
      "PRIMARY",
      "M",
      "ND",
      "NORM",
      "FM3",
      "2",
      "FIL"
    ],
    "InPlanePhaseEncodingDirectionDICOM": "ROW",
    "InstitutionAddress": "Huron_325_TORONTO_ONTARIO_CA_M5S_3G3",
    "InstitutionName": "University_of_Toronto",
    "InstitutionalDepartmentName": "Department",
    "InversionTime": 1.1,
    "MRAcquisitionType": "3D",
    "MagneticFieldStrength": 3,
    "Manufacturer": "Siemens",
    "ManufacturersModelName": "Prisma",
    "Modality": "MR",
    "ParallelReductionFactorInPlane": 2,
    "PartialFourier": 1,
    "PatientPosition": "HFS",
    "PercentPhaseFOV": 75,
    "PhaseEncodingSteps": 191,
    "PhaseResolution": 1,
    "PixelBandwidth": 260,
    "ProcedureStepDescription": "Cunningham_Nathan",
    "ProtocolName": "t1_mprage_tra_p2_iso",
    "PulseSequenceDetails": "%SiemensSeq%_tfl",
    "ReceiveCoilActiveElements": "HEA;HEP",
    "ReceiveCoilName": "Head_32",
    "ReconMatrixPE": 256,
    "RepetitionTime": 2,
    "SAR": 0.0468575,
    "ScanOptions": "IR",
    "ScanningSequence": "GR_IR",
    "SequenceName": "_tfl3d1_16",
    "SequenceVariant": "SK_SP_MP",
    "SeriesDescription": "t1_mprage_tra_p2_iso",
    "SeriesNumber": 12,
    "ShimSetting": [
      -1026,
      -6983,
      -6652,
      -33,
      -35,
      26,
      -37,
      -58
    ],
    "SliceThickness": 1,
    "SoftwareVersions": "syngo_MR_E11",
    "StationName": "AWP66108",
    "TxRefAmp": 238.387,
    "dataset": "ds002294",
    "modality": "T1w",
    "subject_id": "041"
  },
  "cjv": 0.3327742386412749,
  "cnr": 3.844023598958317,
  "efc": 0.8392693653231421,
  "fber": -1.0,
  "fwhm_avg": 3.7937663740969403,
  "fwhm_x": 3.60291,
  "fwhm_y": 4.09701,
  "fwhm_z": 3.6813791222908203,
  "icvs_csf": 0.24855195758443066,
  "icvs_gm": 0.3763135439505323,
  "icvs_wm": 0.37513449846503705,
  "inu_med": 0.742289662361145,
  "inu_range": 0.19994863867759693,
  "provenance": {
    "md5sum": "1c40d78b966c07bffae17c4376d750e9",
    "settings": {
      "testing": false
    },
    "software": "mriqc",
    "version": "22.0.6",
    "warnings": {
      "large_rot_frame": true,
      "small_air_mask": true
    },
    "webapi_port": null,
    "webapi_url": "https://mriqc.nimh.nih.gov/api/v1"
  },
  "qi_1": -1.0,
  "qi_2": 0.0,
  "rpve_csf": 17.776091435209004,
  "rpve_gm": 10.749091289198606,
  "rpve_wm": 14.456070027087417,
  "size_x": 192,
  "size_y": 256,
  "size_z": 160,
  "snr_csf": 2.5877430432519763,
  "snr_gm": 7.550982983448162,
  "snr_total": 9.518222219023409,
  "snr_wm": 18.41594063037009,
  "snrd_csf": -1.0,
  "snrd_gm": -1.0,
  "snrd_total": -1.0,
  "snrd_wm": -1.0,
  "spacing_x": 1.0,
  "spacing_y": 1.0,
  "spacing_z": 1.000000238418579,
  "summary_bg_k": 0.0,
  "summary_bg_mad": 0.0,
  "summary_bg_mean": 0.0,
  "summary_bg_median": 0.0,
  "summary_bg_n": 0.0,
  "summary_bg_p05": 0.0,
  "summary_bg_p95": 0.0,
  "summary_bg_stdv": 0.0,
  "summary_csf_k": 0.3907419880317282,
  "summary_csf_mad": 80.73387792668238,
  "summary_csf_mean": 215.62946274455444,
  "summary_csf_median": 212.81755064055324,
  "summary_csf_n": 6459.0,
  "summary_csf_p05": 83.15311011821032,
  "summary_csf_p95": 353.05313817374395,
  "summary_csf_stdv": 82.23423730609191,
  "summary_gm_k": 0.47884268426290433,
  "summary_gm_mad": 77.72782928047613,
  "summary_gm_mean": 619.5284078928216,
  "summary_gm_median": 621.1272993516177,
  "summary_gm_n": 12636.0,
  "summary_gm_p05": 479.31687481701374,
  "summary_gm_p95": 750.9494381295517,
  "summary_gm_stdv": 82.25455182988186,
  "summary_wm_k": 1.0759660637593678,
  "summary_wm_mad": 48.35125864797369,
  "summary_wm_mean": 1000.9942004724354,
  "summary_wm_median": 1000.0000403523445,
  "summary_wm_n": 175023.0,
  "summary_wm_p05": 913.5556496344507,
  "summary_wm_p95": 1090.8621277812867,
  "summary_wm_stdv": 54.30063028828609,
  "tpm_overlap_csf": 0.12121744402583925,
  "tpm_overlap_gm": 0.3999500440741702,
  "tpm_overlap_wm": 0.4935433780074932,
  "wm2max": 0.8482713731652849
}