{
  "aor": 0.0011789295774647887,
  "aqi": 0.01368055276056338,
  "bids_meta": {
    "AcquisitionMatrixPE": 88,
    "AcquisitionNumber": 1,
    "AcquisitionTime": "15:43:32.815000",
    "BandwidthPerPixelPhaseEncode": 43.706,
    "BaseResolution": 88,
    "BodyPartExamined": "BRAIN",
    "ConsistencyInfo": "N4_VE11C_LATEST_20160120",
    "ConversionSoftware": "dcm2niix",
    "ConversionSoftwareVersion": "v1.0.20171215 (OpenJPEG build) GCC7.3.0",
    "DerivedVendorReportedEchoSpacing": 0.000520003,
    "DeviceSerialNumber": "66108",
    "DwellTime": 2.5e-06,
    "EchoTime": 0.026,
    "EchoTrainLength": 43,
    "EffectiveEchoSpacing": 0.000260002,
    "FlipAngle": 70,
    "ImageOrientationPatientDICOM": [
      0.999548,
      0.00605358,
      0.0294527,
      -0.00174451,
      0.989549,
      -0.144184
    ],
    "ImageType": [
      "ORIGINAL",
      "PRIMARY",
      "M",
      "ND",
      "NORM",
      "MOSAIC"
    ],
    "InPlanePhaseEncodingDirectionDICOM": "COL",
    "InstitutionAddress": "Huron_325_TORONTO_ONTARIO_CA_M5S_3G3",
    "InstitutionName": "University_of_Toronto",
    "InstitutionalDepartmentName": "Department",
    "MRAcquisitionType": "2D",
    "MagneticFieldStrength": 3,
    "Manufacturer": "Siemens",
    "ManufacturersModelName": "Prisma",
    "Modality": "MR",
    "MultibandAccelerationFactor": 2,
    "ParallelReductionFactorInPlane": 2,
    "PartialFourier": 1,
    "PatientPosition": "HFS",
    "PercentPhaseFOV": 100,
    "PhaseEncodingDirection": "j-",
    "PhaseEncodingSteps": 87,
    "PhaseResolution": 1,
    "PixelBandwidth": 2275,
    "ProcedureStepDescription": "Cunningham_Nathan",
    "ProtocolName": "ep2d_p2s2_run4",
    "PulseSequenceDetails": "%SiemensSeq%_ep2d_bold",
    "ReceiveCoilActiveElements": "HEA;HEP",
    "ReceiveCoilName": "Head_32",
    "ReconMatrixPE": 88,
    "RepetitionTime": 1.5,
    "SAR": 0.0537589,
    "ScanOptions": "FS",
    "ScanningSequence": "EP",
    "SequenceName": "_epfid2d1_88",
    "SequenceVariant": "SK",
    "SeriesDescription": "ep2d_p2s2_run4",
    "SeriesNumber": 9,
    "ShimSetting": [
      -1031,
      -7036,
      -6380,
      336,
      -66,
      -243,
      -127,
      22
    ],
    "SliceThickness": 2.5,
    "SliceTiming": [
      0.7125,
      0,
      0.7675,
      0.055,
      0.8225,
      0.11,
      0.8775,
      0.165,
      0.9325,
      0.22,
      0.9875,
      0.275,
      1.0425,
      0.33,
      1.0975,
      0.385,
      1.15,
      0.4375,
      1.205,
      0.4925,
      1.26,
      0.5475,
      1.315,
      0.6025,
      1.37,
      0.6575,
      1.425,
      0.7125,
      0,
      0.7675,
      0.055,
      0.8225,
      0.11,
      0.8775,
      0.165,
      0.9325,
      0.22,
      0.9875,
      0.275,
      1.0425,
      0.33,
      1.0975,
      0.385,
      1.15,
      0.4375,
      1.205,
      0.4925,
      1.26,
      0.5475,
      1.315,
      0.6025,
      1.37,
      0.6575,
      1.425
    ],
    "SoftwareVersions": "syngo_MR_E11",
    "SpacingBetweenSlices": 3,
    "StationName": "AWP66108",
    "TaskName": "roletrait",
    "TotalReadoutTime": 0.0226202,
    "TxRefAmp": 234.196,
    "dataset": "ds002294",
    "modality": "bold",
    "run_id": 4,
    "subject_id": "018",
    "task_id": "roletrait"
  },
  "dummy_trs": 0,
  "dvars_nstd": 34.46722840437853,
  "dvars_std": 1.2876263504519765,
  "dvars_vstd": 0.989573214943503,
  "efc": 0.46131938345810025,
  "fber": 3996.405517578125,
  "fd_mean": 0.18607283337346225,
  "fd_num": 142,
  "fd_perc": 40.0,
  "fwhm_avg": 1.7146362222222222,
  "fwhm_x": 1.7267800000000002,
  "fwhm_y": 1.841692,
  "fwhm_z": 1.5754366666666666,
  "gcor": 0.0119751,
  "gsr_x": -0.014583856798708439,
  "gsr_y": 0.0022553482558578253,
  "provenance": {
    "md5sum": "eeccf93404d6193f080bdb9209033e55",
    "settings": {
      "fd_thres": 0.2,
      "testing": false
    },
    "software": "mriqc",
    "version": "22.0.6",
    "webapi_port": null,
    "webapi_url": "https://mriqc.nimh.nih.gov/api/v1"
  },
  "size_t": 355,
  "size_x": 88,
  "size_y": 88,
  "size_z": 54,
  "snr": 6.7067012365190415,
  "spacing_tr": 1.5,
  "spacing_x": 2.5,
  "spacing_y": 2.5,
  "spacing_z": 3.0,
  "summary_bg_k": 19.00426229571234,
  "summary_bg_mad": 5.993053998355894,
  "summary_bg_mean": 26.00714874267578,
  "summary_bg_median": 8.050704002380371,
  "summary_bg_n": 301586.0,
  "summary_bg_p05": 2.7239434719085693,
  "summary_bg_p95": 128.31548690795898,
  "summary_bg_stdv": 51.85407257080078,
  "summary_fg_k": 2.072159678845302,
  "summary_fg_mad": 75.12822508971594,
  "summary_fg_mean": 510.02313232421875,
  "summary_fg_median": 506.1182861328125,
  "summary_fg_n": 56612.0,
  "summary_fg_p05": 406.1818115234375,
  "summary_fg_p95": 632.0463073730468,
  "summary_fg_stdv": 75.46389770507812,
  "tsnr": 49.745003106305376
}