{
  "aor": 0.0005388732394366197,
  "aqi": 0.00878552276056338,
  "bids_meta": {
    "AcquisitionMatrixPE": 88,
    "AcquisitionNumber": 1,
    "AcquisitionTime": "15:33:27.887500",
    "BandwidthPerPixelPhaseEncode": 43.706,
    "BaseResolution": 88,
    "BodyPartExamined": "BRAIN",
    "ConsistencyInfo": "N4_VE11C_LATEST_20160120",
    "ConversionSoftware": "dcm2niix",
    "ConversionSoftwareVersion": "v1.0.20171215 (OpenJPEG build) GCC7.3.0",
    "DerivedVendorReportedEchoSpacing": 0.000520003,
    "DeviceSerialNumber": "66108",
    "DwellTime": 2.5e-06,
    "EchoTime": 0.026,
    "EchoTrainLength": 43,
    "EffectiveEchoSpacing": 0.000260002,
    "FlipAngle": 70,
    "ImageOrientationPatientDICOM": [
      0.999548,
      0.00605358,
      0.0294527,
      -0.00174451,
      0.989549,
      -0.144184
    ],
    "ImageType": [
      "ORIGINAL",
      "PRIMARY",
      "M",
      "ND",
      "NORM",
      "MOSAIC"
    ],
    "InPlanePhaseEncodingDirectionDICOM": "COL",
    "InstitutionAddress": "Huron_325_TORONTO_ONTARIO_CA_M5S_3G3",
    "InstitutionName": "University_of_Toronto",
    "InstitutionalDepartmentName": "Department",
    "MRAcquisitionType": "2D",
    "MagneticFieldStrength": 3,
    "Manufacturer": "Siemens",
    "ManufacturersModelName": "Prisma",
    "Modality": "MR",
    "MultibandAccelerationFactor": 2,
    "ParallelReductionFactorInPlane": 2,
    "PartialFourier": 1,
    "PatientPosition": "HFS",
    "PercentPhaseFOV": 100,
    "PhaseEncodingDirection": "j-",
    "PhaseEncodingSteps": 87,
    "PhaseResolution": 1,
    "PixelBandwidth": 2275,
    "ProcedureStepDescription": "Cunningham_Nathan",
    "ProtocolName": "ep2d_p2s2_run3",
    "PulseSequenceDetails": "%SiemensSeq%_ep2d_bold",
    "ReceiveCoilActiveElements": "HEA;HEP",
    "ReceiveCoilName": "Head_32",
    "ReconMatrixPE": 88,
    "RepetitionTime": 1.5,
    "SAR": 0.0537589,
    "ScanOptions": "FS",
    "ScanningSequence": "EP",
    "SequenceName": "_epfid2d1_88",
    "SequenceVariant": "SK",
    "SeriesDescription": "ep2d_p2s2_run3",
    "SeriesNumber": 8,
    "ShimSetting": [
      -1031,
      -7036,
      -6380,
      336,
      -66,
      -243,
      -127,
      22
    ],
    "SliceThickness": 2.5,
    "SliceTiming": [
      0.7125,
      0,
      0.7675,
      0.055,
      0.8225,
      0.11,
      0.8775,
      0.165,
      0.9325,
      0.22,
      0.9875,
      0.275,
      1.0425,
      0.33,
      1.0975,
      0.385,
      1.1525,
      0.4375,
      1.205,
      0.4925,
      1.26,
      0.5475,
      1.315,
      0.6025,
      1.37,
      0.6575,
      1.425,
      0.7125,
      0,
      0.7675,
      0.055,
      0.8225,
      0.11,
      0.8775,
      0.165,
      0.9325,
      0.22,
      0.9875,
      0.275,
      1.0425,
      0.33,
      1.0975,
      0.385,
      1.1525,
      0.4375,
      1.205,
      0.4925,
      1.26,
      0.5475,
      1.315,
      0.6025,
      1.37,
      0.6575,
      1.425
    ],
    "SoftwareVersions": "syngo_MR_E11",
    "SpacingBetweenSlices": 3,
    "StationName": "AWP66108",
    "TaskName": "roletrait",
    "TotalReadoutTime": 0.0226202,
    "TxRefAmp": 234.196,
    "dataset": "ds002294",
    "modality": "bold",
    "run_id": 3,
    "subject_id": "018",
    "task_id": "roletrait"
  },
  "dummy_trs": 0,
  "dvars_nstd": 34.82779437703389,
  "dvars_std": 1.3517833352542377,
  "dvars_vstd": 1.0091706406497167,
  "efc": 0.4613307880628593,
  "fber": 3896.956298828125,
  "fd_mean": 0.14643636245353728,
  "fd_num": 82,
  "fd_perc": 23.098591549295776,
  "fwhm_avg": 1.7139737777777782,
  "fwhm_x": 1.7232040000000002,
  "fwhm_y": 1.8334240000000002,
  "fwhm_z": 1.5852933333333334,
  "gcor": 0.0168203,
  "gsr_x": -0.015046094544231892,
  "gsr_y": 0.0027182861231267452,
  "provenance": {
    "md5sum": "55f017a36ae8000be27dc5dde30958aa",
    "settings": {
      "fd_thres": 0.2,
      "testing": false
    },
    "software": "mriqc",
    "version": "22.0.6",
    "webapi_port": null,
    "webapi_url": "https://mriqc.nimh.nih.gov/api/v1"
  },
  "size_t": 355,
  "size_x": 88,
  "size_y": 88,
  "size_z": 54,
  "snr": 6.700272718644115,
  "spacing_tr": 1.5,
  "spacing_x": 2.5,
  "spacing_y": 2.5,
  "spacing_z": 3.0,
  "summary_bg_k": 19.33142854058371,
  "summary_bg_mad": 5.796765894980316,
  "summary_bg_mean": 25.722929000854492,
  "summary_bg_median": 8.061971664428711,
  "summary_bg_n": 301434.0,
  "summary_bg_p05": 2.935211181640625,
  "summary_bg_p95": 127.32788047790501,
  "summary_bg_stdv": 51.768638610839844,
  "summary_fg_k": 2.0814247121073146,
  "summary_fg_mad": 74.95701638626058,
  "summary_fg_mean": 508.408935546875,
  "summary_fg_median": 504.822509765625,
  "summary_fg_n": 56592.0,
  "summary_fg_p05": 404.6806884765625,
  "summary_fg_p95": 628.1825103759766,
  "summary_fg_stdv": 75.34291076660156,
  "tsnr": 60.29135326563846
}