{
  "bids_meta": {
    "AcquisitionMatrixPE": 192,
    "AcquisitionNumber": 1,
    "AcquisitionTime": "09:46:6.917500",
    "BaseResolution": 256,
    "BodyPartExamined": "BRAIN",
    "ConsistencyInfo": "N4_VE11C_LATEST_20160120",
    "ConversionSoftware": "dcm2niix",
    "ConversionSoftwareVersion": "v1.0.20171215 (OpenJPEG build) GCC7.3.0",
    "DeviceSerialNumber": "66108",
    "DwellTime": 7.5e-06,
    "EchoTime": 0.0024,
    "FlipAngle": 9,
    "ImageOrientationPatientDICOM": [
      0.999855,
      0.0111401,
      -0.012885,
      -0.0120416,
      0.997321,
      -0.0721498
    ],
    "ImageType": [
      "ORIGINAL",
      "PRIMARY",
      "M",
      "ND",
      "NORM",
      "FM3",
      "2",
      "FIL"
    ],
    "InPlanePhaseEncodingDirectionDICOM": "ROW",
    "InstitutionAddress": "Huron_325_TORONTO_ONTARIO_CA_M5S_3G3",
    "InstitutionName": "University_of_Toronto",
    "InstitutionalDepartmentName": "Department",
    "InversionTime": 1.1,
    "MRAcquisitionType": "3D",
    "MagneticFieldStrength": 3,
    "Manufacturer": "Siemens",
    "ManufacturersModelName": "Prisma",
    "Modality": "MR",
    "ParallelReductionFactorInPlane": 2,
    "PartialFourier": 1,
    "PatientPosition": "HFS",
    "PercentPhaseFOV": 75,
    "PhaseEncodingSteps": 191,
    "PhaseResolution": 1,
    "PixelBandwidth": 260,
    "ProcedureStepDescription": "Cunningham_Nathan",
    "ProtocolName": "t1_mprage_tra_p2_iso",
    "PulseSequenceDetails": "%SiemensSeq%_tfl",
    "ReceiveCoilActiveElements": "HEA;HEP",
    "ReceiveCoilName": "Head_32",
    "ReconMatrixPE": 256,
    "RepetitionTime": 2,
    "SAR": 0.0534749,
    "ScanOptions": "IR",
    "ScanningSequence": "GR_IR",
    "SequenceName": "_tfl3d1_16",
    "SequenceVariant": "SK_SP_MP",
    "SeriesDescription": "t1_mprage_tra_p2_iso",
    "SeriesNumber": 12,
    "ShimSetting": [
      -1026,
      -6983,
      -6652,
      -33,
      -35,
      26,
      -37,
      -58
    ],
    "SliceThickness": 1,
    "SoftwareVersions": "syngo_MR_E11",
    "StationName": "AWP66108",
    "TxRefAmp": 233.473,
    "dataset": "ds002294",
    "modality": "T1w",
    "subject_id": "042"
  },
  "cjv": 0.39252867870387437,
  "cnr": 3.436327823562161,
  "efc": 0.8409789653177291,
  "fber": -1.0,
  "fwhm_avg": 3.6980431893599204,
  "fwhm_x": 3.46673,
  "fwhm_y": 4.00419,
  "fwhm_z": 3.623209568079761,
  "icvs_csf": 0.2326070144546569,
  "icvs_gm": 0.3913723389905861,
  "icvs_wm": 0.37602064655475703,
  "inu_med": 0.7757303714752197,
  "inu_range": 0.19659535884857182,
  "provenance": {
    "md5sum": "111a9c129ee8d99a61a9e57e172e104f",
    "settings": {
      "testing": false
    },
    "software": "mriqc",
    "version": "22.0.6",
    "warnings": {
      "large_rot_frame": true,
      "small_air_mask": true
    },
    "webapi_port": null,
    "webapi_url": "https://mriqc.nimh.nih.gov/api/v1"
  },
  "qi_1": -1.0,
  "qi_2": 0.0,
  "rpve_csf": 19.734934918442097,
  "rpve_gm": 10.99758291374976,
  "rpve_wm": 14.702648619607325,
  "size_x": 192,
  "size_y": 256,
  "size_z": 160,
  "snr_csf": 2.2859290260772824,
  "snr_gm": 6.84131229376514,
  "snr_total": 7.610826551385553,
  "snr_wm": 13.705238334314235,
  "snrd_csf": -1.0,
  "snrd_gm": -1.0,
  "snrd_total": -1.0,
  "snrd_wm": -1.0,
  "spacing_x": 1.0,
  "spacing_y": 1.0,
  "spacing_z": 1.0000001192092896,
  "summary_bg_k": 0.0,
  "summary_bg_mad": 0.0,
  "summary_bg_mean": 0.0,
  "summary_bg_median": 0.0,
  "summary_bg_n": 0.0,
  "summary_bg_p05": 0.0,
  "summary_bg_p95": 0.0,
  "summary_bg_stdv": 0.0,
  "summary_csf_k": -0.07195350750766716,
  "summary_csf_mad": 97.08563640165488,
  "summary_csf_mean": 225.27028008719063,
  "summary_csf_median": 221.01664153672755,
  "summary_csf_n": 4369.0,
  "summary_csf_p05": 69.8275845285505,
  "summary_csf_p95": 388.47034907974285,
  "summary_csf_stdv": 96.67463155457301,
  "summary_gm_k": 0.15469834880112687,
  "summary_gm_mad": 86.47673255361413,
  "summary_gm_mean": 603.3240729570002,
  "summary_gm_median": 605.762682909146,
  "summary_gm_n": 11407.0,
  "summary_gm_p05": 451.4863149508834,
  "summary_gm_p95": 745.0526404920965,
  "summary_gm_stdv": 88.54092666468566,
  "summary_wm_k": 0.600505352781719,
  "summary_wm_mad": 68.28104583501603,
  "summary_wm_mean": 1003.7313193442823,
  "summary_wm_median": 1000.0212091896683,
  "summary_wm_n": 155084.0,
  "summary_wm_p05": 889.9694027639925,
  "summary_wm_p95": 1129.0767522063106,
  "summary_wm_stdv": 72.96611417206043,
  "tpm_overlap_csf": 0.12579980298802274,
  "tpm_overlap_gm": 0.41267070057294475,
  "tpm_overlap_wm": 0.48401374014407456,
  "wm2max": 0.8185515407476928
}