{
  "aor": 0.0019504507042253524,
  "aqi": 0.015375680929577465,
  "bids_meta": {
    "AcquisitionMatrixPE": 88,
    "AcquisitionNumber": 1,
    "AcquisitionTime": "11:25:59.407500",
    "BandwidthPerPixelPhaseEncode": 43.706,
    "BaseResolution": 88,
    "BodyPartExamined": "BRAIN",
    "ConsistencyInfo": "N4_VE11C_LATEST_20160120",
    "ConversionSoftware": "dcm2niix",
    "ConversionSoftwareVersion": "v1.0.20171215 (OpenJPEG build) GCC7.3.0",
    "DerivedVendorReportedEchoSpacing": 0.000520003,
    "DeviceSerialNumber": "66108",
    "DwellTime": 2.5e-06,
    "EchoTime": 0.026,
    "EchoTrainLength": 43,
    "EffectiveEchoSpacing": 0.000260002,
    "FlipAngle": 70,
    "ImageOrientationPatientDICOM": [
      0.99847,
      -0.0516275,
      0.0198074,
      0.0523276,
      0.997958,
      -0.036625
    ],
    "ImageType": [
      "ORIGINAL",
      "PRIMARY",
      "M",
      "ND",
      "NORM",
      "MOSAIC"
    ],
    "InPlanePhaseEncodingDirectionDICOM": "COL",
    "InstitutionAddress": "Huron_325_TORONTO_ONTARIO_CA_M5S_3G3",
    "InstitutionName": "University_of_Toronto",
    "InstitutionalDepartmentName": "Department",
    "MRAcquisitionType": "2D",
    "MagneticFieldStrength": 3,
    "Manufacturer": "Siemens",
    "ManufacturersModelName": "Prisma",
    "Modality": "MR",
    "MultibandAccelerationFactor": 2,
    "ParallelReductionFactorInPlane": 2,
    "PartialFourier": 1,
    "PatientPosition": "HFS",
    "PercentPhaseFOV": 100,
    "PhaseEncodingDirection": "j-",
    "PhaseEncodingSteps": 87,
    "PhaseResolution": 1,
    "PixelBandwidth": 2275,
    "ProcedureStepDescription": "Cunningham_Nathan",
    "ProtocolName": "ep2d_p2s2_run3",
    "PulseSequenceDetails": "%SiemensSeq%_ep2d_bold",
    "ReceiveCoilActiveElements": "HEA;HEP",
    "ReceiveCoilName": "Head_32",
    "ReconMatrixPE": 88,
    "RepetitionTime": 1.5,
    "SAR": 0.0601078,
    "ScanOptions": "FS",
    "ScanningSequence": "EP",
    "SequenceName": "_epfid2d1_88",
    "SequenceVariant": "SK",
    "SeriesDescription": "ep2d_p2s2_run3",
    "SeriesNumber": 8,
    "ShimSetting": [
      -1005,
      -7032,
      -6407,
      271,
      49,
      -85,
      -89,
      -63
    ],
    "SliceThickness": 2.5,
    "SliceTiming": [
      0.7125,
      0,
      0.7675,
      0.055,
      0.8225,
      0.11,
      0.8775,
      0.165,
      0.9325,
      0.22,
      0.9875,
      0.275,
      1.0425,
      0.33,
      1.0975,
      0.385,
      1.1525,
      0.44,
      1.2075,
      0.495,
      1.2625,
      0.55,
      1.3175,
      0.605,
      1.3725,
      0.66,
      1.4275,
      0.7125,
      0,
      0.7675,
      0.055,
      0.8225,
      0.11,
      0.8775,
      0.165,
      0.9325,
      0.22,
      0.9875,
      0.275,
      1.0425,
      0.33,
      1.0975,
      0.385,
      1.1525,
      0.44,
      1.2075,
      0.495,
      1.2625,
      0.55,
      1.3175,
      0.605,
      1.3725,
      0.66,
      1.4275
    ],
    "SoftwareVersions": "syngo_MR_E11",
    "SpacingBetweenSlices": 3,
    "StationName": "AWP66108",
    "TaskName": "roletrait",
    "TotalReadoutTime": 0.0226202,
    "TxRefAmp": 254.988,
    "dataset": "ds002294",
    "modality": "bold",
    "run_id": 3,
    "subject_id": "037",
    "task_id": "roletrait"
  },
  "dummy_trs": 0,
  "dvars_nstd": 33.681527223983046,
  "dvars_std": 1.248399932711864,
  "dvars_vstd": 0.999010765875706,
  "efc": 0.4842448557756759,
  "fber": 3708.81005859375,
  "fd_mean": 0.08756175249040013,
  "fd_num": 4,
  "fd_perc": 1.1267605633802817,
  "fwhm_avg": 1.659872888888889,
  "fwhm_x": 1.63212,
  "fwhm_y": 1.848572,
  "fwhm_z": 1.4989266666666667,
  "gcor": 0.0226043,
  "gsr_x": -0.004869679920375347,
  "gsr_y": 0.016706153750419617,
  "provenance": {
    "md5sum": "631b7952a6f3cca56eb977b25519ddf9",
    "settings": {
      "fd_thres": 0.2,
      "testing": false
    },
    "software": "mriqc",
    "version": "22.0.6",
    "webapi_port": null,
    "webapi_url": "https://mriqc.nimh.nih.gov/api/v1"
  },
  "size_t": 355,
  "size_x": 88,
  "size_y": 88,
  "size_z": 54,
  "snr": 6.399013058514341,
  "spacing_tr": 1.5,
  "spacing_x": 2.5,
  "spacing_y": 2.5,
  "spacing_z": 3.0,
  "summary_bg_k": 11.077847958318067,
  "summary_bg_mad": 5.9596427233755,
  "summary_bg_mean": 28.292150497436523,
  "summary_bg_median": 7.239436149597168,
  "summary_bg_n": 299336.0,
  "summary_bg_p05": 2.4112675189971924,
  "summary_bg_p95": 147.10984802246094,
  "summary_bg_stdv": 51.07042694091797,
  "summary_fg_k": 2.1600861411025782,
  "summary_fg_mad": 68.29571285166263,
  "summary_fg_mean": 443.9646301269531,
  "summary_fg_median": 440.32391357421875,
  "summary_fg_n": 58113.0,
  "summary_fg_p05": 350.1875915527344,
  "summary_fg_p95": 551.9830810546872,
  "summary_fg_stdv": 68.81063079833984,
  "tsnr": 44.19051716057584
}