{
  "aor": 0.000652225352112676,
  "aqi": 0.009709527211267605,
  "bids_meta": {
    "AcquisitionMatrixPE": 88,
    "AcquisitionNumber": 1,
    "AcquisitionTime": "13:30:43.205000",
    "BandwidthPerPixelPhaseEncode": 43.706,
    "BaseResolution": 88,
    "BodyPartExamined": "BRAIN",
    "ConsistencyInfo": "N4_VE11C_LATEST_20160120",
    "ConversionSoftware": "dcm2niix",
    "ConversionSoftwareVersion": "v1.0.20171215 (OpenJPEG build) GCC7.3.0",
    "DerivedVendorReportedEchoSpacing": 0.000520003,
    "DeviceSerialNumber": "66108",
    "DwellTime": 2.5e-06,
    "EchoTime": 0.026,
    "EchoTrainLength": 43,
    "EffectiveEchoSpacing": 0.000260002,
    "FlipAngle": 70,
    "ImageOrientationPatientDICOM": [
      0.997845,
      0.0639095,
      0.0148567,
      -0.0622546,
      0.993692,
      -0.0932811
    ],
    "ImageType": [
      "ORIGINAL",
      "PRIMARY",
      "M",
      "ND",
      "NORM",
      "MOSAIC"
    ],
    "InPlanePhaseEncodingDirectionDICOM": "COL",
    "InstitutionAddress": "Huron_325_TORONTO_ONTARIO_CA_M5S_3G3",
    "InstitutionName": "University_of_Toronto",
    "InstitutionalDepartmentName": "Department",
    "MRAcquisitionType": "2D",
    "MagneticFieldStrength": 3,
    "Manufacturer": "Siemens",
    "ManufacturersModelName": "Prisma",
    "Modality": "MR",
    "MultibandAccelerationFactor": 2,
    "ParallelReductionFactorInPlane": 2,
    "PartialFourier": 1,
    "PatientPosition": "HFS",
    "PercentPhaseFOV": 100,
    "PhaseEncodingDirection": "j-",
    "PhaseEncodingSteps": 87,
    "PhaseResolution": 1,
    "PixelBandwidth": 2275,
    "ProcedureStepDescription": "Cunningham_Nathan",
    "ProtocolName": "ep2d_p2s2_run4",
    "PulseSequenceDetails": "%SiemensSeq%_ep2d_bold",
    "ReceiveCoilActiveElements": "HEA;HEP",
    "ReceiveCoilName": "Head_32",
    "ReconMatrixPE": 88,
    "RepetitionTime": 1.5,
    "SAR": 0.0680781,
    "ScanOptions": "FS",
    "ScanningSequence": "EP",
    "SequenceName": "_epfid2d1_88",
    "SequenceVariant": "SK",
    "SeriesDescription": "ep2d_p2s2_run4",
    "SeriesNumber": 9,
    "ShimSetting": [
      -1020,
      -6986,
      -6439,
      372,
      -13,
      66,
      -44,
      -71
    ],
    "SliceThickness": 2.5,
    "SliceTiming": [
      0.7125,
      0,
      0.7675,
      0.055,
      0.8225,
      0.11,
      0.8775,
      0.165,
      0.9325,
      0.22,
      0.9875,
      0.275,
      1.0425,
      0.33,
      1.0975,
      0.385,
      1.1525,
      0.44,
      1.2075,
      0.495,
      1.2625,
      0.55,
      1.315,
      0.6025,
      1.37,
      0.6575,
      1.425,
      0.7125,
      0,
      0.7675,
      0.055,
      0.8225,
      0.11,
      0.8775,
      0.165,
      0.9325,
      0.22,
      0.9875,
      0.275,
      1.0425,
      0.33,
      1.0975,
      0.385,
      1.1525,
      0.44,
      1.2075,
      0.495,
      1.2625,
      0.55,
      1.315,
      0.6025,
      1.37,
      0.6575,
      1.425
    ],
    "SoftwareVersions": "syngo_MR_E11",
    "SpacingBetweenSlices": 3,
    "StationName": "AWP66108",
    "TaskName": "roletrait",
    "TotalReadoutTime": 0.0226202,
    "TxRefAmp": 262.46,
    "dataset": "ds002294",
    "modality": "bold",
    "run_id": 4,
    "subject_id": "009",
    "task_id": "roletrait"
  },
  "dummy_trs": 0,
  "dvars_nstd": 35.82118606564971,
  "dvars_std": 1.2815251641807917,
  "dvars_vstd": 1.0148697008757064,
  "efc": 0.5010444219415463,
  "fber": 2986.867431640625,
  "fd_mean": 0.11448016828486321,
  "fd_num": 16,
  "fd_perc": 4.507042253521127,
  "fwhm_avg": 1.6425344444444445,
  "fwhm_x": 1.561768,
  "fwhm_y": 1.840212,
  "fwhm_z": 1.5256233333333336,
  "gcor": 0.0146662,
  "gsr_x": -0.020368868485093117,
  "gsr_y": 0.010024676099419594,
  "provenance": {
    "md5sum": "b82c7bb30276d0c831bd6e078db45e67",
    "settings": {
      "fd_thres": 0.2,
      "testing": false
    },
    "software": "mriqc",
    "version": "22.0.6",
    "webapi_port": null,
    "webapi_url": "https://mriqc.nimh.nih.gov/api/v1"
  },
  "size_t": 355,
  "size_x": 88,
  "size_y": 88,
  "size_z": 54,
  "snr": 7.2413746344746714,
  "spacing_tr": 1.5,
  "spacing_x": 2.5,
  "spacing_y": 2.5,
  "spacing_z": 3.0,
  "summary_bg_k": 10.169843321645285,
  "summary_bg_mad": 5.884469210439162,
  "summary_bg_mean": 29.20363426208496,
  "summary_bg_median": 7.318309783935547,
  "summary_bg_n": 296606.0,
  "summary_bg_p05": 2.7802815437316895,
  "summary_bg_p95": 154.408447265625,
  "summary_bg_stdv": 52.708984375,
  "summary_fg_k": 3.1987147144048427,
  "summary_fg_mad": 53.47389849150654,
  "summary_fg_mean": 404.1845703125,
  "summary_fg_median": 401.6619567871094,
  "summary_fg_n": 61169.0,
  "summary_fg_p05": 329.8135070800781,
  "summary_fg_p95": 491.7999755859375,
  "summary_fg_stdv": 55.467185974121094,
  "tsnr": 57.404272723942995
}