{
  "aor": 0.0011790985915492956,
  "aqi": 0.01140059723943662,
  "bids_meta": {
    "AcquisitionMatrixPE": 88,
    "AcquisitionNumber": 1,
    "AcquisitionTime": "13:00:39.955000",
    "BandwidthPerPixelPhaseEncode": 43.706,
    "BaseResolution": 88,
    "BodyPartExamined": "BRAIN",
    "ConsistencyInfo": "N4_VE11C_LATEST_20160120",
    "ConversionSoftware": "dcm2niix",
    "ConversionSoftwareVersion": "v1.0.20171215 (OpenJPEG build) GCC7.3.0",
    "DerivedVendorReportedEchoSpacing": 0.000520003,
    "DeviceSerialNumber": "66108",
    "DwellTime": 2.5e-06,
    "EchoTime": 0.026,
    "EchoTrainLength": 43,
    "EffectiveEchoSpacing": 0.000260002,
    "FlipAngle": 70,
    "ImageOrientationPatientDICOM": [
      0.997845,
      0.0639095,
      0.0148567,
      -0.0622546,
      0.993692,
      -0.0932811
    ],
    "ImageType": [
      "ORIGINAL",
      "PRIMARY",
      "M",
      "ND",
      "NORM",
      "MOSAIC"
    ],
    "InPlanePhaseEncodingDirectionDICOM": "COL",
    "InstitutionAddress": "Huron_325_TORONTO_ONTARIO_CA_M5S_3G3",
    "InstitutionName": "University_of_Toronto",
    "InstitutionalDepartmentName": "Department",
    "MRAcquisitionType": "2D",
    "MagneticFieldStrength": 3,
    "Manufacturer": "Siemens",
    "ManufacturersModelName": "Prisma",
    "Modality": "MR",
    "MultibandAccelerationFactor": 2,
    "ParallelReductionFactorInPlane": 2,
    "PartialFourier": 1,
    "PatientPosition": "HFS",
    "PercentPhaseFOV": 100,
    "PhaseEncodingDirection": "j-",
    "PhaseEncodingSteps": 87,
    "PhaseResolution": 1,
    "PixelBandwidth": 2275,
    "ProcedureStepDescription": "Cunningham_Nathan",
    "ProtocolName": "ep2d_p2s2_run1",
    "PulseSequenceDetails": "%SiemensSeq%_ep2d_bold",
    "ReceiveCoilActiveElements": "HEA;HEP",
    "ReceiveCoilName": "Head_32",
    "ReconMatrixPE": 88,
    "RepetitionTime": 1.5,
    "SAR": 0.0680781,
    "ScanOptions": "FS",
    "ScanningSequence": "EP",
    "SequenceName": "_epfid2d1_88",
    "SequenceVariant": "SK",
    "SeriesDescription": "ep2d_p2s2_run1",
    "SeriesNumber": 6,
    "ShimSetting": [
      -1021,
      -6985,
      -6428,
      467,
      14,
      100,
      -47,
      -69
    ],
    "SliceThickness": 2.5,
    "SliceTiming": [
      0.7125,
      0,
      0.7675,
      0.055,
      0.8225,
      0.11,
      0.8775,
      0.165,
      0.9325,
      0.22,
      0.9875,
      0.275,
      1.04,
      0.3275,
      1.095,
      0.3825,
      1.15,
      0.4375,
      1.205,
      0.4925,
      1.26,
      0.5475,
      1.315,
      0.6025,
      1.37,
      0.6575,
      1.425,
      0.7125,
      0,
      0.7675,
      0.055,
      0.8225,
      0.11,
      0.8775,
      0.165,
      0.9325,
      0.22,
      0.9875,
      0.275,
      1.04,
      0.3275,
      1.095,
      0.3825,
      1.15,
      0.4375,
      1.205,
      0.4925,
      1.26,
      0.5475,
      1.315,
      0.6025,
      1.37,
      0.6575,
      1.425
    ],
    "SoftwareVersions": "syngo_MR_E11",
    "SpacingBetweenSlices": 3,
    "StationName": "AWP66108",
    "TaskName": "roletrait",
    "TotalReadoutTime": 0.0226202,
    "TxRefAmp": 262.46,
    "dataset": "ds002294",
    "modality": "bold",
    "run_id": 1,
    "subject_id": "009",
    "task_id": "roletrait"
  },
  "dummy_trs": 0,
  "dvars_nstd": 36.25663494403953,
  "dvars_std": 1.276484437542373,
  "dvars_vstd": 1.0144412799999996,
  "efc": 0.49781123107624,
  "fber": 3090.456298828125,
  "fd_mean": 0.11320571776637722,
  "fd_num": 18,
  "fd_perc": 5.070422535211268,
  "fwhm_avg": 1.654897777777778,
  "fwhm_x": 1.57376,
  "fwhm_y": 1.8659400000000002,
  "fwhm_z": 1.5249933333333334,
  "gcor": 0.0143977,
  "gsr_x": -0.02083595097064972,
  "gsr_y": 0.009528553113341331,
  "provenance": {
    "md5sum": "abf1cc8bd4fc2409992dbbd2094a903b",
    "settings": {
      "fd_thres": 0.2,
      "testing": false
    },
    "software": "mriqc",
    "version": "22.0.6",
    "webapi_port": null,
    "webapi_url": "https://mriqc.nimh.nih.gov/api/v1"
  },
  "size_t": 355,
  "size_x": 88,
  "size_y": 88,
  "size_z": 54,
  "snr": 7.1534297937092,
  "spacing_tr": 1.5,
  "spacing_x": 2.5,
  "spacing_y": 2.5,
  "spacing_z": 3.0,
  "summary_bg_k": 10.926477879480945,
  "summary_bg_mad": 5.734120770646831,
  "summary_bg_mean": 28.349451065063477,
  "summary_bg_median": 7.185915470123291,
  "summary_bg_n": 296571.0,
  "summary_bg_p05": 2.746478796005249,
  "summary_bg_p95": 149.1267547607422,
  "summary_bg_stdv": 52.106937408447266,
  "summary_fg_k": 3.3852687368821393,
  "summary_fg_mad": 53.866493079213235,
  "summary_fg_mean": 405.0215759277344,
  "summary_fg_median": 402.3647766113281,
  "summary_fg_n": 61174.0,
  "summary_fg_p05": 330.03662109375,
  "summary_fg_p95": 494.57025451660155,
  "summary_fg_stdv": 56.247352600097656,
  "tsnr": 53.09244791348465
}