{
  "aor": 0.0004266760563380282,
  "aqi": 0.010256948901408451,
  "bids_meta": {
    "AcquisitionMatrixPE": 88,
    "AcquisitionNumber": 1,
    "AcquisitionTime": "13:19:54.140000",
    "BandwidthPerPixelPhaseEncode": 43.706,
    "BaseResolution": 88,
    "BodyPartExamined": "BRAIN",
    "ConsistencyInfo": "N4_VE11C_LATEST_20160120",
    "ConversionSoftware": "dcm2niix",
    "ConversionSoftwareVersion": "v1.0.20171215 (OpenJPEG build) GCC7.3.0",
    "DerivedVendorReportedEchoSpacing": 0.000520003,
    "DeviceSerialNumber": "66108",
    "DwellTime": 2.5e-06,
    "EchoTime": 0.026,
    "EchoTrainLength": 43,
    "EffectiveEchoSpacing": 0.000260002,
    "FlipAngle": 70,
    "ImageOrientationPatientDICOM": [
      0.997845,
      0.0639095,
      0.0148567,
      -0.0622546,
      0.993692,
      -0.0932811
    ],
    "ImageType": [
      "ORIGINAL",
      "PRIMARY",
      "M",
      "ND",
      "NORM",
      "MOSAIC"
    ],
    "InPlanePhaseEncodingDirectionDICOM": "COL",
    "InstitutionAddress": "Huron_325_TORONTO_ONTARIO_CA_M5S_3G3",
    "InstitutionName": "University_of_Toronto",
    "InstitutionalDepartmentName": "Department",
    "MRAcquisitionType": "2D",
    "MagneticFieldStrength": 3,
    "Manufacturer": "Siemens",
    "ManufacturersModelName": "Prisma",
    "Modality": "MR",
    "MultibandAccelerationFactor": 2,
    "ParallelReductionFactorInPlane": 2,
    "PartialFourier": 1,
    "PatientPosition": "HFS",
    "PercentPhaseFOV": 100,
    "PhaseEncodingDirection": "j-",
    "PhaseEncodingSteps": 87,
    "PhaseResolution": 1,
    "PixelBandwidth": 2275,
    "ProcedureStepDescription": "Cunningham_Nathan",
    "ProtocolName": "ep2d_p2s2_run3",
    "PulseSequenceDetails": "%SiemensSeq%_ep2d_bold",
    "ReceiveCoilActiveElements": "HEA;HEP",
    "ReceiveCoilName": "Head_32",
    "ReconMatrixPE": 88,
    "RepetitionTime": 1.5,
    "SAR": 0.0680781,
    "ScanOptions": "FS",
    "ScanningSequence": "EP",
    "SequenceName": "_epfid2d1_88",
    "SequenceVariant": "SK",
    "SeriesDescription": "ep2d_p2s2_run3",
    "SeriesNumber": 8,
    "ShimSetting": [
      -1020,
      -6986,
      -6439,
      372,
      -13,
      66,
      -44,
      -71
    ],
    "SliceThickness": 2.5,
    "SliceTiming": [
      0.7125,
      0,
      0.7675,
      0.055,
      0.8225,
      0.11,
      0.8775,
      0.165,
      0.9325,
      0.22,
      0.9875,
      0.275,
      1.0425,
      0.33,
      1.0975,
      0.385,
      1.1525,
      0.44,
      1.2075,
      0.495,
      1.2625,
      0.55,
      1.3175,
      0.605,
      1.3725,
      0.66,
      1.425,
      0.7125,
      0,
      0.7675,
      0.055,
      0.8225,
      0.11,
      0.8775,
      0.165,
      0.9325,
      0.22,
      0.9875,
      0.275,
      1.0425,
      0.33,
      1.0975,
      0.385,
      1.1525,
      0.44,
      1.2075,
      0.495,
      1.2625,
      0.55,
      1.3175,
      0.605,
      1.3725,
      0.66,
      1.425
    ],
    "SoftwareVersions": "syngo_MR_E11",
    "SpacingBetweenSlices": 3,
    "StationName": "AWP66108",
    "TaskName": "roletrait",
    "TotalReadoutTime": 0.0226202,
    "TxRefAmp": 262.46,
    "dataset": "ds002294",
    "modality": "bold",
    "run_id": 3,
    "subject_id": "009",
    "task_id": "roletrait"
  },
  "dummy_trs": 0,
  "dvars_nstd": 36.00642211271185,
  "dvars_std": 1.2739528376553668,
  "dvars_vstd": 1.0060232218926555,
  "efc": 0.49971087071498554,
  "fber": 3066.7216796875,
  "fd_mean": 0.1147041015392289,
  "fd_num": 16,
  "fd_perc": 4.507042253521127,
  "fwhm_avg": 1.6383275555555556,
  "fwhm_x": 1.559728,
  "fwhm_y": 1.8398879999999997,
  "fwhm_z": 1.5153666666666668,
  "gcor": 0.0125318,
  "gsr_x": -0.020347898826003075,
  "gsr_y": 0.009794470854103565,
  "provenance": {
    "md5sum": "b498b472f3d93f4e125237c6672bd064",
    "settings": {
      "fd_thres": 0.2,
      "testing": false
    },
    "software": "mriqc",
    "version": "22.0.6",
    "webapi_port": null,
    "webapi_url": "https://mriqc.nimh.nih.gov/api/v1"
  },
  "size_t": 355,
  "size_x": 88,
  "size_y": 88,
  "size_z": 54,
  "snr": 7.218030384649471,
  "spacing_tr": 1.5,
  "spacing_x": 2.5,
  "spacing_y": 2.5,
  "spacing_z": 3.0,
  "summary_bg_k": 10.478943809035872,
  "summary_bg_mad": 5.75082623139707,
  "summary_bg_mean": 28.892688751220703,
  "summary_bg_median": 7.2169013023376465,
  "summary_bg_n": 296641.0,
  "summary_bg_p05": 2.7661972045898438,
  "summary_bg_p95": 152.68450927734375,
  "summary_bg_stdv": 52.54115676879883,
  "summary_fg_k": 3.304657460812691,
  "summary_fg_mad": 53.37367986620167,
  "summary_fg_mean": 404.0123596191406,
  "summary_fg_median": 401.4844970703125,
  "summary_fg_n": 61170.0,
  "summary_fg_p05": 330.171533203125,
  "summary_fg_p95": 491.52449035644526,
  "summary_fg_stdv": 55.62199020385742,
  "tsnr": 56.263774786144495
}