{
  "aor": 0.000663718309859155,
  "aqi": 0.020577632676056338,
  "bids_meta": {
    "AcquisitionMatrixPE": 88,
    "AcquisitionNumber": 1,
    "AcquisitionTime": "14:03:7.015000",
    "BandwidthPerPixelPhaseEncode": 43.706,
    "BaseResolution": 88,
    "BodyPartExamined": "BRAIN",
    "ConsistencyInfo": "N4_VE11C_LATEST_20160120",
    "ConversionSoftware": "dcm2niix",
    "ConversionSoftwareVersion": "v1.0.20171215 (OpenJPEG build) GCC7.3.0",
    "DerivedVendorReportedEchoSpacing": 0.000520003,
    "DeviceSerialNumber": "66108",
    "DwellTime": 2.5e-06,
    "EchoTime": 0.026,
    "EchoTrainLength": 43,
    "EffectiveEchoSpacing": 0.000260002,
    "FlipAngle": 70,
    "ImageOrientationPatientDICOM": [
      0.997958,
      0.0335769,
      0.0543269,
      -0.0296187,
      0.996958,
      -0.0720918
    ],
    "ImageType": [
      "ORIGINAL",
      "PRIMARY",
      "M",
      "ND",
      "NORM",
      "MOSAIC"
    ],
    "InPlanePhaseEncodingDirectionDICOM": "COL",
    "InstitutionAddress": "Huron_325_TORONTO_ONTARIO_CA_M5S_3G3",
    "InstitutionName": "University_of_Toronto",
    "InstitutionalDepartmentName": "Department",
    "MRAcquisitionType": "2D",
    "MagneticFieldStrength": 3,
    "Manufacturer": "Siemens",
    "ManufacturersModelName": "Prisma",
    "Modality": "MR",
    "MultibandAccelerationFactor": 2,
    "ParallelReductionFactorInPlane": 2,
    "PartialFourier": 1,
    "PatientPosition": "HFS",
    "PercentPhaseFOV": 100,
    "PhaseEncodingDirection": "j-",
    "PhaseEncodingSteps": 87,
    "PhaseResolution": 1,
    "PixelBandwidth": 2275,
    "ProcedureStepDescription": "Cunningham_Nathan",
    "ProtocolName": "ep2d_p2s2_run1",
    "PulseSequenceDetails": "%SiemensSeq%_ep2d_bold",
    "ReceiveCoilActiveElements": "HEA;HEP",
    "ReceiveCoilName": "Head_32",
    "ReconMatrixPE": 88,
    "RepetitionTime": 1.5,
    "SAR": 0.0594143,
    "ScanOptions": "FS",
    "ScanningSequence": "EP",
    "SequenceName": "_epfid2d1_88",
    "SequenceVariant": "SK",
    "SeriesDescription": "ep2d_p2s2_run1",
    "SeriesNumber": 7,
    "ShimSetting": [
      -1044,
      -6965,
      -6420,
      514,
      14,
      39,
      12,
      14
    ],
    "SliceThickness": 2.5,
    "SliceTiming": [
      0.7125,
      0,
      0.7675,
      0.055,
      0.8225,
      0.11,
      0.8775,
      0.165,
      0.9325,
      0.22,
      0.9875,
      0.275,
      1.04,
      0.3275,
      1.095,
      0.3825,
      1.15,
      0.4375,
      1.205,
      0.4925,
      1.26,
      0.5475,
      1.315,
      0.6025,
      1.37,
      0.6575,
      1.425,
      0.7125,
      0,
      0.7675,
      0.055,
      0.8225,
      0.11,
      0.8775,
      0.165,
      0.9325,
      0.22,
      0.9875,
      0.275,
      1.04,
      0.3275,
      1.095,
      0.3825,
      1.15,
      0.4375,
      1.205,
      0.4925,
      1.26,
      0.5475,
      1.315,
      0.6025,
      1.37,
      0.6575,
      1.425
    ],
    "SoftwareVersions": "syngo_MR_E11",
    "SpacingBetweenSlices": 3,
    "StationName": "AWP66108",
    "TaskName": "roletrait",
    "TotalReadoutTime": 0.0226202,
    "TxRefAmp": 245.115,
    "dataset": "ds002294",
    "modality": "bold",
    "run_id": 1,
    "subject_id": "012",
    "task_id": "roletrait"
  },
  "dummy_trs": 0,
  "dvars_nstd": 37.873521643107345,
  "dvars_std": 1.279015606638417,
  "dvars_vstd": 0.9676123160734458,
  "efc": 0.48848232271888486,
  "fber": 3431.346923828125,
  "fd_mean": 0.13002644938538407,
  "fd_num": 20,
  "fd_perc": 5.633802816901408,
  "fwhm_avg": 1.6825802222222224,
  "fwhm_x": 1.660072,
  "fwhm_y": 1.8476320000000002,
  "fwhm_z": 1.5400366666666667,
  "gcor": 0.00532514,
  "gsr_x": -0.006356723140925169,
  "gsr_y": 0.019812380895018578,
  "provenance": {
    "md5sum": "e1b63ad85d407165f8cf9b2c2a6280d0",
    "settings": {
      "fd_thres": 0.2,
      "testing": false
    },
    "software": "mriqc",
    "version": "22.0.6",
    "webapi_port": null,
    "webapi_url": "https://mriqc.nimh.nih.gov/api/v1"
  },
  "size_t": 355,
  "size_x": 88,
  "size_y": 88,
  "size_z": 54,
  "snr": 7.3369163440783876,
  "spacing_tr": 1.5,
  "spacing_x": 2.5,
  "spacing_y": 2.5,
  "spacing_z": 3.0,
  "summary_bg_k": 13.864139948131971,
  "summary_bg_mad": 5.9805249027932135,
  "summary_bg_mean": 26.70027732849121,
  "summary_bg_median": 7.301408290863037,
  "summary_bg_n": 295446.0,
  "summary_bg_p05": 2.4563379287719727,
  "summary_bg_p95": 141.2957763671875,
  "summary_bg_stdv": 49.79942321777344,
  "summary_fg_k": 3.22507146831836,
  "summary_fg_mad": 53.36114688235993,
  "summary_fg_mean": 431.1846008300781,
  "summary_fg_median": 428.0760498046875,
  "summary_fg_n": 61846.0,
  "summary_fg_p05": 350.5549087524414,
  "summary_fg_p95": 525.4563293457031,
  "summary_fg_stdv": 58.345027923583984,
  "tsnr": 44.45999172725715
}