{
  "aor": 0.00029663841807909603,
  "aqi": 0.008631002570621469,
  "bids_meta": {
    "AcquisitionMatrixPE": 88,
    "AcquisitionNumber": 1,
    "AcquisitionTime": "10:57:30.905000",
    "BandwidthPerPixelPhaseEncode": 43.706,
    "BaseResolution": 88,
    "BodyPartExamined": "BRAIN",
    "ConsistencyInfo": "N4_VE11C_LATEST_20160120",
    "ConversionSoftware": "dcm2niix",
    "ConversionSoftwareVersion": "v1.0.20171215 (OpenJPEG build) GCC7.3.0",
    "DerivedVendorReportedEchoSpacing": 0.000520003,
    "DeviceSerialNumber": "66108",
    "DwellTime": 2.5e-06,
    "EchoTime": 0.026,
    "EchoTrainLength": 43,
    "EffectiveEchoSpacing": 0.000260002,
    "FlipAngle": 70,
    "ImageOrientationPatientDICOM": [
      0.999076,
      0.0139911,
      0.0406479,
      -0.00871876,
      0.991851,
      -0.127101
    ],
    "ImageType": [
      "ORIGINAL",
      "PRIMARY",
      "M",
      "ND",
      "NORM",
      "MOSAIC"
    ],
    "InPlanePhaseEncodingDirectionDICOM": "COL",
    "InstitutionAddress": "Huron_325_TORONTO_ONTARIO_CA_M5S_3G3",
    "InstitutionName": "University_of_Toronto",
    "InstitutionalDepartmentName": "Department",
    "MRAcquisitionType": "2D",
    "MagneticFieldStrength": 3,
    "Manufacturer": "Siemens",
    "ManufacturersModelName": "Prisma",
    "Modality": "MR",
    "MultibandAccelerationFactor": 2,
    "ParallelReductionFactorInPlane": 2,
    "PartialFourier": 1,
    "PatientPosition": "HFS",
    "PercentPhaseFOV": 100,
    "PhaseEncodingDirection": "j-",
    "PhaseEncodingSteps": 87,
    "PhaseResolution": 1,
    "PixelBandwidth": 2275,
    "ProcedureStepDescription": "Cunningham_Nathan",
    "ProtocolName": "ep2d_p2s2_run3",
    "PulseSequenceDetails": "%SiemensSeq%_ep2d_bold",
    "ReceiveCoilActiveElements": "HEA;HEP",
    "ReceiveCoilName": "Head_32",
    "ReconMatrixPE": 88,
    "RepetitionTime": 1.5,
    "SAR": 0.0652161,
    "ScanOptions": "FS",
    "ScanningSequence": "EP",
    "SequenceName": "_epfid2d1_88",
    "SequenceVariant": "SK",
    "SeriesDescription": "ep2d_p2s2_run3",
    "SeriesNumber": 8,
    "ShimSetting": [
      -1016,
      -7002,
      -6385,
      487,
      56,
      -69,
      -42,
      -51
    ],
    "SliceThickness": 2.5,
    "SliceTiming": [
      0.7125,
      0,
      0.7675,
      0.055,
      0.8225,
      0.11,
      0.875,
      0.1625,
      0.93,
      0.2175,
      0.985,
      0.2725,
      1.04,
      0.3275,
      1.095,
      0.3825,
      1.15,
      0.4375,
      1.205,
      0.4925,
      1.26,
      0.5475,
      1.315,
      0.6025,
      1.37,
      0.6575,
      1.425,
      0.7125,
      0,
      0.7675,
      0.055,
      0.8225,
      0.11,
      0.875,
      0.1625,
      0.93,
      0.2175,
      0.985,
      0.2725,
      1.04,
      0.3275,
      1.095,
      0.3825,
      1.15,
      0.4375,
      1.205,
      0.4925,
      1.26,
      0.5475,
      1.315,
      0.6025,
      1.37,
      0.6575,
      1.425
    ],
    "SoftwareVersions": "syngo_MR_E11",
    "SpacingBetweenSlices": 3,
    "StationName": "AWP66108",
    "TaskName": "roletrait",
    "TotalReadoutTime": 0.0226202,
    "TxRefAmp": 218.2,
    "dataset": "ds002294",
    "modality": "bold",
    "run_id": 3,
    "subject_id": "014",
    "task_id": "roletrait"
  },
  "dummy_trs": 1,
  "dvars_nstd": 30.719742804645865,
  "dvars_std": 1.371058939348442,
  "dvars_vstd": 1.0064551877053816,
  "efc": 0.4295687012987311,
  "fber": 5745.810546875,
  "fd_mean": 0.0633165059356517,
  "fd_num": 0,
  "fd_perc": 0.0,
  "fwhm_avg": 1.5829973333333331,
  "fwhm_x": 1.564484,
  "fwhm_y": 1.726708,
  "fwhm_z": 1.4578,
  "gcor": 0.0105134,
  "gsr_x": -0.006489467341452837,
  "gsr_y": 0.01161043532192707,
  "provenance": {
    "md5sum": "618d41094e1751eedbbd3a493a3057a7",
    "settings": {
      "fd_thres": 0.2,
      "testing": false
    },
    "software": "mriqc",
    "version": "22.0.6",
    "webapi_port": null,
    "webapi_url": "https://mriqc.nimh.nih.gov/api/v1"
  },
  "size_t": 354,
  "size_x": 88,
  "size_y": 88,
  "size_z": 54,
  "snr": 7.573418385411593,
  "spacing_tr": 1.5,
  "spacing_x": 2.5,
  "spacing_y": 2.5,
  "spacing_z": 3.0,
  "summary_bg_k": 37.89583560644793,
  "summary_bg_mad": 4.3054100998767675,
  "summary_bg_mean": 21.113269805908203,
  "summary_bg_median": 6.6186442375183105,
  "summary_bg_n": 309882.0,
  "summary_bg_p05": 2.7175140380859375,
  "summary_bg_p95": 96.95466232299808,
  "summary_bg_stdv": 47.79444885253906,
  "summary_fg_k": 3.704723227859457,
  "summary_fg_mad": 62.09760939677509,
  "summary_fg_mean": 501.4783020019531,
  "summary_fg_median": 498.74859619140625,
  "summary_fg_n": 50722.0,
  "summary_fg_p05": 413.29674224853517,
  "summary_fg_p95": 603.0889801025389,
  "summary_fg_stdv": 65.85449981689453,
  "tsnr": 70.56359488517046
}