{
  "aor": 0.00036290960451977394,
  "aqi": 0.008696400988700564,
  "bids_meta": {
    "AcquisitionMatrixPE": 88,
    "AcquisitionNumber": 1,
    "AcquisitionTime": "10:48:4.475000",
    "BandwidthPerPixelPhaseEncode": 43.706,
    "BaseResolution": 88,
    "BodyPartExamined": "BRAIN",
    "ConsistencyInfo": "N4_VE11C_LATEST_20160120",
    "ConversionSoftware": "dcm2niix",
    "ConversionSoftwareVersion": "v1.0.20171215 (OpenJPEG build) GCC7.3.0",
    "DerivedVendorReportedEchoSpacing": 0.000520003,
    "DeviceSerialNumber": "66108",
    "DwellTime": 2.5e-06,
    "EchoTime": 0.026,
    "EchoTrainLength": 43,
    "EffectiveEchoSpacing": 0.000260002,
    "FlipAngle": 70,
    "ImageOrientationPatientDICOM": [
      0.999076,
      0.0139911,
      0.0406479,
      -0.00871876,
      0.991851,
      -0.127101
    ],
    "ImageType": [
      "ORIGINAL",
      "PRIMARY",
      "M",
      "ND",
      "NORM",
      "MOSAIC"
    ],
    "InPlanePhaseEncodingDirectionDICOM": "COL",
    "InstitutionAddress": "Huron_325_TORONTO_ONTARIO_CA_M5S_3G3",
    "InstitutionName": "University_of_Toronto",
    "InstitutionalDepartmentName": "Department",
    "MRAcquisitionType": "2D",
    "MagneticFieldStrength": 3,
    "Manufacturer": "Siemens",
    "ManufacturersModelName": "Prisma",
    "Modality": "MR",
    "MultibandAccelerationFactor": 2,
    "ParallelReductionFactorInPlane": 2,
    "PartialFourier": 1,
    "PatientPosition": "HFS",
    "PercentPhaseFOV": 100,
    "PhaseEncodingDirection": "j-",
    "PhaseEncodingSteps": 87,
    "PhaseResolution": 1,
    "PixelBandwidth": 2275,
    "ProcedureStepDescription": "Cunningham_Nathan",
    "ProtocolName": "ep2d_p2s2_run2",
    "PulseSequenceDetails": "%SiemensSeq%_ep2d_bold",
    "ReceiveCoilActiveElements": "HEA;HEP",
    "ReceiveCoilName": "Head_32",
    "ReconMatrixPE": 88,
    "RepetitionTime": 1.5,
    "SAR": 0.0652161,
    "ScanOptions": "FS",
    "ScanningSequence": "EP",
    "SequenceName": "_epfid2d1_88",
    "SequenceVariant": "SK",
    "SeriesDescription": "ep2d_p2s2_run2",
    "SeriesNumber": 7,
    "ShimSetting": [
      -1016,
      -7002,
      -6385,
      487,
      56,
      -69,
      -42,
      -51
    ],
    "SliceThickness": 2.5,
    "SliceTiming": [
      0.7125,
      0,
      0.7675,
      0.055,
      0.8225,
      0.11,
      0.8775,
      0.165,
      0.9325,
      0.22,
      0.9875,
      0.275,
      1.0425,
      0.33,
      1.0975,
      0.385,
      1.15,
      0.4375,
      1.205,
      0.4925,
      1.26,
      0.5475,
      1.315,
      0.6025,
      1.37,
      0.6575,
      1.425,
      0.7125,
      0,
      0.7675,
      0.055,
      0.8225,
      0.11,
      0.8775,
      0.165,
      0.9325,
      0.22,
      0.9875,
      0.275,
      1.0425,
      0.33,
      1.0975,
      0.385,
      1.15,
      0.4375,
      1.205,
      0.4925,
      1.26,
      0.5475,
      1.315,
      0.6025,
      1.37,
      0.6575,
      1.425
    ],
    "SoftwareVersions": "syngo_MR_E11",
    "SpacingBetweenSlices": 3,
    "StationName": "AWP66108",
    "TaskName": "roletrait",
    "TotalReadoutTime": 0.0226202,
    "TxRefAmp": 218.2,
    "dataset": "ds002294",
    "modality": "bold",
    "run_id": 2,
    "subject_id": "014",
    "task_id": "roletrait"
  },
  "dummy_trs": 1,
  "dvars_nstd": 30.64036108881022,
  "dvars_std": 1.3690275819546742,
  "dvars_vstd": 1.0099134425779035,
  "efc": 0.429054035695217,
  "fber": 5730.68505859375,
  "fd_mean": 0.06736745368855623,
  "fd_num": 0,
  "fd_perc": 0.0,
  "fwhm_avg": 1.584918,
  "fwhm_x": 1.557448,
  "fwhm_y": 1.7344560000000002,
  "fwhm_z": 1.4628500000000002,
  "gcor": 0.0189312,
  "gsr_x": -0.006863232236355543,
  "gsr_y": 0.011900171637535095,
  "provenance": {
    "md5sum": "f727e1c61cffea3d84cf741dda59f07a",
    "settings": {
      "fd_thres": 0.2,
      "testing": false
    },
    "software": "mriqc",
    "version": "22.0.6",
    "webapi_port": null,
    "webapi_url": "https://mriqc.nimh.nih.gov/api/v1"
  },
  "size_t": 354,
  "size_x": 88,
  "size_y": 88,
  "size_z": 54,
  "snr": 7.5725187827915414,
  "spacing_tr": 1.5,
  "spacing_x": 2.5,
  "spacing_y": 2.5,
  "spacing_z": 3.0,
  "summary_bg_k": 37.548773160070006,
  "summary_bg_mad": 4.326350956960257,
  "summary_bg_mean": 21.04823875427246,
  "summary_bg_median": 6.635593414306641,
  "summary_bg_n": 310084.0,
  "summary_bg_p05": 2.714689254760742,
  "summary_bg_p95": 95.9063529968261,
  "summary_bg_stdv": 47.69181442260742,
  "summary_fg_k": 3.634978758082368,
  "summary_fg_mad": 62.357295536701635,
  "summary_fg_mean": 502.2082214355469,
  "summary_fg_median": 499.6355895996094,
  "summary_fg_n": 50626.0,
  "summary_fg_p05": 413.57415771484375,
  "summary_fg_p95": 604.5240325927734,
  "summary_fg_stdv": 65.97945404052734,
  "tsnr": 70.29768761945888
}