{
  "aor": 0.0003776619718309859,
  "aqi": 0.008845782535211268,
  "bids_meta": {
    "AcquisitionMatrixPE": 88,
    "AcquisitionNumber": 1,
    "AcquisitionTime": "11:06:54.917500",
    "BandwidthPerPixelPhaseEncode": 43.706,
    "BaseResolution": 88,
    "BodyPartExamined": "BRAIN",
    "ConsistencyInfo": "N4_VE11C_LATEST_20160120",
    "ConversionSoftware": "dcm2niix",
    "ConversionSoftwareVersion": "v1.0.20171215 (OpenJPEG build) GCC7.3.0",
    "DerivedVendorReportedEchoSpacing": 0.000520003,
    "DeviceSerialNumber": "66108",
    "DwellTime": 2.5e-06,
    "EchoTime": 0.026,
    "EchoTrainLength": 43,
    "EffectiveEchoSpacing": 0.000260002,
    "FlipAngle": 70,
    "ImageOrientationPatientDICOM": [
      0.999076,
      0.0139911,
      0.0406479,
      -0.00871876,
      0.991851,
      -0.127101
    ],
    "ImageType": [
      "ORIGINAL",
      "PRIMARY",
      "M",
      "ND",
      "NORM",
      "MOSAIC"
    ],
    "InPlanePhaseEncodingDirectionDICOM": "COL",
    "InstitutionAddress": "Huron_325_TORONTO_ONTARIO_CA_M5S_3G3",
    "InstitutionName": "University_of_Toronto",
    "InstitutionalDepartmentName": "Department",
    "MRAcquisitionType": "2D",
    "MagneticFieldStrength": 3,
    "Manufacturer": "Siemens",
    "ManufacturersModelName": "Prisma",
    "Modality": "MR",
    "MultibandAccelerationFactor": 2,
    "ParallelReductionFactorInPlane": 2,
    "PartialFourier": 1,
    "PatientPosition": "HFS",
    "PercentPhaseFOV": 100,
    "PhaseEncodingDirection": "j-",
    "PhaseEncodingSteps": 87,
    "PhaseResolution": 1,
    "PixelBandwidth": 2275,
    "ProcedureStepDescription": "Cunningham_Nathan",
    "ProtocolName": "ep2d_p2s2_run4",
    "PulseSequenceDetails": "%SiemensSeq%_ep2d_bold",
    "ReceiveCoilActiveElements": "HEA;HEP",
    "ReceiveCoilName": "Head_32",
    "ReconMatrixPE": 88,
    "RepetitionTime": 1.5,
    "SAR": 0.0652161,
    "ScanOptions": "FS",
    "ScanningSequence": "EP",
    "SequenceName": "_epfid2d1_88",
    "SequenceVariant": "SK",
    "SeriesDescription": "ep2d_p2s2_run4",
    "SeriesNumber": 9,
    "ShimSetting": [
      -1016,
      -7002,
      -6385,
      487,
      56,
      -69,
      -42,
      -51
    ],
    "SliceThickness": 2.5,
    "SliceTiming": [
      0.7125,
      0,
      0.7675,
      0.055,
      0.8225,
      0.11,
      0.8775,
      0.165,
      0.9325,
      0.22,
      0.9875,
      0.275,
      1.0425,
      0.33,
      1.0975,
      0.385,
      1.1525,
      0.44,
      1.2075,
      0.495,
      1.2625,
      0.55,
      1.315,
      0.6025,
      1.37,
      0.6575,
      1.425,
      0.7125,
      0,
      0.7675,
      0.055,
      0.8225,
      0.11,
      0.8775,
      0.165,
      0.9325,
      0.22,
      0.9875,
      0.275,
      1.0425,
      0.33,
      1.0975,
      0.385,
      1.1525,
      0.44,
      1.2075,
      0.495,
      1.2625,
      0.55,
      1.315,
      0.6025,
      1.37,
      0.6575,
      1.425
    ],
    "SoftwareVersions": "syngo_MR_E11",
    "SpacingBetweenSlices": 3,
    "StationName": "AWP66108",
    "TaskName": "roletrait",
    "TotalReadoutTime": 0.0226202,
    "TxRefAmp": 218.2,
    "dataset": "ds002294",
    "modality": "bold",
    "run_id": 4,
    "subject_id": "014",
    "task_id": "roletrait"
  },
  "dummy_trs": 0,
  "dvars_nstd": 29.87694849135591,
  "dvars_std": 1.348739841581921,
  "dvars_vstd": 1.0053999119774013,
  "efc": 0.43056784384610286,
  "fber": 5670.64404296875,
  "fd_mean": 0.06548103034830469,
  "fd_num": 0,
  "fd_perc": 0.0,
  "fwhm_avg": 1.5879393333333331,
  "fwhm_x": 1.569308,
  "fwhm_y": 1.73598,
  "fwhm_z": 1.4585299999999999,
  "gcor": 0.019032,
  "gsr_x": -0.006633635610342026,
  "gsr_y": 0.011124825105071068,
  "provenance": {
    "md5sum": "f29c3db0a0cf8930ea68136003fc0388",
    "settings": {
      "fd_thres": 0.2,
      "testing": false
    },
    "software": "mriqc",
    "version": "22.0.6",
    "webapi_port": null,
    "webapi_url": "https://mriqc.nimh.nih.gov/api/v1"
  },
  "size_t": 355,
  "size_x": 88,
  "size_y": 88,
  "size_z": 54,
  "snr": 7.576623499703901,
  "spacing_tr": 1.5,
  "spacing_x": 2.5,
  "spacing_y": 2.5,
  "spacing_z": 3.0,
  "summary_bg_k": 35.88181904818474,
  "summary_bg_mad": 4.360102986578045,
  "summary_bg_mean": 21.41863441467285,
  "summary_bg_median": 6.670422077178955,
  "summary_bg_n": 309852.0,
  "summary_bg_p05": 2.732394218444824,
  "summary_bg_p95": 99.07887268066406,
  "summary_bg_stdv": 48.33466339111328,
  "summary_fg_k": 3.6885131971120453,
  "summary_fg_mad": 62.58668986189156,
  "summary_fg_mean": 502.3443908691406,
  "summary_fg_median": 499.639404296875,
  "summary_fg_n": 50737.0,
  "summary_fg_p05": 414.0974487304687,
  "summary_fg_p95": 604.0980102539062,
  "summary_fg_stdv": 65.9442138671875,
  "tsnr": 69.05630370927975
}