{
  "aor": 0.0002989859154929578,
  "aqi": 0.009922742985915493,
  "bids_meta": {
    "AcquisitionMatrixPE": 88,
    "AcquisitionNumber": 1,
    "AcquisitionTime": "10:38:19.310000",
    "BandwidthPerPixelPhaseEncode": 43.706,
    "BaseResolution": 88,
    "BodyPartExamined": "BRAIN",
    "ConsistencyInfo": "N4_VE11C_LATEST_20160120",
    "ConversionSoftware": "dcm2niix",
    "ConversionSoftwareVersion": "v1.0.20171215 (OpenJPEG build) GCC7.3.0",
    "DerivedVendorReportedEchoSpacing": 0.000520003,
    "DeviceSerialNumber": "66108",
    "DwellTime": 2.5e-06,
    "EchoTime": 0.026,
    "EchoTrainLength": 43,
    "EffectiveEchoSpacing": 0.000260002,
    "FlipAngle": 70,
    "ImageOrientationPatientDICOM": [
      0.999076,
      0.0139911,
      0.0406479,
      -0.00871876,
      0.991851,
      -0.127101
    ],
    "ImageType": [
      "ORIGINAL",
      "PRIMARY",
      "M",
      "ND",
      "NORM",
      "MOSAIC"
    ],
    "InPlanePhaseEncodingDirectionDICOM": "COL",
    "InstitutionAddress": "Huron_325_TORONTO_ONTARIO_CA_M5S_3G3",
    "InstitutionName": "University_of_Toronto",
    "InstitutionalDepartmentName": "Department",
    "MRAcquisitionType": "2D",
    "MagneticFieldStrength": 3,
    "Manufacturer": "Siemens",
    "ManufacturersModelName": "Prisma",
    "Modality": "MR",
    "MultibandAccelerationFactor": 2,
    "ParallelReductionFactorInPlane": 2,
    "PartialFourier": 1,
    "PatientPosition": "HFS",
    "PercentPhaseFOV": 100,
    "PhaseEncodingDirection": "j-",
    "PhaseEncodingSteps": 87,
    "PhaseResolution": 1,
    "PixelBandwidth": 2275,
    "ProcedureStepDescription": "Cunningham_Nathan",
    "ProtocolName": "ep2d_p2s2_run1",
    "PulseSequenceDetails": "%SiemensSeq%_ep2d_bold",
    "ReceiveCoilActiveElements": "HEA;HEP",
    "ReceiveCoilName": "Head_32",
    "ReconMatrixPE": 88,
    "RepetitionTime": 1.5,
    "SAR": 0.0652161,
    "ScanOptions": "FS",
    "ScanningSequence": "EP",
    "SequenceName": "_epfid2d1_88",
    "SequenceVariant": "SK",
    "SeriesDescription": "ep2d_p2s2_run1",
    "SeriesNumber": 6,
    "ShimSetting": [
      -1023,
      -6990,
      -6367,
      525,
      69,
      -41,
      -20,
      -59
    ],
    "SliceThickness": 2.5,
    "SliceTiming": [
      0.7125,
      0,
      0.765,
      0.0525,
      0.82,
      0.1075,
      0.875,
      0.1625,
      0.93,
      0.2175,
      0.985,
      0.2725,
      1.04,
      0.3275,
      1.095,
      0.3825,
      1.15,
      0.4375,
      1.205,
      0.4925,
      1.26,
      0.5475,
      1.315,
      0.6025,
      1.37,
      0.6575,
      1.425,
      0.7125,
      0,
      0.765,
      0.0525,
      0.82,
      0.1075,
      0.875,
      0.1625,
      0.93,
      0.2175,
      0.985,
      0.2725,
      1.04,
      0.3275,
      1.095,
      0.3825,
      1.15,
      0.4375,
      1.205,
      0.4925,
      1.26,
      0.5475,
      1.315,
      0.6025,
      1.37,
      0.6575,
      1.425
    ],
    "SoftwareVersions": "syngo_MR_E11",
    "SpacingBetweenSlices": 3,
    "StationName": "AWP66108",
    "TaskName": "roletrait",
    "TotalReadoutTime": 0.0226202,
    "TxRefAmp": 218.2,
    "dataset": "ds002294",
    "modality": "bold",
    "run_id": 1,
    "subject_id": "014",
    "task_id": "roletrait"
  },
  "dummy_trs": 0,
  "dvars_nstd": 30.270001098870054,
  "dvars_std": 1.3381547616384184,
  "dvars_vstd": 0.9921996024576274,
  "efc": 0.4286450449843939,
  "fber": 5788.60791015625,
  "fd_mean": 0.08118056749928457,
  "fd_num": 0,
  "fd_perc": 0.0,
  "fwhm_avg": 1.590252888888889,
  "fwhm_x": 1.56576,
  "fwhm_y": 1.727232,
  "fwhm_z": 1.4777666666666667,
  "gcor": 0.0170477,
  "gsr_x": -0.007706610485911369,
  "gsr_y": 0.011511231772601604,
  "provenance": {
    "md5sum": "5e6131b476ad9b745ff6f5a558494a1a",
    "settings": {
      "fd_thres": 0.2,
      "testing": false
    },
    "software": "mriqc",
    "version": "22.0.6",
    "webapi_port": null,
    "webapi_url": "https://mriqc.nimh.nih.gov/api/v1"
  },
  "size_t": 355,
  "size_x": 88,
  "size_y": 88,
  "size_z": 54,
  "snr": 7.537591391421978,
  "spacing_tr": 1.5,
  "spacing_x": 2.5,
  "spacing_y": 2.5,
  "spacing_z": 3.0,
  "summary_bg_k": 38.33709941993842,
  "summary_bg_mad": 4.3809848125158455,
  "summary_bg_mean": 21.155961990356445,
  "summary_bg_median": 6.6394362449646,
  "summary_bg_n": 310171.0,
  "summary_bg_p05": 2.7070422172546387,
  "summary_bg_p95": 95.83098220825195,
  "summary_bg_stdv": 48.3902702331543,
  "summary_fg_k": 3.5168689367781782,
  "summary_fg_mad": 63.23822403994578,
  "summary_fg_mean": 505.30242919921875,
  "summary_fg_median": 502.39154052734375,
  "summary_fg_n": 50573.0,
  "summary_fg_p05": 415.9487060546875,
  "summary_fg_p95": 608.8726318359373,
  "summary_fg_stdv": 66.65081024169922,
  "tsnr": 64.92792289587669
}