{
  "aor": 0.0002921408450704225,
  "aqi": 0.008935953633802816,
  "bids_meta": {
    "AcquisitionMatrixPE": 88,
    "AcquisitionNumber": 1,
    "AcquisitionTime": "15:37:14.642500",
    "BandwidthPerPixelPhaseEncode": 43.706,
    "BaseResolution": 88,
    "BodyPartExamined": "BRAIN",
    "ConsistencyInfo": "N4_VE11C_LATEST_20160120",
    "ConversionSoftware": "dcm2niix",
    "ConversionSoftwareVersion": "v1.0.20171215 (OpenJPEG build) GCC7.3.0",
    "DerivedVendorReportedEchoSpacing": 0.000520003,
    "DeviceSerialNumber": "66108",
    "DwellTime": 2.5e-06,
    "EchoTime": 0.026,
    "EchoTrainLength": 43,
    "EffectiveEchoSpacing": 0.000260002,
    "FlipAngle": 70,
    "ImageOrientationPatientDICOM": [
      0.999582,
      -0.0152449,
      0.0245685,
      0.0191929,
      0.985351,
      -0.169456
    ],
    "ImageType": [
      "ORIGINAL",
      "PRIMARY",
      "M",
      "ND",
      "NORM",
      "MOSAIC"
    ],
    "InPlanePhaseEncodingDirectionDICOM": "COL",
    "InstitutionAddress": "Huron_325_TORONTO_ONTARIO_CA_M5S_3G3",
    "InstitutionName": "University_of_Toronto",
    "InstitutionalDepartmentName": "Department",
    "MRAcquisitionType": "2D",
    "MagneticFieldStrength": 3,
    "Manufacturer": "Siemens",
    "ManufacturersModelName": "Prisma",
    "Modality": "MR",
    "MultibandAccelerationFactor": 2,
    "ParallelReductionFactorInPlane": 2,
    "PartialFourier": 1,
    "PatientPosition": "HFS",
    "PercentPhaseFOV": 100,
    "PhaseEncodingDirection": "j-",
    "PhaseEncodingSteps": 87,
    "PhaseResolution": 1,
    "PixelBandwidth": 2275,
    "ProcedureStepDescription": "Cunningham_Nathan",
    "ProtocolName": "ep2d_p2s2_run1",
    "PulseSequenceDetails": "%SiemensSeq%_ep2d_bold",
    "ReceiveCoilActiveElements": "HEA;HEP",
    "ReceiveCoilName": "Head_32",
    "ReconMatrixPE": 88,
    "RepetitionTime": 1.5,
    "SAR": 0.0742687,
    "ScanOptions": "FS",
    "ScanningSequence": "EP",
    "SequenceName": "_epfid2d1_88",
    "SequenceVariant": "SK",
    "SeriesDescription": "ep2d_p2s2_run1",
    "SeriesNumber": 6,
    "ShimSetting": [
      -1023,
      -7026,
      -6360,
      515,
      -17,
      -203,
      -6,
      -16
    ],
    "SliceThickness": 2.5,
    "SliceTiming": [
      0.7125,
      0,
      0.7675,
      0.055,
      0.8225,
      0.11,
      0.8775,
      0.165,
      0.9325,
      0.22,
      0.9875,
      0.275,
      1.0425,
      0.3275,
      1.095,
      0.3825,
      1.15,
      0.4375,
      1.205,
      0.4925,
      1.26,
      0.5475,
      1.315,
      0.6025,
      1.37,
      0.6575,
      1.425,
      0.7125,
      0,
      0.7675,
      0.055,
      0.8225,
      0.11,
      0.8775,
      0.165,
      0.9325,
      0.22,
      0.9875,
      0.275,
      1.0425,
      0.3275,
      1.095,
      0.3825,
      1.15,
      0.4375,
      1.205,
      0.4925,
      1.26,
      0.5475,
      1.315,
      0.6025,
      1.37,
      0.6575,
      1.425
    ],
    "SoftwareVersions": "syngo_MR_E11",
    "SpacingBetweenSlices": 3,
    "StationName": "AWP66108",
    "TaskName": "roletrait",
    "TotalReadoutTime": 0.0226202,
    "TxRefAmp": 233.581,
    "dataset": "ds002294",
    "modality": "bold",
    "run_id": 1,
    "subject_id": "045",
    "task_id": "roletrait"
  },
  "dummy_trs": 0,
  "dvars_nstd": 28.28388084271182,
  "dvars_std": 1.2074192752542372,
  "dvars_vstd": 0.9961686646045188,
  "efc": 0.4444925745790713,
  "fber": 5266.05859375,
  "fd_mean": 0.10364234685393259,
  "fd_num": 8,
  "fd_perc": 2.2535211267605635,
  "fwhm_avg": 1.6941746666666668,
  "fwhm_x": 1.670224,
  "fwhm_y": 1.8319800000000002,
  "fwhm_z": 1.5803200000000002,
  "gcor": 0.00433971,
  "gsr_x": -0.006682028062641621,
  "gsr_y": 0.012261699885129929,
  "provenance": {
    "md5sum": "b1a35a025cdf4bb2e7341c6f96edf3c1",
    "settings": {
      "fd_thres": 0.2,
      "testing": false
    },
    "software": "mriqc",
    "version": "22.0.6",
    "webapi_port": null,
    "webapi_url": "https://mriqc.nimh.nih.gov/api/v1"
  },
  "size_t": 355,
  "size_x": 88,
  "size_y": 88,
  "size_z": 54,
  "snr": 7.348087295879342,
  "spacing_tr": 1.5,
  "spacing_x": 2.5,
  "spacing_y": 2.5,
  "spacing_z": 3.0,
  "summary_bg_k": 33.744925764017744,
  "summary_bg_mad": 4.85291195783064,
  "summary_bg_mean": 22.574522018432617,
  "summary_bg_median": 6.636619567871094,
  "summary_bg_n": 307038.0,
  "summary_bg_p05": 2.6704225540161133,
  "summary_bg_p95": 103.78914909362783,
  "summary_bg_stdv": 48.358924865722656,
  "summary_fg_k": 2.4577335467809958,
  "summary_fg_mad": 61.839144883432404,
  "summary_fg_mean": 482.95245361328125,
  "summary_fg_median": 479.6985778808594,
  "summary_fg_n": 53109.0,
  "summary_fg_p05": 393.3273071289062,
  "summary_fg_p95": 584.8653320312499,
  "summary_fg_stdv": 65.28148651123047,
  "tsnr": 62.53783833235502
}