{
  "aor": 0.001037408450704225,
  "aqi": 0.01765354977464789,
  "bids_meta": {
    "AcquisitionMatrixPE": 88,
    "AcquisitionNumber": 1,
    "AcquisitionTime": "09:38:41.602500",
    "BandwidthPerPixelPhaseEncode": 43.706,
    "BaseResolution": 88,
    "BodyPartExamined": "BRAIN",
    "ConsistencyInfo": "N4_VE11C_LATEST_20160120",
    "ConversionSoftware": "dcm2niix",
    "ConversionSoftwareVersion": "v1.0.20171215 (OpenJPEG build) GCC7.3.0",
    "DerivedVendorReportedEchoSpacing": 0.000520003,
    "DeviceSerialNumber": "66108",
    "DwellTime": 2.5e-06,
    "EchoTime": 0.026,
    "EchoTrainLength": 43,
    "EffectiveEchoSpacing": 0.000260002,
    "FlipAngle": 70,
    "ImageOrientationPatientDICOM": [
      0.990975,
      0.130774,
      -0.0294452,
      -0.133985,
      0.97303,
      -0.187776
    ],
    "ImageType": [
      "ORIGINAL",
      "PRIMARY",
      "M",
      "ND",
      "NORM",
      "MOSAIC"
    ],
    "InPlanePhaseEncodingDirectionDICOM": "COL",
    "InstitutionAddress": "Huron_325_TORONTO_ONTARIO_CA_M5S_3G3",
    "InstitutionName": "University_of_Toronto",
    "InstitutionalDepartmentName": "Department",
    "MRAcquisitionType": "2D",
    "MagneticFieldStrength": 3,
    "Manufacturer": "Siemens",
    "ManufacturersModelName": "Prisma",
    "Modality": "MR",
    "MultibandAccelerationFactor": 2,
    "ParallelReductionFactorInPlane": 2,
    "PartialFourier": 1,
    "PatientPosition": "HFS",
    "PercentPhaseFOV": 100,
    "PhaseEncodingDirection": "j-",
    "PhaseEncodingSteps": 87,
    "PhaseResolution": 1,
    "PixelBandwidth": 2275,
    "ProcedureStepDescription": "Cunningham_Nathan",
    "ProtocolName": "ep2d_p2s2_run2",
    "PulseSequenceDetails": "%SiemensSeq%_ep2d_bold",
    "ReceiveCoilActiveElements": "HEA;HEP",
    "ReceiveCoilName": "Head_32",
    "ReconMatrixPE": 88,
    "RepetitionTime": 1.5,
    "SAR": 0.0659274,
    "ScanOptions": "FS",
    "ScanningSequence": "EP",
    "SequenceName": "_epfid2d1_88",
    "SequenceVariant": "SK",
    "SeriesDescription": "ep2d_p2s2_run2",
    "SeriesNumber": 8,
    "ShimSetting": [
      -1031,
      -6997,
      -6429,
      331,
      -45,
      -42,
      16,
      -30
    ],
    "SliceThickness": 2.5,
    "SliceTiming": [
      0.7125,
      0,
      0.7675,
      0.055,
      0.8225,
      0.11,
      0.8775,
      0.1625,
      0.93,
      0.2175,
      0.985,
      0.2725,
      1.04,
      0.3275,
      1.095,
      0.3825,
      1.15,
      0.4375,
      1.205,
      0.4925,
      1.26,
      0.5475,
      1.315,
      0.6025,
      1.37,
      0.6575,
      1.425,
      0.7125,
      0,
      0.7675,
      0.055,
      0.8225,
      0.11,
      0.8775,
      0.1625,
      0.93,
      0.2175,
      0.985,
      0.2725,
      1.04,
      0.3275,
      1.095,
      0.3825,
      1.15,
      0.4375,
      1.205,
      0.4925,
      1.26,
      0.5475,
      1.315,
      0.6025,
      1.37,
      0.6575,
      1.425
    ],
    "SoftwareVersions": "syngo_MR_E11",
    "SpacingBetweenSlices": 3,
    "StationName": "AWP66108",
    "TaskName": "roletrait",
    "TotalReadoutTime": 0.0226202,
    "TxRefAmp": 252.55,
    "dataset": "ds002294",
    "modality": "bold",
    "run_id": 2,
    "subject_id": "021",
    "task_id": "roletrait"
  },
  "dummy_trs": 0,
  "dvars_nstd": 32.542280046073444,
  "dvars_std": 1.2227081818079097,
  "dvars_vstd": 0.9739973558192087,
  "efc": 0.4976552417507884,
  "fber": 4286.7900390625,
  "fd_mean": 0.11463685173637021,
  "fd_num": 22,
  "fd_perc": 6.197183098591549,
  "fwhm_avg": 1.6340851111111112,
  "fwhm_x": 1.56776,
  "fwhm_y": 1.8071519999999999,
  "fwhm_z": 1.5273433333333333,
  "gcor": 0.00636866,
  "gsr_x": -0.008542689494788647,
  "gsr_y": 0.029787734150886536,
  "provenance": {
    "md5sum": "c9ff839d689504937fbbc40f0942c95e",
    "settings": {
      "fd_thres": 0.2,
      "testing": false
    },
    "software": "mriqc",
    "version": "22.0.6",
    "webapi_port": null,
    "webapi_url": "https://mriqc.nimh.nih.gov/api/v1"
  },
  "size_t": 355,
  "size_x": 88,
  "size_y": 88,
  "size_z": 54,
  "snr": 7.464499605183093,
  "spacing_tr": 1.5,
  "spacing_x": 2.5,
  "spacing_y": 2.5,
  "spacing_z": 3.0,
  "summary_bg_k": 19.93525046003228,
  "summary_bg_mad": 5.65894619727075,
  "summary_bg_mean": 27.986330032348633,
  "summary_bg_median": 7.214084148406982,
  "summary_bg_n": 287572.0,
  "summary_bg_p05": 2.5352110862731934,
  "summary_bg_p95": 144.28238449096696,
  "summary_bg_stdv": 54.623023986816406,
  "summary_fg_k": 3.277793277540005,
  "summary_fg_mad": 57.080185412465674,
  "summary_fg_mean": 474.7197265625,
  "summary_fg_median": 470.7732238769531,
  "summary_fg_n": 68462.0,
  "summary_fg_p05": 390.14378662109374,
  "summary_fg_p95": 575.8098114013671,
  "summary_fg_stdv": 63.06782913208008,
  "tsnr": 48.88079613307491
}