{
  "aor": 0.0015872676056338027,
  "aqi": 0.021798002338028172,
  "bids_meta": {
    "AcquisitionMatrixPE": 88,
    "AcquisitionNumber": 1,
    "AcquisitionTime": "09:25:19.617500",
    "BandwidthPerPixelPhaseEncode": 43.706,
    "BaseResolution": 88,
    "BodyPartExamined": "BRAIN",
    "ConsistencyInfo": "N4_VE11C_LATEST_20160120",
    "ConversionSoftware": "dcm2niix",
    "ConversionSoftwareVersion": "v1.0.20171215 (OpenJPEG build) GCC7.3.0",
    "DerivedVendorReportedEchoSpacing": 0.000520003,
    "DeviceSerialNumber": "66108",
    "DwellTime": 2.5e-06,
    "EchoTime": 0.026,
    "EchoTrainLength": 43,
    "EffectiveEchoSpacing": 0.000260002,
    "FlipAngle": 70,
    "ImageOrientationPatientDICOM": [
      0.990975,
      0.130774,
      -0.0294452,
      -0.133985,
      0.97303,
      -0.187776
    ],
    "ImageType": [
      "ORIGINAL",
      "PRIMARY",
      "M",
      "ND",
      "NORM",
      "MOSAIC"
    ],
    "InPlanePhaseEncodingDirectionDICOM": "COL",
    "InstitutionAddress": "Huron_325_TORONTO_ONTARIO_CA_M5S_3G3",
    "InstitutionName": "University_of_Toronto",
    "InstitutionalDepartmentName": "Department",
    "MRAcquisitionType": "2D",
    "MagneticFieldStrength": 3,
    "Manufacturer": "Siemens",
    "ManufacturersModelName": "Prisma",
    "Modality": "MR",
    "MultibandAccelerationFactor": 2,
    "ParallelReductionFactorInPlane": 2,
    "PartialFourier": 1,
    "PatientPosition": "HFS",
    "PercentPhaseFOV": 100,
    "PhaseEncodingDirection": "j-",
    "PhaseEncodingSteps": 87,
    "PhaseResolution": 1,
    "PixelBandwidth": 2275,
    "ProcedureStepDescription": "Cunningham_Nathan",
    "ProtocolName": "ep2d_p2s2_run1",
    "PulseSequenceDetails": "%SiemensSeq%_ep2d_bold",
    "ReceiveCoilActiveElements": "HEA;HEP",
    "ReceiveCoilName": "Head_32",
    "ReconMatrixPE": 88,
    "RepetitionTime": 1.5,
    "SAR": 0.0603255,
    "ScanOptions": "FS",
    "ScanningSequence": "EP",
    "SequenceName": "_epfid2d1_88",
    "SequenceVariant": "SK",
    "SeriesDescription": "ep2d_p2s2_run1",
    "SeriesNumber": 6,
    "ShimSetting": [
      -1037,
      -6987,
      -6414,
      391,
      -46,
      12,
      32,
      -31
    ],
    "SliceThickness": 2.5,
    "SliceTiming": [
      0.7125,
      0,
      0.7675,
      0.055,
      0.8225,
      0.11,
      0.8775,
      0.165,
      0.9325,
      0.22,
      0.9875,
      0.275,
      1.0425,
      0.33,
      1.0975,
      0.385,
      1.1525,
      0.44,
      1.2075,
      0.495,
      1.2625,
      0.55,
      1.3175,
      0.605,
      1.3725,
      0.66,
      1.425,
      0.7125,
      0,
      0.7675,
      0.055,
      0.8225,
      0.11,
      0.8775,
      0.165,
      0.9325,
      0.22,
      0.9875,
      0.275,
      1.0425,
      0.33,
      1.0975,
      0.385,
      1.1525,
      0.44,
      1.2075,
      0.495,
      1.2625,
      0.55,
      1.3175,
      0.605,
      1.3725,
      0.66,
      1.425
    ],
    "SoftwareVersions": "syngo_MR_E11",
    "SpacingBetweenSlices": 3,
    "StationName": "AWP66108",
    "TaskName": "roletrait",
    "TotalReadoutTime": 0.0226202,
    "TxRefAmp": 246.79,
    "dataset": "ds002294",
    "modality": "bold",
    "run_id": 1,
    "subject_id": "021",
    "task_id": "roletrait"
  },
  "dummy_trs": 0,
  "dvars_nstd": 31.08959131189266,
  "dvars_std": 1.225267825282486,
  "dvars_vstd": 0.9872529966666668,
  "efc": 0.49877312635947535,
  "fber": 4101.5400390625,
  "fd_mean": 0.1184127160730015,
  "fd_num": 23,
  "fd_perc": 6.47887323943662,
  "fwhm_avg": 1.6621524444444444,
  "fwhm_x": 1.5881399999999999,
  "fwhm_y": 1.836404,
  "fwhm_z": 1.5619133333333333,
  "gcor": 0.00410441,
  "gsr_x": -0.009914390742778778,
  "gsr_y": 0.027393918484449387,
  "provenance": {
    "md5sum": "cb2b9033a4f87d44b5916a2b08ea17c7",
    "settings": {
      "fd_thres": 0.2,
      "testing": false
    },
    "software": "mriqc",
    "version": "22.0.6",
    "webapi_port": null,
    "webapi_url": "https://mriqc.nimh.nih.gov/api/v1"
  },
  "size_t": 355,
  "size_x": 88,
  "size_y": 88,
  "size_z": 54,
  "snr": 7.3405023198494534,
  "spacing_tr": 1.5,
  "spacing_x": 2.5,
  "spacing_y": 2.5,
  "spacing_z": 3.0,
  "summary_bg_k": 18.51953856559157,
  "summary_bg_mad": 6.172636994461145,
  "summary_bg_mean": 29.264347076416016,
  "summary_bg_median": 7.594366073608398,
  "summary_bg_n": 287577.0,
  "summary_bg_p05": 2.4535210132598877,
  "summary_bg_p95": 149.54365234375015,
  "summary_bg_stdv": 56.86748504638672,
  "summary_fg_k": 3.1888456655324955,
  "summary_fg_mad": 59.85115122264447,
  "summary_fg_mean": 487.5115051269531,
  "summary_fg_median": 482.8985595703125,
  "summary_fg_n": 68369.0,
  "summary_fg_p05": 398.7470275878906,
  "summary_fg_p95": 594.6259033203125,
  "summary_fg_stdv": 65.7850112915039,
  "tsnr": 44.003479051287286
}