{
  "aor": 0.0015016619718309857,
  "aqi": 0.01395024833802817,
  "bids_meta": {
    "AcquisitionMatrixPE": 88,
    "AcquisitionNumber": 1,
    "AcquisitionTime": "09:58:7.595000",
    "BandwidthPerPixelPhaseEncode": 43.706,
    "BaseResolution": 88,
    "BodyPartExamined": "BRAIN",
    "ConsistencyInfo": "N4_VE11C_LATEST_20160120",
    "ConversionSoftware": "dcm2niix",
    "ConversionSoftwareVersion": "v1.0.20171215 (OpenJPEG build) GCC7.3.0",
    "DerivedVendorReportedEchoSpacing": 0.000520003,
    "DeviceSerialNumber": "66108",
    "DwellTime": 2.5e-06,
    "EchoTime": 0.026,
    "EchoTrainLength": 43,
    "EffectiveEchoSpacing": 0.000260002,
    "FlipAngle": 70,
    "ImageOrientationPatientDICOM": [
      0.990975,
      0.130774,
      -0.0294452,
      -0.133985,
      0.97303,
      -0.187776
    ],
    "ImageType": [
      "ORIGINAL",
      "PRIMARY",
      "M",
      "ND",
      "NORM",
      "MOSAIC"
    ],
    "InPlanePhaseEncodingDirectionDICOM": "COL",
    "InstitutionAddress": "Huron_325_TORONTO_ONTARIO_CA_M5S_3G3",
    "InstitutionName": "University_of_Toronto",
    "InstitutionalDepartmentName": "Department",
    "MRAcquisitionType": "2D",
    "MagneticFieldStrength": 3,
    "Manufacturer": "Siemens",
    "ManufacturersModelName": "Prisma",
    "Modality": "MR",
    "MultibandAccelerationFactor": 2,
    "ParallelReductionFactorInPlane": 2,
    "PartialFourier": 1,
    "PatientPosition": "HFS",
    "PercentPhaseFOV": 100,
    "PhaseEncodingDirection": "j-",
    "PhaseEncodingSteps": 87,
    "PhaseResolution": 1,
    "PixelBandwidth": 2275,
    "ProcedureStepDescription": "Cunningham_Nathan",
    "ProtocolName": "ep2d_p2s2_run4",
    "PulseSequenceDetails": "%SiemensSeq%_ep2d_bold",
    "ReceiveCoilActiveElements": "HEA;HEP",
    "ReceiveCoilName": "Head_32",
    "ReconMatrixPE": 88,
    "RepetitionTime": 1.5,
    "SAR": 0.0659274,
    "ScanOptions": "FS",
    "ScanningSequence": "EP",
    "SequenceName": "_epfid2d1_88",
    "SequenceVariant": "SK",
    "SeriesDescription": "ep2d_p2s2_run4",
    "SeriesNumber": 10,
    "ShimSetting": [
      -1031,
      -6997,
      -6429,
      331,
      -45,
      -42,
      16,
      -30
    ],
    "SliceThickness": 2.5,
    "SliceTiming": [
      0.7125,
      0,
      0.7675,
      0.055,
      0.8225,
      0.11,
      0.8775,
      0.165,
      0.9325,
      0.22,
      0.985,
      0.2725,
      1.04,
      0.3275,
      1.095,
      0.3825,
      1.15,
      0.4375,
      1.205,
      0.4925,
      1.26,
      0.5475,
      1.315,
      0.6025,
      1.37,
      0.6575,
      1.425,
      0.7125,
      0,
      0.7675,
      0.055,
      0.8225,
      0.11,
      0.8775,
      0.165,
      0.9325,
      0.22,
      0.985,
      0.2725,
      1.04,
      0.3275,
      1.095,
      0.3825,
      1.15,
      0.4375,
      1.205,
      0.4925,
      1.26,
      0.5475,
      1.315,
      0.6025,
      1.37,
      0.6575,
      1.425
    ],
    "SoftwareVersions": "syngo_MR_E11",
    "SpacingBetweenSlices": 3,
    "StationName": "AWP66108",
    "TaskName": "roletrait",
    "TotalReadoutTime": 0.0226202,
    "TxRefAmp": 252.55,
    "dataset": "ds002294",
    "modality": "bold",
    "run_id": 4,
    "subject_id": "021",
    "task_id": "roletrait"
  },
  "dummy_trs": 0,
  "dvars_nstd": 33.182864560903944,
  "dvars_std": 1.3077566990112992,
  "dvars_vstd": 1.016273133502824,
  "efc": 0.498276282273884,
  "fber": 4306.62744140625,
  "fd_mean": 0.09721834141637208,
  "fd_num": 17,
  "fd_perc": 4.788732394366197,
  "fwhm_avg": 1.6296144444444443,
  "fwhm_x": 1.557528,
  "fwhm_y": 1.799092,
  "fwhm_z": 1.5322233333333333,
  "gcor": 0.00695508,
  "gsr_x": -0.008547583594918251,
  "gsr_y": 0.030495593324303627,
  "provenance": {
    "md5sum": "2f5aefd2c9f93371103a9846afcaa18e",
    "settings": {
      "fd_thres": 0.2,
      "testing": false
    },
    "software": "mriqc",
    "version": "22.0.6",
    "webapi_port": null,
    "webapi_url": "https://mriqc.nimh.nih.gov/api/v1"
  },
  "size_t": 355,
  "size_x": 88,
  "size_y": 88,
  "size_z": 54,
  "snr": 7.490880060011939,
  "spacing_tr": 1.5,
  "spacing_x": 2.5,
  "spacing_y": 2.5,
  "spacing_z": 3.0,
  "summary_bg_k": 20.332307598193392,
  "summary_bg_mad": 5.587948696042059,
  "summary_bg_mean": 28.143896102905273,
  "summary_bg_median": 7.180281639099121,
  "summary_bg_n": 287598.0,
  "summary_bg_p05": 2.4816901683807373,
  "summary_bg_p95": 146.03139877319327,
  "summary_bg_stdv": 54.8968391418457,
  "summary_fg_k": 3.337456642580622,
  "summary_fg_mad": 56.4182447857342,
  "summary_fg_mean": 474.48370361328125,
  "summary_fg_median": 470.560546875,
  "summary_fg_n": 68435.0,
  "summary_fg_p05": 390.6365966796875,
  "summary_fg_p95": 574.8732055664061,
  "summary_fg_stdv": 62.81733322143555,
  "tsnr": 54.26141928182915
}