{
  "bids_meta": {
    "AcquisitionMatrixPE": 192,
    "AcquisitionNumber": 1,
    "AcquisitionTime": "15:02:58.232500",
    "BaseResolution": 256,
    "BodyPartExamined": "BRAIN",
    "ConsistencyInfo": "N4_VE11C_LATEST_20160120",
    "ConversionSoftware": "dcm2niix",
    "ConversionSoftwareVersion": "v1.0.20171215 (OpenJPEG build) GCC7.3.0",
    "DeviceSerialNumber": "66108",
    "DwellTime": 7.5e-06,
    "EchoTime": 0.0024,
    "FlipAngle": 9,
    "ImageOrientationPatientDICOM": [
      0.988956,
      0.144162,
      -0.0343992,
      -0.1478,
      0.97653,
      -0.156667
    ],
    "ImageType": [
      "ORIGINAL",
      "PRIMARY",
      "M",
      "ND",
      "NORM",
      "FM3",
      "2",
      "FIL"
    ],
    "InPlanePhaseEncodingDirectionDICOM": "ROW",
    "InstitutionAddress": "Huron_325_TORONTO_ONTARIO_CA_M5S_3G3",
    "InstitutionName": "University_of_Toronto",
    "InstitutionalDepartmentName": "Department",
    "InversionTime": 1.1,
    "MRAcquisitionType": "3D",
    "MagneticFieldStrength": 3,
    "Manufacturer": "Siemens",
    "ManufacturersModelName": "Prisma",
    "Modality": "MR",
    "ParallelReductionFactorInPlane": 2,
    "PartialFourier": 1,
    "PatientPosition": "HFS",
    "PercentPhaseFOV": 75,
    "PhaseEncodingSteps": 191,
    "PhaseResolution": 1,
    "PixelBandwidth": 260,
    "ProcedureStepDescription": "Cunningham_Nathan",
    "ProtocolName": "t1_mprage_tra_p2_iso",
    "PulseSequenceDetails": "%SiemensSeq%_tfl",
    "ReceiveCoilActiveElements": "HEA;HEP",
    "ReceiveCoilName": "Head_32",
    "ReconMatrixPE": 256,
    "RepetitionTime": 2,
    "SAR": 0.0485048,
    "ScanOptions": "IR",
    "ScanningSequence": "GR_IR",
    "SequenceName": "_tfl3d1_16",
    "SequenceVariant": "SK_SP_MP",
    "SeriesDescription": "t1_mprage_tra_p2_iso",
    "SeriesNumber": 12,
    "ShimSetting": [
      -1026,
      -6983,
      -6652,
      -33,
      -35,
      26,
      -37,
      -58
    ],
    "SliceThickness": 1,
    "SoftwareVersions": "syngo_MR_E11",
    "StationName": "AWP66108",
    "TxRefAmp": 239.693,
    "dataset": "ds002294",
    "modality": "T1w",
    "subject_id": "019"
  },
  "cjv": 0.35914020638927446,
  "cnr": 3.711715186584481,
  "efc": 0.8508471307468078,
  "fber": 1666.3309471278235,
  "fwhm_avg": 3.7871695570184385,
  "fwhm_x": 3.67216,
  "fwhm_y": 3.97335,
  "fwhm_z": 3.7159986710553157,
  "icvs_csf": 0.214683422618202,
  "icvs_gm": 0.3942678853760703,
  "icvs_wm": 0.39104869200572767,
  "inu_med": 0.7411765456199646,
  "inu_range": 0.18713200092315674,
  "provenance": {
    "md5sum": "540079b52ab1d04dca22260e6bf11531",
    "settings": {
      "testing": false
    },
    "software": "mriqc",
    "version": "22.0.6",
    "warnings": {
      "large_rot_frame": true,
      "small_air_mask": true
    },
    "webapi_port": null,
    "webapi_url": "https://mriqc.nimh.nih.gov/api/v1"
  },
  "qi_1": -1.0,
  "qi_2": 0.0,
  "rpve_csf": 19.357023808635386,
  "rpve_gm": 10.231159087774394,
  "rpve_wm": 13.31671574538734,
  "size_x": 192,
  "size_y": 256,
  "size_z": 160,
  "snr_csf": 2.1368199032212942,
  "snr_gm": 7.680826723279363,
  "snr_total": 9.05748786250594,
  "snr_wm": 17.354816961017164,
  "snrd_csf": -1.0,
  "snrd_gm": -1.0,
  "snrd_total": -1.0,
  "snrd_wm": -1.0,
  "spacing_x": 1.0,
  "spacing_y": 1.0,
  "spacing_z": 1.0000003576278687,
  "summary_bg_k": 0.0,
  "summary_bg_mad": 0.0,
  "summary_bg_mean": 0.0,
  "summary_bg_median": 0.0,
  "summary_bg_n": 0.0,
  "summary_bg_p05": 0.0,
  "summary_bg_p95": 0.0,
  "summary_bg_stdv": 0.0,
  "summary_csf_k": 21.62830094572294,
  "summary_csf_mad": 97.36713509394141,
  "summary_csf_mean": 234.20324242081725,
  "summary_csf_median": 227.15127213299274,
  "summary_csf_n": 6495.0,
  "summary_csf_p05": 85.59231991935522,
  "summary_csf_p95": 396.1634629268198,
  "summary_csf_stdv": 106.2952401797747,
  "summary_gm_k": 0.21641549897198642,
  "summary_gm_mad": 80.87624089344588,
  "summary_gm_mean": 627.3066555403196,
  "summary_gm_median": 628.5329576656222,
  "summary_gm_n": 11183.0,
  "summary_gm_p05": 488.0993340572342,
  "summary_gm_p95": 756.7139686608687,
  "summary_gm_stdv": 81.8277611927315,
  "summary_wm_k": 0.7009734058311596,
  "summary_wm_mad": 52.53251648634418,
  "summary_wm_mean": 1004.1029561400148,
  "summary_wm_median": 1000.0000198502094,
  "summary_wm_n": 180829.0,
  "summary_wm_p05": 916.6214255075902,
  "summary_wm_p95": 1106.8410638775676,
  "summary_wm_stdv": 57.62073187227117,
  "tpm_overlap_csf": 0.10803377373743825,
  "tpm_overlap_gm": 0.3938906904458744,
  "tpm_overlap_wm": 0.46409531897133566,
  "wm2max": 0.8274938429180074
}