{
  "aor": 0.0008912820512820513,
  "aqi": 0.011441510883190883,
  "bids_meta": {
    "AcquisitionMatrixPE": 88,
    "AcquisitionNumber": 1,
    "AcquisitionTime": "14:39:24.512500",
    "BandwidthPerPixelPhaseEncode": 43.706,
    "BaseResolution": 88,
    "BodyPartExamined": "BRAIN",
    "ConsistencyInfo": "N4_VE11C_LATEST_20160120",
    "ConversionSoftware": "dcm2niix",
    "ConversionSoftwareVersion": "v1.0.20171215 (OpenJPEG build) GCC7.3.0",
    "DerivedVendorReportedEchoSpacing": 0.000520003,
    "DeviceSerialNumber": "66108",
    "DwellTime": 2.5e-06,
    "EchoTime": 0.026,
    "EchoTrainLength": 43,
    "EffectiveEchoSpacing": 0.000260002,
    "FlipAngle": 70,
    "ImageOrientationPatientDICOM": [
      0.999498,
      0.0258488,
      0.0183163,
      -0.0239036,
      0.994755,
      -0.0994518
    ],
    "ImageType": [
      "ORIGINAL",
      "PRIMARY",
      "M",
      "ND",
      "NORM",
      "MOSAIC"
    ],
    "InPlanePhaseEncodingDirectionDICOM": "COL",
    "InstitutionAddress": "Huron_325_TORONTO_ONTARIO_CA_M5S_3G3",
    "InstitutionName": "University_of_Toronto",
    "InstitutionalDepartmentName": "Department",
    "MRAcquisitionType": "2D",
    "MagneticFieldStrength": 3,
    "Manufacturer": "Siemens",
    "ManufacturersModelName": "Prisma",
    "Modality": "MR",
    "MultibandAccelerationFactor": 2,
    "ParallelReductionFactorInPlane": 2,
    "PartialFourier": 1,
    "PatientPosition": "HFS",
    "PercentPhaseFOV": 100,
    "PhaseEncodingDirection": "j-",
    "PhaseEncodingSteps": 87,
    "PhaseResolution": 1,
    "PixelBandwidth": 2275,
    "ProcedureStepDescription": "Cunningham_Nathan",
    "ProtocolName": "ep2d_p2s2_run3",
    "PulseSequenceDetails": "%SiemensSeq%_ep2d_bold",
    "ReceiveCoilActiveElements": "HEA;HEP",
    "ReceiveCoilName": "Head_32",
    "ReconMatrixPE": 88,
    "RepetitionTime": 1.5,
    "SAR": 0.0743031,
    "ScanOptions": "FS",
    "ScanningSequence": "EP",
    "SequenceName": "_epfid2d1_88",
    "SequenceVariant": "SK",
    "SeriesDescription": "ep2d_p2s2_run3",
    "SeriesNumber": 8,
    "ShimSetting": [
      -1034,
      -7015,
      -6431,
      276,
      -40,
      -155,
      -96,
      -61
    ],
    "SliceThickness": 2.5,
    "SliceTiming": [
      0.7125,
      0,
      0.7675,
      0.055,
      0.8225,
      0.1075,
      0.875,
      0.1625,
      0.93,
      0.2175,
      0.985,
      0.2725,
      1.04,
      0.3275,
      1.095,
      0.3825,
      1.15,
      0.4375,
      1.205,
      0.4925,
      1.26,
      0.5475,
      1.315,
      0.6025,
      1.37,
      0.6575,
      1.425,
      0.7125,
      0,
      0.7675,
      0.055,
      0.8225,
      0.1075,
      0.875,
      0.1625,
      0.93,
      0.2175,
      0.985,
      0.2725,
      1.04,
      0.3275,
      1.095,
      0.3825,
      1.15,
      0.4375,
      1.205,
      0.4925,
      1.26,
      0.5475,
      1.315,
      0.6025,
      1.37,
      0.6575,
      1.425
    ],
    "SoftwareVersions": "syngo_MR_E11",
    "SpacingBetweenSlices": 3,
    "StationName": "AWP66108",
    "TaskName": "roletrait",
    "TotalReadoutTime": 0.0226202,
    "TxRefAmp": 259.218,
    "dataset": "ds002294",
    "modality": "bold",
    "run_id": 3,
    "subject_id": "029",
    "task_id": "roletrait"
  },
  "dummy_trs": 4,
  "dvars_nstd": 29.15659761697145,
  "dvars_std": 1.1582571450857133,
  "dvars_vstd": 1.0008203147428567,
  "efc": 0.521073649670483,
  "fber": 3082.870849609375,
  "fd_mean": 0.0509477277649778,
  "fd_num": 2,
  "fd_perc": 0.5698005698005698,
  "fwhm_avg": 1.6488153333333333,
  "fwhm_x": 1.6237359999999998,
  "fwhm_y": 1.78716,
  "fwhm_z": 1.53555,
  "gcor": 0.00607485,
  "gsr_x": 0.011405405588448048,
  "gsr_y": 0.0242935623973608,
  "provenance": {
    "md5sum": "d915822a61b8b5adf5b8510f0ad8a857",
    "settings": {
      "fd_thres": 0.2,
      "testing": false
    },
    "software": "mriqc",
    "version": "22.0.6",
    "webapi_port": null,
    "webapi_url": "https://mriqc.nimh.nih.gov/api/v1"
  },
  "size_t": 351,
  "size_x": 88,
  "size_y": 88,
  "size_z": 54,
  "snr": 6.649560825781509,
  "spacing_tr": 1.5,
  "spacing_x": 2.5,
  "spacing_y": 2.5,
  "spacing_z": 3.0,
  "summary_bg_k": 15.991141655002792,
  "summary_bg_mad": 7.657999537617585,
  "summary_bg_mean": 31.08839225769043,
  "summary_bg_median": 8.712250709533691,
  "summary_bg_n": 277378.0,
  "summary_bg_p05": 2.632478713989258,
  "summary_bg_p95": 147.35697860717752,
  "summary_bg_stdv": 57.15302276611328,
  "summary_fg_k": 2.607295411540697,
  "summary_fg_mad": 70.79952702612466,
  "summary_fg_mean": 494.14208984375,
  "summary_fg_median": 489.16668701171875,
  "summary_fg_n": 76574.0,
  "summary_fg_p05": 397.1329071044922,
  "summary_fg_p95": 612.0333190917968,
  "summary_fg_stdv": 73.56327819824219,
  "tsnr": 51.01823955005966
}