{
  "aor": 0.0060784225352112685,
  "aqi": 0.025254119436619715,
  "bids_meta": {
    "AcquisitionMatrixPE": 88,
    "AcquisitionNumber": 1,
    "AcquisitionTime": "14:19:45.480000",
    "BandwidthPerPixelPhaseEncode": 43.706,
    "BaseResolution": 88,
    "BodyPartExamined": "BRAIN",
    "ConsistencyInfo": "N4_VE11C_LATEST_20160120",
    "ConversionSoftware": "dcm2niix",
    "ConversionSoftwareVersion": "v1.0.20171215 (OpenJPEG build) GCC7.3.0",
    "DerivedVendorReportedEchoSpacing": 0.000520003,
    "DeviceSerialNumber": "66108",
    "DwellTime": 2.5e-06,
    "EchoTime": 0.026,
    "EchoTrainLength": 43,
    "EffectiveEchoSpacing": 0.000260002,
    "FlipAngle": 70,
    "ImageOrientationPatientDICOM": [
      0.999498,
      0.0258488,
      0.0183163,
      -0.0239036,
      0.994755,
      -0.0994518
    ],
    "ImageType": [
      "ORIGINAL",
      "PRIMARY",
      "M",
      "ND",
      "NORM",
      "MOSAIC"
    ],
    "InPlanePhaseEncodingDirectionDICOM": "COL",
    "InstitutionAddress": "Huron_325_TORONTO_ONTARIO_CA_M5S_3G3",
    "InstitutionName": "University_of_Toronto",
    "InstitutionalDepartmentName": "Department",
    "MRAcquisitionType": "2D",
    "MagneticFieldStrength": 3,
    "Manufacturer": "Siemens",
    "ManufacturersModelName": "Prisma",
    "Modality": "MR",
    "MultibandAccelerationFactor": 2,
    "ParallelReductionFactorInPlane": 2,
    "PartialFourier": 1,
    "PatientPosition": "HFS",
    "PercentPhaseFOV": 100,
    "PhaseEncodingDirection": "j-",
    "PhaseEncodingSteps": 87,
    "PhaseResolution": 1,
    "PixelBandwidth": 2275,
    "ProcedureStepDescription": "Cunningham_Nathan",
    "ProtocolName": "ep2d_p2s2_run1",
    "PulseSequenceDetails": "%SiemensSeq%_ep2d_bold",
    "ReceiveCoilActiveElements": "HEA;HEP",
    "ReceiveCoilName": "Head_32",
    "ReconMatrixPE": 88,
    "RepetitionTime": 1.5,
    "SAR": 0.0743031,
    "ScanOptions": "FS",
    "ScanningSequence": "EP",
    "SequenceName": "_epfid2d1_88",
    "SequenceVariant": "SK",
    "SeriesDescription": "ep2d_p2s2_run1",
    "SeriesNumber": 6,
    "ShimSetting": [
      -1036,
      -7009,
      -6423,
      339,
      -34,
      -144,
      -69,
      -45
    ],
    "SliceThickness": 2.5,
    "SliceTiming": [
      0.7125,
      0,
      0.7675,
      0.055,
      0.8225,
      0.11,
      0.8775,
      0.165,
      0.9325,
      0.22,
      0.985,
      0.2725,
      1.04,
      0.3275,
      1.095,
      0.3825,
      1.15,
      0.4375,
      1.205,
      0.4925,
      1.26,
      0.5475,
      1.315,
      0.6025,
      1.37,
      0.6575,
      1.425,
      0.7125,
      0,
      0.7675,
      0.055,
      0.8225,
      0.11,
      0.8775,
      0.165,
      0.9325,
      0.22,
      0.985,
      0.2725,
      1.04,
      0.3275,
      1.095,
      0.3825,
      1.15,
      0.4375,
      1.205,
      0.4925,
      1.26,
      0.5475,
      1.315,
      0.6025,
      1.37,
      0.6575,
      1.425
    ],
    "SoftwareVersions": "syngo_MR_E11",
    "SpacingBetweenSlices": 3,
    "StationName": "AWP66108",
    "TaskName": "roletrait",
    "TotalReadoutTime": 0.0226202,
    "TxRefAmp": 259.218,
    "dataset": "ds002294",
    "modality": "bold",
    "run_id": 1,
    "subject_id": "029",
    "task_id": "roletrait"
  },
  "dummy_trs": 0,
  "dvars_nstd": 30.405678959265533,
  "dvars_std": 1.161861689971752,
  "dvars_vstd": 1.008978930706215,
  "efc": 0.5233390533595581,
  "fber": 2709.359130859375,
  "fd_mean": 0.06915566565608107,
  "fd_num": 8,
  "fd_perc": 2.2535211267605635,
  "fwhm_avg": 1.6915935555555555,
  "fwhm_x": 1.6684480000000002,
  "fwhm_y": 1.835556,
  "fwhm_z": 1.5707766666666665,
  "gcor": 0.00361474,
  "gsr_x": 0.007546484936028719,
  "gsr_y": 0.020098883658647537,
  "provenance": {
    "md5sum": "8f324974a07c090ba2f842450cdb027e",
    "settings": {
      "fd_thres": 0.2,
      "testing": false
    },
    "software": "mriqc",
    "version": "22.0.6",
    "webapi_port": null,
    "webapi_url": "https://mriqc.nimh.nih.gov/api/v1"
  },
  "size_t": 355,
  "size_x": 88,
  "size_y": 88,
  "size_z": 54,
  "snr": 6.621409092767783,
  "spacing_tr": 1.5,
  "spacing_x": 2.5,
  "spacing_y": 2.5,
  "spacing_z": 3.0,
  "summary_bg_k": 15.7216364009446,
  "summary_bg_mad": 8.498860032135068,
  "summary_bg_mean": 32.02655792236328,
  "summary_bg_median": 9.346478462219238,
  "summary_bg_n": 277516.0,
  "summary_bg_p05": 2.6084506511688232,
  "summary_bg_p95": 150.0964698791504,
  "summary_bg_stdv": 57.46482849121094,
  "summary_fg_k": 2.2060872719130655,
  "summary_fg_mad": 72.15885807323383,
  "summary_fg_mean": 495.06927490234375,
  "summary_fg_median": 490.005615234375,
  "summary_fg_n": 76405.0,
  "summary_fg_p05": 397.6709716796875,
  "summary_fg_p95": 615.4365844726562,
  "summary_fg_stdv": 74.00273895263672,
  "tsnr": 37.32609831390437
}