{
  "aor": 0.002643943661971831,
  "aqi": 0.013525536450704225,
  "bids_meta": {
    "AcquisitionMatrixPE": 88,
    "AcquisitionNumber": 1,
    "AcquisitionTime": "14:49:3.480000",
    "BandwidthPerPixelPhaseEncode": 43.706,
    "BaseResolution": 88,
    "BodyPartExamined": "BRAIN",
    "ConsistencyInfo": "N4_VE11C_LATEST_20160120",
    "ConversionSoftware": "dcm2niix",
    "ConversionSoftwareVersion": "v1.0.20171215 (OpenJPEG build) GCC7.3.0",
    "DerivedVendorReportedEchoSpacing": 0.000520003,
    "DeviceSerialNumber": "66108",
    "DwellTime": 2.5e-06,
    "EchoTime": 0.026,
    "EchoTrainLength": 43,
    "EffectiveEchoSpacing": 0.000260002,
    "FlipAngle": 70,
    "ImageOrientationPatientDICOM": [
      0.999498,
      0.0258488,
      0.0183163,
      -0.0239036,
      0.994755,
      -0.0994518
    ],
    "ImageType": [
      "ORIGINAL",
      "PRIMARY",
      "M",
      "ND",
      "NORM",
      "MOSAIC"
    ],
    "InPlanePhaseEncodingDirectionDICOM": "COL",
    "InstitutionAddress": "Huron_325_TORONTO_ONTARIO_CA_M5S_3G3",
    "InstitutionName": "University_of_Toronto",
    "InstitutionalDepartmentName": "Department",
    "MRAcquisitionType": "2D",
    "MagneticFieldStrength": 3,
    "Manufacturer": "Siemens",
    "ManufacturersModelName": "Prisma",
    "Modality": "MR",
    "MultibandAccelerationFactor": 2,
    "ParallelReductionFactorInPlane": 2,
    "PartialFourier": 1,
    "PatientPosition": "HFS",
    "PercentPhaseFOV": 100,
    "PhaseEncodingDirection": "j-",
    "PhaseEncodingSteps": 87,
    "PhaseResolution": 1,
    "PixelBandwidth": 2275,
    "ProcedureStepDescription": "Cunningham_Nathan",
    "ProtocolName": "ep2d_p2s2_run4",
    "PulseSequenceDetails": "%SiemensSeq%_ep2d_bold",
    "ReceiveCoilActiveElements": "HEA;HEP",
    "ReceiveCoilName": "Head_32",
    "ReconMatrixPE": 88,
    "RepetitionTime": 1.5,
    "SAR": 0.0743031,
    "ScanOptions": "FS",
    "ScanningSequence": "EP",
    "SequenceName": "_epfid2d1_88",
    "SequenceVariant": "SK",
    "SeriesDescription": "ep2d_p2s2_run4",
    "SeriesNumber": 9,
    "ShimSetting": [
      -1034,
      -7015,
      -6431,
      276,
      -40,
      -155,
      -96,
      -61
    ],
    "SliceThickness": 2.5,
    "SliceTiming": [
      0.7125,
      0,
      0.7675,
      0.055,
      0.8225,
      0.11,
      0.8775,
      0.165,
      0.9325,
      0.22,
      0.9875,
      0.275,
      1.0425,
      0.33,
      1.0975,
      0.385,
      1.15,
      0.4375,
      1.205,
      0.4925,
      1.26,
      0.5475,
      1.315,
      0.6025,
      1.37,
      0.6575,
      1.425,
      0.7125,
      0,
      0.7675,
      0.055,
      0.8225,
      0.11,
      0.8775,
      0.165,
      0.9325,
      0.22,
      0.9875,
      0.275,
      1.0425,
      0.33,
      1.0975,
      0.385,
      1.15,
      0.4375,
      1.205,
      0.4925,
      1.26,
      0.5475,
      1.315,
      0.6025,
      1.37,
      0.6575,
      1.425
    ],
    "SoftwareVersions": "syngo_MR_E11",
    "SpacingBetweenSlices": 3,
    "StationName": "AWP66108",
    "TaskName": "roletrait",
    "TotalReadoutTime": 0.0226202,
    "TxRefAmp": 259.218,
    "dataset": "ds002294",
    "modality": "bold",
    "run_id": 4,
    "subject_id": "029",
    "task_id": "roletrait"
  },
  "dummy_trs": 0,
  "dvars_nstd": 29.50110607881356,
  "dvars_std": 1.1482097862429388,
  "dvars_vstd": 1.0093772540677965,
  "efc": 0.5213332429757408,
  "fber": 3112.58349609375,
  "fd_mean": 0.06533038764706141,
  "fd_num": 8,
  "fd_perc": 2.2535211267605635,
  "fwhm_avg": 1.6514028888888888,
  "fwhm_x": 1.6302679999999998,
  "fwhm_y": 1.7919239999999999,
  "fwhm_z": 1.5320166666666666,
  "gcor": 0.00913725,
  "gsr_x": 0.012552659027278423,
  "gsr_y": 0.023873670026659966,
  "provenance": {
    "md5sum": "65221bd1c66f609250ca45a36ae92330",
    "settings": {
      "fd_thres": 0.2,
      "testing": false
    },
    "software": "mriqc",
    "version": "22.0.6",
    "webapi_port": null,
    "webapi_url": "https://mriqc.nimh.nih.gov/api/v1"
  },
  "size_t": 355,
  "size_x": 88,
  "size_y": 88,
  "size_z": 54,
  "snr": 6.626523145670657,
  "spacing_tr": 1.5,
  "spacing_x": 2.5,
  "spacing_y": 2.5,
  "spacing_z": 3.0,
  "summary_bg_k": 15.72041828858939,
  "summary_bg_mad": 7.793058557196399,
  "summary_bg_mean": 31.25504493713379,
  "summary_bg_median": 8.681690216064453,
  "summary_bg_n": 277484.0,
  "summary_bg_p05": 2.4676055908203125,
  "summary_bg_p95": 148.10942687988273,
  "summary_bg_stdv": 57.422428131103516,
  "summary_fg_k": 2.5455341641061198,
  "summary_fg_mad": 70.50920973074378,
  "summary_fg_mean": 493.4351806640625,
  "summary_fg_median": 487.8746337890625,
  "summary_fg_n": 76548.0,
  "summary_fg_p05": 396.70533752441406,
  "summary_fg_p95": 612.0279968261718,
  "summary_fg_stdv": 73.6240463256836,
  "tsnr": 46.53170400834642
}