{
  "bids_meta": {
    "AcquisitionMatrixPE": 192,
    "AcquisitionNumber": 1,
    "AcquisitionTime": "17:11:4.905000",
    "BaseResolution": 256,
    "BodyPartExamined": "BRAIN",
    "ConsistencyInfo": "N4_VE11C_LATEST_20160120",
    "ConversionSoftware": "dcm2niix",
    "ConversionSoftwareVersion": "v1.0.20171215 (OpenJPEG build) GCC7.3.0",
    "DeviceSerialNumber": "66108",
    "DwellTime": 7.5e-06,
    "EchoTime": 0.0024,
    "FlipAngle": 9,
    "ImageOrientationPatientDICOM": [
      0.999951,
      0.00255928,
      -0.00959227,
      -0.00296692,
      0.999082,
      -0.0427267
    ],
    "ImageType": [
      "ORIGINAL",
      "PRIMARY",
      "M",
      "ND",
      "NORM",
      "FM3",
      "2",
      "FIL"
    ],
    "InPlanePhaseEncodingDirectionDICOM": "ROW",
    "InstitutionAddress": "Huron_325_TORONTO_ONTARIO_CA_M5S_3G3",
    "InstitutionName": "University_of_Toronto",
    "InstitutionalDepartmentName": "Department",
    "InversionTime": 1.1,
    "MRAcquisitionType": "3D",
    "MagneticFieldStrength": 3,
    "Manufacturer": "Siemens",
    "ManufacturersModelName": "Prisma",
    "Modality": "MR",
    "ParallelReductionFactorInPlane": 2,
    "PartialFourier": 1,
    "PatientPosition": "HFS",
    "PercentPhaseFOV": 75,
    "PhaseEncodingSteps": 191,
    "PhaseResolution": 1,
    "PixelBandwidth": 260,
    "ProcedureStepDescription": "Cunningham_Nathan",
    "ProtocolName": "t1_mprage_tra_p2_iso",
    "PulseSequenceDetails": "%SiemensSeq%_tfl",
    "ReceiveCoilActiveElements": "HEA;HEP",
    "ReceiveCoilName": "Head_32",
    "ReconMatrixPE": 256,
    "RepetitionTime": 2,
    "SAR": 0.0568624,
    "ScanOptions": "IR",
    "ScanningSequence": "GR_IR",
    "SequenceName": "_tfl3d1_16",
    "SequenceVariant": "SK_SP_MP",
    "SeriesDescription": "t1_mprage_tra_p2_iso",
    "SeriesNumber": 12,
    "ShimSetting": [
      -1026,
      -6983,
      -6652,
      -33,
      -35,
      26,
      -37,
      -58
    ],
    "SliceThickness": 1,
    "SoftwareVersions": "syngo_MR_E11",
    "StationName": "AWP66108",
    "TxRefAmp": 241.292,
    "dataset": "ds002294",
    "modality": "T1w",
    "subject_id": "002"
  },
  "cjv": 0.3371986407953269,
  "cnr": 3.8250256085559906,
  "efc": 0.8376122590437315,
  "fber": -1.0,
  "fwhm_avg": 3.7165452080354595,
  "fwhm_x": 3.4458,
  "fwhm_y": 4.03307,
  "fwhm_z": 3.6707656241063784,
  "icvs_csf": 0.2513907812773443,
  "icvs_gm": 0.36543638204567747,
  "icvs_wm": 0.38317283667697816,
  "inu_med": 0.7343098819255829,
  "inu_range": 0.21985768079757695,
  "provenance": {
    "md5sum": "cac5f722ca87bc030cb2d2f02e2adf45",
    "settings": {
      "testing": false
    },
    "software": "mriqc",
    "version": "22.0.6",
    "warnings": {
      "large_rot_frame": true,
      "small_air_mask": true
    },
    "webapi_port": null,
    "webapi_url": "https://mriqc.nimh.nih.gov/api/v1"
  },
  "qi_1": -1.0,
  "qi_2": 0.0,
  "rpve_csf": 17.835608552254346,
  "rpve_gm": 11.112510907661425,
  "rpve_wm": 14.369836897987138,
  "size_x": 192,
  "size_y": 256,
  "size_z": 160,
  "snr_csf": 2.3372740860098546,
  "snr_gm": 7.23319871419782,
  "snr_total": 9.408522949248203,
  "snr_wm": 18.655096047536933,
  "snrd_csf": -1.0,
  "snrd_gm": -1.0,
  "snrd_total": -1.0,
  "snrd_wm": -1.0,
  "spacing_x": 1.0,
  "spacing_y": 1.0,
  "spacing_z": 1.0000011920928955,
  "summary_bg_k": 0.0,
  "summary_bg_mad": 0.0,
  "summary_bg_mean": 0.0,
  "summary_bg_median": 0.0,
  "summary_bg_n": 0.0,
  "summary_bg_p05": 0.0,
  "summary_bg_p95": 0.0,
  "summary_bg_stdv": 0.0,
  "summary_csf_k": 3.9375899436592823,
  "summary_csf_mad": 91.98027177326291,
  "summary_csf_mean": 218.28091219958645,
  "summary_csf_median": 215.8574933577329,
  "summary_csf_n": 7159.0,
  "summary_csf_p05": 78.34907990768554,
  "summary_csf_p95": 375.29704551100707,
  "summary_csf_stdv": 92.34792708750206,
  "summary_gm_k": 0.35774200939176204,
  "summary_gm_mad": 80.8692095317448,
  "summary_gm_mean": 613.6343845968365,
  "summary_gm_median": 615.3795843143016,
  "summary_gm_n": 14077.0,
  "summary_gm_p05": 467.22709601819514,
  "summary_gm_p95": 749.4427931305021,
  "summary_gm_stdv": 85.0740800322386,
  "summary_wm_k": 1.1206121515715832,
  "summary_wm_mad": 48.824261907656364,
  "summary_wm_mean": 1002.2999683100372,
  "summary_wm_median": 999.9999704863876,
  "summary_wm_n": 176802.0,
  "summary_wm_p05": 918.7574400287122,
  "summary_wm_p95": 1092.667503322195,
  "summary_wm_stdv": 53.60450248618239,
  "tpm_overlap_csf": 0.1264237764098758,
  "tpm_overlap_gm": 0.3997167499769426,
  "tpm_overlap_wm": 0.49512544547929693,
  "wm2max": 0.8222321059159139
}