{
  "bids_meta": {
    "AcquisitionMatrixPE": 192,
    "AcquisitionNumber": 1,
    "AcquisitionTime": "11:17:58.142500",
    "BaseResolution": 256,
    "BodyPartExamined": "BRAIN",
    "ConsistencyInfo": "N4_VE11C_LATEST_20160120",
    "ConversionSoftware": "dcm2niix",
    "ConversionSoftwareVersion": "v1.0.20171215 (OpenJPEG build) GCC7.3.0",
    "DeviceSerialNumber": "66108",
    "DwellTime": 7.5e-06,
    "EchoTime": 0.0024,
    "FlipAngle": 9,
    "ImageOrientationPatientDICOM": [
      0.999076,
      0.0139911,
      0.0406479,
      -0.0087188,
      0.991851,
      -0.127101
    ],
    "ImageType": [
      "ORIGINAL",
      "PRIMARY",
      "M",
      "ND",
      "NORM",
      "FM3",
      "2",
      "FIL"
    ],
    "InPlanePhaseEncodingDirectionDICOM": "ROW",
    "InstitutionAddress": "Huron_325_TORONTO_ONTARIO_CA_M5S_3G3",
    "InstitutionName": "University_of_Toronto",
    "InstitutionalDepartmentName": "Department",
    "InversionTime": 1.1,
    "MRAcquisitionType": "3D",
    "MagneticFieldStrength": 3,
    "Manufacturer": "Siemens",
    "ManufacturersModelName": "Prisma",
    "Modality": "MR",
    "ParallelReductionFactorInPlane": 2,
    "PartialFourier": 1,
    "PatientPosition": "HFS",
    "PercentPhaseFOV": 75,
    "PhaseEncodingSteps": 191,
    "PhaseResolution": 1,
    "PixelBandwidth": 260,
    "ProcedureStepDescription": "Cunningham_Nathan",
    "ProtocolName": "t1_mprage_tra_p2_iso",
    "PulseSequenceDetails": "%SiemensSeq%_tfl",
    "ReceiveCoilActiveElements": "HEA;HEP",
    "ReceiveCoilName": "Head_32",
    "ReconMatrixPE": 256,
    "RepetitionTime": 2,
    "SAR": 0.0560412,
    "ScanOptions": "IR",
    "ScanningSequence": "GR_IR",
    "SequenceName": "_tfl3d1_16",
    "SequenceVariant": "SK_SP_MP",
    "SeriesDescription": "t1_mprage_tra_p2_iso",
    "SeriesNumber": 12,
    "ShimSetting": [
      -1026,
      -6983,
      -6652,
      -33,
      -35,
      26,
      -37,
      -58
    ],
    "SliceThickness": 1,
    "SoftwareVersions": "syngo_MR_E11",
    "StationName": "AWP66108",
    "TxRefAmp": 218.2,
    "dataset": "ds002294",
    "modality": "T1w",
    "subject_id": "014"
  },
  "cjv": 0.3413336808506434,
  "cnr": 3.8346818928898045,
  "efc": 0.8491684986474676,
  "fber": -1.0,
  "fwhm_avg": 3.504450987577026,
  "fwhm_x": 3.34383,
  "fwhm_y": 3.697,
  "fwhm_z": 3.472522962731079,
  "icvs_csf": 0.22008311185760843,
  "icvs_gm": 0.4153495092437308,
  "icvs_wm": 0.36456737889866075,
  "inu_med": 0.74373859167099,
  "inu_range": 0.20772459506988528,
  "provenance": {
    "md5sum": "ad7543540149eb4b6c10aa6f7a88fd0c",
    "settings": {
      "testing": false
    },
    "software": "mriqc",
    "version": "22.0.6",
    "warnings": {
      "large_rot_frame": true,
      "small_air_mask": true
    },
    "webapi_port": null,
    "webapi_url": "https://mriqc.nimh.nih.gov/api/v1"
  },
  "qi_1": -1.0,
  "qi_2": 0.0,
  "rpve_csf": 21.279982284966007,
  "rpve_gm": 11.240106852253692,
  "rpve_wm": 16.183458287965987,
  "size_x": 192,
  "size_y": 256,
  "size_z": 160,
  "snr_csf": 2.4305097826042026,
  "snr_gm": 7.44252541807111,
  "snr_total": 9.170761899541956,
  "snr_wm": 17.63925049795056,
  "snrd_csf": -1.0,
  "snrd_gm": -1.0,
  "snrd_total": -1.0,
  "snrd_wm": -1.0,
  "spacing_x": 1.0,
  "spacing_y": 1.0,
  "spacing_z": 1.0000020265579224,
  "summary_bg_k": 0.0,
  "summary_bg_mad": 0.0,
  "summary_bg_mean": 0.0,
  "summary_bg_median": 0.0,
  "summary_bg_n": 0.0,
  "summary_bg_p05": 0.0,
  "summary_bg_p95": 0.0,
  "summary_bg_stdv": 0.0,
  "summary_csf_k": -0.024164536042615925,
  "summary_csf_mad": 94.18628704145979,
  "summary_csf_mean": 225.5088400270543,
  "summary_csf_median": 223.27195244375616,
  "summary_csf_n": 4106.0,
  "summary_csf_p05": 80.6220296039246,
  "summary_csf_p95": 388.34212331520393,
  "summary_csf_stdv": 91.85100339324983,
  "summary_gm_k": 0.2945717973263511,
  "summary_gm_mad": 81.34786673303402,
  "summary_gm_mean": 612.8732217018311,
  "summary_gm_median": 615.5277665164322,
  "summary_gm_n": 14571.0,
  "summary_gm_p05": 475.2589002912864,
  "summary_gm_p95": 744.4660874716938,
  "summary_gm_stdv": 82.70131573719391,
  "summary_wm_k": 1.815042345687309,
  "summary_wm_mad": 49.89292544639797,
  "summary_wm_mean": 1001.5993961324724,
  "summary_wm_median": 1000.0218833945692,
  "summary_wm_n": 136590.0,
  "summary_wm_p05": 911.8078410904855,
  "summary_wm_p95": 1094.0281880197113,
  "summary_wm_stdv": 56.692784244651676,
  "tpm_overlap_csf": 0.12070638736327267,
  "tpm_overlap_gm": 0.41770668933416505,
  "tpm_overlap_wm": 0.46046969378402214,
  "wm2max": 0.8367346938775511
}