{
  "aor": 0.00105456338028169,
  "aqi": 0.010467153774647887,
  "bids_meta": {
    "AcquisitionMatrixPE": 88,
    "AcquisitionNumber": 1,
    "AcquisitionTime": "15:45:58.640000",
    "BandwidthPerPixelPhaseEncode": 43.706,
    "BaseResolution": 88,
    "BodyPartExamined": "BRAIN",
    "ConsistencyInfo": "N4_VE11C_LATEST_20160120",
    "ConversionSoftware": "dcm2niix",
    "ConversionSoftwareVersion": "v1.0.20171215 (OpenJPEG build) GCC7.3.0",
    "DerivedVendorReportedEchoSpacing": 0.000520003,
    "DeviceSerialNumber": "66108",
    "DwellTime": 2.5e-06,
    "EchoTime": 0.026,
    "EchoTrainLength": 43,
    "EffectiveEchoSpacing": 0.000260002,
    "FlipAngle": 70,
    "ImageOrientationPatientDICOM": [
      0.997493,
      -0.025679,
      -0.0659357,
      0.0226363,
      0.998662,
      -0.0464864
    ],
    "ImageType": [
      "ORIGINAL",
      "PRIMARY",
      "M",
      "ND",
      "NORM",
      "MOSAIC"
    ],
    "InPlanePhaseEncodingDirectionDICOM": "COL",
    "InstitutionAddress": "Huron_325_TORONTO_ONTARIO_CA_M5S_3G3",
    "InstitutionName": "University_of_Toronto",
    "InstitutionalDepartmentName": "Department",
    "MRAcquisitionType": "2D",
    "MagneticFieldStrength": 3,
    "Manufacturer": "Siemens",
    "ManufacturersModelName": "Prisma",
    "Modality": "MR",
    "MultibandAccelerationFactor": 2,
    "ParallelReductionFactorInPlane": 2,
    "PartialFourier": 1,
    "PatientPosition": "HFS",
    "PercentPhaseFOV": 100,
    "PhaseEncodingDirection": "j-",
    "PhaseEncodingSteps": 87,
    "PhaseResolution": 1,
    "PixelBandwidth": 2275,
    "ProcedureStepDescription": "Cunningham_Nathan",
    "ProtocolName": "ep2d_p2s2_run2",
    "PulseSequenceDetails": "%SiemensSeq%_ep2d_bold",
    "ReceiveCoilActiveElements": "HEA;HEP",
    "ReceiveCoilName": "Head_32",
    "ReconMatrixPE": 88,
    "RepetitionTime": 1.5,
    "SAR": 0.0687534,
    "ScanOptions": "FS",
    "ScanningSequence": "EP",
    "SequenceName": "_epfid2d1_88",
    "SequenceVariant": "SK",
    "SeriesDescription": "ep2d_p2s2_run2",
    "SeriesNumber": 7,
    "ShimSetting": [
      -1043,
      -7041,
      -6388,
      376,
      19,
      -120,
      118,
      5
    ],
    "SliceThickness": 2.5,
    "SliceTiming": [
      0.7125,
      0,
      0.7675,
      0.055,
      0.8225,
      0.11,
      0.8775,
      0.165,
      0.9325,
      0.22,
      0.9875,
      0.275,
      1.0425,
      0.33,
      1.0975,
      0.385,
      1.1525,
      0.44,
      1.2075,
      0.495,
      1.2625,
      0.55,
      1.315,
      0.6025,
      1.37,
      0.6575,
      1.425,
      0.7125,
      0,
      0.7675,
      0.055,
      0.8225,
      0.11,
      0.8775,
      0.165,
      0.9325,
      0.22,
      0.9875,
      0.275,
      1.0425,
      0.33,
      1.0975,
      0.385,
      1.1525,
      0.44,
      1.2075,
      0.495,
      1.2625,
      0.55,
      1.315,
      0.6025,
      1.37,
      0.6575,
      1.425
    ],
    "SoftwareVersions": "syngo_MR_E11",
    "SpacingBetweenSlices": 3,
    "StationName": "AWP66108",
    "TaskName": "roletrait",
    "TotalReadoutTime": 0.0226202,
    "TxRefAmp": 229.72,
    "dataset": "ds002294",
    "modality": "bold",
    "run_id": 2,
    "subject_id": "039",
    "task_id": "roletrait"
  },
  "dummy_trs": 0,
  "dvars_nstd": 32.72496469110167,
  "dvars_std": 1.3384799299999994,
  "dvars_vstd": 1.0093286090395481,
  "efc": 0.4666684056001938,
  "fber": 4673.0478515625,
  "fd_mean": 0.08531291346728037,
  "fd_num": 4,
  "fd_perc": 1.1267605633802817,
  "fwhm_avg": 1.6402671111111111,
  "fwhm_x": 1.58946,
  "fwhm_y": 1.7983879999999999,
  "fwhm_z": 1.5329533333333334,
  "gcor": 0.00838335,
  "gsr_x": -0.007530136965215206,
  "gsr_y": 0.010366997681558132,
  "provenance": {
    "md5sum": "dd64291d135ddf8dc6dab80ea4bce47a",
    "settings": {
      "fd_thres": 0.2,
      "testing": false
    },
    "software": "mriqc",
    "version": "22.0.6",
    "webapi_port": null,
    "webapi_url": "https://mriqc.nimh.nih.gov/api/v1"
  },
  "size_t": 355,
  "size_x": 88,
  "size_y": 88,
  "size_z": 54,
  "snr": 7.433821567568684,
  "spacing_tr": 1.5,
  "spacing_x": 2.5,
  "spacing_y": 2.5,
  "spacing_z": 3.0,
  "summary_bg_k": 21.069434738226686,
  "summary_bg_mad": 4.635741675037349,
  "summary_bg_mean": 23.844379425048828,
  "summary_bg_median": 6.692957401275635,
  "summary_bg_n": 298356.0,
  "summary_bg_p05": 2.7718307971954346,
  "summary_bg_p95": 119.96760177612305,
  "summary_bg_stdv": 49.47541427612305,
  "summary_fg_k": 3.4668546033229886,
  "summary_fg_mad": 57.37672395433841,
  "summary_fg_mean": 459.49468994140625,
  "summary_fg_median": 455.8464660644531,
  "summary_fg_n": 58780.0,
  "summary_fg_p05": 377.50084075927737,
  "summary_fg_p95": 555.9467529296875,
  "summary_fg_stdv": 61.32008743286133,
  "tsnr": 60.93074295297265
}