{
  "aor": 0.0009256338028169014,
  "aqi": 0.012381456309859153,
  "bids_meta": {
    "AcquisitionMatrixPE": 88,
    "AcquisitionNumber": 1,
    "AcquisitionTime": "15:51:40.540000",
    "BandwidthPerPixelPhaseEncode": 43.706,
    "BaseResolution": 88,
    "BodyPartExamined": "BRAIN",
    "ConsistencyInfo": "N4_VE11C_LATEST_20160120",
    "ConversionSoftware": "dcm2niix",
    "ConversionSoftwareVersion": "v1.0.20171215 (OpenJPEG build) GCC7.3.0",
    "DerivedVendorReportedEchoSpacing": 0.000520003,
    "DeviceSerialNumber": "66108",
    "DwellTime": 2.5e-06,
    "EchoTime": 0.026,
    "EchoTrainLength": 43,
    "EffectiveEchoSpacing": 0.000260002,
    "FlipAngle": 70,
    "ImageOrientationPatientDICOM": [
      0.999617,
      -0.0267747,
      -0.00705289,
      0.0261759,
      0.996879,
      -0.0744758
    ],
    "ImageType": [
      "ORIGINAL",
      "PRIMARY",
      "M",
      "ND",
      "NORM",
      "MOSAIC"
    ],
    "InPlanePhaseEncodingDirectionDICOM": "COL",
    "InstitutionAddress": "Huron_325_TORONTO_ONTARIO_CA_M5S_3G3",
    "InstitutionName": "University_of_Toronto",
    "InstitutionalDepartmentName": "Department",
    "MRAcquisitionType": "2D",
    "MagneticFieldStrength": 3,
    "Manufacturer": "Siemens",
    "ManufacturersModelName": "Prisma",
    "Modality": "MR",
    "MultibandAccelerationFactor": 2,
    "ParallelReductionFactorInPlane": 2,
    "PartialFourier": 1,
    "PatientPosition": "HFS",
    "PercentPhaseFOV": 100,
    "PhaseEncodingDirection": "j-",
    "PhaseEncodingSteps": 87,
    "PhaseResolution": 1,
    "PixelBandwidth": 2275,
    "ProcedureStepDescription": "Cunningham_Nathan",
    "ProtocolName": "ep2d_p2s2_run4",
    "PulseSequenceDetails": "%SiemensSeq%_ep2d_bold",
    "ReceiveCoilActiveElements": "HEA;HEP",
    "ReceiveCoilName": "Head_32",
    "ReconMatrixPE": 88,
    "RepetitionTime": 1.5,
    "SAR": 0.0718107,
    "ScanOptions": "FS",
    "ScanningSequence": "EP",
    "SequenceName": "_epfid2d1_88",
    "SequenceVariant": "SK",
    "SeriesDescription": "ep2d_p2s2_run4",
    "SeriesNumber": 9,
    "ShimSetting": [
      -1030,
      -7040,
      -6395,
      366,
      -23,
      -86,
      -4,
      -57
    ],
    "SliceThickness": 2.5,
    "SliceTiming": [
      0.7125,
      0,
      0.7675,
      0.055,
      0.82,
      0.1075,
      0.875,
      0.1625,
      0.93,
      0.2175,
      0.985,
      0.2725,
      1.04,
      0.3275,
      1.095,
      0.3825,
      1.15,
      0.4375,
      1.205,
      0.4925,
      1.26,
      0.5475,
      1.315,
      0.6025,
      1.37,
      0.6575,
      1.425,
      0.7125,
      0,
      0.7675,
      0.055,
      0.82,
      0.1075,
      0.875,
      0.1625,
      0.93,
      0.2175,
      0.985,
      0.2725,
      1.04,
      0.3275,
      1.095,
      0.3825,
      1.15,
      0.4375,
      1.205,
      0.4925,
      1.26,
      0.5475,
      1.315,
      0.6025,
      1.37,
      0.6575,
      1.425
    ],
    "SoftwareVersions": "syngo_MR_E11",
    "SpacingBetweenSlices": 3,
    "StationName": "AWP66108",
    "TaskName": "roletrait",
    "TotalReadoutTime": 0.0226202,
    "TxRefAmp": 243.25,
    "dataset": "ds002294",
    "modality": "bold",
    "run_id": 4,
    "subject_id": "030",
    "task_id": "roletrait"
  },
  "dummy_trs": 0,
  "dvars_nstd": 25.427568042542397,
  "dvars_std": 1.1401002392090394,
  "dvars_vstd": 0.9908689862994348,
  "efc": 0.45175803700528444,
  "fber": 4947.94091796875,
  "fd_mean": 0.1222980369445564,
  "fd_num": 28,
  "fd_perc": 7.887323943661972,
  "fwhm_avg": 1.704627111111111,
  "fwhm_x": 1.665344,
  "fwhm_y": 1.868664,
  "fwhm_z": 1.5798733333333335,
  "gcor": 0.0203995,
  "gsr_x": -0.003602503566071391,
  "gsr_y": 0.011771561577916145,
  "provenance": {
    "md5sum": "2899710bfecd68ee226907493e838f7e",
    "settings": {
      "fd_thres": 0.2,
      "testing": false
    },
    "software": "mriqc",
    "version": "22.0.6",
    "webapi_port": null,
    "webapi_url": "https://mriqc.nimh.nih.gov/api/v1"
  },
  "size_t": 355,
  "size_x": 88,
  "size_y": 88,
  "size_z": 54,
  "snr": 7.257563408168186,
  "spacing_tr": 1.5,
  "spacing_x": 2.5,
  "spacing_y": 2.5,
  "spacing_z": 3.0,
  "summary_bg_k": 21.137380421745586,
  "summary_bg_mad": 6.064051853064499,
  "summary_bg_mean": 24.259437561035156,
  "summary_bg_median": 7.619718074798584,
  "summary_bg_n": 302397.0,
  "summary_bg_p05": 2.549295663833618,
  "summary_bg_p95": 112.74422302246097,
  "summary_bg_stdv": 48.25312805175781,
  "summary_fg_k": 3.6132292654442333,
  "summary_fg_mad": 67.26208102543703,
  "summary_fg_mean": 535.5545043945312,
  "summary_fg_median": 532.1041870117188,
  "summary_fg_n": 56330.0,
  "summary_fg_p05": 436.22337036132814,
  "summary_fg_p95": 648.3625183105464,
  "summary_fg_stdv": 73.31654357910156,
  "tsnr": 56.21734550083056
}