{
  "aor": 0.0012474366197183099,
  "aqi": 0.009219154450704226,
  "bids_meta": {
    "AcquisitionMatrixPE": 88,
    "AcquisitionNumber": 1,
    "AcquisitionTime": "15:41:58.492500",
    "BandwidthPerPixelPhaseEncode": 43.706,
    "BaseResolution": 88,
    "BodyPartExamined": "BRAIN",
    "ConsistencyInfo": "N4_VE11C_LATEST_20160120",
    "ConversionSoftware": "dcm2niix",
    "ConversionSoftwareVersion": "v1.0.20171215 (OpenJPEG build) GCC7.3.0",
    "DerivedVendorReportedEchoSpacing": 0.000520003,
    "DeviceSerialNumber": "66108",
    "DwellTime": 2.5e-06,
    "EchoTime": 0.026,
    "EchoTrainLength": 43,
    "EffectiveEchoSpacing": 0.000260002,
    "FlipAngle": 70,
    "ImageOrientationPatientDICOM": [
      0.999617,
      -0.0267747,
      -0.00705289,
      0.0261759,
      0.996879,
      -0.0744758
    ],
    "ImageType": [
      "ORIGINAL",
      "PRIMARY",
      "M",
      "ND",
      "NORM",
      "MOSAIC"
    ],
    "InPlanePhaseEncodingDirectionDICOM": "COL",
    "InstitutionAddress": "Huron_325_TORONTO_ONTARIO_CA_M5S_3G3",
    "InstitutionName": "University_of_Toronto",
    "InstitutionalDepartmentName": "Department",
    "MRAcquisitionType": "2D",
    "MagneticFieldStrength": 3,
    "Manufacturer": "Siemens",
    "ManufacturersModelName": "Prisma",
    "Modality": "MR",
    "MultibandAccelerationFactor": 2,
    "ParallelReductionFactorInPlane": 2,
    "PartialFourier": 1,
    "PatientPosition": "HFS",
    "PercentPhaseFOV": 100,
    "PhaseEncodingDirection": "j-",
    "PhaseEncodingSteps": 87,
    "PhaseResolution": 1,
    "PixelBandwidth": 2275,
    "ProcedureStepDescription": "Cunningham_Nathan",
    "ProtocolName": "ep2d_p2s2_run3",
    "PulseSequenceDetails": "%SiemensSeq%_ep2d_bold",
    "ReceiveCoilActiveElements": "HEA;HEP",
    "ReceiveCoilName": "Head_32",
    "ReconMatrixPE": 88,
    "RepetitionTime": 1.5,
    "SAR": 0.0718107,
    "ScanOptions": "FS",
    "ScanningSequence": "EP",
    "SequenceName": "_epfid2d1_88",
    "SequenceVariant": "SK",
    "SeriesDescription": "ep2d_p2s2_run3",
    "SeriesNumber": 8,
    "ShimSetting": [
      -1030,
      -7040,
      -6395,
      366,
      -23,
      -86,
      -4,
      -57
    ],
    "SliceThickness": 2.5,
    "SliceTiming": [
      0.7125,
      0,
      0.7675,
      0.055,
      0.8225,
      0.1075,
      0.875,
      0.1625,
      0.93,
      0.2175,
      0.985,
      0.2725,
      1.04,
      0.3275,
      1.095,
      0.3825,
      1.15,
      0.4375,
      1.205,
      0.4925,
      1.26,
      0.5475,
      1.315,
      0.6025,
      1.37,
      0.6575,
      1.425,
      0.7125,
      0,
      0.7675,
      0.055,
      0.8225,
      0.1075,
      0.875,
      0.1625,
      0.93,
      0.2175,
      0.985,
      0.2725,
      1.04,
      0.3275,
      1.095,
      0.3825,
      1.15,
      0.4375,
      1.205,
      0.4925,
      1.26,
      0.5475,
      1.315,
      0.6025,
      1.37,
      0.6575,
      1.425
    ],
    "SoftwareVersions": "syngo_MR_E11",
    "SpacingBetweenSlices": 3,
    "StationName": "AWP66108",
    "TaskName": "roletrait",
    "TotalReadoutTime": 0.0226202,
    "TxRefAmp": 243.25,
    "dataset": "ds002294",
    "modality": "bold",
    "run_id": 3,
    "subject_id": "030",
    "task_id": "roletrait"
  },
  "dummy_trs": 0,
  "dvars_nstd": 24.901446703757056,
  "dvars_std": 1.1708268593220337,
  "dvars_vstd": 1.0177388394915252,
  "efc": 0.4515153026809748,
  "fber": 4891.830078125,
  "fd_mean": 0.1121864565078986,
  "fd_num": 16,
  "fd_perc": 4.507042253521127,
  "fwhm_avg": 1.6950446666666668,
  "fwhm_x": 1.645288,
  "fwhm_y": 1.857136,
  "fwhm_z": 1.5827099999999998,
  "gcor": 0.0220175,
  "gsr_x": -0.003478111932054162,
  "gsr_y": 0.011246791109442711,
  "provenance": {
    "md5sum": "80d7d18ae7aace1c9d4deae6b77b599c",
    "settings": {
      "fd_thres": 0.2,
      "testing": false
    },
    "software": "mriqc",
    "version": "22.0.6",
    "webapi_port": null,
    "webapi_url": "https://mriqc.nimh.nih.gov/api/v1"
  },
  "size_t": 355,
  "size_x": 88,
  "size_y": 88,
  "size_z": 54,
  "snr": 7.259109730596507,
  "spacing_tr": 1.5,
  "spacing_x": 2.5,
  "spacing_y": 2.5,
  "spacing_z": 3.0,
  "summary_bg_k": 21.397460585529,
  "summary_bg_mad": 6.055699122689379,
  "summary_bg_mean": 24.0882511138916,
  "summary_bg_median": 7.63380241394043,
  "summary_bg_n": 302346.0,
  "summary_bg_p05": 2.549295663833618,
  "summary_bg_p95": 112.21056175231934,
  "summary_bg_stdv": 48.23625183105469,
  "summary_fg_k": 3.5493591340173882,
  "summary_fg_mad": 67.17647667370935,
  "summary_fg_mean": 534.5389404296875,
  "summary_fg_median": 531.176025390625,
  "summary_fg_n": 56318.0,
  "summary_fg_p05": 435.3234924316406,
  "summary_fg_p95": 647.6408264160154,
  "summary_fg_stdv": 73.17306518554688,
  "tsnr": 63.018699451349676
}