{
  "aor": 0.0017697183098591546,
  "aqi": 0.014078747521126759,
  "bids_meta": {
    "AcquisitionMatrixPE": 88,
    "AcquisitionNumber": 1,
    "AcquisitionTime": "09:42:59.562500",
    "BandwidthPerPixelPhaseEncode": 43.706,
    "BaseResolution": 88,
    "BodyPartExamined": "BRAIN",
    "ConsistencyInfo": "N4_VE11C_LATEST_20160120",
    "ConversionSoftware": "dcm2niix",
    "ConversionSoftwareVersion": "v1.0.20171215 (OpenJPEG build) GCC7.3.0",
    "DerivedVendorReportedEchoSpacing": 0.000520003,
    "DeviceSerialNumber": "66108",
    "DwellTime": 2.5e-06,
    "EchoTime": 0.026,
    "EchoTrainLength": 43,
    "EffectiveEchoSpacing": 0.000260002,
    "FlipAngle": 70,
    "ImageOrientationPatientDICOM": [
      0.998714,
      0.0506479,
      0.00236105,
      -0.0505927,
      0.998531,
      -0.0194106
    ],
    "ImageType": [
      "ORIGINAL",
      "PRIMARY",
      "M",
      "ND",
      "NORM",
      "MOSAIC"
    ],
    "InPlanePhaseEncodingDirectionDICOM": "COL",
    "InstitutionAddress": "Huron_325_TORONTO_ONTARIO_CA_M5S_3G3",
    "InstitutionName": "University_of_Toronto",
    "InstitutionalDepartmentName": "Department",
    "MRAcquisitionType": "2D",
    "MagneticFieldStrength": 3,
    "Manufacturer": "Siemens",
    "ManufacturersModelName": "Prisma",
    "Modality": "MR",
    "MultibandAccelerationFactor": 2,
    "ParallelReductionFactorInPlane": 2,
    "PartialFourier": 1,
    "PatientPosition": "HFS",
    "PercentPhaseFOV": 100,
    "PhaseEncodingDirection": "j-",
    "PhaseEncodingSteps": 87,
    "PhaseResolution": 1,
    "PixelBandwidth": 2275,
    "ProcedureStepDescription": "Cunningham_Nathan",
    "ProtocolName": "ep2d_p2s2_run4",
    "PulseSequenceDetails": "%SiemensSeq%_ep2d_bold",
    "ReceiveCoilActiveElements": "HEA;HEP",
    "ReceiveCoilName": "Head_32",
    "ReconMatrixPE": 88,
    "RepetitionTime": 1.5,
    "SAR": 0.054529,
    "ScanOptions": "FS",
    "ScanningSequence": "EP",
    "SequenceName": "_epfid2d1_88",
    "SequenceVariant": "SK",
    "SeriesDescription": "ep2d_p2s2_run4",
    "SeriesNumber": 9,
    "ShimSetting": [
      -1016,
      -7010,
      -6410,
      324,
      3,
      -5,
      45,
      5
    ],
    "SliceThickness": 2.5,
    "SliceTiming": [
      0.7125,
      0,
      0.7675,
      0.055,
      0.8225,
      0.11,
      0.875,
      0.1625,
      0.93,
      0.2175,
      0.985,
      0.2725,
      1.04,
      0.3275,
      1.095,
      0.3825,
      1.15,
      0.4375,
      1.205,
      0.4925,
      1.26,
      0.5475,
      1.315,
      0.6025,
      1.37,
      0.6575,
      1.425,
      0.7125,
      0,
      0.7675,
      0.055,
      0.8225,
      0.11,
      0.875,
      0.1625,
      0.93,
      0.2175,
      0.985,
      0.2725,
      1.04,
      0.3275,
      1.095,
      0.3825,
      1.15,
      0.4375,
      1.205,
      0.4925,
      1.26,
      0.5475,
      1.315,
      0.6025,
      1.37,
      0.6575,
      1.425
    ],
    "SoftwareVersions": "syngo_MR_E11",
    "SpacingBetweenSlices": 3,
    "StationName": "AWP66108",
    "TaskName": "roletrait",
    "TotalReadoutTime": 0.0226202,
    "TxRefAmp": 238.387,
    "dataset": "ds002294",
    "modality": "bold",
    "run_id": 4,
    "subject_id": "041",
    "task_id": "roletrait"
  },
  "dummy_trs": 0,
  "dvars_nstd": 39.51581528234459,
  "dvars_std": 1.4752226014971752,
  "dvars_vstd": 1.0302411170621453,
  "efc": 0.46808488084550154,
  "fber": 3832.5380859375,
  "fd_mean": 0.12459378265626386,
  "fd_num": 20,
  "fd_perc": 5.633802816901408,
  "fwhm_avg": 1.6646986666666665,
  "fwhm_x": 1.619256,
  "fwhm_y": 1.8532,
  "fwhm_z": 1.5216399999999999,
  "gcor": 0.00781846,
  "gsr_x": -0.013487282209098339,
  "gsr_y": 0.006249564234167337,
  "provenance": {
    "md5sum": "f71e2ae093976621ae855bc61f41752c",
    "settings": {
      "fd_thres": 0.2,
      "testing": false
    },
    "software": "mriqc",
    "version": "22.0.6",
    "webapi_port": null,
    "webapi_url": "https://mriqc.nimh.nih.gov/api/v1"
  },
  "size_t": 355,
  "size_x": 88,
  "size_y": 88,
  "size_z": 54,
  "snr": 7.616605774547702,
  "spacing_tr": 1.5,
  "spacing_x": 2.5,
  "spacing_y": 2.5,
  "spacing_z": 3.0,
  "summary_bg_k": 17.205701931749505,
  "summary_bg_mad": 5.805117918395608,
  "summary_bg_mean": 24.384368896484375,
  "summary_bg_median": 7.340844631195068,
  "summary_bg_n": 300504.0,
  "summary_bg_p05": 2.6056337356567383,
  "summary_bg_p95": 123.83619422912591,
  "summary_bg_stdv": 46.689483642578125,
  "summary_fg_k": 3.7785306196747266,
  "summary_fg_mad": 53.56787324760505,
  "summary_fg_mean": 457.94134521484375,
  "summary_fg_median": 455.56475830078125,
  "summary_fg_n": 57052.0,
  "summary_fg_p05": 374.8985900878906,
  "summary_fg_p95": 548.951806640625,
  "summary_fg_stdv": 59.811519622802734,
  "tsnr": 55.510821823379956
}