{
  "aor": 0.001950143266475645,
  "aqi": 0.011061022693409741,
  "bids_meta": {
    "AcquisitionMatrixPE": 88,
    "AcquisitionNumber": 1,
    "AcquisitionTime": "12:38:29.267500",
    "BandwidthPerPixelPhaseEncode": 43.706,
    "BaseResolution": 88,
    "BodyPartExamined": "BRAIN",
    "ConsistencyInfo": "N4_VE11C_LATEST_20160120",
    "ConversionSoftware": "dcm2niix",
    "ConversionSoftwareVersion": "v1.0.20171215 (OpenJPEG build) GCC7.3.0",
    "DerivedVendorReportedEchoSpacing": 0.000520003,
    "DeviceSerialNumber": "66108",
    "DwellTime": 2.5e-06,
    "EchoTime": 0.026,
    "EchoTrainLength": 43,
    "EffectiveEchoSpacing": 0.000260002,
    "FlipAngle": 70,
    "ImageOrientationPatientDICOM": [
      0.998991,
      0.0345078,
      0.0287412,
      -0.0313946,
      0.994237,
      -0.102502
    ],
    "ImageType": [
      "ORIGINAL",
      "PRIMARY",
      "M",
      "ND",
      "NORM",
      "MOSAIC"
    ],
    "InPlanePhaseEncodingDirectionDICOM": "COL",
    "InstitutionAddress": "Huron_325_TORONTO_ONTARIO_CA_M5S_3G3",
    "InstitutionName": "University_of_Toronto",
    "InstitutionalDepartmentName": "Department",
    "MRAcquisitionType": "2D",
    "MagneticFieldStrength": 3,
    "Manufacturer": "Siemens",
    "ManufacturersModelName": "Prisma",
    "Modality": "MR",
    "MultibandAccelerationFactor": 2,
    "ParallelReductionFactorInPlane": 2,
    "PartialFourier": 1,
    "PatientPosition": "HFS",
    "PercentPhaseFOV": 100,
    "PhaseEncodingDirection": "j-",
    "PhaseEncodingSteps": 87,
    "PhaseResolution": 1,
    "PixelBandwidth": 2275,
    "ProcedureStepDescription": "Cunningham_Nathan",
    "ProtocolName": "ep2d_p2s2_run3",
    "PulseSequenceDetails": "%SiemensSeq%_ep2d_bold",
    "ReceiveCoilActiveElements": "HEA;HEP",
    "ReceiveCoilName": "Head_32",
    "ReconMatrixPE": 88,
    "RepetitionTime": 1.5,
    "SAR": 0.060238,
    "ScanOptions": "FS",
    "ScanningSequence": "EP",
    "SequenceName": "_epfid2d1_88",
    "SequenceVariant": "SK",
    "SeriesDescription": "ep2d_p2s2_run3",
    "SeriesNumber": 8,
    "ShimSetting": [
      -1030,
      -6990,
      -6380,
      426,
      -54,
      85,
      -38,
      -47
    ],
    "SliceThickness": 2.5,
    "SliceTiming": [
      0.7125,
      0,
      0.7675,
      0.055,
      0.8225,
      0.11,
      0.8775,
      0.165,
      0.9325,
      0.22,
      0.9875,
      0.275,
      1.0425,
      0.33,
      1.0975,
      0.385,
      1.1525,
      0.44,
      1.2075,
      0.495,
      1.2625,
      0.55,
      1.315,
      0.6025,
      1.37,
      0.6575,
      1.425,
      0.7125,
      0,
      0.7675,
      0.055,
      0.8225,
      0.11,
      0.8775,
      0.165,
      0.9325,
      0.22,
      0.9875,
      0.275,
      1.0425,
      0.33,
      1.0975,
      0.385,
      1.1525,
      0.44,
      1.2075,
      0.495,
      1.2625,
      0.55,
      1.315,
      0.6025,
      1.37,
      0.6575,
      1.425
    ],
    "SoftwareVersions": "syngo_MR_E11",
    "SpacingBetweenSlices": 3,
    "StationName": "AWP66108",
    "TaskName": "roletrait",
    "TotalReadoutTime": 0.0226202,
    "TxRefAmp": 261.108,
    "dataset": "ds002294",
    "modality": "bold",
    "run_id": 3,
    "subject_id": "016",
    "task_id": "roletrait"
  },
  "dummy_trs": 6,
  "dvars_nstd": 29.507248478017242,
  "dvars_std": 1.1975719178448276,
  "dvars_vstd": 1.0291869118390813,
  "efc": 0.4920365342490977,
  "fber": 3027.380126953125,
  "fd_mean": 0.11017260697406518,
  "fd_num": 25,
  "fd_perc": 7.163323782234957,
  "fwhm_avg": 1.7212319999999999,
  "fwhm_x": 1.6709599999999998,
  "fwhm_y": 1.9124759999999998,
  "fwhm_z": 1.58026,
  "gcor": 0.0283816,
  "gsr_x": -0.008309031836688519,
  "gsr_y": 0.021833060309290886,
  "provenance": {
    "md5sum": "d4209c1ab83c36e33cd4a40837136ca3",
    "settings": {
      "fd_thres": 0.2,
      "testing": false
    },
    "software": "mriqc",
    "version": "22.0.6",
    "webapi_port": null,
    "webapi_url": "https://mriqc.nimh.nih.gov/api/v1"
  },
  "size_t": 349,
  "size_x": 88,
  "size_y": 88,
  "size_z": 54,
  "snr": 6.745655960732662,
  "spacing_tr": 1.5,
  "spacing_x": 2.5,
  "spacing_y": 2.5,
  "spacing_z": 3.0,
  "summary_bg_k": 14.706092355236475,
  "summary_bg_mad": 7.595681028724921,
  "summary_bg_mean": 29.319711685180664,
  "summary_bg_median": 8.653295516967773,
  "summary_bg_n": 293583.0,
  "summary_bg_p05": 2.916905641555786,
  "summary_bg_p95": 136.6091751098629,
  "summary_bg_stdv": 51.327091217041016,
  "summary_fg_k": 2.795219178799723,
  "summary_fg_mad": 66.4069876621699,
  "summary_fg_mean": 483.2422790527344,
  "summary_fg_median": 478.92266845703125,
  "summary_fg_n": 62313.0,
  "summary_fg_p05": 385.8871276855469,
  "summary_fg_p95": 595.7599121093749,
  "summary_fg_stdv": 70.99662780761719,
  "tsnr": 51.48718496784568
}