{
  "aor": 0.0014035211267605634,
  "aqi": 0.019834273830985915,
  "bids_meta": {
    "AcquisitionMatrixPE": 88,
    "AcquisitionNumber": 1,
    "AcquisitionTime": "12:47:57.895000",
    "BandwidthPerPixelPhaseEncode": 43.706,
    "BaseResolution": 88,
    "BodyPartExamined": "BRAIN",
    "ConsistencyInfo": "N4_VE11C_LATEST_20160120",
    "ConversionSoftware": "dcm2niix",
    "ConversionSoftwareVersion": "v1.0.20171215 (OpenJPEG build) GCC7.3.0",
    "DerivedVendorReportedEchoSpacing": 0.000520003,
    "DeviceSerialNumber": "66108",
    "DwellTime": 2.5e-06,
    "EchoTime": 0.026,
    "EchoTrainLength": 43,
    "EffectiveEchoSpacing": 0.000260002,
    "FlipAngle": 70,
    "ImageOrientationPatientDICOM": [
      0.998991,
      0.0345078,
      0.0287412,
      -0.0313946,
      0.994237,
      -0.102502
    ],
    "ImageType": [
      "ORIGINAL",
      "PRIMARY",
      "M",
      "ND",
      "NORM",
      "MOSAIC"
    ],
    "InPlanePhaseEncodingDirectionDICOM": "COL",
    "InstitutionAddress": "Huron_325_TORONTO_ONTARIO_CA_M5S_3G3",
    "InstitutionName": "University_of_Toronto",
    "InstitutionalDepartmentName": "Department",
    "MRAcquisitionType": "2D",
    "MagneticFieldStrength": 3,
    "Manufacturer": "Siemens",
    "ManufacturersModelName": "Prisma",
    "Modality": "MR",
    "MultibandAccelerationFactor": 2,
    "ParallelReductionFactorInPlane": 2,
    "PartialFourier": 1,
    "PatientPosition": "HFS",
    "PercentPhaseFOV": 100,
    "PhaseEncodingDirection": "j-",
    "PhaseEncodingSteps": 87,
    "PhaseResolution": 1,
    "PixelBandwidth": 2275,
    "ProcedureStepDescription": "Cunningham_Nathan",
    "ProtocolName": "ep2d_p2s2_run4",
    "PulseSequenceDetails": "%SiemensSeq%_ep2d_bold",
    "ReceiveCoilActiveElements": "HEA;HEP",
    "ReceiveCoilName": "Head_32",
    "ReconMatrixPE": 88,
    "RepetitionTime": 1.5,
    "SAR": 0.060238,
    "ScanOptions": "FS",
    "ScanningSequence": "EP",
    "SequenceName": "_epfid2d1_88",
    "SequenceVariant": "SK",
    "SeriesDescription": "ep2d_p2s2_run4",
    "SeriesNumber": 9,
    "ShimSetting": [
      -1030,
      -6990,
      -6380,
      426,
      -54,
      85,
      -38,
      -47
    ],
    "SliceThickness": 2.5,
    "SliceTiming": [
      0.7125,
      0,
      0.7675,
      0.055,
      0.8225,
      0.11,
      0.8775,
      0.165,
      0.9325,
      0.22,
      0.9875,
      0.275,
      1.04,
      0.3275,
      1.095,
      0.3825,
      1.15,
      0.4375,
      1.205,
      0.4925,
      1.26,
      0.5475,
      1.315,
      0.6025,
      1.37,
      0.6575,
      1.425,
      0.7125,
      0,
      0.7675,
      0.055,
      0.8225,
      0.11,
      0.8775,
      0.165,
      0.9325,
      0.22,
      0.9875,
      0.275,
      1.04,
      0.3275,
      1.095,
      0.3825,
      1.15,
      0.4375,
      1.205,
      0.4925,
      1.26,
      0.5475,
      1.315,
      0.6025,
      1.37,
      0.6575,
      1.425
    ],
    "SoftwareVersions": "syngo_MR_E11",
    "SpacingBetweenSlices": 3,
    "StationName": "AWP66108",
    "TaskName": "roletrait",
    "TotalReadoutTime": 0.0226202,
    "TxRefAmp": 261.108,
    "dataset": "ds002294",
    "modality": "bold",
    "run_id": 4,
    "subject_id": "016",
    "task_id": "roletrait"
  },
  "dummy_trs": 0,
  "dvars_nstd": 29.412447358192075,
  "dvars_std": 1.1146485566384177,
  "dvars_vstd": 0.9681894107627121,
  "efc": 0.4931684193955963,
  "fber": 3062.0205078125,
  "fd_mean": 0.12374379808546533,
  "fd_num": 35,
  "fd_perc": 9.859154929577464,
  "fwhm_avg": 1.737055111111111,
  "fwhm_x": 1.691036,
  "fwhm_y": 1.9380359999999999,
  "fwhm_z": 1.5820933333333331,
  "gcor": 0.0169815,
  "gsr_x": -0.008431014604866505,
  "gsr_y": 0.022007981315255165,
  "provenance": {
    "md5sum": "2bada0bb27d33c2427ad4036e1cd1b85",
    "settings": {
      "fd_thres": 0.2,
      "testing": false
    },
    "software": "mriqc",
    "version": "22.0.6",
    "webapi_port": null,
    "webapi_url": "https://mriqc.nimh.nih.gov/api/v1"
  },
  "size_t": 355,
  "size_x": 88,
  "size_y": 88,
  "size_z": 54,
  "snr": 6.78734880721717,
  "spacing_tr": 1.5,
  "spacing_x": 2.5,
  "spacing_y": 2.5,
  "spacing_z": 3.0,
  "summary_bg_k": 14.14861210334226,
  "summary_bg_mad": 7.813939322694456,
  "summary_bg_mean": 29.8988037109375,
  "summary_bg_median": 8.704224586486816,
  "summary_bg_n": 293520.0,
  "summary_bg_p05": 2.7943661212921143,
  "summary_bg_p95": 138.58394393920878,
  "summary_bg_stdv": 52.0695686340332,
  "summary_fg_k": 3.1637768653447074,
  "summary_fg_mad": 66.70456684891035,
  "summary_fg_mean": 484.2959899902344,
  "summary_fg_median": 479.7154846191406,
  "summary_fg_n": 62385.0,
  "summary_fg_p05": 386.99321899414065,
  "summary_fg_p95": 597.2219604492187,
  "summary_fg_stdv": 70.67732238769531,
  "tsnr": 41.24397752806544
}