{
  "aor": 0.002922929577464789,
  "aqi": 0.01756894357746479,
  "bids_meta": {
    "AcquisitionMatrixPE": 88,
    "AcquisitionNumber": 1,
    "AcquisitionTime": "12:18:53.815000",
    "BandwidthPerPixelPhaseEncode": 43.706,
    "BaseResolution": 88,
    "BodyPartExamined": "BRAIN",
    "ConsistencyInfo": "N4_VE11C_LATEST_20160120",
    "ConversionSoftware": "dcm2niix",
    "ConversionSoftwareVersion": "v1.0.20171215 (OpenJPEG build) GCC7.3.0",
    "DerivedVendorReportedEchoSpacing": 0.000520003,
    "DeviceSerialNumber": "66108",
    "DwellTime": 2.5e-06,
    "EchoTime": 0.026,
    "EchoTrainLength": 43,
    "EffectiveEchoSpacing": 0.000260002,
    "FlipAngle": 70,
    "ImageOrientationPatientDICOM": [
      0.998991,
      0.0345078,
      0.0287412,
      -0.0313946,
      0.994237,
      -0.102502
    ],
    "ImageType": [
      "ORIGINAL",
      "PRIMARY",
      "M",
      "ND",
      "NORM",
      "MOSAIC"
    ],
    "InPlanePhaseEncodingDirectionDICOM": "COL",
    "InstitutionAddress": "Huron_325_TORONTO_ONTARIO_CA_M5S_3G3",
    "InstitutionName": "University_of_Toronto",
    "InstitutionalDepartmentName": "Department",
    "MRAcquisitionType": "2D",
    "MagneticFieldStrength": 3,
    "Manufacturer": "Siemens",
    "ManufacturersModelName": "Prisma",
    "Modality": "MR",
    "MultibandAccelerationFactor": 2,
    "ParallelReductionFactorInPlane": 2,
    "PartialFourier": 1,
    "PatientPosition": "HFS",
    "PercentPhaseFOV": 100,
    "PhaseEncodingDirection": "j-",
    "PhaseEncodingSteps": 87,
    "PhaseResolution": 1,
    "PixelBandwidth": 2275,
    "ProcedureStepDescription": "Cunningham_Nathan",
    "ProtocolName": "ep2d_p2s2_run1",
    "PulseSequenceDetails": "%SiemensSeq%_ep2d_bold",
    "ReceiveCoilActiveElements": "HEA;HEP",
    "ReceiveCoilName": "Head_32",
    "ReconMatrixPE": 88,
    "RepetitionTime": 1.5,
    "SAR": 0.060238,
    "ScanOptions": "FS",
    "ScanningSequence": "EP",
    "SequenceName": "_epfid2d1_88",
    "SequenceVariant": "SK",
    "SeriesDescription": "ep2d_p2s2_run1",
    "SeriesNumber": 6,
    "ShimSetting": [
      -1034,
      -6987,
      -6385,
      480,
      -41,
      103,
      -23,
      -39
    ],
    "SliceThickness": 2.5,
    "SliceTiming": [
      0.7125,
      0,
      0.7675,
      0.055,
      0.8225,
      0.11,
      0.8775,
      0.165,
      0.9325,
      0.22,
      0.9875,
      0.275,
      1.0425,
      0.33,
      1.0975,
      0.385,
      1.1525,
      0.44,
      1.2075,
      0.495,
      1.26,
      0.5475,
      1.315,
      0.6025,
      1.37,
      0.6575,
      1.425,
      0.7125,
      0,
      0.7675,
      0.055,
      0.8225,
      0.11,
      0.8775,
      0.165,
      0.9325,
      0.22,
      0.9875,
      0.275,
      1.0425,
      0.33,
      1.0975,
      0.385,
      1.1525,
      0.44,
      1.2075,
      0.495,
      1.26,
      0.5475,
      1.315,
      0.6025,
      1.37,
      0.6575,
      1.425
    ],
    "SoftwareVersions": "syngo_MR_E11",
    "SpacingBetweenSlices": 3,
    "StationName": "AWP66108",
    "TaskName": "roletrait",
    "TotalReadoutTime": 0.0226202,
    "TxRefAmp": 261.108,
    "dataset": "ds002294",
    "modality": "bold",
    "run_id": 1,
    "subject_id": "016",
    "task_id": "roletrait"
  },
  "dummy_trs": 0,
  "dvars_nstd": 31.86033240830508,
  "dvars_std": 1.184742146242938,
  "dvars_vstd": 0.9944312375141242,
  "efc": 0.49036008651729973,
  "fber": 3086.927001953125,
  "fd_mean": 0.11835810530265972,
  "fd_num": 40,
  "fd_perc": 11.267605633802816,
  "fwhm_avg": 1.7433317777777777,
  "fwhm_x": 1.704412,
  "fwhm_y": 1.9439,
  "fwhm_z": 1.5816833333333333,
  "gcor": 0.0154861,
  "gsr_x": -0.008220173418521881,
  "gsr_y": 0.02084856480360031,
  "provenance": {
    "md5sum": "7d65b470366e525efad4fd6872daf214",
    "settings": {
      "fd_thres": 0.2,
      "testing": false
    },
    "software": "mriqc",
    "version": "22.0.6",
    "webapi_port": null,
    "webapi_url": "https://mriqc.nimh.nih.gov/api/v1"
  },
  "size_t": 355,
  "size_x": 88,
  "size_y": 88,
  "size_z": 54,
  "snr": 6.690384934845754,
  "spacing_tr": 1.5,
  "spacing_x": 2.5,
  "spacing_y": 2.5,
  "spacing_z": 3.0,
  "summary_bg_k": 14.616103398128953,
  "summary_bg_mad": 7.742942174945679,
  "summary_bg_mean": 28.64786720275879,
  "summary_bg_median": 8.614084243774414,
  "summary_bg_n": 293585.0,
  "summary_bg_p05": 2.692957639694214,
  "summary_bg_p95": 132.04788208007812,
  "summary_bg_stdv": 49.894676208496094,
  "summary_fg_k": 2.8704974875156406,
  "summary_fg_mad": 67.2224460296054,
  "summary_fg_mean": 482.2765197753906,
  "summary_fg_median": 477.95208740234375,
  "summary_fg_n": 62326.0,
  "summary_fg_p05": 383.0063247680664,
  "summary_fg_p95": 596.6077270507812,
  "summary_fg_stdv": 71.43807983398438,
  "tsnr": 43.09173212363385
}