{
  "aor": 0.0012869014084507043,
  "aqi": 0.013836884169014086,
  "bids_meta": {
    "AcquisitionMatrixPE": 88,
    "AcquisitionNumber": 1,
    "AcquisitionTime": "10:27:3.640000",
    "BandwidthPerPixelPhaseEncode": 43.706,
    "BaseResolution": 88,
    "BodyPartExamined": "BRAIN",
    "ConsistencyInfo": "N4_VE11C_LATEST_20160120",
    "ConversionSoftware": "dcm2niix",
    "ConversionSoftwareVersion": "v1.0.20171215 (OpenJPEG build) GCC7.3.0",
    "DerivedVendorReportedEchoSpacing": 0.000520003,
    "DeviceSerialNumber": "66108",
    "DwellTime": 2.5e-06,
    "EchoTime": 0.026,
    "EchoTrainLength": 43,
    "EffectiveEchoSpacing": 0.000260002,
    "FlipAngle": 70,
    "ImageOrientationPatientDICOM": [
      0.99963,
      -0.0179564,
      -0.0204342,
      0.0162269,
      0.996511,
      -0.0818648
    ],
    "ImageType": [
      "ORIGINAL",
      "PRIMARY",
      "M",
      "ND",
      "NORM",
      "MOSAIC"
    ],
    "InPlanePhaseEncodingDirectionDICOM": "COL",
    "InstitutionAddress": "Huron_325_TORONTO_ONTARIO_CA_M5S_3G3",
    "InstitutionName": "University_of_Toronto",
    "InstitutionalDepartmentName": "Department",
    "MRAcquisitionType": "2D",
    "MagneticFieldStrength": 3,
    "Manufacturer": "Siemens",
    "ManufacturersModelName": "Prisma",
    "Modality": "MR",
    "MultibandAccelerationFactor": 2,
    "ParallelReductionFactorInPlane": 2,
    "PartialFourier": 1,
    "PatientPosition": "HFS",
    "PercentPhaseFOV": 100,
    "PhaseEncodingDirection": "j-",
    "PhaseEncodingSteps": 87,
    "PhaseResolution": 1,
    "PixelBandwidth": 2275,
    "ProcedureStepDescription": "Cunningham_Nathan",
    "ProtocolName": "ep2d_p2s2_run3",
    "PulseSequenceDetails": "%SiemensSeq%_ep2d_bold",
    "ReceiveCoilActiveElements": "HEA;HEP",
    "ReceiveCoilName": "Head_32",
    "ReconMatrixPE": 88,
    "RepetitionTime": 1.5,
    "SAR": 0.0691448,
    "ScanOptions": "FS",
    "ScanningSequence": "EP",
    "SequenceName": "_epfid2d1_88",
    "SequenceVariant": "SK",
    "SeriesDescription": "ep2d_p2s2_run3",
    "SeriesNumber": 8,
    "ShimSetting": [
      -1012,
      -7018,
      -6373,
      273,
      76,
      4,
      -24,
      -43
    ],
    "SliceThickness": 2.5,
    "SliceTiming": [
      0.7125,
      0,
      0.7675,
      0.055,
      0.8225,
      0.11,
      0.8775,
      0.165,
      0.9325,
      0.22,
      0.9875,
      0.275,
      1.0425,
      0.33,
      1.095,
      0.3825,
      1.15,
      0.4375,
      1.205,
      0.4925,
      1.26,
      0.5475,
      1.315,
      0.6025,
      1.37,
      0.6575,
      1.425,
      0.7125,
      0,
      0.7675,
      0.055,
      0.8225,
      0.11,
      0.8775,
      0.165,
      0.9325,
      0.22,
      0.9875,
      0.275,
      1.0425,
      0.33,
      1.095,
      0.3825,
      1.15,
      0.4375,
      1.205,
      0.4925,
      1.26,
      0.5475,
      1.315,
      0.6025,
      1.37,
      0.6575,
      1.425
    ],
    "SoftwareVersions": "syngo_MR_E11",
    "SpacingBetweenSlices": 3,
    "StationName": "AWP66108",
    "TaskName": "roletrait",
    "TotalReadoutTime": 0.0226202,
    "TxRefAmp": 254.958,
    "dataset": "ds002294",
    "modality": "bold",
    "run_id": 3,
    "subject_id": "023",
    "task_id": "roletrait"
  },
  "dummy_trs": 0,
  "dvars_nstd": 33.464462500960444,
  "dvars_std": 1.274600222175142,
  "dvars_vstd": 0.9919275738983048,
  "efc": 0.48610100624384395,
  "fber": 4238.21826171875,
  "fd_mean": 0.16858237481496477,
  "fd_num": 120,
  "fd_perc": 33.80281690140845,
  "fwhm_avg": 1.7621844444444446,
  "fwhm_x": 1.7505400000000002,
  "fwhm_y": 1.94832,
  "fwhm_z": 1.5876933333333334,
  "gcor": 0.00737703,
  "gsr_x": -0.00444903364405036,
  "gsr_y": 0.012621331959962845,
  "provenance": {
    "md5sum": "5aed73db7cc3a4610047496e16e45f41",
    "settings": {
      "fd_thres": 0.2,
      "testing": false
    },
    "software": "mriqc",
    "version": "22.0.6",
    "webapi_port": null,
    "webapi_url": "https://mriqc.nimh.nih.gov/api/v1"
  },
  "size_t": 355,
  "size_x": 88,
  "size_y": 88,
  "size_z": 54,
  "snr": 6.378720446607714,
  "spacing_tr": 1.5,
  "spacing_x": 2.5,
  "spacing_y": 2.5,
  "spacing_z": 3.0,
  "summary_bg_k": 18.509182184299494,
  "summary_bg_mad": 7.233428096422758,
  "summary_bg_mean": 30.20199203491211,
  "summary_bg_median": 8.549295425415039,
  "summary_bg_n": 289849.0,
  "summary_bg_p05": 2.549295663833618,
  "summary_bg_p95": 149.75210571289062,
  "summary_bg_stdv": 58.94843673706055,
  "summary_fg_k": 2.449025705660161,
  "summary_fg_mad": 81.64334064311298,
  "summary_fg_mean": 558.3452758789062,
  "summary_fg_median": 554.371826171875,
  "summary_fg_n": 65736.0,
  "summary_fg_p05": 434.9436340332031,
  "summary_fg_p95": 694.5682830810547,
  "summary_fg_stdv": 86.90890502929688,
  "tsnr": 48.9783929460682
}