{
  "aor": 0.00040464788732394365,
  "aqi": 0.011034243577464789,
  "bids_meta": {
    "AcquisitionMatrixPE": 88,
    "AcquisitionNumber": 1,
    "AcquisitionTime": "19:01:20.212500",
    "BandwidthPerPixelPhaseEncode": 43.706,
    "BaseResolution": 88,
    "BodyPartExamined": "BRAIN",
    "ConsistencyInfo": "N4_VE11C_LATEST_20160120",
    "ConversionSoftware": "dcm2niix",
    "ConversionSoftwareVersion": "v1.0.20171215 (OpenJPEG build) GCC7.3.0",
    "DerivedVendorReportedEchoSpacing": 0.000520003,
    "DeviceSerialNumber": "66108",
    "DwellTime": 2.5e-06,
    "EchoTime": 0.026,
    "EchoTrainLength": 43,
    "EffectiveEchoSpacing": 0.000260002,
    "FlipAngle": 70,
    "ImageOrientationPatientDICOM": [
      0.999867,
      -0.00699513,
      -0.0147006,
      0.00698047,
      0.999975,
      -0.00104831
    ],
    "ImageType": [
      "ORIGINAL",
      "PRIMARY",
      "M",
      "ND",
      "NORM",
      "MOSAIC"
    ],
    "InPlanePhaseEncodingDirectionDICOM": "COL",
    "InstitutionAddress": "Huron_325_TORONTO_ONTARIO_CA_M5S_3G3",
    "InstitutionName": "University_of_Toronto",
    "InstitutionalDepartmentName": "Department",
    "MRAcquisitionType": "2D",
    "MagneticFieldStrength": 3,
    "Manufacturer": "Siemens",
    "ManufacturersModelName": "Prisma",
    "Modality": "MR",
    "MultibandAccelerationFactor": 2,
    "ParallelReductionFactorInPlane": 2,
    "PartialFourier": 1,
    "PatientPosition": "HFS",
    "PercentPhaseFOV": 100,
    "PhaseEncodingDirection": "j-",
    "PhaseEncodingSteps": 87,
    "PhaseResolution": 1,
    "PixelBandwidth": 2275,
    "ProcedureStepDescription": "Cunningham_Nathan",
    "ProtocolName": "ep2d_p2s2_run1",
    "PulseSequenceDetails": "%SiemensSeq%_ep2d_bold",
    "ReceiveCoilActiveElements": "HEA;HEP",
    "ReceiveCoilName": "Head_32",
    "ReconMatrixPE": 88,
    "RepetitionTime": 1.5,
    "SAR": 0.0682208,
    "ScanOptions": "FS",
    "ScanningSequence": "EP",
    "SequenceName": "_epfid2d1_88",
    "SequenceVariant": "SK",
    "SeriesDescription": "ep2d_p2s2_run1",
    "SeriesNumber": 6,
    "ShimSetting": [
      -1051,
      -6987,
      -6328,
      452,
      -63,
      125,
      -58,
      -33
    ],
    "SliceThickness": 2.5,
    "SliceTiming": [
      0.7125,
      0,
      0.7675,
      0.055,
      0.82,
      0.1075,
      0.875,
      0.1625,
      0.93,
      0.2175,
      0.985,
      0.2725,
      1.04,
      0.3275,
      1.095,
      0.3825,
      1.15,
      0.4375,
      1.205,
      0.4925,
      1.26,
      0.5475,
      1.315,
      0.6025,
      1.37,
      0.6575,
      1.425,
      0.7125,
      0,
      0.7675,
      0.055,
      0.82,
      0.1075,
      0.875,
      0.1625,
      0.93,
      0.2175,
      0.985,
      0.2725,
      1.04,
      0.3275,
      1.095,
      0.3825,
      1.15,
      0.4375,
      1.205,
      0.4925,
      1.26,
      0.5475,
      1.315,
      0.6025,
      1.37,
      0.6575,
      1.425
    ],
    "SoftwareVersions": "syngo_MR_E11",
    "SpacingBetweenSlices": 3,
    "StationName": "AWP66108",
    "TaskName": "roletrait",
    "TotalReadoutTime": 0.0226202,
    "TxRefAmp": 248.264,
    "dataset": "ds002294",
    "modality": "bold",
    "run_id": 1,
    "subject_id": "049",
    "task_id": "roletrait"
  },
  "dummy_trs": 0,
  "dvars_nstd": 30.785104126553684,
  "dvars_std": 1.273569888361581,
  "dvars_vstd": 0.9770008792372886,
  "efc": 0.44760632335617184,
  "fber": 4200.12890625,
  "fd_mean": 0.11319769519011104,
  "fd_num": 7,
  "fd_perc": 1.971830985915493,
  "fwhm_avg": 1.7279908888888889,
  "fwhm_x": 1.6849720000000001,
  "fwhm_y": 1.842044,
  "fwhm_z": 1.6569566666666666,
  "gcor": 0.00638626,
  "gsr_x": -0.015222555957734585,
  "gsr_y": 0.013089973479509354,
  "provenance": {
    "md5sum": "e0bfd9b05b2e5417f148125833e04e28",
    "settings": {
      "fd_thres": 0.2,
      "testing": false
    },
    "software": "mriqc",
    "version": "22.0.6",
    "webapi_port": null,
    "webapi_url": "https://mriqc.nimh.nih.gov/api/v1"
  },
  "size_t": 355,
  "size_x": 88,
  "size_y": 88,
  "size_z": 54,
  "snr": 6.410613166930571,
  "spacing_tr": 1.5,
  "spacing_x": 2.5,
  "spacing_y": 2.5,
  "spacing_z": 3.0,
  "summary_bg_k": 37.769683565997916,
  "summary_bg_mad": 6.168459922313756,
  "summary_bg_mean": 21.47965431213379,
  "summary_bg_median": 7.918309688568115,
  "summary_bg_n": 301313.0,
  "summary_bg_p05": 2.684506893157959,
  "summary_bg_p95": 84.31492767333965,
  "summary_bg_stdv": 43.758792877197266,
  "summary_fg_k": 1.5954711024093413,
  "summary_fg_mad": 79.72638230590456,
  "summary_fg_mean": 515.2606811523438,
  "summary_fg_median": 509.8309631347656,
  "summary_fg_n": 57374.0,
  "summary_fg_p05": 406.7754699707031,
  "summary_fg_p95": 648.5502380371094,
  "summary_fg_stdv": 79.52851104736328,
  "tsnr": 56.318936703610234
}