{
  "aor": 0.0006741126760563381,
  "aqi": 0.008807187126760563,
  "bids_meta": {
    "AcquisitionMatrixPE": 88,
    "AcquisitionNumber": 1,
    "AcquisitionTime": "15:36:8.920000",
    "BandwidthPerPixelPhaseEncode": 43.706,
    "BaseResolution": 88,
    "BodyPartExamined": "BRAIN",
    "ConsistencyInfo": "N4_VE11C_LATEST_20160120",
    "ConversionSoftware": "dcm2niix",
    "ConversionSoftwareVersion": "v1.0.20171215 (OpenJPEG build) GCC7.3.0",
    "DerivedVendorReportedEchoSpacing": 0.000520003,
    "DeviceSerialNumber": "66108",
    "DwellTime": 2.5e-06,
    "EchoTime": 0.026,
    "EchoTrainLength": 43,
    "EffectiveEchoSpacing": 0.000260002,
    "FlipAngle": 70,
    "ImageOrientationPatientDICOM": [
      0.997493,
      -0.025679,
      -0.0659357,
      0.0226363,
      0.998662,
      -0.0464864
    ],
    "ImageType": [
      "ORIGINAL",
      "PRIMARY",
      "M",
      "ND",
      "NORM",
      "MOSAIC"
    ],
    "InPlanePhaseEncodingDirectionDICOM": "COL",
    "InstitutionAddress": "Huron_325_TORONTO_ONTARIO_CA_M5S_3G3",
    "InstitutionName": "University_of_Toronto",
    "InstitutionalDepartmentName": "Department",
    "MRAcquisitionType": "2D",
    "MagneticFieldStrength": 3,
    "Manufacturer": "Siemens",
    "ManufacturersModelName": "Prisma",
    "Modality": "MR",
    "MultibandAccelerationFactor": 2,
    "ParallelReductionFactorInPlane": 2,
    "PartialFourier": 1,
    "PatientPosition": "HFS",
    "PercentPhaseFOV": 100,
    "PhaseEncodingDirection": "j-",
    "PhaseEncodingSteps": 87,
    "PhaseResolution": 1,
    "PixelBandwidth": 2275,
    "ProcedureStepDescription": "Cunningham_Nathan",
    "ProtocolName": "ep2d_p2s2_run1",
    "PulseSequenceDetails": "%SiemensSeq%_ep2d_bold",
    "ReceiveCoilActiveElements": "HEA;HEP",
    "ReceiveCoilName": "Head_32",
    "ReconMatrixPE": 88,
    "RepetitionTime": 1.5,
    "SAR": 0.0687534,
    "ScanOptions": "FS",
    "ScanningSequence": "EP",
    "SequenceName": "_epfid2d1_88",
    "SequenceVariant": "SK",
    "SeriesDescription": "ep2d_p2s2_run1",
    "SeriesNumber": 6,
    "ShimSetting": [
      -1052,
      -7033,
      -6378,
      394,
      5,
      -102,
      143,
      16
    ],
    "SliceThickness": 2.5,
    "SliceTiming": [
      0.7125,
      0,
      0.7675,
      0.055,
      0.8225,
      0.11,
      0.8775,
      0.165,
      0.9325,
      0.22,
      0.9875,
      0.275,
      1.0425,
      0.33,
      1.0975,
      0.385,
      1.1525,
      0.44,
      1.2075,
      0.495,
      1.2625,
      0.55,
      1.3175,
      0.605,
      1.37,
      0.6575,
      1.425,
      0.7125,
      0,
      0.7675,
      0.055,
      0.8225,
      0.11,
      0.8775,
      0.165,
      0.9325,
      0.22,
      0.9875,
      0.275,
      1.0425,
      0.33,
      1.0975,
      0.385,
      1.1525,
      0.44,
      1.2075,
      0.495,
      1.2625,
      0.55,
      1.3175,
      0.605,
      1.37,
      0.6575,
      1.425
    ],
    "SoftwareVersions": "syngo_MR_E11",
    "SpacingBetweenSlices": 3,
    "StationName": "AWP66108",
    "TaskName": "roletrait",
    "TotalReadoutTime": 0.0226202,
    "TxRefAmp": 229.72,
    "dataset": "ds002294",
    "modality": "bold",
    "run_id": 1,
    "subject_id": "039",
    "task_id": "roletrait"
  },
  "dummy_trs": 0,
  "dvars_nstd": 32.08536154011298,
  "dvars_std": 1.3280998283898293,
  "dvars_vstd": 1.0102674959604525,
  "efc": 0.46650039914645386,
  "fber": 4674.86572265625,
  "fd_mean": 0.08548918132268951,
  "fd_num": 2,
  "fd_perc": 0.5633802816901409,
  "fwhm_avg": 1.6419139999999999,
  "fwhm_x": 1.595256,
  "fwhm_y": 1.795996,
  "fwhm_z": 1.53449,
  "gcor": 0.0105881,
  "gsr_x": -0.007883870974183083,
  "gsr_y": 0.010337423533201218,
  "provenance": {
    "md5sum": "3f24d0f38ae5f6382281552e13bec1f8",
    "settings": {
      "fd_thres": 0.2,
      "testing": false
    },
    "software": "mriqc",
    "version": "22.0.6",
    "webapi_port": null,
    "webapi_url": "https://mriqc.nimh.nih.gov/api/v1"
  },
  "size_t": 355,
  "size_x": 88,
  "size_y": 88,
  "size_z": 54,
  "snr": 7.384380193765679,
  "spacing_tr": 1.5,
  "spacing_x": 2.5,
  "spacing_y": 2.5,
  "spacing_z": 3.0,
  "summary_bg_k": 20.664727298329577,
  "summary_bg_mad": 4.731798074351229,
  "summary_bg_mean": 24.156753540039062,
  "summary_bg_median": 6.743661880493164,
  "summary_bg_n": 298508.0,
  "summary_bg_p05": 2.763380289077759,
  "summary_bg_p95": 122.04464683532626,
  "summary_bg_stdv": 50.55652618408203,
  "summary_fg_k": 3.1985129766070504,
  "summary_fg_mad": 58.52310738971061,
  "summary_fg_mean": 462.30645751953125,
  "summary_fg_median": 458.4844970703125,
  "summary_fg_n": 58671.0,
  "summary_fg_p05": 378.6042175292969,
  "summary_fg_p95": 560.2760314941406,
  "summary_fg_stdv": 62.087890625,
  "tsnr": 64.4560470014112
}