{
  "aor": 0.0007137183098591548,
  "aqi": 0.00928051047887324,
  "bids_meta": {
    "AcquisitionMatrixPE": 88,
    "AcquisitionNumber": 1,
    "AcquisitionTime": "15:55:49.285000",
    "BandwidthPerPixelPhaseEncode": 43.706,
    "BaseResolution": 88,
    "BodyPartExamined": "BRAIN",
    "ConsistencyInfo": "N4_VE11C_LATEST_20160120",
    "ConversionSoftware": "dcm2niix",
    "ConversionSoftwareVersion": "v1.0.20171215 (OpenJPEG build) GCC7.3.0",
    "DerivedVendorReportedEchoSpacing": 0.000520003,
    "DeviceSerialNumber": "66108",
    "DwellTime": 2.5e-06,
    "EchoTime": 0.026,
    "EchoTrainLength": 43,
    "EffectiveEchoSpacing": 0.000260002,
    "FlipAngle": 70,
    "ImageOrientationPatientDICOM": [
      0.997493,
      -0.025679,
      -0.0659357,
      0.0226363,
      0.998662,
      -0.0464864
    ],
    "ImageType": [
      "ORIGINAL",
      "PRIMARY",
      "M",
      "ND",
      "NORM",
      "MOSAIC"
    ],
    "InPlanePhaseEncodingDirectionDICOM": "COL",
    "InstitutionAddress": "Huron_325_TORONTO_ONTARIO_CA_M5S_3G3",
    "InstitutionName": "University_of_Toronto",
    "InstitutionalDepartmentName": "Department",
    "MRAcquisitionType": "2D",
    "MagneticFieldStrength": 3,
    "Manufacturer": "Siemens",
    "ManufacturersModelName": "Prisma",
    "Modality": "MR",
    "MultibandAccelerationFactor": 2,
    "ParallelReductionFactorInPlane": 2,
    "PartialFourier": 1,
    "PatientPosition": "HFS",
    "PercentPhaseFOV": 100,
    "PhaseEncodingDirection": "j-",
    "PhaseEncodingSteps": 87,
    "PhaseResolution": 1,
    "PixelBandwidth": 2275,
    "ProcedureStepDescription": "Cunningham_Nathan",
    "ProtocolName": "ep2d_p2s2_run3",
    "PulseSequenceDetails": "%SiemensSeq%_ep2d_bold",
    "ReceiveCoilActiveElements": "HEA;HEP",
    "ReceiveCoilName": "Head_32",
    "ReconMatrixPE": 88,
    "RepetitionTime": 1.5,
    "SAR": 0.0687534,
    "ScanOptions": "FS",
    "ScanningSequence": "EP",
    "SequenceName": "_epfid2d1_88",
    "SequenceVariant": "SK",
    "SeriesDescription": "ep2d_p2s2_run3",
    "SeriesNumber": 8,
    "ShimSetting": [
      -1043,
      -7041,
      -6388,
      376,
      19,
      -120,
      118,
      5
    ],
    "SliceThickness": 2.5,
    "SliceTiming": [
      0.7125,
      0,
      0.7675,
      0.055,
      0.82,
      0.1075,
      0.875,
      0.1625,
      0.93,
      0.2175,
      0.985,
      0.2725,
      1.04,
      0.3275,
      1.095,
      0.3825,
      1.15,
      0.4375,
      1.205,
      0.4925,
      1.26,
      0.5475,
      1.315,
      0.6025,
      1.37,
      0.6575,
      1.425,
      0.7125,
      0,
      0.7675,
      0.055,
      0.82,
      0.1075,
      0.875,
      0.1625,
      0.93,
      0.2175,
      0.985,
      0.2725,
      1.04,
      0.3275,
      1.095,
      0.3825,
      1.15,
      0.4375,
      1.205,
      0.4925,
      1.26,
      0.5475,
      1.315,
      0.6025,
      1.37,
      0.6575,
      1.425
    ],
    "SoftwareVersions": "syngo_MR_E11",
    "SpacingBetweenSlices": 3,
    "StationName": "AWP66108",
    "TaskName": "roletrait",
    "TotalReadoutTime": 0.0226202,
    "TxRefAmp": 229.72,
    "dataset": "ds002294",
    "modality": "bold",
    "run_id": 3,
    "subject_id": "039",
    "task_id": "roletrait"
  },
  "dummy_trs": 0,
  "dvars_nstd": 32.75854764810736,
  "dvars_std": 1.3453954528813556,
  "dvars_vstd": 1.011291265706215,
  "efc": 0.46700436017209945,
  "fber": 4656.20849609375,
  "fd_mean": 0.08259609097909071,
  "fd_num": 1,
  "fd_perc": 0.28169014084507044,
  "fwhm_avg": 1.5957755555555557,
  "fwhm_x": 1.551048,
  "fwhm_y": 1.754032,
  "fwhm_z": 1.4822466666666667,
  "gcor": 0.00688276,
  "gsr_x": -0.006165356375277042,
  "gsr_y": 0.010014677420258522,
  "provenance": {
    "md5sum": "5a18cfcb036dde7e204548ef3f6447d5",
    "settings": {
      "fd_thres": 0.2,
      "testing": false
    },
    "software": "mriqc",
    "version": "22.0.6",
    "webapi_port": null,
    "webapi_url": "https://mriqc.nimh.nih.gov/api/v1"
  },
  "size_t": 355,
  "size_x": 88,
  "size_y": 88,
  "size_z": 54,
  "snr": 7.464899325388587,
  "spacing_tr": 1.5,
  "spacing_x": 2.5,
  "spacing_y": 2.5,
  "spacing_z": 3.0,
  "summary_bg_k": 19.914780181252667,
  "summary_bg_mad": 4.685857703808154,
  "summary_bg_mean": 24.480113983154297,
  "summary_bg_median": 6.72394323348999,
  "summary_bg_n": 299325.0,
  "summary_bg_p05": 2.7746477127075195,
  "summary_bg_p95": 125.76732177734365,
  "summary_bg_stdv": 50.6201057434082,
  "summary_fg_k": 3.5064076080952598,
  "summary_fg_mad": 57.307815165923365,
  "summary_fg_mean": 459.0666198730469,
  "summary_fg_median": 455.3661804199219,
  "summary_fg_n": 58743.0,
  "summary_fg_p05": 377.8408264160156,
  "summary_fg_p95": 555.4703979492188,
  "summary_fg_stdv": 61.00046157836914,
  "tsnr": 64.52625068975613
}