{
  "aor": 0.0003695774647887324,
  "aqi": 0.011800033323943662,
  "bids_meta": {
    "AcquisitionMatrixPE": 88,
    "AcquisitionNumber": 1,
    "AcquisitionTime": "11:46:13.857500",
    "BandwidthPerPixelPhaseEncode": 43.706,
    "BaseResolution": 88,
    "BodyPartExamined": "BRAIN",
    "ConsistencyInfo": "N4_VE11C_LATEST_20160120",
    "ConversionSoftware": "dcm2niix",
    "ConversionSoftwareVersion": "v1.0.20171215 (OpenJPEG build) GCC7.3.0",
    "DerivedVendorReportedEchoSpacing": 0.000520003,
    "DeviceSerialNumber": "66108",
    "DwellTime": 2.5e-06,
    "EchoTime": 0.026,
    "EchoTrainLength": 43,
    "EffectiveEchoSpacing": 0.000260002,
    "FlipAngle": 70,
    "ImageOrientationPatientDICOM": [
      0.998504,
      0.052327,
      0.0158399,
      -0.0472629,
      0.971802,
      -0.231015
    ],
    "ImageType": [
      "ORIGINAL",
      "PRIMARY",
      "M",
      "ND",
      "NORM",
      "MOSAIC"
    ],
    "InPlanePhaseEncodingDirectionDICOM": "COL",
    "InstitutionAddress": "Huron_325_TORONTO_ONTARIO_CA_M5S_3G3",
    "InstitutionName": "University_of_Toronto",
    "InstitutionalDepartmentName": "Department",
    "MRAcquisitionType": "2D",
    "MagneticFieldStrength": 3,
    "Manufacturer": "Siemens",
    "ManufacturersModelName": "Prisma",
    "Modality": "MR",
    "MultibandAccelerationFactor": 2,
    "ParallelReductionFactorInPlane": 2,
    "PartialFourier": 1,
    "PatientPosition": "HFS",
    "PercentPhaseFOV": 100,
    "PhaseEncodingDirection": "j-",
    "PhaseEncodingSteps": 87,
    "PhaseResolution": 1,
    "PixelBandwidth": 2275,
    "ProcedureStepDescription": "Cunningham_Nathan",
    "ProtocolName": "ep2d_p2s2_run1",
    "PulseSequenceDetails": "%SiemensSeq%_ep2d_bold",
    "ReceiveCoilActiveElements": "HEA;HEP",
    "ReceiveCoilName": "Head_32",
    "ReconMatrixPE": 88,
    "RepetitionTime": 1.5,
    "SAR": 0.0707489,
    "ScanOptions": "FS",
    "ScanningSequence": "EP",
    "SequenceName": "_epfid2d1_88",
    "SequenceVariant": "SK",
    "SeriesDescription": "ep2d_p2s2_run1",
    "SeriesNumber": 6,
    "ShimSetting": [
      -1014,
      -6970,
      -6315,
      410,
      -36,
      29,
      244,
      -54
    ],
    "SliceThickness": 2.5,
    "SliceTiming": [
      0.7125,
      0,
      0.7675,
      0.055,
      0.8225,
      0.11,
      0.8775,
      0.165,
      0.9325,
      0.22,
      0.9875,
      0.275,
      1.0425,
      0.33,
      1.0975,
      0.385,
      1.1525,
      0.44,
      1.2075,
      0.495,
      1.2625,
      0.55,
      1.3175,
      0.605,
      1.3725,
      0.66,
      1.4275,
      0.7125,
      0,
      0.7675,
      0.055,
      0.8225,
      0.11,
      0.8775,
      0.165,
      0.9325,
      0.22,
      0.9875,
      0.275,
      1.0425,
      0.33,
      1.0975,
      0.385,
      1.1525,
      0.44,
      1.2075,
      0.495,
      1.2625,
      0.55,
      1.3175,
      0.605,
      1.3725,
      0.66,
      1.4275
    ],
    "SoftwareVersions": "syngo_MR_E11",
    "SpacingBetweenSlices": 3,
    "StationName": "AWP66108",
    "TaskName": "roletrait",
    "TotalReadoutTime": 0.0226202,
    "TxRefAmp": 298.961,
    "dataset": "ds002294",
    "modality": "bold",
    "run_id": 1,
    "subject_id": "008",
    "task_id": "roletrait"
  },
  "dummy_trs": 0,
  "dvars_nstd": 36.101398936723186,
  "dvars_std": 1.3211371416101694,
  "dvars_vstd": 1.0012874806214687,
  "efc": 0.44909460969333853,
  "fber": 4148.09228515625,
  "fd_mean": 0.08860334071784395,
  "fd_num": 1,
  "fd_perc": 0.28169014084507044,
  "fwhm_avg": 1.6458802222222222,
  "fwhm_x": 1.614384,
  "fwhm_y": 1.8336,
  "fwhm_z": 1.4896566666666666,
  "gcor": 0.00520563,
  "gsr_x": -0.025072505697607994,
  "gsr_y": 0.016331588849425316,
  "provenance": {
    "md5sum": "d70bb0c2d893a4e4999eb0b8a1ae89ea",
    "settings": {
      "fd_thres": 0.2,
      "testing": false
    },
    "software": "mriqc",
    "version": "22.0.6",
    "webapi_port": null,
    "webapi_url": "https://mriqc.nimh.nih.gov/api/v1"
  },
  "size_t": 355,
  "size_x": 88,
  "size_y": 88,
  "size_z": 54,
  "snr": 6.762706207593158,
  "spacing_tr": 1.5,
  "spacing_x": 2.5,
  "spacing_y": 2.5,
  "spacing_z": 3.0,
  "summary_bg_k": 25.9332846970444,
  "summary_bg_mad": 4.552214724766063,
  "summary_bg_mean": 19.746456146240234,
  "summary_bg_median": 5.8394365310668945,
  "summary_bg_n": 309551.0,
  "summary_bg_p05": 2.183098554611206,
  "summary_bg_p95": 88.15351867675781,
  "summary_bg_stdv": 39.26576614379883,
  "summary_fg_k": 2.985116419341005,
  "summary_fg_mad": 51.318949197592204,
  "summary_fg_mean": 376.6138916015625,
  "summary_fg_median": 373.7380065917969,
  "summary_fg_n": 50397.0,
  "summary_fg_p05": 302.1780090332031,
  "summary_fg_p95": 463.42589111328124,
  "summary_fg_stdv": 55.264015197753906,
  "tsnr": 56.489285519346595
}