{
  "aor": 0.00039450704225352115,
  "aqi": 0.011695724732394367,
  "bids_meta": {
    "AcquisitionMatrixPE": 88,
    "AcquisitionNumber": 1,
    "AcquisitionTime": "12:05:38.865000",
    "BandwidthPerPixelPhaseEncode": 43.706,
    "BaseResolution": 88,
    "BodyPartExamined": "BRAIN",
    "ConsistencyInfo": "N4_VE11C_LATEST_20160120",
    "ConversionSoftware": "dcm2niix",
    "ConversionSoftwareVersion": "v1.0.20171215 (OpenJPEG build) GCC7.3.0",
    "DerivedVendorReportedEchoSpacing": 0.000520003,
    "DeviceSerialNumber": "66108",
    "DwellTime": 2.5e-06,
    "EchoTime": 0.026,
    "EchoTrainLength": 43,
    "EffectiveEchoSpacing": 0.000260002,
    "FlipAngle": 70,
    "ImageOrientationPatientDICOM": [
      0.998504,
      0.052327,
      0.0158399,
      -0.0472629,
      0.971802,
      -0.231015
    ],
    "ImageType": [
      "ORIGINAL",
      "PRIMARY",
      "M",
      "ND",
      "NORM",
      "MOSAIC"
    ],
    "InPlanePhaseEncodingDirectionDICOM": "COL",
    "InstitutionAddress": "Huron_325_TORONTO_ONTARIO_CA_M5S_3G3",
    "InstitutionName": "University_of_Toronto",
    "InstitutionalDepartmentName": "Department",
    "MRAcquisitionType": "2D",
    "MagneticFieldStrength": 3,
    "Manufacturer": "Siemens",
    "ManufacturersModelName": "Prisma",
    "Modality": "MR",
    "MultibandAccelerationFactor": 2,
    "ParallelReductionFactorInPlane": 2,
    "PartialFourier": 1,
    "PatientPosition": "HFS",
    "PercentPhaseFOV": 100,
    "PhaseEncodingDirection": "j-",
    "PhaseEncodingSteps": 87,
    "PhaseResolution": 1,
    "PixelBandwidth": 2275,
    "ProcedureStepDescription": "Cunningham_Nathan",
    "ProtocolName": "ep2d_p2s2_run3",
    "PulseSequenceDetails": "%SiemensSeq%_ep2d_bold",
    "ReceiveCoilActiveElements": "HEA;HEP",
    "ReceiveCoilName": "Head_32",
    "ReconMatrixPE": 88,
    "RepetitionTime": 1.5,
    "SAR": 0.0707489,
    "ScanOptions": "FS",
    "ScanningSequence": "EP",
    "SequenceName": "_epfid2d1_88",
    "SequenceVariant": "SK",
    "SeriesDescription": "ep2d_p2s2_run3",
    "SeriesNumber": 8,
    "ShimSetting": [
      -1010,
      -6996,
      -6326,
      354,
      -27,
      -6,
      181,
      -50
    ],
    "SliceThickness": 2.5,
    "SliceTiming": [
      0.7125,
      0,
      0.7675,
      0.055,
      0.8225,
      0.11,
      0.8775,
      0.165,
      0.9325,
      0.22,
      0.9875,
      0.275,
      1.0425,
      0.33,
      1.0975,
      0.385,
      1.1525,
      0.44,
      1.2075,
      0.495,
      1.26,
      0.5475,
      1.315,
      0.6025,
      1.37,
      0.6575,
      1.425,
      0.7125,
      0,
      0.7675,
      0.055,
      0.8225,
      0.11,
      0.8775,
      0.165,
      0.9325,
      0.22,
      0.9875,
      0.275,
      1.0425,
      0.33,
      1.0975,
      0.385,
      1.1525,
      0.44,
      1.2075,
      0.495,
      1.26,
      0.5475,
      1.315,
      0.6025,
      1.37,
      0.6575,
      1.425
    ],
    "SoftwareVersions": "syngo_MR_E11",
    "SpacingBetweenSlices": 3,
    "StationName": "AWP66108",
    "TaskName": "roletrait",
    "TotalReadoutTime": 0.0226202,
    "TxRefAmp": 298.961,
    "dataset": "ds002294",
    "modality": "bold",
    "run_id": 3,
    "subject_id": "008",
    "task_id": "roletrait"
  },
  "dummy_trs": 0,
  "dvars_nstd": 33.70164606652542,
  "dvars_std": 1.2900837272881356,
  "dvars_vstd": 1.0040667776836159,
  "efc": 0.4523433761569603,
  "fber": 3938.65673828125,
  "fd_mean": 0.07479171503112611,
  "fd_num": 3,
  "fd_perc": 0.8450704225352113,
  "fwhm_avg": 1.6412546666666668,
  "fwhm_x": 1.5961159999999999,
  "fwhm_y": 1.8399480000000001,
  "fwhm_z": 1.4877,
  "gcor": 0.00523575,
  "gsr_x": -0.025532344356179237,
  "gsr_y": 0.016589222475886345,
  "provenance": {
    "md5sum": "585376f5c4ba39ea5ff24263b99e3460",
    "settings": {
      "fd_thres": 0.2,
      "testing": false
    },
    "software": "mriqc",
    "version": "22.0.6",
    "webapi_port": null,
    "webapi_url": "https://mriqc.nimh.nih.gov/api/v1"
  },
  "size_t": 355,
  "size_x": 88,
  "size_y": 88,
  "size_z": 54,
  "snr": 6.782365347457484,
  "spacing_tr": 1.5,
  "spacing_x": 2.5,
  "spacing_y": 2.5,
  "spacing_z": 3.0,
  "summary_bg_k": 27.086817234761238,
  "summary_bg_mad": 4.602331460496697,
  "summary_bg_mean": 19.950489044189453,
  "summary_bg_median": 5.9042253494262695,
  "summary_bg_n": 309113.0,
  "summary_bg_p05": 2.2056336402893066,
  "summary_bg_p95": 89.4011230468749,
  "summary_bg_stdv": 39.27558517456055,
  "summary_fg_k": 3.2442466857140557,
  "summary_fg_mad": 49.32471166759792,
  "summary_fg_mean": 370.9277648925781,
  "summary_fg_median": 368.3126525878906,
  "summary_fg_n": 50840.0,
  "summary_fg_p05": 297.25266418457034,
  "summary_fg_p95": 454.7675827026366,
  "summary_fg_stdv": 54.30392074584961,
  "tsnr": 57.35632994468324
}