{
  "bids_meta": {
    "AcquisitionMatrixPE": 192,
    "AcquisitionNumber": 1,
    "AcquisitionTime": "16:00:55.110000",
    "BaseResolution": 256,
    "BodyPartExamined": "BRAIN",
    "ConsistencyInfo": "N4_VE11C_LATEST_20160120",
    "ConversionSoftware": "dcm2niix",
    "ConversionSoftwareVersion": "v1.0.20171215 (OpenJPEG build) GCC7.3.0",
    "DeviceSerialNumber": "66108",
    "DwellTime": 7.5e-06,
    "EchoTime": 0.0024,
    "FlipAngle": 9,
    "ImageOrientationPatientDICOM": [
      0.998659,
      0.03629,
      -0.0369273,
      -0.0371428,
      0.999053,
      -0.0226745
    ],
    "ImageType": [
      "ORIGINAL",
      "PRIMARY",
      "M",
      "ND",
      "NORM",
      "FM3",
      "2",
      "FIL"
    ],
    "InPlanePhaseEncodingDirectionDICOM": "ROW",
    "InstitutionAddress": "Huron_325_TORONTO_ONTARIO_CA_M5S_3G3",
    "InstitutionName": "University_of_Toronto",
    "InstitutionalDepartmentName": "Department",
    "InversionTime": 1.1,
    "MRAcquisitionType": "3D",
    "MagneticFieldStrength": 3,
    "Manufacturer": "Siemens",
    "ManufacturersModelName": "Prisma",
    "Modality": "MR",
    "ParallelReductionFactorInPlane": 2,
    "PartialFourier": 1,
    "PatientPosition": "HFS",
    "PercentPhaseFOV": 75,
    "PhaseEncodingSteps": 191,
    "PhaseResolution": 1,
    "PixelBandwidth": 260,
    "ProcedureStepDescription": "Cunningham_Nathan",
    "ProtocolName": "t1_mprage_tra_p2_iso",
    "PulseSequenceDetails": "%SiemensSeq%_tfl",
    "ReceiveCoilActiveElements": "HEA;HEP",
    "ReceiveCoilName": "Head_32",
    "ReconMatrixPE": 256,
    "RepetitionTime": 2,
    "SAR": 0.0544137,
    "ScanOptions": "IR",
    "ScanningSequence": "GR_IR",
    "SequenceName": "_tfl3d1_16",
    "SequenceVariant": "SK_SP_MP",
    "SeriesDescription": "t1_mprage_tra_p2_iso",
    "SeriesNumber": 12,
    "ShimSetting": [
      -1026,
      -6983,
      -6652,
      -33,
      -35,
      26,
      -37,
      -58
    ],
    "SliceThickness": 1,
    "SoftwareVersions": "syngo_MR_E11",
    "StationName": "AWP66108",
    "TxRefAmp": 253.081,
    "dataset": "ds002294",
    "modality": "T1w",
    "subject_id": "020"
  },
  "cjv": 0.36867747858979555,
  "cnr": 3.5704889687349124,
  "efc": 0.8478995855153291,
  "fber": -1.0,
  "fwhm_avg": 3.7377024680580924,
  "fwhm_x": 3.5954,
  "fwhm_y": 3.98848,
  "fwhm_z": 3.6292274041742774,
  "icvs_csf": 0.22317964493251466,
  "icvs_gm": 0.4074512870059015,
  "icvs_wm": 0.3693690680615838,
  "inu_med": 0.734465628862381,
  "inu_range": 0.16793642938137054,
  "provenance": {
    "md5sum": "cbf8caa0f3266499251c812078574348",
    "settings": {
      "testing": false
    },
    "software": "mriqc",
    "version": "22.0.6",
    "warnings": {
      "large_rot_frame": true,
      "small_air_mask": true
    },
    "webapi_port": null,
    "webapi_url": "https://mriqc.nimh.nih.gov/api/v1"
  },
  "qi_1": -1.0,
  "qi_2": 0.0,
  "rpve_csf": 24.003713237105277,
  "rpve_gm": 12.76342734604601,
  "rpve_wm": 18.02488323364348,
  "size_x": 192,
  "size_y": 256,
  "size_z": 160,
  "snr_csf": 2.5602501131377817,
  "snr_gm": 7.114846527168063,
  "snr_total": 9.019825875426399,
  "snr_wm": 17.38438098597335,
  "snrd_csf": -1.0,
  "snrd_gm": -1.0,
  "snrd_total": -1.0,
  "snrd_wm": -1.0,
  "spacing_x": 1.0,
  "spacing_y": 1.0,
  "spacing_z": 1.0000007152557373,
  "summary_bg_k": 0.0,
  "summary_bg_mad": 0.0,
  "summary_bg_mean": 0.0,
  "summary_bg_median": 0.0,
  "summary_bg_n": 0.0,
  "summary_bg_p05": 0.0,
  "summary_bg_p95": 0.0,
  "summary_bg_stdv": 0.0,
  "summary_csf_k": 0.3707208049281223,
  "summary_csf_mad": 84.88745021571725,
  "summary_csf_mean": 220.48682521473657,
  "summary_csf_median": 217.90019966103137,
  "summary_csf_n": 3067.0,
  "summary_csf_p05": 88.07691974658519,
  "summary_csf_p95": 367.2349133491516,
  "summary_csf_stdv": 85.09507422800424,
  "summary_gm_k": 0.47275628823506377,
  "summary_gm_mad": 83.50040037559116,
  "summary_gm_mean": 621.9205859527691,
  "summary_gm_median": 625.0727414377034,
  "summary_gm_n": 9837.0,
  "summary_gm_p05": 472.43241456896067,
  "summary_gm_p95": 762.3741915475576,
  "summary_gm_stdv": 87.85023917673598,
  "summary_wm_k": 0.41826891289220924,
  "summary_wm_mad": 54.72682202541975,
  "summary_wm_mean": 999.65917757451,
  "summary_wm_median": 999.9999621883035,
  "summary_wm_n": 126788.0,
  "summary_wm_p05": 904.6849969773554,
  "summary_wm_p95": 1093.7837424259633,
  "summary_wm_stdv": 57.52267045899712,
  "tpm_overlap_csf": 0.12216262084182777,
  "tpm_overlap_gm": 0.41792208614930404,
  "tpm_overlap_wm": 0.4787854725768633,
  "wm2max": 0.8601752033824676
}