{
  "bids_meta": {
    "AcquisitionMatrixPE": 192,
    "AcquisitionNumber": 1,
    "AcquisitionTime": "15:00:23.805000",
    "BaseResolution": 256,
    "BodyPartExamined": "BRAIN",
    "ConsistencyInfo": "N4_VE11C_LATEST_20160120",
    "ConversionSoftware": "dcm2niix",
    "ConversionSoftwareVersion": "v1.0.20171215 (OpenJPEG build) GCC7.3.0",
    "DeviceSerialNumber": "66108",
    "DwellTime": 7.5e-06,
    "EchoTime": 0.0024,
    "FlipAngle": 9,
    "ImageOrientationPatientDICOM": [
      0.999498,
      0.0258487,
      0.0183163,
      -0.0239036,
      0.994755,
      -0.0994518
    ],
    "ImageType": [
      "ORIGINAL",
      "PRIMARY",
      "M",
      "ND",
      "NORM",
      "FM3",
      "2",
      "FIL"
    ],
    "InPlanePhaseEncodingDirectionDICOM": "ROW",
    "InstitutionAddress": "Huron_325_TORONTO_ONTARIO_CA_M5S_3G3",
    "InstitutionName": "University_of_Toronto",
    "InstitutionalDepartmentName": "Department",
    "InversionTime": 1.1,
    "MRAcquisitionType": "3D",
    "MagneticFieldStrength": 3,
    "Manufacturer": "Siemens",
    "ManufacturersModelName": "Prisma",
    "Modality": "MR",
    "ParallelReductionFactorInPlane": 2,
    "PartialFourier": 1,
    "PatientPosition": "HFS",
    "PercentPhaseFOV": 75,
    "PhaseEncodingSteps": 191,
    "PhaseResolution": 1,
    "PixelBandwidth": 260,
    "ProcedureStepDescription": "Cunningham_Nathan",
    "ProtocolName": "t1_mprage_tra_p2_iso",
    "PulseSequenceDetails": "%SiemensSeq%_tfl",
    "ReceiveCoilActiveElements": "HEA;HEP",
    "ReceiveCoilName": "Head_32",
    "ReconMatrixPE": 256,
    "RepetitionTime": 2,
    "SAR": 0.0638498,
    "ScanOptions": "IR",
    "ScanningSequence": "GR_IR",
    "SequenceName": "_tfl3d1_16",
    "SequenceVariant": "SK_SP_MP",
    "SeriesDescription": "t1_mprage_tra_p2_iso",
    "SeriesNumber": 12,
    "ShimSetting": [
      -1026,
      -6983,
      -6652,
      -33,
      -35,
      26,
      -37,
      -58
    ],
    "SliceThickness": 1,
    "SoftwareVersions": "syngo_MR_E11",
    "StationName": "AWP66108",
    "TxRefAmp": 259.218,
    "dataset": "ds002294",
    "modality": "T1w",
    "subject_id": "029"
  },
  "cjv": 0.365616325999728,
  "cnr": 3.595983259130007,
  "efc": 0.8393336558820186,
  "fber": -1.0,
  "fwhm_avg": 3.8282637798497685,
  "fwhm_x": 3.62623,
  "fwhm_y": 4.11291,
  "fwhm_z": 3.745651339549305,
  "icvs_csf": 0.24127949169645513,
  "icvs_gm": 0.35603136450708356,
  "icvs_wm": 0.4026891437964613,
  "inu_med": 0.7613099813461304,
  "inu_range": 0.2493383288383484,
  "provenance": {
    "md5sum": "19e11662bbe535d9408d0d4a605e2c62",
    "settings": {
      "testing": false
    },
    "software": "mriqc",
    "version": "22.0.6",
    "warnings": {
      "large_rot_frame": true,
      "small_air_mask": true
    },
    "webapi_port": null,
    "webapi_url": "https://mriqc.nimh.nih.gov/api/v1"
  },
  "qi_1": -1.0,
  "qi_2": 0.0,
  "rpve_csf": 15.317125484893053,
  "rpve_gm": 9.353813211246317,
  "rpve_wm": 11.418798339120226,
  "size_x": 192,
  "size_y": 256,
  "size_z": 160,
  "snr_csf": 2.510105782362751,
  "snr_gm": 6.9774077648974195,
  "snr_total": 8.688687951412627,
  "snr_wm": 16.57855030697771,
  "snrd_csf": -1.0,
  "snrd_gm": -1.0,
  "snrd_total": -1.0,
  "snrd_wm": -1.0,
  "spacing_x": 1.0,
  "spacing_y": 1.0,
  "spacing_z": 0.9999996423721313,
  "summary_bg_k": 0.0,
  "summary_bg_mad": 0.0,
  "summary_bg_mean": 0.0,
  "summary_bg_median": 0.0,
  "summary_bg_n": 0.0,
  "summary_bg_p05": 0.0,
  "summary_bg_p95": 0.0,
  "summary_bg_stdv": 0.0,
  "summary_csf_k": 0.06914977864261518,
  "summary_csf_mad": 86.54878263241922,
  "summary_csf_mean": 213.49798644636925,
  "summary_csf_median": 210.58126094937325,
  "summary_csf_n": 6116.0,
  "summary_csf_p05": 80.8801814392209,
  "summary_csf_p95": 355.3189954906702,
  "summary_csf_stdv": 83.88652228193664,
  "summary_gm_k": 0.3218685742533389,
  "summary_gm_mad": 84.79896276582286,
  "summary_gm_mean": 615.2191275735821,
  "summary_gm_median": 615.674421697855,
  "summary_gm_n": 12775.0,
  "summary_gm_p05": 467.37328362464905,
  "summary_gm_p95": 757.8701104074717,
  "summary_gm_stdv": 88.23482088538576,
  "summary_wm_k": 0.8725440027216238,
  "summary_wm_mad": 55.725032674683604,
  "summary_wm_mean": 1001.6745313580834,
  "summary_wm_median": 1000.0226727128029,
  "summary_wm_n": 224798.0,
  "summary_wm_p05": 904.9002255648375,
  "summary_wm_p95": 1103.1571035981178,
  "summary_wm_stdv": 60.32013836697935,
  "tpm_overlap_csf": 0.10864463093911195,
  "tpm_overlap_gm": 0.3719329626044872,
  "tpm_overlap_wm": 0.46839741173182714,
  "wm2max": 0.8269829948571643
}