{
  "aor": 0.0019216619718309858,
  "aqi": 0.020303256619718307,
  "bids_meta": {
    "AcquisitionMatrixPE": 88,
    "AcquisitionNumber": 1,
    "AcquisitionTime": "09:26:54.365000",
    "BandwidthPerPixelPhaseEncode": 43.706,
    "BaseResolution": 88,
    "BodyPartExamined": "BRAIN",
    "ConsistencyInfo": "N4_VE11C_LATEST_20160120",
    "ConversionSoftware": "dcm2niix",
    "ConversionSoftwareVersion": "v1.0.20171215 (OpenJPEG build) GCC7.3.0",
    "DerivedVendorReportedEchoSpacing": 0.000520003,
    "DeviceSerialNumber": "66108",
    "DwellTime": 2.5e-06,
    "EchoTime": 0.026,
    "EchoTrainLength": 43,
    "EffectiveEchoSpacing": 0.000260002,
    "FlipAngle": 70,
    "ImageOrientationPatientDICOM": [
      0.997622,
      0.0639122,
      -0.0257967,
      -0.068186,
      0.969783,
      -0.234248
    ],
    "ImageType": [
      "ORIGINAL",
      "PRIMARY",
      "M",
      "ND",
      "NORM",
      "MOSAIC"
    ],
    "InPlanePhaseEncodingDirectionDICOM": "COL",
    "InstitutionAddress": "Huron_325_TORONTO_ONTARIO_CA_M5S_3G3",
    "InstitutionName": "University_of_Toronto",
    "InstitutionalDepartmentName": "Department",
    "MRAcquisitionType": "2D",
    "MagneticFieldStrength": 3,
    "Manufacturer": "Siemens",
    "ManufacturersModelName": "Prisma",
    "Modality": "MR",
    "MultibandAccelerationFactor": 2,
    "ParallelReductionFactorInPlane": 2,
    "PartialFourier": 1,
    "PatientPosition": "HFS",
    "PercentPhaseFOV": 100,
    "PhaseEncodingDirection": "j-",
    "PhaseEncodingSteps": 87,
    "PhaseResolution": 1,
    "PixelBandwidth": 2275,
    "ProcedureStepDescription": "Cunningham_Nathan",
    "ProtocolName": "ep2d_p2s2_run3",
    "PulseSequenceDetails": "%SiemensSeq%_ep2d_bold",
    "ReceiveCoilActiveElements": "HEA;HEP",
    "ReceiveCoilName": "Head_32",
    "ReconMatrixPE": 88,
    "RepetitionTime": 1.5,
    "SAR": 0.0683847,
    "ScanOptions": "FS",
    "ScanningSequence": "EP",
    "SequenceName": "_epfid2d1_88",
    "SequenceVariant": "SK",
    "SeriesDescription": "ep2d_p2s2_run3",
    "SeriesNumber": 8,
    "ShimSetting": [
      -1034,
      -6956,
      -6420,
      411,
      -56,
      149,
      -11,
      -62
    ],
    "SliceThickness": 2.5,
    "SliceTiming": [
      0.7125,
      0,
      0.7675,
      0.055,
      0.8225,
      0.11,
      0.8775,
      0.165,
      0.9325,
      0.22,
      0.9875,
      0.275,
      1.04,
      0.3275,
      1.095,
      0.3825,
      1.15,
      0.4375,
      1.205,
      0.4925,
      1.26,
      0.5475,
      1.315,
      0.6025,
      1.37,
      0.6575,
      1.425,
      0.7125,
      0,
      0.7675,
      0.055,
      0.8225,
      0.11,
      0.8775,
      0.165,
      0.9325,
      0.22,
      0.9875,
      0.275,
      1.04,
      0.3275,
      1.095,
      0.3825,
      1.15,
      0.4375,
      1.205,
      0.4925,
      1.26,
      0.5475,
      1.315,
      0.6025,
      1.37,
      0.6575,
      1.425
    ],
    "SoftwareVersions": "syngo_MR_E11",
    "SpacingBetweenSlices": 3,
    "StationName": "AWP66108",
    "TaskName": "roletrait",
    "TotalReadoutTime": 0.0226202,
    "TxRefAmp": 243.77,
    "dataset": "ds002294",
    "modality": "bold",
    "run_id": 3,
    "subject_id": "022",
    "task_id": "roletrait"
  },
  "dummy_trs": 0,
  "dvars_nstd": 33.14653185932207,
  "dvars_std": 1.1223943347457626,
  "dvars_vstd": 0.9713065409887001,
  "efc": 0.49952355518618036,
  "fber": 3608.998291015625,
  "fd_mean": 0.1455581019349922,
  "fd_num": 48,
  "fd_perc": 13.52112676056338,
  "fwhm_avg": 1.7322442222222223,
  "fwhm_x": 1.682892,
  "fwhm_y": 1.949044,
  "fwhm_z": 1.5647966666666668,
  "gcor": 0.00765042,
  "gsr_x": -0.009343157522380352,
  "gsr_y": 0.025558670982718468,
  "provenance": {
    "md5sum": "ca30da9d40e649fb1f64134114117a60",
    "settings": {
      "fd_thres": 0.2,
      "testing": false
    },
    "software": "mriqc",
    "version": "22.0.6",
    "webapi_port": null,
    "webapi_url": "https://mriqc.nimh.nih.gov/api/v1"
  },
  "size_t": 355,
  "size_x": 88,
  "size_y": 88,
  "size_z": 54,
  "snr": 6.9878530893532265,
  "spacing_tr": 1.5,
  "spacing_x": 2.5,
  "spacing_y": 2.5,
  "spacing_z": 3.0,
  "summary_bg_k": 10.50484076660151,
  "summary_bg_mad": 5.901174671189402,
  "summary_bg_mean": 27.280641555786133,
  "summary_bg_median": 7.0309858322143555,
  "summary_bg_n": 290664.0,
  "summary_bg_p05": 2.2760562896728516,
  "summary_bg_p95": 142.19154357910156,
  "summary_bg_stdv": 49.05048370361328,
  "summary_fg_k": 2.2260134291467777,
  "summary_fg_mad": 59.61105635348858,
  "summary_fg_mean": 428.10491943359375,
  "summary_fg_median": 424.0267333984375,
  "summary_fg_n": 65856.0,
  "summary_fg_p05": 345.3316879272461,
  "summary_fg_p95": 525.8957672119141,
  "summary_fg_stdv": 60.680084228515625,
  "tsnr": 40.17943675816059
}