{
  "aor": 0.0037763943661971834,
  "aqi": 0.018049652169014083,
  "bids_meta": {
    "AcquisitionMatrixPE": 88,
    "AcquisitionNumber": 1,
    "AcquisitionTime": "09:17:18.467500",
    "BandwidthPerPixelPhaseEncode": 43.706,
    "BaseResolution": 88,
    "BodyPartExamined": "BRAIN",
    "ConsistencyInfo": "N4_VE11C_LATEST_20160120",
    "ConversionSoftware": "dcm2niix",
    "ConversionSoftwareVersion": "v1.0.20171215 (OpenJPEG build) GCC7.3.0",
    "DerivedVendorReportedEchoSpacing": 0.000520003,
    "DeviceSerialNumber": "66108",
    "DwellTime": 2.5e-06,
    "EchoTime": 0.026,
    "EchoTrainLength": 43,
    "EffectiveEchoSpacing": 0.000260002,
    "FlipAngle": 70,
    "ImageOrientationPatientDICOM": [
      0.997622,
      0.0639122,
      -0.0257967,
      -0.068186,
      0.969783,
      -0.234248
    ],
    "ImageType": [
      "ORIGINAL",
      "PRIMARY",
      "M",
      "ND",
      "NORM",
      "MOSAIC"
    ],
    "InPlanePhaseEncodingDirectionDICOM": "COL",
    "InstitutionAddress": "Huron_325_TORONTO_ONTARIO_CA_M5S_3G3",
    "InstitutionName": "University_of_Toronto",
    "InstitutionalDepartmentName": "Department",
    "MRAcquisitionType": "2D",
    "MagneticFieldStrength": 3,
    "Manufacturer": "Siemens",
    "ManufacturersModelName": "Prisma",
    "Modality": "MR",
    "MultibandAccelerationFactor": 2,
    "ParallelReductionFactorInPlane": 2,
    "PartialFourier": 1,
    "PatientPosition": "HFS",
    "PercentPhaseFOV": 100,
    "PhaseEncodingDirection": "j-",
    "PhaseEncodingSteps": 87,
    "PhaseResolution": 1,
    "PixelBandwidth": 2275,
    "ProcedureStepDescription": "Cunningham_Nathan",
    "ProtocolName": "ep2d_p2s2_run2",
    "PulseSequenceDetails": "%SiemensSeq%_ep2d_bold",
    "ReceiveCoilActiveElements": "HEA;HEP",
    "ReceiveCoilName": "Head_32",
    "ReconMatrixPE": 88,
    "RepetitionTime": 1.5,
    "SAR": 0.0683847,
    "ScanOptions": "FS",
    "ScanningSequence": "EP",
    "SequenceName": "_epfid2d1_88",
    "SequenceVariant": "SK",
    "SeriesDescription": "ep2d_p2s2_run2",
    "SeriesNumber": 7,
    "ShimSetting": [
      -1034,
      -6956,
      -6420,
      411,
      -56,
      149,
      -11,
      -62
    ],
    "SliceThickness": 2.5,
    "SliceTiming": [
      0.7125,
      0,
      0.7675,
      0.055,
      0.8225,
      0.11,
      0.8775,
      0.165,
      0.9325,
      0.22,
      0.9875,
      0.275,
      1.0425,
      0.33,
      1.095,
      0.3825,
      1.15,
      0.4375,
      1.205,
      0.4925,
      1.26,
      0.5475,
      1.315,
      0.6025,
      1.37,
      0.6575,
      1.425,
      0.7125,
      0,
      0.7675,
      0.055,
      0.8225,
      0.11,
      0.8775,
      0.165,
      0.9325,
      0.22,
      0.9875,
      0.275,
      1.0425,
      0.33,
      1.095,
      0.3825,
      1.15,
      0.4375,
      1.205,
      0.4925,
      1.26,
      0.5475,
      1.315,
      0.6025,
      1.37,
      0.6575,
      1.425
    ],
    "SoftwareVersions": "syngo_MR_E11",
    "SpacingBetweenSlices": 3,
    "StationName": "AWP66108",
    "TaskName": "roletrait",
    "TotalReadoutTime": 0.0226202,
    "TxRefAmp": 243.77,
    "dataset": "ds002294",
    "modality": "bold",
    "run_id": 2,
    "subject_id": "022",
    "task_id": "roletrait"
  },
  "dummy_trs": 0,
  "dvars_nstd": 31.199546269858732,
  "dvars_std": 1.082244429971752,
  "dvars_vstd": 0.9846334092372884,
  "efc": 0.4983065001013275,
  "fber": 3695.546630859375,
  "fd_mean": 0.14713740310066883,
  "fd_num": 33,
  "fd_perc": 9.295774647887324,
  "fwhm_avg": 1.732394,
  "fwhm_x": 1.670276,
  "fwhm_y": 1.947136,
  "fwhm_z": 1.57977,
  "gcor": 0.00848749,
  "gsr_x": -0.00889688078314066,
  "gsr_y": 0.025570865720510483,
  "provenance": {
    "md5sum": "b36c2422d30b7e1dcb6a3d31a3b11d3b",
    "settings": {
      "fd_thres": 0.2,
      "testing": false
    },
    "software": "mriqc",
    "version": "22.0.6",
    "webapi_port": null,
    "webapi_url": "https://mriqc.nimh.nih.gov/api/v1"
  },
  "size_t": 355,
  "size_x": 88,
  "size_y": 88,
  "size_z": 54,
  "snr": 6.979998870068394,
  "spacing_tr": 1.5,
  "spacing_x": 2.5,
  "spacing_y": 2.5,
  "spacing_z": 3.0,
  "summary_bg_k": 11.117976988240637,
  "summary_bg_mad": 5.61718254539515,
  "summary_bg_mean": 26.78087043762207,
  "summary_bg_median": 6.904224872589111,
  "summary_bg_n": 290729.0,
  "summary_bg_p05": 2.4507040977478027,
  "summary_bg_p95": 139.76901245117188,
  "summary_bg_stdv": 48.81686782836914,
  "summary_fg_k": 2.378113378049121,
  "summary_fg_mad": 59.809412314362866,
  "summary_fg_mean": 428.16961669921875,
  "summary_fg_median": 424.61126708984375,
  "summary_fg_n": 65828.0,
  "summary_fg_p05": 346.0009826660156,
  "summary_fg_p95": 525.6863342285156,
  "summary_fg_stdv": 60.83210754394531,
  "tsnr": 41.56741740554571
}