{
  "bids_meta": {
    "AcquisitionMatrixPE": 192,
    "AcquisitionNumber": 1,
    "AcquisitionTime": "12:59:12.180000",
    "BaseResolution": 256,
    "BodyPartExamined": "BRAIN",
    "ConsistencyInfo": "N4_VE11C_LATEST_20160120",
    "ConversionSoftware": "dcm2niix",
    "ConversionSoftwareVersion": "v1.0.20171215 (OpenJPEG build) GCC7.3.0",
    "DeviceSerialNumber": "66108",
    "DwellTime": 7.5e-06,
    "EchoTime": 0.0024,
    "FlipAngle": 9,
    "ImageOrientationPatientDICOM": [
      0.998991,
      0.0345078,
      0.0287412,
      -0.0313946,
      0.994237,
      -0.102502
    ],
    "ImageType": [
      "ORIGINAL",
      "PRIMARY",
      "M",
      "ND",
      "NORM",
      "FM3",
      "2",
      "FIL"
    ],
    "InPlanePhaseEncodingDirectionDICOM": "ROW",
    "InstitutionAddress": "Huron_325_TORONTO_ONTARIO_CA_M5S_3G3",
    "InstitutionName": "University_of_Toronto",
    "InstitutionalDepartmentName": "Department",
    "InversionTime": 1.1,
    "MRAcquisitionType": "3D",
    "MagneticFieldStrength": 3,
    "Manufacturer": "Siemens",
    "ManufacturersModelName": "Prisma",
    "Modality": "MR",
    "ParallelReductionFactorInPlane": 2,
    "PartialFourier": 1,
    "PatientPosition": "HFS",
    "PercentPhaseFOV": 75,
    "PhaseEncodingSteps": 191,
    "PhaseResolution": 1,
    "PixelBandwidth": 260,
    "ProcedureStepDescription": "Cunningham_Nathan",
    "ProtocolName": "t1_mprage_tra_p2_iso",
    "PulseSequenceDetails": "%SiemensSeq%_tfl",
    "ReceiveCoilActiveElements": "HEA;HEP",
    "ReceiveCoilName": "Head_32",
    "ReconMatrixPE": 256,
    "RepetitionTime": 2,
    "SAR": 0.0517634,
    "ScanOptions": "IR",
    "ScanningSequence": "GR_IR",
    "SequenceName": "_tfl3d1_16",
    "SequenceVariant": "SK_SP_MP",
    "SeriesDescription": "t1_mprage_tra_p2_iso",
    "SeriesNumber": 12,
    "ShimSetting": [
      -1026,
      -6983,
      -6652,
      -33,
      -35,
      26,
      -37,
      -58
    ],
    "SliceThickness": 1,
    "SoftwareVersions": "syngo_MR_E11",
    "StationName": "AWP66108",
    "TxRefAmp": 261.108,
    "dataset": "ds002294",
    "modality": "T1w",
    "subject_id": "016"
  },
  "cjv": 0.3764637690967016,
  "cnr": 3.553704629664043,
  "efc": 0.8305216071377439,
  "fber": -1.0,
  "fwhm_avg": 4.205384543144791,
  "fwhm_x": 4.03204,
  "fwhm_y": 4.52466,
  "fwhm_z": 4.0594536294343735,
  "icvs_csf": 0.24508968876177908,
  "icvs_gm": 0.3711987837898245,
  "icvs_wm": 0.3837115274483964,
  "inu_med": 0.7974039018154144,
  "inu_range": 0.19136879742145518,
  "provenance": {
    "md5sum": "0dbd0591e82204b9378fff44ae28beb1",
    "settings": {
      "testing": false
    },
    "software": "mriqc",
    "version": "22.0.6",
    "warnings": {
      "large_rot_frame": true,
      "small_air_mask": true
    },
    "webapi_port": null,
    "webapi_url": "https://mriqc.nimh.nih.gov/api/v1"
  },
  "qi_1": -1.0,
  "qi_2": 0.0,
  "rpve_csf": 17.98689552273332,
  "rpve_gm": 10.784449146498027,
  "rpve_wm": 14.044646458462381,
  "size_x": 192,
  "size_y": 256,
  "size_z": 160,
  "snr_csf": 2.3922501208337548,
  "snr_gm": 6.558485530844473,
  "snr_total": 7.8093987758064785,
  "snr_wm": 14.47746067574121,
  "snrd_csf": -1.0,
  "snrd_gm": -1.0,
  "snrd_total": -1.0,
  "snrd_wm": -1.0,
  "spacing_x": 1.0,
  "spacing_y": 1.0,
  "spacing_z": 0.9999991059303284,
  "summary_bg_k": 0.0,
  "summary_bg_mad": 0.0,
  "summary_bg_mean": 0.0,
  "summary_bg_median": 0.0,
  "summary_bg_n": 0.0,
  "summary_bg_p05": 0.0,
  "summary_bg_p95": 0.0,
  "summary_bg_stdv": 0.0,
  "summary_csf_k": 0.774758320681296,
  "summary_csf_mad": 86.59216070991032,
  "summary_csf_mean": 216.94601216229552,
  "summary_csf_median": 208.72429541125894,
  "summary_csf_n": 3944.0,
  "summary_csf_p05": 81.29434820972384,
  "summary_csf_p95": 365.7223705131561,
  "summary_csf_stdv": 87.23913562609356,
  "summary_gm_k": 0.2845048425046284,
  "summary_gm_mad": 90.187737283359,
  "summary_gm_mean": 594.0541654599099,
  "summary_gm_median": 594.8785388320684,
  "summary_gm_n": 7583.0,
  "summary_gm_p05": 443.0432367786765,
  "summary_gm_p95": 738.4237511575221,
  "summary_gm_stdv": 90.69766339444288,
  "summary_wm_k": 0.7687222272955001,
  "summary_wm_mad": 62.33379474493998,
  "summary_wm_mean": 1002.6610977764745,
  "summary_wm_median": 1000.0211967676878,
  "summary_wm_n": 172281.0,
  "summary_wm_p05": 893.4403804391623,
  "summary_wm_p95": 1121.852050408721,
  "summary_wm_stdv": 69.0741502853682,
  "tpm_overlap_csf": 0.11655559801019473,
  "tpm_overlap_gm": 0.39589455295128817,
  "tpm_overlap_wm": 0.49666773842059386,
  "wm2max": 0.8291909423244571
}