{
  "aor": 0.0006244225352112676,
  "aqi": 0.011069210281690141,
  "bids_meta": {
    "AcquisitionMatrixPE": 88,
    "AcquisitionNumber": 1,
    "AcquisitionTime": "18:35:13.575000",
    "BandwidthPerPixelPhaseEncode": 43.706,
    "BaseResolution": 88,
    "BodyPartExamined": "BRAIN",
    "ConsistencyInfo": "N4_VE11C_LATEST_20160120",
    "ConversionSoftware": "dcm2niix",
    "ConversionSoftwareVersion": "v1.0.20171215 (OpenJPEG build) GCC7.3.0",
    "DerivedVendorReportedEchoSpacing": 0.000520003,
    "DeviceSerialNumber": "66108",
    "DwellTime": 2.5e-06,
    "EchoTime": 0.026,
    "EchoTrainLength": 43,
    "EffectiveEchoSpacing": 0.000260002,
    "FlipAngle": 70,
    "ImageOrientationPatientDICOM": [
      0.998221,
      0.0121537,
      0.058375,
      0.000696927,
      0.976561,
      -0.215239
    ],
    "ImageType": [
      "ORIGINAL",
      "PRIMARY",
      "M",
      "ND",
      "NORM",
      "MOSAIC"
    ],
    "InPlanePhaseEncodingDirectionDICOM": "COL",
    "InstitutionAddress": "Huron_325_TORONTO_ONTARIO_CA_M5S_3G3",
    "InstitutionName": "University_of_Toronto",
    "InstitutionalDepartmentName": "Department",
    "MRAcquisitionType": "2D",
    "MagneticFieldStrength": 3,
    "Manufacturer": "Siemens",
    "ManufacturersModelName": "Prisma",
    "Modality": "MR",
    "MultibandAccelerationFactor": 2,
    "ParallelReductionFactorInPlane": 2,
    "PartialFourier": 1,
    "PatientPosition": "HFS",
    "PercentPhaseFOV": 100,
    "PhaseEncodingDirection": "j-",
    "PhaseEncodingSteps": 87,
    "PhaseResolution": 1,
    "PixelBandwidth": 2275,
    "ProcedureStepDescription": "Cunningham_Nathan",
    "ProtocolName": "ep2d_p2s2_run3",
    "PulseSequenceDetails": "%SiemensSeq%_ep2d_bold",
    "ReceiveCoilActiveElements": "HEA;HEP",
    "ReceiveCoilName": "Head_32",
    "ReconMatrixPE": 88,
    "RepetitionTime": 1.5,
    "SAR": 0.0619837,
    "ScanOptions": "FS",
    "ScanningSequence": "EP",
    "SequenceName": "_epfid2d1_88",
    "SequenceVariant": "SK",
    "SeriesDescription": "ep2d_p2s2_run3",
    "SeriesNumber": 8,
    "ShimSetting": [
      -1022,
      -6984,
      -6403,
      364,
      -39,
      -172,
      -168,
      -93
    ],
    "SliceThickness": 2.5,
    "SliceTiming": [
      0.7125,
      0,
      0.7675,
      0.055,
      0.8225,
      0.11,
      0.8775,
      0.165,
      0.93,
      0.2175,
      0.985,
      0.2725,
      1.04,
      0.3275,
      1.095,
      0.3825,
      1.15,
      0.4375,
      1.205,
      0.4925,
      1.26,
      0.5475,
      1.315,
      0.6025,
      1.37,
      0.6575,
      1.425,
      0.7125,
      0,
      0.7675,
      0.055,
      0.8225,
      0.11,
      0.8775,
      0.165,
      0.93,
      0.2175,
      0.985,
      0.2725,
      1.04,
      0.3275,
      1.095,
      0.3825,
      1.15,
      0.4375,
      1.205,
      0.4925,
      1.26,
      0.5475,
      1.315,
      0.6025,
      1.37,
      0.6575,
      1.425
    ],
    "SoftwareVersions": "syngo_MR_E11",
    "SpacingBetweenSlices": 3,
    "StationName": "AWP66108",
    "TaskName": "roletrait",
    "TotalReadoutTime": 0.0226202,
    "TxRefAmp": 238.506,
    "dataset": "ds002294",
    "modality": "bold",
    "run_id": 3,
    "subject_id": "040",
    "task_id": "roletrait"
  },
  "dummy_trs": 0,
  "dvars_nstd": 34.84788039553675,
  "dvars_std": 1.3723583057062136,
  "dvars_vstd": 1.000984541694915,
  "efc": 0.4558762660347975,
  "fber": 3621.3173828125,
  "fd_mean": 0.087913511059349,
  "fd_num": 6,
  "fd_perc": 1.6901408450704225,
  "fwhm_avg": 1.5447462222222221,
  "fwhm_x": 1.520792,
  "fwhm_y": 1.68018,
  "fwhm_z": 1.4332666666666667,
  "gcor": 0.0195658,
  "gsr_x": -0.0067606596276164055,
  "gsr_y": 0.007773333229124546,
  "provenance": {
    "md5sum": "0635b222c26a9b9f993eb7714a8470c5",
    "settings": {
      "fd_thres": 0.2,
      "testing": false
    },
    "software": "mriqc",
    "version": "22.0.6",
    "webapi_port": null,
    "webapi_url": "https://mriqc.nimh.nih.gov/api/v1"
  },
  "size_t": 355,
  "size_x": 88,
  "size_y": 88,
  "size_z": 54,
  "snr": 7.368501691153855,
  "spacing_tr": 1.5,
  "spacing_x": 2.5,
  "spacing_y": 2.5,
  "spacing_z": 3.0,
  "summary_bg_k": 23.25067028192609,
  "summary_bg_mad": 6.051521697062077,
  "summary_bg_mean": 25.01807975769043,
  "summary_bg_median": 8.2788724899292,
  "summary_bg_n": 304089.0,
  "summary_bg_p05": 2.7211265563964844,
  "summary_bg_p95": 116.69520721435528,
  "summary_bg_stdv": 50.723228454589844,
  "summary_fg_k": 4.099688177907545,
  "summary_fg_mad": 60.61131967580342,
  "summary_fg_mean": 499.6425476074219,
  "summary_fg_median": 496.005615234375,
  "summary_fg_n": 55571.0,
  "summary_fg_p05": 411.88026428222656,
  "summary_fg_p95": 605.3140563964844,
  "summary_fg_stdv": 67.31370544433594,
  "tsnr": 59.89518818445504
}