{
  "aor": 0.0007386760563380282,
  "aqi": 0.013227512788732394,
  "bids_meta": {
    "AcquisitionMatrixPE": 88,
    "AcquisitionNumber": 1,
    "AcquisitionTime": "18:25:26.250000",
    "BandwidthPerPixelPhaseEncode": 43.706,
    "BaseResolution": 88,
    "BodyPartExamined": "BRAIN",
    "ConsistencyInfo": "N4_VE11C_LATEST_20160120",
    "ConversionSoftware": "dcm2niix",
    "ConversionSoftwareVersion": "v1.0.20171215 (OpenJPEG build) GCC7.3.0",
    "DerivedVendorReportedEchoSpacing": 0.000520003,
    "DeviceSerialNumber": "66108",
    "DwellTime": 2.5e-06,
    "EchoTime": 0.026,
    "EchoTrainLength": 43,
    "EffectiveEchoSpacing": 0.000260002,
    "FlipAngle": 70,
    "ImageOrientationPatientDICOM": [
      0.998221,
      0.0121537,
      0.058375,
      0.000696927,
      0.976561,
      -0.215239
    ],
    "ImageType": [
      "ORIGINAL",
      "PRIMARY",
      "M",
      "ND",
      "NORM",
      "MOSAIC"
    ],
    "InPlanePhaseEncodingDirectionDICOM": "COL",
    "InstitutionAddress": "Huron_325_TORONTO_ONTARIO_CA_M5S_3G3",
    "InstitutionName": "University_of_Toronto",
    "InstitutionalDepartmentName": "Department",
    "MRAcquisitionType": "2D",
    "MagneticFieldStrength": 3,
    "Manufacturer": "Siemens",
    "ManufacturersModelName": "Prisma",
    "Modality": "MR",
    "MultibandAccelerationFactor": 2,
    "ParallelReductionFactorInPlane": 2,
    "PartialFourier": 1,
    "PatientPosition": "HFS",
    "PercentPhaseFOV": 100,
    "PhaseEncodingDirection": "j-",
    "PhaseEncodingSteps": 87,
    "PhaseResolution": 1,
    "PixelBandwidth": 2275,
    "ProcedureStepDescription": "Cunningham_Nathan",
    "ProtocolName": "ep2d_p2s2_run2",
    "PulseSequenceDetails": "%SiemensSeq%_ep2d_bold",
    "ReceiveCoilActiveElements": "HEA;HEP",
    "ReceiveCoilName": "Head_32",
    "ReconMatrixPE": 88,
    "RepetitionTime": 1.5,
    "SAR": 0.0619837,
    "ScanOptions": "FS",
    "ScanningSequence": "EP",
    "SequenceName": "_epfid2d1_88",
    "SequenceVariant": "SK",
    "SeriesDescription": "ep2d_p2s2_run2",
    "SeriesNumber": 7,
    "ShimSetting": [
      -1022,
      -6984,
      -6403,
      364,
      -39,
      -172,
      -168,
      -93
    ],
    "SliceThickness": 2.5,
    "SliceTiming": [
      0.7125,
      0,
      0.7675,
      0.055,
      0.8225,
      0.11,
      0.8775,
      0.165,
      0.9325,
      0.22,
      0.9875,
      0.275,
      1.0425,
      0.33,
      1.0975,
      0.385,
      1.1525,
      0.4375,
      1.205,
      0.4925,
      1.26,
      0.5475,
      1.315,
      0.6025,
      1.37,
      0.6575,
      1.425,
      0.7125,
      0,
      0.7675,
      0.055,
      0.8225,
      0.11,
      0.8775,
      0.165,
      0.9325,
      0.22,
      0.9875,
      0.275,
      1.0425,
      0.33,
      1.0975,
      0.385,
      1.1525,
      0.4375,
      1.205,
      0.4925,
      1.26,
      0.5475,
      1.315,
      0.6025,
      1.37,
      0.6575,
      1.425
    ],
    "SoftwareVersions": "syngo_MR_E11",
    "SpacingBetweenSlices": 3,
    "StationName": "AWP66108",
    "TaskName": "roletrait",
    "TotalReadoutTime": 0.0226202,
    "TxRefAmp": 238.506,
    "dataset": "ds002294",
    "modality": "bold",
    "run_id": 2,
    "subject_id": "040",
    "task_id": "roletrait"
  },
  "dummy_trs": 0,
  "dvars_nstd": 34.6806600431356,
  "dvars_std": 1.3504694038418092,
  "dvars_vstd": 0.9956572607062142,
  "efc": 0.45566727884017133,
  "fber": 3680.2900390625,
  "fd_mean": 0.10852264778270987,
  "fd_num": 8,
  "fd_perc": 2.2535211267605635,
  "fwhm_avg": 1.5497062222222222,
  "fwhm_x": 1.539508,
  "fwhm_y": 1.6805240000000001,
  "fwhm_z": 1.4290866666666666,
  "gcor": 0.0132864,
  "gsr_x": -0.006876146420836449,
  "gsr_y": 0.007998938672244549,
  "provenance": {
    "md5sum": "fced73cb8170b1850e5496208974a65c",
    "settings": {
      "fd_thres": 0.2,
      "testing": false
    },
    "software": "mriqc",
    "version": "22.0.6",
    "webapi_port": null,
    "webapi_url": "https://mriqc.nimh.nih.gov/api/v1"
  },
  "size_t": 355,
  "size_x": 88,
  "size_y": 88,
  "size_z": 54,
  "snr": 7.37597144587411,
  "spacing_tr": 1.5,
  "spacing_x": 2.5,
  "spacing_y": 2.5,
  "spacing_z": 3.0,
  "summary_bg_k": 23.429567061993637,
  "summary_bg_mad": 6.072404583439619,
  "summary_bg_mean": 24.915752410888672,
  "summary_bg_median": 8.211267471313477,
  "summary_bg_n": 303922.0,
  "summary_bg_p05": 2.6563379764556885,
  "summary_bg_p95": 116.03915443420416,
  "summary_bg_stdv": 50.63616943359375,
  "summary_fg_k": 4.031731093412213,
  "summary_fg_mad": 60.34817226055596,
  "summary_fg_mean": 499.2196960449219,
  "summary_fg_median": 495.5182800292969,
  "summary_fg_n": 55611.0,
  "summary_fg_p05": 411.1591491699219,
  "summary_fg_p95": 604.4422302246094,
  "summary_fg_stdv": 67.1794662475586,
  "tsnr": 56.02141138049774
}