{
  "aor": 0.00042140845070422537,
  "aqi": 0.011216355183098591,
  "bids_meta": {
    "AcquisitionMatrixPE": 88,
    "AcquisitionNumber": 1,
    "AcquisitionTime": "18:54:8.222500",
    "BandwidthPerPixelPhaseEncode": 43.706,
    "BaseResolution": 88,
    "BodyPartExamined": "BRAIN",
    "ConsistencyInfo": "N4_VE11C_LATEST_20160120",
    "ConversionSoftware": "dcm2niix",
    "ConversionSoftwareVersion": "v1.0.20171215 (OpenJPEG build) GCC7.3.0",
    "DerivedVendorReportedEchoSpacing": 0.000520003,
    "DeviceSerialNumber": "66108",
    "DwellTime": 2.5e-06,
    "EchoTime": 0.026,
    "EchoTrainLength": 43,
    "EffectiveEchoSpacing": 0.000260002,
    "FlipAngle": 70,
    "ImageOrientationPatientDICOM": [
      0.998221,
      0.0121537,
      0.058375,
      0.000696927,
      0.976561,
      -0.215239
    ],
    "ImageType": [
      "ORIGINAL",
      "PRIMARY",
      "M",
      "ND",
      "NORM",
      "MOSAIC"
    ],
    "InPlanePhaseEncodingDirectionDICOM": "COL",
    "InstitutionAddress": "Huron_325_TORONTO_ONTARIO_CA_M5S_3G3",
    "InstitutionName": "University_of_Toronto",
    "InstitutionalDepartmentName": "Department",
    "MRAcquisitionType": "2D",
    "MagneticFieldStrength": 3,
    "Manufacturer": "Siemens",
    "ManufacturersModelName": "Prisma",
    "Modality": "MR",
    "MultibandAccelerationFactor": 2,
    "ParallelReductionFactorInPlane": 2,
    "PartialFourier": 1,
    "PatientPosition": "HFS",
    "PercentPhaseFOV": 100,
    "PhaseEncodingDirection": "j-",
    "PhaseEncodingSteps": 87,
    "PhaseResolution": 1,
    "PixelBandwidth": 2275,
    "ProcedureStepDescription": "Cunningham_Nathan",
    "ProtocolName": "ep2d_p2s2_run4",
    "PulseSequenceDetails": "%SiemensSeq%_ep2d_bold",
    "ReceiveCoilActiveElements": "HEA;HEP",
    "ReceiveCoilName": "Head_32",
    "ReconMatrixPE": 88,
    "RepetitionTime": 1.5,
    "SAR": 0.0619837,
    "ScanOptions": "FS",
    "ScanningSequence": "EP",
    "SequenceName": "_epfid2d1_88",
    "SequenceVariant": "SK",
    "SeriesDescription": "ep2d_p2s2_run4",
    "SeriesNumber": 11,
    "ShimSetting": [
      -1022,
      -6984,
      -6403,
      364,
      -39,
      -172,
      -168,
      -93
    ],
    "SliceThickness": 2.5,
    "SliceTiming": [
      0.7125,
      0,
      0.7675,
      0.055,
      0.8225,
      0.11,
      0.875,
      0.1625,
      0.93,
      0.2175,
      0.985,
      0.2725,
      1.04,
      0.3275,
      1.095,
      0.3825,
      1.15,
      0.4375,
      1.205,
      0.4925,
      1.26,
      0.5475,
      1.315,
      0.6025,
      1.37,
      0.6575,
      1.425,
      0.7125,
      0,
      0.7675,
      0.055,
      0.8225,
      0.11,
      0.875,
      0.1625,
      0.93,
      0.2175,
      0.985,
      0.2725,
      1.04,
      0.3275,
      1.095,
      0.3825,
      1.15,
      0.4375,
      1.205,
      0.4925,
      1.26,
      0.5475,
      1.315,
      0.6025,
      1.37,
      0.6575,
      1.425
    ],
    "SoftwareVersions": "syngo_MR_E11",
    "SpacingBetweenSlices": 3,
    "StationName": "AWP66108",
    "TaskName": "roletrait",
    "TotalReadoutTime": 0.0226202,
    "TxRefAmp": 238.506,
    "dataset": "ds002294",
    "modality": "bold",
    "run_id": 4,
    "subject_id": "040",
    "task_id": "roletrait"
  },
  "dummy_trs": 0,
  "dvars_nstd": 35.158963979491524,
  "dvars_std": 1.3859394453389837,
  "dvars_vstd": 1.0033621587005659,
  "efc": 0.4575528012699568,
  "fber": 3500.947509765625,
  "fd_mean": 0.09229577966633301,
  "fd_num": 9,
  "fd_perc": 2.535211267605634,
  "fwhm_avg": 1.5462604444444443,
  "fwhm_x": 1.52522,
  "fwhm_y": 1.680168,
  "fwhm_z": 1.4333933333333333,
  "gcor": 0.0265404,
  "gsr_x": -0.0071808272041380405,
  "gsr_y": 0.008548876270651817,
  "provenance": {
    "md5sum": "2304a3873821592b59113c5dbe0b5033",
    "settings": {
      "fd_thres": 0.2,
      "testing": false
    },
    "software": "mriqc",
    "version": "22.0.6",
    "webapi_port": null,
    "webapi_url": "https://mriqc.nimh.nih.gov/api/v1"
  },
  "size_t": 355,
  "size_x": 88,
  "size_y": 88,
  "size_z": 54,
  "snr": 7.399973437361898,
  "spacing_tr": 1.5,
  "spacing_x": 2.5,
  "spacing_y": 2.5,
  "spacing_z": 3.0,
  "summary_bg_k": 23.426248546248704,
  "summary_bg_mad": 6.226929034939597,
  "summary_bg_mean": 25.528371810913086,
  "summary_bg_median": 8.430985450744629,
  "summary_bg_n": 304074.0,
  "summary_bg_p05": 2.797183036804199,
  "summary_bg_p95": 119.59914894103991,
  "summary_bg_stdv": 51.57880783081055,
  "summary_fg_k": 4.208766447560563,
  "summary_fg_mad": 60.26046399637832,
  "summary_fg_mean": 499.996337890625,
  "summary_fg_median": 496.51123046875,
  "summary_fg_n": 55528.0,
  "summary_fg_p05": 411.9456100463867,
  "summary_fg_p95": 605.1059112548827,
  "summary_fg_stdv": 67.09574890136719,
  "tsnr": 59.382605189457536
}