{
  "bids_meta": {
    "AcquisitionMatrixPE": 192,
    "AcquisitionNumber": 1,
    "AcquisitionTime": "09:53:0.967500",
    "BaseResolution": 256,
    "BodyPartExamined": "BRAIN",
    "ConsistencyInfo": "N4_VE11C_LATEST_20160120",
    "ConversionSoftware": "dcm2niix",
    "ConversionSoftwareVersion": "v1.0.20171215 (OpenJPEG build) GCC7.3.0",
    "DeviceSerialNumber": "66108",
    "DwellTime": 7.5e-06,
    "EchoTime": 0.0024,
    "FlipAngle": 9,
    "ImageOrientationPatientDICOM": [
      0.986817,
      0.16063,
      -0.0197367,
      -0.161598,
      0.984642,
      -0.0660797
    ],
    "ImageType": [
      "ORIGINAL",
      "PRIMARY",
      "M",
      "ND",
      "NORM",
      "FM3",
      "2",
      "FIL"
    ],
    "InPlanePhaseEncodingDirectionDICOM": "ROW",
    "InstitutionAddress": "Huron_325_TORONTO_ONTARIO_CA_M5S_3G3",
    "InstitutionName": "University_of_Toronto",
    "InstitutionalDepartmentName": "Department",
    "InversionTime": 1.1,
    "MRAcquisitionType": "3D",
    "MagneticFieldStrength": 3,
    "Manufacturer": "Siemens",
    "ManufacturersModelName": "Prisma",
    "Modality": "MR",
    "ParallelReductionFactorInPlane": 2,
    "PartialFourier": 1,
    "PatientPosition": "HFS",
    "PercentPhaseFOV": 75,
    "PhaseEncodingSteps": 191,
    "PhaseResolution": 1,
    "PixelBandwidth": 260,
    "ProcedureStepDescription": "Cunningham_Nathan",
    "ProtocolName": "t1_mprage_tra_p2_iso",
    "PulseSequenceDetails": "%SiemensSeq%_tfl",
    "ReceiveCoilActiveElements": "HEA;HEP",
    "ReceiveCoilName": "Head_32",
    "ReconMatrixPE": 256,
    "RepetitionTime": 2,
    "SAR": 0.0489232,
    "ScanOptions": "IR",
    "ScanningSequence": "GR_IR",
    "SequenceName": "_tfl3d1_16",
    "SequenceVariant": "SK_SP_MP",
    "SeriesDescription": "t1_mprage_tra_p2_iso",
    "SeriesNumber": 12,
    "ShimSetting": [
      -1026,
      -6983,
      -6652,
      -33,
      -35,
      26,
      -37,
      -58
    ],
    "SliceThickness": 1,
    "SoftwareVersions": "syngo_MR_E11",
    "StationName": "AWP66108",
    "TxRefAmp": 220.095,
    "dataset": "ds002294",
    "modality": "T1w",
    "subject_id": "004"
  },
  "cjv": 0.34812850085003383,
  "cnr": 3.759179603669571,
  "efc": 0.8353987428228768,
  "fber": 1491.2831316340776,
  "fwhm_avg": 3.7851334078214607,
  "fwhm_x": 3.49871,
  "fwhm_y": 4.10758,
  "fwhm_z": 3.749110223464383,
  "icvs_csf": 0.25453902427925085,
  "icvs_gm": 0.3605021051129315,
  "icvs_wm": 0.3849588706078177,
  "inu_med": 0.7577496767044067,
  "inu_range": 0.22978509068489072,
  "provenance": {
    "md5sum": "0b77807e8827a0f9570f9d262809663e",
    "settings": {
      "testing": false
    },
    "software": "mriqc",
    "version": "22.0.6",
    "warnings": {
      "large_rot_frame": true,
      "small_air_mask": true
    },
    "webapi_port": null,
    "webapi_url": "https://mriqc.nimh.nih.gov/api/v1"
  },
  "qi_1": -1.0,
  "qi_2": 0.0,
  "rpve_csf": 18.12846909909448,
  "rpve_gm": 11.339944647413722,
  "rpve_wm": 14.453727954005787,
  "size_x": 192,
  "size_y": 256,
  "size_z": 160,
  "snr_csf": 2.4221000390434084,
  "snr_gm": 7.535153007071866,
  "snr_total": 9.394383081687458,
  "snr_wm": 18.2258961989471,
  "snrd_csf": -1.0,
  "snrd_gm": -1.0,
  "snrd_total": -1.0,
  "snrd_wm": -1.0,
  "spacing_x": 1.0,
  "spacing_y": 1.0,
  "spacing_z": 0.9999999403953552,
  "summary_bg_k": 0.0,
  "summary_bg_mad": 0.0,
  "summary_bg_mean": 0.0,
  "summary_bg_median": 0.0,
  "summary_bg_n": 0.0,
  "summary_bg_p05": 0.0,
  "summary_bg_p95": 0.0,
  "summary_bg_stdv": 0.0,
  "summary_csf_k": 0.3607304182402711,
  "summary_csf_mad": 86.07909889156556,
  "summary_csf_mean": 214.88901474515777,
  "summary_csf_median": 211.08876198530197,
  "summary_csf_n": 7347.0,
  "summary_csf_p05": 80.160968542099,
  "summary_csf_p95": 363.514432311058,
  "summary_csf_stdv": 87.1452014577191,
  "summary_gm_k": 0.42080834292765745,
  "summary_gm_mad": 79.41683517296539,
  "summary_gm_mean": 622.9690935222336,
  "summary_gm_median": 625.821617692709,
  "summary_gm_n": 11397.0,
  "summary_gm_p05": 481.84218060970306,
  "summary_gm_p95": 755.18446585536,
  "summary_gm_stdv": 83.0499607587799,
  "summary_wm_k": 0.5829952437031714,
  "summary_wm_mad": 50.845336041456136,
  "summary_wm_mean": 999.7846702948837,
  "summary_wm_median": 1000.0000342726707,
  "summary_wm_n": 173245.0,
  "summary_wm_p05": 908.2495281100273,
  "summary_wm_p95": 1090.029100626707,
  "summary_wm_stdv": 54.86682999105404,
  "tpm_overlap_csf": 0.1140514588389995,
  "tpm_overlap_gm": 0.38164084330241127,
  "tpm_overlap_wm": 0.48283580605988125,
  "wm2max": 0.8583929839375156
}