{
  "bids_meta": {
    "AcquisitionMatrixPE": 192,
    "AcquisitionNumber": 1,
    "AcquisitionTime": "10:00:13.930000",
    "BaseResolution": 256,
    "BodyPartExamined": "BRAIN",
    "ConsistencyInfo": "N4_VE11C_LATEST_20160120",
    "ConversionSoftware": "dcm2niix",
    "ConversionSoftwareVersion": "v1.0.20171215 (OpenJPEG build) GCC7.3.0",
    "DeviceSerialNumber": "66108",
    "DwellTime": 7.5e-06,
    "EchoTime": 0.0024,
    "FlipAngle": 9,
    "ImageOrientationPatientDICOM": [
      0.997884,
      0.0548464,
      -0.0349315,
      -0.0575376,
      0.995021,
      -0.0813739
    ],
    "ImageType": [
      "ORIGINAL",
      "PRIMARY",
      "M",
      "ND",
      "NORM",
      "FM3",
      "2",
      "FIL"
    ],
    "InPlanePhaseEncodingDirectionDICOM": "ROW",
    "InstitutionAddress": "Huron_325_TORONTO_ONTARIO_CA_M5S_3G3",
    "InstitutionName": "University_of_Toronto",
    "InstitutionalDepartmentName": "Department",
    "InversionTime": 1.1,
    "MRAcquisitionType": "3D",
    "MagneticFieldStrength": 3,
    "Manufacturer": "Siemens",
    "ManufacturersModelName": "Prisma",
    "Modality": "MR",
    "ParallelReductionFactorInPlane": 2,
    "PartialFourier": 1,
    "PatientPosition": "HFS",
    "PercentPhaseFOV": 75,
    "PhaseEncodingSteps": 191,
    "PhaseResolution": 1,
    "PixelBandwidth": 260,
    "ProcedureStepDescription": "Cunningham_Nathan",
    "ProtocolName": "t1_mprage_tra_p2_iso",
    "PulseSequenceDetails": "%SiemensSeq%_tfl",
    "ReceiveCoilActiveElements": "HEA;HEP",
    "ReceiveCoilName": "Head_32",
    "ReconMatrixPE": 256,
    "RepetitionTime": 2,
    "SAR": 0.0540509,
    "ScanOptions": "IR",
    "ScanningSequence": "GR_IR",
    "SequenceName": "_tfl3d1_16",
    "SequenceVariant": "SK_SP_MP",
    "SeriesDescription": "t1_mprage_tra_p2_iso",
    "SeriesNumber": 12,
    "ShimSetting": [
      -1026,
      -6983,
      -6652,
      -33,
      -35,
      26,
      -37,
      -58
    ],
    "SliceThickness": 1,
    "SoftwareVersions": "syngo_MR_E11",
    "StationName": "AWP66108",
    "TxRefAmp": 263.891,
    "dataset": "ds002294",
    "modality": "T1w",
    "subject_id": "032"
  },
  "cjv": 0.3777810371654928,
  "cnr": 3.4471273796782853,
  "efc": 0.8352911412013906,
  "fber": -1.0,
  "fwhm_avg": 3.9313178013821655,
  "fwhm_x": 3.85877,
  "fwhm_y": 4.12771,
  "fwhm_z": 3.807473404146496,
  "icvs_csf": 0.24972030290419833,
  "icvs_gm": 0.3637876219066061,
  "icvs_wm": 0.3864920751891956,
  "inu_med": 0.7964109778404236,
  "inu_range": 0.2428511381149293,
  "provenance": {
    "md5sum": "bf2beaa29be62f5444b1ce4b18fa7960",
    "settings": {
      "testing": false
    },
    "software": "mriqc",
    "version": "22.0.6",
    "warnings": {
      "large_rot_frame": true,
      "small_air_mask": true
    },
    "webapi_port": null,
    "webapi_url": "https://mriqc.nimh.nih.gov/api/v1"
  },
  "qi_1": -1.0,
  "qi_2": 0.0,
  "rpve_csf": 16.82462810918896,
  "rpve_gm": 10.360447754173336,
  "rpve_wm": 13.033351720910018,
  "size_x": 192,
  "size_y": 256,
  "size_z": 160,
  "snr_csf": 2.458755195855605,
  "snr_gm": 6.989509535467178,
  "snr_total": 8.35930887569288,
  "snr_wm": 15.62966189575586,
  "snrd_csf": -1.0,
  "snrd_gm": -1.0,
  "snrd_total": -1.0,
  "snrd_wm": -1.0,
  "spacing_x": 1.0,
  "spacing_y": 1.0,
  "spacing_z": 0.9999991059303284,
  "summary_bg_k": 0.0,
  "summary_bg_mad": 0.0,
  "summary_bg_mean": 0.0,
  "summary_bg_median": 0.0,
  "summary_bg_n": 0.0,
  "summary_bg_p05": 0.0,
  "summary_bg_p95": 0.0,
  "summary_bg_stdv": 0.0,
  "summary_csf_k": 0.5516203418733112,
  "summary_csf_mad": 85.88017110512928,
  "summary_csf_mean": 218.15825086991657,
  "summary_csf_median": 215.19681475684047,
  "summary_csf_n": 7149.0,
  "summary_csf_p05": 80.86224904619158,
  "summary_csf_p95": 364.9110720936207,
  "summary_csf_stdv": 87.51654648655708,
  "summary_gm_k": 0.3569954764860461,
  "summary_gm_mad": 85.54125961694803,
  "summary_gm_mean": 619.9780120235355,
  "summary_gm_median": 622.1368717253208,
  "summary_gm_n": 16293.0,
  "summary_gm_p05": 469.3000432290137,
  "summary_gm_p95": 760.7644012995064,
  "summary_gm_stdv": 89.00735825930525,
  "summary_wm_k": 1.1199923181177018,
  "summary_wm_mad": 57.20825920499536,
  "summary_wm_mean": 1001.2115469946059,
  "summary_wm_median": 999.9999849535525,
  "summary_wm_n": 193189.0,
  "summary_wm_p05": 898.102670160681,
  "summary_wm_p95": 1106.8897561244667,
  "summary_wm_stdv": 63.98074401613955,
  "tpm_overlap_csf": 0.1120803580193993,
  "tpm_overlap_gm": 0.37462336608790964,
  "tpm_overlap_wm": 0.4719534363254424,
  "wm2max": 0.8246027407588924
}