{
  "bids_meta": {
    "AcquisitionMatrixPE": 192,
    "AcquisitionNumber": 1,
    "AcquisitionTime": "19:03:39.642500",
    "BaseResolution": 256,
    "BodyPartExamined": "BRAIN",
    "ConsistencyInfo": "N4_VE11C_LATEST_20160120",
    "ConversionSoftware": "dcm2niix",
    "ConversionSoftwareVersion": "v1.0.20171215 (OpenJPEG build) GCC7.3.0",
    "DeviceSerialNumber": "66108",
    "DwellTime": 7.5e-06,
    "EchoTime": 0.0024,
    "FlipAngle": 9,
    "ImageOrientationPatientDICOM": [
      0.998242,
      0.0136941,
      0.0576635,
      0.000696904,
      0.970161,
      -0.242461
    ],
    "ImageType": [
      "ORIGINAL",
      "PRIMARY",
      "M",
      "ND",
      "NORM",
      "FM3",
      "2",
      "FIL"
    ],
    "InPlanePhaseEncodingDirectionDICOM": "ROW",
    "InstitutionAddress": "Huron_325_TORONTO_ONTARIO_CA_M5S_3G3",
    "InstitutionName": "University_of_Toronto",
    "InstitutionalDepartmentName": "Department",
    "InversionTime": 1.1,
    "MRAcquisitionType": "3D",
    "MagneticFieldStrength": 3,
    "Manufacturer": "Siemens",
    "ManufacturersModelName": "Prisma",
    "Modality": "MR",
    "ParallelReductionFactorInPlane": 2,
    "PartialFourier": 1,
    "PatientPosition": "HFS",
    "PercentPhaseFOV": 75,
    "PhaseEncodingSteps": 191,
    "PhaseResolution": 1,
    "PixelBandwidth": 260,
    "ProcedureStepDescription": "Cunningham_Nathan",
    "ProtocolName": "t1_mprage_tra_p2_iso",
    "PulseSequenceDetails": "%SiemensSeq%_tfl",
    "ReceiveCoilActiveElements": "HEA;HEP",
    "ReceiveCoilName": "Head_32",
    "ReconMatrixPE": 256,
    "RepetitionTime": 2,
    "SAR": 0.0532635,
    "ScanOptions": "IR",
    "ScanningSequence": "GR_IR",
    "SequenceName": "_tfl3d1_16",
    "SequenceVariant": "SK_SP_MP",
    "SeriesDescription": "t1_mprage_tra_p2_iso",
    "SeriesNumber": 12,
    "ShimSetting": [
      -1026,
      -6983,
      -6652,
      -33,
      -35,
      26,
      -37,
      -58
    ],
    "SliceThickness": 1,
    "SoftwareVersions": "syngo_MR_E11",
    "StationName": "AWP66108",
    "TxRefAmp": 238.506,
    "dataset": "ds002294",
    "modality": "T1w",
    "subject_id": "040"
  },
  "cjv": 0.3541898102402357,
  "cnr": 3.6933582018709545,
  "efc": 0.8541860431921416,
  "fber": -1.0,
  "fwhm_avg": 3.7218817184942847,
  "fwhm_x": 3.54051,
  "fwhm_y": 3.96264,
  "fwhm_z": 3.6624951554828544,
  "icvs_csf": 0.22030260340627,
  "icvs_gm": 0.39324905807330807,
  "icvs_wm": 0.38644833852042193,
  "inu_med": 0.6720584034919739,
  "inu_range": 0.1769572168588638,
  "provenance": {
    "md5sum": "9ca070e7ff1f9290ded5264925db1439",
    "settings": {
      "testing": false
    },
    "software": "mriqc",
    "version": "22.0.6",
    "warnings": {
      "large_rot_frame": true,
      "small_air_mask": true
    },
    "webapi_port": null,
    "webapi_url": "https://mriqc.nimh.nih.gov/api/v1"
  },
  "qi_1": -1.0,
  "qi_2": 0.0,
  "rpve_csf": 20.494934046524115,
  "rpve_gm": 11.075150875421649,
  "rpve_wm": 14.489469304201318,
  "size_x": 192,
  "size_y": 256,
  "size_z": 160,
  "snr_csf": 2.738654553770501,
  "snr_gm": 8.121640006997758,
  "snr_total": 9.926328814910516,
  "snr_wm": 18.918691883963287,
  "snrd_csf": -1.0,
  "snrd_gm": -1.0,
  "snrd_total": -1.0,
  "snrd_wm": -1.0,
  "spacing_x": 1.0,
  "spacing_y": 1.0,
  "spacing_z": 1.0000040531158447,
  "summary_bg_k": 0.0,
  "summary_bg_mad": 0.0,
  "summary_bg_mean": 0.0,
  "summary_bg_median": 0.0,
  "summary_bg_n": 0.0,
  "summary_bg_p05": 0.0,
  "summary_bg_p95": 0.0,
  "summary_bg_stdv": 0.0,
  "summary_csf_k": 0.532398061940349,
  "summary_csf_mad": 82.30512751298564,
  "summary_csf_mean": 229.17411954138208,
  "summary_csf_median": 228.9496147306636,
  "summary_csf_n": 5900.0,
  "summary_csf_p05": 93.55543183162808,
  "summary_csf_p95": 366.2445192597807,
  "summary_csf_stdv": 83.59221906375384,
  "summary_gm_k": 0.3996471482175359,
  "summary_gm_mad": 76.3700321594551,
  "summary_gm_mean": 645.6798360823279,
  "summary_gm_median": 646.9316103961319,
  "summary_gm_n": 16056.0,
  "summary_gm_p05": 511.7755375918932,
  "summary_gm_p95": 774.2321296362206,
  "summary_gm_stdv": 79.65281192266295,
  "summary_wm_k": 0.7925399868158021,
  "summary_wm_mad": 48.68319773103739,
  "summary_wm_mean": 1000.5890828737702,
  "summary_wm_median": 1000.000011222437,
  "summary_wm_n": 167340.0,
  "summary_wm_p05": 915.1111629721709,
  "summary_wm_p95": 1087.9239833448082,
  "summary_wm_stdv": 52.85761983030308,
  "tpm_overlap_csf": 0.12418916579995504,
  "tpm_overlap_gm": 0.4109135371545248,
  "tpm_overlap_wm": 0.4859323841255611,
  "wm2max": 0.8580247101374014
}