{
  "aor": 0.0004097183098591548,
  "aqi": 0.010719049943661971,
  "bids_meta": {
    "AcquisitionMatrixPE": 88,
    "AcquisitionNumber": 1,
    "AcquisitionTime": "11:16:22.917500",
    "BandwidthPerPixelPhaseEncode": 43.706,
    "BaseResolution": 88,
    "BodyPartExamined": "BRAIN",
    "ConsistencyInfo": "N4_VE11C_LATEST_20160120",
    "ConversionSoftware": "dcm2niix",
    "ConversionSoftwareVersion": "v1.0.20171215 (OpenJPEG build) GCC7.3.0",
    "DerivedVendorReportedEchoSpacing": 0.000520003,
    "DeviceSerialNumber": "66108",
    "DwellTime": 2.5e-06,
    "EchoTime": 0.026,
    "EchoTrainLength": 43,
    "EffectiveEchoSpacing": 0.000260002,
    "FlipAngle": 70,
    "ImageOrientationPatientDICOM": [
      0.99847,
      -0.0516275,
      0.0198074,
      0.0523276,
      0.997958,
      -0.036625
    ],
    "ImageType": [
      "ORIGINAL",
      "PRIMARY",
      "M",
      "ND",
      "NORM",
      "MOSAIC"
    ],
    "InPlanePhaseEncodingDirectionDICOM": "COL",
    "InstitutionAddress": "Huron_325_TORONTO_ONTARIO_CA_M5S_3G3",
    "InstitutionName": "University_of_Toronto",
    "InstitutionalDepartmentName": "Department",
    "MRAcquisitionType": "2D",
    "MagneticFieldStrength": 3,
    "Manufacturer": "Siemens",
    "ManufacturersModelName": "Prisma",
    "Modality": "MR",
    "MultibandAccelerationFactor": 2,
    "ParallelReductionFactorInPlane": 2,
    "PartialFourier": 1,
    "PatientPosition": "HFS",
    "PercentPhaseFOV": 100,
    "PhaseEncodingDirection": "j-",
    "PhaseEncodingSteps": 87,
    "PhaseResolution": 1,
    "PixelBandwidth": 2275,
    "ProcedureStepDescription": "Cunningham_Nathan",
    "ProtocolName": "ep2d_p2s2_run2",
    "PulseSequenceDetails": "%SiemensSeq%_ep2d_bold",
    "ReceiveCoilActiveElements": "HEA;HEP",
    "ReceiveCoilName": "Head_32",
    "ReconMatrixPE": 88,
    "RepetitionTime": 1.5,
    "SAR": 0.0601078,
    "ScanOptions": "FS",
    "ScanningSequence": "EP",
    "SequenceName": "_epfid2d1_88",
    "SequenceVariant": "SK",
    "SeriesDescription": "ep2d_p2s2_run2",
    "SeriesNumber": 7,
    "ShimSetting": [
      -1005,
      -7032,
      -6407,
      271,
      49,
      -85,
      -89,
      -63
    ],
    "SliceThickness": 2.5,
    "SliceTiming": [
      0.7125,
      0,
      0.7675,
      0.055,
      0.8225,
      0.11,
      0.8775,
      0.165,
      0.9325,
      0.22,
      0.9875,
      0.275,
      1.04,
      0.3275,
      1.095,
      0.3825,
      1.15,
      0.4375,
      1.205,
      0.4925,
      1.26,
      0.5475,
      1.315,
      0.6025,
      1.37,
      0.6575,
      1.425,
      0.7125,
      0,
      0.7675,
      0.055,
      0.8225,
      0.11,
      0.8775,
      0.165,
      0.9325,
      0.22,
      0.9875,
      0.275,
      1.04,
      0.3275,
      1.095,
      0.3825,
      1.15,
      0.4375,
      1.205,
      0.4925,
      1.26,
      0.5475,
      1.315,
      0.6025,
      1.37,
      0.6575,
      1.425
    ],
    "SoftwareVersions": "syngo_MR_E11",
    "SpacingBetweenSlices": 3,
    "StationName": "AWP66108",
    "TaskName": "roletrait",
    "TotalReadoutTime": 0.0226202,
    "TxRefAmp": 254.988,
    "dataset": "ds002294",
    "modality": "bold",
    "run_id": 2,
    "subject_id": "037",
    "task_id": "roletrait"
  },
  "dummy_trs": 0,
  "dvars_nstd": 33.553278815084774,
  "dvars_std": 1.2464252765819204,
  "dvars_vstd": 0.9890829237005653,
  "efc": 0.4829265593017724,
  "fber": 3757.728515625,
  "fd_mean": 0.06701635767186809,
  "fd_num": 0,
  "fd_perc": 0.0,
  "fwhm_avg": 1.6516515555555553,
  "fwhm_x": 1.6083839999999998,
  "fwhm_y": 1.8395839999999999,
  "fwhm_z": 1.5069866666666665,
  "gcor": 0.00835009,
  "gsr_x": -0.005775691941380501,
  "gsr_y": 0.015472316183149815,
  "provenance": {
    "md5sum": "1a02ca6c40c43a026781f1b816e82973",
    "settings": {
      "fd_thres": 0.2,
      "testing": false
    },
    "software": "mriqc",
    "version": "22.0.6",
    "webapi_port": null,
    "webapi_url": "https://mriqc.nimh.nih.gov/api/v1"
  },
  "size_t": 355,
  "size_x": 88,
  "size_y": 88,
  "size_z": 54,
  "snr": 6.434589857289109,
  "spacing_tr": 1.5,
  "spacing_x": 2.5,
  "spacing_y": 2.5,
  "spacing_z": 3.0,
  "summary_bg_k": 11.277167998864575,
  "summary_bg_mad": 5.838529546855916,
  "summary_bg_mean": 28.0057373046875,
  "summary_bg_median": 7.188732147216797,
  "summary_bg_n": 299231.0,
  "summary_bg_p05": 2.4619717597961426,
  "summary_bg_p95": 146.33661651611328,
  "summary_bg_stdv": 51.05508041381836,
  "summary_fg_k": 2.1300810385307534,
  "summary_fg_mad": 68.75934276294885,
  "summary_fg_mean": 445.62713623046875,
  "summary_fg_median": 441.8126525878906,
  "summary_fg_n": 57800.0,
  "summary_fg_p05": 351.9737945556641,
  "summary_fg_p95": 553.70703125,
  "summary_fg_stdv": 68.66153717041016,
  "tsnr": 50.81869635684416
}