{
  "aor": 0.0010842816901408452,
  "aqi": 0.01664572166197183,
  "bids_meta": {
    "AcquisitionMatrixPE": 88,
    "AcquisitionNumber": 1,
    "AcquisitionTime": "11:35:53.885000",
    "BandwidthPerPixelPhaseEncode": 43.706,
    "BaseResolution": 88,
    "BodyPartExamined": "BRAIN",
    "ConsistencyInfo": "N4_VE11C_LATEST_20160120",
    "ConversionSoftware": "dcm2niix",
    "ConversionSoftwareVersion": "v1.0.20171215 (OpenJPEG build) GCC7.3.0",
    "DerivedVendorReportedEchoSpacing": 0.000520003,
    "DeviceSerialNumber": "66108",
    "DwellTime": 2.5e-06,
    "EchoTime": 0.026,
    "EchoTrainLength": 43,
    "EffectiveEchoSpacing": 0.000260002,
    "FlipAngle": 70,
    "ImageOrientationPatientDICOM": [
      0.99847,
      -0.0516275,
      0.0198074,
      0.0523276,
      0.997958,
      -0.036625
    ],
    "ImageType": [
      "ORIGINAL",
      "PRIMARY",
      "M",
      "ND",
      "NORM",
      "MOSAIC"
    ],
    "InPlanePhaseEncodingDirectionDICOM": "COL",
    "InstitutionAddress": "Huron_325_TORONTO_ONTARIO_CA_M5S_3G3",
    "InstitutionName": "University_of_Toronto",
    "InstitutionalDepartmentName": "Department",
    "MRAcquisitionType": "2D",
    "MagneticFieldStrength": 3,
    "Manufacturer": "Siemens",
    "ManufacturersModelName": "Prisma",
    "Modality": "MR",
    "MultibandAccelerationFactor": 2,
    "ParallelReductionFactorInPlane": 2,
    "PartialFourier": 1,
    "PatientPosition": "HFS",
    "PercentPhaseFOV": 100,
    "PhaseEncodingDirection": "j-",
    "PhaseEncodingSteps": 87,
    "PhaseResolution": 1,
    "PixelBandwidth": 2275,
    "ProcedureStepDescription": "Cunningham_Nathan",
    "ProtocolName": "ep2d_p2s2_run4",
    "PulseSequenceDetails": "%SiemensSeq%_ep2d_bold",
    "ReceiveCoilActiveElements": "HEA;HEP",
    "ReceiveCoilName": "Head_32",
    "ReconMatrixPE": 88,
    "RepetitionTime": 1.5,
    "SAR": 0.0601078,
    "ScanOptions": "FS",
    "ScanningSequence": "EP",
    "SequenceName": "_epfid2d1_88",
    "SequenceVariant": "SK",
    "SeriesDescription": "ep2d_p2s2_run4",
    "SeriesNumber": 9,
    "ShimSetting": [
      -1005,
      -7032,
      -6407,
      271,
      49,
      -85,
      -89,
      -63
    ],
    "SliceThickness": 2.5,
    "SliceTiming": [
      0.7125,
      0,
      0.7675,
      0.055,
      0.8225,
      0.11,
      0.8775,
      0.165,
      0.93,
      0.2175,
      0.985,
      0.2725,
      1.04,
      0.3275,
      1.095,
      0.3825,
      1.15,
      0.4375,
      1.205,
      0.4925,
      1.26,
      0.5475,
      1.315,
      0.6025,
      1.37,
      0.6575,
      1.425,
      0.7125,
      0,
      0.7675,
      0.055,
      0.8225,
      0.11,
      0.8775,
      0.165,
      0.93,
      0.2175,
      0.985,
      0.2725,
      1.04,
      0.3275,
      1.095,
      0.3825,
      1.15,
      0.4375,
      1.205,
      0.4925,
      1.26,
      0.5475,
      1.315,
      0.6025,
      1.37,
      0.6575,
      1.425
    ],
    "SoftwareVersions": "syngo_MR_E11",
    "SpacingBetweenSlices": 3,
    "StationName": "AWP66108",
    "TaskName": "roletrait",
    "TotalReadoutTime": 0.0226202,
    "TxRefAmp": 254.988,
    "dataset": "ds002294",
    "modality": "bold",
    "run_id": 4,
    "subject_id": "037",
    "task_id": "roletrait"
  },
  "dummy_trs": 0,
  "dvars_nstd": 32.874886803728835,
  "dvars_std": 1.220594061864406,
  "dvars_vstd": 0.9859479985593224,
  "efc": 0.485275528700911,
  "fber": 3653.72998046875,
  "fd_mean": 0.07369346234877307,
  "fd_num": 0,
  "fd_perc": 0.0,
  "fwhm_avg": 1.654578222222222,
  "fwhm_x": 1.628732,
  "fwhm_y": 1.842476,
  "fwhm_z": 1.4925266666666666,
  "gcor": 0.00958038,
  "gsr_x": -0.004181103780865669,
  "gsr_y": 0.014892061240971088,
  "provenance": {
    "md5sum": "a5cf560c48bca2363aebcc14cf0ff0f4",
    "settings": {
      "fd_thres": 0.2,
      "testing": false
    },
    "software": "mriqc",
    "version": "22.0.6",
    "webapi_port": null,
    "webapi_url": "https://mriqc.nimh.nih.gov/api/v1"
  },
  "size_t": 355,
  "size_x": 88,
  "size_y": 88,
  "size_z": 54,
  "snr": 6.469869876910339,
  "spacing_tr": 1.5,
  "spacing_x": 2.5,
  "spacing_y": 2.5,
  "spacing_z": 3.0,
  "summary_bg_k": 10.77115102538564,
  "summary_bg_mad": 6.097462067605151,
  "summary_bg_mean": 28.805816650390625,
  "summary_bg_median": 7.307042121887207,
  "summary_bg_n": 299577.0,
  "summary_bg_p05": 2.4140844345092773,
  "summary_bg_p95": 149.92168884277348,
  "summary_bg_stdv": 51.907249450683594,
  "summary_fg_k": 2.086495379509529,
  "summary_fg_mad": 67.83217343123447,
  "summary_fg_mean": 443.98956298828125,
  "summary_fg_median": 440.3633728027344,
  "summary_fg_n": 57841.0,
  "summary_fg_p05": 350.932373046875,
  "summary_fg_p95": 551.346435546875,
  "summary_fg_stdv": 68.06312561035156,
  "tsnr": 42.74820558074862
}