{
  "aor": 0.0009762535211267605,
  "aqi": 0.01726302008450704,
  "bids_meta": {
    "AcquisitionMatrixPE": 88,
    "AcquisitionNumber": 1,
    "AcquisitionTime": "11:06:33.820000",
    "BandwidthPerPixelPhaseEncode": 43.706,
    "BaseResolution": 88,
    "BodyPartExamined": "BRAIN",
    "ConsistencyInfo": "N4_VE11C_LATEST_20160120",
    "ConversionSoftware": "dcm2niix",
    "ConversionSoftwareVersion": "v1.0.20171215 (OpenJPEG build) GCC7.3.0",
    "DerivedVendorReportedEchoSpacing": 0.000520003,
    "DeviceSerialNumber": "66108",
    "DwellTime": 2.5e-06,
    "EchoTime": 0.026,
    "EchoTrainLength": 43,
    "EffectiveEchoSpacing": 0.000260002,
    "FlipAngle": 70,
    "ImageOrientationPatientDICOM": [
      0.99847,
      -0.0516275,
      0.0198074,
      0.0523276,
      0.997958,
      -0.036625
    ],
    "ImageType": [
      "ORIGINAL",
      "PRIMARY",
      "M",
      "ND",
      "NORM",
      "MOSAIC"
    ],
    "InPlanePhaseEncodingDirectionDICOM": "COL",
    "InstitutionAddress": "Huron_325_TORONTO_ONTARIO_CA_M5S_3G3",
    "InstitutionName": "University_of_Toronto",
    "InstitutionalDepartmentName": "Department",
    "MRAcquisitionType": "2D",
    "MagneticFieldStrength": 3,
    "Manufacturer": "Siemens",
    "ManufacturersModelName": "Prisma",
    "Modality": "MR",
    "MultibandAccelerationFactor": 2,
    "ParallelReductionFactorInPlane": 2,
    "PartialFourier": 1,
    "PatientPosition": "HFS",
    "PercentPhaseFOV": 100,
    "PhaseEncodingDirection": "j-",
    "PhaseEncodingSteps": 87,
    "PhaseResolution": 1,
    "PixelBandwidth": 2275,
    "ProcedureStepDescription": "Cunningham_Nathan",
    "ProtocolName": "ep2d_p2s2_run1",
    "PulseSequenceDetails": "%SiemensSeq%_ep2d_bold",
    "ReceiveCoilActiveElements": "HEA;HEP",
    "ReceiveCoilName": "Head_32",
    "ReconMatrixPE": 88,
    "RepetitionTime": 1.5,
    "SAR": 0.0601078,
    "ScanOptions": "FS",
    "ScanningSequence": "EP",
    "SequenceName": "_epfid2d1_88",
    "SequenceVariant": "SK",
    "SeriesDescription": "ep2d_p2s2_run1",
    "SeriesNumber": 6,
    "ShimSetting": [
      -1002,
      -7038,
      -6373,
      369,
      80,
      -106,
      -52,
      -49
    ],
    "SliceThickness": 2.5,
    "SliceTiming": [
      0.7125,
      0,
      0.7675,
      0.055,
      0.8225,
      0.11,
      0.8775,
      0.1625,
      0.93,
      0.2175,
      0.985,
      0.2725,
      1.04,
      0.3275,
      1.095,
      0.3825,
      1.15,
      0.4375,
      1.205,
      0.4925,
      1.26,
      0.5475,
      1.315,
      0.6025,
      1.37,
      0.6575,
      1.425,
      0.7125,
      0,
      0.7675,
      0.055,
      0.8225,
      0.11,
      0.8775,
      0.1625,
      0.93,
      0.2175,
      0.985,
      0.2725,
      1.04,
      0.3275,
      1.095,
      0.3825,
      1.15,
      0.4375,
      1.205,
      0.4925,
      1.26,
      0.5475,
      1.315,
      0.6025,
      1.37,
      0.6575,
      1.425
    ],
    "SoftwareVersions": "syngo_MR_E11",
    "SpacingBetweenSlices": 3,
    "StationName": "AWP66108",
    "TaskName": "roletrait",
    "TotalReadoutTime": 0.0226202,
    "TxRefAmp": 254.988,
    "dataset": "ds002294",
    "modality": "bold",
    "run_id": 1,
    "subject_id": "037",
    "task_id": "roletrait"
  },
  "dummy_trs": 0,
  "dvars_nstd": 33.87294866810734,
  "dvars_std": 1.2102649208192096,
  "dvars_vstd": 0.956645497711864,
  "efc": 0.4835054815402846,
  "fber": 3710.264404296875,
  "fd_mean": 0.0660509955893037,
  "fd_num": 0,
  "fd_perc": 0.0,
  "fwhm_avg": 1.6607388888888888,
  "fwhm_x": 1.629516,
  "fwhm_y": 1.8448239999999998,
  "fwhm_z": 1.5078766666666665,
  "gcor": 0.00578796,
  "gsr_x": -0.005357090849429369,
  "gsr_y": 0.013295344077050686,
  "provenance": {
    "md5sum": "3893651727a180c96ea3717766d5dfa1",
    "settings": {
      "fd_thres": 0.2,
      "testing": false
    },
    "software": "mriqc",
    "version": "22.0.6",
    "webapi_port": null,
    "webapi_url": "https://mriqc.nimh.nih.gov/api/v1"
  },
  "size_t": 355,
  "size_x": 88,
  "size_y": 88,
  "size_z": 54,
  "snr": 6.432196359645741,
  "spacing_tr": 1.5,
  "spacing_x": 2.5,
  "spacing_y": 2.5,
  "spacing_z": 3.0,
  "summary_bg_k": 11.634524571230974,
  "summary_bg_mad": 6.001406375251099,
  "summary_bg_mean": 28.44692611694336,
  "summary_bg_median": 7.261971473693848,
  "summary_bg_n": 299298.0,
  "summary_bg_p05": 2.441830813884736,
  "summary_bg_p95": 148.22633590698155,
  "summary_bg_stdv": 52.389732360839844,
  "summary_fg_k": 2.325743733504007,
  "summary_fg_mad": 68.43357567392174,
  "summary_fg_mean": 446.8016052246094,
  "summary_fg_median": 443.16900634765625,
  "summary_fg_n": 58020.0,
  "summary_fg_p05": 353.2499969482422,
  "summary_fg_p95": 555.3944885253906,
  "summary_fg_stdv": 68.89795684814453,
  "tsnr": 42.37008389993571
}