{
  "bids_meta": {
    "AcquisitionMatrixPE": 192,
    "AcquisitionNumber": 1,
    "AcquisitionTime": "15:54:42.172500",
    "BaseResolution": 256,
    "BodyPartExamined": "BRAIN",
    "ConsistencyInfo": "N4_VE11C_LATEST_20160120",
    "ConversionSoftware": "dcm2niix",
    "ConversionSoftwareVersion": "v1.0.20171215 (OpenJPEG build) GCC7.3.0",
    "DeviceSerialNumber": "66108",
    "DwellTime": 7.5e-06,
    "EchoTime": 0.0024,
    "FlipAngle": 9,
    "ImageOrientationPatientDICOM": [
      0.999548,
      0.00605362,
      0.0294527,
      -0.00174454,
      0.989549,
      -0.144184
    ],
    "ImageType": [
      "ORIGINAL",
      "PRIMARY",
      "M",
      "ND",
      "NORM",
      "FM3",
      "2",
      "FIL"
    ],
    "InPlanePhaseEncodingDirectionDICOM": "ROW",
    "InstitutionAddress": "Huron_325_TORONTO_ONTARIO_CA_M5S_3G3",
    "InstitutionName": "University_of_Toronto",
    "InstitutionalDepartmentName": "Department",
    "InversionTime": 1.1,
    "MRAcquisitionType": "3D",
    "MagneticFieldStrength": 3,
    "Manufacturer": "Siemens",
    "ManufacturersModelName": "Prisma",
    "Modality": "MR",
    "ParallelReductionFactorInPlane": 2,
    "PartialFourier": 1,
    "PatientPosition": "HFS",
    "PercentPhaseFOV": 75,
    "PhaseEncodingSteps": 191,
    "PhaseResolution": 1,
    "PixelBandwidth": 260,
    "ProcedureStepDescription": "Cunningham_Nathan",
    "ProtocolName": "t1_mprage_tra_p2_iso",
    "PulseSequenceDetails": "%SiemensSeq%_tfl",
    "ReceiveCoilActiveElements": "HEA;HEP",
    "ReceiveCoilName": "Head_32",
    "ReconMatrixPE": 256,
    "RepetitionTime": 2,
    "SAR": 0.0461958,
    "ScanOptions": "IR",
    "ScanningSequence": "GR_IR",
    "SequenceName": "_tfl3d1_16",
    "SequenceVariant": "SK_SP_MP",
    "SeriesDescription": "t1_mprage_tra_p2_iso",
    "SeriesNumber": 12,
    "ShimSetting": [
      -1026,
      -6983,
      -6652,
      -33,
      -35,
      26,
      -37,
      -58
    ],
    "SliceThickness": 1,
    "SoftwareVersions": "syngo_MR_E11",
    "StationName": "AWP66108",
    "TxRefAmp": 234.196,
    "dataset": "ds002294",
    "modality": "T1w",
    "subject_id": "018"
  },
  "cjv": 0.3551467714271705,
  "cnr": 3.632721922883162,
  "efc": 0.839120021462061,
  "fber": 45.71987739364381,
  "fwhm_avg": 3.8715577345713945,
  "fwhm_x": 3.77442,
  "fwhm_y": 4.00101,
  "fwhm_z": 3.8392432037141835,
  "icvs_csf": 0.23204197336557708,
  "icvs_gm": 0.38387034208753956,
  "icvs_wm": 0.38408768454688336,
  "inu_med": 0.7876893281936646,
  "inu_range": 0.1889602541923523,
  "provenance": {
    "md5sum": "777069e526332c0db6a5bcb2913b9a4f",
    "settings": {
      "testing": false
    },
    "software": "mriqc",
    "version": "22.0.6",
    "warnings": {
      "large_rot_frame": true,
      "small_air_mask": true
    },
    "webapi_port": null,
    "webapi_url": "https://mriqc.nimh.nih.gov/api/v1"
  },
  "qi_1": -1.0,
  "qi_2": 0.0,
  "rpve_csf": 20.7245992792083,
  "rpve_gm": 11.630623681097207,
  "rpve_wm": 15.37833686388492,
  "size_x": 192,
  "size_y": 256,
  "size_z": 160,
  "snr_csf": 2.5239668364063705,
  "snr_gm": 7.3648626570206845,
  "snr_total": 8.932244711220605,
  "snr_wm": 16.90790464023476,
  "snrd_csf": -1.0,
  "snrd_gm": -1.0,
  "snrd_total": -1.0,
  "snrd_wm": -1.0,
  "spacing_x": 1.0,
  "spacing_y": 1.0,
  "spacing_z": 0.9999991655349731,
  "summary_bg_k": 0.0,
  "summary_bg_mad": 0.0,
  "summary_bg_mean": 0.0,
  "summary_bg_median": 0.0,
  "summary_bg_n": 0.0,
  "summary_bg_p05": 0.0,
  "summary_bg_p95": 0.0,
  "summary_bg_stdv": 0.0,
  "summary_csf_k": 0.4795649738069949,
  "summary_csf_mad": 86.95175655855067,
  "summary_csf_mean": 220.74624253520477,
  "summary_csf_median": 221.06223134789616,
  "summary_csf_n": 3812.0,
  "summary_csf_p05": 81.5021457709372,
  "summary_csf_p95": 373.32832548487926,
  "summary_csf_stdv": 87.57374728029811,
  "summary_gm_k": 0.5171679387466734,
  "summary_gm_mad": 79.57056097802241,
  "summary_gm_mean": 622.8988097081332,
  "summary_gm_median": 624.4635181501508,
  "summary_gm_n": 11172.0,
  "summary_gm_p05": 477.708153616637,
  "summary_gm_p95": 756.8336895774119,
  "summary_gm_stdv": 84.78577251193931,
  "summary_wm_k": 0.6840152533280737,
  "summary_wm_mad": 53.80000744255734,
  "summary_wm_mean": 1000.8568012478545,
  "summary_wm_median": 999.9999981373549,
  "summary_wm_n": 156492.0,
  "summary_wm_p05": 904.3991399463266,
  "summary_wm_p95": 1100.1598691954273,
  "summary_wm_stdv": 59.14374515107672,
  "tpm_overlap_csf": 0.11222697692566043,
  "tpm_overlap_gm": 0.38025648146263974,
  "tpm_overlap_wm": 0.46557534314868587,
  "wm2max": 0.8446490859605313
}