{
  "bids_meta": {
    "AcquisitionMatrixPE": 192,
    "AcquisitionNumber": 1,
    "AcquisitionTime": "10:09:20.950000",
    "BaseResolution": 256,
    "BodyPartExamined": "BRAIN",
    "ConsistencyInfo": "N4_VE11C_LATEST_20160120",
    "ConversionSoftware": "dcm2niix",
    "ConversionSoftwareVersion": "v1.0.20171215 (OpenJPEG build) GCC7.3.0",
    "DeviceSerialNumber": "66108",
    "DwellTime": 7.5e-06,
    "EchoTime": 0.0024,
    "FlipAngle": 9,
    "ImageOrientationPatientDICOM": [
      0.990975,
      0.130774,
      -0.0294452,
      -0.133985,
      0.97303,
      -0.187776
    ],
    "ImageType": [
      "ORIGINAL",
      "PRIMARY",
      "M",
      "ND",
      "NORM",
      "FM3",
      "2",
      "FIL"
    ],
    "InPlanePhaseEncodingDirectionDICOM": "ROW",
    "InstitutionAddress": "Huron_325_TORONTO_ONTARIO_CA_M5S_3G3",
    "InstitutionName": "University_of_Toronto",
    "InstitutionalDepartmentName": "Department",
    "InversionTime": 1.1,
    "MRAcquisitionType": "3D",
    "MagneticFieldStrength": 3,
    "Manufacturer": "Siemens",
    "ManufacturersModelName": "Prisma",
    "Modality": "MR",
    "ParallelReductionFactorInPlane": 2,
    "PartialFourier": 1,
    "PatientPosition": "HFS",
    "PercentPhaseFOV": 75,
    "PhaseEncodingSteps": 191,
    "PhaseResolution": 1,
    "PixelBandwidth": 260,
    "ProcedureStepDescription": "Cunningham_Nathan",
    "ProtocolName": "t1_mprage_tra_p2_iso",
    "PulseSequenceDetails": "%SiemensSeq%_tfl",
    "ReceiveCoilActiveElements": "HEA;HEP",
    "ReceiveCoilName": "Head_32",
    "ReconMatrixPE": 256,
    "RepetitionTime": 2,
    "SAR": 0.0566524,
    "ScanOptions": "IR",
    "ScanningSequence": "GR_IR",
    "SequenceName": "_tfl3d1_16",
    "SequenceVariant": "SK_SP_MP",
    "SeriesDescription": "t1_mprage_tra_p2_iso",
    "SeriesNumber": 13,
    "ShimSetting": [
      -1026,
      -6983,
      -6652,
      -33,
      -35,
      26,
      -37,
      -58
    ],
    "SliceThickness": 1,
    "SoftwareVersions": "syngo_MR_E11",
    "StationName": "AWP66108",
    "TxRefAmp": 252.55,
    "dataset": "ds002294",
    "modality": "T1w",
    "subject_id": "021"
  },
  "cjv": 0.36588831656428916,
  "cnr": 3.704074645950508,
  "efc": 0.5489477649263906,
  "fber": 49433.53633505917,
  "fwhm_avg": 4.006296200421421,
  "fwhm_x": 3.74803,
  "fwhm_y": 4.35971,
  "fwhm_z": 3.911148601264262,
  "icvs_csf": 0.182510568583491,
  "icvs_gm": 0.45586394430107674,
  "icvs_wm": 0.36162548711543224,
  "inu_med": 0.3367428779602051,
  "inu_range": 0.13575676083564758,
  "provenance": {
    "md5sum": "94e972ce8b1d3d5fbe09861a3be95945",
    "settings": {
      "testing": false
    },
    "software": "mriqc",
    "version": "22.0.6",
    "warnings": {
      "large_rot_frame": true,
      "small_air_mask": false
    },
    "webapi_port": null,
    "webapi_url": "https://mriqc.nimh.nih.gov/api/v1"
  },
  "qi_1": 0.0004927792254012482,
  "qi_2": 0.022730181001662624,
  "rpve_csf": 17.766949336068844,
  "rpve_gm": 7.703270247842996,
  "rpve_wm": 10.642254084165362,
  "size_x": 192,
  "size_y": 256,
  "size_z": 160,
  "snr_csf": 2.1077494975699675,
  "snr_gm": 19.30606647161937,
  "snr_total": 16.253351701785686,
  "snr_wm": 27.346239136167714,
  "snrd_csf": 49.246782258059525,
  "snrd_gm": 118.98836049423451,
  "snrd_total": 105.94854016609922,
  "snrd_wm": 149.61047774600362,
  "spacing_x": 1.0,
  "spacing_y": 1.0,
  "spacing_z": 1.0000003576278687,
  "summary_bg_k": 997.8084722668497,
  "summary_bg_mad": 0.0,
  "summary_bg_mean": 2.7784267019818967,
  "summary_bg_median": 0.0,
  "summary_bg_n": 2414759.0,
  "summary_bg_p05": 0.0,
  "summary_bg_p95": 10.280406069010496,
  "summary_bg_stdv": 4.379097010732912,
  "summary_csf_k": 10.802498770967254,
  "summary_csf_mad": 120.92128170759986,
  "summary_csf_mean": 337.9879497834945,
  "summary_csf_median": 329.17791924625635,
  "summary_csf_n": 39551.0,
  "summary_csf_p05": 120.22268891334534,
  "summary_csf_p95": 579.1864655092359,
  "summary_csf_stdv": 156.1730927528848,
  "summary_gm_k": 0.0762355893380331,
  "summary_gm_mad": 41.11728674479526,
  "summary_gm_mean": 794.6210707594963,
  "summary_gm_median": 795.3482263423502,
  "summary_gm_n": 52547.0,
  "summary_gm_p05": 726.0152551792562,
  "summary_gm_p95": 861.4365510717034,
  "summary_gm_stdv": 41.19641147541092,
  "summary_wm_k": 0.8405216146085683,
  "summary_wm_mad": 33.77491411179611,
  "summary_wm_mean": 1002.6275501857646,
  "summary_wm_median": 1000.034185051918,
  "summary_wm_n": 204314.0,
  "summary_wm_p05": 947.6075295172632,
  "summary_wm_p95": 1066.6689765490592,
  "summary_wm_stdv": 36.569260320298895,
  "tpm_overlap_csf": 0.1566721978492852,
  "tpm_overlap_gm": 0.4705250080803447,
  "tpm_overlap_wm": 0.502909058501929,
  "wm2max": 0.5716646396944404
}