{
  "aor": 0.0003638591549295775,
  "aqi": 0.012492211802816903,
  "bids_meta": {
    "AcquisitionMatrixPE": 88,
    "AcquisitionNumber": 1,
    "AcquisitionTime": "09:12:33.052500",
    "BandwidthPerPixelPhaseEncode": 43.706,
    "BaseResolution": 88,
    "BodyPartExamined": "BRAIN",
    "ConsistencyInfo": "N4_VE11C_LATEST_20160120",
    "ConversionSoftware": "dcm2niix",
    "ConversionSoftwareVersion": "v1.0.20171215 (OpenJPEG build) GCC7.3.0",
    "DerivedVendorReportedEchoSpacing": 0.000520003,
    "DeviceSerialNumber": "66108",
    "DwellTime": 2.5e-06,
    "EchoTime": 0.026,
    "EchoTrainLength": 43,
    "EffectiveEchoSpacing": 0.000260002,
    "FlipAngle": 70,
    "ImageOrientationPatientDICOM": [
      0.986817,
      0.16063,
      -0.0197367,
      -0.161598,
      0.984642,
      -0.0660797
    ],
    "ImageType": [
      "ORIGINAL",
      "PRIMARY",
      "M",
      "ND",
      "NORM",
      "MOSAIC"
    ],
    "InPlanePhaseEncodingDirectionDICOM": "COL",
    "InstitutionAddress": "Huron_325_TORONTO_ONTARIO_CA_M5S_3G3",
    "InstitutionName": "University_of_Toronto",
    "InstitutionalDepartmentName": "Department",
    "MRAcquisitionType": "2D",
    "MagneticFieldStrength": 3,
    "Manufacturer": "Siemens",
    "ManufacturersModelName": "Prisma",
    "Modality": "MR",
    "MultibandAccelerationFactor": 2,
    "ParallelReductionFactorInPlane": 2,
    "PartialFourier": 1,
    "PatientPosition": "HFS",
    "PercentPhaseFOV": 100,
    "PhaseEncodingDirection": "j-",
    "PhaseEncodingSteps": 87,
    "PhaseResolution": 1,
    "PixelBandwidth": 2275,
    "ProcedureStepDescription": "Cunningham_Nathan",
    "ProtocolName": "ep2d_p2s2_run1",
    "PulseSequenceDetails": "%SiemensSeq%_ep2d_bold",
    "ReceiveCoilActiveElements": "HEA;HEP",
    "ReceiveCoilName": "Head_32",
    "ReconMatrixPE": 88,
    "RepetitionTime": 1.5,
    "SAR": 0.0569329,
    "ScanOptions": "FS",
    "ScanningSequence": "EP",
    "SequenceName": "_epfid2d1_88",
    "SequenceVariant": "SK",
    "SeriesDescription": "ep2d_p2s2_run1",
    "SeriesNumber": 6,
    "ShimSetting": [
      -1045,
      -7001,
      -6378,
      364,
      -59,
      160,
      -32,
      -47
    ],
    "SliceThickness": 2.5,
    "SliceTiming": [
      0.7125,
      0,
      0.7675,
      0.0525,
      0.82,
      0.1075,
      0.875,
      0.1625,
      0.93,
      0.2175,
      0.985,
      0.2725,
      1.04,
      0.3275,
      1.095,
      0.3825,
      1.15,
      0.4375,
      1.205,
      0.4925,
      1.26,
      0.5475,
      1.315,
      0.6025,
      1.37,
      0.6575,
      1.425,
      0.7125,
      0,
      0.7675,
      0.0525,
      0.82,
      0.1075,
      0.875,
      0.1625,
      0.93,
      0.2175,
      0.985,
      0.2725,
      1.04,
      0.3275,
      1.095,
      0.3825,
      1.15,
      0.4375,
      1.205,
      0.4925,
      1.26,
      0.5475,
      1.315,
      0.6025,
      1.37,
      0.6575,
      1.425
    ],
    "SoftwareVersions": "syngo_MR_E11",
    "SpacingBetweenSlices": 3,
    "StationName": "AWP66108",
    "TaskName": "roletrait",
    "TotalReadoutTime": 0.0226202,
    "TxRefAmp": 220.095,
    "dataset": "ds002294",
    "modality": "bold",
    "run_id": 1,
    "subject_id": "004",
    "task_id": "roletrait"
  },
  "dummy_trs": 0,
  "dvars_nstd": 30.41140164627119,
  "dvars_std": 1.2231778894915253,
  "dvars_vstd": 0.9738684858474574,
  "efc": 0.45367223136979673,
  "fber": 5132.26416015625,
  "fd_mean": 0.09264614400103911,
  "fd_num": 4,
  "fd_perc": 1.1267605633802817,
  "fwhm_avg": 1.624364222222222,
  "fwhm_x": 1.5244360000000001,
  "fwhm_y": 1.8204999999999998,
  "fwhm_z": 1.5281566666666666,
  "gcor": 0.0118882,
  "gsr_x": -0.01608293317258358,
  "gsr_y": 0.019588124006986618,
  "provenance": {
    "md5sum": "e0025fa286f2fb2e4d9ce13c51dcb5d4",
    "settings": {
      "fd_thres": 0.2,
      "testing": false
    },
    "software": "mriqc",
    "version": "22.0.6",
    "webapi_port": null,
    "webapi_url": "https://mriqc.nimh.nih.gov/api/v1"
  },
  "size_t": 355,
  "size_x": 88,
  "size_y": 88,
  "size_z": 54,
  "snr": 6.797069261406863,
  "spacing_tr": 1.5,
  "spacing_x": 2.5,
  "spacing_y": 2.5,
  "spacing_z": 3.0,
  "summary_bg_k": 25.58903350351457,
  "summary_bg_mad": 4.435277559954126,
  "summary_bg_mean": 20.588335037231445,
  "summary_bg_median": 6.422534942626953,
  "summary_bg_n": 300025.0,
  "summary_bg_p05": 2.673239231109619,
  "summary_bg_p95": 94.02760467529293,
  "summary_bg_stdv": 42.400718688964844,
  "summary_fg_k": 2.491142968273503,
  "summary_fg_mad": 65.47669639585233,
  "summary_fg_mean": 464.1191711425781,
  "summary_fg_median": 459.57464599609375,
  "summary_fg_n": 58287.0,
  "summary_fg_p05": 373.39800720214845,
  "summary_fg_p95": 571.8585693359374,
  "summary_fg_stdv": 67.61306762695312,
  "tsnr": 55.07240799628198
}