{
  "aor": 0.0003020679886685553,
  "aqi": 0.009704022889518412,
  "bids_meta": {
    "AcquisitionMatrixPE": 88,
    "AcquisitionNumber": 1,
    "AcquisitionTime": "10:56:2.320000",
    "BandwidthPerPixelPhaseEncode": 43.706,
    "BaseResolution": 88,
    "BodyPartExamined": "BRAIN",
    "ConsistencyInfo": "N4_VE11C_LATEST_20160120",
    "ConversionSoftware": "dcm2niix",
    "ConversionSoftwareVersion": "v1.0.20171215 (OpenJPEG build) GCC7.3.0",
    "DerivedVendorReportedEchoSpacing": 0.000520003,
    "DeviceSerialNumber": "66108",
    "DwellTime": 2.5e-06,
    "EchoTime": 0.026,
    "EchoTrainLength": 43,
    "EffectiveEchoSpacing": 0.000260002,
    "FlipAngle": 70,
    "ImageOrientationPatientDICOM": [
      0.996044,
      0.0717942,
      0.0523626,
      -0.0679035,
      0.995044,
      -0.072638
    ],
    "ImageType": [
      "ORIGINAL",
      "PRIMARY",
      "M",
      "ND",
      "NORM",
      "MOSAIC"
    ],
    "InPlanePhaseEncodingDirectionDICOM": "COL",
    "InstitutionAddress": "Huron_325_TORONTO_ONTARIO_CA_M5S_3G3",
    "InstitutionName": "University_of_Toronto",
    "InstitutionalDepartmentName": "Department",
    "MRAcquisitionType": "2D",
    "MagneticFieldStrength": 3,
    "Manufacturer": "Siemens",
    "ManufacturersModelName": "Prisma",
    "Modality": "MR",
    "MultibandAccelerationFactor": 2,
    "ParallelReductionFactorInPlane": 2,
    "PartialFourier": 1,
    "PatientPosition": "HFS",
    "PercentPhaseFOV": 100,
    "PhaseEncodingDirection": "j-",
    "PhaseEncodingSteps": 87,
    "PhaseResolution": 1,
    "PixelBandwidth": 2275,
    "ProcedureStepDescription": "Cunningham_Nathan",
    "ProtocolName": "ep2d_p2s2_run4",
    "PulseSequenceDetails": "%SiemensSeq%_ep2d_bold",
    "ReceiveCoilActiveElements": "HEA;HEP",
    "ReceiveCoilName": "Head_32",
    "ReconMatrixPE": 88,
    "RepetitionTime": 1.5,
    "SAR": 0.0702921,
    "ScanOptions": "FS",
    "ScanningSequence": "EP",
    "SequenceName": "_epfid2d1_88",
    "SequenceVariant": "SK",
    "SeriesDescription": "ep2d_p2s2_run4",
    "SeriesNumber": 9,
    "ShimSetting": [
      -1038,
      -7030,
      -6408,
      340,
      -103,
      -122,
      -188,
      -52
    ],
    "SliceThickness": 2.5,
    "SliceTiming": [
      0.7125,
      0,
      0.765,
      0.0525,
      0.82,
      0.1075,
      0.875,
      0.1625,
      0.93,
      0.2175,
      0.985,
      0.2725,
      1.04,
      0.3275,
      1.095,
      0.3825,
      1.15,
      0.4375,
      1.205,
      0.4925,
      1.26,
      0.5475,
      1.315,
      0.6025,
      1.37,
      0.6575,
      1.425,
      0.7125,
      0,
      0.765,
      0.0525,
      0.82,
      0.1075,
      0.875,
      0.1625,
      0.93,
      0.2175,
      0.985,
      0.2725,
      1.04,
      0.3275,
      1.095,
      0.3825,
      1.15,
      0.4375,
      1.205,
      0.4925,
      1.26,
      0.5475,
      1.315,
      0.6025,
      1.37,
      0.6575,
      1.425
    ],
    "SoftwareVersions": "syngo_MR_E11",
    "SpacingBetweenSlices": 3,
    "StationName": "AWP66108",
    "TaskName": "roletrait",
    "TotalReadoutTime": 0.0226202,
    "TxRefAmp": 240.453,
    "dataset": "ds002294",
    "modality": "bold",
    "run_id": 4,
    "subject_id": "043",
    "task_id": "roletrait"
  },
  "dummy_trs": 2,
  "dvars_nstd": 24.48012958886363,
  "dvars_std": 1.069373703607955,
  "dvars_vstd": 0.9850586703124994,
  "efc": 0.4414084019380979,
  "fber": 3933.97509765625,
  "fd_mean": 0.07769748269464906,
  "fd_num": 3,
  "fd_perc": 0.8498583569405099,
  "fwhm_avg": 1.6749762631866876,
  "fwhm_x": 1.619488,
  "fwhm_y": 1.859084,
  "fwhm_z": 1.546356789560063,
  "gcor": 0.00228521,
  "gsr_x": -0.011305663734674454,
  "gsr_y": 0.0011944124707952142,
  "provenance": {
    "md5sum": "e153af188ea8781595c824665d97a312",
    "settings": {
      "fd_thres": 0.2,
      "testing": false
    },
    "software": "mriqc",
    "version": "22.0.6",
    "webapi_port": null,
    "webapi_url": "https://mriqc.nimh.nih.gov/api/v1"
  },
  "size_t": 353,
  "size_x": 88,
  "size_y": 88,
  "size_z": 54,
  "snr": 7.36605622912727,
  "spacing_tr": 1.5,
  "spacing_x": 2.5,
  "spacing_y": 2.5,
  "spacing_z": 2.999999761581421,
  "summary_bg_k": 21.120285942988776,
  "summary_bg_mad": 4.338606812549177,
  "summary_bg_mean": 18.425670623779297,
  "summary_bg_median": 6.011331558227539,
  "summary_bg_n": 311533.0,
  "summary_bg_p05": 2.4787535667419434,
  "summary_bg_p95": 78.68838500976562,
  "summary_bg_stdv": 36.45631790161133,
  "summary_fg_k": 2.0490120572340356,
  "summary_fg_mad": 52.7940859203076,
  "summary_fg_mean": 380.2784729003906,
  "summary_fg_median": 378.2818603515625,
  "summary_fg_n": 49326.0,
  "summary_fg_p05": 308.38880157470703,
  "summary_fg_p95": 461.1416320800781,
  "summary_fg_stdv": 51.35421371459961,
  "tsnr": 56.710141009883955
}