{
  "aor": 0.00039639436619718315,
  "aqi": 0.008100410816901408,
  "bids_meta": {
    "AcquisitionMatrixPE": 88,
    "AcquisitionNumber": 1,
    "AcquisitionTime": "10:36:26.105000",
    "BandwidthPerPixelPhaseEncode": 43.706,
    "BaseResolution": 88,
    "BodyPartExamined": "BRAIN",
    "ConsistencyInfo": "N4_VE11C_LATEST_20160120",
    "ConversionSoftware": "dcm2niix",
    "ConversionSoftwareVersion": "v1.0.20171215 (OpenJPEG build) GCC7.3.0",
    "DerivedVendorReportedEchoSpacing": 0.000520003,
    "DeviceSerialNumber": "66108",
    "DwellTime": 2.5e-06,
    "EchoTime": 0.026,
    "EchoTrainLength": 43,
    "EffectiveEchoSpacing": 0.000260002,
    "FlipAngle": 70,
    "ImageOrientationPatientDICOM": [
      0.996044,
      0.0717942,
      0.0523626,
      -0.0679035,
      0.995044,
      -0.072638
    ],
    "ImageType": [
      "ORIGINAL",
      "PRIMARY",
      "M",
      "ND",
      "NORM",
      "MOSAIC"
    ],
    "InPlanePhaseEncodingDirectionDICOM": "COL",
    "InstitutionAddress": "Huron_325_TORONTO_ONTARIO_CA_M5S_3G3",
    "InstitutionName": "University_of_Toronto",
    "InstitutionalDepartmentName": "Department",
    "MRAcquisitionType": "2D",
    "MagneticFieldStrength": 3,
    "Manufacturer": "Siemens",
    "ManufacturersModelName": "Prisma",
    "Modality": "MR",
    "MultibandAccelerationFactor": 2,
    "ParallelReductionFactorInPlane": 2,
    "PartialFourier": 1,
    "PatientPosition": "HFS",
    "PercentPhaseFOV": 100,
    "PhaseEncodingDirection": "j-",
    "PhaseEncodingSteps": 87,
    "PhaseResolution": 1,
    "PixelBandwidth": 2275,
    "ProcedureStepDescription": "Cunningham_Nathan",
    "ProtocolName": "ep2d_p2s2_run2",
    "PulseSequenceDetails": "%SiemensSeq%_ep2d_bold",
    "ReceiveCoilActiveElements": "HEA;HEP",
    "ReceiveCoilName": "Head_32",
    "ReconMatrixPE": 88,
    "RepetitionTime": 1.5,
    "SAR": 0.0702921,
    "ScanOptions": "FS",
    "ScanningSequence": "EP",
    "SequenceName": "_epfid2d1_88",
    "SequenceVariant": "SK",
    "SeriesDescription": "ep2d_p2s2_run2",
    "SeriesNumber": 7,
    "ShimSetting": [
      -1038,
      -7030,
      -6408,
      340,
      -103,
      -122,
      -188,
      -52
    ],
    "SliceThickness": 2.5,
    "SliceTiming": [
      0.7125,
      0,
      0.7675,
      0.055,
      0.82,
      0.1075,
      0.875,
      0.1625,
      0.93,
      0.2175,
      0.985,
      0.2725,
      1.04,
      0.3275,
      1.095,
      0.3825,
      1.15,
      0.4375,
      1.205,
      0.4925,
      1.26,
      0.5475,
      1.315,
      0.6025,
      1.37,
      0.6575,
      1.425,
      0.7125,
      0,
      0.7675,
      0.055,
      0.82,
      0.1075,
      0.875,
      0.1625,
      0.93,
      0.2175,
      0.985,
      0.2725,
      1.04,
      0.3275,
      1.095,
      0.3825,
      1.15,
      0.4375,
      1.205,
      0.4925,
      1.26,
      0.5475,
      1.315,
      0.6025,
      1.37,
      0.6575,
      1.425
    ],
    "SoftwareVersions": "syngo_MR_E11",
    "SpacingBetweenSlices": 3,
    "StationName": "AWP66108",
    "TaskName": "roletrait",
    "TotalReadoutTime": 0.0226202,
    "TxRefAmp": 240.453,
    "dataset": "ds002294",
    "modality": "bold",
    "run_id": 2,
    "subject_id": "043",
    "task_id": "roletrait"
  },
  "dummy_trs": 0,
  "dvars_nstd": 26.118438909152555,
  "dvars_std": 1.131334742853108,
  "dvars_vstd": 1.006016615819209,
  "efc": 0.4415010679977388,
  "fber": 3890.267333984375,
  "fd_mean": 0.07457110784493982,
  "fd_num": 0,
  "fd_perc": 0.0,
  "fwhm_avg": 1.6662144853036525,
  "fwhm_x": 1.6080919999999999,
  "fwhm_y": 1.848168,
  "fwhm_z": 1.5423834559109575,
  "gcor": 0.0038833,
  "gsr_x": -0.011533004231750965,
  "gsr_y": 0.0008874973864294589,
  "provenance": {
    "md5sum": "ed8aa69177847949378789a932236776",
    "settings": {
      "fd_thres": 0.2,
      "testing": false
    },
    "software": "mriqc",
    "version": "22.0.6",
    "webapi_port": null,
    "webapi_url": "https://mriqc.nimh.nih.gov/api/v1"
  },
  "size_t": 355,
  "size_x": 88,
  "size_y": 88,
  "size_z": 54,
  "snr": 7.322540669985833,
  "spacing_tr": 1.5,
  "spacing_x": 2.5,
  "spacing_y": 2.5,
  "spacing_z": 2.999999761581421,
  "summary_bg_k": 21.118788326396658,
  "summary_bg_mad": 4.335045502412514,
  "summary_bg_mean": 18.49695587158203,
  "summary_bg_median": 6.036619663238525,
  "summary_bg_n": 311678.0,
  "summary_bg_p05": 2.492957592010498,
  "summary_bg_p95": 79.97506980895986,
  "summary_bg_stdv": 36.70078659057617,
  "summary_fg_k": 2.072495113176357,
  "summary_fg_mad": 52.75558206020176,
  "summary_fg_mean": 379.55255126953125,
  "summary_fg_median": 377.7690124511719,
  "summary_fg_n": 49305.0,
  "summary_fg_p05": 307.22422485351564,
  "summary_fg_p95": 460.40618286132803,
  "summary_fg_stdv": 51.589359283447266,
  "tsnr": 60.759547422640026
}