{
  "aor": 0.0005237464788732394,
  "aqi": 0.014941654450704226,
  "bids_meta": {
    "AcquisitionMatrixPE": 88,
    "AcquisitionNumber": 1,
    "AcquisitionTime": "09:30:43.717500",
    "BandwidthPerPixelPhaseEncode": 43.706,
    "BaseResolution": 88,
    "BodyPartExamined": "BRAIN",
    "ConsistencyInfo": "N4_VE11C_LATEST_20160120",
    "ConversionSoftware": "dcm2niix",
    "ConversionSoftwareVersion": "v1.0.20171215 (OpenJPEG build) GCC7.3.0",
    "DerivedVendorReportedEchoSpacing": 0.000520003,
    "DeviceSerialNumber": "66108",
    "DwellTime": 2.5e-06,
    "EchoTime": 0.026,
    "EchoTrainLength": 43,
    "EffectiveEchoSpacing": 0.000260002,
    "FlipAngle": 70,
    "ImageOrientationPatientDICOM": [
      0.996637,
      0.0819439,
      -0.000373114,
      -0.0819384,
      0.996493,
      -0.0169841
    ],
    "ImageType": [
      "ORIGINAL",
      "PRIMARY",
      "M",
      "ND",
      "NORM",
      "MOSAIC"
    ],
    "InPlanePhaseEncodingDirectionDICOM": "COL",
    "InstitutionAddress": "Huron_325_TORONTO_ONTARIO_CA_M5S_3G3",
    "InstitutionName": "University_of_Toronto",
    "InstitutionalDepartmentName": "Department",
    "MRAcquisitionType": "2D",
    "MagneticFieldStrength": 3,
    "Manufacturer": "Siemens",
    "ManufacturersModelName": "Prisma",
    "Modality": "MR",
    "MultibandAccelerationFactor": 2,
    "ParallelReductionFactorInPlane": 2,
    "PartialFourier": 1,
    "PatientPosition": "HFS",
    "PercentPhaseFOV": 100,
    "PhaseEncodingDirection": "j-",
    "PhaseEncodingSteps": 87,
    "PhaseResolution": 1,
    "PixelBandwidth": 2275,
    "ProcedureStepDescription": "Cunningham_Nathan",
    "ProtocolName": "ep2d_p2s2_run3",
    "PulseSequenceDetails": "%SiemensSeq%_ep2d_bold",
    "ReceiveCoilActiveElements": "HEA;HEP",
    "ReceiveCoilName": "Head_32",
    "ReconMatrixPE": 88,
    "RepetitionTime": 1.5,
    "SAR": 0.0773257,
    "ScanOptions": "FS",
    "ScanningSequence": "EP",
    "SequenceName": "_epfid2d1_88",
    "SequenceVariant": "SK",
    "SeriesDescription": "ep2d_p2s2_run3",
    "SeriesNumber": 8,
    "ShimSetting": [
      -1055,
      -7048,
      -6367,
      320,
      -76,
      -186,
      -19,
      -20
    ],
    "SliceThickness": 2.5,
    "SliceTiming": [
      0.7125,
      0,
      0.765,
      0.0525,
      0.82,
      0.1075,
      0.875,
      0.1625,
      0.93,
      0.2175,
      0.985,
      0.2725,
      1.04,
      0.3275,
      1.095,
      0.3825,
      1.15,
      0.4375,
      1.205,
      0.4925,
      1.26,
      0.5475,
      1.315,
      0.6025,
      1.37,
      0.6575,
      1.425,
      0.7125,
      0,
      0.765,
      0.0525,
      0.82,
      0.1075,
      0.875,
      0.1625,
      0.93,
      0.2175,
      0.985,
      0.2725,
      1.04,
      0.3275,
      1.095,
      0.3825,
      1.15,
      0.4375,
      1.205,
      0.4925,
      1.26,
      0.5475,
      1.315,
      0.6025,
      1.37,
      0.6575,
      1.425
    ],
    "SoftwareVersions": "syngo_MR_E11",
    "SpacingBetweenSlices": 3,
    "StationName": "AWP66108",
    "TaskName": "roletrait",
    "TotalReadoutTime": 0.0226202,
    "TxRefAmp": 265.597,
    "dataset": "ds002294",
    "modality": "bold",
    "run_id": 3,
    "subject_id": "035",
    "task_id": "roletrait"
  },
  "dummy_trs": 0,
  "dvars_nstd": 32.918561192118645,
  "dvars_std": 1.2396599819491527,
  "dvars_vstd": 0.9878463812994349,
  "efc": 0.5068175437081848,
  "fber": 2965.990478515625,
  "fd_mean": 0.10903042424583174,
  "fd_num": 28,
  "fd_perc": 7.887323943661972,
  "fwhm_avg": 1.6669140000000002,
  "fwhm_x": 1.6254000000000002,
  "fwhm_y": 1.860072,
  "fwhm_z": 1.5152700000000001,
  "gcor": 0.0137214,
  "gsr_x": -0.003734012134373188,
  "gsr_y": 0.013438534922897816,
  "provenance": {
    "md5sum": "3960820cd58245e760682b539dbd1e69",
    "settings": {
      "fd_thres": 0.2,
      "testing": false
    },
    "software": "mriqc",
    "version": "22.0.6",
    "webapi_port": null,
    "webapi_url": "https://mriqc.nimh.nih.gov/api/v1"
  },
  "size_t": 355,
  "size_x": 88,
  "size_y": 88,
  "size_z": 54,
  "snr": 7.193252979266068,
  "spacing_tr": 1.5,
  "spacing_x": 2.5,
  "spacing_y": 2.5,
  "spacing_z": 3.0,
  "summary_bg_k": 12.47537425304131,
  "summary_bg_mad": 6.903497014005089,
  "summary_bg_mean": 29.120525360107422,
  "summary_bg_median": 7.935211181640625,
  "summary_bg_n": 289915.0,
  "summary_bg_p05": 2.5774645805358887,
  "summary_bg_p95": 144.36309661865224,
  "summary_bg_stdv": 51.4908332824707,
  "summary_fg_k": 2.922598728469845,
  "summary_fg_mad": 58.18896989631267,
  "summary_fg_mean": 436.0211181640625,
  "summary_fg_median": 432.76617431640625,
  "summary_fg_n": 66469.0,
  "summary_fg_p05": 353.9797058105469,
  "summary_fg_p95": 530.6371704101563,
  "summary_fg_stdv": 60.16233825683594,
  "tsnr": 49.60691757500172
}