{
  "aor": 0.0008287887323943662,
  "aqi": 0.011841220281690143,
  "bids_meta": {
    "AcquisitionMatrixPE": 88,
    "AcquisitionNumber": 1,
    "AcquisitionTime": "09:40:25.757500",
    "BandwidthPerPixelPhaseEncode": 43.706,
    "BaseResolution": 88,
    "BodyPartExamined": "BRAIN",
    "ConsistencyInfo": "N4_VE11C_LATEST_20160120",
    "ConversionSoftware": "dcm2niix",
    "ConversionSoftwareVersion": "v1.0.20171215 (OpenJPEG build) GCC7.3.0",
    "DerivedVendorReportedEchoSpacing": 0.000520003,
    "DeviceSerialNumber": "66108",
    "DwellTime": 2.5e-06,
    "EchoTime": 0.026,
    "EchoTrainLength": 43,
    "EffectiveEchoSpacing": 0.000260002,
    "FlipAngle": 70,
    "ImageOrientationPatientDICOM": [
      0.996637,
      0.0819439,
      -0.000373114,
      -0.0819384,
      0.996493,
      -0.0169841
    ],
    "ImageType": [
      "ORIGINAL",
      "PRIMARY",
      "M",
      "ND",
      "NORM",
      "MOSAIC"
    ],
    "InPlanePhaseEncodingDirectionDICOM": "COL",
    "InstitutionAddress": "Huron_325_TORONTO_ONTARIO_CA_M5S_3G3",
    "InstitutionName": "University_of_Toronto",
    "InstitutionalDepartmentName": "Department",
    "MRAcquisitionType": "2D",
    "MagneticFieldStrength": 3,
    "Manufacturer": "Siemens",
    "ManufacturersModelName": "Prisma",
    "Modality": "MR",
    "MultibandAccelerationFactor": 2,
    "ParallelReductionFactorInPlane": 2,
    "PartialFourier": 1,
    "PatientPosition": "HFS",
    "PercentPhaseFOV": 100,
    "PhaseEncodingDirection": "j-",
    "PhaseEncodingSteps": 87,
    "PhaseResolution": 1,
    "PixelBandwidth": 2275,
    "ProcedureStepDescription": "Cunningham_Nathan",
    "ProtocolName": "ep2d_p2s2_run4",
    "PulseSequenceDetails": "%SiemensSeq%_ep2d_bold",
    "ReceiveCoilActiveElements": "HEA;HEP",
    "ReceiveCoilName": "Head_32",
    "ReconMatrixPE": 88,
    "RepetitionTime": 1.5,
    "SAR": 0.0773257,
    "ScanOptions": "FS",
    "ScanningSequence": "EP",
    "SequenceName": "_epfid2d1_88",
    "SequenceVariant": "SK",
    "SeriesDescription": "ep2d_p2s2_run4",
    "SeriesNumber": 9,
    "ShimSetting": [
      -1055,
      -7048,
      -6367,
      320,
      -76,
      -186,
      -19,
      -20
    ],
    "SliceThickness": 2.5,
    "SliceTiming": [
      0.7125,
      0,
      0.7675,
      0.055,
      0.8225,
      0.11,
      0.8775,
      0.165,
      0.9325,
      0.22,
      0.9875,
      0.275,
      1.0425,
      0.33,
      1.0975,
      0.385,
      1.1525,
      0.44,
      1.2075,
      0.495,
      1.2625,
      0.55,
      1.3175,
      0.605,
      1.37,
      0.6575,
      1.425,
      0.7125,
      0,
      0.7675,
      0.055,
      0.8225,
      0.11,
      0.8775,
      0.165,
      0.9325,
      0.22,
      0.9875,
      0.275,
      1.0425,
      0.33,
      1.0975,
      0.385,
      1.1525,
      0.44,
      1.2075,
      0.495,
      1.2625,
      0.55,
      1.3175,
      0.605,
      1.37,
      0.6575,
      1.425
    ],
    "SoftwareVersions": "syngo_MR_E11",
    "SpacingBetweenSlices": 3,
    "StationName": "AWP66108",
    "TaskName": "roletrait",
    "TotalReadoutTime": 0.0226202,
    "TxRefAmp": 265.597,
    "dataset": "ds002294",
    "modality": "bold",
    "run_id": 4,
    "subject_id": "035",
    "task_id": "roletrait"
  },
  "dummy_trs": 0,
  "dvars_nstd": 33.091730085310765,
  "dvars_std": 1.2740484603389834,
  "dvars_vstd": 1.0163340140113004,
  "efc": 0.5080200148994838,
  "fber": 2889.223876953125,
  "fd_mean": 0.11353806204756887,
  "fd_num": 32,
  "fd_perc": 9.014084507042254,
  "fwhm_avg": 1.6601497777777778,
  "fwhm_x": 1.624412,
  "fwhm_y": 1.8474840000000001,
  "fwhm_z": 1.5085533333333334,
  "gcor": 0.0354014,
  "gsr_x": -0.003220943734049797,
  "gsr_y": 0.01353713870048523,
  "provenance": {
    "md5sum": "c4853953055196ceb2a7e7c324ca477e",
    "settings": {
      "fd_thres": 0.2,
      "testing": false
    },
    "software": "mriqc",
    "version": "22.0.6",
    "webapi_port": null,
    "webapi_url": "https://mriqc.nimh.nih.gov/api/v1"
  },
  "size_t": 355,
  "size_x": 88,
  "size_y": 88,
  "size_z": 54,
  "snr": 7.180534709598124,
  "spacing_tr": 1.5,
  "spacing_x": 2.5,
  "spacing_y": 2.5,
  "spacing_z": 3.0,
  "summary_bg_k": 12.408405911114624,
  "summary_bg_mad": 6.907673025712735,
  "summary_bg_mean": 29.48261260986328,
  "summary_bg_median": 8.016901016235352,
  "summary_bg_n": 289833.0,
  "summary_bg_p05": 2.633802652359009,
  "summary_bg_p95": 147.17463989257763,
  "summary_bg_stdv": 52.08438491821289,
  "summary_fg_k": 2.934047380711502,
  "summary_fg_mad": 57.83820470774563,
  "summary_fg_mean": 435.001220703125,
  "summary_fg_median": 431.76055908203125,
  "summary_fg_n": 66544.0,
  "summary_fg_p05": 352.8309631347656,
  "summary_fg_p95": 529.3982788085938,
  "summary_fg_stdv": 60.12885284423828,
  "tsnr": 54.14820869197138
}