{
  "aor": 0.0005525988700564972,
  "aqi": 0.007681412853107345,
  "bids_meta": {
    "AcquisitionMatrixPE": 88,
    "AcquisitionNumber": 1,
    "AcquisitionTime": "19:31:33.872500",
    "BandwidthPerPixelPhaseEncode": 43.706,
    "BaseResolution": 88,
    "BodyPartExamined": "BRAIN",
    "ConsistencyInfo": "N4_VE11C_LATEST_20160120",
    "ConversionSoftware": "dcm2niix",
    "ConversionSoftwareVersion": "v1.0.20171215 (OpenJPEG build) GCC7.3.0",
    "DerivedVendorReportedEchoSpacing": 0.000520003,
    "DeviceSerialNumber": "66108",
    "DwellTime": 2.5e-06,
    "EchoTime": 0.026,
    "EchoTrainLength": 43,
    "EffectiveEchoSpacing": 0.000260002,
    "FlipAngle": 70,
    "ImageOrientationPatientDICOM": [
      0.999867,
      -0.00699513,
      -0.0147006,
      0.00698047,
      0.999975,
      -0.00104831
    ],
    "ImageType": [
      "ORIGINAL",
      "PRIMARY",
      "M",
      "ND",
      "NORM",
      "MOSAIC"
    ],
    "InPlanePhaseEncodingDirectionDICOM": "COL",
    "InstitutionAddress": "Huron_325_TORONTO_ONTARIO_CA_M5S_3G3",
    "InstitutionName": "University_of_Toronto",
    "InstitutionalDepartmentName": "Department",
    "MRAcquisitionType": "2D",
    "MagneticFieldStrength": 3,
    "Manufacturer": "Siemens",
    "ManufacturersModelName": "Prisma",
    "Modality": "MR",
    "MultibandAccelerationFactor": 2,
    "ParallelReductionFactorInPlane": 2,
    "PartialFourier": 1,
    "PatientPosition": "HFS",
    "PercentPhaseFOV": 100,
    "PhaseEncodingDirection": "j-",
    "PhaseEncodingSteps": 87,
    "PhaseResolution": 1,
    "PixelBandwidth": 2275,
    "ProcedureStepDescription": "Cunningham_Nathan",
    "ProtocolName": "ep2d_p2s2_run4",
    "PulseSequenceDetails": "%SiemensSeq%_ep2d_bold",
    "ReceiveCoilActiveElements": "HEA;HEP",
    "ReceiveCoilName": "Head_32",
    "ReconMatrixPE": 88,
    "RepetitionTime": 1.5,
    "SAR": 0.0682208,
    "ScanOptions": "FS",
    "ScanningSequence": "EP",
    "SequenceName": "_epfid2d1_88",
    "SequenceVariant": "SK",
    "SeriesDescription": "ep2d_p2s2_run4",
    "SeriesNumber": 9,
    "ShimSetting": [
      -1040,
      -7007,
      -6368,
      389,
      -61,
      19,
      -50,
      -23
    ],
    "SliceThickness": 2.5,
    "SliceTiming": [
      0.7125,
      0,
      0.7675,
      0.055,
      0.8225,
      0.11,
      0.8775,
      0.165,
      0.9325,
      0.22,
      0.985,
      0.2725,
      1.04,
      0.3275,
      1.095,
      0.3825,
      1.15,
      0.4375,
      1.205,
      0.4925,
      1.26,
      0.5475,
      1.315,
      0.6025,
      1.37,
      0.6575,
      1.425,
      0.7125,
      0,
      0.7675,
      0.055,
      0.8225,
      0.11,
      0.8775,
      0.165,
      0.9325,
      0.22,
      0.985,
      0.2725,
      1.04,
      0.3275,
      1.095,
      0.3825,
      1.15,
      0.4375,
      1.205,
      0.4925,
      1.26,
      0.5475,
      1.315,
      0.6025,
      1.37,
      0.6575,
      1.425
    ],
    "SoftwareVersions": "syngo_MR_E11",
    "SpacingBetweenSlices": 3,
    "StationName": "AWP66108",
    "TaskName": "roletrait",
    "TotalReadoutTime": 0.0226202,
    "TxRefAmp": 248.264,
    "dataset": "ds002294",
    "modality": "bold",
    "run_id": 4,
    "subject_id": "049",
    "task_id": "roletrait"
  },
  "dummy_trs": 1,
  "dvars_nstd": 25.3992975684136,
  "dvars_std": 1.1860772320679887,
  "dvars_vstd": 1.0120997824079312,
  "efc": 0.448910998473496,
  "fber": 4132.99755859375,
  "fd_mean": 0.10096022512764961,
  "fd_num": 1,
  "fd_perc": 0.2824858757062147,
  "fwhm_avg": 1.7239733333333334,
  "fwhm_x": 1.678668,
  "fwhm_y": 1.8481919999999998,
  "fwhm_z": 1.64506,
  "gcor": 0.00699964,
  "gsr_x": -0.013853550888597965,
  "gsr_y": 0.013969452120363712,
  "provenance": {
    "md5sum": "4421de49e25f451bf0a6f933525582fd",
    "settings": {
      "fd_thres": 0.2,
      "testing": false
    },
    "software": "mriqc",
    "version": "22.0.6",
    "webapi_port": null,
    "webapi_url": "https://mriqc.nimh.nih.gov/api/v1"
  },
  "size_t": 354,
  "size_x": 88,
  "size_y": 88,
  "size_z": 54,
  "snr": 6.450858149845422,
  "spacing_tr": 1.5,
  "spacing_x": 2.5,
  "spacing_y": 2.5,
  "spacing_z": 3.0,
  "summary_bg_k": 35.946117812421924,
  "summary_bg_mad": 6.106310730300046,
  "summary_bg_mean": 21.58405303955078,
  "summary_bg_median": 7.9463276863098145,
  "summary_bg_n": 301201.0,
  "summary_bg_p05": 2.7316384315490723,
  "summary_bg_p95": 86.3757095336914,
  "summary_bg_stdv": 43.329715728759766,
  "summary_fg_k": 1.5811780459131421,
  "summary_fg_mad": 77.93712919213768,
  "summary_fg_mean": 512.0804443359375,
  "summary_fg_median": 507.190673828125,
  "summary_fg_n": 57590.0,
  "summary_fg_p05": 403.90804595947264,
  "summary_fg_p95": 643.1744415283202,
  "summary_fg_stdv": 78.6230697631836,
  "tsnr": 64.09112461062614
}