{
  "aor": 0.00048824858757062144,
  "aqi": 0.010853677853107344,
  "bids_meta": {
    "AcquisitionMatrixPE": 88,
    "AcquisitionNumber": 1,
    "AcquisitionTime": "19:21:38.917500",
    "BandwidthPerPixelPhaseEncode": 43.706,
    "BaseResolution": 88,
    "BodyPartExamined": "BRAIN",
    "ConsistencyInfo": "N4_VE11C_LATEST_20160120",
    "ConversionSoftware": "dcm2niix",
    "ConversionSoftwareVersion": "v1.0.20171215 (OpenJPEG build) GCC7.3.0",
    "DerivedVendorReportedEchoSpacing": 0.000520003,
    "DeviceSerialNumber": "66108",
    "DwellTime": 2.5e-06,
    "EchoTime": 0.026,
    "EchoTrainLength": 43,
    "EffectiveEchoSpacing": 0.000260002,
    "FlipAngle": 70,
    "ImageOrientationPatientDICOM": [
      0.999867,
      -0.00699513,
      -0.0147006,
      0.00698047,
      0.999975,
      -0.00104831
    ],
    "ImageType": [
      "ORIGINAL",
      "PRIMARY",
      "M",
      "ND",
      "NORM",
      "MOSAIC"
    ],
    "InPlanePhaseEncodingDirectionDICOM": "COL",
    "InstitutionAddress": "Huron_325_TORONTO_ONTARIO_CA_M5S_3G3",
    "InstitutionName": "University_of_Toronto",
    "InstitutionalDepartmentName": "Department",
    "MRAcquisitionType": "2D",
    "MagneticFieldStrength": 3,
    "Manufacturer": "Siemens",
    "ManufacturersModelName": "Prisma",
    "Modality": "MR",
    "MultibandAccelerationFactor": 2,
    "ParallelReductionFactorInPlane": 2,
    "PartialFourier": 1,
    "PatientPosition": "HFS",
    "PercentPhaseFOV": 100,
    "PhaseEncodingDirection": "j-",
    "PhaseEncodingSteps": 87,
    "PhaseResolution": 1,
    "PixelBandwidth": 2275,
    "ProcedureStepDescription": "Cunningham_Nathan",
    "ProtocolName": "ep2d_p2s2_run3",
    "PulseSequenceDetails": "%SiemensSeq%_ep2d_bold",
    "ReceiveCoilActiveElements": "HEA;HEP",
    "ReceiveCoilName": "Head_32",
    "ReconMatrixPE": 88,
    "RepetitionTime": 1.5,
    "SAR": 0.0682208,
    "ScanOptions": "FS",
    "ScanningSequence": "EP",
    "SequenceName": "_epfid2d1_88",
    "SequenceVariant": "SK",
    "SeriesDescription": "ep2d_p2s2_run3",
    "SeriesNumber": 8,
    "ShimSetting": [
      -1040,
      -7007,
      -6368,
      389,
      -61,
      19,
      -50,
      -23
    ],
    "SliceThickness": 2.5,
    "SliceTiming": [
      0.7125,
      0,
      0.7675,
      0.055,
      0.8225,
      0.11,
      0.8775,
      0.165,
      0.93,
      0.2175,
      0.985,
      0.2725,
      1.04,
      0.3275,
      1.095,
      0.3825,
      1.15,
      0.4375,
      1.205,
      0.4925,
      1.26,
      0.5475,
      1.315,
      0.6025,
      1.37,
      0.6575,
      1.425,
      0.7125,
      0,
      0.7675,
      0.055,
      0.8225,
      0.11,
      0.8775,
      0.165,
      0.93,
      0.2175,
      0.985,
      0.2725,
      1.04,
      0.3275,
      1.095,
      0.3825,
      1.15,
      0.4375,
      1.205,
      0.4925,
      1.26,
      0.5475,
      1.315,
      0.6025,
      1.37,
      0.6575,
      1.425
    ],
    "SoftwareVersions": "syngo_MR_E11",
    "SpacingBetweenSlices": 3,
    "StationName": "AWP66108",
    "TaskName": "roletrait",
    "TotalReadoutTime": 0.0226202,
    "TxRefAmp": 248.264,
    "dataset": "ds002294",
    "modality": "bold",
    "run_id": 3,
    "subject_id": "049",
    "task_id": "roletrait"
  },
  "dummy_trs": 1,
  "dvars_nstd": 25.198201884787537,
  "dvars_std": 1.1522827104532571,
  "dvars_vstd": 0.9892853722662894,
  "efc": 0.4488017942785651,
  "fber": 4128.02783203125,
  "fd_mean": 0.10733133478562469,
  "fd_num": 6,
  "fd_perc": 1.694915254237288,
  "fwhm_avg": 1.7309904444444442,
  "fwhm_x": 1.686168,
  "fwhm_y": 1.8595199999999998,
  "fwhm_z": 1.6472833333333332,
  "gcor": 0.00388817,
  "gsr_x": -0.014054231345653534,
  "gsr_y": 0.013919916935265064,
  "provenance": {
    "md5sum": "6a74b7543707090f42515758dba2e475",
    "settings": {
      "fd_thres": 0.2,
      "testing": false
    },
    "software": "mriqc",
    "version": "22.0.6",
    "webapi_port": null,
    "webapi_url": "https://mriqc.nimh.nih.gov/api/v1"
  },
  "size_t": 354,
  "size_x": 88,
  "size_y": 88,
  "size_z": 54,
  "snr": 6.447448699084264,
  "spacing_tr": 1.5,
  "spacing_x": 2.5,
  "spacing_y": 2.5,
  "spacing_z": 3.0,
  "summary_bg_k": 36.80691102131306,
  "summary_bg_mad": 6.144004060962379,
  "summary_bg_mean": 21.612531661987305,
  "summary_bg_median": 7.96610164642334,
  "summary_bg_n": 301203.0,
  "summary_bg_p05": 2.728813648223877,
  "summary_bg_p95": 85.86328048706015,
  "summary_bg_stdv": 43.44024658203125,
  "summary_fg_k": 1.5850999402423405,
  "summary_fg_mad": 78.0460349398166,
  "summary_fg_mean": 512.0221557617188,
  "summary_fg_median": 507.13983154296875,
  "summary_fg_n": 57642.0,
  "summary_fg_p05": 403.9437942504883,
  "summary_fg_p95": 642.5912658691403,
  "summary_fg_stdv": 78.6567611694336,
  "tsnr": 55.30322513845749
}