{
  "aor": 0.0006519718309859155,
  "aqi": 0.013115378929577464,
  "bids_meta": {
    "AcquisitionMatrixPE": 88,
    "AcquisitionNumber": 1,
    "AcquisitionTime": "15:31:49.292500",
    "BandwidthPerPixelPhaseEncode": 43.706,
    "BaseResolution": 88,
    "BodyPartExamined": "BRAIN",
    "ConsistencyInfo": "N4_VE11C_LATEST_20160120",
    "ConversionSoftware": "dcm2niix",
    "ConversionSoftwareVersion": "v1.0.20171215 (OpenJPEG build) GCC7.3.0",
    "DerivedVendorReportedEchoSpacing": 0.000520003,
    "DeviceSerialNumber": "66108",
    "DwellTime": 2.5e-06,
    "EchoTime": 0.026,
    "EchoTrainLength": 43,
    "EffectiveEchoSpacing": 0.000260002,
    "FlipAngle": 70,
    "ImageOrientationPatientDICOM": [
      0.999617,
      -0.0267747,
      -0.00705289,
      0.0261759,
      0.996879,
      -0.0744758
    ],
    "ImageType": [
      "ORIGINAL",
      "PRIMARY",
      "M",
      "ND",
      "NORM",
      "MOSAIC"
    ],
    "InPlanePhaseEncodingDirectionDICOM": "COL",
    "InstitutionAddress": "Huron_325_TORONTO_ONTARIO_CA_M5S_3G3",
    "InstitutionName": "University_of_Toronto",
    "InstitutionalDepartmentName": "Department",
    "MRAcquisitionType": "2D",
    "MagneticFieldStrength": 3,
    "Manufacturer": "Siemens",
    "ManufacturersModelName": "Prisma",
    "Modality": "MR",
    "MultibandAccelerationFactor": 2,
    "ParallelReductionFactorInPlane": 2,
    "PartialFourier": 1,
    "PatientPosition": "HFS",
    "PercentPhaseFOV": 100,
    "PhaseEncodingDirection": "j-",
    "PhaseEncodingSteps": 87,
    "PhaseResolution": 1,
    "PixelBandwidth": 2275,
    "ProcedureStepDescription": "Cunningham_Nathan",
    "ProtocolName": "ep2d_p2s2_run2",
    "PulseSequenceDetails": "%SiemensSeq%_ep2d_bold",
    "ReceiveCoilActiveElements": "HEA;HEP",
    "ReceiveCoilName": "Head_32",
    "ReconMatrixPE": 88,
    "RepetitionTime": 1.5,
    "SAR": 0.0718107,
    "ScanOptions": "FS",
    "ScanningSequence": "EP",
    "SequenceName": "_epfid2d1_88",
    "SequenceVariant": "SK",
    "SeriesDescription": "ep2d_p2s2_run2",
    "SeriesNumber": 7,
    "ShimSetting": [
      -1030,
      -7040,
      -6395,
      366,
      -23,
      -86,
      -4,
      -57
    ],
    "SliceThickness": 2.5,
    "SliceTiming": [
      0.7125,
      0,
      0.7675,
      0.055,
      0.8225,
      0.11,
      0.8775,
      0.165,
      0.9325,
      0.22,
      0.9875,
      0.275,
      1.0425,
      0.33,
      1.0975,
      0.385,
      1.1525,
      0.44,
      1.2075,
      0.495,
      1.2625,
      0.55,
      1.3175,
      0.605,
      1.3725,
      0.66,
      1.425,
      0.7125,
      0,
      0.7675,
      0.055,
      0.8225,
      0.11,
      0.8775,
      0.165,
      0.9325,
      0.22,
      0.9875,
      0.275,
      1.0425,
      0.33,
      1.0975,
      0.385,
      1.1525,
      0.44,
      1.2075,
      0.495,
      1.2625,
      0.55,
      1.3175,
      0.605,
      1.3725,
      0.66,
      1.425
    ],
    "SoftwareVersions": "syngo_MR_E11",
    "SpacingBetweenSlices": 3,
    "StationName": "AWP66108",
    "TaskName": "roletrait",
    "TotalReadoutTime": 0.0226202,
    "TxRefAmp": 243.25,
    "dataset": "ds002294",
    "modality": "bold",
    "run_id": 2,
    "subject_id": "030",
    "task_id": "roletrait"
  },
  "dummy_trs": 0,
  "dvars_nstd": 24.982042695226003,
  "dvars_std": 1.1355332178248592,
  "dvars_vstd": 0.9858555319774013,
  "efc": 0.4513888894916503,
  "fber": 4932.61328125,
  "fd_mean": 0.11327898975588377,
  "fd_num": 23,
  "fd_perc": 6.47887323943662,
  "fwhm_avg": 1.7055806666666664,
  "fwhm_x": 1.65896,
  "fwhm_y": 1.8738119999999998,
  "fwhm_z": 1.5839699999999999,
  "gcor": 0.0151063,
  "gsr_x": -0.0038337374571710825,
  "gsr_y": 0.010367671959102154,
  "provenance": {
    "md5sum": "a89dec66997934082664c77d6b0b7893",
    "settings": {
      "fd_thres": 0.2,
      "testing": false
    },
    "software": "mriqc",
    "version": "22.0.6",
    "webapi_port": null,
    "webapi_url": "https://mriqc.nimh.nih.gov/api/v1"
  },
  "size_t": 355,
  "size_x": 88,
  "size_y": 88,
  "size_z": 54,
  "snr": 7.259740517820102,
  "spacing_tr": 1.5,
  "spacing_x": 2.5,
  "spacing_y": 2.5,
  "spacing_z": 3.0,
  "summary_bg_k": 21.560882412394974,
  "summary_bg_mad": 6.022287847708985,
  "summary_bg_mean": 23.94501495361328,
  "summary_bg_median": 7.5802812576293945,
  "summary_bg_n": 302316.0,
  "summary_bg_p05": 2.5323941707611084,
  "summary_bg_p95": 110.67041778564453,
  "summary_bg_stdv": 47.92613220214844,
  "summary_fg_k": 3.4406387039456003,
  "summary_fg_mad": 66.80478547421522,
  "summary_fg_mean": 532.957763671875,
  "summary_fg_median": 529.52392578125,
  "summary_fg_n": 56411.0,
  "summary_fg_p05": 433.4802703857422,
  "summary_fg_p95": 646.3802795410156,
  "summary_fg_stdv": 72.93914031982422,
  "tsnr": 55.53499679546803
}