{
  "aor": 0.0018120845070422535,
  "aqi": 0.011061370112676057,
  "bids_meta": {
    "AcquisitionMatrixPE": 88,
    "AcquisitionNumber": 1,
    "AcquisitionTime": "15:22:0.895000",
    "BandwidthPerPixelPhaseEncode": 43.706,
    "BaseResolution": 88,
    "BodyPartExamined": "BRAIN",
    "ConsistencyInfo": "N4_VE11C_LATEST_20160120",
    "ConversionSoftware": "dcm2niix",
    "ConversionSoftwareVersion": "v1.0.20171215 (OpenJPEG build) GCC7.3.0",
    "DerivedVendorReportedEchoSpacing": 0.000520003,
    "DeviceSerialNumber": "66108",
    "DwellTime": 2.5e-06,
    "EchoTime": 0.026,
    "EchoTrainLength": 43,
    "EffectiveEchoSpacing": 0.000260002,
    "FlipAngle": 70,
    "ImageOrientationPatientDICOM": [
      0.999617,
      -0.0267747,
      -0.00705289,
      0.0261759,
      0.996879,
      -0.0744758
    ],
    "ImageType": [
      "ORIGINAL",
      "PRIMARY",
      "M",
      "ND",
      "NORM",
      "MOSAIC"
    ],
    "InPlanePhaseEncodingDirectionDICOM": "COL",
    "InstitutionAddress": "Huron_325_TORONTO_ONTARIO_CA_M5S_3G3",
    "InstitutionName": "University_of_Toronto",
    "InstitutionalDepartmentName": "Department",
    "MRAcquisitionType": "2D",
    "MagneticFieldStrength": 3,
    "Manufacturer": "Siemens",
    "ManufacturersModelName": "Prisma",
    "Modality": "MR",
    "MultibandAccelerationFactor": 2,
    "ParallelReductionFactorInPlane": 2,
    "PartialFourier": 1,
    "PatientPosition": "HFS",
    "PercentPhaseFOV": 100,
    "PhaseEncodingDirection": "j-",
    "PhaseEncodingSteps": 87,
    "PhaseResolution": 1,
    "PixelBandwidth": 2275,
    "ProcedureStepDescription": "Cunningham_Nathan",
    "ProtocolName": "ep2d_p2s2_run1",
    "PulseSequenceDetails": "%SiemensSeq%_ep2d_bold",
    "ReceiveCoilActiveElements": "HEA;HEP",
    "ReceiveCoilName": "Head_32",
    "ReconMatrixPE": 88,
    "RepetitionTime": 1.5,
    "SAR": 0.0718107,
    "ScanOptions": "FS",
    "ScanningSequence": "EP",
    "SequenceName": "_epfid2d1_88",
    "SequenceVariant": "SK",
    "SeriesDescription": "ep2d_p2s2_run1",
    "SeriesNumber": 6,
    "ShimSetting": [
      -1034,
      -7032,
      -6372,
      439,
      -3,
      -15,
      -8,
      -67
    ],
    "SliceThickness": 2.5,
    "SliceTiming": [
      0.7125,
      0,
      0.7675,
      0.055,
      0.8225,
      0.11,
      0.8775,
      0.165,
      0.9325,
      0.22,
      0.9875,
      0.275,
      1.0425,
      0.33,
      1.0975,
      0.385,
      1.1525,
      0.44,
      1.2075,
      0.495,
      1.2625,
      0.55,
      1.3175,
      0.605,
      1.37,
      0.6575,
      1.425,
      0.7125,
      0,
      0.7675,
      0.055,
      0.8225,
      0.11,
      0.8775,
      0.165,
      0.9325,
      0.22,
      0.9875,
      0.275,
      1.0425,
      0.33,
      1.0975,
      0.385,
      1.1525,
      0.44,
      1.2075,
      0.495,
      1.2625,
      0.55,
      1.3175,
      0.605,
      1.37,
      0.6575,
      1.425
    ],
    "SoftwareVersions": "syngo_MR_E11",
    "SpacingBetweenSlices": 3,
    "StationName": "AWP66108",
    "TaskName": "roletrait",
    "TotalReadoutTime": 0.0226202,
    "TxRefAmp": 243.25,
    "dataset": "ds002294",
    "modality": "bold",
    "run_id": 1,
    "subject_id": "030",
    "task_id": "roletrait"
  },
  "dummy_trs": 0,
  "dvars_nstd": 28.094914032429404,
  "dvars_std": 1.2273684156497189,
  "dvars_vstd": 1.0198865412146894,
  "efc": 0.45196334905873503,
  "fber": 4826.41259765625,
  "fd_mean": 0.11570141055005982,
  "fd_num": 27,
  "fd_perc": 7.605633802816901,
  "fwhm_avg": 1.6999675555555556,
  "fwhm_x": 1.6554480000000003,
  "fwhm_y": 1.863508,
  "fwhm_z": 1.5809466666666667,
  "gcor": 0.0100003,
  "gsr_x": -0.004667223431169987,
  "gsr_y": 0.0101979561150074,
  "provenance": {
    "md5sum": "f7bad8c6719cf8e1fcd9e84004dfc8aa",
    "settings": {
      "fd_thres": 0.2,
      "testing": false
    },
    "software": "mriqc",
    "version": "22.0.6",
    "webapi_port": null,
    "webapi_url": "https://mriqc.nimh.nih.gov/api/v1"
  },
  "size_t": 355,
  "size_x": 88,
  "size_y": 88,
  "size_z": 54,
  "snr": 7.171246415439185,
  "spacing_tr": 1.5,
  "spacing_x": 2.5,
  "spacing_y": 2.5,
  "spacing_z": 3.0,
  "summary_bg_k": 21.48844246069256,
  "summary_bg_mad": 6.197694832106591,
  "summary_bg_mean": 24.097204208374023,
  "summary_bg_median": 7.642253398895264,
  "summary_bg_n": 302129.0,
  "summary_bg_p05": 2.487323760986328,
  "summary_bg_p95": 112.44675750732415,
  "summary_bg_stdv": 48.66448211669922,
  "summary_fg_k": 3.670360701611391,
  "summary_fg_mad": 67.35191582477916,
  "summary_fg_mean": 532.6784057617188,
  "summary_fg_median": 529.0943603515625,
  "summary_fg_n": 56552.0,
  "summary_fg_p05": 431.9535110473633,
  "summary_fg_p95": 646.9104064941405,
  "summary_fg_stdv": 73.7793197631836,
  "tsnr": 57.20019679283723
}