{
  "bids_meta": {
    "AcquisitionMatrixPE": 192,
    "AcquisitionNumber": 1,
    "AcquisitionTime": "16:19:19.700000",
    "BaseResolution": 256,
    "BodyPartExamined": "BRAIN",
    "ConsistencyInfo": "N4_VE11C_LATEST_20160120",
    "ConversionSoftware": "dcm2niix",
    "ConversionSoftwareVersion": "v1.0.20171215 (OpenJPEG build) GCC7.3.0",
    "DeviceSerialNumber": "66108",
    "DwellTime": 7.5e-06,
    "EchoTime": 0.0024,
    "FlipAngle": 9,
    "ImageOrientationPatientDICOM": [
      0.999582,
      -0.015245,
      0.0245685,
      0.019193,
      0.985351,
      -0.169456
    ],
    "ImageType": [
      "ORIGINAL",
      "PRIMARY",
      "M",
      "ND",
      "NORM",
      "FM3",
      "2",
      "FIL"
    ],
    "InPlanePhaseEncodingDirectionDICOM": "ROW",
    "InstitutionAddress": "Huron_325_TORONTO_ONTARIO_CA_M5S_3G3",
    "InstitutionName": "University_of_Toronto",
    "InstitutionalDepartmentName": "Department",
    "InversionTime": 1.1,
    "MRAcquisitionType": "3D",
    "MagneticFieldStrength": 3,
    "Manufacturer": "Siemens",
    "ManufacturersModelName": "Prisma",
    "Modality": "MR",
    "ParallelReductionFactorInPlane": 2,
    "PartialFourier": 1,
    "PatientPosition": "HFS",
    "PercentPhaseFOV": 75,
    "PhaseEncodingSteps": 191,
    "PhaseResolution": 1,
    "PixelBandwidth": 260,
    "ProcedureStepDescription": "Cunningham_Nathan",
    "ProtocolName": "t1_mprage_tra_p2_iso",
    "PulseSequenceDetails": "%SiemensSeq%_tfl",
    "ReceiveCoilActiveElements": "HEA;HEP",
    "ReceiveCoilName": "Head_32",
    "ReconMatrixPE": 256,
    "RepetitionTime": 2,
    "SAR": 0.0638202,
    "ScanOptions": "IR",
    "ScanningSequence": "GR_IR",
    "SequenceName": "_tfl3d1_16",
    "SequenceVariant": "SK_SP_MP",
    "SeriesDescription": "t1_mprage_tra_p2_iso",
    "SeriesNumber": 12,
    "ShimSetting": [
      -1026,
      -6983,
      -6652,
      -33,
      -35,
      26,
      -37,
      -58
    ],
    "SliceThickness": 1,
    "SoftwareVersions": "syngo_MR_E11",
    "StationName": "AWP66108",
    "TxRefAmp": 233.581,
    "dataset": "ds002294",
    "modality": "T1w",
    "subject_id": "045"
  },
  "cjv": 0.3331842160035368,
  "cnr": 3.7972965356819515,
  "efc": 0.8443578464504309,
  "fber": -1.0,
  "fwhm_avg": 3.68786044625017,
  "fwhm_x": 3.51957,
  "fwhm_y": 3.91122,
  "fwhm_z": 3.6327913387505086,
  "icvs_csf": 0.2404946055373391,
  "icvs_gm": 0.37720744746040363,
  "icvs_wm": 0.3822979470022573,
  "inu_med": 0.6889613270759583,
  "inu_range": 0.15325111150741577,
  "provenance": {
    "md5sum": "272047b43190930aef3d26342dfe8579",
    "settings": {
      "testing": false
    },
    "software": "mriqc",
    "version": "22.0.6",
    "warnings": {
      "large_rot_frame": true,
      "small_air_mask": true
    },
    "webapi_port": null,
    "webapi_url": "https://mriqc.nimh.nih.gov/api/v1"
  },
  "qi_1": -1.0,
  "qi_2": 0.0,
  "rpve_csf": 19.310408086765914,
  "rpve_gm": 11.35130511370487,
  "rpve_wm": 15.106008879392764,
  "size_x": 192,
  "size_y": 256,
  "size_z": 160,
  "snr_csf": 2.5341611104615307,
  "snr_gm": 7.458786076168628,
  "snr_total": 10.155763817577004,
  "snr_wm": 20.47434426610085,
  "snrd_csf": -1.0,
  "snrd_gm": -1.0,
  "snrd_total": -1.0,
  "snrd_wm": -1.0,
  "spacing_x": 1.0,
  "spacing_y": 1.0,
  "spacing_z": 1.000002384185791,
  "summary_bg_k": 0.0,
  "summary_bg_mad": 0.0,
  "summary_bg_mean": 0.0,
  "summary_bg_median": 0.0,
  "summary_bg_n": 0.0,
  "summary_bg_p05": 0.0,
  "summary_bg_p95": 0.0,
  "summary_bg_stdv": 0.0,
  "summary_csf_k": 5.048230727004153,
  "summary_csf_mad": 86.1351849033635,
  "summary_csf_mean": 223.724373503782,
  "summary_csf_median": 223.27861987426877,
  "summary_csf_n": 4319.0,
  "summary_csf_p05": 82.08848681785166,
  "summary_csf_p95": 371.20541961975385,
  "summary_csf_stdv": 88.09730724695187,
  "summary_gm_k": 0.5306412804739065,
  "summary_gm_mad": 78.45452782793546,
  "summary_gm_mean": 627.1958651019294,
  "summary_gm_median": 629.6619840227067,
  "summary_gm_n": 12768.0,
  "summary_gm_p05": 482.84869930744173,
  "summary_gm_p95": 763.5676248136907,
  "summary_gm_stdv": 84.4155227532038,
  "summary_wm_k": 0.6343944859768036,
  "summary_wm_mad": 44.93625806198704,
  "summary_wm_mean": 1000.4980725412485,
  "summary_wm_median": 1000.0000131465495,
  "summary_wm_n": 161954.0,
  "summary_wm_p05": 920.1812312075868,
  "summary_wm_p95": 1081.2806557267904,
  "summary_wm_stdv": 48.84146289857177,
  "tpm_overlap_csf": 0.12158452241741133,
  "tpm_overlap_gm": 0.39416227905605955,
  "tpm_overlap_wm": 0.47589412099910544,
  "wm2max": 0.8688776214128036
}