{
  "aor": 0.0004965352112676056,
  "aqi": 0.009752076056338028,
  "bids_meta": {
    "AcquisitionMatrixPE": 88,
    "AcquisitionNumber": 1,
    "AcquisitionTime": "10:46:15.157500",
    "BandwidthPerPixelPhaseEncode": 43.706,
    "BaseResolution": 88,
    "BodyPartExamined": "BRAIN",
    "ConsistencyInfo": "N4_VE11C_LATEST_20160120",
    "ConversionSoftware": "dcm2niix",
    "ConversionSoftwareVersion": "v1.0.20171215 (OpenJPEG build) GCC7.3.0",
    "DerivedVendorReportedEchoSpacing": 0.000520003,
    "DeviceSerialNumber": "66108",
    "DwellTime": 2.5e-06,
    "EchoTime": 0.026,
    "EchoTrainLength": 43,
    "EffectiveEchoSpacing": 0.000260002,
    "FlipAngle": 70,
    "ImageOrientationPatientDICOM": [
      0.996044,
      0.0717942,
      0.0523626,
      -0.0679035,
      0.995044,
      -0.072638
    ],
    "ImageType": [
      "ORIGINAL",
      "PRIMARY",
      "M",
      "ND",
      "NORM",
      "MOSAIC"
    ],
    "InPlanePhaseEncodingDirectionDICOM": "COL",
    "InstitutionAddress": "Huron_325_TORONTO_ONTARIO_CA_M5S_3G3",
    "InstitutionName": "University_of_Toronto",
    "InstitutionalDepartmentName": "Department",
    "MRAcquisitionType": "2D",
    "MagneticFieldStrength": 3,
    "Manufacturer": "Siemens",
    "ManufacturersModelName": "Prisma",
    "Modality": "MR",
    "MultibandAccelerationFactor": 2,
    "ParallelReductionFactorInPlane": 2,
    "PartialFourier": 1,
    "PatientPosition": "HFS",
    "PercentPhaseFOV": 100,
    "PhaseEncodingDirection": "j-",
    "PhaseEncodingSteps": 87,
    "PhaseResolution": 1,
    "PixelBandwidth": 2275,
    "ProcedureStepDescription": "Cunningham_Nathan",
    "ProtocolName": "ep2d_p2s2_run3",
    "PulseSequenceDetails": "%SiemensSeq%_ep2d_bold",
    "ReceiveCoilActiveElements": "HEA;HEP",
    "ReceiveCoilName": "Head_32",
    "ReconMatrixPE": 88,
    "RepetitionTime": 1.5,
    "SAR": 0.0702921,
    "ScanOptions": "FS",
    "ScanningSequence": "EP",
    "SequenceName": "_epfid2d1_88",
    "SequenceVariant": "SK",
    "SeriesDescription": "ep2d_p2s2_run3",
    "SeriesNumber": 8,
    "ShimSetting": [
      -1038,
      -7030,
      -6408,
      340,
      -103,
      -122,
      -188,
      -52
    ],
    "SliceThickness": 2.5,
    "SliceTiming": [
      0.7125,
      0,
      0.7675,
      0.055,
      0.8225,
      0.1075,
      0.875,
      0.1625,
      0.93,
      0.2175,
      0.985,
      0.2725,
      1.04,
      0.3275,
      1.095,
      0.3825,
      1.15,
      0.4375,
      1.205,
      0.4925,
      1.26,
      0.5475,
      1.315,
      0.6025,
      1.37,
      0.6575,
      1.425,
      0.7125,
      0,
      0.7675,
      0.055,
      0.8225,
      0.1075,
      0.875,
      0.1625,
      0.93,
      0.2175,
      0.985,
      0.2725,
      1.04,
      0.3275,
      1.095,
      0.3825,
      1.15,
      0.4375,
      1.205,
      0.4925,
      1.26,
      0.5475,
      1.315,
      0.6025,
      1.37,
      0.6575,
      1.425
    ],
    "SoftwareVersions": "syngo_MR_E11",
    "SpacingBetweenSlices": 3,
    "StationName": "AWP66108",
    "TaskName": "roletrait",
    "TotalReadoutTime": 0.0226202,
    "TxRefAmp": 240.453,
    "dataset": "ds002294",
    "modality": "bold",
    "run_id": 3,
    "subject_id": "043",
    "task_id": "roletrait"
  },
  "dummy_trs": 0,
  "dvars_nstd": 25.29752997474576,
  "dvars_std": 1.1004591414406775,
  "dvars_vstd": 0.9957989375423731,
  "efc": 0.4418041504735742,
  "fber": 3998.518798828125,
  "fd_mean": 0.09011876810710039,
  "fd_num": 7,
  "fd_perc": 1.971830985915493,
  "fwhm_avg": 1.6673651519025023,
  "fwhm_x": 1.622232,
  "fwhm_y": 1.8400400000000001,
  "fwhm_z": 1.5398234557075068,
  "gcor": 0.00333155,
  "gsr_x": -0.011427664197981358,
  "gsr_y": 0.0012914504623040557,
  "provenance": {
    "md5sum": "3c693a77ac745df68370498ceff93b54",
    "settings": {
      "fd_thres": 0.2,
      "testing": false
    },
    "software": "mriqc",
    "version": "22.0.6",
    "webapi_port": null,
    "webapi_url": "https://mriqc.nimh.nih.gov/api/v1"
  },
  "size_t": 355,
  "size_x": 88,
  "size_y": 88,
  "size_z": 54,
  "snr": 7.360452519375327,
  "spacing_tr": 1.5,
  "spacing_x": 2.5,
  "spacing_y": 2.5,
  "spacing_z": 2.999999761581421,
  "summary_bg_k": 21.1016725143016,
  "summary_bg_mad": 4.32251605336992,
  "summary_bg_mean": 18.65871810913086,
  "summary_bg_median": 5.985915184020996,
  "summary_bg_n": 311636.0,
  "summary_bg_p05": 2.4788732528686523,
  "summary_bg_p95": 80.64506721496582,
  "summary_bg_stdv": 37.030033111572266,
  "summary_fg_k": 2.0590751896202777,
  "summary_fg_mad": 52.75558206020176,
  "summary_fg_mean": 380.54266357421875,
  "summary_fg_median": 378.6309814453125,
  "summary_fg_n": 49317.0,
  "summary_fg_p05": 308.17689819335936,
  "summary_fg_p95": 461.6546325683594,
  "summary_fg_stdv": 51.44074249267578,
  "tsnr": 56.831802734639496
}