{
  "aor": 0.0022156338028169013,
  "aqi": 0.010677011774647888,
  "bids_meta": {
    "AcquisitionMatrixPE": 88,
    "AcquisitionNumber": 1,
    "AcquisitionTime": "10:25:42.127500",
    "BandwidthPerPixelPhaseEncode": 43.706,
    "BaseResolution": 88,
    "BodyPartExamined": "BRAIN",
    "ConsistencyInfo": "N4_VE11C_LATEST_20160120",
    "ConversionSoftware": "dcm2niix",
    "ConversionSoftwareVersion": "v1.0.20171215 (OpenJPEG build) GCC7.3.0",
    "DerivedVendorReportedEchoSpacing": 0.000520003,
    "DeviceSerialNumber": "66108",
    "DwellTime": 2.5e-06,
    "EchoTime": 0.026,
    "EchoTrainLength": 43,
    "EffectiveEchoSpacing": 0.000260002,
    "FlipAngle": 70,
    "ImageOrientationPatientDICOM": [
      0.996044,
      0.0717942,
      0.0523626,
      -0.0679035,
      0.995044,
      -0.072638
    ],
    "ImageType": [
      "ORIGINAL",
      "PRIMARY",
      "M",
      "ND",
      "NORM",
      "MOSAIC"
    ],
    "InPlanePhaseEncodingDirectionDICOM": "COL",
    "InstitutionAddress": "Huron_325_TORONTO_ONTARIO_CA_M5S_3G3",
    "InstitutionName": "University_of_Toronto",
    "InstitutionalDepartmentName": "Department",
    "MRAcquisitionType": "2D",
    "MagneticFieldStrength": 3,
    "Manufacturer": "Siemens",
    "ManufacturersModelName": "Prisma",
    "Modality": "MR",
    "MultibandAccelerationFactor": 2,
    "ParallelReductionFactorInPlane": 2,
    "PartialFourier": 1,
    "PatientPosition": "HFS",
    "PercentPhaseFOV": 100,
    "PhaseEncodingDirection": "j-",
    "PhaseEncodingSteps": 87,
    "PhaseResolution": 1,
    "PixelBandwidth": 2275,
    "ProcedureStepDescription": "Cunningham_Nathan",
    "ProtocolName": "ep2d_p2s2_run1",
    "PulseSequenceDetails": "%SiemensSeq%_ep2d_bold",
    "ReceiveCoilActiveElements": "HEA;HEP",
    "ReceiveCoilName": "Head_32",
    "ReconMatrixPE": 88,
    "RepetitionTime": 1.5,
    "SAR": 0.0702921,
    "ScanOptions": "FS",
    "ScanningSequence": "EP",
    "SequenceName": "_epfid2d1_88",
    "SequenceVariant": "SK",
    "SeriesDescription": "ep2d_p2s2_run1",
    "SeriesNumber": 6,
    "ShimSetting": [
      -1040,
      -7026,
      -6396,
      362,
      -104,
      -105,
      -131,
      -55
    ],
    "SliceThickness": 2.5,
    "SliceTiming": [
      0.7125,
      0,
      0.7675,
      0.055,
      0.8225,
      0.11,
      0.8775,
      0.165,
      0.9325,
      0.22,
      0.9875,
      0.275,
      1.0425,
      0.33,
      1.0975,
      0.3825,
      1.15,
      0.4375,
      1.205,
      0.4925,
      1.26,
      0.5475,
      1.315,
      0.6025,
      1.37,
      0.6575,
      1.425,
      0.7125,
      0,
      0.7675,
      0.055,
      0.8225,
      0.11,
      0.8775,
      0.165,
      0.9325,
      0.22,
      0.9875,
      0.275,
      1.0425,
      0.33,
      1.0975,
      0.3825,
      1.15,
      0.4375,
      1.205,
      0.4925,
      1.26,
      0.5475,
      1.315,
      0.6025,
      1.37,
      0.6575,
      1.425
    ],
    "SoftwareVersions": "syngo_MR_E11",
    "SpacingBetweenSlices": 3,
    "StationName": "AWP66108",
    "TaskName": "roletrait",
    "TotalReadoutTime": 0.0226202,
    "TxRefAmp": 240.453,
    "dataset": "ds002294",
    "modality": "bold",
    "run_id": 1,
    "subject_id": "043",
    "task_id": "roletrait"
  },
  "dummy_trs": 0,
  "dvars_nstd": 28.80331176279663,
  "dvars_std": 1.2239834118644066,
  "dvars_vstd": 1.0362435029943504,
  "efc": 0.4403986714840061,
  "fber": 4043.7314453125,
  "fd_mean": 0.07777902234395002,
  "fd_num": 3,
  "fd_perc": 0.8450704225352113,
  "fwhm_avg": 1.6693778187283794,
  "fwhm_x": 1.62074,
  "fwhm_y": 1.84156,
  "fwhm_z": 1.5458334561851388,
  "gcor": 0.0031947,
  "gsr_x": -0.010418057441711426,
  "gsr_y": 0.0006814199150539935,
  "provenance": {
    "md5sum": "4e63401a02030ff35ff6d3ae85fb38b0",
    "settings": {
      "fd_thres": 0.2,
      "testing": false
    },
    "software": "mriqc",
    "version": "22.0.6",
    "webapi_port": null,
    "webapi_url": "https://mriqc.nimh.nih.gov/api/v1"
  },
  "size_t": 355,
  "size_x": 88,
  "size_y": 88,
  "size_z": 54,
  "snr": 7.334643248898535,
  "spacing_tr": 1.5,
  "spacing_x": 2.5,
  "spacing_y": 2.5,
  "spacing_z": 2.999999761581421,
  "summary_bg_k": 21.096156108556848,
  "summary_bg_mad": 4.33922151412016,
  "summary_bg_mean": 18.27427101135254,
  "summary_bg_median": 5.949295520782471,
  "summary_bg_n": 311634.0,
  "summary_bg_p05": 2.425352096557617,
  "summary_bg_p95": 77.11365890502923,
  "summary_bg_stdv": 36.445674896240234,
  "summary_fg_k": 1.9235972131185441,
  "summary_fg_mad": 52.9560193108115,
  "summary_fg_mean": 380.7119445800781,
  "summary_fg_median": 378.54364013671875,
  "summary_fg_n": 49229.0,
  "summary_fg_p05": 307.7521118164062,
  "summary_fg_p95": 462.04898681640617,
  "summary_fg_stdv": 51.60984420776367,
  "tsnr": 54.12091322639026
}