{
  "aor": 0.0004549014084507042,
  "aqi": 0.012502061521126758,
  "bids_meta": {
    "AcquisitionMatrixPE": 88,
    "AcquisitionNumber": 1,
    "AcquisitionTime": "13:35:16.037500",
    "BandwidthPerPixelPhaseEncode": 43.706,
    "BaseResolution": 88,
    "BodyPartExamined": "BRAIN",
    "ConsistencyInfo": "N4_VE11C_LATEST_20160120",
    "ConversionSoftware": "dcm2niix",
    "ConversionSoftwareVersion": "v1.0.20171215 (OpenJPEG build) GCC7.3.0",
    "DerivedVendorReportedEchoSpacing": 0.000520003,
    "DeviceSerialNumber": "66108",
    "DwellTime": 2.5e-06,
    "EchoTime": 0.026,
    "EchoTrainLength": 43,
    "EffectiveEchoSpacing": 0.000260002,
    "FlipAngle": 70,
    "ImageOrientationPatientDICOM": [
      0.997617,
      0.0570339,
      0.0388216,
      -0.0543783,
      0.996315,
      -0.0663274
    ],
    "ImageType": [
      "ORIGINAL",
      "PRIMARY",
      "M",
      "ND",
      "NORM",
      "MOSAIC"
    ],
    "InPlanePhaseEncodingDirectionDICOM": "COL",
    "InstitutionAddress": "Huron_325_TORONTO_ONTARIO_CA_M5S_3G3",
    "InstitutionName": "University_of_Toronto",
    "InstitutionalDepartmentName": "Department",
    "MRAcquisitionType": "2D",
    "MagneticFieldStrength": 3,
    "Manufacturer": "Siemens",
    "ManufacturersModelName": "Prisma",
    "Modality": "MR",
    "MultibandAccelerationFactor": 2,
    "ParallelReductionFactorInPlane": 2,
    "PartialFourier": 1,
    "PatientPosition": "HFS",
    "PercentPhaseFOV": 100,
    "PhaseEncodingDirection": "j-",
    "PhaseEncodingSteps": 87,
    "PhaseResolution": 1,
    "PixelBandwidth": 2275,
    "ProcedureStepDescription": "Cunningham_Nathan",
    "ProtocolName": "ep2d_p2s2_run3",
    "PulseSequenceDetails": "%SiemensSeq%_ep2d_bold",
    "ReceiveCoilActiveElements": "HEA;HEP",
    "ReceiveCoilName": "Head_32",
    "ReconMatrixPE": 88,
    "RepetitionTime": 1.5,
    "SAR": 0.0600749,
    "ScanOptions": "FS",
    "ScanningSequence": "EP",
    "SequenceName": "_epfid2d1_88",
    "SequenceVariant": "SK",
    "SeriesDescription": "ep2d_p2s2_run3",
    "SeriesNumber": 8,
    "ShimSetting": [
      -1009,
      -6974,
      -6417,
      375,
      -2,
      104,
      98,
      -65
    ],
    "SliceThickness": 2.5,
    "SliceTiming": [
      0.7125,
      0,
      0.7675,
      0.055,
      0.8225,
      0.11,
      0.875,
      0.1625,
      0.93,
      0.2175,
      0.985,
      0.2725,
      1.04,
      0.3275,
      1.095,
      0.3825,
      1.15,
      0.4375,
      1.205,
      0.4925,
      1.26,
      0.5475,
      1.315,
      0.6025,
      1.37,
      0.6575,
      1.425,
      0.7125,
      0,
      0.7675,
      0.055,
      0.8225,
      0.11,
      0.875,
      0.1625,
      0.93,
      0.2175,
      0.985,
      0.2725,
      1.04,
      0.3275,
      1.095,
      0.3825,
      1.15,
      0.4375,
      1.205,
      0.4925,
      1.26,
      0.5475,
      1.315,
      0.6025,
      1.37,
      0.6575,
      1.425
    ],
    "SoftwareVersions": "syngo_MR_E11",
    "SpacingBetweenSlices": 3,
    "StationName": "AWP66108",
    "TaskName": "roletrait",
    "TotalReadoutTime": 0.0226202,
    "TxRefAmp": 244.5,
    "dataset": "ds002294",
    "modality": "bold",
    "run_id": 3,
    "subject_id": "028",
    "task_id": "roletrait"
  },
  "dummy_trs": 0,
  "dvars_nstd": 36.550155149180796,
  "dvars_std": 1.4264857617514135,
  "dvars_vstd": 0.9945243781920888,
  "efc": 0.4875909259770887,
  "fber": 4567.97607421875,
  "fd_mean": 0.08103828985255791,
  "fd_num": 4,
  "fd_perc": 1.1267605633802817,
  "fwhm_avg": 1.5789597777777777,
  "fwhm_x": 1.501716,
  "fwhm_y": 1.7498200000000002,
  "fwhm_z": 1.4853433333333335,
  "gcor": 0.0202534,
  "gsr_x": -0.020301267504692078,
  "gsr_y": 0.022721128538250923,
  "provenance": {
    "md5sum": "9c56622a8ee65dedca5ee4c6997dddd8",
    "settings": {
      "fd_thres": 0.2,
      "testing": false
    },
    "software": "mriqc",
    "version": "22.0.6",
    "webapi_port": null,
    "webapi_url": "https://mriqc.nimh.nih.gov/api/v1"
  },
  "size_t": 355,
  "size_x": 88,
  "size_y": 88,
  "size_z": 54,
  "snr": 7.36775777212882,
  "spacing_tr": 1.5,
  "spacing_x": 2.5,
  "spacing_y": 2.5,
  "spacing_z": 3.0,
  "summary_bg_k": 16.72213357260027,
  "summary_bg_mad": 5.374955131916241,
  "summary_bg_mean": 24.418060302734375,
  "summary_bg_median": 6.97183084487915,
  "summary_bg_n": 287501.0,
  "summary_bg_p05": 2.5408449172973633,
  "summary_bg_p95": 118.17464447021484,
  "summary_bg_stdv": 47.426170349121094,
  "summary_fg_k": 3.548536651506077,
  "summary_fg_mad": 59.50036341136291,
  "summary_fg_mean": 475.8274841308594,
  "summary_fg_median": 472.0506896972656,
  "summary_fg_n": 68328.0,
  "summary_fg_p05": 390.8544982910156,
  "summary_fg_p95": 579.6289947509765,
  "summary_fg_stdv": 64.06932067871094,
  "tsnr": 57.87787426169962
}