{
  "aor": 0.0005009295774647887,
  "aqi": 0.011265117014084506,
  "bids_meta": {
    "AcquisitionMatrixPE": 88,
    "AcquisitionNumber": 1,
    "AcquisitionTime": "13:25:37.132500",
    "BandwidthPerPixelPhaseEncode": 43.706,
    "BaseResolution": 88,
    "BodyPartExamined": "BRAIN",
    "ConsistencyInfo": "N4_VE11C_LATEST_20160120",
    "ConversionSoftware": "dcm2niix",
    "ConversionSoftwareVersion": "v1.0.20171215 (OpenJPEG build) GCC7.3.0",
    "DerivedVendorReportedEchoSpacing": 0.000520003,
    "DeviceSerialNumber": "66108",
    "DwellTime": 2.5e-06,
    "EchoTime": 0.026,
    "EchoTrainLength": 43,
    "EffectiveEchoSpacing": 0.000260002,
    "FlipAngle": 70,
    "ImageOrientationPatientDICOM": [
      0.997617,
      0.0570339,
      0.0388216,
      -0.0543783,
      0.996315,
      -0.0663274
    ],
    "ImageType": [
      "ORIGINAL",
      "PRIMARY",
      "M",
      "ND",
      "NORM",
      "MOSAIC"
    ],
    "InPlanePhaseEncodingDirectionDICOM": "COL",
    "InstitutionAddress": "Huron_325_TORONTO_ONTARIO_CA_M5S_3G3",
    "InstitutionName": "University_of_Toronto",
    "InstitutionalDepartmentName": "Department",
    "MRAcquisitionType": "2D",
    "MagneticFieldStrength": 3,
    "Manufacturer": "Siemens",
    "ManufacturersModelName": "Prisma",
    "Modality": "MR",
    "MultibandAccelerationFactor": 2,
    "ParallelReductionFactorInPlane": 2,
    "PartialFourier": 1,
    "PatientPosition": "HFS",
    "PercentPhaseFOV": 100,
    "PhaseEncodingDirection": "j-",
    "PhaseEncodingSteps": 87,
    "PhaseResolution": 1,
    "PixelBandwidth": 2275,
    "ProcedureStepDescription": "Cunningham_Nathan",
    "ProtocolName": "ep2d_p2s2_run2",
    "PulseSequenceDetails": "%SiemensSeq%_ep2d_bold",
    "ReceiveCoilActiveElements": "HEA;HEP",
    "ReceiveCoilName": "Head_32",
    "ReconMatrixPE": 88,
    "RepetitionTime": 1.5,
    "SAR": 0.0600749,
    "ScanOptions": "FS",
    "ScanningSequence": "EP",
    "SequenceName": "_epfid2d1_88",
    "SequenceVariant": "SK",
    "SeriesDescription": "ep2d_p2s2_run2",
    "SeriesNumber": 7,
    "ShimSetting": [
      -1009,
      -6974,
      -6417,
      375,
      -2,
      104,
      98,
      -65
    ],
    "SliceThickness": 2.5,
    "SliceTiming": [
      0.7125,
      0,
      0.7675,
      0.055,
      0.8225,
      0.11,
      0.8775,
      0.165,
      0.9325,
      0.22,
      0.9875,
      0.275,
      1.0425,
      0.33,
      1.0975,
      0.385,
      1.1525,
      0.44,
      1.2075,
      0.495,
      1.2625,
      0.55,
      1.315,
      0.6025,
      1.37,
      0.6575,
      1.425,
      0.7125,
      0,
      0.7675,
      0.055,
      0.8225,
      0.11,
      0.8775,
      0.165,
      0.9325,
      0.22,
      0.9875,
      0.275,
      1.0425,
      0.33,
      1.0975,
      0.385,
      1.1525,
      0.44,
      1.2075,
      0.495,
      1.2625,
      0.55,
      1.315,
      0.6025,
      1.37,
      0.6575,
      1.425
    ],
    "SoftwareVersions": "syngo_MR_E11",
    "SpacingBetweenSlices": 3,
    "StationName": "AWP66108",
    "TaskName": "roletrait",
    "TotalReadoutTime": 0.0226202,
    "TxRefAmp": 244.5,
    "dataset": "ds002294",
    "modality": "bold",
    "run_id": 2,
    "subject_id": "028",
    "task_id": "roletrait"
  },
  "dummy_trs": 0,
  "dvars_nstd": 36.257154906694915,
  "dvars_std": 1.4416499579661022,
  "dvars_vstd": 1.0070820221468915,
  "efc": 0.4867625899910192,
  "fber": 4592.00048828125,
  "fd_mean": 0.08889224162620865,
  "fd_num": 0,
  "fd_perc": 0.0,
  "fwhm_avg": 1.5820844444444446,
  "fwhm_x": 1.4981,
  "fwhm_y": 1.75776,
  "fwhm_z": 1.4903933333333335,
  "gcor": 0.0117461,
  "gsr_x": -0.020601941272616386,
  "gsr_y": 0.022880811244249344,
  "provenance": {
    "md5sum": "0d636fa749ab370906289176ab6d5db5",
    "settings": {
      "fd_thres": 0.2,
      "testing": false
    },
    "software": "mriqc",
    "version": "22.0.6",
    "webapi_port": null,
    "webapi_url": "https://mriqc.nimh.nih.gov/api/v1"
  },
  "size_t": 355,
  "size_x": 88,
  "size_y": 88,
  "size_z": 54,
  "snr": 7.357929339650733,
  "spacing_tr": 1.5,
  "spacing_x": 2.5,
  "spacing_y": 2.5,
  "spacing_z": 3.0,
  "summary_bg_k": 17.272115809076677,
  "summary_bg_mad": 5.320662030998047,
  "summary_bg_mean": 24.132225036621094,
  "summary_bg_median": 6.952112197875977,
  "summary_bg_n": 287457.0,
  "summary_bg_p05": 2.549295663833618,
  "summary_bg_p95": 115.43717803955082,
  "summary_bg_stdv": 47.04013442993164,
  "summary_fg_k": 3.730679598421392,
  "summary_fg_mad": 59.32078430353672,
  "summary_fg_mean": 475.7688293457031,
  "summary_fg_median": 471.9661865234375,
  "summary_fg_n": 68322.0,
  "summary_fg_p05": 390.96337890625,
  "summary_fg_p95": 579.379263305664,
  "summary_fg_stdv": 64.14341735839844,
  "tsnr": 61.825833974871784
}