{
  "bids_meta": {
    "AcquisitionMatrixPE": 192,
    "AcquisitionNumber": 1,
    "AcquisitionTime": "18:03:25.187500",
    "BaseResolution": 256,
    "BodyPartExamined": "BRAIN",
    "ConsistencyInfo": "N4_VE11C_LATEST_20160120",
    "ConversionSoftware": "dcm2niix",
    "ConversionSoftwareVersion": "v1.0.20171215 (OpenJPEG build) GCC7.3.0",
    "DeviceSerialNumber": "66108",
    "DwellTime": 7.5e-06,
    "EchoTime": 0.0024,
    "FlipAngle": 9,
    "ImageOrientationPatientDICOM": [
      0.999138,
      -0.0133613,
      0.0392963,
      0.01744,
      0.994282,
      -0.105356
    ],
    "ImageType": [
      "ORIGINAL",
      "PRIMARY",
      "M",
      "ND",
      "NORM",
      "FM3",
      "2",
      "FIL"
    ],
    "InPlanePhaseEncodingDirectionDICOM": "ROW",
    "InstitutionAddress": "Huron_325_TORONTO_ONTARIO_CA_M5S_3G3",
    "InstitutionName": "University_of_Toronto",
    "InstitutionalDepartmentName": "Department",
    "InversionTime": 1.1,
    "MRAcquisitionType": "3D",
    "MagneticFieldStrength": 3,
    "Manufacturer": "Siemens",
    "ManufacturersModelName": "Prisma",
    "Modality": "MR",
    "ParallelReductionFactorInPlane": 2,
    "PartialFourier": 1,
    "PatientPosition": "HFS",
    "PercentPhaseFOV": 75,
    "PhaseEncodingSteps": 191,
    "PhaseResolution": 1,
    "PixelBandwidth": 260,
    "ProcedureStepDescription": "Cunningham_Nathan",
    "ProtocolName": "t1_mprage_tra_p2_iso",
    "PulseSequenceDetails": "%SiemensSeq%_tfl",
    "ReceiveCoilActiveElements": "HEA;HEP",
    "ReceiveCoilName": "Head_32",
    "ReconMatrixPE": 256,
    "RepetitionTime": 2,
    "SAR": 0.0598114,
    "ScanOptions": "IR",
    "ScanningSequence": "GR_IR",
    "SequenceName": "_tfl3d1_16",
    "SequenceVariant": "SK_SP_MP",
    "SeriesDescription": "t1_mprage_tra_p2_iso",
    "SeriesNumber": 12,
    "ShimSetting": [
      -1026,
      -6983,
      -6652,
      -33,
      -35,
      26,
      -37,
      -58
    ],
    "SliceThickness": 1,
    "SoftwareVersions": "syngo_MR_E11",
    "StationName": "AWP66108",
    "TxRefAmp": 266.818,
    "dataset": "ds002294",
    "modality": "T1w",
    "subject_id": "050"
  },
  "cjv": 0.342357704465045,
  "cnr": 3.8089885184442713,
  "efc": 0.852135516736729,
  "fber": -1.0,
  "fwhm_avg": 4.052595069832321,
  "fwhm_x": 3.81082,
  "fwhm_y": 4.3284,
  "fwhm_z": 4.018565209496964,
  "icvs_csf": 0.22447820668597554,
  "icvs_gm": 0.38536724370090364,
  "icvs_wm": 0.3901545496131208,
  "inu_med": 0.6862333416938782,
  "inu_range": 0.19509164094924913,
  "provenance": {
    "md5sum": "bfd374da8fe8c4c32d42b3d65d846d5d",
    "settings": {
      "testing": false
    },
    "software": "mriqc",
    "version": "22.0.6",
    "warnings": {
      "large_rot_frame": true,
      "small_air_mask": true
    },
    "webapi_port": null,
    "webapi_url": "https://mriqc.nimh.nih.gov/api/v1"
  },
  "qi_1": -1.0,
  "qi_2": 0.0,
  "rpve_csf": 18.222035792872827,
  "rpve_gm": 10.172078812951158,
  "rpve_wm": 13.22799978288562,
  "size_x": 192,
  "size_y": 256,
  "size_z": 160,
  "snr_csf": 2.6658557707681503,
  "snr_gm": 7.817147843435204,
  "snr_total": 10.243100625378105,
  "snr_wm": 20.24629826193096,
  "snrd_csf": -1.0,
  "snrd_gm": -1.0,
  "snrd_total": -1.0,
  "snrd_wm": -1.0,
  "spacing_x": 1.0,
  "spacing_y": 1.0,
  "spacing_z": 1.0000011920928955,
  "summary_bg_k": 0.0,
  "summary_bg_mad": 0.0,
  "summary_bg_mean": 0.0,
  "summary_bg_median": 0.0,
  "summary_bg_n": 0.0,
  "summary_bg_p05": 0.0,
  "summary_bg_p95": 0.0,
  "summary_bg_stdv": 0.0,
  "summary_csf_k": 0.16095394314463762,
  "summary_csf_mad": 89.44136608742498,
  "summary_csf_mean": 242.50045876685522,
  "summary_csf_median": 242.49790640361607,
  "summary_csf_n": 7066.0,
  "summary_csf_p05": 96.20450882054865,
  "summary_csf_p95": 396.9680982073769,
  "summary_csf_stdv": 90.9579388974345,
  "summary_gm_k": 0.4486570919072075,
  "summary_gm_mad": 78.05676472319922,
  "summary_gm_mean": 634.293210800539,
  "summary_gm_median": 637.0402758736163,
  "summary_gm_n": 19284.0,
  "summary_gm_p05": 496.2012873234227,
  "summary_gm_p95": 763.1396155882626,
  "summary_gm_stdv": 81.49056037967047,
  "summary_wm_k": 0.5563118802464526,
  "summary_wm_mad": 46.205285871543886,
  "summary_wm_mean": 1000.7340275594577,
  "summary_wm_median": 999.9999784715474,
  "summary_wm_n": 198000.0,
  "summary_wm_p05": 919.9348657093942,
  "summary_wm_p95": 1082.2070150636137,
  "summary_wm_stdv": 49.391619163103,
  "tpm_overlap_csf": 0.12700337995501243,
  "tpm_overlap_gm": 0.4116965648944415,
  "tpm_overlap_wm": 0.49740743144900884,
  "wm2max": 0.8656346287818917
}