{
  "aor": 0.0020481971830985917,
  "aqi": 0.014815370197183098,
  "bids_meta": {
    "AcquisitionMatrixPE": 88,
    "AcquisitionNumber": 1,
    "AcquisitionTime": "13:15:57.357500",
    "BandwidthPerPixelPhaseEncode": 43.706,
    "BaseResolution": 88,
    "BodyPartExamined": "BRAIN",
    "ConsistencyInfo": "N4_VE11C_LATEST_20160120",
    "ConversionSoftware": "dcm2niix",
    "ConversionSoftwareVersion": "v1.0.20171215 (OpenJPEG build) GCC7.3.0",
    "DerivedVendorReportedEchoSpacing": 0.000520003,
    "DeviceSerialNumber": "66108",
    "DwellTime": 2.5e-06,
    "EchoTime": 0.026,
    "EchoTrainLength": 43,
    "EffectiveEchoSpacing": 0.000260002,
    "FlipAngle": 70,
    "ImageOrientationPatientDICOM": [
      0.997617,
      0.0570339,
      0.0388216,
      -0.0543783,
      0.996315,
      -0.0663274
    ],
    "ImageType": [
      "ORIGINAL",
      "PRIMARY",
      "M",
      "ND",
      "NORM",
      "MOSAIC"
    ],
    "InPlanePhaseEncodingDirectionDICOM": "COL",
    "InstitutionAddress": "Huron_325_TORONTO_ONTARIO_CA_M5S_3G3",
    "InstitutionName": "University_of_Toronto",
    "InstitutionalDepartmentName": "Department",
    "MRAcquisitionType": "2D",
    "MagneticFieldStrength": 3,
    "Manufacturer": "Siemens",
    "ManufacturersModelName": "Prisma",
    "Modality": "MR",
    "MultibandAccelerationFactor": 2,
    "ParallelReductionFactorInPlane": 2,
    "PartialFourier": 1,
    "PatientPosition": "HFS",
    "PercentPhaseFOV": 100,
    "PhaseEncodingDirection": "j-",
    "PhaseEncodingSteps": 87,
    "PhaseResolution": 1,
    "PixelBandwidth": 2275,
    "ProcedureStepDescription": "Cunningham_Nathan",
    "ProtocolName": "ep2d_p2s2_run1",
    "PulseSequenceDetails": "%SiemensSeq%_ep2d_bold",
    "ReceiveCoilActiveElements": "HEA;HEP",
    "ReceiveCoilName": "Head_32",
    "ReconMatrixPE": 88,
    "RepetitionTime": 1.5,
    "SAR": 0.0600749,
    "ScanOptions": "FS",
    "ScanningSequence": "EP",
    "SequenceName": "_epfid2d1_88",
    "SequenceVariant": "SK",
    "SeriesDescription": "ep2d_p2s2_run1",
    "SeriesNumber": 6,
    "ShimSetting": [
      -1003,
      -6960,
      -6410,
      421,
      30,
      156,
      80,
      -47
    ],
    "SliceThickness": 2.5,
    "SliceTiming": [
      0.7125,
      0,
      0.765,
      0.0525,
      0.82,
      0.1075,
      0.875,
      0.1625,
      0.93,
      0.2175,
      0.985,
      0.2725,
      1.04,
      0.3275,
      1.095,
      0.3825,
      1.15,
      0.4375,
      1.205,
      0.4925,
      1.26,
      0.5475,
      1.315,
      0.6025,
      1.37,
      0.6575,
      1.425,
      0.7125,
      0,
      0.765,
      0.0525,
      0.82,
      0.1075,
      0.875,
      0.1625,
      0.93,
      0.2175,
      0.985,
      0.2725,
      1.04,
      0.3275,
      1.095,
      0.3825,
      1.15,
      0.4375,
      1.205,
      0.4925,
      1.26,
      0.5475,
      1.315,
      0.6025,
      1.37,
      0.6575,
      1.425
    ],
    "SoftwareVersions": "syngo_MR_E11",
    "SpacingBetweenSlices": 3,
    "StationName": "AWP66108",
    "TaskName": "roletrait",
    "TotalReadoutTime": 0.0226202,
    "TxRefAmp": 244.5,
    "dataset": "ds002294",
    "modality": "bold",
    "run_id": 1,
    "subject_id": "028",
    "task_id": "roletrait"
  },
  "dummy_trs": 0,
  "dvars_nstd": 33.28065343663844,
  "dvars_std": 1.3870476309322037,
  "dvars_vstd": 1.0162176434463275,
  "efc": 0.48484297041810487,
  "fber": 4740.57958984375,
  "fd_mean": 0.08869622369033585,
  "fd_num": 1,
  "fd_perc": 0.28169014084507044,
  "fwhm_avg": 1.58869,
  "fwhm_x": 1.512496,
  "fwhm_y": 1.767004,
  "fwhm_z": 1.4865700000000002,
  "gcor": 0.00745062,
  "gsr_x": -0.02043285220861435,
  "gsr_y": 0.02385507896542549,
  "provenance": {
    "md5sum": "94c6becfeb63ac1db03321a63505650a",
    "settings": {
      "fd_thres": 0.2,
      "testing": false
    },
    "software": "mriqc",
    "version": "22.0.6",
    "webapi_port": null,
    "webapi_url": "https://mriqc.nimh.nih.gov/api/v1"
  },
  "size_t": 355,
  "size_x": 88,
  "size_y": 88,
  "size_z": 54,
  "snr": 7.293814328477842,
  "spacing_tr": 1.5,
  "spacing_x": 2.5,
  "spacing_y": 2.5,
  "spacing_z": 3.0,
  "summary_bg_k": 17.815635624729786,
  "summary_bg_mad": 5.454305716999968,
  "summary_bg_mean": 23.756698608398438,
  "summary_bg_median": 6.88169002532959,
  "summary_bg_n": 287757.0,
  "summary_bg_p05": 2.4140844345092773,
  "summary_bg_p95": 112.79323272705088,
  "summary_bg_stdv": 46.42084884643555,
  "summary_fg_k": 3.367426038332553,
  "summary_fg_mad": 60.53612177275299,
  "summary_fg_mean": 478.6418151855469,
  "summary_fg_median": 474.4028015136719,
  "summary_fg_n": 68085.0,
  "summary_fg_p05": 392.1233764648438,
  "summary_fg_p95": 584.1988769531249,
  "summary_fg_stdv": 65.04132080078125,
  "tsnr": 53.684647363610566
}