{
  "aor": 0.00044132394366197184,
  "aqi": 0.01161792605633803,
  "bids_meta": {
    "AcquisitionMatrixPE": 88,
    "AcquisitionNumber": 1,
    "AcquisitionTime": "13:44:58.885000",
    "BandwidthPerPixelPhaseEncode": 43.706,
    "BaseResolution": 88,
    "BodyPartExamined": "BRAIN",
    "ConsistencyInfo": "N4_VE11C_LATEST_20160120",
    "ConversionSoftware": "dcm2niix",
    "ConversionSoftwareVersion": "v1.0.20171215 (OpenJPEG build) GCC7.3.0",
    "DerivedVendorReportedEchoSpacing": 0.000520003,
    "DeviceSerialNumber": "66108",
    "DwellTime": 2.5e-06,
    "EchoTime": 0.026,
    "EchoTrainLength": 43,
    "EffectiveEchoSpacing": 0.000260002,
    "FlipAngle": 70,
    "ImageOrientationPatientDICOM": [
      0.997617,
      0.0570339,
      0.0388216,
      -0.0543783,
      0.996315,
      -0.0663274
    ],
    "ImageType": [
      "ORIGINAL",
      "PRIMARY",
      "M",
      "ND",
      "NORM",
      "MOSAIC"
    ],
    "InPlanePhaseEncodingDirectionDICOM": "COL",
    "InstitutionAddress": "Huron_325_TORONTO_ONTARIO_CA_M5S_3G3",
    "InstitutionName": "University_of_Toronto",
    "InstitutionalDepartmentName": "Department",
    "MRAcquisitionType": "2D",
    "MagneticFieldStrength": 3,
    "Manufacturer": "Siemens",
    "ManufacturersModelName": "Prisma",
    "Modality": "MR",
    "MultibandAccelerationFactor": 2,
    "ParallelReductionFactorInPlane": 2,
    "PartialFourier": 1,
    "PatientPosition": "HFS",
    "PercentPhaseFOV": 100,
    "PhaseEncodingDirection": "j-",
    "PhaseEncodingSteps": 87,
    "PhaseResolution": 1,
    "PixelBandwidth": 2275,
    "ProcedureStepDescription": "Cunningham_Nathan",
    "ProtocolName": "ep2d_p2s2_run4",
    "PulseSequenceDetails": "%SiemensSeq%_ep2d_bold",
    "ReceiveCoilActiveElements": "HEA;HEP",
    "ReceiveCoilName": "Head_32",
    "ReconMatrixPE": 88,
    "RepetitionTime": 1.5,
    "SAR": 0.0600749,
    "ScanOptions": "FS",
    "ScanningSequence": "EP",
    "SequenceName": "_epfid2d1_88",
    "SequenceVariant": "SK",
    "SeriesDescription": "ep2d_p2s2_run4",
    "SeriesNumber": 9,
    "ShimSetting": [
      -1009,
      -6974,
      -6417,
      375,
      -2,
      104,
      98,
      -65
    ],
    "SliceThickness": 2.5,
    "SliceTiming": [
      0.7125,
      0,
      0.7675,
      0.055,
      0.8225,
      0.11,
      0.8775,
      0.165,
      0.9325,
      0.22,
      0.9875,
      0.275,
      1.0425,
      0.33,
      1.0975,
      0.385,
      1.1525,
      0.44,
      1.205,
      0.4925,
      1.26,
      0.5475,
      1.315,
      0.6025,
      1.37,
      0.6575,
      1.425,
      0.7125,
      0,
      0.7675,
      0.055,
      0.8225,
      0.11,
      0.8775,
      0.165,
      0.9325,
      0.22,
      0.9875,
      0.275,
      1.0425,
      0.33,
      1.0975,
      0.385,
      1.1525,
      0.44,
      1.205,
      0.4925,
      1.26,
      0.5475,
      1.315,
      0.6025,
      1.37,
      0.6575,
      1.425
    ],
    "SoftwareVersions": "syngo_MR_E11",
    "SpacingBetweenSlices": 3,
    "StationName": "AWP66108",
    "TaskName": "roletrait",
    "TotalReadoutTime": 0.0226202,
    "TxRefAmp": 244.5,
    "dataset": "ds002294",
    "modality": "bold",
    "run_id": 4,
    "subject_id": "028",
    "task_id": "roletrait"
  },
  "dummy_trs": 0,
  "dvars_nstd": 36.875787050593196,
  "dvars_std": 1.4443633331073447,
  "dvars_vstd": 1.006003581497175,
  "efc": 0.488515690667336,
  "fber": 4485.125,
  "fd_mean": 0.0770313007901865,
  "fd_num": 1,
  "fd_perc": 0.28169014084507044,
  "fwhm_avg": 1.5806182222222223,
  "fwhm_x": 1.501988,
  "fwhm_y": 1.75848,
  "fwhm_z": 1.4813866666666666,
  "gcor": 0.0271031,
  "gsr_x": -0.020115165039896965,
  "gsr_y": 0.022484516724944115,
  "provenance": {
    "md5sum": "63eaddafd5264196b0206c455be1dae3",
    "settings": {
      "fd_thres": 0.2,
      "testing": false
    },
    "software": "mriqc",
    "version": "22.0.6",
    "webapi_port": null,
    "webapi_url": "https://mriqc.nimh.nih.gov/api/v1"
  },
  "size_t": 355,
  "size_x": 88,
  "size_y": 88,
  "size_z": 54,
  "snr": 7.346221395329084,
  "spacing_tr": 1.5,
  "spacing_x": 2.5,
  "spacing_y": 2.5,
  "spacing_z": 3.0,
  "summary_bg_k": 16.565433966407284,
  "summary_bg_mad": 5.412542065124367,
  "summary_bg_mean": 24.711288452148438,
  "summary_bg_median": 7.019718170166016,
  "summary_bg_n": 287547.0,
  "summary_bg_p05": 2.571830987930298,
  "summary_bg_p95": 119.78506698608402,
  "summary_bg_stdv": 47.90262222290039,
  "summary_fg_k": 3.6644372564919365,
  "summary_fg_mad": 59.25816462975706,
  "summary_fg_mean": 474.7110290527344,
  "summary_fg_median": 471.17181396484375,
  "summary_fg_n": 68295.0,
  "summary_fg_p05": 390.0864685058594,
  "summary_fg_p95": 577.5892639160156,
  "summary_fg_stdv": 64.13751220703125,
  "tsnr": 60.041057150345296
}