{
  "aor": 0.0013369014084507042,
  "aqi": 0.012439915436619717,
  "bids_meta": {
    "AcquisitionMatrixPE": 88,
    "AcquisitionNumber": 1,
    "AcquisitionTime": "10:18:20.495000",
    "BandwidthPerPixelPhaseEncode": 43.706,
    "BaseResolution": 88,
    "BodyPartExamined": "BRAIN",
    "ConsistencyInfo": "N4_VE11C_LATEST_20160120",
    "ConversionSoftware": "dcm2niix",
    "ConversionSoftwareVersion": "v1.0.20171215 (OpenJPEG build) GCC7.3.0",
    "DerivedVendorReportedEchoSpacing": 0.000520003,
    "DeviceSerialNumber": "66108",
    "DwellTime": 2.5e-06,
    "EchoTime": 0.026,
    "EchoTrainLength": 43,
    "EffectiveEchoSpacing": 0.000260002,
    "FlipAngle": 70,
    "ImageOrientationPatientDICOM": [
      0.999046,
      0.010796,
      0.0423089,
      -0.00523105,
      0.991566,
      -0.129498
    ],
    "ImageType": [
      "ORIGINAL",
      "PRIMARY",
      "M",
      "ND",
      "NORM",
      "MOSAIC"
    ],
    "InPlanePhaseEncodingDirectionDICOM": "COL",
    "InstitutionAddress": "Huron_325_TORONTO_ONTARIO_CA_M5S_3G3",
    "InstitutionName": "University_of_Toronto",
    "InstitutionalDepartmentName": "Department",
    "MRAcquisitionType": "2D",
    "MagneticFieldStrength": 3,
    "Manufacturer": "Siemens",
    "ManufacturersModelName": "Prisma",
    "Modality": "MR",
    "MultibandAccelerationFactor": 2,
    "ParallelReductionFactorInPlane": 2,
    "PartialFourier": 1,
    "PatientPosition": "HFS",
    "PercentPhaseFOV": 100,
    "PhaseEncodingDirection": "j-",
    "PhaseEncodingSteps": 87,
    "PhaseResolution": 1,
    "PixelBandwidth": 2275,
    "ProcedureStepDescription": "Cunningham_Nathan",
    "ProtocolName": "ep2d_p2s2_run2",
    "PulseSequenceDetails": "%SiemensSeq%_ep2d_bold",
    "ReceiveCoilActiveElements": "HEA;HEP",
    "ReceiveCoilName": "Head_32",
    "ReconMatrixPE": 88,
    "RepetitionTime": 1.5,
    "SAR": 0.0781465,
    "ScanOptions": "FS",
    "ScanningSequence": "EP",
    "SequenceName": "_epfid2d1_88",
    "SequenceVariant": "SK",
    "SeriesDescription": "ep2d_p2s2_run2",
    "SeriesNumber": 7,
    "ShimSetting": [
      -998,
      -7080,
      -6373,
      401,
      30,
      -87,
      133,
      90
    ],
    "SliceThickness": 2.5,
    "SliceTiming": [
      0.7125,
      0,
      0.7675,
      0.055,
      0.8225,
      0.11,
      0.8775,
      0.165,
      0.9325,
      0.22,
      0.9875,
      0.275,
      1.0425,
      0.33,
      1.0975,
      0.385,
      1.1525,
      0.44,
      1.2075,
      0.495,
      1.2625,
      0.55,
      1.315,
      0.6025,
      1.37,
      0.6575,
      1.425,
      0.7125,
      0,
      0.7675,
      0.055,
      0.8225,
      0.11,
      0.8775,
      0.165,
      0.9325,
      0.22,
      0.9875,
      0.275,
      1.0425,
      0.33,
      1.0975,
      0.385,
      1.1525,
      0.44,
      1.2075,
      0.495,
      1.2625,
      0.55,
      1.315,
      0.6025,
      1.37,
      0.6575,
      1.425
    ],
    "SoftwareVersions": "syngo_MR_E11",
    "SpacingBetweenSlices": 3,
    "StationName": "AWP66108",
    "TaskName": "roletrait",
    "TotalReadoutTime": 0.0226202,
    "TxRefAmp": 271.04,
    "dataset": "ds002294",
    "modality": "bold",
    "run_id": 2,
    "subject_id": "036",
    "task_id": "roletrait"
  },
  "dummy_trs": 0,
  "dvars_nstd": 32.56924386740114,
  "dvars_std": 1.1913313069491525,
  "dvars_vstd": 1.0126107723163853,
  "efc": 0.4996254090987602,
  "fber": 3524.70849609375,
  "fd_mean": 0.12231735027952444,
  "fd_num": 38,
  "fd_perc": 10.704225352112676,
  "fwhm_avg": 1.7313640000000001,
  "fwhm_x": 1.703656,
  "fwhm_y": 1.9067560000000001,
  "fwhm_z": 1.58368,
  "gcor": 0.0196119,
  "gsr_x": 0.01719849929213524,
  "gsr_y": 0.017547134310007095,
  "provenance": {
    "md5sum": "d712e1b58196f552316c5e33306db589",
    "settings": {
      "fd_thres": 0.2,
      "testing": false
    },
    "software": "mriqc",
    "version": "22.0.6",
    "webapi_port": null,
    "webapi_url": "https://mriqc.nimh.nih.gov/api/v1"
  },
  "size_t": 355,
  "size_x": 88,
  "size_y": 88,
  "size_z": 54,
  "snr": 6.444457111207858,
  "spacing_tr": 1.5,
  "spacing_x": 2.5,
  "spacing_y": 2.5,
  "spacing_z": 3.0,
  "summary_bg_k": 16.655944120018727,
  "summary_bg_mad": 6.481684837021357,
  "summary_bg_mean": 27.993818283081055,
  "summary_bg_median": 8.03380298614502,
  "summary_bg_n": 284445.0,
  "summary_bg_p05": 2.8309857845306396,
  "summary_bg_p95": 136.74816894531244,
  "summary_bg_stdv": 53.340728759765625,
  "summary_fg_k": 2.3579676964751233,
  "summary_fg_mad": 68.6047843773771,
  "summary_fg_mean": 485.04840087890625,
  "summary_fg_median": 479.7408142089844,
  "summary_fg_n": 70255.0,
  "summary_fg_p05": 382.69407653808594,
  "summary_fg_p95": 606.7811157226563,
  "summary_fg_stdv": 74.44186401367188,
  "tsnr": 48.772640482056886
}