{
  "bids_meta": {
    "AcquisitionMatrixPE": 192,
    "AcquisitionNumber": 1,
    "AcquisitionTime": "11:43:40.267500",
    "BaseResolution": 256,
    "BodyPartExamined": "BRAIN",
    "ConsistencyInfo": "N4_VE11C_LATEST_20160120",
    "ConversionSoftware": "dcm2niix",
    "ConversionSoftwareVersion": "v1.0.20171215 (OpenJPEG build) GCC7.3.0",
    "DeviceSerialNumber": "66108",
    "DwellTime": 7.5e-06,
    "EchoTime": 0.0024,
    "FlipAngle": 9,
    "ImageOrientationPatientDICOM": [
      0.999743,
      -0.0211567,
      -0.00814953,
      0.019196,
      0.981155,
      -0.192269
    ],
    "ImageType": [
      "ORIGINAL",
      "PRIMARY",
      "M",
      "ND",
      "NORM",
      "FM3",
      "2",
      "FIL"
    ],
    "InPlanePhaseEncodingDirectionDICOM": "ROW",
    "InstitutionAddress": "Huron_325_TORONTO_ONTARIO_CA_M5S_3G3",
    "InstitutionName": "University_of_Toronto",
    "InstitutionalDepartmentName": "Department",
    "InversionTime": 1.1,
    "MRAcquisitionType": "3D",
    "MagneticFieldStrength": 3,
    "Manufacturer": "Siemens",
    "ManufacturersModelName": "Prisma",
    "Modality": "MR",
    "ParallelReductionFactorInPlane": 2,
    "PartialFourier": 1,
    "PatientPosition": "HFS",
    "PercentPhaseFOV": 75,
    "PhaseEncodingSteps": 191,
    "PhaseResolution": 1,
    "PixelBandwidth": 260,
    "ProcedureStepDescription": "Cunningham_Nathan",
    "ProtocolName": "t1_mprage_tra_p2_iso",
    "PulseSequenceDetails": "%SiemensSeq%_tfl",
    "ReceiveCoilActiveElements": "HEA;HEP",
    "ReceiveCoilName": "Head_32",
    "ReconMatrixPE": 256,
    "RepetitionTime": 2,
    "SAR": 0.0446072,
    "ScanOptions": "IR",
    "ScanningSequence": "GR_IR",
    "SequenceName": "_tfl3d1_16",
    "SequenceVariant": "SK_SP_MP",
    "SeriesDescription": "t1_mprage_tra_p2_iso",
    "SeriesNumber": 12,
    "ShimSetting": [
      -1026,
      -6983,
      -6652,
      -33,
      -35,
      26,
      -37,
      -58
    ],
    "SliceThickness": 1,
    "SoftwareVersions": "syngo_MR_E11",
    "StationName": "AWP66108",
    "TxRefAmp": 231.124,
    "dataset": "ds002294",
    "modality": "T1w",
    "subject_id": "010"
  },
  "cjv": 0.34625717537970213,
  "cnr": 3.703794261545991,
  "efc": 0.834150710201556,
  "fber": 3669.808864265928,
  "fwhm_avg": 3.6207807141296353,
  "fwhm_x": 3.45736,
  "fwhm_y": 3.81065,
  "fwhm_z": 3.594332142388905,
  "icvs_csf": 0.25617714466615754,
  "icvs_gm": 0.3499162251531023,
  "icvs_wm": 0.3939066301807402,
  "inu_med": 0.7631178796291351,
  "inu_range": 0.18298332393169403,
  "provenance": {
    "md5sum": "453e3e7372c607777c639a3b0c2e09df",
    "settings": {
      "testing": false
    },
    "software": "mriqc",
    "version": "22.0.6",
    "warnings": {
      "large_rot_frame": true,
      "small_air_mask": true
    },
    "webapi_port": null,
    "webapi_url": "https://mriqc.nimh.nih.gov/api/v1"
  },
  "qi_1": -1.0,
  "qi_2": 0.0,
  "rpve_csf": 19.112178692200203,
  "rpve_gm": 12.291691126521483,
  "rpve_wm": 15.161326746784884,
  "size_x": 192,
  "size_y": 256,
  "size_z": 160,
  "snr_csf": 2.3246144723374456,
  "snr_gm": 7.04109076154941,
  "snr_total": 8.829425182597438,
  "snr_wm": 17.12257031390546,
  "snrd_csf": -1.0,
  "snrd_gm": -1.0,
  "snrd_total": -1.0,
  "snrd_wm": -1.0,
  "spacing_x": 1.0,
  "spacing_y": 1.0,
  "spacing_z": 0.9999994039535522,
  "summary_bg_k": 0.0,
  "summary_bg_mad": 0.0,
  "summary_bg_mean": 0.0,
  "summary_bg_median": 0.0,
  "summary_bg_n": 0.0,
  "summary_bg_p05": 0.0,
  "summary_bg_p95": 0.0,
  "summary_bg_stdv": 0.0,
  "summary_csf_k": 1.9761222340783595,
  "summary_csf_mad": 88.46835505577174,
  "summary_csf_mean": 218.44012211548232,
  "summary_csf_median": 213.78772919997573,
  "summary_csf_n": 4825.0,
  "summary_csf_p05": 69.67584317177534,
  "summary_csf_p95": 372.3023786988109,
  "summary_csf_stdv": 91.95743054468635,
  "summary_gm_k": 0.6306938315197863,
  "summary_gm_mad": 80.97368325436501,
  "summary_gm_mean": 611.3205481702956,
  "summary_gm_median": 612.1279789172113,
  "summary_gm_n": 8837.0,
  "summary_gm_p05": 464.945132207498,
  "summary_gm_p95": 753.1267786029726,
  "summary_gm_stdv": 86.93160822509577,
  "summary_wm_k": 1.0430087214651849,
  "summary_wm_mad": 53.33708098667777,
  "summary_wm_mean": 1001.6487702051019,
  "summary_wm_median": 1000.0210647247732,
  "summary_wm_n": 169776.0,
  "summary_wm_p05": 909.4930193945765,
  "summary_wm_p95": 1098.805739596486,
  "summary_wm_stdv": 58.4035049217614,
  "tpm_overlap_csf": 0.11970840011964357,
  "tpm_overlap_gm": 0.38080499295909703,
  "tpm_overlap_wm": 0.4859793650735525,
  "wm2max": 0.811936725096195
}