{
  "bids_meta": {
    "AcquisitionMatrixPE": 192,
    "AcquisitionNumber": 1,
    "AcquisitionTime": "09:51:54.992500",
    "BaseResolution": 256,
    "BodyPartExamined": "BRAIN",
    "ConsistencyInfo": "N4_VE11C_LATEST_20160120",
    "ConversionSoftware": "dcm2niix",
    "ConversionSoftwareVersion": "v1.0.20171215 (OpenJPEG build) GCC7.3.0",
    "DeviceSerialNumber": "66108",
    "DwellTime": 7.5e-06,
    "EchoTime": 0.0024,
    "FlipAngle": 9,
    "ImageOrientationPatientDICOM": [
      0.99488,
      0.101059,
      -0.000699097,
      -0.101056,
      0.994736,
      -0.0169738
    ],
    "ImageType": [
      "ORIGINAL",
      "PRIMARY",
      "M",
      "ND",
      "NORM",
      "FM3",
      "2",
      "FIL"
    ],
    "InPlanePhaseEncodingDirectionDICOM": "ROW",
    "InstitutionAddress": "Huron_325_TORONTO_ONTARIO_CA_M5S_3G3",
    "InstitutionName": "University_of_Toronto",
    "InstitutionalDepartmentName": "Department",
    "InversionTime": 1.1,
    "MRAcquisitionType": "3D",
    "MagneticFieldStrength": 3,
    "Manufacturer": "Siemens",
    "ManufacturersModelName": "Prisma",
    "Modality": "MR",
    "ParallelReductionFactorInPlane": 2,
    "PartialFourier": 1,
    "PatientPosition": "HFS",
    "PercentPhaseFOV": 75,
    "PhaseEncodingSteps": 191,
    "PhaseResolution": 1,
    "PixelBandwidth": 260,
    "ProcedureStepDescription": "Cunningham_Nathan",
    "ProtocolName": "t1_mprage_tra_p2_iso",
    "PulseSequenceDetails": "%SiemensSeq%_tfl",
    "ReceiveCoilActiveElements": "HEA;HEP",
    "ReceiveCoilName": "Head_32",
    "ReconMatrixPE": 256,
    "RepetitionTime": 2,
    "SAR": 0.0664471,
    "ScanOptions": "IR",
    "ScanningSequence": "GR_IR",
    "SequenceName": "_tfl3d1_16",
    "SequenceVariant": "SK_SP_MP",
    "SeriesDescription": "t1_mprage_tra_p2_iso",
    "SeriesNumber": 12,
    "ShimSetting": [
      -1026,
      -6983,
      -6652,
      -33,
      -35,
      26,
      -37,
      -58
    ],
    "SliceThickness": 1,
    "SoftwareVersions": "syngo_MR_E11",
    "StationName": "AWP66108",
    "TxRefAmp": 265.597,
    "dataset": "ds002294",
    "modality": "T1w",
    "subject_id": "035"
  },
  "cjv": 0.37060664388660347,
  "cnr": 3.5027287487428875,
  "efc": 0.8360349926098687,
  "fber": -1.0,
  "fwhm_avg": 3.7451439121106045,
  "fwhm_x": 3.55154,
  "fwhm_y": 4.04254,
  "fwhm_z": 3.641351736331814,
  "icvs_csf": 0.25527875184001014,
  "icvs_gm": 0.34431758238738297,
  "icvs_wm": 0.4004036657726069,
  "inu_med": 0.773671567440033,
  "inu_range": 0.2531065613031388,
  "provenance": {
    "md5sum": "229a4cbb5bd2239b1d1091aa9338f861",
    "settings": {
      "testing": false
    },
    "software": "mriqc",
    "version": "22.0.6",
    "warnings": {
      "large_rot_frame": true,
      "small_air_mask": true
    },
    "webapi_port": null,
    "webapi_url": "https://mriqc.nimh.nih.gov/api/v1"
  },
  "qi_1": -1.0,
  "qi_2": 0.0,
  "rpve_csf": 16.31099811763027,
  "rpve_gm": 10.593218440102383,
  "rpve_wm": 12.455918415599893,
  "size_x": 192,
  "size_y": 256,
  "size_z": 160,
  "snr_csf": 2.4765702572428574,
  "snr_gm": 6.728726186257611,
  "snr_total": 8.257059876076369,
  "snr_wm": 15.565883184728637,
  "snrd_csf": -1.0,
  "snrd_gm": -1.0,
  "snrd_total": -1.0,
  "snrd_wm": -1.0,
  "spacing_x": 1.0,
  "spacing_y": 1.0,
  "spacing_z": 0.9999995231628418,
  "summary_bg_k": 0.0,
  "summary_bg_mad": 0.0,
  "summary_bg_mean": 0.0,
  "summary_bg_median": 0.0,
  "summary_bg_n": 0.0,
  "summary_bg_p05": 0.0,
  "summary_bg_p95": 0.0,
  "summary_bg_stdv": 0.0,
  "summary_csf_k": 0.5248336276368613,
  "summary_csf_mad": 84.16802604187696,
  "summary_csf_mean": 214.13838262100387,
  "summary_csf_median": 210.33447919413447,
  "summary_csf_n": 8712.0,
  "summary_csf_p05": 84.38292661681771,
  "summary_csf_p95": 359.9077148921788,
  "summary_csf_stdv": 84.92487006760591,
  "summary_gm_k": 0.41140242979916275,
  "summary_gm_mad": 84.51003346179519,
  "summary_gm_mean": 611.5665383996844,
  "summary_gm_median": 610.5882134009153,
  "summary_gm_n": 12839.0,
  "summary_gm_p05": 460.5005601895973,
  "summary_gm_p95": 762.2906301068141,
  "summary_gm_stdv": 90.73997327062557,
  "summary_wm_k": 0.8129060489461222,
  "summary_wm_mad": 59.81709774369882,
  "summary_wm_mean": 1000.4196710297606,
  "summary_wm_median": 1000.0230321940035,
  "summary_wm_n": 203300.0,
  "summary_wm_p05": 894.8327245470136,
  "summary_wm_p95": 1105.9976535383612,
  "summary_wm_stdv": 64.2443837491891,
  "tpm_overlap_csf": 0.11330393668759614,
  "tpm_overlap_gm": 0.36706820239558435,
  "tpm_overlap_wm": 0.4589267700597636,
  "wm2max": 0.8191538738158862
}